{
  "aor": 0.0012832608695652174,
  "aqi": 0.011637451521739131,
  "bids_meta": {
    "AcquisitionMatrixPE": 64,
    "AcquisitionNumber": 1,
    "AcquisitionTime": "10:57:27.830000",
    "BandwidthPerPixelPhaseEncode": 33.967,
    "BaseResolution": 64,
    "ConversionSoftware": "dcm2niix",
    "ConversionSoftwareVersion": "v1.0.20180622 GCC4.9.2",
    "DerivedVendorReportedEchoSpacing": 0.000460005,
    "DeviceSerialNumber": "35193",
    "DwellTime": 3.1e-06,
    "EchoTime": 0.03,
    "EffectiveEchoSpacing": 0.000460005,
    "FlipAngle": 90,
    "ImageOrientationPatientDICOM": [
      1,
      0,
      0,
      0,
      1,
      0
    ],
    "ImageType": [
      "ORIGINAL",
      "PRIMARY",
      "M",
      "ND",
      "MOSAIC"
    ],
    "InPlanePhaseEncodingDirectionDICOM": "COL",
    "InstitutionAddress": "Xinjiekouwai_Street_No_19_Beijing_Haidian_District_CN_100875",
    "InstitutionName": "BNU_MRI_Center",
    "InstitutionalDepartmentName": "Department",
    "MRAcquisitionType": "2D",
    "MagneticFieldStrength": 3,
    "Manufacturer": "Siemens",
    "ManufacturersModelName": "TrioTim",
    "Modality": "MR",
    "PartialFourier": 1,
    "PatientPosition": "HFS",
    "PercentPhaseFOV": 100,
    "PhaseEncodingDirection": "j-",
    "PhaseEncodingSteps": 64,
    "PhaseResolution": 1,
    "PixelBandwidth": 2520,
    "ProcedureStepDescription": "BNU_cst_2015_Liu.Jia",
    "ProtocolName": "ge_func_pace_3x3x3.5_185",
    "PulseSequenceDetails": "%SiemensSeq%_ep2d_bold",
    "ReceiveCoilName": "HeadMatrix",
    "ReconMatrixPE": 64,
    "RepetitionTime": 2,
    "SAR": 0.145014,
    "ScanOptions": "FS",
    "ScanningSequence": "EP",
    "SequenceName": "_epfid2d1_64",
    "SequenceVariant": "SK",
    "SeriesDescription": "ge_func_pace_3x3x3.5_185",
    "SeriesNumber": 2,
    "ShimSetting": [
      -4522,
      -19420,
      -9815,
      1163,
      14,
      -285,
      6,
      -6
    ],
    "SliceThickness": 3.5,
    "SliceTiming": [
      0,
      1.035,
      0.0625,
      1.095,
      0.1225,
      1.1575,
      0.1825,
      1.2175,
      0.245,
      1.2775,
      0.305,
      1.34,
      0.365,
      1.4,
      0.4275,
      1.46,
      0.4875,
      1.5225,
      0.5475,
      1.5825,
      0.61,
      1.6425,
      0.67,
      1.705,
      0.73,
      1.765,
      0.7925,
      1.825,
      0.8525,
      1.8875,
      0.9125,
      1.9475,
      0.975
    ],
    "SoftwareVersions": "syngo_MR_B17",
    "SpacingBetweenSlices": 4.2,
    "StationName": "MRC35193",
    "TotalReadoutTime": 0.0289803,
    "TxRefAmp": 319.73,
    "dataset": "ds003696",
    "modality": "bold",
    "run_id": 5,
    "session_id": "02",
    "subject_id": "111",
    "task_id": "affordance"
  },
  "dummy_trs": 1,
  "dvars_nstd": 18.74085088617486,
  "dvars_std": 1.000584145519126,
  "dvars_vstd": 0.9242288179781428,
  "efc": 0.5249542138009883,
  "fber": 1256.0330810546875,
  "fd_mean": 0.07044617674744488,
  "fd_num": 4,
  "fd_perc": 2.1739130434782608,
  "fwhm_avg": 2.0772362501288026,
  "fwhm_x": 2.0673248,
  "fwhm_y": 2.3208672000000004,
  "fwhm_z": 1.8435167503864085,
  "gcor": 0.0139243,
  "gsr_x": -0.012219883501529694,
  "gsr_y": 0.03079494647681713,
  "provenance": {
    "md5sum": "f3a58503b38a4e98173200393307dff8",
    "settings": {
      "fd_thres": 0.2,
      "testing": false
    },
    "software": "mriqc",
    "version": "23.0.1",
    "webapi_port": null,
    "webapi_url": "https://mriqc.nimh.nih.gov/api/v1"
  },
  "size_t": 184,
  "size_x": 64,
  "size_y": 64,
  "size_z": 33,
  "snr": 5.918698401280059,
  "spacing_tr": 2.0,
  "spacing_x": 3.125,
  "spacing_y": 3.125,
  "spacing_z": 4.199999809265137,
  "summary_bg_k": 37.5258912366556,
  "summary_bg_mad": 10.499080209679038,
  "summary_bg_mean": 46.77262878417969,
  "summary_bg_median": 26.98369598388672,
  "summary_bg_n": 79120.0,
  "summary_bg_p05": 18.65217399597168,
  "summary_bg_p95": 137.12690200805676,
  "summary_bg_stdv": 58.61488723754883,
  "summary_fg_k": 1.2824282842607717,
  "summary_fg_mad": 145.8752447954495,
  "summary_fg_mean": 977.0767822265625,
  "summary_fg_median": 971.9456787109375,
  "summary_fg_n": 24735.0,
  "summary_fg_p05": 711.5048889160156,
  "summary_fg_p95": 1250.2038452148438,
  "summary_fg_stdv": 164.21279907226562,
  "tsnr": 54.42115213628858
}