{
  "aor": 0.0012295675675675676,
  "aqi": 0.0051526091891891885,
  "bids_meta": {
    "AcquisitionMatrixPE": 64,
    "AcquisitionNumber": 1,
    "AcquisitionTime": "15:28:13.117500",
    "BandwidthPerPixelPhaseEncode": 33.967,
    "BaseResolution": 64,
    "ConversionSoftware": "dcm2niix",
    "ConversionSoftwareVersion": "v1.0.20180622 GCC4.9.2",
    "DerivedVendorReportedEchoSpacing": 0.000460005,
    "DeviceSerialNumber": "35193",
    "DwellTime": 3.1e-06,
    "EchoTime": 0.03,
    "EffectiveEchoSpacing": 0.000460005,
    "FlipAngle": 90,
    "ImageOrientationPatientDICOM": [
      1,
      0,
      0,
      0,
      1,
      0
    ],
    "ImageType": [
      "ORIGINAL",
      "PRIMARY",
      "M",
      "ND",
      "MOSAIC"
    ],
    "InPlanePhaseEncodingDirectionDICOM": "COL",
    "InstitutionAddress": "Xinjiekouwai_Street_No_19_Beijing_Haidian_District_CN_100875",
    "InstitutionName": "BNU_MRI_Center",
    "InstitutionalDepartmentName": "Department",
    "MRAcquisitionType": "2D",
    "MagneticFieldStrength": 3,
    "Manufacturer": "Siemens",
    "ManufacturersModelName": "TrioTim",
    "Modality": "MR",
    "PartialFourier": 1,
    "PatientPosition": "HFS",
    "PercentPhaseFOV": 100,
    "PhaseEncodingDirection": "j-",
    "PhaseEncodingSteps": 64,
    "PhaseResolution": 1,
    "PixelBandwidth": 2520,
    "ProcedureStepDescription": "BNU_cst_2019_Xu.Shan",
    "ProtocolName": "ge_func_pace_3x3x3.5_185",
    "PulseSequenceDetails": "%SiemensSeq%_ep2d_bold",
    "ReceiveCoilName": "HeadMatrix",
    "ReconMatrixPE": 64,
    "RepetitionTime": 2,
    "SAR": 0.133402,
    "ScanOptions": "FS",
    "ScanningSequence": "EP",
    "SequenceName": "_epfid2d1_64",
    "SequenceVariant": "SK",
    "SeriesDescription": "ge_func_pace_3x3x3.5_185",
    "SeriesNumber": 8,
    "ShimSetting": [
      -4494,
      -19328,
      -9786,
      1087,
      85,
      -548,
      -322,
      -107
    ],
    "SliceThickness": 3.5,
    "SliceTiming": [
      0,
      1.035,
      0.06,
      1.095,
      0.1225,
      1.155,
      0.1825,
      1.2175,
      0.2425,
      1.2775,
      0.305,
      1.3375,
      0.365,
      1.4,
      0.425,
      1.46,
      0.4875,
      1.52,
      0.5475,
      1.5825,
      0.6075,
      1.6425,
      0.67,
      1.7025,
      0.73,
      1.765,
      0.79,
      1.825,
      0.8525,
      1.885,
      0.9125,
      1.9475,
      0.9725
    ],
    "SoftwareVersions": "syngo_MR_B17",
    "SpacingBetweenSlices": 4.2,
    "StationName": "MRC35193",
    "TotalReadoutTime": 0.0289803,
    "TxRefAmp": 320.66,
    "dataset": "ds003696",
    "modality": "bold",
    "run_id": 8,
    "session_id": "02",
    "subject_id": "125",
    "task_id": "affordance"
  },
  "dummy_trs": 0,
  "dvars_nstd": 20.645170838695645,
  "dvars_std": 1.1225418297826086,
  "dvars_vstd": 1.0130197291304348,
  "efc": 0.5317249412621304,
  "fber": 1092.9683837890625,
  "fd_mean": 0.10527892886229953,
  "fd_num": 5,
  "fd_perc": 2.7027027027027026,
  "fwhm_avg": 2.1772162141212683,
  "fwhm_x": 2.1569216,
  "fwhm_y": 2.393296,
  "fwhm_z": 1.9814310423638046,
  "gcor": 0.0377755,
  "gsr_x": -0.0051055666990578175,
  "gsr_y": 0.032052382826805115,
  "provenance": {
    "md5sum": "e54ecd68a91c7f5ef73fd3101689d240",
    "settings": {
      "fd_thres": 0.2,
      "testing": false
    },
    "software": "mriqc",
    "version": "23.0.1",
    "webapi_port": null,
    "webapi_url": "https://mriqc.nimh.nih.gov/api/v1"
  },
  "size_t": 185,
  "size_x": 64,
  "size_y": 64,
  "size_z": 33,
  "snr": 5.433277064487863,
  "spacing_tr": 2.0,
  "spacing_x": 3.125,
  "spacing_y": 3.125,
  "spacing_z": 4.199999809265137,
  "summary_bg_k": 52.011751416373706,
  "summary_bg_mad": 12.662224581926706,
  "summary_bg_mean": 51.91374206542969,
  "summary_bg_median": 28.302703857421875,
  "summary_bg_n": 78928.0,
  "summary_bg_p05": 18.79459571838379,
  "summary_bg_p95": 154.91325302124014,
  "summary_bg_stdv": 75.91928100585938,
  "summary_fg_k": 0.8254919896220936,
  "summary_fg_mad": 165.82309479230523,
  "summary_fg_mean": 967.5216064453125,
  "summary_fg_median": 960.19189453125,
  "summary_fg_n": 25024.0,
  "summary_fg_p05": 692.7221740722656,
  "summary_fg_p95": 1265.1135375976562,
  "summary_fg_stdv": 176.72073364257812,
  "tsnr": 68.92629036214203
}