{
  "aor": 0.0006331521739130435,
  "aqi": 0.006652897173913044,
  "bids_meta": {
    "AcquisitionMatrixPE": 64,
    "AcquisitionNumber": 1,
    "AcquisitionTime": "14:48:59.817500",
    "BandwidthPerPixelPhaseEncode": 33.967,
    "BaseResolution": 64,
    "ConversionSoftware": "dcm2niix",
    "ConversionSoftwareVersion": "v1.0.20180622 GCC4.9.2",
    "DerivedVendorReportedEchoSpacing": 0.000460005,
    "DeviceSerialNumber": "35193",
    "DwellTime": 3.1e-06,
    "EchoTime": 0.03,
    "EffectiveEchoSpacing": 0.000460005,
    "FlipAngle": 90,
    "ImageOrientationPatientDICOM": [
      1,
      0,
      0,
      0,
      1,
      0
    ],
    "ImageType": [
      "ORIGINAL",
      "PRIMARY",
      "M",
      "ND",
      "MOSAIC"
    ],
    "InPlanePhaseEncodingDirectionDICOM": "COL",
    "InstitutionAddress": "Xinjiekouwai_Street_No_19_Beijing_Haidian_District_CN_100875",
    "InstitutionName": "BNU_MRI_Center",
    "InstitutionalDepartmentName": "Department",
    "MRAcquisitionType": "2D",
    "MagneticFieldStrength": 3,
    "Manufacturer": "Siemens",
    "ManufacturersModelName": "TrioTim",
    "Modality": "MR",
    "PartialFourier": 1,
    "PatientPosition": "HFS",
    "PercentPhaseFOV": 100,
    "PhaseEncodingDirection": "j-",
    "PhaseEncodingSteps": 64,
    "PhaseResolution": 1,
    "PixelBandwidth": 2520,
    "ProcedureStepDescription": "BNU_cst_2015_Liu.Jia",
    "ProtocolName": "ge_func_pace_3x3x3.5_185",
    "PulseSequenceDetails": "%SiemensSeq%_ep2d_bold",
    "ReceiveCoilName": "HeadMatrix",
    "ReconMatrixPE": 64,
    "RepetitionTime": 2,
    "SAR": 0.11773,
    "ScanOptions": "FS",
    "ScanningSequence": "EP",
    "SequenceName": "_epfid2d1_64",
    "SequenceVariant": "SK",
    "SeriesDescription": "ge_func_pace_3x3x3.5_185",
    "SeriesNumber": 4,
    "ShimSetting": [
      -4510,
      -19314,
      -9831,
      1007,
      -129,
      238,
      -16,
      -32
    ],
    "SliceThickness": 3.5,
    "SliceTiming": [
      0,
      1.035,
      0.06,
      1.095,
      0.1225,
      1.155,
      0.1825,
      1.2175,
      0.2425,
      1.2775,
      0.305,
      1.3375,
      0.365,
      1.4,
      0.425,
      1.46,
      0.4875,
      1.52,
      0.5475,
      1.5825,
      0.6075,
      1.6425,
      0.67,
      1.7025,
      0.73,
      1.765,
      0.79,
      1.825,
      0.8525,
      1.885,
      0.9125,
      1.9475,
      0.9725
    ],
    "SoftwareVersions": "syngo_MR_B17",
    "SpacingBetweenSlices": 4.2,
    "StationName": "MRC35193",
    "TotalReadoutTime": 0.0289803,
    "TxRefAmp": 318.986,
    "dataset": "ds003696",
    "modality": "bold",
    "run_id": 6,
    "session_id": "02",
    "subject_id": "107",
    "task_id": "affordance"
  },
  "dummy_trs": 1,
  "dvars_nstd": 22.255266971147538,
  "dvars_std": 1.1973604078688516,
  "dvars_vstd": 0.978281781420765,
  "efc": 0.5261403094093282,
  "fber": 1007.6474609375,
  "fd_mean": 0.07912146293051671,
  "fd_num": 2,
  "fd_perc": 1.0869565217391304,
  "fwhm_avg": 1.9612234741146513,
  "fwhm_x": 1.9808384,
  "fwhm_y": 2.1525248,
  "fwhm_z": 1.7503072223439544,
  "gcor": 0.0168473,
  "gsr_x": -0.00201899791136384,
  "gsr_y": 0.019038628786802292,
  "provenance": {
    "md5sum": "5906ce369e276a7706e163a292699fc0",
    "settings": {
      "fd_thres": 0.2,
      "testing": false
    },
    "software": "mriqc",
    "version": "23.0.1",
    "webapi_port": null,
    "webapi_url": "https://mriqc.nimh.nih.gov/api/v1"
  },
  "size_t": 184,
  "size_x": 64,
  "size_y": 64,
  "size_z": 33,
  "snr": 5.828695573989061,
  "spacing_tr": 2.0,
  "spacing_x": 3.125,
  "spacing_y": 3.125,
  "spacing_z": 4.199999809265137,
  "summary_bg_k": 37.68827442359134,
  "summary_bg_mad": 13.125864390650529,
  "summary_bg_mean": 53.11334228515625,
  "summary_bg_median": 28.788043975830078,
  "summary_bg_n": 81276.0,
  "summary_bg_p05": 18.41847801208496,
  "summary_bg_p95": 164.96332168579102,
  "summary_bg_stdv": 75.56465911865234,
  "summary_fg_k": 2.1052923765888014,
  "summary_fg_mad": 137.15278574131958,
  "summary_fg_mean": 947.255859375,
  "summary_fg_median": 936.0162963867188,
  "summary_fg_n": 23216.0,
  "summary_fg_p05": 715.1073303222656,
  "summary_fg_p95": 1222.278564453125,
  "summary_fg_stdv": 160.5841522216797,
  "tsnr": 74.05784139223397
}