{
  "aor": 0.0008430810810810811,
  "aqi": 0.006095141405405404,
  "bids_meta": {
    "AcquisitionMatrixPE": 64,
    "AcquisitionNumber": 1,
    "AcquisitionTime": "14:56:8.217500",
    "BandwidthPerPixelPhaseEncode": 33.967,
    "BaseResolution": 64,
    "ConversionSoftware": "dcm2niix",
    "ConversionSoftwareVersion": "v1.0.20180622 GCC4.9.2",
    "DerivedVendorReportedEchoSpacing": 0.000460005,
    "DeviceSerialNumber": "35193",
    "DwellTime": 3.1e-06,
    "EchoTime": 0.03,
    "EffectiveEchoSpacing": 0.000460005,
    "FlipAngle": 90,
    "ImageOrientationPatientDICOM": [
      1,
      0,
      0,
      0,
      1,
      0
    ],
    "ImageType": [
      "ORIGINAL",
      "PRIMARY",
      "M",
      "ND",
      "MOSAIC"
    ],
    "InPlanePhaseEncodingDirectionDICOM": "COL",
    "InstitutionAddress": "Xinjiekouwai_Street_No_19_Beijing_Haidian_District_CN_100875",
    "InstitutionName": "BNU_MRI_Center",
    "InstitutionalDepartmentName": "Department",
    "MRAcquisitionType": "2D",
    "MagneticFieldStrength": 3,
    "Manufacturer": "Siemens",
    "ManufacturersModelName": "TrioTim",
    "Modality": "MR",
    "PartialFourier": 1,
    "PatientPosition": "HFS",
    "PercentPhaseFOV": 100,
    "PhaseEncodingDirection": "j-",
    "PhaseEncodingSteps": 64,
    "PhaseResolution": 1,
    "PixelBandwidth": 2520,
    "ProcedureStepDescription": "BNU_cst_2015_Liu.Jia",
    "ProtocolName": "ge_func_pace_3x3x3.5_185",
    "PulseSequenceDetails": "%SiemensSeq%_ep2d_bold",
    "ReceiveCoilName": "HeadMatrix",
    "ReconMatrixPE": 64,
    "RepetitionTime": 2,
    "SAR": 0.11773,
    "ScanOptions": "FS",
    "ScanningSequence": "EP",
    "SequenceName": "_epfid2d1_64",
    "SequenceVariant": "SK",
    "SeriesDescription": "ge_func_pace_3x3x3.5_185",
    "SeriesNumber": 6,
    "ShimSetting": [
      -4510,
      -19314,
      -9831,
      1007,
      -129,
      238,
      -16,
      -32
    ],
    "SliceThickness": 3.5,
    "SliceTiming": [
      0,
      1.035,
      0.06,
      1.095,
      0.1225,
      1.155,
      0.1825,
      1.2175,
      0.2425,
      1.2775,
      0.305,
      1.3375,
      0.365,
      1.4,
      0.425,
      1.46,
      0.4875,
      1.52,
      0.5475,
      1.5825,
      0.6075,
      1.6425,
      0.67,
      1.7025,
      0.73,
      1.765,
      0.79,
      1.825,
      0.8525,
      1.885,
      0.9125,
      1.9475,
      0.9725
    ],
    "SoftwareVersions": "syngo_MR_B17",
    "SpacingBetweenSlices": 4.2,
    "StationName": "MRC35193",
    "TotalReadoutTime": 0.0289803,
    "TxRefAmp": 318.986,
    "dataset": "ds003696",
    "modality": "bold",
    "run_id": 7,
    "session_id": "02",
    "subject_id": "107",
    "task_id": "affordance"
  },
  "dummy_trs": 0,
  "dvars_nstd": 22.728370925815224,
  "dvars_std": 1.2378794022282613,
  "dvars_vstd": 0.9945127987499996,
  "efc": 0.5265332576795351,
  "fber": 1015.0166625976562,
  "fd_mean": 0.08040169613635406,
  "fd_num": 3,
  "fd_perc": 1.6216216216216217,
  "fwhm_avg": 1.9686293853844559,
  "fwhm_x": 1.986,
  "fwhm_y": 2.1590976,
  "fwhm_z": 1.760790556153368,
  "gcor": 0.0252544,
  "gsr_x": -0.0013953704619780183,
  "gsr_y": 0.018976431339979172,
  "provenance": {
    "md5sum": "fbd7b09a6d7bf249890bea87138babd2",
    "settings": {
      "fd_thres": 0.2,
      "testing": false
    },
    "software": "mriqc",
    "version": "23.0.1",
    "webapi_port": null,
    "webapi_url": "https://mriqc.nimh.nih.gov/api/v1"
  },
  "size_t": 185,
  "size_x": 64,
  "size_y": 64,
  "size_z": 33,
  "snr": 5.830209228181837,
  "spacing_tr": 2.0,
  "spacing_x": 3.125,
  "spacing_y": 3.125,
  "spacing_z": 4.199999809265137,
  "summary_bg_k": 37.42243945601711,
  "summary_bg_mad": 12.886619287208644,
  "summary_bg_mean": 53.83549880981445,
  "summary_bg_median": 28.7891902923584,
  "summary_bg_n": 81339.0,
  "summary_bg_p05": 19.032432556152344,
  "summary_bg_p95": 169.0502807617186,
  "summary_bg_stdv": 76.74593353271484,
  "summary_fg_k": 2.0969169725998436,
  "summary_fg_mad": 137.20088163238015,
  "summary_fg_mean": 950.5972290039062,
  "summary_fg_median": 938.8486938476562,
  "summary_fg_n": 23181.0,
  "summary_fg_p05": 717.113525390625,
  "summary_fg_p95": 1228.5081787109375,
  "summary_fg_stdv": 161.02825927734375,
  "tsnr": 76.52950424677692
}