{
  "aor": 0.0006780978260869564,
  "aqi": 0.005730970978260869,
  "bids_meta": {
    "AcquisitionMatrixPE": 64,
    "AcquisitionNumber": 1,
    "AcquisitionTime": "15:03:19.737500",
    "BandwidthPerPixelPhaseEncode": 33.967,
    "BaseResolution": 64,
    "ConversionSoftware": "dcm2niix",
    "ConversionSoftwareVersion": "v1.0.20180622 GCC4.9.2",
    "DerivedVendorReportedEchoSpacing": 0.000460005,
    "DeviceSerialNumber": "35193",
    "DwellTime": 3.1e-06,
    "EchoTime": 0.03,
    "EffectiveEchoSpacing": 0.000460005,
    "FlipAngle": 90,
    "ImageOrientationPatientDICOM": [
      1,
      0,
      0,
      0,
      1,
      0
    ],
    "ImageType": [
      "ORIGINAL",
      "PRIMARY",
      "M",
      "ND",
      "MOSAIC"
    ],
    "InPlanePhaseEncodingDirectionDICOM": "COL",
    "InstitutionAddress": "Xinjiekouwai_Street_No_19_Beijing_Haidian_District_CN_100875",
    "InstitutionName": "BNU_MRI_Center",
    "InstitutionalDepartmentName": "Department",
    "MRAcquisitionType": "2D",
    "MagneticFieldStrength": 3,
    "Manufacturer": "Siemens",
    "ManufacturersModelName": "TrioTim",
    "Modality": "MR",
    "PartialFourier": 1,
    "PatientPosition": "HFS",
    "PercentPhaseFOV": 100,
    "PhaseEncodingDirection": "j-",
    "PhaseEncodingSteps": 64,
    "PhaseResolution": 1,
    "PixelBandwidth": 2520,
    "ProcedureStepDescription": "BNU_cst_2015_Liu.Jia",
    "ProtocolName": "ge_func_pace_3x3x3.5_185",
    "PulseSequenceDetails": "%SiemensSeq%_ep2d_bold",
    "ReceiveCoilName": "HeadMatrix",
    "ReconMatrixPE": 64,
    "RepetitionTime": 2,
    "SAR": 0.11773,
    "ScanOptions": "FS",
    "ScanningSequence": "EP",
    "SequenceName": "_epfid2d1_64",
    "SequenceVariant": "SK",
    "SeriesDescription": "ge_func_pace_3x3x3.5_185",
    "SeriesNumber": 8,
    "ShimSetting": [
      -4510,
      -19314,
      -9831,
      1007,
      -129,
      238,
      -16,
      -32
    ],
    "SliceThickness": 3.5,
    "SliceTiming": [
      0,
      1.035,
      0.06,
      1.095,
      0.1225,
      1.155,
      0.1825,
      1.2175,
      0.2425,
      1.2775,
      0.305,
      1.3375,
      0.365,
      1.4,
      0.425,
      1.46,
      0.4875,
      1.52,
      0.5475,
      1.5825,
      0.6075,
      1.6425,
      0.67,
      1.7025,
      0.73,
      1.765,
      0.79,
      1.825,
      0.8525,
      1.885,
      0.9125,
      1.9475,
      0.9725
    ],
    "SoftwareVersions": "syngo_MR_B17",
    "SpacingBetweenSlices": 4.2,
    "StationName": "MRC35193",
    "TotalReadoutTime": 0.0289803,
    "TxRefAmp": 318.986,
    "dataset": "ds003696",
    "modality": "bold",
    "run_id": 8,
    "session_id": "02",
    "subject_id": "107",
    "task_id": "affordance"
  },
  "dummy_trs": 1,
  "dvars_nstd": 22.92238933770492,
  "dvars_std": 1.2513850004918035,
  "dvars_vstd": 0.9911497086885247,
  "efc": 0.5276376272422619,
  "fber": 1000.97607421875,
  "fd_mean": 0.08020048932988531,
  "fd_num": 0,
  "fd_perc": 0.0,
  "fwhm_avg": 1.9696055691879621,
  "fwhm_x": 1.9943808,
  "fwhm_y": 2.1750144000000002,
  "fwhm_z": 1.7394215075638866,
  "gcor": 0.0197327,
  "gsr_x": -0.0021292853634804487,
  "gsr_y": 0.018435943871736526,
  "provenance": {
    "md5sum": "c943a794e3b641d11408159072864e0c",
    "settings": {
      "fd_thres": 0.2,
      "testing": false
    },
    "software": "mriqc",
    "version": "23.0.1",
    "webapi_port": null,
    "webapi_url": "https://mriqc.nimh.nih.gov/api/v1"
  },
  "size_t": 184,
  "size_x": 64,
  "size_y": 64,
  "size_z": 33,
  "snr": 5.77912908687849,
  "spacing_tr": 2.0,
  "spacing_x": 3.125,
  "spacing_y": 3.125,
  "spacing_z": 4.199999809265137,
  "summary_bg_k": 37.012490898815166,
  "summary_bg_mad": 13.141978832984044,
  "summary_bg_mean": 54.73680877685547,
  "summary_bg_median": 29.01630401611328,
  "summary_bg_n": 81376.0,
  "summary_bg_p05": 18.98369598388672,
  "summary_bg_p95": 174.87228775024414,
  "summary_bg_stdv": 78.29761505126953,
  "summary_fg_k": 2.15154973743988,
  "summary_fg_mad": 137.89015049824667,
  "summary_fg_mean": 951.1430053710938,
  "summary_fg_median": 939.646728515625,
  "summary_fg_n": 23181.0,
  "summary_fg_p05": 716.603271484375,
  "summary_fg_p95": 1231.6793212890625,
  "summary_fg_stdv": 162.58963012695312,
  "tsnr": 79.01220273133367
}