{
  "bids_meta": {
    "AcquisitionMatrixPE": 192,
    "AcquisitionNumber": 1,
    "AcquisitionTime": "09:36:27.115000",
    "BaseResolution": 256,
    "ConversionSoftware": "dcm2niix",
    "ConversionSoftwareVersion": "v1.0.20180622 GCC4.9.2",
    "DeviceSerialNumber": "35193",
    "DwellTime": 1.03e-05,
    "EchoTime": 0.00339,
    "FlipAngle": 7,
    "ImageOrientationPatientDICOM": [
      -0.00698125,
      0.999976,
      3.33624e-08,
      -0.00872632,
      -6.08888e-05,
      -0.999962
    ],
    "ImageType": [
      "ORIGINAL",
      "PRIMARY",
      "M",
      "ND",
      "NORM"
    ],
    "InPlanePhaseEncodingDirectionDICOM": "ROW",
    "InstitutionAddress": "Xinjiekouwai_Street_No_19_Beijing_Haidian_District_CN_100875",
    "InstitutionName": "BNU_MRI_Center",
    "InstitutionalDepartmentName": "Department",
    "InversionTime": 1.1,
    "MRAcquisitionType": "3D",
    "MagneticFieldStrength": 3,
    "Manufacturer": "Siemens",
    "ManufacturersModelName": "TrioTim",
    "Modality": "MR",
    "PartialFourier": 1,
    "PatientPosition": "HFS",
    "PercentPhaseFOV": 100,
    "PhaseEncodingSteps": 192,
    "PhaseResolution": 0.75,
    "PixelBandwidth": 190,
    "ProcedureStepDescription": "BNU_cst_2019_Xu.Shan",
    "ProtocolName": "t1_mprage_sag",
    "PulseSequenceDetails": "%SiemensSeq%_tfl",
    "ReceiveCoilName": "HeadMatrix",
    "ReconMatrixPE": 256,
    "RepetitionTime": 2.53,
    "SAR": 0.0539174,
    "ScanOptions": "IR",
    "ScanningSequence": "GR_IR",
    "SequenceName": "_tfl3d1_ns",
    "SequenceVariant": "SP_MP",
    "SeriesDescription": "t1_mprage_sag",
    "SeriesNumber": 10,
    "ShimSetting": [
      -4489,
      -19276,
      -10209,
      636,
      -133,
      80,
      82,
      -26
    ],
    "SliceThickness": 1.33,
    "SoftwareVersions": "syngo_MR_B17",
    "StationName": "MRC35193",
    "TxRefAmp": 304.558,
    "dataset": "ds003696",
    "modality": "T1w",
    "session_id": "02",
    "subject_id": "137"
  },
  "cjv": 0.3104368884860315,
  "cnr": 4.207229118398343,
  "efc": 0.5617939163949559,
  "fber": 6322.814776274713,
  "fwhm_avg": 4.019800572753301,
  "fwhm_x": 3.526741718259901,
  "fwhm_y": 4.61987,
  "fwhm_z": 3.91279,
  "icvs_csf": 0.23208570525049382,
  "icvs_gm": 0.4371091464643987,
  "icvs_wm": 0.3308051482851075,
  "inu_med": 0.5601757764816284,
  "inu_range": 0.18973955214023586,
  "provenance": {
    "md5sum": "d3b5fe5175149e176764e56f533f7681",
    "settings": {
      "testing": false
    },
    "software": "mriqc",
    "version": "23.0.1",
    "warnings": {
      "large_rot_frame": true,
      "small_air_mask": false
    },
    "webapi_port": null,
    "webapi_url": "https://mriqc.nimh.nih.gov/api/v1"
  },
  "qi_1": 0.0,
  "qi_2": 0.005466487729971841,
  "rpve_csf": 21.65046465014577,
  "rpve_gm": 11.788895340377026,
  "rpve_wm": 18.65432571255917,
  "size_x": 128,
  "size_y": 256,
  "size_z": 256,
  "snr_csf": 1.4638173753870949,
  "snr_gm": 7.609379430947228,
  "snr_total": 12.17889977509445,
  "snr_wm": 27.46350251894903,
  "snrd_csf": 20.7271535566878,
  "snrd_gm": 77.86829960076618,
  "snrd_total": 74.57413469673583,
  "snrd_wm": 125.12695093275347,
  "spacing_x": 1.3300009965896606,
  "spacing_y": 1.0,
  "spacing_z": 1.0,
  "summary_bg_k": 15.02392999100731,
  "summary_bg_mad": 5.23565453286724,
  "summary_bg_mean": 4.898371836208615,
  "summary_bg_median": 3.5313953179866076,
  "summary_bg_n": 1654344.0,
  "summary_bg_p05": 0.0,
  "summary_bg_p95": 18.522738022729754,
  "summary_bg_stdv": 6.694558655623584,
  "summary_csf_k": -0.25471148462561866,
  "summary_csf_mad": 122.46364844458179,
  "summary_csf_mean": 186.5375175944003,
  "summary_csf_median": 165.6452236091718,
  "summary_csf_n": 20668.0,
  "summary_csf_p05": 32.42846145713702,
  "summary_csf_p95": 387.38950974401075,
  "summary_csf_stdv": 113.15702290369259,
  "summary_gm_k": -0.053574255383287195,
  "summary_gm_mad": 83.12868261539533,
  "summary_gm_mean": 621.2137532208136,
  "summary_gm_median": 622.30020461604,
  "summary_gm_n": 26053.0,
  "summary_gm_p05": 484.03354715928435,
  "summary_gm_p95": 751.8500114362686,
  "summary_gm_stdv": 81.77910789994897,
  "summary_wm_k": 0.5656781701310183,
  "summary_wm_mad": 34.116200504489754,
  "summary_wm_mean": 998.0206906572589,
  "summary_wm_median": 999.9772380758077,
  "summary_wm_n": 131015.0,
  "summary_wm_p05": 935.3116940045729,
  "summary_wm_p95": 1054.1784604080021,
  "summary_wm_stdv": 36.410993867535076,
  "tpm_overlap_csf": 0.160502782797937,
  "tpm_overlap_gm": 0.49759651654676207,
  "tpm_overlap_wm": 0.5195306864708816,
  "wm2max": 0.8412911387552472
}