{
  "bids_meta": {
    "AcquisitionMatrixPE": 192,
    "AcquisitionNumber": 1,
    "AcquisitionTime": "11:27:22.130000",
    "BaseResolution": 256,
    "ConversionSoftware": "dcm2niix",
    "ConversionSoftwareVersion": "v1.0.20180622 GCC4.9.2",
    "DeviceSerialNumber": "35193",
    "DwellTime": 1.03e-05,
    "EchoTime": 0.00339,
    "FlipAngle": 7,
    "ImageOrientationPatientDICOM": [
      0.0296663,
      0.99956,
      0,
      0,
      0,
      -1
    ],
    "ImageType": [
      "ORIGINAL",
      "PRIMARY",
      "M",
      "ND",
      "NORM"
    ],
    "InPlanePhaseEncodingDirectionDICOM": "ROW",
    "InstitutionAddress": "Xinjiekouwai_Street_No_19_Beijing_Haidian_District_CN_100875",
    "InstitutionName": "Beijing_Normal_Universtiy_7C3C54",
    "InstitutionalDepartmentName": "Department",
    "InversionTime": 1.1,
    "MRAcquisitionType": "3D",
    "MagneticFieldStrength": 3,
    "Manufacturer": "Siemens",
    "ManufacturersModelName": "TrioTim",
    "Modality": "MR",
    "PartialFourier": 1,
    "PatientPosition": "HFS",
    "PercentPhaseFOV": 100,
    "PhaseEncodingSteps": 192,
    "PhaseResolution": 0.75,
    "PixelBandwidth": 190,
    "ProcedureStepDescription": "BNU_cst_2019_Xu.Shan",
    "ProtocolName": "t1_mprage_sag",
    "PulseSequenceDetails": "%SiemensSeq%_tfl",
    "ReceiveCoilName": "HeadMatrix",
    "ReconMatrixPE": 256,
    "RepetitionTime": 2.53,
    "SAR": 0.0440029,
    "ScanOptions": "IR",
    "ScanningSequence": "GR_IR",
    "SequenceName": "_tfl3d1_ns",
    "SequenceVariant": "SP_MP",
    "SeriesDescription": "t1_mprage_sag",
    "SeriesNumber": 10,
    "ShimSetting": [
      -4489,
      -19276,
      -10209,
      636,
      -133,
      80,
      82,
      -26
    ],
    "SliceThickness": 1.33,
    "SoftwareVersions": "syngo_MR_B17",
    "StationName": "MRC35193",
    "TxRefAmp": 320.993,
    "dataset": "ds003696",
    "modality": "T1w",
    "session_id": "02",
    "subject_id": "138"
  },
  "cjv": 0.29919486253068356,
  "cnr": 4.439024256188399,
  "efc": 0.5679149588346423,
  "fber": 13778.687239691795,
  "fwhm_avg": 3.926798690701474,
  "fwhm_x": 3.457226072104422,
  "fwhm_y": 4.64284,
  "fwhm_z": 3.68033,
  "icvs_csf": 0.2223702193270428,
  "icvs_gm": 0.45001230732484937,
  "icvs_wm": 0.3276174733481078,
  "inu_med": 0.6094112396240234,
  "inu_range": 0.24151524901390076,
  "provenance": {
    "md5sum": "6ea7c5e7e063a4e2acdb561c8b6748e4",
    "settings": {
      "testing": false
    },
    "software": "mriqc",
    "version": "23.0.1",
    "warnings": {
      "large_rot_frame": true,
      "small_air_mask": false
    },
    "webapi_port": null,
    "webapi_url": "https://mriqc.nimh.nih.gov/api/v1"
  },
  "qi_1": 0.0,
  "qi_2": 0.005072374605269881,
  "rpve_csf": 23.838224812436845,
  "rpve_gm": 12.191649439116143,
  "rpve_wm": 19.267616883357068,
  "size_x": 128,
  "size_y": 256,
  "size_z": 256,
  "snr_csf": 1.4097806592416227,
  "snr_gm": 8.034167291198665,
  "snr_total": 11.711578782040306,
  "snr_wm": 25.69078839568063,
  "snrd_csf": 15.284579645439496,
  "snrd_gm": 57.95859010621294,
  "snrd_total": 55.741265403813905,
  "snrd_wm": 93.98062645978926,
  "spacing_x": 1.3299998044967651,
  "spacing_y": 1.0,
  "spacing_z": 1.0,
  "summary_bg_k": 7.436970017291378,
  "summary_bg_mad": 0.0,
  "summary_bg_mean": 4.751160995611613,
  "summary_bg_median": 0.0,
  "summary_bg_n": 1861078.0,
  "summary_bg_p05": 0.0,
  "summary_bg_p95": 18.817268148064613,
  "summary_bg_stdv": 6.970807265483022,
  "summary_csf_k": 0.4213275619906871,
  "summary_csf_mad": 111.06571288319962,
  "summary_csf_mean": 188.47279362217876,
  "summary_csf_median": 162.63156625442207,
  "summary_csf_n": 22177.0,
  "summary_csf_p05": 37.325666995719075,
  "summary_csf_p95": 404.1245926566422,
  "summary_csf_stdv": 115.35688085595734,
  "summary_gm_k": -0.0777008995769135,
  "summary_gm_mad": 78.21801949164121,
  "summary_gm_mean": 618.7240618505782,
  "summary_gm_median": 616.6931970342994,
  "summary_gm_n": 23244.0,
  "summary_gm_p05": 495.837391619198,
  "summary_gm_p95": 747.3853017086162,
  "summary_gm_stdv": 76.75716834083116,
  "summary_wm_k": 0.6410496173497409,
  "summary_wm_mad": 36.458297758995116,
  "summary_wm_mean": 997.4265573384154,
  "summary_wm_median": 999.9762396663427,
  "summary_wm_n": 118965.0,
  "summary_wm_p05": 929.1026148106903,
  "summary_wm_p95": 1056.142933987081,
  "summary_wm_stdv": 38.923369008351386,
  "tpm_overlap_csf": 0.14720288302467535,
  "tpm_overlap_gm": 0.4894606931049168,
  "tpm_overlap_wm": 0.49363104555316706,
  "wm2max": 0.7695078808966346
}