{
  "aor": 0.0014103804347826087,
  "aqi": 0.005943373369565217,
  "bids_meta": {
    "AcquisitionMatrixPE": 64,
    "AcquisitionNumber": 1,
    "AcquisitionTime": "13:10:19.480000",
    "BandwidthPerPixelPhaseEncode": 33.967,
    "BaseResolution": 64,
    "ConversionSoftware": "dcm2niix",
    "ConversionSoftwareVersion": "v1.0.20180622 GCC4.9.2",
    "DerivedVendorReportedEchoSpacing": 0.000460005,
    "DeviceSerialNumber": "35193",
    "DwellTime": 3.1e-06,
    "EchoTime": 0.03,
    "EffectiveEchoSpacing": 0.000460005,
    "FlipAngle": 90,
    "ImageOrientationPatientDICOM": [
      0.999816,
      0,
      0.0191974,
      0,
      1,
      0
    ],
    "ImageType": [
      "ORIGINAL",
      "PRIMARY",
      "M",
      "ND",
      "MOSAIC"
    ],
    "InPlanePhaseEncodingDirectionDICOM": "COL",
    "InstitutionAddress": "Xinjiekouwai_Street_No_19_Beijing_Haidian_District_CN_100875",
    "InstitutionName": "Beijing_Normal_Universtiy_7C3C54",
    "InstitutionalDepartmentName": "Department",
    "MRAcquisitionType": "2D",
    "MagneticFieldStrength": 3,
    "Manufacturer": "Siemens",
    "ManufacturersModelName": "TrioTim",
    "Modality": "MR",
    "PartialFourier": 1,
    "PatientPosition": "HFS",
    "PercentPhaseFOV": 100,
    "PhaseEncodingDirection": "j-",
    "PhaseEncodingSteps": 64,
    "PhaseResolution": 1,
    "PixelBandwidth": 2520,
    "ProcedureStepDescription": "BNU_cst_2019_Xu.Shan",
    "ProtocolName": "ge_func_pace_3x3x3.5_185",
    "PulseSequenceDetails": "%SiemensSeq%_ep2d_bold",
    "ReceiveCoilName": "HeadMatrix",
    "ReconMatrixPE": 64,
    "RepetitionTime": 2,
    "SAR": 0.120572,
    "ScanOptions": "FS",
    "ScanningSequence": "EP",
    "SequenceName": "_epfid2d1_64",
    "SequenceVariant": "SK",
    "SeriesDescription": "ge_func_pace_3x3x3.5_185",
    "SeriesNumber": 4,
    "ShimSetting": [
      -4465,
      -19332,
      -9807,
      968,
      27,
      -444,
      -167,
      -37
    ],
    "SliceThickness": 3.5,
    "SliceTiming": [
      0,
      1.035,
      0.0625,
      1.095,
      0.1225,
      1.1575,
      0.1825,
      1.2175,
      0.245,
      1.2775,
      0.305,
      1.34,
      0.365,
      1.4,
      0.4275,
      1.46,
      0.4875,
      1.5225,
      0.5475,
      1.5825,
      0.61,
      1.6425,
      0.67,
      1.705,
      0.73,
      1.765,
      0.7925,
      1.825,
      0.8525,
      1.8875,
      0.9125,
      1.9475,
      0.975
    ],
    "SoftwareVersions": "syngo_MR_B17",
    "SpacingBetweenSlices": 4.2,
    "StationName": "MRC35193",
    "TotalReadoutTime": 0.0289803,
    "TxRefAmp": 330.934,
    "dataset": "ds003696",
    "modality": "bold",
    "run_id": 6,
    "session_id": "02",
    "subject_id": "133",
    "task_id": "affordance"
  },
  "dummy_trs": 1,
  "dvars_nstd": 29.995419475792357,
  "dvars_std": 1.3887685308196722,
  "dvars_vstd": 1.01027644284153,
  "efc": 0.5781357798555108,
  "fber": 713.8098754882812,
  "fd_mean": 0.11968164261442996,
  "fd_num": 9,
  "fd_perc": 4.891304347826087,
  "fwhm_avg": 2.136930143984453,
  "fwhm_x": 2.0915904,
  "fwhm_y": 2.3572927999999997,
  "fwhm_z": 1.961907231953359,
  "gcor": 0.0788485,
  "gsr_x": -0.0028660029638558626,
  "gsr_y": 0.057543810456991196,
  "provenance": {
    "md5sum": "9e6f334ea2243be43b49d8fb7e21dd45",
    "settings": {
      "fd_thres": 0.2,
      "testing": false
    },
    "software": "mriqc",
    "version": "23.0.1",
    "webapi_port": null,
    "webapi_url": "https://mriqc.nimh.nih.gov/api/v1"
  },
  "size_t": 184,
  "size_x": 64,
  "size_y": 64,
  "size_z": 33,
  "snr": 5.4053414982069174,
  "spacing_tr": 2.0,
  "spacing_x": 3.125,
  "spacing_y": 3.125,
  "spacing_z": 4.199999809265137,
  "summary_bg_k": 29.849290515792262,
  "summary_bg_mad": 20.546933411305126,
  "summary_bg_mean": 76.84272003173828,
  "summary_bg_median": 35.59239196777344,
  "summary_bg_n": 74463.0,
  "summary_bg_p05": 20.64130401611328,
  "summary_bg_p95": 275.1489257812495,
  "summary_bg_stdv": 117.10613250732422,
  "summary_fg_k": 1.357743315194095,
  "summary_fg_mad": 155.93909508407756,
  "summary_fg_mean": 972.5448608398438,
  "summary_fg_median": 964.7445678710938,
  "summary_fg_n": 28983.0,
  "summary_fg_p05": 696.9527404785156,
  "summary_fg_p95": 1279.8945434570307,
  "summary_fg_stdv": 178.47677612304688,
  "tsnr": 72.78817638754845
}