{
  "aor": 0.0007104891304347826,
  "aqi": 0.0025597300543478262,
  "bids_meta": {
    "AcquisitionMatrixPE": 64,
    "AcquisitionNumber": 1,
    "AcquisitionTime": "13:38:56.912500",
    "BandwidthPerPixelPhaseEncode": 33.967,
    "BaseResolution": 64,
    "ConversionSoftware": "dcm2niix",
    "ConversionSoftwareVersion": "v1.0.20180622 GCC4.9.2",
    "DerivedVendorReportedEchoSpacing": 0.000460005,
    "DeviceSerialNumber": "35193",
    "DwellTime": 3.1e-06,
    "EchoTime": 0.03,
    "EffectiveEchoSpacing": 0.000460005,
    "FlipAngle": 90,
    "ImageOrientationPatientDICOM": [
      1,
      0,
      0,
      0,
      1,
      0
    ],
    "ImageType": [
      "ORIGINAL",
      "PRIMARY",
      "M",
      "ND",
      "MOSAIC"
    ],
    "InPlanePhaseEncodingDirectionDICOM": "COL",
    "InstitutionAddress": "Xinjiekouwai_Street_No_19_Beijing_Haidian_District_CN_100875",
    "InstitutionName": "BNU_MRI_Center",
    "InstitutionalDepartmentName": "Department",
    "MRAcquisitionType": "2D",
    "MagneticFieldStrength": 3,
    "Manufacturer": "Siemens",
    "ManufacturersModelName": "TrioTim",
    "Modality": "MR",
    "PartialFourier": 1,
    "PatientPosition": "HFS",
    "PercentPhaseFOV": 100,
    "PhaseEncodingDirection": "j-",
    "PhaseEncodingSteps": 64,
    "PhaseResolution": 1,
    "PixelBandwidth": 2520,
    "ProcedureStepDescription": "BNU_cst_2015_Liu.Jia",
    "ProtocolName": "ge_func_pace_3x3x3.5_185",
    "PulseSequenceDetails": "%SiemensSeq%_ep2d_bold",
    "ReceiveCoilName": "HeadMatrix",
    "ReconMatrixPE": 64,
    "RepetitionTime": 2,
    "SAR": 0.120945,
    "ScanOptions": "FS",
    "ScanningSequence": "EP",
    "SequenceName": "_epfid2d1_64",
    "SequenceVariant": "SK",
    "SeriesDescription": "ge_func_pace_3x3x3.5_185",
    "SeriesNumber": 9,
    "ShimSetting": [
      -4520,
      -19397,
      -9805,
      1105,
      -227,
      -286,
      -26,
      -49
    ],
    "SliceThickness": 3.5,
    "SliceTiming": [
      0,
      1.035,
      0.0625,
      1.095,
      0.1225,
      1.1575,
      0.1825,
      1.2175,
      0.245,
      1.2775,
      0.305,
      1.34,
      0.365,
      1.4,
      0.4275,
      1.46,
      0.4875,
      1.5225,
      0.5475,
      1.5825,
      0.61,
      1.6425,
      0.67,
      1.705,
      0.73,
      1.765,
      0.7925,
      1.825,
      0.8525,
      1.8875,
      0.9125,
      1.9475,
      0.975
    ],
    "SoftwareVersions": "syngo_MR_B17",
    "SpacingBetweenSlices": 4.2,
    "StationName": "MRC35193",
    "TotalReadoutTime": 0.0289803,
    "TxRefAmp": 313.626,
    "dataset": "ds003696",
    "modality": "bold",
    "run_id": 8,
    "session_id": "02",
    "subject_id": "101",
    "task_id": "affordance"
  },
  "dummy_trs": 1,
  "dvars_nstd": 19.925201218251363,
  "dvars_std": 1.189797008306012,
  "dvars_vstd": 1.001492091420765,
  "efc": 0.5021869900005836,
  "fber": 1166.962890625,
  "fd_mean": 0.07238945635551931,
  "fd_num": 1,
  "fd_perc": 0.5434782608695652,
  "fwhm_avg": 2.128965293076044,
  "fwhm_x": 2.089184,
  "fwhm_y": 2.3433856,
  "fwhm_z": 1.9543262792281324,
  "gcor": 0.0172942,
  "gsr_x": 0.010833011008799076,
  "gsr_y": 0.017065517604351044,
  "provenance": {
    "md5sum": "ce19866f178b4ede010739b26384b6d1",
    "settings": {
      "fd_thres": 0.2,
      "testing": false
    },
    "software": "mriqc",
    "version": "23.0.1",
    "webapi_port": null,
    "webapi_url": "https://mriqc.nimh.nih.gov/api/v1"
  },
  "size_t": 184,
  "size_x": 64,
  "size_y": 64,
  "size_z": 33,
  "snr": 5.447624401830315,
  "spacing_tr": 2.0,
  "spacing_x": 3.125,
  "spacing_y": 3.125,
  "spacing_z": 4.199999809265137,
  "summary_bg_k": 30.58720082777029,
  "summary_bg_mad": 12.896224043440247,
  "summary_bg_mean": 55.850650787353516,
  "summary_bg_median": 28.774456024169922,
  "summary_bg_n": 85484.0,
  "summary_bg_p05": 19.048913955688477,
  "summary_bg_p95": 179.81712799072213,
  "summary_bg_stdv": 82.43766021728516,
  "summary_fg_k": 0.36692117715037975,
  "summary_fg_mad": 177.38049669326452,
  "summary_fg_mean": 1004.6031494140625,
  "summary_fg_median": 1002.002685546875,
  "summary_fg_n": 20248.0,
  "summary_fg_p05": 702.6372436523437,
  "summary_fg_p95": 1312.937005615234,
  "summary_fg_stdv": 183.92933654785156,
  "tsnr": 89.39012957294472
}