{
  "aor": 0.0008861081081081081,
  "aqi": 0.004444484486486487,
  "bids_meta": {
    "AcquisitionMatrixPE": 64,
    "AcquisitionNumber": 1,
    "AcquisitionTime": "10:21:38.977500",
    "BandwidthPerPixelPhaseEncode": 33.967,
    "BaseResolution": 64,
    "ConversionSoftware": "dcm2niix",
    "ConversionSoftwareVersion": "v1.0.20180622 GCC4.9.2",
    "DerivedVendorReportedEchoSpacing": 0.000460005,
    "DeviceSerialNumber": "35193",
    "DwellTime": 3.1e-06,
    "EchoTime": 0.03,
    "EffectiveEchoSpacing": 0.000460005,
    "FlipAngle": 90,
    "ImageOrientationPatientDICOM": [
      1,
      0,
      0,
      0,
      1,
      0
    ],
    "ImageType": [
      "ORIGINAL",
      "PRIMARY",
      "M",
      "ND",
      "MOSAIC"
    ],
    "InPlanePhaseEncodingDirectionDICOM": "COL",
    "InstitutionAddress": "Xinjiekouwai_Street_No_19_Beijing_Haidian_District_CN_100875",
    "InstitutionName": "BNU_MRI_Center",
    "InstitutionalDepartmentName": "Department",
    "MRAcquisitionType": "2D",
    "MagneticFieldStrength": 3,
    "Manufacturer": "Siemens",
    "ManufacturersModelName": "TrioTim",
    "Modality": "MR",
    "PartialFourier": 1,
    "PatientPosition": "HFS",
    "PercentPhaseFOV": 100,
    "PhaseEncodingDirection": "j-",
    "PhaseEncodingSteps": 64,
    "PhaseResolution": 1,
    "PixelBandwidth": 2520,
    "ProcedureStepDescription": "BNU_cst_2019_Xu.Shan",
    "ProtocolName": "ge_func_pace_3x3x3.5_185",
    "PulseSequenceDetails": "%SiemensSeq%_ep2d_bold",
    "ReceiveCoilName": "HeadMatrix",
    "ReconMatrixPE": 64,
    "RepetitionTime": 2,
    "SAR": 0.119602,
    "ScanOptions": "FS",
    "ScanningSequence": "EP",
    "SequenceName": "_epfid2d1_64",
    "SequenceVariant": "SK",
    "SeriesDescription": "ge_func_pace_3x3x3.5_185",
    "SeriesNumber": 4,
    "ShimSetting": [
      -4505,
      -19324,
      -9792,
      1092,
      -105,
      -273,
      -159,
      -74
    ],
    "SliceThickness": 3.5,
    "SliceTiming": [
      0,
      1.035,
      0.06,
      1.095,
      0.1225,
      1.155,
      0.1825,
      1.2175,
      0.2425,
      1.2775,
      0.305,
      1.3375,
      0.365,
      1.4,
      0.425,
      1.46,
      0.4875,
      1.52,
      0.5475,
      1.5825,
      0.6075,
      1.6425,
      0.67,
      1.7025,
      0.73,
      1.765,
      0.79,
      1.825,
      0.8525,
      1.885,
      0.9125,
      1.9475,
      0.9725
    ],
    "SoftwareVersions": "syngo_MR_B17",
    "SpacingBetweenSlices": 4.2,
    "StationName": "MRC35193",
    "TotalReadoutTime": 0.0289803,
    "TxRefAmp": 330.764,
    "dataset": "ds003696",
    "modality": "bold",
    "run_id": 7,
    "session_id": "02",
    "subject_id": "130",
    "task_id": "affordance"
  },
  "dummy_trs": 0,
  "dvars_nstd": 25.34618538358695,
  "dvars_std": 1.2416391017391304,
  "dvars_vstd": 1.00373714,
  "efc": 0.5811612173597523,
  "fber": 675.2359008789062,
  "fd_mean": 0.0960313930807884,
  "fd_num": 3,
  "fd_perc": 1.6216216216216217,
  "fwhm_avg": 2.1649475094329977,
  "fwhm_x": 2.1405600000000002,
  "fwhm_y": 2.3679872,
  "fwhm_z": 1.9862953282989924,
  "gcor": 0.042168,
  "gsr_x": 0.0002910556213464588,
  "gsr_y": 0.039402075111866,
  "provenance": {
    "md5sum": "448764d9504ec3920790f587dae6fea2",
    "settings": {
      "fd_thres": 0.2,
      "testing": false
    },
    "software": "mriqc",
    "version": "23.0.1",
    "webapi_port": null,
    "webapi_url": "https://mriqc.nimh.nih.gov/api/v1"
  },
  "size_t": 185,
  "size_x": 64,
  "size_y": 64,
  "size_z": 33,
  "snr": 4.963001455227334,
  "spacing_tr": 2.0,
  "spacing_x": 3.125,
  "spacing_y": 3.125,
  "spacing_z": 4.199999809265137,
  "summary_bg_k": 28.164713127218306,
  "summary_bg_mad": 19.233758357486764,
  "summary_bg_mean": 67.4266586303711,
  "summary_bg_median": 33.9405403137207,
  "summary_bg_n": 73402.0,
  "summary_bg_p05": 19.740541458129883,
  "summary_bg_p95": 242.0808151245117,
  "summary_bg_stdv": 87.0699234008789,
  "summary_fg_k": 1.300914473725454,
  "summary_fg_mad": 161.96429313192104,
  "summary_fg_mean": 910.5426025390625,
  "summary_fg_median": 904.7108154296875,
  "summary_fg_n": 29694.0,
  "summary_fg_p05": 625.0864868164062,
  "summary_fg_p95": 1219.0821472167966,
  "summary_fg_stdv": 182.28799438476562,
  "tsnr": 70.23689144058153
}