{
  "bids_meta": {
    "AcquisitionMatrixPE": 192,
    "AcquisitionNumber": 1,
    "AcquisitionTime": "12:39:32.122500",
    "BaseResolution": 256,
    "ConversionSoftware": "dcm2niix",
    "ConversionSoftwareVersion": "v1.0.20180622 GCC4.9.2",
    "DeviceSerialNumber": "35193",
    "DwellTime": 1.03e-05,
    "EchoTime": 0.00339,
    "FlipAngle": 7,
    "ImageOrientationPatientDICOM": [
      0,
      1,
      0,
      0,
      0,
      -1
    ],
    "ImageType": [
      "ORIGINAL",
      "PRIMARY",
      "M",
      "ND",
      "NORM"
    ],
    "InPlanePhaseEncodingDirectionDICOM": "ROW",
    "InstitutionAddress": "Xinjiekouwai_Street_No_19_Beijing_Haidian_District_CN_100875",
    "InstitutionName": "Beijing_Normal_Universtiy_0C7E54",
    "InstitutionalDepartmentName": "Department",
    "InversionTime": 1.1,
    "MRAcquisitionType": "3D",
    "MagneticFieldStrength": 3,
    "Manufacturer": "Siemens",
    "ManufacturersModelName": "TrioTim",
    "Modality": "MR",
    "PartialFourier": 1,
    "PatientPosition": "HFS",
    "PercentPhaseFOV": 100,
    "PhaseEncodingSteps": 192,
    "PhaseResolution": 0.75,
    "PixelBandwidth": 190,
    "ProcedureStepDescription": "BNU_cst_2019_Xu.Shan",
    "ProtocolName": "t1_mprage_sag",
    "PulseSequenceDetails": "%SiemensSeq%_tfl",
    "ReceiveCoilName": "HeadMatrix",
    "ReconMatrixPE": 256,
    "RepetitionTime": 2.53,
    "SAR": 0.0575459,
    "ScanOptions": "IR",
    "ScanningSequence": "GR_IR",
    "SequenceName": "_tfl3d1_ns",
    "SequenceVariant": "SP_MP",
    "SeriesDescription": "t1_mprage_sag",
    "SeriesNumber": 10,
    "ShimSetting": [
      -4489,
      -19276,
      -10209,
      636,
      -133,
      80,
      82,
      -26
    ],
    "SliceThickness": 1.33,
    "SoftwareVersions": "syngo_MR_B17",
    "StationName": "MRC35193",
    "TxRefAmp": 349.176,
    "dataset": "ds003696",
    "modality": "T1w",
    "session_id": "02",
    "subject_id": "139"
  },
  "cjv": 0.32075649336389334,
  "cnr": 4.098855953449824,
  "efc": 0.6026482889205039,
  "fber": 11455.830805794478,
  "fwhm_avg": 3.9636161763974775,
  "fwhm_x": 3.4713185291924327,
  "fwhm_y": 4.61254,
  "fwhm_z": 3.80699,
  "icvs_csf": 0.23866754340769705,
  "icvs_gm": 0.4235175258224009,
  "icvs_wm": 0.3378149307699021,
  "inu_med": 0.6088828444480896,
  "inu_range": 0.2563879072666168,
  "provenance": {
    "md5sum": "f41567ce4eb68906f9fd0f9088cf6075",
    "settings": {
      "testing": false
    },
    "software": "mriqc",
    "version": "23.0.1",
    "warnings": {
      "large_rot_frame": true,
      "small_air_mask": false
    },
    "webapi_port": null,
    "webapi_url": "https://mriqc.nimh.nih.gov/api/v1"
  },
  "qi_1": 0.0,
  "qi_2": 0.006662475969494203,
  "rpve_csf": 20.935004693937646,
  "rpve_gm": 11.90386640221357,
  "rpve_wm": 17.865971061093248,
  "size_x": 128,
  "size_y": 256,
  "size_z": 256,
  "snr_csf": 1.2949908199052682,
  "snr_gm": 7.701439532128533,
  "snr_total": 11.391073447692646,
  "snr_wm": 25.17678999104413,
  "snrd_csf": 11.9151397682195,
  "snrd_gm": 54.837198761210765,
  "snrd_total": 51.39014845885384,
  "snrd_wm": 87.41810684713123,
  "spacing_x": 1.3300018310546875,
  "spacing_y": 1.0,
  "spacing_z": 1.0,
  "summary_bg_k": 6.649537928674734,
  "summary_bg_mad": 0.0,
  "summary_bg_mean": 5.0900498414543485,
  "summary_bg_median": 0.0,
  "summary_bg_n": 1821618.0,
  "summary_bg_p05": 0.0,
  "summary_bg_p95": 20.324792724102736,
  "summary_bg_stdv": 7.494098043330877,
  "summary_csf_k": 1.5641148576015764,
  "summary_csf_mad": 89.83994966322732,
  "summary_csf_mean": 159.55144731044498,
  "summary_csf_median": 136.29715220071375,
  "summary_csf_n": 23580.0,
  "summary_csf_p05": 31.771988328453155,
  "summary_csf_p95": 371.78231891877937,
  "summary_csf_stdv": 105.24728050139716,
  "summary_gm_k": -0.022011562359972814,
  "summary_gm_mad": 81.22234317243502,
  "summary_gm_mean": 625.2234903242722,
  "summary_gm_median": 627.2821109285578,
  "summary_gm_n": 27850.0,
  "summary_gm_p05": 488.07871510321274,
  "summary_gm_p95": 757.794514430873,
  "summary_gm_stdv": 81.44851964536208,
  "summary_wm_k": 0.3896814714999124,
  "summary_wm_mad": 38.32124361415231,
  "summary_wm_mean": 998.89221260386,
  "summary_wm_median": 999.9747586529702,
  "summary_wm_n": 140207.0,
  "summary_wm_p05": 932.0405259002,
  "summary_wm_p95": 1061.6552090290934,
  "summary_wm_stdv": 39.71797806378731,
  "tpm_overlap_csf": 0.16882941441548147,
  "tpm_overlap_gm": 0.47940453901780783,
  "tpm_overlap_wm": 0.519470841701284,
  "wm2max": 0.7865558552840368
}