{
  "aor": 0.003327551020408163,
  "aqi": 0.0023509996938775512,
  "bids_meta": {
    "AcquisitionMatrixPE": 64,
    "AcquisitionNumber": 1,
    "AcquisitionTime": "14:09:11.845000",
    "BandwidthPerPixelPhaseEncode": 33.967,
    "BaseResolution": 64,
    "ConversionSoftware": "dcm2niix",
    "ConversionSoftwareVersion": "v1.0.20180622 GCC4.9.2",
    "DerivedVendorReportedEchoSpacing": 0.000460005,
    "DeviceSerialNumber": "35193",
    "DwellTime": 3.1e-06,
    "EchoTime": 0.03,
    "EffectiveEchoSpacing": 0.000460005,
    "FlipAngle": 90,
    "ImageOrientationPatientDICOM": [
      0.999907,
      -0.0104718,
      -0.00872606,
      0.0104714,
      0.999945,
      -9.13825e-05
    ],
    "ImageType": [
      "ORIGINAL",
      "PRIMARY",
      "M",
      "ND",
      "MOSAIC"
    ],
    "InPlanePhaseEncodingDirectionDICOM": "COL",
    "InstitutionAddress": "Xinjiekouwai_Street_No_19_Beijing_Haidian_District_CN_100875",
    "InstitutionName": "Beijing_Normal_Universtiy_7C3C54",
    "InstitutionalDepartmentName": "Department",
    "MRAcquisitionType": "2D",
    "MagneticFieldStrength": 3,
    "Manufacturer": "Siemens",
    "ManufacturersModelName": "TrioTim",
    "Modality": "MR",
    "PartialFourier": 1,
    "PatientPosition": "HFS",
    "PercentPhaseFOV": 100,
    "PhaseEncodingDirection": "j-",
    "PhaseEncodingSteps": 64,
    "PhaseResolution": 1,
    "PixelBandwidth": 2520,
    "ProcedureStepDescription": "BNU_cst_2015_Liu.Jia",
    "ProtocolName": "ge_func_pace_3x3x3.5_99",
    "PulseSequenceDetails": "%SiemensSeq%_ep2d_bold",
    "ReceiveCoilName": "HeadMatrix",
    "ReconMatrixPE": 64,
    "RepetitionTime": 2,
    "SAR": 0.122696,
    "ScanOptions": "FS",
    "ScanningSequence": "EP",
    "SequenceName": "_epfid2d1_64",
    "SequenceVariant": "SK",
    "SeriesDescription": "ge_func_pace_3x3x3.5_99",
    "SeriesNumber": 10,
    "ShimSetting": [
      -4492,
      -19436,
      -9807,
      1227,
      -101,
      -192,
      71,
      -52
    ],
    "SliceThickness": 3.5,
    "SliceTiming": [
      0,
      1.035,
      0.0625,
      1.095,
      0.1225,
      1.1575,
      0.1825,
      1.2175,
      0.245,
      1.2775,
      0.305,
      1.34,
      0.365,
      1.4,
      0.4275,
      1.46,
      0.4875,
      1.5225,
      0.5475,
      1.5825,
      0.61,
      1.6425,
      0.67,
      1.705,
      0.73,
      1.765,
      0.7925,
      1.825,
      0.8525,
      1.8875,
      0.9125,
      1.9475,
      0.975
    ],
    "SoftwareVersions": "syngo_MR_B17",
    "SpacingBetweenSlices": 4.2,
    "StationName": "MRC35193",
    "TotalReadoutTime": 0.0289803,
    "TxRefAmp": 317.34,
    "dataset": "ds003696",
    "modality": "bold",
    "run_id": 1,
    "session_id": "01",
    "subject_id": "101",
    "task_id": "localizer"
  },
  "dummy_trs": 1,
  "dvars_nstd": 15.261124502680412,
  "dvars_std": 1.0731721670103092,
  "dvars_vstd": 1.0496318103092779,
  "efc": 0.5056797386074572,
  "fber": 1121.8663330078125,
  "fd_mean": 0.08093780477147407,
  "fd_num": 3,
  "fd_perc": 3.061224489795918,
  "fwhm_avg": 2.103252394307155,
  "fwhm_x": 2.0539488,
  "fwhm_y": 2.3273728,
  "fwhm_z": 1.9284355829214652,
  "gcor": 0.00760916,
  "gsr_x": 0.00997326523065567,
  "gsr_y": 0.02135840244591236,
  "provenance": {
    "md5sum": "c0cb020f61588629009a3541474ffa83",
    "settings": {
      "fd_thres": 0.2,
      "testing": false
    },
    "software": "mriqc",
    "version": "23.0.1",
    "webapi_port": null,
    "webapi_url": "https://mriqc.nimh.nih.gov/api/v1"
  },
  "size_t": 98,
  "size_x": 64,
  "size_y": 64,
  "size_z": 33,
  "snr": 5.646549880829959,
  "spacing_tr": 2.0,
  "spacing_x": 3.125,
  "spacing_y": 3.125,
  "spacing_z": 4.200000286102295,
  "summary_bg_k": 30.510407491789877,
  "summary_bg_mad": 12.163388071175316,
  "summary_bg_mean": 52.46054458618164,
  "summary_bg_median": 27.693876266479492,
  "summary_bg_n": 85045.0,
  "summary_bg_p05": 18.581632614135742,
  "summary_bg_p95": 163.68163146972674,
  "summary_bg_stdv": 74.89974212646484,
  "summary_fg_k": 0.4537032898884954,
  "summary_fg_mad": 159.83364063339664,
  "summary_fg_mean": 942.684326171875,
  "summary_fg_median": 941.4183349609375,
  "summary_fg_n": 20513.0,
  "summary_fg_p05": 668.91630859375,
  "summary_fg_p95": 1217.6938476562493,
  "summary_fg_stdv": 166.720458984375,
  "tsnr": 90.87322676589247
}