{
  "aor": 0.0005576086956521739,
  "aqi": 0.0025840428260869566,
  "bids_meta": {
    "AcquisitionMatrixPE": 64,
    "AcquisitionNumber": 1,
    "AcquisitionTime": "14:01:43.485000",
    "BandwidthPerPixelPhaseEncode": 33.967,
    "BaseResolution": 64,
    "ConversionSoftware": "dcm2niix",
    "ConversionSoftwareVersion": "v1.0.20180622 GCC4.9.2",
    "DerivedVendorReportedEchoSpacing": 0.000460005,
    "DeviceSerialNumber": "35193",
    "DwellTime": 3.1e-06,
    "EchoTime": 0.03,
    "EffectiveEchoSpacing": 0.000460005,
    "FlipAngle": 90,
    "ImageOrientationPatientDICOM": [
      0.999907,
      -0.0104718,
      -0.00872606,
      0.0104714,
      0.999945,
      -9.13825e-05
    ],
    "ImageType": [
      "ORIGINAL",
      "PRIMARY",
      "M",
      "ND",
      "MOSAIC"
    ],
    "InPlanePhaseEncodingDirectionDICOM": "COL",
    "InstitutionAddress": "Xinjiekouwai_Street_No_19_Beijing_Haidian_District_CN_100875",
    "InstitutionName": "Beijing_Normal_Universtiy_7C3C54",
    "InstitutionalDepartmentName": "Department",
    "MRAcquisitionType": "2D",
    "MagneticFieldStrength": 3,
    "Manufacturer": "Siemens",
    "ManufacturersModelName": "TrioTim",
    "Modality": "MR",
    "PartialFourier": 1,
    "PatientPosition": "HFS",
    "PercentPhaseFOV": 100,
    "PhaseEncodingDirection": "j-",
    "PhaseEncodingSteps": 64,
    "PhaseResolution": 1,
    "PixelBandwidth": 2520,
    "ProcedureStepDescription": "BNU_cst_2015_Liu.Jia",
    "ProtocolName": "ge_func_pace_3x3x3.5_185",
    "PulseSequenceDetails": "%SiemensSeq%_ep2d_bold",
    "ReceiveCoilName": "HeadMatrix",
    "ReconMatrixPE": 64,
    "RepetitionTime": 2,
    "SAR": 0.123114,
    "ScanOptions": "FS",
    "ScanningSequence": "EP",
    "SequenceName": "_epfid2d1_64",
    "SequenceVariant": "SK",
    "SeriesDescription": "ge_func_pace_3x3x3.5_185",
    "SeriesNumber": 8,
    "ShimSetting": [
      -4492,
      -19436,
      -9807,
      1227,
      -101,
      -192,
      71,
      -52
    ],
    "SliceThickness": 3.5,
    "SliceTiming": [
      0,
      1.035,
      0.06,
      1.095,
      0.1225,
      1.155,
      0.1825,
      1.2175,
      0.2425,
      1.2775,
      0.305,
      1.3375,
      0.365,
      1.4,
      0.425,
      1.46,
      0.4875,
      1.52,
      0.5475,
      1.5825,
      0.6075,
      1.6425,
      0.67,
      1.7025,
      0.73,
      1.765,
      0.79,
      1.825,
      0.8525,
      1.885,
      0.9125,
      1.9475,
      0.9725
    ],
    "SoftwareVersions": "syngo_MR_B17",
    "SpacingBetweenSlices": 4.2,
    "StationName": "MRC35193",
    "TotalReadoutTime": 0.0289803,
    "TxRefAmp": 317.34,
    "dataset": "ds003696",
    "modality": "bold",
    "run_id": 4,
    "session_id": "01",
    "subject_id": "101",
    "task_id": "affordance"
  },
  "dummy_trs": 1,
  "dvars_nstd": 16.306694176612016,
  "dvars_std": 1.0549839261202187,
  "dvars_vstd": 0.989917380382514,
  "efc": 0.5056847410958063,
  "fber": 1134.6107177734375,
  "fd_mean": 0.07293691519064863,
  "fd_num": 0,
  "fd_perc": 0.0,
  "fwhm_avg": 2.0910195247150622,
  "fwhm_x": 2.0540352,
  "fwhm_y": 2.3015616,
  "fwhm_z": 1.9174617741451871,
  "gcor": 0.0127334,
  "gsr_x": 0.010838227346539497,
  "gsr_y": 0.021547751501202583,
  "provenance": {
    "md5sum": "eb9b465206a738fa3947635995330ba7",
    "settings": {
      "fd_thres": 0.2,
      "testing": false
    },
    "software": "mriqc",
    "version": "23.0.1",
    "webapi_port": null,
    "webapi_url": "https://mriqc.nimh.nih.gov/api/v1"
  },
  "size_t": 184,
  "size_x": 64,
  "size_y": 64,
  "size_z": 33,
  "snr": 5.625496513736108,
  "spacing_tr": 2.0,
  "spacing_x": 3.125,
  "spacing_y": 3.125,
  "spacing_z": 4.200000286102295,
  "summary_bg_k": 30.662740184407433,
  "summary_bg_mad": 11.96556939977078,
  "summary_bg_mean": 52.63788604736328,
  "summary_bg_median": 27.565217971801758,
  "summary_bg_n": 85031.0,
  "summary_bg_p05": 18.673913955688477,
  "summary_bg_p95": 163.9375,
  "summary_bg_stdv": 75.9940185546875,
  "summary_fg_k": 0.5539489835004558,
  "summary_fg_mad": 158.59011526189374,
  "summary_fg_mean": 944.7562255859375,
  "summary_fg_median": 943.05712890625,
  "summary_fg_n": 20640.0,
  "summary_fg_p05": 669.7019226074219,
  "summary_fg_p95": 1221.4813232421873,
  "summary_fg_stdv": 167.6357421875,
  "tsnr": 87.60353295784444
}