{
  "aor": 0.001110408163265306,
  "aqi": 0.0023782664285714288,
  "bids_meta": {
    "AcquisitionMatrixPE": 64,
    "AcquisitionNumber": 1,
    "AcquisitionTime": "14:18:3.182500",
    "BandwidthPerPixelPhaseEncode": 33.967,
    "BaseResolution": 64,
    "ConversionSoftware": "dcm2niix",
    "ConversionSoftwareVersion": "v1.0.20180622 GCC4.9.2",
    "DerivedVendorReportedEchoSpacing": 0.000460005,
    "DeviceSerialNumber": "35193",
    "DwellTime": 3.1e-06,
    "EchoTime": 0.03,
    "EffectiveEchoSpacing": 0.000460005,
    "FlipAngle": 90,
    "ImageOrientationPatientDICOM": [
      0.999907,
      -0.0104718,
      -0.00872606,
      0.0104714,
      0.999945,
      -9.13825e-05
    ],
    "ImageType": [
      "ORIGINAL",
      "PRIMARY",
      "M",
      "ND",
      "MOSAIC"
    ],
    "InPlanePhaseEncodingDirectionDICOM": "COL",
    "InstitutionAddress": "Xinjiekouwai_Street_No_19_Beijing_Haidian_District_CN_100875",
    "InstitutionName": "Beijing_Normal_Universtiy_7C3C54",
    "InstitutionalDepartmentName": "Department",
    "MRAcquisitionType": "2D",
    "MagneticFieldStrength": 3,
    "Manufacturer": "Siemens",
    "ManufacturersModelName": "TrioTim",
    "Modality": "MR",
    "PartialFourier": 1,
    "PatientPosition": "HFS",
    "PercentPhaseFOV": 100,
    "PhaseEncodingDirection": "j-",
    "PhaseEncodingSteps": 64,
    "PhaseResolution": 1,
    "PixelBandwidth": 2520,
    "ProcedureStepDescription": "BNU_cst_2015_Liu.Jia",
    "ProtocolName": "ge_func_pace_3x3x3.5_99",
    "PulseSequenceDetails": "%SiemensSeq%_ep2d_bold",
    "ReceiveCoilName": "HeadMatrix",
    "ReconMatrixPE": 64,
    "RepetitionTime": 2,
    "SAR": 0.122696,
    "ScanOptions": "FS",
    "ScanningSequence": "EP",
    "SequenceName": "_epfid2d1_64",
    "SequenceVariant": "SK",
    "SeriesDescription": "ge_func_pace_3x3x3.5_99",
    "SeriesNumber": 14,
    "ShimSetting": [
      -4492,
      -19436,
      -9807,
      1227,
      -101,
      -192,
      71,
      -52
    ],
    "SliceThickness": 3.5,
    "SliceTiming": [
      0,
      1.035,
      0.06,
      1.095,
      0.1225,
      1.155,
      0.1825,
      1.2175,
      0.2425,
      1.2775,
      0.305,
      1.3375,
      0.365,
      1.4,
      0.425,
      1.46,
      0.4875,
      1.52,
      0.5475,
      1.5825,
      0.6075,
      1.6425,
      0.67,
      1.7025,
      0.73,
      1.765,
      0.79,
      1.825,
      0.8525,
      1.885,
      0.9125,
      1.9475,
      0.9725
    ],
    "SoftwareVersions": "syngo_MR_B17",
    "SpacingBetweenSlices": 4.2,
    "StationName": "MRC35193",
    "TotalReadoutTime": 0.0289803,
    "TxRefAmp": 317.34,
    "dataset": "ds003696",
    "modality": "bold",
    "run_id": 3,
    "session_id": "01",
    "subject_id": "101",
    "task_id": "localizer"
  },
  "dummy_trs": 1,
  "dvars_nstd": 15.52097022701031,
  "dvars_std": 1.0623276430927835,
  "dvars_vstd": 1.0269339200000003,
  "efc": 0.5059545382202509,
  "fber": 1123.4874267578125,
  "fd_mean": 0.07514320530082724,
  "fd_num": 0,
  "fd_perc": 0.0,
  "fwhm_avg": 2.09958128329898,
  "fwhm_x": 2.0546592,
  "fwhm_y": 2.3201823999999998,
  "fwhm_z": 1.9239022498969407,
  "gcor": 0.00894467,
  "gsr_x": 0.010105171240866184,
  "gsr_y": 0.022164305672049522,
  "provenance": {
    "md5sum": "b66e29e12fc7a2cab25dbb8ec13b959e",
    "settings": {
      "fd_thres": 0.2,
      "testing": false
    },
    "software": "mriqc",
    "version": "23.0.1",
    "webapi_port": null,
    "webapi_url": "https://mriqc.nimh.nih.gov/api/v1"
  },
  "size_t": 98,
  "size_x": 64,
  "size_y": 64,
  "size_z": 33,
  "snr": 5.646069813323195,
  "spacing_tr": 2.0,
  "spacing_x": 3.125,
  "spacing_y": 3.125,
  "spacing_z": 4.200000286102295,
  "summary_bg_k": 30.183251263325552,
  "summary_bg_mad": 12.08774619735252,
  "summary_bg_mean": 52.7678337097168,
  "summary_bg_median": 27.693876266479492,
  "summary_bg_n": 85069.0,
  "summary_bg_p05": 18.663265228271484,
  "summary_bg_p95": 164.99183349609356,
  "summary_bg_stdv": 75.64751434326172,
  "summary_fg_k": 0.44563913856959614,
  "summary_fg_mad": 159.8335501425386,
  "summary_fg_mean": 943.646240234375,
  "summary_fg_median": 941.4795532226562,
  "summary_fg_n": 20545.0,
  "summary_fg_p05": 670.5530639648438,
  "summary_fg_p95": 1220.355126953125,
  "summary_fg_stdv": 166.7454833984375,
  "tsnr": 91.35674868011847
}