{
  "aor": 0.0005740217391304348,
  "aqi": 0.0022750259782608694,
  "bids_meta": {
    "AcquisitionMatrixPE": 64,
    "AcquisitionNumber": 1,
    "AcquisitionTime": "13:54:34.705000",
    "BandwidthPerPixelPhaseEncode": 33.967,
    "BaseResolution": 64,
    "ConversionSoftware": "dcm2niix",
    "ConversionSoftwareVersion": "v1.0.20180622 GCC4.9.2",
    "DerivedVendorReportedEchoSpacing": 0.000460005,
    "DeviceSerialNumber": "35193",
    "DwellTime": 3.1e-06,
    "EchoTime": 0.03,
    "EffectiveEchoSpacing": 0.000460005,
    "FlipAngle": 90,
    "ImageOrientationPatientDICOM": [
      0.999907,
      -0.0104718,
      -0.00872606,
      0.0104714,
      0.999945,
      -9.13825e-05
    ],
    "ImageType": [
      "ORIGINAL",
      "PRIMARY",
      "M",
      "ND",
      "MOSAIC"
    ],
    "InPlanePhaseEncodingDirectionDICOM": "COL",
    "InstitutionAddress": "Xinjiekouwai_Street_No_19_Beijing_Haidian_District_CN_100875",
    "InstitutionName": "Beijing_Normal_Universtiy_7C3C54",
    "InstitutionalDepartmentName": "Department",
    "MRAcquisitionType": "2D",
    "MagneticFieldStrength": 3,
    "Manufacturer": "Siemens",
    "ManufacturersModelName": "TrioTim",
    "Modality": "MR",
    "PartialFourier": 1,
    "PatientPosition": "HFS",
    "PercentPhaseFOV": 100,
    "PhaseEncodingDirection": "j-",
    "PhaseEncodingSteps": 64,
    "PhaseResolution": 1,
    "PixelBandwidth": 2520,
    "ProcedureStepDescription": "BNU_cst_2015_Liu.Jia",
    "ProtocolName": "ge_func_pace_3x3x3.5_185",
    "PulseSequenceDetails": "%SiemensSeq%_ep2d_bold",
    "ReceiveCoilName": "HeadMatrix",
    "ReconMatrixPE": 64,
    "RepetitionTime": 2,
    "SAR": 0.123114,
    "ScanOptions": "FS",
    "ScanningSequence": "EP",
    "SequenceName": "_epfid2d1_64",
    "SequenceVariant": "SK",
    "SeriesDescription": "ge_func_pace_3x3x3.5_185",
    "SeriesNumber": 6,
    "ShimSetting": [
      -4492,
      -19436,
      -9807,
      1227,
      -101,
      -192,
      71,
      -52
    ],
    "SliceThickness": 3.5,
    "SliceTiming": [
      0,
      1.035,
      0.0625,
      1.095,
      0.1225,
      1.1575,
      0.1825,
      1.2175,
      0.245,
      1.2775,
      0.305,
      1.34,
      0.365,
      1.4,
      0.4275,
      1.46,
      0.4875,
      1.5225,
      0.5475,
      1.5825,
      0.61,
      1.6425,
      0.67,
      1.705,
      0.73,
      1.765,
      0.7925,
      1.825,
      0.8525,
      1.8875,
      0.9125,
      1.9475,
      0.975
    ],
    "SoftwareVersions": "syngo_MR_B17",
    "SpacingBetweenSlices": 4.2,
    "StationName": "MRC35193",
    "TotalReadoutTime": 0.0289803,
    "TxRefAmp": 317.34,
    "dataset": "ds003696",
    "modality": "bold",
    "run_id": 3,
    "session_id": "01",
    "subject_id": "101",
    "task_id": "affordance"
  },
  "dummy_trs": 1,
  "dvars_nstd": 16.410637506065576,
  "dvars_std": 1.0710564423497269,
  "dvars_vstd": 0.9992729200546449,
  "efc": 0.5050699971062123,
  "fber": 1146.1795654296875,
  "fd_mean": 0.07426897424614991,
  "fd_num": 0,
  "fd_perc": 0.0,
  "fwhm_avg": 2.083998896451632,
  "fwhm_x": 2.0588352,
  "fwhm_y": 2.289264,
  "fwhm_z": 1.903897489354895,
  "gcor": 0.0122319,
  "gsr_x": 0.01096324808895588,
  "gsr_y": 0.021585848182439804,
  "provenance": {
    "md5sum": "ae8253f7dd7290de67d9a1d65daa18db",
    "settings": {
      "fd_thres": 0.2,
      "testing": false
    },
    "software": "mriqc",
    "version": "23.0.1",
    "webapi_port": null,
    "webapi_url": "https://mriqc.nimh.nih.gov/api/v1"
  },
  "size_t": 184,
  "size_x": 64,
  "size_y": 64,
  "size_z": 33,
  "snr": 5.611564683478116,
  "spacing_tr": 2.0,
  "spacing_x": 3.125,
  "spacing_y": 3.125,
  "spacing_z": 4.200000286102295,
  "summary_bg_k": 30.639327513371704,
  "summary_bg_mad": 11.876933604297989,
  "summary_bg_mean": 52.382545471191406,
  "summary_bg_median": 27.467391967773438,
  "summary_bg_n": 85076.0,
  "summary_bg_p05": 18.657609939575195,
  "summary_bg_p95": 163.0122299194336,
  "summary_bg_stdv": 75.70155334472656,
  "summary_fg_k": 0.557476853327493,
  "summary_fg_mad": 159.154235271059,
  "summary_fg_mean": 946.2643432617188,
  "summary_fg_median": 944.396728515625,
  "summary_fg_n": 20653.0,
  "summary_fg_p05": 672.6858764648438,
  "summary_fg_p95": 1225.3174072265624,
  "summary_fg_stdv": 168.2906494140625,
  "tsnr": 91.58191923424602
}