{
  "aor": 0.001081717171717172,
  "aqi": 0.005725330303030302,
  "bids_meta": {
    "AcquisitionMatrixPE": 64,
    "AcquisitionNumber": 1,
    "AcquisitionTime": "13:17:44.335000",
    "BandwidthPerPixelPhaseEncode": 33.967,
    "BaseResolution": 64,
    "ConversionSoftware": "dcm2niix",
    "ConversionSoftwareVersion": "v1.0.20180622 GCC4.9.2",
    "DerivedVendorReportedEchoSpacing": 0.000460005,
    "DeviceSerialNumber": "35193",
    "DwellTime": 3.1e-06,
    "EchoTime": 0.03,
    "EffectiveEchoSpacing": 0.000460005,
    "FlipAngle": 90,
    "ImageOrientationPatientDICOM": [
      1,
      0,
      0,
      0,
      1,
      0
    ],
    "ImageType": [
      "ORIGINAL",
      "PRIMARY",
      "M",
      "ND",
      "MOSAIC"
    ],
    "InPlanePhaseEncodingDirectionDICOM": "COL",
    "InstitutionAddress": "Xinjiekouwai_Street_No_19_Beijing_Haidian_District_CN_100875",
    "InstitutionName": "Beijing_Normal_Universtiy_7C3C54",
    "InstitutionalDepartmentName": "Department",
    "MRAcquisitionType": "2D",
    "MagneticFieldStrength": 3,
    "Manufacturer": "Siemens",
    "ManufacturersModelName": "TrioTim",
    "Modality": "MR",
    "PartialFourier": 1,
    "PatientPosition": "HFS",
    "PercentPhaseFOV": 100,
    "PhaseEncodingDirection": "j-",
    "PhaseEncodingSteps": 64,
    "PhaseResolution": 1,
    "PixelBandwidth": 2520,
    "ProcedureStepDescription": "BNU_cst_2015_Liu.Jia",
    "ProtocolName": "ge_func_pace_3x3x3.5_99",
    "PulseSequenceDetails": "%SiemensSeq%_ep2d_bold",
    "ReceiveCoilName": "HeadMatrix",
    "ReconMatrixPE": 64,
    "RepetitionTime": 2,
    "SAR": 0.135272,
    "ScanOptions": "FS",
    "ScanningSequence": "EP",
    "SequenceName": "_epfid2d1_64",
    "SequenceVariant": "SK",
    "SeriesDescription": "ge_func_pace_3x3x3.5_99",
    "SeriesNumber": 14,
    "ShimSetting": [
      -4507,
      -19283,
      -9975,
      976,
      -120,
      -4,
      58,
      -80
    ],
    "SliceThickness": 3.5,
    "SliceTiming": [
      0,
      1.035,
      0.06,
      1.095,
      0.1225,
      1.155,
      0.1825,
      1.2175,
      0.2425,
      1.2775,
      0.305,
      1.3375,
      0.365,
      1.4,
      0.425,
      1.46,
      0.4875,
      1.52,
      0.5475,
      1.5825,
      0.6075,
      1.6425,
      0.67,
      1.7025,
      0.73,
      1.765,
      0.79,
      1.825,
      0.8525,
      1.885,
      0.9125,
      1.9475,
      0.9725
    ],
    "SoftwareVersions": "syngo_MR_B17",
    "SpacingBetweenSlices": 4.2,
    "StationName": "MRC35193",
    "TotalReadoutTime": 0.0289803,
    "TxRefAmp": 323.941,
    "dataset": "ds003696",
    "modality": "bold",
    "run_id": 3,
    "session_id": "01",
    "subject_id": "118",
    "task_id": "localizer"
  },
  "dummy_trs": 0,
  "dvars_nstd": 25.697250482755102,
  "dvars_std": 1.277865419489796,
  "dvars_vstd": 1.0117533296938779,
  "efc": 0.5274446098828155,
  "fber": 929.5618896484375,
  "fd_mean": 0.09473700107923122,
  "fd_num": 1,
  "fd_perc": 1.0101010101010102,
  "fwhm_avg": 1.963362325275103,
  "fwhm_x": 1.9101856000000002,
  "fwhm_y": 2.2053632,
  "fwhm_z": 1.7745381758253087,
  "gcor": 0.0307319,
  "gsr_x": -0.006178930401802063,
  "gsr_y": 0.021731888875365257,
  "provenance": {
    "md5sum": "52d2a83b2900f1e2709d0fc07861ba0d",
    "settings": {
      "fd_thres": 0.2,
      "testing": false
    },
    "software": "mriqc",
    "version": "23.0.1",
    "webapi_port": null,
    "webapi_url": "https://mriqc.nimh.nih.gov/api/v1"
  },
  "size_t": 99,
  "size_x": 64,
  "size_y": 64,
  "size_z": 33,
  "snr": 6.549892677175721,
  "spacing_tr": 2.0,
  "spacing_x": 3.125,
  "spacing_y": 3.125,
  "spacing_z": 4.199999809265137,
  "summary_bg_k": 41.110962105921125,
  "summary_bg_mad": 14.017333664939365,
  "summary_bg_mean": 57.65715408325195,
  "summary_bg_median": 31.101009368896484,
  "summary_bg_n": 82225.0,
  "summary_bg_p05": 20.717172622680664,
  "summary_bg_p95": 178.8343383789063,
  "summary_bg_stdv": 77.65677642822266,
  "summary_fg_k": 1.7258692844070271,
  "summary_fg_mad": 124.05925627931039,
  "summary_fg_mean": 971.7963256835938,
  "summary_fg_median": 976.3838500976562,
  "summary_fg_n": 22309.0,
  "summary_fg_p05": 711.3333129882812,
  "summary_fg_p95": 1201.470678710937,
  "summary_fg_stdv": 149.06533813476562,
  "tsnr": 79.61461018491536
}