{
  "aor": 0.0021971351351351355,
  "aqi": 0.007417357783783783,
  "bids_meta": {
    "AcquisitionMatrixPE": 64,
    "AcquisitionNumber": 1,
    "AcquisitionTime": "12:37:49.815000",
    "BandwidthPerPixelPhaseEncode": 33.967,
    "BaseResolution": 64,
    "ConversionSoftware": "dcm2niix",
    "ConversionSoftwareVersion": "v1.0.20180622 GCC4.9.2",
    "DerivedVendorReportedEchoSpacing": 0.000460005,
    "DeviceSerialNumber": "35193",
    "DwellTime": 3.1e-06,
    "EchoTime": 0.03,
    "EffectiveEchoSpacing": 0.000460005,
    "FlipAngle": 90,
    "ImageOrientationPatientDICOM": [
      1,
      0,
      0,
      0,
      1,
      0
    ],
    "ImageType": [
      "ORIGINAL",
      "PRIMARY",
      "M",
      "ND",
      "MOSAIC"
    ],
    "InPlanePhaseEncodingDirectionDICOM": "COL",
    "InstitutionAddress": "Xinjiekouwai_Street_No_19_Beijing_Haidian_District_CN_100875",
    "InstitutionName": "Beijing_Normal_Universtiy_7C3C54",
    "InstitutionalDepartmentName": "Department",
    "MRAcquisitionType": "2D",
    "MagneticFieldStrength": 3,
    "Manufacturer": "Siemens",
    "ManufacturersModelName": "TrioTim",
    "Modality": "MR",
    "PartialFourier": 1,
    "PatientPosition": "HFS",
    "PercentPhaseFOV": 100,
    "PhaseEncodingDirection": "j-",
    "PhaseEncodingSteps": 64,
    "PhaseResolution": 1,
    "PixelBandwidth": 2520,
    "ProcedureStepDescription": "BNU_cst_2015_Liu.Jia",
    "ProtocolName": "ge_func_pace_3x3x3.5_185",
    "PulseSequenceDetails": "%SiemensSeq%_ep2d_bold",
    "ReceiveCoilName": "HeadMatrix",
    "ReconMatrixPE": 64,
    "RepetitionTime": 2,
    "SAR": 0.135732,
    "ScanOptions": "FS",
    "ScanningSequence": "EP",
    "SequenceName": "_epfid2d1_64",
    "SequenceVariant": "SK",
    "SeriesDescription": "ge_func_pace_3x3x3.5_185",
    "SeriesNumber": 2,
    "ShimSetting": [
      -4507,
      -19283,
      -9975,
      976,
      -120,
      -4,
      58,
      -80
    ],
    "SliceThickness": 3.5,
    "SliceTiming": [
      0,
      1.035,
      0.0625,
      1.095,
      0.1225,
      1.1575,
      0.1825,
      1.2175,
      0.245,
      1.2775,
      0.305,
      1.34,
      0.365,
      1.4,
      0.4275,
      1.46,
      0.4875,
      1.5225,
      0.5475,
      1.5825,
      0.61,
      1.6425,
      0.67,
      1.705,
      0.73,
      1.765,
      0.7925,
      1.825,
      0.8525,
      1.8875,
      0.9125,
      1.9475,
      0.975
    ],
    "SoftwareVersions": "syngo_MR_B17",
    "SpacingBetweenSlices": 4.2,
    "StationName": "MRC35193",
    "TotalReadoutTime": 0.0289803,
    "TxRefAmp": 323.941,
    "dataset": "ds003696",
    "modality": "bold",
    "run_id": 4,
    "session_id": "01",
    "subject_id": "118",
    "task_id": "affordance"
  },
  "dummy_trs": 0,
  "dvars_nstd": 24.533575939402166,
  "dvars_std": 1.274672667228261,
  "dvars_vstd": 1.0090026067934776,
  "efc": 0.5255424839477463,
  "fber": 950.1063842773438,
  "fd_mean": 0.08326322249004652,
  "fd_num": 2,
  "fd_perc": 1.0810810810810811,
  "fwhm_avg": 1.9747852201713025,
  "fwhm_x": 1.9457024,
  "fwhm_y": 2.2267008,
  "fwhm_z": 1.7519524605139078,
  "gcor": 0.0268392,
  "gsr_x": -0.005709983874112368,
  "gsr_y": 0.020522037521004677,
  "provenance": {
    "md5sum": "bcf7fa90f26adc9b4fdb805a095509f0",
    "settings": {
      "fd_thres": 0.2,
      "testing": false
    },
    "software": "mriqc",
    "version": "23.0.1",
    "webapi_port": null,
    "webapi_url": "https://mriqc.nimh.nih.gov/api/v1"
  },
  "size_t": 185,
  "size_x": 64,
  "size_y": 64,
  "size_z": 33,
  "snr": 6.576239095497564,
  "spacing_tr": 2.0,
  "spacing_x": 3.125,
  "spacing_y": 3.125,
  "spacing_z": 4.199999809265137,
  "summary_bg_k": 43.689771419839424,
  "summary_bg_mad": 14.297094636159338,
  "summary_bg_mean": 56.95647048950195,
  "summary_bg_median": 30.827028274536133,
  "summary_bg_n": 82414.0,
  "summary_bg_p05": 20.070270538330078,
  "summary_bg_p95": 175.11460113525334,
  "summary_bg_stdv": 78.97607421875,
  "summary_fg_k": 1.7182194174673802,
  "summary_fg_mad": 122.7274118303379,
  "summary_fg_mean": 962.4922485351562,
  "summary_fg_median": 969.148681640625,
  "summary_fg_n": 22122.0,
  "summary_fg_p05": 699.4818908691407,
  "summary_fg_p95": 1186.5156799316408,
  "summary_fg_stdv": 147.36793518066406,
  "tsnr": 67.64205074915662
}