{
  "aor": 0.0013227272727272725,
  "aqi": 0.005218967474747474,
  "bids_meta": {
    "AcquisitionMatrixPE": 64,
    "AcquisitionNumber": 1,
    "AcquisitionTime": "13:06:53.842500",
    "BandwidthPerPixelPhaseEncode": 33.967,
    "BaseResolution": 64,
    "ConversionSoftware": "dcm2niix",
    "ConversionSoftwareVersion": "v1.0.20180622 GCC4.9.2",
    "DerivedVendorReportedEchoSpacing": 0.000460005,
    "DeviceSerialNumber": "35193",
    "DwellTime": 3.1e-06,
    "EchoTime": 0.03,
    "EffectiveEchoSpacing": 0.000460005,
    "FlipAngle": 90,
    "ImageOrientationPatientDICOM": [
      1,
      0,
      0,
      0,
      1,
      0
    ],
    "ImageType": [
      "ORIGINAL",
      "PRIMARY",
      "M",
      "ND",
      "MOSAIC"
    ],
    "InPlanePhaseEncodingDirectionDICOM": "COL",
    "InstitutionAddress": "Xinjiekouwai_Street_No_19_Beijing_Haidian_District_CN_100875",
    "InstitutionName": "Beijing_Normal_Universtiy_7C3C54",
    "InstitutionalDepartmentName": "Department",
    "MRAcquisitionType": "2D",
    "MagneticFieldStrength": 3,
    "Manufacturer": "Siemens",
    "ManufacturersModelName": "TrioTim",
    "Modality": "MR",
    "PartialFourier": 1,
    "PatientPosition": "HFS",
    "PercentPhaseFOV": 100,
    "PhaseEncodingDirection": "j-",
    "PhaseEncodingSteps": 64,
    "PhaseResolution": 1,
    "PixelBandwidth": 2520,
    "ProcedureStepDescription": "BNU_cst_2015_Liu.Jia",
    "ProtocolName": "ge_func_pace_3x3x3.5_99",
    "PulseSequenceDetails": "%SiemensSeq%_ep2d_bold",
    "ReceiveCoilName": "HeadMatrix",
    "ReconMatrixPE": 64,
    "RepetitionTime": 2,
    "SAR": 0.135272,
    "ScanOptions": "FS",
    "ScanningSequence": "EP",
    "SequenceName": "_epfid2d1_64",
    "SequenceVariant": "SK",
    "SeriesDescription": "ge_func_pace_3x3x3.5_99",
    "SeriesNumber": 10,
    "ShimSetting": [
      -4507,
      -19283,
      -9975,
      976,
      -120,
      -4,
      58,
      -80
    ],
    "SliceThickness": 3.5,
    "SliceTiming": [
      0,
      1.0325,
      0.06,
      1.095,
      0.12,
      1.155,
      0.1825,
      1.215,
      0.2425,
      1.2775,
      0.3025,
      1.3375,
      0.365,
      1.3975,
      0.425,
      1.46,
      0.485,
      1.52,
      0.5475,
      1.58,
      0.6075,
      1.6425,
      0.6675,
      1.7025,
      0.73,
      1.7625,
      0.79,
      1.825,
      0.85,
      1.885,
      0.9125,
      1.945,
      0.9725
    ],
    "SoftwareVersions": "syngo_MR_B17",
    "SpacingBetweenSlices": 4.2,
    "StationName": "MRC35193",
    "TotalReadoutTime": 0.0289803,
    "TxRefAmp": 323.941,
    "dataset": "ds003696",
    "modality": "bold",
    "run_id": 1,
    "session_id": "01",
    "subject_id": "118",
    "task_id": "localizer"
  },
  "dummy_trs": 0,
  "dvars_nstd": 25.52359664704082,
  "dvars_std": 1.2932274898979594,
  "dvars_vstd": 1.0178525846938773,
  "efc": 0.5265095380156777,
  "fber": 949.3179321289062,
  "fd_mean": 0.0918668502068143,
  "fd_num": 2,
  "fd_perc": 2.0202020202020203,
  "fwhm_avg": 1.9670261347848559,
  "fwhm_x": 1.9103648000000002,
  "fwhm_y": 2.217104,
  "fwhm_z": 1.773609604354568,
  "gcor": 0.024377,
  "gsr_x": -0.00558261526748538,
  "gsr_y": 0.021091913804411888,
  "provenance": {
    "md5sum": "d40f148718fa4fc54e7f9b57e774c1bc",
    "settings": {
      "fd_thres": 0.2,
      "testing": false
    },
    "software": "mriqc",
    "version": "23.0.1",
    "webapi_port": null,
    "webapi_url": "https://mriqc.nimh.nih.gov/api/v1"
  },
  "size_t": 99,
  "size_x": 64,
  "size_y": 64,
  "size_z": 33,
  "snr": 6.607503494903086,
  "spacing_tr": 2.0,
  "spacing_x": 3.125,
  "spacing_y": 3.125,
  "spacing_z": 4.199999809265137,
  "summary_bg_k": 40.840187872737886,
  "summary_bg_mad": 13.882550359693711,
  "summary_bg_mean": 57.257591247558594,
  "summary_bg_median": 30.898990631103516,
  "summary_bg_n": 82371.0,
  "summary_bg_p05": 20.565656661987305,
  "summary_bg_p95": 177.6666717529297,
  "summary_bg_stdv": 77.66789245605469,
  "summary_fg_k": 1.7546774186954543,
  "summary_fg_mad": 123.25062997165867,
  "summary_fg_mean": 971.253662109375,
  "summary_fg_median": 976.16162109375,
  "summary_fg_n": 22236.0,
  "summary_fg_p05": 712.654052734375,
  "summary_fg_p95": 1198.2322998046875,
  "summary_fg_stdv": 147.73199462890625,
  "tsnr": 82.42601208330598
}