{
  "aor": 0.0013807142857142857,
  "aqi": 0.0039121203846153845,
  "bids_meta": {
    "AcquisitionMatrixPE": 64,
    "AcquisitionNumber": 1,
    "AcquisitionTime": "15:12:19.437500",
    "BandwidthPerPixelPhaseEncode": 33.967,
    "BaseResolution": 64,
    "ConversionSoftware": "dcm2niix",
    "ConversionSoftwareVersion": "v1.0.20180622 GCC4.9.2",
    "DerivedVendorReportedEchoSpacing": 0.000460005,
    "DeviceSerialNumber": "35193",
    "DwellTime": 3.1e-06,
    "EchoTime": 0.03,
    "EffectiveEchoSpacing": 0.000460005,
    "FlipAngle": 90,
    "ImageOrientationPatientDICOM": [
      0.999328,
      -1e-16,
      0.0366437,
      1e-16,
      1,
      0
    ],
    "ImageType": [
      "ORIGINAL",
      "PRIMARY",
      "M",
      "ND",
      "MOSAIC"
    ],
    "InPlanePhaseEncodingDirectionDICOM": "COL",
    "InstitutionAddress": "Xinjiekouwai_Street_No_19_Beijing_Haidian_District_CN_100875",
    "InstitutionName": "Beijing_Normal_Universtiy_7C3C54",
    "InstitutionalDepartmentName": "Department",
    "MRAcquisitionType": "2D",
    "MagneticFieldStrength": 3,
    "Manufacturer": "Siemens",
    "ManufacturersModelName": "TrioTim",
    "Modality": "MR",
    "PartialFourier": 1,
    "PatientPosition": "HFS",
    "PercentPhaseFOV": 100,
    "PhaseEncodingDirection": "j-",
    "PhaseEncodingSteps": 64,
    "PhaseResolution": 1,
    "PixelBandwidth": 2520,
    "ProcedureStepDescription": "BNU_cst_2019_Xu.Shan",
    "ProtocolName": "ge_func_pace_3x3x3.5_185",
    "PulseSequenceDetails": "%SiemensSeq%_ep2d_bold",
    "ReceiveCoilName": "HeadMatrix",
    "ReconMatrixPE": 64,
    "RepetitionTime": 2,
    "SAR": 0.144943,
    "ScanOptions": "FS",
    "ScanningSequence": "EP",
    "SequenceName": "_epfid2d1_64",
    "SequenceVariant": "SK",
    "SeriesDescription": "ge_func_pace_3x3x3.5_185",
    "SeriesNumber": 4,
    "ShimSetting": [
      -4482,
      -19400,
      -9839,
      1111,
      -394,
      -92,
      258,
      -82
    ],
    "SliceThickness": 3.5,
    "SliceTiming": [
      0,
      1.035,
      0.06,
      1.095,
      0.1225,
      1.155,
      0.1825,
      1.2175,
      0.2425,
      1.2775,
      0.305,
      1.3375,
      0.365,
      1.4,
      0.425,
      1.46,
      0.4875,
      1.52,
      0.5475,
      1.5825,
      0.6075,
      1.6425,
      0.67,
      1.7025,
      0.73,
      1.765,
      0.79,
      1.825,
      0.8525,
      1.885,
      0.9125,
      1.9475,
      0.9725
    ],
    "SoftwareVersions": "syngo_MR_B17",
    "SpacingBetweenSlices": 4.2,
    "StationName": "MRC35193",
    "TotalReadoutTime": 0.0289803,
    "TxRefAmp": 316.871,
    "dataset": "ds003696",
    "modality": "bold",
    "run_id": 3,
    "session_id": "01",
    "subject_id": "134",
    "task_id": "affordance"
  },
  "dummy_trs": 3,
  "dvars_nstd": 19.68985192955801,
  "dvars_std": 1.171103751767955,
  "dvars_vstd": 1.0142660134806631,
  "efc": 0.5239461842947818,
  "fber": 1218.19482421875,
  "fd_mean": 0.04538705555584175,
  "fd_num": 1,
  "fd_perc": 0.5494505494505495,
  "fwhm_avg": 1.9481020206890116,
  "fwhm_x": 1.895632,
  "fwhm_y": 2.1625216,
  "fwhm_z": 1.7861524620670346,
  "gcor": 0.0123691,
  "gsr_x": -0.004168152809143066,
  "gsr_y": 0.023365352302789688,
  "provenance": {
    "md5sum": "56c3020b7159e9855e2511cbb67f3c03",
    "settings": {
      "fd_thres": 0.2,
      "testing": false
    },
    "software": "mriqc",
    "version": "23.0.1",
    "webapi_port": null,
    "webapi_url": "https://mriqc.nimh.nih.gov/api/v1"
  },
  "size_t": 182,
  "size_x": 64,
  "size_y": 64,
  "size_z": 33,
  "snr": 6.2474905946391015,
  "spacing_tr": 2.0,
  "spacing_x": 3.125,
  "spacing_y": 3.125,
  "spacing_z": 4.199999809265137,
  "summary_bg_k": 23.793562205684662,
  "summary_bg_mad": 9.962760688814328,
  "summary_bg_mean": 48.442626953125,
  "summary_bg_median": 25.4725284576416,
  "summary_bg_n": 81150.0,
  "summary_bg_p05": 17.763736724853516,
  "summary_bg_p95": 160.99258422851568,
  "summary_bg_stdv": 63.990360260009766,
  "summary_fg_k": 1.0791874051080619,
  "summary_fg_mad": 130.04540752189968,
  "summary_fg_mean": 906.4290161132812,
  "summary_fg_median": 903.7692260742188,
  "summary_fg_n": 23505.0,
  "summary_fg_p05": 672.032958984375,
  "summary_fg_p95": 1149.02197265625,
  "summary_fg_stdv": 144.6580810546875,
  "tsnr": 82.0876717712963
}