{
  "aor": 0.001482,
  "aqi": 0.0038139318378378377,
  "bids_meta": {
    "AcquisitionMatrixPE": 64,
    "AcquisitionNumber": 1,
    "AcquisitionTime": "15:19:10.622500",
    "BandwidthPerPixelPhaseEncode": 33.967,
    "BaseResolution": 64,
    "ConversionSoftware": "dcm2niix",
    "ConversionSoftwareVersion": "v1.0.20180622 GCC4.9.2",
    "DerivedVendorReportedEchoSpacing": 0.000460005,
    "DeviceSerialNumber": "35193",
    "DwellTime": 3.1e-06,
    "EchoTime": 0.03,
    "EffectiveEchoSpacing": 0.000460005,
    "FlipAngle": 90,
    "ImageOrientationPatientDICOM": [
      0.999328,
      -1e-16,
      0.0366437,
      1e-16,
      1,
      0
    ],
    "ImageType": [
      "ORIGINAL",
      "PRIMARY",
      "M",
      "ND",
      "MOSAIC"
    ],
    "InPlanePhaseEncodingDirectionDICOM": "COL",
    "InstitutionAddress": "Xinjiekouwai_Street_No_19_Beijing_Haidian_District_CN_100875",
    "InstitutionName": "Beijing_Normal_Universtiy_7C3C54",
    "InstitutionalDepartmentName": "Department",
    "MRAcquisitionType": "2D",
    "MagneticFieldStrength": 3,
    "Manufacturer": "Siemens",
    "ManufacturersModelName": "TrioTim",
    "Modality": "MR",
    "PartialFourier": 1,
    "PatientPosition": "HFS",
    "PercentPhaseFOV": 100,
    "PhaseEncodingDirection": "j-",
    "PhaseEncodingSteps": 64,
    "PhaseResolution": 1,
    "PixelBandwidth": 2520,
    "ProcedureStepDescription": "BNU_cst_2019_Xu.Shan",
    "ProtocolName": "ge_func_pace_3x3x3.5_185",
    "PulseSequenceDetails": "%SiemensSeq%_ep2d_bold",
    "ReceiveCoilName": "HeadMatrix",
    "ReconMatrixPE": 64,
    "RepetitionTime": 2,
    "SAR": 0.144943,
    "ScanOptions": "FS",
    "ScanningSequence": "EP",
    "SequenceName": "_epfid2d1_64",
    "SequenceVariant": "SK",
    "SeriesDescription": "ge_func_pace_3x3x3.5_185",
    "SeriesNumber": 6,
    "ShimSetting": [
      -4482,
      -19400,
      -9839,
      1111,
      -394,
      -92,
      258,
      -82
    ],
    "SliceThickness": 3.5,
    "SliceTiming": [
      0,
      1.035,
      0.0625,
      1.095,
      0.1225,
      1.1575,
      0.1825,
      1.2175,
      0.245,
      1.2775,
      0.305,
      1.34,
      0.365,
      1.4,
      0.4275,
      1.46,
      0.4875,
      1.5225,
      0.5475,
      1.5825,
      0.61,
      1.6425,
      0.67,
      1.705,
      0.73,
      1.765,
      0.7925,
      1.825,
      0.8525,
      1.8875,
      0.9125,
      1.9475,
      0.975
    ],
    "SoftwareVersions": "syngo_MR_B17",
    "SpacingBetweenSlices": 4.2,
    "StationName": "MRC35193",
    "TotalReadoutTime": 0.0289803,
    "TxRefAmp": 316.871,
    "dataset": "ds003696",
    "modality": "bold",
    "run_id": 2,
    "session_id": "01",
    "subject_id": "134",
    "task_id": "affordance"
  },
  "dummy_trs": 0,
  "dvars_nstd": 19.236216762771736,
  "dvars_std": 1.1527542211956519,
  "dvars_vstd": 1.0131021512499998,
  "efc": 0.5238999253294864,
  "fber": 1219.0657958984375,
  "fd_mean": 0.052679648384119156,
  "fd_num": 3,
  "fd_perc": 1.6216216216216217,
  "fwhm_avg": 1.9425072715451954,
  "fwhm_x": 1.8870464,
  "fwhm_y": 2.150192,
  "fwhm_z": 1.7902834146355864,
  "gcor": 0.0261135,
  "gsr_x": -0.0042360080406069756,
  "gsr_y": 0.02319015935063362,
  "provenance": {
    "md5sum": "e8a82c82a5ab8661852002c72cfa97b6",
    "settings": {
      "fd_thres": 0.2,
      "testing": false
    },
    "software": "mriqc",
    "version": "23.0.1",
    "webapi_port": null,
    "webapi_url": "https://mriqc.nimh.nih.gov/api/v1"
  },
  "size_t": 185,
  "size_x": 64,
  "size_y": 64,
  "size_z": 33,
  "snr": 6.274409428926484,
  "spacing_tr": 2.0,
  "spacing_x": 3.125,
  "spacing_y": 3.125,
  "spacing_z": 4.199999809265137,
  "summary_bg_k": 23.59274446245375,
  "summary_bg_mad": 9.656949661829442,
  "summary_bg_mean": 48.68056869506836,
  "summary_bg_median": 25.508108139038086,
  "summary_bg_n": 81196.0,
  "summary_bg_p05": 18.318920135498047,
  "summary_bg_p95": 161.74595642089844,
  "summary_bg_stdv": 64.0347900390625,
  "summary_fg_k": 0.9992035203729297,
  "summary_fg_mad": 130.90176775717967,
  "summary_fg_mean": 910.3009033203125,
  "summary_fg_median": 907.837890625,
  "summary_fg_n": 23484.0,
  "summary_fg_p05": 676.7521575927734,
  "summary_fg_p95": 1153.5851684570312,
  "summary_fg_stdv": 144.68589782714844,
  "tsnr": 83.26516199298203
}