{
  "aor": 0.0013481052631578946,
  "aqi": 0.0040315141052631575,
  "bids_meta": {
    "AcquisitionMatrixPE": 64,
    "AcquisitionNumber": 1,
    "AcquisitionTime": "15:37:59.937500",
    "BandwidthPerPixelPhaseEncode": 33.967,
    "BaseResolution": 64,
    "ConversionSoftware": "dcm2niix",
    "ConversionSoftwareVersion": "v1.0.20180622 GCC4.9.2",
    "DerivedVendorReportedEchoSpacing": 0.000460005,
    "DeviceSerialNumber": "35193",
    "DwellTime": 3.1e-06,
    "EchoTime": 0.03,
    "EffectiveEchoSpacing": 0.000460005,
    "FlipAngle": 90,
    "ImageOrientationPatientDICOM": [
      0.999328,
      -1e-16,
      0.0366437,
      1e-16,
      1,
      0
    ],
    "ImageType": [
      "ORIGINAL",
      "PRIMARY",
      "M",
      "ND",
      "MOSAIC"
    ],
    "InPlanePhaseEncodingDirectionDICOM": "COL",
    "InstitutionAddress": "Xinjiekouwai_Street_No_19_Beijing_Haidian_District_CN_100875",
    "InstitutionName": "Beijing_Normal_Universtiy_7C3C54",
    "InstitutionalDepartmentName": "Department",
    "MRAcquisitionType": "2D",
    "MagneticFieldStrength": 3,
    "Manufacturer": "Siemens",
    "ManufacturersModelName": "TrioTim",
    "Modality": "MR",
    "PartialFourier": 1,
    "PatientPosition": "HFS",
    "PercentPhaseFOV": 100,
    "PhaseEncodingDirection": "j-",
    "PhaseEncodingSteps": 64,
    "PhaseResolution": 1,
    "PixelBandwidth": 2520,
    "ProcedureStepDescription": "BNU_cst_2019_Xu.Shan",
    "ProtocolName": "ge_func_pace_3x3x3.5_99",
    "PulseSequenceDetails": "%SiemensSeq%_ep2d_bold",
    "ReceiveCoilName": "HeadMatrix",
    "ReconMatrixPE": 64,
    "RepetitionTime": 2,
    "SAR": 0.144452,
    "ScanOptions": "FS",
    "ScanningSequence": "EP",
    "SequenceName": "_epfid2d1_64",
    "SequenceVariant": "SK",
    "SeriesDescription": "ge_func_pace_3x3x3.5_99",
    "SeriesNumber": 12,
    "ShimSetting": [
      -4482,
      -19400,
      -9839,
      1111,
      -394,
      -92,
      258,
      -82
    ],
    "SliceThickness": 3.5,
    "SliceTiming": [
      0,
      1.035,
      0.06,
      1.095,
      0.1225,
      1.155,
      0.1825,
      1.2175,
      0.2425,
      1.2775,
      0.305,
      1.3375,
      0.365,
      1.4,
      0.425,
      1.46,
      0.4875,
      1.52,
      0.5475,
      1.5825,
      0.6075,
      1.6425,
      0.67,
      1.7025,
      0.73,
      1.765,
      0.79,
      1.825,
      0.8525,
      1.885,
      0.9125,
      1.9475,
      0.9725
    ],
    "SoftwareVersions": "syngo_MR_B17",
    "SpacingBetweenSlices": 4.2,
    "StationName": "MRC35193",
    "TotalReadoutTime": 0.0289803,
    "TxRefAmp": 316.871,
    "dataset": "ds003696",
    "modality": "bold",
    "run_id": 2,
    "session_id": "01",
    "subject_id": "134",
    "task_id": "localizer"
  },
  "dummy_trs": 4,
  "dvars_nstd": 18.656796333510634,
  "dvars_std": 1.1289993942553191,
  "dvars_vstd": 1.0064962118085112,
  "efc": 0.5235132161177823,
  "fber": 1239.03125,
  "fd_mean": 0.04629162468103746,
  "fd_num": 0,
  "fd_perc": 0.0,
  "fwhm_avg": 1.9300890363163286,
  "fwhm_x": 1.8796064000000001,
  "fwhm_y": 2.1407392,
  "fwhm_z": 1.769921508948985,
  "gcor": 0.00961991,
  "gsr_x": -0.0035654345992952585,
  "gsr_y": 0.023389900103211403,
  "provenance": {
    "md5sum": "e6a2fdc5754f6d323274a738fcbe729f",
    "settings": {
      "fd_thres": 0.2,
      "testing": false
    },
    "software": "mriqc",
    "version": "23.0.1",
    "webapi_port": null,
    "webapi_url": "https://mriqc.nimh.nih.gov/api/v1"
  },
  "size_t": 95,
  "size_x": 64,
  "size_y": 64,
  "size_z": 33,
  "snr": 6.338120261054859,
  "spacing_tr": 2.0,
  "spacing_x": 3.125,
  "spacing_y": 3.125,
  "spacing_z": 4.199999809265137,
  "summary_bg_k": 23.957777883698622,
  "summary_bg_mad": 9.504260478044557,
  "summary_bg_mean": 48.4703369140625,
  "summary_bg_median": 25.36842155456543,
  "summary_bg_n": 81260.0,
  "summary_bg_p05": 18.18947410583496,
  "summary_bg_p95": 160.12685394287112,
  "summary_bg_stdv": 63.50986099243164,
  "summary_fg_k": 1.0666457851509064,
  "summary_fg_mad": 130.19589381885856,
  "summary_fg_mean": 912.9237060546875,
  "summary_fg_median": 911.2210693359375,
  "summary_fg_n": 23514.0,
  "summary_fg_p05": 683.6431945800781,
  "summary_fg_p95": 1156.81220703125,
  "summary_fg_stdv": 143.76528930664062,
  "tsnr": 82.75116293574683
}