{
  "aor": 0.0005047567567567567,
  "aqi": 0.003611573297297297,
  "bids_meta": {
    "AcquisitionMatrixPE": 64,
    "AcquisitionNumber": 1,
    "AcquisitionTime": "15:26:0.857500",
    "BandwidthPerPixelPhaseEncode": 33.967,
    "BaseResolution": 64,
    "ConversionSoftware": "dcm2niix",
    "ConversionSoftwareVersion": "v1.0.20180622 GCC4.9.2",
    "DerivedVendorReportedEchoSpacing": 0.000460005,
    "DeviceSerialNumber": "35193",
    "DwellTime": 3.1e-06,
    "EchoTime": 0.03,
    "EffectiveEchoSpacing": 0.000460005,
    "FlipAngle": 90,
    "ImageOrientationPatientDICOM": [
      0.999328,
      -1e-16,
      0.0366437,
      1e-16,
      1,
      0
    ],
    "ImageType": [
      "ORIGINAL",
      "PRIMARY",
      "M",
      "ND",
      "MOSAIC"
    ],
    "InPlanePhaseEncodingDirectionDICOM": "COL",
    "InstitutionAddress": "Xinjiekouwai_Street_No_19_Beijing_Haidian_District_CN_100875",
    "InstitutionName": "Beijing_Normal_Universtiy_7C3C54",
    "InstitutionalDepartmentName": "Department",
    "MRAcquisitionType": "2D",
    "MagneticFieldStrength": 3,
    "Manufacturer": "Siemens",
    "ManufacturersModelName": "TrioTim",
    "Modality": "MR",
    "PartialFourier": 1,
    "PatientPosition": "HFS",
    "PercentPhaseFOV": 100,
    "PhaseEncodingDirection": "j-",
    "PhaseEncodingSteps": 64,
    "PhaseResolution": 1,
    "PixelBandwidth": 2520,
    "ProcedureStepDescription": "BNU_cst_2019_Xu.Shan",
    "ProtocolName": "ge_func_pace_3x3x3.5_185",
    "PulseSequenceDetails": "%SiemensSeq%_ep2d_bold",
    "ReceiveCoilName": "HeadMatrix",
    "ReconMatrixPE": 64,
    "RepetitionTime": 2,
    "SAR": 0.144943,
    "ScanOptions": "FS",
    "ScanningSequence": "EP",
    "SequenceName": "_epfid2d1_64",
    "SequenceVariant": "SK",
    "SeriesDescription": "ge_func_pace_3x3x3.5_185",
    "SeriesNumber": 8,
    "ShimSetting": [
      -4482,
      -19400,
      -9839,
      1111,
      -394,
      -92,
      258,
      -82
    ],
    "SliceThickness": 3.5,
    "SliceTiming": [
      0,
      1.0325,
      0.06,
      1.095,
      0.12,
      1.155,
      0.1825,
      1.215,
      0.2425,
      1.2775,
      0.3025,
      1.3375,
      0.365,
      1.3975,
      0.425,
      1.46,
      0.485,
      1.52,
      0.5475,
      1.58,
      0.6075,
      1.6425,
      0.6675,
      1.7025,
      0.73,
      1.7625,
      0.79,
      1.825,
      0.85,
      1.885,
      0.9125,
      1.945,
      0.9725
    ],
    "SoftwareVersions": "syngo_MR_B17",
    "SpacingBetweenSlices": 4.2,
    "StationName": "MRC35193",
    "TotalReadoutTime": 0.0289803,
    "TxRefAmp": 316.871,
    "dataset": "ds003696",
    "modality": "bold",
    "run_id": 1,
    "session_id": "01",
    "subject_id": "134",
    "task_id": "affordance"
  },
  "dummy_trs": 0,
  "dvars_nstd": 18.739137323206524,
  "dvars_std": 1.1368262479347826,
  "dvars_vstd": 0.9989890172826088,
  "efc": 0.5239694542967652,
  "fber": 1216.1868896484375,
  "fd_mean": 0.038202084418308635,
  "fd_num": 0,
  "fd_perc": 0.0,
  "fwhm_avg": 1.9420909985051382,
  "fwhm_x": 1.8848128,
  "fwhm_y": 2.1527744,
  "fwhm_z": 1.7886857955154145,
  "gcor": 0.0260468,
  "gsr_x": -0.004195883870124817,
  "gsr_y": 0.02381674386560917,
  "provenance": {
    "md5sum": "5af0944cdf1beadc90c8f84f14f25a24",
    "settings": {
      "fd_thres": 0.2,
      "testing": false
    },
    "software": "mriqc",
    "version": "23.0.1",
    "webapi_port": null,
    "webapi_url": "https://mriqc.nimh.nih.gov/api/v1"
  },
  "size_t": 185,
  "size_x": 64,
  "size_y": 64,
  "size_z": 33,
  "snr": 6.269976492105653,
  "spacing_tr": 2.0,
  "spacing_x": 3.125,
  "spacing_y": 3.125,
  "spacing_z": 4.199999809265137,
  "summary_bg_k": 23.498518666767495,
  "summary_bg_mad": 9.80120340093926,
  "summary_bg_mean": 48.81282424926758,
  "summary_bg_median": 25.600000381469727,
  "summary_bg_n": 81247.0,
  "summary_bg_p05": 18.205406188964844,
  "summary_bg_p95": 162.36756896972656,
  "summary_bg_stdv": 64.11664581298828,
  "summary_fg_k": 1.0214876854152548,
  "summary_fg_mad": 131.51479807512806,
  "summary_fg_mean": 912.4920654296875,
  "summary_fg_median": 910.032470703125,
  "summary_fg_n": 23484.0,
  "summary_fg_p05": 678.8875854492187,
  "summary_fg_p95": 1155.3927185058592,
  "summary_fg_stdv": 145.13819885253906,
  "tsnr": 84.1683107460849
}