{
  "aor": 0.0019566486486486483,
  "aqi": 0.007429878918918918,
  "bids_meta": {
    "AcquisitionMatrixPE": 64,
    "AcquisitionNumber": 1,
    "AcquisitionTime": "15:40:19.250000",
    "BandwidthPerPixelPhaseEncode": 33.967,
    "BaseResolution": 64,
    "ConversionSoftware": "dcm2niix",
    "ConversionSoftwareVersion": "v1.0.20180622 GCC4.9.2",
    "DerivedVendorReportedEchoSpacing": 0.000460005,
    "DeviceSerialNumber": "35193",
    "DwellTime": 3.1e-06,
    "EchoTime": 0.03,
    "EffectiveEchoSpacing": 0.000460005,
    "FlipAngle": 90,
    "ImageOrientationPatientDICOM": [
      1,
      0,
      0,
      0,
      1,
      0
    ],
    "ImageType": [
      "ORIGINAL",
      "PRIMARY",
      "M",
      "ND",
      "MOSAIC"
    ],
    "InPlanePhaseEncodingDirectionDICOM": "COL",
    "InstitutionAddress": "Xinjiekouwai_Street_No_19_Beijing_Haidian_District_CN_100875",
    "InstitutionName": "BNU_MRI_Center",
    "InstitutionalDepartmentName": "Department",
    "MRAcquisitionType": "2D",
    "MagneticFieldStrength": 3,
    "Manufacturer": "Siemens",
    "ManufacturersModelName": "TrioTim",
    "Modality": "MR",
    "PartialFourier": 1,
    "PatientPosition": "HFS",
    "PercentPhaseFOV": 100,
    "PhaseEncodingDirection": "j-",
    "PhaseEncodingSteps": 64,
    "PhaseResolution": 1,
    "PixelBandwidth": 2520,
    "ProcedureStepDescription": "BNU_cst_2015_Liu.Jia",
    "ProtocolName": "ge_func_pace_3x3x3.5_185",
    "PulseSequenceDetails": "%SiemensSeq%_ep2d_bold",
    "ReceiveCoilName": "HeadMatrix",
    "ReconMatrixPE": 64,
    "RepetitionTime": 2,
    "SAR": 0.112318,
    "ScanOptions": "FS",
    "ScanningSequence": "EP",
    "SequenceName": "_epfid2d1_64",
    "SequenceVariant": "SK",
    "SeriesDescription": "ge_func_pace_3x3x3.5_185",
    "SeriesNumber": 4,
    "ShimSetting": [
      -4515,
      -19348,
      -9804,
      1027,
      -36,
      -33,
      57,
      -32
    ],
    "SliceThickness": 3.5,
    "SliceTiming": [
      0,
      1.0325,
      0.06,
      1.095,
      0.12,
      1.155,
      0.1825,
      1.215,
      0.2425,
      1.2775,
      0.3025,
      1.3375,
      0.365,
      1.3975,
      0.425,
      1.46,
      0.485,
      1.52,
      0.5475,
      1.58,
      0.6075,
      1.6425,
      0.6675,
      1.7025,
      0.73,
      1.7625,
      0.79,
      1.825,
      0.85,
      1.885,
      0.9125,
      1.945,
      0.9725
    ],
    "SoftwareVersions": "syngo_MR_B17",
    "SpacingBetweenSlices": 4.2,
    "StationName": "MRC35193",
    "TotalReadoutTime": 0.0289803,
    "TxRefAmp": 328.463,
    "dataset": "ds003696",
    "modality": "bold",
    "run_id": 6,
    "session_id": "02",
    "subject_id": "105",
    "task_id": "affordance"
  },
  "dummy_trs": 0,
  "dvars_nstd": 22.966200994184796,
  "dvars_std": 1.1691826570108692,
  "dvars_vstd": 1.008191835054348,
  "efc": 0.5614682755846607,
  "fber": 769.4439086914062,
  "fd_mean": 0.10377658262557304,
  "fd_num": 2,
  "fd_perc": 1.0810810810810811,
  "fwhm_avg": 1.9513031184157923,
  "fwhm_x": 1.9533056,
  "fwhm_y": 2.1597632,
  "fwhm_z": 1.7408405552473776,
  "gcor": 0.0150289,
  "gsr_x": 0.014836997725069523,
  "gsr_y": 0.03757265955209732,
  "provenance": {
    "md5sum": "2a4a07aaced6e5283881138d678524d5",
    "settings": {
      "fd_thres": 0.2,
      "testing": false
    },
    "software": "mriqc",
    "version": "23.0.1",
    "webapi_port": null,
    "webapi_url": "https://mriqc.nimh.nih.gov/api/v1"
  },
  "size_t": 185,
  "size_x": 64,
  "size_y": 64,
  "size_z": 33,
  "snr": 5.706302487340466,
  "spacing_tr": 2.0,
  "spacing_x": 3.125,
  "spacing_y": 3.125,
  "spacing_z": 4.199999809265137,
  "summary_bg_k": 27.90190609638209,
  "summary_bg_mad": 16.292596210327197,
  "summary_bg_mean": 66.99225616455078,
  "summary_bg_median": 31.63243293762207,
  "summary_bg_n": 78020.0,
  "summary_bg_p05": 18.697298049926758,
  "summary_bg_p95": 246.84054718017595,
  "summary_bg_stdv": 99.57572937011719,
  "summary_fg_k": 1.355665916650163,
  "summary_fg_mad": 140.6388103119129,
  "summary_fg_mean": 894.0377197265625,
  "summary_fg_median": 889.7540283203125,
  "summary_fg_n": 25914.0,
  "summary_fg_p05": 648.4164978027344,
  "summary_fg_p95": 1148.4794799804686,
  "summary_fg_stdv": 155.92178344726562,
  "tsnr": 58.9558723049704
}