{
  "bids_meta": {
    "AcquisitionMatrixPE": 192,
    "AcquisitionNumber": 1,
    "AcquisitionTime": "15:16:42.542500",
    "BaseResolution": 256,
    "ConversionSoftware": "dcm2niix",
    "ConversionSoftwareVersion": "v1.0.20180622 GCC4.9.2",
    "DeviceSerialNumber": "35193",
    "DwellTime": 1.03e-05,
    "EchoTime": 0.00339,
    "FlipAngle": 7,
    "ImageOrientationPatientDICOM": [
      0,
      1,
      0,
      0,
      0,
      -1
    ],
    "ImageType": [
      "ORIGINAL",
      "PRIMARY",
      "M",
      "ND",
      "NORM"
    ],
    "InPlanePhaseEncodingDirectionDICOM": "ROW",
    "InstitutionAddress": "Xinjiekouwai_Street_No_19_Beijing_Haidian_District_CN_100875",
    "InstitutionName": "BNU_MRI_Center",
    "InstitutionalDepartmentName": "Department",
    "InversionTime": 1.1,
    "MRAcquisitionType": "3D",
    "MagneticFieldStrength": 3,
    "Manufacturer": "Siemens",
    "ManufacturersModelName": "TrioTim",
    "Modality": "MR",
    "PartialFourier": 1,
    "PatientPosition": "HFS",
    "PercentPhaseFOV": 100,
    "PhaseEncodingSteps": 192,
    "PhaseResolution": 0.75,
    "PixelBandwidth": 190,
    "ProcedureStepDescription": "BNU_cst_2015_Liu.Jia",
    "ProtocolName": "t1_mprage_sag",
    "PulseSequenceDetails": "%SiemensSeq%_tfl",
    "ReceiveCoilName": "HeadMatrix",
    "ReconMatrixPE": 256,
    "RepetitionTime": 2.53,
    "SAR": 0.0525493,
    "ScanOptions": "IR",
    "ScanningSequence": "GR_IR",
    "SequenceName": "_tfl3d1_ns",
    "SequenceVariant": "SP_MP",
    "SeriesDescription": "t1_mprage_sag",
    "SeriesNumber": 10,
    "ShimSetting": [
      -4489,
      -19276,
      -10209,
      636,
      -133,
      80,
      82,
      -26
    ],
    "SliceThickness": 1.33,
    "SoftwareVersions": "syngo_MR_B17",
    "StationName": "MRC35193",
    "TxRefAmp": 316.82,
    "dataset": "ds003696",
    "modality": "T1w",
    "session_id": "02",
    "subject_id": "103"
  },
  "cjv": 0.3143452364914291,
  "cnr": 4.249800434844099,
  "efc": 0.5575076257384998,
  "fber": 10732.384452160493,
  "fwhm_avg": 4.09458510881911,
  "fwhm_x": 3.6131153264573275,
  "fwhm_y": 4.73935,
  "fwhm_z": 3.93129,
  "icvs_csf": 0.23082669864686334,
  "icvs_gm": 0.4332459539592407,
  "icvs_wm": 0.33592734739389596,
  "inu_med": 0.6098210215568542,
  "inu_range": 0.2369733527302742,
  "provenance": {
    "md5sum": "3deb174c256a295107a9c988c13ccd0f",
    "settings": {
      "testing": false
    },
    "software": "mriqc",
    "version": "23.0.1",
    "warnings": {
      "large_rot_frame": true,
      "small_air_mask": false
    },
    "webapi_port": null,
    "webapi_url": "https://mriqc.nimh.nih.gov/api/v1"
  },
  "qi_1": 0.0,
  "qi_2": 0.007225290909666191,
  "rpve_csf": 22.31349838114842,
  "rpve_gm": 12.13189982455214,
  "rpve_wm": 18.20618829240796,
  "size_x": 128,
  "size_y": 256,
  "size_z": 256,
  "snr_csf": 1.2758020494573867,
  "snr_gm": 8.403436133653633,
  "snr_total": 11.288707518474412,
  "snr_wm": 24.186884372312218,
  "snrd_csf": 15.32143585701903,
  "snrd_gm": 64.47361210413443,
  "snrd_total": 60.52944404300973,
  "snrd_wm": 101.79328416787573,
  "spacing_x": 1.3300018310546875,
  "spacing_y": 1.0,
  "spacing_z": 1.0,
  "summary_bg_k": 4.302143514425303,
  "summary_bg_mad": 6.4359489877474525,
  "summary_bg_mean": 5.790687910723466,
  "summary_bg_median": 4.340981625020504,
  "summary_bg_n": 2132230.0,
  "summary_bg_p05": 0.0,
  "summary_bg_p95": 20.321518376469612,
  "summary_bg_stdv": 7.224108109588909,
  "summary_csf_k": -0.13393003454398844,
  "summary_csf_mad": 111.30301889524783,
  "summary_csf_mean": 182.81838549665082,
  "summary_csf_median": 150.5151898059994,
  "summary_csf_n": 25886.0,
  "summary_csf_p05": 32.11014567408711,
  "summary_csf_p95": 405.494194294326,
  "summary_csf_stdv": 117.97463609013134,
  "summary_gm_k": -0.02468006350815477,
  "summary_gm_mad": 76.59486542560978,
  "summary_gm_mean": 632.307342408529,
  "summary_gm_median": 633.3778409473598,
  "summary_gm_n": 26979.0,
  "summary_gm_p05": 508.82506047561765,
  "summary_gm_p95": 754.4554509643464,
  "summary_gm_stdv": 75.36989541135561,
  "summary_wm_k": 0.47736111624439337,
  "summary_wm_mad": 38.65105628356025,
  "summary_wm_mean": 998.0953039410323,
  "summary_wm_median": 999.9999758824706,
  "summary_wm_n": 134423.0,
  "summary_wm_p05": 926.417952183634,
  "summary_wm_p95": 1062.9919125400484,
  "summary_wm_stdv": 41.34456678590755,
  "tpm_overlap_csf": 0.16157296979681926,
  "tpm_overlap_gm": 0.48608522406510357,
  "tpm_overlap_wm": 0.5135207073036888,
  "wm2max": 0.7722644019570009
}