{
  "aor": 0.0005436216216216216,
  "aqi": 0.004646002,
  "bids_meta": {
    "AcquisitionMatrixPE": 64,
    "AcquisitionNumber": 1,
    "AcquisitionTime": "15:37:2.912500",
    "BandwidthPerPixelPhaseEncode": 33.967,
    "BaseResolution": 64,
    "ConversionSoftware": "dcm2niix",
    "ConversionSoftwareVersion": "v1.0.20180622 GCC4.9.2",
    "DerivedVendorReportedEchoSpacing": 0.000460005,
    "DeviceSerialNumber": "35193",
    "DwellTime": 3.1e-06,
    "EchoTime": 0.03,
    "EffectiveEchoSpacing": 0.000460005,
    "FlipAngle": 90,
    "ImageOrientationPatientDICOM": [
      1,
      0,
      0,
      0,
      1,
      0
    ],
    "ImageType": [
      "ORIGINAL",
      "PRIMARY",
      "M",
      "ND",
      "MOSAIC"
    ],
    "InPlanePhaseEncodingDirectionDICOM": "COL",
    "InstitutionAddress": "Xinjiekouwai_Street_No_19_Beijing_Haidian_District_CN_100875",
    "InstitutionName": "BNU_MRI_Center",
    "InstitutionalDepartmentName": "Department",
    "MRAcquisitionType": "2D",
    "MagneticFieldStrength": 3,
    "Manufacturer": "Siemens",
    "ManufacturersModelName": "TrioTim",
    "Modality": "MR",
    "PartialFourier": 1,
    "PatientPosition": "HFS",
    "PercentPhaseFOV": 100,
    "PhaseEncodingDirection": "j-",
    "PhaseEncodingSteps": 64,
    "PhaseResolution": 1,
    "PixelBandwidth": 2520,
    "ProcedureStepDescription": "BNU_cst_2015_Liu.Jia",
    "ProtocolName": "ge_func_pace_3x3x3.5_185",
    "PulseSequenceDetails": "%SiemensSeq%_ep2d_bold",
    "ReceiveCoilName": "HeadMatrix",
    "ReconMatrixPE": 64,
    "RepetitionTime": 2,
    "SAR": 0.150768,
    "ScanOptions": "FS",
    "ScanningSequence": "EP",
    "SequenceName": "_epfid2d1_64",
    "SequenceVariant": "SK",
    "SeriesDescription": "ge_func_pace_3x3x3.5_185",
    "SeriesNumber": 4,
    "ShimSetting": [
      -4535,
      -19384,
      -9790,
      970,
      -67,
      -299,
      305,
      58
    ],
    "SliceThickness": 3.5,
    "SliceTiming": [
      0,
      1.035,
      0.0625,
      1.095,
      0.1225,
      1.1575,
      0.1825,
      1.2175,
      0.245,
      1.2775,
      0.305,
      1.34,
      0.365,
      1.4,
      0.4275,
      1.46,
      0.4875,
      1.5225,
      0.5475,
      1.5825,
      0.61,
      1.6425,
      0.67,
      1.705,
      0.73,
      1.765,
      0.7925,
      1.825,
      0.8525,
      1.8875,
      0.9125,
      1.9475,
      0.975
    ],
    "SoftwareVersions": "syngo_MR_B17",
    "SpacingBetweenSlices": 4.2,
    "StationName": "MRC35193",
    "TotalReadoutTime": 0.0289803,
    "TxRefAmp": 320.241,
    "dataset": "ds003696",
    "modality": "bold",
    "run_id": 3,
    "session_id": "01",
    "subject_id": "104",
    "task_id": "affordance"
  },
  "dummy_trs": 0,
  "dvars_nstd": 21.370715089402157,
  "dvars_std": 1.113816192119565,
  "dvars_vstd": 0.9911995094565214,
  "efc": 0.5421728349062509,
  "fber": 899.2236938476562,
  "fd_mean": 0.12407922828496529,
  "fd_num": 10,
  "fd_perc": 5.405405405405405,
  "fwhm_avg": 2.107465710972334,
  "fwhm_x": 2.0590016,
  "fwhm_y": 2.3851264,
  "fwhm_z": 1.8782691329170014,
  "gcor": 0.0285912,
  "gsr_x": -0.0035713952966034412,
  "gsr_y": 0.03673781827092171,
  "provenance": {
    "md5sum": "65b5e758cf729735746835bfc02270bc",
    "settings": {
      "fd_thres": 0.2,
      "testing": false
    },
    "software": "mriqc",
    "version": "23.0.1",
    "webapi_port": null,
    "webapi_url": "https://mriqc.nimh.nih.gov/api/v1"
  },
  "size_t": 185,
  "size_x": 64,
  "size_y": 64,
  "size_z": 33,
  "snr": 5.918160142962203,
  "spacing_tr": 2.0,
  "spacing_x": 3.125,
  "spacing_y": 3.125,
  "spacing_z": 4.199999809265137,
  "summary_bg_k": 24.506935928953897,
  "summary_bg_mad": 14.016601254556916,
  "summary_bg_mean": 59.266990661621094,
  "summary_bg_median": 30.291893005371094,
  "summary_bg_n": 79849.0,
  "summary_bg_p05": 19.71891975402832,
  "summary_bg_p95": 206.51784057617172,
  "summary_bg_stdv": 74.7237777709961,
  "summary_fg_k": 1.3726137256324806,
  "summary_fg_mad": 138.71551761464008,
  "summary_fg_mean": 931.254150390625,
  "summary_fg_median": 927.962158203125,
  "summary_fg_n": 23839.0,
  "summary_fg_p05": 674.1892028808594,
  "summary_fg_p95": 1193.4238525390624,
  "summary_fg_stdv": 156.79580688476562,
  "tsnr": 73.66297178529203
}