{
  "aor": 0.002963939393939394,
  "aqi": 0.004752884343434344,
  "bids_meta": {
    "AcquisitionMatrixPE": 64,
    "AcquisitionNumber": 1,
    "AcquisitionTime": "16:35:31.245000",
    "BandwidthPerPixelPhaseEncode": 33.967,
    "BaseResolution": 64,
    "ConversionSoftware": "dcm2niix",
    "ConversionSoftwareVersion": "v1.0.20180622 GCC4.9.2",
    "DerivedVendorReportedEchoSpacing": 0.000460005,
    "DeviceSerialNumber": "35193",
    "DwellTime": 3.1e-06,
    "EchoTime": 0.03,
    "EffectiveEchoSpacing": 0.000460005,
    "FlipAngle": 90,
    "ImageOrientationPatientDICOM": [
      1,
      0,
      0,
      0,
      1,
      0
    ],
    "ImageType": [
      "ORIGINAL",
      "PRIMARY",
      "M",
      "ND",
      "MOSAIC"
    ],
    "InPlanePhaseEncodingDirectionDICOM": "COL",
    "InstitutionAddress": "Xinjiekouwai_Street_No_19_Beijing_Haidian_District_CN_100875",
    "InstitutionName": "Beijing_Normal_Universtiy_7C3C54",
    "InstitutionalDepartmentName": "Department",
    "MRAcquisitionType": "2D",
    "MagneticFieldStrength": 3,
    "Manufacturer": "Siemens",
    "ManufacturersModelName": "TrioTim",
    "Modality": "MR",
    "PartialFourier": 1,
    "PatientPosition": "HFS",
    "PercentPhaseFOV": 100,
    "PhaseEncodingDirection": "j-",
    "PhaseEncodingSteps": 64,
    "PhaseResolution": 1,
    "PixelBandwidth": 2520,
    "ProcedureStepDescription": "BNU_cst_2015_Liu.Jia",
    "ProtocolName": "ge_func_pace_3x3x3.5_99",
    "PulseSequenceDetails": "%SiemensSeq%_ep2d_bold",
    "ReceiveCoilName": "HeadMatrix",
    "ReconMatrixPE": 64,
    "RepetitionTime": 2,
    "SAR": 0.12439,
    "ScanOptions": "FS",
    "ScanningSequence": "EP",
    "SequenceName": "_epfid2d1_64",
    "SequenceVariant": "SK",
    "SeriesDescription": "ge_func_pace_3x3x3.5_99",
    "SeriesNumber": 10,
    "ShimSetting": [
      -4523,
      -19334,
      -9844,
      992,
      -39,
      -477,
      207,
      6
    ],
    "SliceThickness": 3.5,
    "SliceTiming": [
      0,
      1.035,
      0.0625,
      1.095,
      0.1225,
      1.1575,
      0.1825,
      1.2175,
      0.245,
      1.2775,
      0.305,
      1.34,
      0.365,
      1.4,
      0.4275,
      1.46,
      0.4875,
      1.5225,
      0.5475,
      1.5825,
      0.61,
      1.6425,
      0.67,
      1.705,
      0.73,
      1.765,
      0.7925,
      1.825,
      0.8525,
      1.8875,
      0.9125,
      1.9475,
      0.975
    ],
    "SoftwareVersions": "syngo_MR_B17",
    "SpacingBetweenSlices": 4.2,
    "StationName": "MRC35193",
    "TotalReadoutTime": 0.0289803,
    "TxRefAmp": 313.892,
    "dataset": "ds003696",
    "modality": "bold",
    "run_id": 1,
    "session_id": "01",
    "subject_id": "104",
    "task_id": "localizer"
  },
  "dummy_trs": 0,
  "dvars_nstd": 21.350940353571428,
  "dvars_std": 1.1663356643877545,
  "dvars_vstd": 1.03112394122449,
  "efc": 0.543986489867596,
  "fber": 855.3519897460938,
  "fd_mean": 0.11222364072201689,
  "fd_num": 5,
  "fd_perc": 5.05050505050505,
  "fwhm_avg": 2.0309917737533225,
  "fwhm_x": 1.9910527999999998,
  "fwhm_y": 2.2706272000000003,
  "fwhm_z": 1.8312953212599674,
  "gcor": 0.0292018,
  "gsr_x": -0.003972815815359354,
  "gsr_y": 0.032133329659700394,
  "provenance": {
    "md5sum": "93baf90006d7e847ac3864e9c415943d",
    "settings": {
      "fd_thres": 0.2,
      "testing": false
    },
    "software": "mriqc",
    "version": "23.0.1",
    "webapi_port": null,
    "webapi_url": "https://mriqc.nimh.nih.gov/api/v1"
  },
  "size_t": 99,
  "size_x": 64,
  "size_y": 64,
  "size_z": 33,
  "snr": 6.027635804974076,
  "spacing_tr": 2.0,
  "spacing_x": 3.125,
  "spacing_y": 3.125,
  "spacing_z": 4.199999809265137,
  "summary_bg_k": 22.475131950283192,
  "summary_bg_mad": 14.18206378852527,
  "summary_bg_mean": 59.734554290771484,
  "summary_bg_median": 30.0,
  "summary_bg_n": 80265.0,
  "summary_bg_p05": 19.46464729309082,
  "summary_bg_p95": 216.1798034667969,
  "summary_bg_stdv": 75.80535125732422,
  "summary_fg_k": 1.4362314695992078,
  "summary_fg_mad": 132.16126476513074,
  "summary_fg_mean": 898.346435546875,
  "summary_fg_median": 896.6161499023438,
  "summary_fg_n": 23675.0,
  "summary_fg_p05": 657.1767639160156,
  "summary_fg_p95": 1147.87275390625,
  "summary_fg_stdv": 148.74774169921875,
  "tsnr": 74.47645203745924
}