{
  "aor": 0.0012391919191919194,
  "aqi": 0.004114772929292929,
  "bids_meta": {
    "AcquisitionMatrixPE": 64,
    "AcquisitionNumber": 1,
    "AcquisitionTime": "16:44:13.132500",
    "BandwidthPerPixelPhaseEncode": 33.967,
    "BaseResolution": 64,
    "ConversionSoftware": "dcm2niix",
    "ConversionSoftwareVersion": "v1.0.20180622 GCC4.9.2",
    "DerivedVendorReportedEchoSpacing": 0.000460005,
    "DeviceSerialNumber": "35193",
    "DwellTime": 3.1e-06,
    "EchoTime": 0.03,
    "EffectiveEchoSpacing": 0.000460005,
    "FlipAngle": 90,
    "ImageOrientationPatientDICOM": [
      1,
      0,
      0,
      0,
      1,
      0
    ],
    "ImageType": [
      "ORIGINAL",
      "PRIMARY",
      "M",
      "ND",
      "MOSAIC"
    ],
    "InPlanePhaseEncodingDirectionDICOM": "COL",
    "InstitutionAddress": "Xinjiekouwai_Street_No_19_Beijing_Haidian_District_CN_100875",
    "InstitutionName": "Beijing_Normal_Universtiy_7C3C54",
    "InstitutionalDepartmentName": "Department",
    "MRAcquisitionType": "2D",
    "MagneticFieldStrength": 3,
    "Manufacturer": "Siemens",
    "ManufacturersModelName": "TrioTim",
    "Modality": "MR",
    "PartialFourier": 1,
    "PatientPosition": "HFS",
    "PercentPhaseFOV": 100,
    "PhaseEncodingDirection": "j-",
    "PhaseEncodingSteps": 64,
    "PhaseResolution": 1,
    "PixelBandwidth": 2520,
    "ProcedureStepDescription": "BNU_cst_2015_Liu.Jia",
    "ProtocolName": "ge_func_pace_3x3x3.5_99",
    "PulseSequenceDetails": "%SiemensSeq%_ep2d_bold",
    "ReceiveCoilName": "HeadMatrix",
    "ReconMatrixPE": 64,
    "RepetitionTime": 2,
    "SAR": 0.12439,
    "ScanOptions": "FS",
    "ScanningSequence": "EP",
    "SequenceName": "_epfid2d1_64",
    "SequenceVariant": "SK",
    "SeriesDescription": "ge_func_pace_3x3x3.5_99",
    "SeriesNumber": 14,
    "ShimSetting": [
      -4523,
      -19334,
      -9844,
      992,
      -39,
      -477,
      207,
      6
    ],
    "SliceThickness": 3.5,
    "SliceTiming": [
      0,
      1.035,
      0.06,
      1.095,
      0.1225,
      1.155,
      0.1825,
      1.2175,
      0.2425,
      1.2775,
      0.305,
      1.3375,
      0.365,
      1.4,
      0.425,
      1.46,
      0.4875,
      1.52,
      0.5475,
      1.5825,
      0.6075,
      1.6425,
      0.67,
      1.7025,
      0.73,
      1.765,
      0.79,
      1.825,
      0.8525,
      1.885,
      0.9125,
      1.9475,
      0.9725
    ],
    "SoftwareVersions": "syngo_MR_B17",
    "SpacingBetweenSlices": 4.2,
    "StationName": "MRC35193",
    "TotalReadoutTime": 0.0289803,
    "TxRefAmp": 313.892,
    "dataset": "ds003696",
    "modality": "bold",
    "run_id": 3,
    "session_id": "01",
    "subject_id": "104",
    "task_id": "localizer"
  },
  "dummy_trs": 0,
  "dvars_nstd": 21.226379978061217,
  "dvars_std": 1.150450209387755,
  "dvars_vstd": 1.0134111159183674,
  "efc": 0.5454590762974557,
  "fber": 838.1485595703125,
  "fd_mean": 0.12387741280273577,
  "fd_num": 6,
  "fd_perc": 6.0606060606060606,
  "fwhm_avg": 2.034001938715947,
  "fwhm_x": 1.9976288,
  "fwhm_y": 2.2807936,
  "fwhm_z": 1.8235834161478413,
  "gcor": 0.0238932,
  "gsr_x": -0.0035421904176473618,
  "gsr_y": 0.030917812138795853,
  "provenance": {
    "md5sum": "2038d535a859640b4f5e1c9d57b0028c",
    "settings": {
      "fd_thres": 0.2,
      "testing": false
    },
    "software": "mriqc",
    "version": "23.0.1",
    "webapi_port": null,
    "webapi_url": "https://mriqc.nimh.nih.gov/api/v1"
  },
  "size_t": 99,
  "size_x": 64,
  "size_y": 64,
  "size_z": 33,
  "snr": 6.053118102441982,
  "spacing_tr": 2.0,
  "spacing_x": 3.125,
  "spacing_y": 3.125,
  "spacing_z": 4.199999809265137,
  "summary_bg_k": 20.920278148234136,
  "summary_bg_mad": 14.58641087642291,
  "summary_bg_mean": 60.841651916503906,
  "summary_bg_median": 30.29292869567871,
  "summary_bg_n": 80267.0,
  "summary_bg_p05": 19.46464729309082,
  "summary_bg_p95": 223.44343261718728,
  "summary_bg_stdv": 77.35475158691406,
  "summary_fg_k": 1.5279128408039861,
  "summary_fg_mad": 131.66709418924822,
  "summary_fg_mean": 898.7823486328125,
  "summary_fg_median": 896.7777709960938,
  "summary_fg_n": 23621.0,
  "summary_fg_p05": 659.2222290039062,
  "summary_fg_p95": 1146.77783203125,
  "summary_fg_stdv": 148.1482391357422,
  "tsnr": 79.98620869591832
}