{
  "aor": 0.0018526262626262625,
  "aqi": 0.004648251515151515,
  "bids_meta": {
    "AcquisitionMatrixPE": 64,
    "AcquisitionNumber": 1,
    "AcquisitionTime": "16:39:54.740000",
    "BandwidthPerPixelPhaseEncode": 33.967,
    "BaseResolution": 64,
    "ConversionSoftware": "dcm2niix",
    "ConversionSoftwareVersion": "v1.0.20180622 GCC4.9.2",
    "DerivedVendorReportedEchoSpacing": 0.000460005,
    "DeviceSerialNumber": "35193",
    "DwellTime": 3.1e-06,
    "EchoTime": 0.03,
    "EffectiveEchoSpacing": 0.000460005,
    "FlipAngle": 90,
    "ImageOrientationPatientDICOM": [
      1,
      0,
      0,
      0,
      1,
      0
    ],
    "ImageType": [
      "ORIGINAL",
      "PRIMARY",
      "M",
      "ND",
      "MOSAIC"
    ],
    "InPlanePhaseEncodingDirectionDICOM": "COL",
    "InstitutionAddress": "Xinjiekouwai_Street_No_19_Beijing_Haidian_District_CN_100875",
    "InstitutionName": "Beijing_Normal_Universtiy_7C3C54",
    "InstitutionalDepartmentName": "Department",
    "MRAcquisitionType": "2D",
    "MagneticFieldStrength": 3,
    "Manufacturer": "Siemens",
    "ManufacturersModelName": "TrioTim",
    "Modality": "MR",
    "PartialFourier": 1,
    "PatientPosition": "HFS",
    "PercentPhaseFOV": 100,
    "PhaseEncodingDirection": "j-",
    "PhaseEncodingSteps": 64,
    "PhaseResolution": 1,
    "PixelBandwidth": 2520,
    "ProcedureStepDescription": "BNU_cst_2015_Liu.Jia",
    "ProtocolName": "ge_func_pace_3x3x3.5_99",
    "PulseSequenceDetails": "%SiemensSeq%_ep2d_bold",
    "ReceiveCoilName": "HeadMatrix",
    "ReconMatrixPE": 64,
    "RepetitionTime": 2,
    "SAR": 0.12439,
    "ScanOptions": "FS",
    "ScanningSequence": "EP",
    "SequenceName": "_epfid2d1_64",
    "SequenceVariant": "SK",
    "SeriesDescription": "ge_func_pace_3x3x3.5_99",
    "SeriesNumber": 12,
    "ShimSetting": [
      -4523,
      -19334,
      -9844,
      992,
      -39,
      -477,
      207,
      6
    ],
    "SliceThickness": 3.5,
    "SliceTiming": [
      0,
      1.035,
      0.0625,
      1.095,
      0.1225,
      1.1575,
      0.1825,
      1.2175,
      0.245,
      1.2775,
      0.305,
      1.34,
      0.365,
      1.4,
      0.4275,
      1.46,
      0.4875,
      1.5225,
      0.5475,
      1.5825,
      0.61,
      1.6425,
      0.67,
      1.705,
      0.73,
      1.765,
      0.7925,
      1.825,
      0.8525,
      1.8875,
      0.9125,
      1.9475,
      0.975
    ],
    "SoftwareVersions": "syngo_MR_B17",
    "SpacingBetweenSlices": 4.2,
    "StationName": "MRC35193",
    "TotalReadoutTime": 0.0289803,
    "TxRefAmp": 313.892,
    "dataset": "ds003696",
    "modality": "bold",
    "run_id": 2,
    "session_id": "01",
    "subject_id": "104",
    "task_id": "localizer"
  },
  "dummy_trs": 0,
  "dvars_nstd": 21.505992091224496,
  "dvars_std": 1.14988236,
  "dvars_vstd": 1.0179750068367348,
  "efc": 0.5444102961839112,
  "fber": 854.3987426757812,
  "fd_mean": 0.10698127431862973,
  "fd_num": 5,
  "fd_perc": 5.05050505050505,
  "fwhm_avg": 2.02940210375199,
  "fwhm_x": 2.0007488,
  "fwhm_y": 2.266736,
  "fwhm_z": 1.8207215112559687,
  "gcor": 0.0409199,
  "gsr_x": -0.0040322900749742985,
  "gsr_y": 0.0319417268037796,
  "provenance": {
    "md5sum": "d09d1bd806966b73544c322cf4ecc9be",
    "settings": {
      "fd_thres": 0.2,
      "testing": false
    },
    "software": "mriqc",
    "version": "23.0.1",
    "webapi_port": null,
    "webapi_url": "https://mriqc.nimh.nih.gov/api/v1"
  },
  "size_t": 99,
  "size_x": 64,
  "size_y": 64,
  "size_z": 33,
  "snr": 6.041541806748672,
  "spacing_tr": 2.0,
  "spacing_x": 3.125,
  "spacing_y": 3.125,
  "spacing_z": 4.199999809265137,
  "summary_bg_k": 22.025482804801587,
  "summary_bg_mad": 14.22699249955359,
  "summary_bg_mean": 60.05942916870117,
  "summary_bg_median": 30.010101318359375,
  "summary_bg_n": 80254.0,
  "summary_bg_p05": 19.474746704101562,
  "summary_bg_p95": 218.7616088867184,
  "summary_bg_stdv": 76.1401138305664,
  "summary_fg_k": 1.4678078669951287,
  "summary_fg_mad": 131.48737934513494,
  "summary_fg_mean": 898.5548095703125,
  "summary_fg_median": 896.6767578125,
  "summary_fg_n": 23629.0,
  "summary_fg_p05": 659.8161865234375,
  "summary_fg_p95": 1147.7070800781248,
  "summary_fg_stdv": 148.41539001464844,
  "tsnr": 75.27229115949012
}