{
  "aor": 0.0007171351351351352,
  "aqi": 0.005240733567567568,
  "bids_meta": {
    "AcquisitionMatrixPE": 64,
    "AcquisitionNumber": 1,
    "AcquisitionTime": "14:05:34.282500",
    "BandwidthPerPixelPhaseEncode": 33.967,
    "BaseResolution": 64,
    "ConversionSoftware": "dcm2niix",
    "ConversionSoftwareVersion": "v1.0.20180622 GCC4.9.2",
    "DerivedVendorReportedEchoSpacing": 0.000460005,
    "DeviceSerialNumber": "35193",
    "DwellTime": 3.1e-06,
    "EchoTime": 0.03,
    "EffectiveEchoSpacing": 0.000460005,
    "FlipAngle": 90,
    "ImageOrientationPatientDICOM": [
      1,
      0,
      0,
      0,
      1,
      0
    ],
    "ImageType": [
      "ORIGINAL",
      "PRIMARY",
      "M",
      "ND",
      "MOSAIC"
    ],
    "InPlanePhaseEncodingDirectionDICOM": "COL",
    "InstitutionAddress": "Xinjiekouwai_Street_No_19_Beijing_Haidian_District_CN_100875",
    "InstitutionName": "BNU_MRI_Center",
    "InstitutionalDepartmentName": "Department",
    "MRAcquisitionType": "2D",
    "MagneticFieldStrength": 3,
    "Manufacturer": "Siemens",
    "ManufacturersModelName": "TrioTim",
    "Modality": "MR",
    "PartialFourier": 1,
    "PatientPosition": "HFS",
    "PercentPhaseFOV": 100,
    "PhaseEncodingDirection": "j-",
    "PhaseEncodingSteps": 64,
    "PhaseResolution": 1,
    "PixelBandwidth": 2520,
    "ProcedureStepDescription": "BNU_cst_2015_Liu.Jia",
    "ProtocolName": "ge_func_pace_3x3x3.5_185",
    "PulseSequenceDetails": "%SiemensSeq%_ep2d_bold",
    "ReceiveCoilName": "HeadMatrix",
    "ReconMatrixPE": 64,
    "RepetitionTime": 2,
    "SAR": 0.146187,
    "ScanOptions": "FS",
    "ScanningSequence": "EP",
    "SequenceName": "_epfid2d1_64",
    "SequenceVariant": "SK",
    "SeriesDescription": "ge_func_pace_3x3x3.5_185",
    "SeriesNumber": 6,
    "ShimSetting": [
      -4497,
      -19400,
      -9830,
      1169,
      -126,
      -313,
      44,
      -34
    ],
    "SliceThickness": 3.5,
    "SliceTiming": [
      0,
      1.035,
      0.0625,
      1.095,
      0.1225,
      1.1575,
      0.1825,
      1.2175,
      0.245,
      1.2775,
      0.305,
      1.34,
      0.365,
      1.4,
      0.4275,
      1.46,
      0.4875,
      1.5225,
      0.5475,
      1.5825,
      0.61,
      1.6425,
      0.67,
      1.705,
      0.73,
      1.765,
      0.7925,
      1.825,
      0.8525,
      1.8875,
      0.9125,
      1.9475,
      0.975
    ],
    "SoftwareVersions": "syngo_MR_B17",
    "SpacingBetweenSlices": 4.2,
    "StationName": "MRC35193",
    "TotalReadoutTime": 0.0289803,
    "TxRefAmp": 311.822,
    "dataset": "ds003696",
    "modality": "bold",
    "run_id": 2,
    "session_id": "01",
    "subject_id": "102",
    "task_id": "affordance"
  },
  "dummy_trs": 0,
  "dvars_nstd": 21.407934473858706,
  "dvars_std": 1.1814245509782602,
  "dvars_vstd": 1.0019397203260874,
  "efc": 0.5276907997588713,
  "fber": 1155.0406494140625,
  "fd_mean": 0.06907836518665504,
  "fd_num": 3,
  "fd_perc": 1.6216216216216217,
  "fwhm_avg": 2.059670987918505,
  "fwhm_x": 1.957072,
  "fwhm_y": 2.2937504,
  "fwhm_z": 1.928190563755515,
  "gcor": 0.0701353,
  "gsr_x": -0.005092551466077566,
  "gsr_y": 0.03480438143014908,
  "provenance": {
    "md5sum": "602018b21cf5f5bcb053df31dda61ded",
    "settings": {
      "fd_thres": 0.2,
      "testing": false
    },
    "software": "mriqc",
    "version": "23.0.1",
    "webapi_port": null,
    "webapi_url": "https://mriqc.nimh.nih.gov/api/v1"
  },
  "size_t": 185,
  "size_x": 64,
  "size_y": 64,
  "size_z": 33,
  "snr": 5.867568103187616,
  "spacing_tr": 2.0,
  "spacing_x": 3.125,
  "spacing_y": 3.125,
  "spacing_z": 4.199999809265137,
  "summary_bg_k": 30.225049042258725,
  "summary_bg_mad": 10.822997891794483,
  "summary_bg_mean": 54.20786666870117,
  "summary_bg_median": 27.251352310180664,
  "summary_bg_n": 80718.0,
  "summary_bg_p05": 19.26486587524414,
  "summary_bg_p95": 176.49351806640618,
  "summary_bg_stdv": 78.05640411376953,
  "summary_fg_k": 1.0839965081903058,
  "summary_fg_mad": 145.16688235853167,
  "summary_fg_mean": 954.8253173828125,
  "summary_fg_median": 948.45947265625,
  "summary_fg_n": 23773.0,
  "summary_fg_p05": 698.0897583007812,
  "summary_fg_p95": 1228.697314453125,
  "summary_fg_stdv": 161.6409912109375,
  "tsnr": 78.18304486153647
}