{
  "aor": 0.001019292929292929,
  "aqi": 0.0059263074747474736,
  "bids_meta": {
    "AcquisitionMatrixPE": 64,
    "AcquisitionNumber": 1,
    "AcquisitionTime": "14:59:26.520000",
    "BandwidthPerPixelPhaseEncode": 33.967,
    "BaseResolution": 64,
    "ConversionSoftware": "dcm2niix",
    "ConversionSoftwareVersion": "v1.0.20180622 GCC4.9.2",
    "DerivedVendorReportedEchoSpacing": 0.000460005,
    "DeviceSerialNumber": "35193",
    "DwellTime": 3.1e-06,
    "EchoTime": 0.03,
    "EffectiveEchoSpacing": 0.000460005,
    "FlipAngle": 90,
    "ImageOrientationPatientDICOM": [
      1,
      0,
      0,
      0,
      1,
      0
    ],
    "ImageType": [
      "ORIGINAL",
      "PRIMARY",
      "M",
      "ND",
      "MOSAIC"
    ],
    "InPlanePhaseEncodingDirectionDICOM": "COL",
    "InstitutionAddress": "Xinjiekouwai_Street_No_19_Beijing_Haidian_District_CN_100875",
    "InstitutionName": "BNU_MRI_Center",
    "InstitutionalDepartmentName": "Department",
    "MRAcquisitionType": "2D",
    "MagneticFieldStrength": 3,
    "Manufacturer": "Siemens",
    "ManufacturersModelName": "TrioTim",
    "Modality": "MR",
    "PartialFourier": 1,
    "PatientPosition": "HFS",
    "PercentPhaseFOV": 100,
    "PhaseEncodingDirection": "j-",
    "PhaseEncodingSteps": 64,
    "PhaseResolution": 1,
    "PixelBandwidth": 2520,
    "ProcedureStepDescription": "BNU_cst_2015_Liu.Jia",
    "ProtocolName": "ge_func_pace_3x3x3.5_99",
    "PulseSequenceDetails": "%SiemensSeq%_ep2d_bold",
    "ReceiveCoilName": "HeadMatrix",
    "ReconMatrixPE": 64,
    "RepetitionTime": 2,
    "SAR": 0.150132,
    "ScanOptions": "FS",
    "ScanningSequence": "EP",
    "SequenceName": "_epfid2d1_64",
    "SequenceVariant": "SK",
    "SeriesDescription": "ge_func_pace_3x3x3.5_99",
    "SeriesNumber": 12,
    "ShimSetting": [
      -4505,
      -19394,
      -9769,
      1256,
      -79,
      -234,
      -9,
      -115
    ],
    "SliceThickness": 3.5,
    "SliceTiming": [
      0,
      1.035,
      0.0625,
      1.095,
      0.1225,
      1.1575,
      0.1825,
      1.2175,
      0.245,
      1.2775,
      0.305,
      1.34,
      0.365,
      1.4,
      0.4275,
      1.46,
      0.4875,
      1.5225,
      0.5475,
      1.5825,
      0.61,
      1.6425,
      0.67,
      1.705,
      0.73,
      1.765,
      0.7925,
      1.825,
      0.8525,
      1.8875,
      0.9125,
      1.9475,
      0.975
    ],
    "SoftwareVersions": "syngo_MR_B17",
    "SpacingBetweenSlices": 4.2,
    "StationName": "MRC35193",
    "TotalReadoutTime": 0.0289803,
    "TxRefAmp": 313.304,
    "dataset": "ds003696",
    "modality": "bold",
    "run_id": 2,
    "session_id": "01",
    "subject_id": "102",
    "task_id": "localizer"
  },
  "dummy_trs": 0,
  "dvars_nstd": 23.650343603163275,
  "dvars_std": 1.1941739087755103,
  "dvars_vstd": 1.0029983902040815,
  "efc": 0.5249646684395606,
  "fber": 1222.7181396484375,
  "fd_mean": 0.08987224626701489,
  "fd_num": 0,
  "fd_perc": 0.0,
  "fwhm_avg": 2.080768765580227,
  "fwhm_x": 1.9734175999999999,
  "fwhm_y": 2.3483648,
  "fwhm_z": 1.9205238967406817,
  "gcor": 0.0755937,
  "gsr_x": -0.003108000149950385,
  "gsr_y": 0.036793872714042664,
  "provenance": {
    "md5sum": "1b244183ce40e94fe1c8fd6b440bd285",
    "settings": {
      "fd_thres": 0.2,
      "testing": false
    },
    "software": "mriqc",
    "version": "23.0.1",
    "webapi_port": null,
    "webapi_url": "https://mriqc.nimh.nih.gov/api/v1"
  },
  "size_t": 99,
  "size_x": 64,
  "size_y": 64,
  "size_z": 33,
  "snr": 5.725221664000207,
  "spacing_tr": 2.0,
  "spacing_x": 3.125,
  "spacing_y": 3.125,
  "spacing_z": 4.199999809265137,
  "summary_bg_k": 33.90352094800091,
  "summary_bg_mad": 10.273384698312443,
  "summary_bg_mean": 54.31909942626953,
  "summary_bg_median": 26.878787994384766,
  "summary_bg_n": 81055.0,
  "summary_bg_p05": 19.303030014038086,
  "summary_bg_p95": 172.03333435058596,
  "summary_bg_stdv": 80.73603057861328,
  "summary_fg_k": 1.1488524387137353,
  "summary_fg_mad": 150.43164048064202,
  "summary_fg_mean": 967.4586791992188,
  "summary_fg_median": 960.1212158203125,
  "summary_fg_n": 23599.0,
  "summary_fg_p05": 703.6161804199219,
  "summary_fg_p95": 1254.541455078125,
  "summary_fg_stdv": 167.69671630859375,
  "tsnr": 78.95277281105518
}