{
  "aor": 0.0007083243243243244,
  "aqi": 0.0036655398918918917,
  "bids_meta": {
    "AcquisitionMatrixPE": 64,
    "AcquisitionNumber": 1,
    "AcquisitionTime": "13:51:10.250000",
    "BandwidthPerPixelPhaseEncode": 33.967,
    "BaseResolution": 64,
    "ConversionSoftware": "dcm2niix",
    "ConversionSoftwareVersion": "v1.0.20180622 GCC4.9.2",
    "DerivedVendorReportedEchoSpacing": 0.000460005,
    "DeviceSerialNumber": "35193",
    "DwellTime": 3.1e-06,
    "EchoTime": 0.03,
    "EffectiveEchoSpacing": 0.000460005,
    "FlipAngle": 90,
    "ImageOrientationPatientDICOM": [
      1,
      0,
      0,
      0,
      1,
      0
    ],
    "ImageType": [
      "ORIGINAL",
      "PRIMARY",
      "M",
      "ND",
      "MOSAIC"
    ],
    "InPlanePhaseEncodingDirectionDICOM": "COL",
    "InstitutionAddress": "Xinjiekouwai_Street_No_19_Beijing_Haidian_District_CN_100875",
    "InstitutionName": "BNU_MRI_Center",
    "InstitutionalDepartmentName": "Department",
    "MRAcquisitionType": "2D",
    "MagneticFieldStrength": 3,
    "Manufacturer": "Siemens",
    "ManufacturersModelName": "TrioTim",
    "Modality": "MR",
    "PartialFourier": 1,
    "PatientPosition": "HFS",
    "PercentPhaseFOV": 100,
    "PhaseEncodingDirection": "j-",
    "PhaseEncodingSteps": 64,
    "PhaseResolution": 1,
    "PixelBandwidth": 2520,
    "ProcedureStepDescription": "BNU_cst_2015_Liu.Jia",
    "ProtocolName": "ge_func_pace_3x3x3.5_185",
    "PulseSequenceDetails": "%SiemensSeq%_ep2d_bold",
    "ReceiveCoilName": "HeadMatrix",
    "ReconMatrixPE": 64,
    "RepetitionTime": 2,
    "SAR": 0.146187,
    "ScanOptions": "FS",
    "ScanningSequence": "EP",
    "SequenceName": "_epfid2d1_64",
    "SequenceVariant": "SK",
    "SeriesDescription": "ge_func_pace_3x3x3.5_185",
    "SeriesNumber": 2,
    "ShimSetting": [
      -4497,
      -19400,
      -9830,
      1169,
      -126,
      -313,
      44,
      -34
    ],
    "SliceThickness": 3.5,
    "SliceTiming": [
      0,
      1.0325,
      0.06,
      1.095,
      0.12,
      1.155,
      0.1825,
      1.215,
      0.2425,
      1.2775,
      0.3025,
      1.3375,
      0.365,
      1.3975,
      0.425,
      1.46,
      0.485,
      1.52,
      0.5475,
      1.58,
      0.6075,
      1.6425,
      0.6675,
      1.7025,
      0.73,
      1.7625,
      0.79,
      1.825,
      0.85,
      1.885,
      0.9125,
      1.945,
      0.9725
    ],
    "SoftwareVersions": "syngo_MR_B17",
    "SpacingBetweenSlices": 4.2,
    "StationName": "MRC35193",
    "TotalReadoutTime": 0.0289803,
    "TxRefAmp": 311.822,
    "dataset": "ds003696",
    "modality": "bold",
    "run_id": 4,
    "session_id": "01",
    "subject_id": "102",
    "task_id": "affordance"
  },
  "dummy_trs": 0,
  "dvars_nstd": 18.90449993478261,
  "dvars_std": 1.1540575014130436,
  "dvars_vstd": 1.0043236691304345,
  "efc": 0.5278299139011631,
  "fber": 1153.2642822265625,
  "fd_mean": 0.05747854291067586,
  "fd_num": 0,
  "fd_perc": 0.0,
  "fwhm_avg": 2.056034707987348,
  "fwhm_x": 1.9759935999999998,
  "fwhm_y": 2.3013152,
  "fwhm_z": 1.8907953239620447,
  "gcor": 0.0205712,
  "gsr_x": -0.005480771418660879,
  "gsr_y": 0.03439612314105034,
  "provenance": {
    "md5sum": "9ac165e53ac6ce7c1ede3d037e554df7",
    "settings": {
      "fd_thres": 0.2,
      "testing": false
    },
    "software": "mriqc",
    "version": "23.0.1",
    "webapi_port": null,
    "webapi_url": "https://mriqc.nimh.nih.gov/api/v1"
  },
  "size_t": 185,
  "size_x": 64,
  "size_y": 64,
  "size_z": 33,
  "snr": 5.834048038571443,
  "spacing_tr": 2.0,
  "spacing_x": 3.125,
  "spacing_y": 3.125,
  "spacing_z": 4.199999809265137,
  "summary_bg_k": 30.614846346695032,
  "summary_bg_mad": 10.979269947990803,
  "summary_bg_mean": 53.70987319946289,
  "summary_bg_median": 27.227027893066406,
  "summary_bg_n": 80706.0,
  "summary_bg_p05": 19.01081085205078,
  "summary_bg_p95": 172.02163314819336,
  "summary_bg_stdv": 76.13915252685547,
  "summary_fg_k": 1.1322987958597475,
  "summary_fg_mad": 146.2566637621854,
  "summary_fg_mean": 951.7664794921875,
  "summary_fg_median": 944.6216430664062,
  "summary_fg_n": 23776.0,
  "summary_fg_p05": 696.7446136474609,
  "summary_fg_p95": 1227.1811218261719,
  "summary_fg_stdv": 161.91189575195312,
  "tsnr": 85.41215870401356
}