{
  "aor": 0.0005613586956521739,
  "aqi": 0.005299674619565217,
  "bids_meta": {
    "AcquisitionMatrixPE": 64,
    "AcquisitionNumber": 1,
    "AcquisitionTime": "12:30:34.067500",
    "BandwidthPerPixelPhaseEncode": 33.967,
    "BaseResolution": 64,
    "ConversionSoftware": "dcm2niix",
    "ConversionSoftwareVersion": "v1.0.20180622 GCC4.9.2",
    "DerivedVendorReportedEchoSpacing": 0.000460005,
    "DeviceSerialNumber": "35193",
    "DwellTime": 3.1e-06,
    "EchoTime": 0.03,
    "EffectiveEchoSpacing": 0.000460005,
    "FlipAngle": 90,
    "ImageOrientationPatientDICOM": [
      1,
      0,
      0,
      0,
      1,
      0
    ],
    "ImageType": [
      "ORIGINAL",
      "PRIMARY",
      "M",
      "ND",
      "MOSAIC"
    ],
    "InPlanePhaseEncodingDirectionDICOM": "COL",
    "InstitutionAddress": "Xinjiekouwai_Street_No_19_Beijing_Haidian_District_CN_100875",
    "InstitutionName": "BNU_MRI_Center",
    "InstitutionalDepartmentName": "Department",
    "MRAcquisitionType": "2D",
    "MagneticFieldStrength": 3,
    "Manufacturer": "Siemens",
    "ManufacturersModelName": "TrioTim",
    "Modality": "MR",
    "PartialFourier": 1,
    "PatientPosition": "HFS",
    "PercentPhaseFOV": 100,
    "PhaseEncodingDirection": "j-",
    "PhaseEncodingSteps": 64,
    "PhaseResolution": 1,
    "PixelBandwidth": 2520,
    "ProcedureStepDescription": "BNU_cst_2015_Liu.Jia",
    "ProtocolName": "ge_func_pace_3x3x3.5_185",
    "PulseSequenceDetails": "%SiemensSeq%_ep2d_bold",
    "ReceiveCoilName": "HeadMatrix",
    "ReconMatrixPE": 64,
    "RepetitionTime": 2,
    "SAR": 0.162965,
    "ScanOptions": "FS",
    "ScanningSequence": "EP",
    "SequenceName": "_epfid2d1_64",
    "SequenceVariant": "SK",
    "SeriesDescription": "ge_func_pace_3x3x3.5_185",
    "SeriesNumber": 8,
    "ShimSetting": [
      -4481,
      -19437,
      -9691,
      1016,
      161,
      -275,
      50,
      -22
    ],
    "SliceThickness": 3.5,
    "SliceTiming": [
      0,
      1.035,
      0.06,
      1.095,
      0.1225,
      1.155,
      0.1825,
      1.2175,
      0.2425,
      1.2775,
      0.305,
      1.3375,
      0.365,
      1.4,
      0.425,
      1.46,
      0.4875,
      1.52,
      0.5475,
      1.5825,
      0.6075,
      1.6425,
      0.67,
      1.7025,
      0.73,
      1.765,
      0.79,
      1.825,
      0.8525,
      1.885,
      0.9125,
      1.9475,
      0.9725
    ],
    "SoftwareVersions": "syngo_MR_B17",
    "SpacingBetweenSlices": 4.2,
    "StationName": "MRC35193",
    "TotalReadoutTime": 0.0289803,
    "TxRefAmp": 340.817,
    "dataset": "ds003696",
    "modality": "bold",
    "run_id": 8,
    "session_id": "02",
    "subject_id": "113",
    "task_id": "affordance"
  },
  "dummy_trs": 1,
  "dvars_nstd": 25.141495490928968,
  "dvars_std": 1.2680838720765022,
  "dvars_vstd": 0.9888120183060107,
  "efc": 0.5841584947891301,
  "fber": 674.161376953125,
  "fd_mean": 0.10349756615739866,
  "fd_num": 2,
  "fd_perc": 1.0869565217391304,
  "fwhm_avg": 1.993833156964188,
  "fwhm_x": 1.9905984,
  "fwhm_y": 2.2201248000000002,
  "fwhm_z": 1.7707762708925643,
  "gcor": 0.0232526,
  "gsr_x": 0.02016698569059372,
  "gsr_y": 0.028298409655690193,
  "provenance": {
    "md5sum": "ffce9b4f90b89c14ba6d83b2059bb957",
    "settings": {
      "fd_thres": 0.2,
      "testing": false
    },
    "software": "mriqc",
    "version": "23.0.1",
    "webapi_port": null,
    "webapi_url": "https://mriqc.nimh.nih.gov/api/v1"
  },
  "size_t": 184,
  "size_x": 64,
  "size_y": 64,
  "size_z": 33,
  "snr": 5.699044233212792,
  "spacing_tr": 2.0,
  "spacing_x": 3.125,
  "spacing_y": 3.125,
  "spacing_z": 4.199999809265137,
  "summary_bg_k": 24.217488817816903,
  "summary_bg_mad": 18.685624123966193,
  "summary_bg_mean": 68.9653549194336,
  "summary_bg_median": 35.15217590332031,
  "summary_bg_n": 72401.0,
  "summary_bg_p05": 21.021739959716797,
  "summary_bg_p95": 252.375,
  "summary_bg_stdv": 93.6417236328125,
  "summary_fg_k": 1.7251159153514237,
  "summary_fg_mad": 139.57409487594262,
  "summary_fg_mean": 941.3582153320312,
  "summary_fg_median": 934.4728393554688,
  "summary_fg_n": 29633.0,
  "summary_fg_p05": 693.9989135742187,
  "summary_fg_p95": 1216.850048828125,
  "summary_fg_stdv": 163.9673309326172,
  "tsnr": 73.02783525607083
}