{
  "aor": 0.0010703260869565218,
  "aqi": 0.004335225163043478,
  "bids_meta": {
    "AcquisitionMatrixPE": 64,
    "AcquisitionNumber": 1,
    "AcquisitionTime": "13:40:3.940000",
    "BandwidthPerPixelPhaseEncode": 33.967,
    "BaseResolution": 64,
    "ConversionSoftware": "dcm2niix",
    "ConversionSoftwareVersion": "v1.0.20180622 GCC4.9.2",
    "DerivedVendorReportedEchoSpacing": 0.000460005,
    "DeviceSerialNumber": "35193",
    "DwellTime": 3.1e-06,
    "EchoTime": 0.03,
    "EffectiveEchoSpacing": 0.000460005,
    "FlipAngle": 90,
    "ImageOrientationPatientDICOM": [
      1,
      0,
      0,
      0,
      1,
      0
    ],
    "ImageType": [
      "ORIGINAL",
      "PRIMARY",
      "M",
      "ND",
      "MOSAIC"
    ],
    "InPlanePhaseEncodingDirectionDICOM": "COL",
    "InstitutionAddress": "Xinjiekouwai_Street_No_19_Beijing_Haidian_District_CN_100875",
    "InstitutionName": "BNU_MRI_Center",
    "InstitutionalDepartmentName": "Department",
    "MRAcquisitionType": "2D",
    "MagneticFieldStrength": 3,
    "Manufacturer": "Siemens",
    "ManufacturersModelName": "TrioTim",
    "Modality": "MR",
    "PartialFourier": 1,
    "PatientPosition": "HFS",
    "PercentPhaseFOV": 100,
    "PhaseEncodingDirection": "j-",
    "PhaseEncodingSteps": 64,
    "PhaseResolution": 1,
    "PixelBandwidth": 2520,
    "ProcedureStepDescription": "BNU_cst_2015_Liu.Jia",
    "ProtocolName": "ge_func_pace_3x3x3.5_185",
    "PulseSequenceDetails": "%SiemensSeq%_ep2d_bold",
    "ReceiveCoilName": "HeadMatrix",
    "ReconMatrixPE": 64,
    "RepetitionTime": 2,
    "SAR": 0.131105,
    "ScanOptions": "FS",
    "ScanningSequence": "EP",
    "SequenceName": "_epfid2d1_64",
    "SequenceVariant": "SK",
    "SeriesDescription": "ge_func_pace_3x3x3.5_185",
    "SeriesNumber": 2,
    "ShimSetting": [
      -4474,
      -19414,
      -9822,
      1185,
      -86,
      -191,
      129,
      -60
    ],
    "SliceThickness": 3.5,
    "SliceTiming": [
      0,
      1.0325,
      0.06,
      1.095,
      0.12,
      1.155,
      0.1825,
      1.215,
      0.2425,
      1.2775,
      0.3025,
      1.3375,
      0.365,
      1.3975,
      0.425,
      1.46,
      0.485,
      1.52,
      0.5475,
      1.58,
      0.6075,
      1.6425,
      0.6675,
      1.7025,
      0.73,
      1.7625,
      0.79,
      1.825,
      0.85,
      1.885,
      0.9125,
      1.945,
      0.9725
    ],
    "SoftwareVersions": "syngo_MR_B17",
    "SpacingBetweenSlices": 4.2,
    "StationName": "MRC35193",
    "TotalReadoutTime": 0.0289803,
    "TxRefAmp": 320.337,
    "dataset": "ds003696",
    "modality": "bold",
    "run_id": 8,
    "session_id": "02",
    "subject_id": "108",
    "task_id": "affordance"
  },
  "dummy_trs": 1,
  "dvars_nstd": 23.49343218546448,
  "dvars_std": 1.2630247803278685,
  "dvars_vstd": 0.996456258196721,
  "efc": 0.5166665520076559,
  "fber": 1126.3935546875,
  "fd_mean": 0.06888110191715435,
  "fd_num": 0,
  "fd_perc": 0.0,
  "fwhm_avg": 2.0944917943055192,
  "fwhm_x": 2.0274112,
  "fwhm_y": 2.325376,
  "fwhm_z": 1.9306881829165587,
  "gcor": 0.0185596,
  "gsr_x": -0.0008694810094311833,
  "gsr_y": 0.024208184331655502,
  "provenance": {
    "md5sum": "4e8d3f0145fe9e89acb3b1e7ba32523e",
    "settings": {
      "fd_thres": 0.2,
      "testing": false
    },
    "software": "mriqc",
    "version": "23.0.1",
    "webapi_port": null,
    "webapi_url": "https://mriqc.nimh.nih.gov/api/v1"
  },
  "size_t": 184,
  "size_x": 64,
  "size_y": 64,
  "size_z": 33,
  "snr": 5.6425315002933285,
  "spacing_tr": 2.0,
  "spacing_x": 3.125,
  "spacing_y": 3.125,
  "spacing_z": 4.199999809265137,
  "summary_bg_k": 39.701806386260714,
  "summary_bg_mad": 12.19923659016487,
  "summary_bg_mean": 53.320228576660156,
  "summary_bg_median": 28.5108699798584,
  "summary_bg_n": 82015.0,
  "summary_bg_p05": 19.163043975830078,
  "summary_bg_p95": 173.62554779052746,
  "summary_bg_stdv": 73.82508087158203,
  "summary_fg_k": 1.3850288120211554,
  "summary_fg_mad": 146.61645541384422,
  "summary_fg_mean": 978.8616943359375,
  "summary_fg_median": 973.1603393554688,
  "summary_fg_n": 22532.0,
  "summary_fg_p05": 696.6231323242188,
  "summary_fg_p95": 1271.000848388672,
  "summary_fg_stdv": 172.4649200439453,
  "tsnr": 80.14744411502033
}