{
  "aor": 0.0005410326086956521,
  "aqi": 0.006789793641304348,
  "bids_meta": {
    "AcquisitionMatrixPE": 64,
    "AcquisitionNumber": 1,
    "AcquisitionTime": "14:14:28.962500",
    "BandwidthPerPixelPhaseEncode": 33.967,
    "BaseResolution": 64,
    "ConversionSoftware": "dcm2niix",
    "ConversionSoftwareVersion": "v1.0.20180622 GCC4.9.2",
    "DerivedVendorReportedEchoSpacing": 0.000460005,
    "DeviceSerialNumber": "35193",
    "DwellTime": 3.1e-06,
    "EchoTime": 0.03,
    "EffectiveEchoSpacing": 0.000460005,
    "FlipAngle": 90,
    "ImageOrientationPatientDICOM": [
      0.999781,
      -1e-16,
      -0.0209424,
      1e-16,
      1,
      0
    ],
    "ImageType": [
      "ORIGINAL",
      "PRIMARY",
      "M",
      "ND",
      "MOSAIC"
    ],
    "InPlanePhaseEncodingDirectionDICOM": "COL",
    "InstitutionAddress": "Xinjiekouwai_Street_No_19_Beijing_Haidian_District_CN_100875",
    "InstitutionName": "BNU_MRI_Center",
    "InstitutionalDepartmentName": "Department",
    "MRAcquisitionType": "2D",
    "MagneticFieldStrength": 3,
    "Manufacturer": "Siemens",
    "ManufacturersModelName": "TrioTim",
    "Modality": "MR",
    "PartialFourier": 1,
    "PatientPosition": "HFS",
    "PercentPhaseFOV": 100,
    "PhaseEncodingDirection": "j-",
    "PhaseEncodingSteps": 64,
    "PhaseResolution": 1,
    "PixelBandwidth": 2520,
    "ProcedureStepDescription": "BNU_cst_2015_Liu.Jia",
    "ProtocolName": "ge_func_pace_3x3x3.5_185",
    "PulseSequenceDetails": "%SiemensSeq%_ep2d_bold",
    "ReceiveCoilName": "HeadMatrix",
    "ReconMatrixPE": 64,
    "RepetitionTime": 2,
    "SAR": 0.14525,
    "ScanOptions": "FS",
    "ScanningSequence": "EP",
    "SequenceName": "_epfid2d1_64",
    "SequenceVariant": "SK",
    "SeriesDescription": "ge_func_pace_3x3x3.5_185",
    "SeriesNumber": 4,
    "ShimSetting": [
      -4533,
      -19406,
      -9737,
      1117,
      -93,
      -404,
      37,
      69
    ],
    "SliceThickness": 3.5,
    "SliceTiming": [
      0,
      1.0325,
      0.06,
      1.095,
      0.12,
      1.155,
      0.1825,
      1.215,
      0.2425,
      1.2775,
      0.3025,
      1.3375,
      0.365,
      1.3975,
      0.425,
      1.46,
      0.485,
      1.52,
      0.5475,
      1.58,
      0.6075,
      1.6425,
      0.6675,
      1.7025,
      0.73,
      1.7625,
      0.79,
      1.825,
      0.85,
      1.885,
      0.9125,
      1.945,
      0.9725
    ],
    "SoftwareVersions": "syngo_MR_B17",
    "SpacingBetweenSlices": 4.2,
    "StationName": "MRC35193",
    "TotalReadoutTime": 0.0289803,
    "TxRefAmp": 349.715,
    "dataset": "ds003696",
    "modality": "bold",
    "run_id": 7,
    "session_id": "02",
    "subject_id": "120",
    "task_id": "affordance"
  },
  "dummy_trs": 1,
  "dvars_nstd": 23.565921637704925,
  "dvars_std": 1.1203390537704916,
  "dvars_vstd": 0.9800743768852453,
  "efc": 0.5685700666005902,
  "fber": 664.519775390625,
  "fd_mean": 0.13024468513258816,
  "fd_num": 8,
  "fd_perc": 4.3478260869565215,
  "fwhm_avg": 1.9575193412710226,
  "fwhm_x": 1.9286432,
  "fwhm_y": 2.1612576000000003,
  "fwhm_z": 1.7826572238130671,
  "gcor": 0.0222315,
  "gsr_x": -0.0047308593057096004,
  "gsr_y": 0.043587058782577515,
  "provenance": {
    "md5sum": "8e44a5ab7d3ac150e9590d21793b2e93",
    "settings": {
      "fd_thres": 0.2,
      "testing": false
    },
    "software": "mriqc",
    "version": "23.0.1",
    "webapi_port": null,
    "webapi_url": "https://mriqc.nimh.nih.gov/api/v1"
  },
  "size_t": 184,
  "size_x": 64,
  "size_y": 64,
  "size_z": 33,
  "snr": 5.187831094463921,
  "spacing_tr": 2.0,
  "spacing_x": 3.125,
  "spacing_y": 3.125,
  "spacing_z": 4.199999809265137,
  "summary_bg_k": 43.2352104556817,
  "summary_bg_mad": 18.37942851083454,
  "summary_bg_mean": 64.9035415649414,
  "summary_bg_median": 35.38587188720703,
  "summary_bg_n": 75416.0,
  "summary_bg_p05": 21.630435943603516,
  "summary_bg_p95": 202.22961807250977,
  "summary_bg_stdv": 89.88691711425781,
  "summary_fg_k": 1.2314295437456018,
  "summary_fg_mad": 158.00590628223844,
  "summary_fg_mean": 955.7544555664062,
  "summary_fg_median": 938.1712646484375,
  "summary_fg_n": 28168.0,
  "summary_fg_p05": 686.4532836914062,
  "summary_fg_p95": 1274.735333251953,
  "summary_fg_stdv": 180.83753967285156,
  "tsnr": 64.4118877183646
}