{
  "aor": 0.0006162499999999999,
  "aqi": 0.003970543152173912,
  "bids_meta": {
    "AcquisitionMatrixPE": 64,
    "AcquisitionNumber": 1,
    "AcquisitionTime": "12:29:39.810000",
    "BandwidthPerPixelPhaseEncode": 33.967,
    "BaseResolution": 64,
    "ConversionSoftware": "dcm2niix",
    "ConversionSoftwareVersion": "v1.0.20180622 GCC4.9.2",
    "DerivedVendorReportedEchoSpacing": 0.000460005,
    "DeviceSerialNumber": "35193",
    "DwellTime": 3.1e-06,
    "EchoTime": 0.03,
    "EffectiveEchoSpacing": 0.000460005,
    "FlipAngle": 90,
    "ImageOrientationPatientDICOM": [
      1,
      2e-16,
      0,
      -2e-16,
      0.975917,
      -0.218143
    ],
    "ImageType": [
      "ORIGINAL",
      "PRIMARY",
      "M",
      "ND",
      "MOSAIC"
    ],
    "InPlanePhaseEncodingDirectionDICOM": "COL",
    "InstitutionAddress": "Xinjiekouwai_Street_No_19_Beijing_Haidian_District_CN_100875",
    "InstitutionName": "Beijing_Normal_Universtiy_0C7E54",
    "InstitutionalDepartmentName": "Department",
    "MRAcquisitionType": "2D",
    "MagneticFieldStrength": 3,
    "Manufacturer": "Siemens",
    "ManufacturersModelName": "TrioTim",
    "Modality": "MR",
    "PartialFourier": 1,
    "PatientPosition": "HFS",
    "PercentPhaseFOV": 100,
    "PhaseEncodingDirection": "j-",
    "PhaseEncodingSteps": 64,
    "PhaseResolution": 1,
    "PixelBandwidth": 2520,
    "ProcedureStepDescription": "BNU_cst_2019_Xu.Shan",
    "ProtocolName": "ge_func_pace_3x3x3.5_185",
    "PulseSequenceDetails": "%SiemensSeq%_ep2d_bold",
    "ReceiveCoilName": "HeadMatrix",
    "ReconMatrixPE": 64,
    "RepetitionTime": 2,
    "SAR": 0.1768,
    "ScanOptions": "FS",
    "ScanningSequence": "EP",
    "SequenceName": "_epfid2d1_64",
    "SequenceVariant": "SK",
    "SeriesDescription": "ge_func_pace_3x3x3.5_185",
    "SeriesNumber": 6,
    "ShimSetting": [
      -4507,
      -19435,
      -9785,
      1038,
      -90,
      -639,
      -143,
      -9
    ],
    "SliceThickness": 3.5,
    "SliceTiming": [
      0,
      1.0325,
      0.06,
      1.095,
      0.12,
      1.155,
      0.1825,
      1.215,
      0.2425,
      1.2775,
      0.3025,
      1.3375,
      0.365,
      1.3975,
      0.425,
      1.46,
      0.485,
      1.52,
      0.5475,
      1.58,
      0.6075,
      1.6425,
      0.6675,
      1.7025,
      0.73,
      1.7625,
      0.79,
      1.825,
      0.85,
      1.885,
      0.9125,
      1.945,
      0.9725
    ],
    "SoftwareVersions": "syngo_MR_B17",
    "SpacingBetweenSlices": 4.2,
    "StationName": "MRC35193",
    "TotalReadoutTime": 0.0289803,
    "TxRefAmp": 354.489,
    "dataset": "ds003696",
    "modality": "bold",
    "run_id": 3,
    "session_id": "01",
    "subject_id": "139",
    "task_id": "affordance"
  },
  "dummy_trs": 1,
  "dvars_nstd": 22.883039026284155,
  "dvars_std": 1.1275317167213113,
  "dvars_vstd": 1.001048274262295,
  "efc": 0.5509398924650809,
  "fber": 719.5799560546875,
  "fd_mean": 0.1550038321622511,
  "fd_num": 42,
  "fd_perc": 22.82608695652174,
  "fwhm_avg": 1.9374486617985376,
  "fwhm_x": 1.9101696000000001,
  "fwhm_y": 2.1266144,
  "fwhm_z": 1.7755619853956126,
  "gcor": 0.0509877,
  "gsr_x": -0.0010289186611771584,
  "gsr_y": 0.027782566845417023,
  "provenance": {
    "md5sum": "d71226062283a407a305cb547ce0d47a",
    "settings": {
      "fd_thres": 0.2,
      "testing": false
    },
    "software": "mriqc",
    "version": "23.0.1",
    "webapi_port": null,
    "webapi_url": "https://mriqc.nimh.nih.gov/api/v1"
  },
  "size_t": 184,
  "size_x": 64,
  "size_y": 64,
  "size_z": 33,
  "snr": 5.52106461149798,
  "spacing_tr": 2.0,
  "spacing_x": 3.125,
  "spacing_y": 3.125,
  "spacing_z": 4.199999809265137,
  "summary_bg_k": 20.361885960561377,
  "summary_bg_mad": 13.230614628456838,
  "summary_bg_mean": 56.50455093383789,
  "summary_bg_median": 28.728261947631836,
  "summary_bg_n": 79974.0,
  "summary_bg_p05": 19.021739959716797,
  "summary_bg_p95": 192.62772140502884,
  "summary_bg_stdv": 74.18579864501953,
  "summary_fg_k": 0.8426970205405651,
  "summary_fg_mad": 130.56572995576244,
  "summary_fg_mean": 791.8713989257812,
  "summary_fg_median": 787.3397216796875,
  "summary_fg_n": 24108.0,
  "summary_fg_p05": 557.8584533691406,
  "summary_fg_p95": 1026.8620239257812,
  "summary_fg_stdv": 142.60354614257812,
  "tsnr": 69.84476056415588
}