{
  "aor": 0.002073535353535354,
  "aqi": 0.004071881717171717,
  "bids_meta": {
    "AcquisitionMatrixPE": 64,
    "AcquisitionNumber": 1,
    "AcquisitionTime": "12:48:40.445000",
    "BandwidthPerPixelPhaseEncode": 33.967,
    "BaseResolution": 64,
    "ConversionSoftware": "dcm2niix",
    "ConversionSoftwareVersion": "v1.0.20180622 GCC4.9.2",
    "DerivedVendorReportedEchoSpacing": 0.000460005,
    "DeviceSerialNumber": "35193",
    "DwellTime": 3.1e-06,
    "EchoTime": 0.03,
    "EffectiveEchoSpacing": 0.000460005,
    "FlipAngle": 90,
    "ImageOrientationPatientDICOM": [
      1,
      2e-16,
      0,
      -2e-16,
      0.975917,
      -0.218143
    ],
    "ImageType": [
      "ORIGINAL",
      "PRIMARY",
      "M",
      "ND",
      "MOSAIC"
    ],
    "InPlanePhaseEncodingDirectionDICOM": "COL",
    "InstitutionAddress": "Xinjiekouwai_Street_No_19_Beijing_Haidian_District_CN_100875",
    "InstitutionName": "Beijing_Normal_Universtiy_0C7E54",
    "InstitutionalDepartmentName": "Department",
    "MRAcquisitionType": "2D",
    "MagneticFieldStrength": 3,
    "Manufacturer": "Siemens",
    "ManufacturersModelName": "TrioTim",
    "Modality": "MR",
    "PartialFourier": 1,
    "PatientPosition": "HFS",
    "PercentPhaseFOV": 100,
    "PhaseEncodingDirection": "j-",
    "PhaseEncodingSteps": 64,
    "PhaseResolution": 1,
    "PixelBandwidth": 2520,
    "ProcedureStepDescription": "BNU_cst_2019_Xu.Shan",
    "ProtocolName": "ge_func_pace_3x3x3.5_99",
    "PulseSequenceDetails": "%SiemensSeq%_ep2d_bold",
    "ReceiveCoilName": "HeadMatrix",
    "ReconMatrixPE": 64,
    "RepetitionTime": 2,
    "SAR": 0.1762,
    "ScanOptions": "FS",
    "ScanningSequence": "EP",
    "SequenceName": "_epfid2d1_64",
    "SequenceVariant": "SK",
    "SeriesDescription": "ge_func_pace_3x3x3.5_99",
    "SeriesNumber": 14,
    "ShimSetting": [
      -4507,
      -19435,
      -9785,
      1038,
      -90,
      -639,
      -143,
      -9
    ],
    "SliceThickness": 3.5,
    "SliceTiming": [
      0,
      1.035,
      0.06,
      1.095,
      0.1225,
      1.155,
      0.1825,
      1.2175,
      0.2425,
      1.2775,
      0.305,
      1.3375,
      0.365,
      1.4,
      0.425,
      1.46,
      0.4875,
      1.52,
      0.5475,
      1.5825,
      0.6075,
      1.6425,
      0.67,
      1.7025,
      0.73,
      1.765,
      0.79,
      1.825,
      0.8525,
      1.885,
      0.9125,
      1.9475,
      0.9725
    ],
    "SoftwareVersions": "syngo_MR_B17",
    "SpacingBetweenSlices": 4.2,
    "StationName": "MRC35193",
    "TotalReadoutTime": 0.0289803,
    "TxRefAmp": 354.489,
    "dataset": "ds003696",
    "modality": "bold",
    "run_id": 1,
    "session_id": "01",
    "subject_id": "139",
    "task_id": "localizer"
  },
  "dummy_trs": 0,
  "dvars_nstd": 22.761761003571415,
  "dvars_std": 1.1375024647959182,
  "dvars_vstd": 1.0270195525510204,
  "efc": 0.5518638914085697,
  "fber": 699.710693359375,
  "fd_mean": 0.15140707639454748,
  "fd_num": 19,
  "fd_perc": 19.19191919191919,
  "fwhm_avg": 1.9382819951273296,
  "fwhm_x": 1.9170816,
  "fwhm_y": 2.1225024,
  "fwhm_z": 1.7752619853819886,
  "gcor": 0.056296,
  "gsr_x": -0.0004729902429971844,
  "gsr_y": 0.027854735031723976,
  "provenance": {
    "md5sum": "5d5bf5fc86037be17dc5e856eb0e3e2d",
    "settings": {
      "fd_thres": 0.2,
      "testing": false
    },
    "software": "mriqc",
    "version": "23.0.1",
    "webapi_port": null,
    "webapi_url": "https://mriqc.nimh.nih.gov/api/v1"
  },
  "size_t": 99,
  "size_x": 64,
  "size_y": 64,
  "size_z": 33,
  "snr": 5.497899491540409,
  "spacing_tr": 2.0,
  "spacing_x": 3.125,
  "spacing_y": 3.125,
  "spacing_z": 4.199999809265137,
  "summary_bg_k": 20.133089915728647,
  "summary_bg_mad": 13.627959986211849,
  "summary_bg_mean": 57.1107063293457,
  "summary_bg_median": 29.121212005615234,
  "summary_bg_n": 79947.0,
  "summary_bg_p05": 19.070707321166992,
  "summary_bg_p95": 195.242431640625,
  "summary_bg_stdv": 74.51092529296875,
  "summary_fg_k": 0.833351236493979,
  "summary_fg_mad": 130.33416384997898,
  "summary_fg_mean": 791.8514404296875,
  "summary_fg_median": 787.080810546875,
  "summary_fg_n": 24073.0,
  "summary_fg_p05": 556.6161499023438,
  "summary_fg_p95": 1028.3939453124995,
  "summary_fg_stdv": 143.1573028564453,
  "tsnr": 70.93004831159487
}