{
  "aor": 0.0006189673913043479,
  "aqi": 0.004151536195652173,
  "bids_meta": {
    "AcquisitionMatrixPE": 64,
    "AcquisitionNumber": 1,
    "AcquisitionTime": "12:36:33.572500",
    "BandwidthPerPixelPhaseEncode": 33.967,
    "BaseResolution": 64,
    "ConversionSoftware": "dcm2niix",
    "ConversionSoftwareVersion": "v1.0.20180622 GCC4.9.2",
    "DerivedVendorReportedEchoSpacing": 0.000460005,
    "DeviceSerialNumber": "35193",
    "DwellTime": 3.1e-06,
    "EchoTime": 0.03,
    "EffectiveEchoSpacing": 0.000460005,
    "FlipAngle": 90,
    "ImageOrientationPatientDICOM": [
      1,
      2e-16,
      0,
      -2e-16,
      0.975917,
      -0.218143
    ],
    "ImageType": [
      "ORIGINAL",
      "PRIMARY",
      "M",
      "ND",
      "MOSAIC"
    ],
    "InPlanePhaseEncodingDirectionDICOM": "COL",
    "InstitutionAddress": "Xinjiekouwai_Street_No_19_Beijing_Haidian_District_CN_100875",
    "InstitutionName": "Beijing_Normal_Universtiy_0C7E54",
    "InstitutionalDepartmentName": "Department",
    "MRAcquisitionType": "2D",
    "MagneticFieldStrength": 3,
    "Manufacturer": "Siemens",
    "ManufacturersModelName": "TrioTim",
    "Modality": "MR",
    "PartialFourier": 1,
    "PatientPosition": "HFS",
    "PercentPhaseFOV": 100,
    "PhaseEncodingDirection": "j-",
    "PhaseEncodingSteps": 64,
    "PhaseResolution": 1,
    "PixelBandwidth": 2520,
    "ProcedureStepDescription": "BNU_cst_2019_Xu.Shan",
    "ProtocolName": "ge_func_pace_3x3x3.5_185",
    "PulseSequenceDetails": "%SiemensSeq%_ep2d_bold",
    "ReceiveCoilName": "HeadMatrix",
    "ReconMatrixPE": 64,
    "RepetitionTime": 2,
    "SAR": 0.1768,
    "ScanOptions": "FS",
    "ScanningSequence": "EP",
    "SequenceName": "_epfid2d1_64",
    "SequenceVariant": "SK",
    "SeriesDescription": "ge_func_pace_3x3x3.5_185",
    "SeriesNumber": 8,
    "ShimSetting": [
      -4507,
      -19435,
      -9785,
      1038,
      -90,
      -639,
      -143,
      -9
    ],
    "SliceThickness": 3.5,
    "SliceTiming": [
      0,
      1.0325,
      0.06,
      1.095,
      0.12,
      1.155,
      0.1825,
      1.215,
      0.2425,
      1.2775,
      0.3025,
      1.3375,
      0.365,
      1.3975,
      0.425,
      1.46,
      0.485,
      1.52,
      0.5475,
      1.58,
      0.6075,
      1.6425,
      0.6675,
      1.7025,
      0.73,
      1.7625,
      0.79,
      1.825,
      0.85,
      1.885,
      0.9125,
      1.945,
      0.9725
    ],
    "SoftwareVersions": "syngo_MR_B17",
    "SpacingBetweenSlices": 4.2,
    "StationName": "MRC35193",
    "TotalReadoutTime": 0.0289803,
    "TxRefAmp": 354.489,
    "dataset": "ds003696",
    "modality": "bold",
    "run_id": 4,
    "session_id": "01",
    "subject_id": "139",
    "task_id": "affordance"
  },
  "dummy_trs": 1,
  "dvars_nstd": 23.684837956393434,
  "dvars_std": 1.1419499011475411,
  "dvars_vstd": 0.9991677610928957,
  "efc": 0.5515254646405944,
  "fber": 708.4487915039062,
  "fd_mean": 0.15906040460614335,
  "fd_num": 41,
  "fd_perc": 22.282608695652176,
  "fwhm_avg": 1.9329142871891636,
  "fwhm_x": 1.9109184,
  "fwhm_y": 2.112672,
  "fwhm_z": 1.775152461567491,
  "gcor": 0.0634576,
  "gsr_x": -0.0006359453545883298,
  "gsr_y": 0.027401510626077652,
  "provenance": {
    "md5sum": "854eb3ac220f833b14d232cc2f814095",
    "settings": {
      "fd_thres": 0.2,
      "testing": false
    },
    "software": "mriqc",
    "version": "23.0.1",
    "webapi_port": null,
    "webapi_url": "https://mriqc.nimh.nih.gov/api/v1"
  },
  "size_t": 184,
  "size_x": 64,
  "size_y": 64,
  "size_z": 33,
  "snr": 5.539864969976026,
  "spacing_tr": 2.0,
  "spacing_x": 3.125,
  "spacing_y": 3.125,
  "spacing_z": 4.199999809265137,
  "summary_bg_k": 20.291644700482884,
  "summary_bg_mad": 13.689898150716717,
  "summary_bg_mean": 57.09662628173828,
  "summary_bg_median": 29.038043975830078,
  "summary_bg_n": 79995.0,
  "summary_bg_p05": 18.967391967773438,
  "summary_bg_p95": 196.62391815185558,
  "summary_bg_stdv": 74.89462280273438,
  "summary_fg_k": 0.8285293257570929,
  "summary_fg_mad": 129.7881420124263,
  "summary_fg_mean": 793.0487670898438,
  "summary_fg_median": 788.0462646484375,
  "summary_fg_n": 24078.0,
  "summary_fg_p05": 558.6470001220703,
  "summary_fg_p95": 1027.1543518066403,
  "summary_fg_stdv": 142.24713134765625,
  "tsnr": 68.25174484401941
}