{
  "aor": 0.0022325510204081636,
  "aqi": 0.005192001530612245,
  "bids_meta": {
    "AcquisitionMatrixPE": 64,
    "AcquisitionNumber": 1,
    "AcquisitionTime": "16:42:25.780000",
    "BandwidthPerPixelPhaseEncode": 33.967,
    "BaseResolution": 64,
    "ConversionSoftware": "dcm2niix",
    "ConversionSoftwareVersion": "v1.0.20180622 GCC4.9.2",
    "DerivedVendorReportedEchoSpacing": 0.000460005,
    "DeviceSerialNumber": "35193",
    "DwellTime": 3.1e-06,
    "EchoTime": 0.03,
    "EffectiveEchoSpacing": 0.000460005,
    "FlipAngle": 90,
    "ImageOrientationPatientDICOM": [
      1,
      0,
      0,
      0,
      1,
      0
    ],
    "ImageType": [
      "ORIGINAL",
      "PRIMARY",
      "M",
      "ND",
      "MOSAIC"
    ],
    "InPlanePhaseEncodingDirectionDICOM": "COL",
    "InstitutionAddress": "Xinjiekouwai_Street_No_19_Beijing_Haidian_District_CN_100875",
    "InstitutionName": "BNU_MRI_Center",
    "InstitutionalDepartmentName": "Department",
    "MRAcquisitionType": "2D",
    "MagneticFieldStrength": 3,
    "Manufacturer": "Siemens",
    "ManufacturersModelName": "TrioTim",
    "Modality": "MR",
    "PartialFourier": 1,
    "PatientPosition": "HFS",
    "PercentPhaseFOV": 100,
    "PhaseEncodingDirection": "j-",
    "PhaseEncodingSteps": 64,
    "PhaseResolution": 1,
    "PixelBandwidth": 2520,
    "ProcedureStepDescription": "BNU_cst_2019_Xu.Shan",
    "ProtocolName": "ge_func_pace_3x3x3.5_99",
    "PulseSequenceDetails": "%SiemensSeq%_ep2d_bold",
    "ReceiveCoilName": "HeadMatrix",
    "ReconMatrixPE": 64,
    "RepetitionTime": 2,
    "SAR": 0.157291,
    "ScanOptions": "FS",
    "ScanningSequence": "EP",
    "SequenceName": "_epfid2d1_64",
    "SequenceVariant": "SK",
    "SeriesDescription": "ge_func_pace_3x3x3.5_99",
    "SeriesNumber": 12,
    "ShimSetting": [
      -4506,
      -19421,
      -9753,
      1399,
      60,
      -334,
      -124,
      -95
    ],
    "SliceThickness": 3.5,
    "SliceTiming": [
      0,
      1.035,
      0.0625,
      1.095,
      0.1225,
      1.1575,
      0.1825,
      1.2175,
      0.245,
      1.2775,
      0.305,
      1.34,
      0.365,
      1.4,
      0.4275,
      1.46,
      0.4875,
      1.5225,
      0.5475,
      1.5825,
      0.61,
      1.6425,
      0.67,
      1.705,
      0.73,
      1.765,
      0.7925,
      1.825,
      0.8525,
      1.8875,
      0.9125,
      1.9475,
      0.975
    ],
    "SoftwareVersions": "syngo_MR_B17",
    "SpacingBetweenSlices": 4.2,
    "StationName": "MRC35193",
    "TotalReadoutTime": 0.0289803,
    "TxRefAmp": 316.175,
    "dataset": "ds003696",
    "modality": "bold",
    "run_id": 2,
    "session_id": "01",
    "subject_id": "131",
    "task_id": "localizer"
  },
  "dummy_trs": 1,
  "dvars_nstd": 20.658163325773195,
  "dvars_std": 1.1730484947422686,
  "dvars_vstd": 1.0227748481443295,
  "efc": 0.5315571049676322,
  "fber": 1101.5517578125,
  "fd_mean": 0.15475274062638897,
  "fd_num": 25,
  "fd_perc": 25.510204081632654,
  "fwhm_avg": 2.0774709686000294,
  "fwhm_x": 2.0269888,
  "fwhm_y": 2.2951264,
  "fwhm_z": 1.9102977058000887,
  "gcor": 0.00851464,
  "gsr_x": -0.009281741455197334,
  "gsr_y": 0.028366167098283768,
  "provenance": {
    "md5sum": "3ff88859fae62a08e443662219aaecdf",
    "settings": {
      "fd_thres": 0.2,
      "testing": false
    },
    "software": "mriqc",
    "version": "23.0.1",
    "webapi_port": null,
    "webapi_url": "https://mriqc.nimh.nih.gov/api/v1"
  },
  "size_t": 98,
  "size_x": 64,
  "size_y": 64,
  "size_z": 33,
  "snr": 5.854644639201811,
  "spacing_tr": 2.0,
  "spacing_x": 3.125,
  "spacing_y": 3.125,
  "spacing_z": 4.199999809265137,
  "summary_bg_k": 61.966386842367214,
  "summary_bg_mad": 11.845688807712394,
  "summary_bg_mean": 49.07169723510742,
  "summary_bg_median": 27.040815353393555,
  "summary_bg_n": 79161.0,
  "summary_bg_p05": 18.040815353393555,
  "summary_bg_p95": 149.08163452148438,
  "summary_bg_stdv": 68.7859878540039,
  "summary_fg_k": 1.1411544434244316,
  "summary_fg_mad": 138.77460814495527,
  "summary_fg_mean": 918.2709350585938,
  "summary_fg_median": 916.4336547851562,
  "summary_fg_n": 24816.0,
  "summary_fg_p05": 664.3443756103516,
  "summary_fg_p95": 1182.3341369628906,
  "summary_fg_stdv": 156.52789306640625,
  "tsnr": 74.37462592497468
}