{
  "aor": 0.0015191847826086958,
  "aqi": 0.004387593750000001,
  "bids_meta": {
    "AcquisitionMatrixPE": 64,
    "AcquisitionNumber": 1,
    "AcquisitionTime": "16:28:51.285000",
    "BandwidthPerPixelPhaseEncode": 33.967,
    "BaseResolution": 64,
    "ConversionSoftware": "dcm2niix",
    "ConversionSoftwareVersion": "v1.0.20180622 GCC4.9.2",
    "DerivedVendorReportedEchoSpacing": 0.000460005,
    "DeviceSerialNumber": "35193",
    "DwellTime": 3.1e-06,
    "EchoTime": 0.03,
    "EffectiveEchoSpacing": 0.000460005,
    "FlipAngle": 90,
    "ImageOrientationPatientDICOM": [
      1,
      0,
      0,
      0,
      1,
      0
    ],
    "ImageType": [
      "ORIGINAL",
      "PRIMARY",
      "M",
      "ND",
      "MOSAIC"
    ],
    "InPlanePhaseEncodingDirectionDICOM": "COL",
    "InstitutionAddress": "Xinjiekouwai_Street_No_19_Beijing_Haidian_District_CN_100875",
    "InstitutionName": "BNU_MRI_Center",
    "InstitutionalDepartmentName": "Department",
    "MRAcquisitionType": "2D",
    "MagneticFieldStrength": 3,
    "Manufacturer": "Siemens",
    "ManufacturersModelName": "TrioTim",
    "Modality": "MR",
    "PartialFourier": 1,
    "PatientPosition": "HFS",
    "PercentPhaseFOV": 100,
    "PhaseEncodingDirection": "j-",
    "PhaseEncodingSteps": 64,
    "PhaseResolution": 1,
    "PixelBandwidth": 2520,
    "ProcedureStepDescription": "BNU_cst_2019_Xu.Shan",
    "ProtocolName": "ge_func_pace_3x3x3.5_185",
    "PulseSequenceDetails": "%SiemensSeq%_ep2d_bold",
    "ReceiveCoilName": "HeadMatrix",
    "ReconMatrixPE": 64,
    "RepetitionTime": 2,
    "SAR": 0.157826,
    "ScanOptions": "FS",
    "ScanningSequence": "EP",
    "SequenceName": "_epfid2d1_64",
    "SequenceVariant": "SK",
    "SeriesDescription": "ge_func_pace_3x3x3.5_185",
    "SeriesNumber": 8,
    "ShimSetting": [
      -4506,
      -19421,
      -9753,
      1399,
      60,
      -334,
      -124,
      -95
    ],
    "SliceThickness": 3.5,
    "SliceTiming": [
      0,
      1.035,
      0.0625,
      1.095,
      0.1225,
      1.1575,
      0.1825,
      1.2175,
      0.245,
      1.2775,
      0.305,
      1.34,
      0.365,
      1.4,
      0.4275,
      1.46,
      0.4875,
      1.5225,
      0.5475,
      1.5825,
      0.61,
      1.6425,
      0.67,
      1.705,
      0.73,
      1.765,
      0.7925,
      1.825,
      0.8525,
      1.8875,
      0.9125,
      1.9475,
      0.975
    ],
    "SoftwareVersions": "syngo_MR_B17",
    "SpacingBetweenSlices": 4.2,
    "StationName": "MRC35193",
    "TotalReadoutTime": 0.0289803,
    "TxRefAmp": 316.175,
    "dataset": "ds003696",
    "modality": "bold",
    "run_id": 4,
    "session_id": "01",
    "subject_id": "131",
    "task_id": "affordance"
  },
  "dummy_trs": 1,
  "dvars_nstd": 20.252549843770485,
  "dvars_std": 1.141184440054645,
  "dvars_vstd": 1.0025819015846995,
  "efc": 0.5307827310127416,
  "fber": 1118.867431640625,
  "fd_mean": 0.13315614826561592,
  "fd_num": 25,
  "fd_perc": 13.58695652173913,
  "fwhm_avg": 2.067870707910146,
  "fwhm_x": 2.0288,
  "fwhm_y": 2.2891168,
  "fwhm_z": 1.8856953237304381,
  "gcor": 0.00776005,
  "gsr_x": -0.008742009289562702,
  "gsr_y": 0.027342673391103745,
  "provenance": {
    "md5sum": "00b20740b6b5b0adddf2495dc87aa4e6",
    "settings": {
      "fd_thres": 0.2,
      "testing": false
    },
    "software": "mriqc",
    "version": "23.0.1",
    "webapi_port": null,
    "webapi_url": "https://mriqc.nimh.nih.gov/api/v1"
  },
  "size_t": 184,
  "size_x": 64,
  "size_y": 64,
  "size_z": 33,
  "snr": 5.871456724926555,
  "spacing_tr": 2.0,
  "spacing_x": 3.125,
  "spacing_y": 3.125,
  "spacing_z": 4.199999809265137,
  "summary_bg_k": 62.50883137067832,
  "summary_bg_mad": 11.441819624658898,
  "summary_bg_mean": 48.74821853637695,
  "summary_bg_median": 26.79347801208496,
  "summary_bg_n": 79265.0,
  "summary_bg_p05": 18.092391967773438,
  "summary_bg_p95": 148.36087341308607,
  "summary_bg_stdv": 69.16095733642578,
  "summary_fg_k": 1.2591661158135938,
  "summary_fg_mad": 137.58791103231596,
  "summary_fg_mean": 918.6270751953125,
  "summary_fg_median": 916.9456787109375,
  "summary_fg_n": 24690.0,
  "summary_fg_p05": 667.0106201171875,
  "summary_fg_p95": 1180.9932434082032,
  "summary_fg_stdv": 156.16688537597656,
  "tsnr": 78.18872359162197
}