{
  "aor": 0.0006740782122905028,
  "aqi": 0.0036587421229050277,
  "bids_meta": {
    "AcquisitionMatrixPE": 64,
    "AcquisitionNumber": 1,
    "AcquisitionTime": "16:14:59.680000",
    "BandwidthPerPixelPhaseEncode": 33.967,
    "BaseResolution": 64,
    "ConversionSoftware": "dcm2niix",
    "ConversionSoftwareVersion": "v1.0.20180622 GCC4.9.2",
    "DerivedVendorReportedEchoSpacing": 0.000460005,
    "DeviceSerialNumber": "35193",
    "DwellTime": 3.1e-06,
    "EchoTime": 0.03,
    "EffectiveEchoSpacing": 0.000460005,
    "FlipAngle": 90,
    "ImageOrientationPatientDICOM": [
      1,
      0,
      0,
      0,
      1,
      0
    ],
    "ImageType": [
      "ORIGINAL",
      "PRIMARY",
      "M",
      "ND",
      "MOSAIC"
    ],
    "InPlanePhaseEncodingDirectionDICOM": "COL",
    "InstitutionAddress": "Xinjiekouwai_Street_No_19_Beijing_Haidian_District_CN_100875",
    "InstitutionName": "BNU_MRI_Center",
    "InstitutionalDepartmentName": "Department",
    "MRAcquisitionType": "2D",
    "MagneticFieldStrength": 3,
    "Manufacturer": "Siemens",
    "ManufacturersModelName": "TrioTim",
    "Modality": "MR",
    "PartialFourier": 1,
    "PatientPosition": "HFS",
    "PercentPhaseFOV": 100,
    "PhaseEncodingDirection": "j-",
    "PhaseEncodingSteps": 64,
    "PhaseResolution": 1,
    "PixelBandwidth": 2520,
    "ProcedureStepDescription": "BNU_cst_2019_Xu.Shan",
    "ProtocolName": "ge_func_pace_3x3x3.5_185",
    "PulseSequenceDetails": "%SiemensSeq%_ep2d_bold",
    "ReceiveCoilName": "HeadMatrix",
    "ReconMatrixPE": 64,
    "RepetitionTime": 2,
    "SAR": 0.157826,
    "ScanOptions": "FS",
    "ScanningSequence": "EP",
    "SequenceName": "_epfid2d1_64",
    "SequenceVariant": "SK",
    "SeriesDescription": "ge_func_pace_3x3x3.5_185",
    "SeriesNumber": 4,
    "ShimSetting": [
      -4506,
      -19421,
      -9753,
      1399,
      60,
      -334,
      -124,
      -95
    ],
    "SliceThickness": 3.5,
    "SliceTiming": [
      0,
      1.035,
      0.06,
      1.095,
      0.1225,
      1.155,
      0.1825,
      1.2175,
      0.2425,
      1.2775,
      0.305,
      1.3375,
      0.365,
      1.4,
      0.425,
      1.46,
      0.4875,
      1.52,
      0.5475,
      1.5825,
      0.6075,
      1.6425,
      0.67,
      1.7025,
      0.73,
      1.765,
      0.79,
      1.825,
      0.8525,
      1.885,
      0.9125,
      1.9475,
      0.9725
    ],
    "SoftwareVersions": "syngo_MR_B17",
    "SpacingBetweenSlices": 4.2,
    "StationName": "MRC35193",
    "TotalReadoutTime": 0.0289803,
    "TxRefAmp": 316.175,
    "dataset": "ds003696",
    "modality": "bold",
    "run_id": 2,
    "session_id": "01",
    "subject_id": "131",
    "task_id": "affordance"
  },
  "dummy_trs": 6,
  "dvars_nstd": 20.052037775280912,
  "dvars_std": 1.1475369538764042,
  "dvars_vstd": 1.0062128435393256,
  "efc": 0.5298671632293918,
  "fber": 1143.5640869140625,
  "fd_mean": 0.15349765204357815,
  "fd_num": 48,
  "fd_perc": 26.81564245810056,
  "fwhm_avg": 2.0710798762150056,
  "fwhm_x": 2.0229024,
  "fwhm_y": 2.3012799999999998,
  "fwhm_z": 1.8890572286450174,
  "gcor": 0.00893403,
  "gsr_x": -0.008340000174939632,
  "gsr_y": 0.02811347134411335,
  "provenance": {
    "md5sum": "826d330b0d8512cf70e98e86a7a31d34",
    "settings": {
      "fd_thres": 0.2,
      "testing": false
    },
    "software": "mriqc",
    "version": "23.0.1",
    "webapi_port": null,
    "webapi_url": "https://mriqc.nimh.nih.gov/api/v1"
  },
  "size_t": 179,
  "size_x": 64,
  "size_y": 64,
  "size_z": 33,
  "snr": 5.842918888886074,
  "spacing_tr": 2.0,
  "spacing_x": 3.125,
  "spacing_y": 3.125,
  "spacing_z": 4.199999809265137,
  "summary_bg_k": 62.931965062615745,
  "summary_bg_mad": 11.05739749257102,
  "summary_bg_mean": 48.00038146972656,
  "summary_bg_median": 26.357542037963867,
  "summary_bg_n": 79282.0,
  "summary_bg_p05": 18.055866241455078,
  "summary_bg_p95": 145.44637069702145,
  "summary_bg_stdv": 68.43828582763672,
  "summary_fg_k": 1.1904496055436233,
  "summary_fg_mad": 138.77655369840363,
  "summary_fg_mean": 914.7273559570312,
  "summary_fg_median": 912.8519287109375,
  "summary_fg_n": 24750.0,
  "summary_fg_p05": 662.41953125,
  "summary_fg_p95": 1177.8264892578125,
  "summary_fg_stdv": 156.22901916503906,
  "tsnr": 83.09393135691062
}