{
  "aor": 0.0008813043478260868,
  "aqi": 0.004491722282608696,
  "bids_meta": {
    "AcquisitionMatrixPE": 64,
    "AcquisitionNumber": 1,
    "AcquisitionTime": "16:08:9.120000",
    "BandwidthPerPixelPhaseEncode": 33.967,
    "BaseResolution": 64,
    "ConversionSoftware": "dcm2niix",
    "ConversionSoftwareVersion": "v1.0.20180622 GCC4.9.2",
    "DerivedVendorReportedEchoSpacing": 0.000460005,
    "DeviceSerialNumber": "35193",
    "DwellTime": 3.1e-06,
    "EchoTime": 0.03,
    "EffectiveEchoSpacing": 0.000460005,
    "FlipAngle": 90,
    "ImageOrientationPatientDICOM": [
      1,
      0,
      0,
      0,
      1,
      0
    ],
    "ImageType": [
      "ORIGINAL",
      "PRIMARY",
      "M",
      "ND",
      "MOSAIC"
    ],
    "InPlanePhaseEncodingDirectionDICOM": "COL",
    "InstitutionAddress": "Xinjiekouwai_Street_No_19_Beijing_Haidian_District_CN_100875",
    "InstitutionName": "BNU_MRI_Center",
    "InstitutionalDepartmentName": "Department",
    "MRAcquisitionType": "2D",
    "MagneticFieldStrength": 3,
    "Manufacturer": "Siemens",
    "ManufacturersModelName": "TrioTim",
    "Modality": "MR",
    "PartialFourier": 1,
    "PatientPosition": "HFS",
    "PercentPhaseFOV": 100,
    "PhaseEncodingDirection": "j-",
    "PhaseEncodingSteps": 64,
    "PhaseResolution": 1,
    "PixelBandwidth": 2520,
    "ProcedureStepDescription": "BNU_cst_2019_Xu.Shan",
    "ProtocolName": "ge_func_pace_3x3x3.5_185",
    "PulseSequenceDetails": "%SiemensSeq%_ep2d_bold",
    "ReceiveCoilName": "HeadMatrix",
    "ReconMatrixPE": 64,
    "RepetitionTime": 2,
    "SAR": 0.157826,
    "ScanOptions": "FS",
    "ScanningSequence": "EP",
    "SequenceName": "_epfid2d1_64",
    "SequenceVariant": "SK",
    "SeriesDescription": "ge_func_pace_3x3x3.5_185",
    "SeriesNumber": 2,
    "ShimSetting": [
      -4506,
      -19421,
      -9753,
      1399,
      60,
      -334,
      -124,
      -95
    ],
    "SliceThickness": 3.5,
    "SliceTiming": [
      0,
      1.0325,
      0.06,
      1.095,
      0.12,
      1.155,
      0.1825,
      1.215,
      0.2425,
      1.2775,
      0.3025,
      1.3375,
      0.365,
      1.3975,
      0.425,
      1.46,
      0.485,
      1.52,
      0.5475,
      1.58,
      0.6075,
      1.6425,
      0.6675,
      1.7025,
      0.73,
      1.7625,
      0.79,
      1.825,
      0.85,
      1.885,
      0.9125,
      1.945,
      0.9725
    ],
    "SoftwareVersions": "syngo_MR_B17",
    "SpacingBetweenSlices": 4.2,
    "StationName": "MRC35193",
    "TotalReadoutTime": 0.0289803,
    "TxRefAmp": 316.175,
    "dataset": "ds003696",
    "modality": "bold",
    "run_id": 1,
    "session_id": "01",
    "subject_id": "131",
    "task_id": "affordance"
  },
  "dummy_trs": 1,
  "dvars_nstd": 20.8168012067213,
  "dvars_std": 1.1306232607650273,
  "dvars_vstd": 0.985058955519126,
  "efc": 0.5290370874098502,
  "fber": 1149.95654296875,
  "fd_mean": 0.15279378055710674,
  "fd_num": 43,
  "fd_perc": 23.369565217391305,
  "fwhm_avg": 2.0908428860759534,
  "fwhm_x": 2.0480192,
  "fwhm_y": 2.3131808,
  "fwhm_z": 1.9113286582278597,
  "gcor": 0.0141616,
  "gsr_x": -0.00841516349464655,
  "gsr_y": 0.027713946998119354,
  "provenance": {
    "md5sum": "f40efac3ba6551003772879281835157",
    "settings": {
      "fd_thres": 0.2,
      "testing": false
    },
    "software": "mriqc",
    "version": "23.0.1",
    "webapi_port": null,
    "webapi_url": "https://mriqc.nimh.nih.gov/api/v1"
  },
  "size_t": 184,
  "size_x": 64,
  "size_y": 64,
  "size_z": 33,
  "snr": 5.838323769332648,
  "spacing_tr": 2.0,
  "spacing_x": 3.125,
  "spacing_y": 3.125,
  "spacing_z": 4.199999809265137,
  "summary_bg_k": 65.798764326095,
  "summary_bg_mad": 10.96642307398516,
  "summary_bg_mean": 47.29945373535156,
  "summary_bg_median": 26.217391967773438,
  "summary_bg_n": 79277.0,
  "summary_bg_p05": 17.873913192749026,
  "summary_bg_p95": 140.75,
  "summary_bg_stdv": 67.41584014892578,
  "summary_fg_k": 1.1577344492605173,
  "summary_fg_mad": 137.84173788918292,
  "summary_fg_mean": 911.51220703125,
  "summary_fg_median": 910.0950927734375,
  "summary_fg_n": 24728.0,
  "summary_fg_p05": 658.5809997558594,
  "summary_fg_p95": 1173.781817626953,
  "summary_fg_stdv": 155.87979125976562,
  "tsnr": 75.83556311530992
}