{
  "aor": 0.0010187628865979382,
  "aqi": 0.004107300927835052,
  "bids_meta": {
    "AcquisitionMatrixPE": 64,
    "AcquisitionNumber": 1,
    "AcquisitionTime": "16:46:42.967500",
    "BandwidthPerPixelPhaseEncode": 33.967,
    "BaseResolution": 64,
    "ConversionSoftware": "dcm2niix",
    "ConversionSoftwareVersion": "v1.0.20180622 GCC4.9.2",
    "DerivedVendorReportedEchoSpacing": 0.000460005,
    "DeviceSerialNumber": "35193",
    "DwellTime": 3.1e-06,
    "EchoTime": 0.03,
    "EffectiveEchoSpacing": 0.000460005,
    "FlipAngle": 90,
    "ImageOrientationPatientDICOM": [
      1,
      0,
      0,
      0,
      1,
      0
    ],
    "ImageType": [
      "ORIGINAL",
      "PRIMARY",
      "M",
      "ND",
      "MOSAIC"
    ],
    "InPlanePhaseEncodingDirectionDICOM": "COL",
    "InstitutionAddress": "Xinjiekouwai_Street_No_19_Beijing_Haidian_District_CN_100875",
    "InstitutionName": "BNU_MRI_Center",
    "InstitutionalDepartmentName": "Department",
    "MRAcquisitionType": "2D",
    "MagneticFieldStrength": 3,
    "Manufacturer": "Siemens",
    "ManufacturersModelName": "TrioTim",
    "Modality": "MR",
    "PartialFourier": 1,
    "PatientPosition": "HFS",
    "PercentPhaseFOV": 100,
    "PhaseEncodingDirection": "j-",
    "PhaseEncodingSteps": 64,
    "PhaseResolution": 1,
    "PixelBandwidth": 2520,
    "ProcedureStepDescription": "BNU_cst_2019_Xu.Shan",
    "ProtocolName": "ge_func_pace_3x3x3.5_99",
    "PulseSequenceDetails": "%SiemensSeq%_ep2d_bold",
    "ReceiveCoilName": "HeadMatrix",
    "ReconMatrixPE": 64,
    "RepetitionTime": 2,
    "SAR": 0.157291,
    "ScanOptions": "FS",
    "ScanningSequence": "EP",
    "SequenceName": "_epfid2d1_64",
    "SequenceVariant": "SK",
    "SeriesDescription": "ge_func_pace_3x3x3.5_99",
    "SeriesNumber": 14,
    "ShimSetting": [
      -4506,
      -19421,
      -9753,
      1399,
      60,
      -334,
      -124,
      -95
    ],
    "SliceThickness": 3.5,
    "SliceTiming": [
      0,
      1.035,
      0.06,
      1.095,
      0.1225,
      1.155,
      0.1825,
      1.2175,
      0.2425,
      1.2775,
      0.305,
      1.3375,
      0.365,
      1.4,
      0.425,
      1.46,
      0.4875,
      1.52,
      0.5475,
      1.5825,
      0.6075,
      1.6425,
      0.67,
      1.7025,
      0.73,
      1.765,
      0.79,
      1.825,
      0.8525,
      1.885,
      0.9125,
      1.9475,
      0.9725
    ],
    "SoftwareVersions": "syngo_MR_B17",
    "SpacingBetweenSlices": 4.2,
    "StationName": "MRC35193",
    "TotalReadoutTime": 0.0289803,
    "TxRefAmp": 316.175,
    "dataset": "ds003696",
    "modality": "bold",
    "run_id": 3,
    "session_id": "01",
    "subject_id": "131",
    "task_id": "localizer"
  },
  "dummy_trs": 2,
  "dvars_nstd": 20.032991449687497,
  "dvars_std": 1.1415837739583332,
  "dvars_vstd": 1.0043354741666666,
  "efc": 0.5316357395878609,
  "fber": 1109.04931640625,
  "fd_mean": 0.1281555917913422,
  "fd_num": 13,
  "fd_perc": 13.402061855670103,
  "fwhm_avg": 2.0736466766562693,
  "fwhm_x": 2.0143232,
  "fwhm_y": 2.2884096,
  "fwhm_z": 1.9182072299688078,
  "gcor": 0.00831116,
  "gsr_x": -0.009159957058727741,
  "gsr_y": 0.028240390121936798,
  "provenance": {
    "md5sum": "97acfa8db8161c2b9583b7ee20ac5a79",
    "settings": {
      "fd_thres": 0.2,
      "testing": false
    },
    "software": "mriqc",
    "version": "23.0.1",
    "webapi_port": null,
    "webapi_url": "https://mriqc.nimh.nih.gov/api/v1"
  },
  "size_t": 97,
  "size_x": 64,
  "size_y": 64,
  "size_z": 33,
  "snr": 5.876074504665503,
  "spacing_tr": 2.0,
  "spacing_x": 3.125,
  "spacing_y": 3.125,
  "spacing_z": 4.199999809265137,
  "summary_bg_k": 60.66419339704019,
  "summary_bg_mad": 11.677401262268884,
  "summary_bg_mean": 49.13471221923828,
  "summary_bg_median": 26.938142776489258,
  "summary_bg_n": 79180.0,
  "summary_bg_p05": 18.12371063232422,
  "summary_bg_p95": 150.23762207031254,
  "summary_bg_stdv": 69.0721664428711,
  "summary_fg_k": 1.161138637446773,
  "summary_fg_mad": 138.76085353452967,
  "summary_fg_mean": 919.8176879882812,
  "summary_fg_median": 917.5154418945312,
  "summary_fg_n": 24748.0,
  "summary_fg_p05": 667.5808807373047,
  "summary_fg_p95": 1183.38134765625,
  "summary_fg_stdv": 156.14112854003906,
  "tsnr": 81.77166633773595
}