{
  "aor": 0.0009361621621621622,
  "aqi": 0.005609078702702702,
  "bids_meta": {
    "AcquisitionMatrixPE": 64,
    "AcquisitionNumber": 1,
    "AcquisitionTime": "13:03:24.727500",
    "BandwidthPerPixelPhaseEncode": 33.967,
    "BaseResolution": 64,
    "ConversionSoftware": "dcm2niix",
    "ConversionSoftwareVersion": "v1.0.20180622 GCC4.9.2",
    "DerivedVendorReportedEchoSpacing": 0.000460005,
    "DeviceSerialNumber": "35193",
    "DwellTime": 3.1e-06,
    "EchoTime": 0.03,
    "EffectiveEchoSpacing": 0.000460005,
    "FlipAngle": 90,
    "ImageOrientationPatientDICOM": [
      0.999816,
      0,
      0.0191974,
      0,
      1,
      0
    ],
    "ImageType": [
      "ORIGINAL",
      "PRIMARY",
      "M",
      "ND",
      "MOSAIC"
    ],
    "InPlanePhaseEncodingDirectionDICOM": "COL",
    "InstitutionAddress": "Xinjiekouwai_Street_No_19_Beijing_Haidian_District_CN_100875",
    "InstitutionName": "Beijing_Normal_Universtiy_7C3C54",
    "InstitutionalDepartmentName": "Department",
    "MRAcquisitionType": "2D",
    "MagneticFieldStrength": 3,
    "Manufacturer": "Siemens",
    "ManufacturersModelName": "TrioTim",
    "Modality": "MR",
    "PartialFourier": 1,
    "PatientPosition": "HFS",
    "PercentPhaseFOV": 100,
    "PhaseEncodingDirection": "j-",
    "PhaseEncodingSteps": 64,
    "PhaseResolution": 1,
    "PixelBandwidth": 2520,
    "ProcedureStepDescription": "BNU_cst_2019_Xu.Shan",
    "ProtocolName": "ge_func_pace_3x3x3.5_185",
    "PulseSequenceDetails": "%SiemensSeq%_ep2d_bold",
    "ReceiveCoilName": "HeadMatrix",
    "ReconMatrixPE": 64,
    "RepetitionTime": 2,
    "SAR": 0.120572,
    "ScanOptions": "FS",
    "ScanningSequence": "EP",
    "SequenceName": "_epfid2d1_64",
    "SequenceVariant": "SK",
    "SeriesDescription": "ge_func_pace_3x3x3.5_185",
    "SeriesNumber": 2,
    "ShimSetting": [
      -4465,
      -19332,
      -9807,
      968,
      27,
      -444,
      -167,
      -37
    ],
    "SliceThickness": 3.5,
    "SliceTiming": [
      0,
      1.035,
      0.0625,
      1.095,
      0.1225,
      1.1575,
      0.1825,
      1.2175,
      0.245,
      1.2775,
      0.305,
      1.34,
      0.365,
      1.4,
      0.4275,
      1.46,
      0.4875,
      1.5225,
      0.5475,
      1.5825,
      0.61,
      1.6425,
      0.67,
      1.705,
      0.73,
      1.765,
      0.7925,
      1.825,
      0.8525,
      1.8875,
      0.9125,
      1.9475,
      0.975
    ],
    "SoftwareVersions": "syngo_MR_B17",
    "SpacingBetweenSlices": 4.2,
    "StationName": "MRC35193",
    "TotalReadoutTime": 0.0289803,
    "TxRefAmp": 330.934,
    "dataset": "ds003696",
    "modality": "bold",
    "run_id": 5,
    "session_id": "02",
    "subject_id": "133",
    "task_id": "affordance"
  },
  "dummy_trs": 0,
  "dvars_nstd": 28.652487620000002,
  "dvars_std": 1.361551972282609,
  "dvars_vstd": 1.0104697127717395,
  "efc": 0.5772863123676498,
  "fber": 713.048583984375,
  "fd_mean": 0.10414609815571914,
  "fd_num": 8,
  "fd_perc": 4.324324324324325,
  "fwhm_avg": 2.142650378983984,
  "fwhm_x": 2.0947008,
  "fwhm_y": 2.3661312,
  "fwhm_z": 1.9671191369519525,
  "gcor": 0.0478631,
  "gsr_x": -0.002696099691092968,
  "gsr_y": 0.05496241897344589,
  "provenance": {
    "md5sum": "60d0618c4a5dfcc004dd8ea735638da0",
    "settings": {
      "fd_thres": 0.2,
      "testing": false
    },
    "software": "mriqc",
    "version": "23.0.1",
    "webapi_port": null,
    "webapi_url": "https://mriqc.nimh.nih.gov/api/v1"
  },
  "size_t": 185,
  "size_x": 64,
  "size_y": 64,
  "size_z": 33,
  "snr": 5.396820834636908,
  "spacing_tr": 2.0,
  "spacing_x": 3.125,
  "spacing_y": 3.125,
  "spacing_z": 4.199999809265137,
  "summary_bg_k": 30.303222614001072,
  "summary_bg_mad": 20.499982795166957,
  "summary_bg_mean": 75.25255584716797,
  "summary_bg_median": 35.36756896972656,
  "summary_bg_n": 74539.0,
  "summary_bg_p05": 20.427026748657227,
  "summary_bg_p95": 265.78703002929615,
  "summary_bg_stdv": 113.46817779541016,
  "summary_fg_k": 1.354026660627162,
  "summary_fg_mad": 154.3909774843343,
  "summary_fg_mean": 964.2335205078125,
  "summary_fg_median": 956.4865112304688,
  "summary_fg_n": 28911.0,
  "summary_fg_p05": 689.1216430664062,
  "summary_fg_p95": 1269.6054077148438,
  "summary_fg_stdv": 177.22840881347656,
  "tsnr": 73.2730815410614
}