{
  "bids_meta": {
    "AcquisitionMatrixPE": 192,
    "AcquisitionNumber": 1,
    "AcquisitionTime": "12:37:12.930000",
    "BaseResolution": 256,
    "ConversionSoftware": "dcm2niix",
    "ConversionSoftwareVersion": "v1.0.20180622 GCC4.9.2",
    "DeviceSerialNumber": "35193",
    "DwellTime": 1.03e-05,
    "EchoTime": 0.00339,
    "FlipAngle": 7,
    "ImageOrientationPatientDICOM": [
      0,
      1,
      0,
      0,
      0,
      -1
    ],
    "ImageType": [
      "ORIGINAL",
      "PRIMARY",
      "M",
      "ND",
      "NORM"
    ],
    "InPlanePhaseEncodingDirectionDICOM": "ROW",
    "InstitutionAddress": "Xinjiekouwai_Street_No_19_Beijing_Haidian_District_CN_100875",
    "InstitutionName": "BNU_MRI_Center",
    "InstitutionalDepartmentName": "Department",
    "InversionTime": 1.1,
    "MRAcquisitionType": "3D",
    "MagneticFieldStrength": 3,
    "Manufacturer": "Siemens",
    "ManufacturersModelName": "TrioTim",
    "Modality": "MR",
    "PartialFourier": 1,
    "PatientPosition": "HFS",
    "PercentPhaseFOV": 100,
    "PhaseEncodingSteps": 192,
    "PhaseResolution": 0.75,
    "PixelBandwidth": 190,
    "ProcedureStepDescription": "BNU_cst_2015_Liu.Jia",
    "ProtocolName": "t1_mprage_sag",
    "PulseSequenceDetails": "%SiemensSeq%_tfl",
    "ReceiveCoilName": "HeadMatrix",
    "ReconMatrixPE": 256,
    "RepetitionTime": 2.53,
    "SAR": 0.0625994,
    "ScanOptions": "IR",
    "ScanningSequence": "GR_IR",
    "SequenceName": "_tfl3d1_ns",
    "SequenceVariant": "SP_MP",
    "SeriesDescription": "t1_mprage_sag",
    "SeriesNumber": 10,
    "ShimSetting": [
      -4489,
      -19276,
      -10209,
      636,
      -133,
      80,
      82,
      -26
    ],
    "SliceThickness": 1.33,
    "SoftwareVersions": "syngo_MR_B17",
    "StationName": "MRC35193",
    "TxRefAmp": 340.817,
    "dataset": "ds003696",
    "modality": "T1w",
    "session_id": "02",
    "subject_id": "113"
  },
  "cjv": 0.31432853004990835,
  "cnr": 4.289556624970462,
  "efc": 0.6090435016579462,
  "fber": 8384.619430241051,
  "fwhm_avg": 4.002476610297182,
  "fwhm_x": 3.5088598308915477,
  "fwhm_y": 4.73143,
  "fwhm_z": 3.76714,
  "icvs_csf": 0.23508893842916187,
  "icvs_gm": 0.42975888379479205,
  "icvs_wm": 0.3351521777760461,
  "inu_med": 0.6794247329235077,
  "inu_range": 0.3127144098281859,
  "provenance": {
    "md5sum": "9941555fd591603db4e50e1eef240482",
    "settings": {
      "testing": false
    },
    "software": "mriqc",
    "version": "23.0.1",
    "warnings": {
      "large_rot_frame": true,
      "small_air_mask": false
    },
    "webapi_port": null,
    "webapi_url": "https://mriqc.nimh.nih.gov/api/v1"
  },
  "qi_1": 0.0,
  "qi_2": 0.007857539881309977,
  "rpve_csf": 18.75845571471782,
  "rpve_gm": 10.336476552471117,
  "rpve_wm": 15.658947406049979,
  "size_x": 128,
  "size_y": 256,
  "size_z": 256,
  "snr_csf": 1.266987905790402,
  "snr_gm": 8.423492851083381,
  "snr_total": 10.579739276073,
  "snr_wm": 22.048737071345215,
  "snrd_csf": 11.382123650694114,
  "snrd_gm": 56.959176801468416,
  "snrd_total": 53.15380525670421,
  "snrd_wm": 91.1201153179501,
  "spacing_x": 1.3300018310546875,
  "spacing_y": 1.0,
  "spacing_z": 1.0,
  "summary_bg_k": 3.8194859635573124,
  "summary_bg_mad": 7.189619143485483,
  "summary_bg_mean": 6.533564509037493,
  "summary_bg_median": 4.84932442009449,
  "summary_bg_n": 1906820.0,
  "summary_bg_p05": 0.0,
  "summary_bg_p95": 24.140043541789055,
  "summary_bg_stdv": 8.644720447199296,
  "summary_csf_k": 1.6915368445870635,
  "summary_csf_mad": 78.01921872738367,
  "summary_csf_mean": 148.0557894180327,
  "summary_csf_median": 124.91007077693939,
  "summary_csf_n": 27603.0,
  "summary_csf_p05": 30.16706103533507,
  "summary_csf_p95": 357.32060476988534,
  "summary_csf_stdv": 98.58642499105726,
  "summary_gm_k": 0.06845083081776826,
  "summary_gm_mad": 74.42440915564093,
  "summary_gm_mean": 625.3557988264841,
  "summary_gm_median": 625.0832466781139,
  "summary_gm_n": 23159.0,
  "summary_gm_p05": 503.421157477051,
  "summary_gm_p95": 746.8226053342223,
  "summary_gm_stdv": 74.20552995193484,
  "summary_wm_k": 0.3861996081211192,
  "summary_wm_mad": 43.41423867412387,
  "summary_wm_mean": 997.3742427693378,
  "summary_wm_median": 999.9733268469572,
  "summary_wm_n": 151642.0,
  "summary_wm_p05": 918.0943491384387,
  "summary_wm_p95": 1066.798083141446,
  "summary_wm_stdv": 45.35271233242155,
  "tpm_overlap_csf": 0.1705477243688528,
  "tpm_overlap_gm": 0.47125455943364697,
  "tpm_overlap_wm": 0.5078884194298492,
  "wm2max": 0.7102480187784733
}