{
  "aor": 0.0009667934782608696,
  "aqi": 0.006578497445652174,
  "bids_meta": {
    "AcquisitionMatrixPE": 64,
    "AcquisitionNumber": 1,
    "AcquisitionTime": "12:29:14.487500",
    "BandwidthPerPixelPhaseEncode": 33.967,
    "BaseResolution": 64,
    "ConversionSoftware": "dcm2niix",
    "ConversionSoftwareVersion": "v1.0.20180622 GCC4.9.2",
    "DerivedVendorReportedEchoSpacing": 0.000460005,
    "DeviceSerialNumber": "35193",
    "DwellTime": 3.1e-06,
    "EchoTime": 0.03,
    "EffectiveEchoSpacing": 0.000460005,
    "FlipAngle": 90,
    "ImageOrientationPatientDICOM": [
      1,
      0,
      0,
      0,
      1,
      0
    ],
    "ImageType": [
      "ORIGINAL",
      "PRIMARY",
      "M",
      "ND",
      "MOSAIC"
    ],
    "InPlanePhaseEncodingDirectionDICOM": "COL",
    "InstitutionAddress": "Xinjiekouwai_Street_No_19_Beijing_Haidian_District_CN_100875",
    "InstitutionName": "Beijing_Normal_Universtiy_7C3C54",
    "InstitutionalDepartmentName": "Department",
    "MRAcquisitionType": "2D",
    "MagneticFieldStrength": 3,
    "Manufacturer": "Siemens",
    "ManufacturersModelName": "TrioTim",
    "Modality": "MR",
    "PartialFourier": 1,
    "PatientPosition": "HFS",
    "PercentPhaseFOV": 100,
    "PhaseEncodingDirection": "j-",
    "PhaseEncodingSteps": 64,
    "PhaseResolution": 1,
    "PixelBandwidth": 2520,
    "ProcedureStepDescription": "BNU_cst_2015_Liu.Jia",
    "ProtocolName": "ge_func_pace_3x3x3.5_185",
    "PulseSequenceDetails": "%SiemensSeq%_ep2d_bold",
    "ReceiveCoilName": "HeadMatrix",
    "ReconMatrixPE": 64,
    "RepetitionTime": 2,
    "SAR": 0.130571,
    "ScanOptions": "FS",
    "ScanningSequence": "EP",
    "SequenceName": "_epfid2d1_64",
    "SequenceVariant": "SK",
    "SeriesDescription": "ge_func_pace_3x3x3.5_185",
    "SeriesNumber": 2,
    "ShimSetting": [
      -4481,
      -19301,
      -9979,
      1000,
      -18,
      -31,
      173,
      -55
    ],
    "SliceThickness": 3.5,
    "SliceTiming": [
      0,
      1.035,
      0.06,
      1.095,
      0.1225,
      1.155,
      0.1825,
      1.2175,
      0.2425,
      1.2775,
      0.305,
      1.3375,
      0.365,
      1.4,
      0.425,
      1.46,
      0.4875,
      1.52,
      0.5475,
      1.5825,
      0.6075,
      1.6425,
      0.67,
      1.7025,
      0.73,
      1.765,
      0.79,
      1.825,
      0.8525,
      1.885,
      0.9125,
      1.9475,
      0.9725
    ],
    "SoftwareVersions": "syngo_MR_B17",
    "SpacingBetweenSlices": 4.2,
    "StationName": "MRC35193",
    "TotalReadoutTime": 0.0289803,
    "TxRefAmp": 319.82,
    "dataset": "ds003696",
    "modality": "bold",
    "run_id": 8,
    "session_id": "02",
    "subject_id": "118",
    "task_id": "affordance"
  },
  "dummy_trs": 1,
  "dvars_nstd": 23.704443582404377,
  "dvars_std": 1.2429899380874319,
  "dvars_vstd": 0.996136949453552,
  "efc": 0.523801224548127,
  "fber": 1002.3013305664062,
  "fd_mean": 0.06658485688658095,
  "fd_num": 3,
  "fd_perc": 1.6304347826086956,
  "fwhm_avg": 1.9801173434736459,
  "fwhm_x": 1.9416768,
  "fwhm_y": 2.2082944,
  "fwhm_z": 1.790380830420937,
  "gcor": 0.0457629,
  "gsr_x": -0.0038601220585405827,
  "gsr_y": 0.02194160409271717,
  "provenance": {
    "md5sum": "facb1889c27539c154c78ed607b638b4",
    "settings": {
      "fd_thres": 0.2,
      "testing": false
    },
    "software": "mriqc",
    "version": "23.0.1",
    "webapi_port": null,
    "webapi_url": "https://mriqc.nimh.nih.gov/api/v1"
  },
  "size_t": 184,
  "size_x": 64,
  "size_y": 64,
  "size_z": 33,
  "snr": 6.733229134175339,
  "spacing_tr": 2.0,
  "spacing_x": 3.125,
  "spacing_y": 3.125,
  "spacing_z": 4.200000286102295,
  "summary_bg_k": 46.15987910189839,
  "summary_bg_mad": 13.303131739837143,
  "summary_bg_mean": 55.759544372558594,
  "summary_bg_median": 30.14130401611328,
  "summary_bg_n": 82350.0,
  "summary_bg_p05": 20.130435943603516,
  "summary_bg_p95": 170.47337570190433,
  "summary_bg_stdv": 78.23802185058594,
  "summary_fg_k": 1.53665513717832,
  "summary_fg_mad": 119.58321647607791,
  "summary_fg_mean": 967.9251098632812,
  "summary_fg_median": 972.9728393554688,
  "summary_fg_n": 22165.0,
  "summary_fg_p05": 707.8032958984375,
  "summary_fg_p95": 1187.4815185546875,
  "summary_fg_stdv": 144.49989318847656,
  "tsnr": 73.29626927385107
}