{
  "aor": 0.0005511891891891893,
  "aqi": 0.004227559621621622,
  "bids_meta": {
    "AcquisitionMatrixPE": 64,
    "AcquisitionNumber": 1,
    "AcquisitionTime": "10:43:27.940000",
    "BandwidthPerPixelPhaseEncode": 33.967,
    "BaseResolution": 64,
    "ConversionSoftware": "dcm2niix",
    "ConversionSoftwareVersion": "v1.0.20180622 GCC4.9.2",
    "DerivedVendorReportedEchoSpacing": 0.000460005,
    "DeviceSerialNumber": "35193",
    "DwellTime": 3.1e-06,
    "EchoTime": 0.03,
    "EffectiveEchoSpacing": 0.000460005,
    "FlipAngle": 90,
    "ImageOrientationPatientDICOM": [
      1,
      0,
      0,
      0,
      1,
      0
    ],
    "ImageType": [
      "ORIGINAL",
      "PRIMARY",
      "M",
      "ND",
      "MOSAIC"
    ],
    "InPlanePhaseEncodingDirectionDICOM": "COL",
    "InstitutionAddress": "Xinjiekouwai_Street_No_19_Beijing_Haidian_District_CN_100875",
    "InstitutionName": "BNU_MRI_Center",
    "InstitutionalDepartmentName": "Department",
    "MRAcquisitionType": "2D",
    "MagneticFieldStrength": 3,
    "Manufacturer": "Siemens",
    "ManufacturersModelName": "TrioTim",
    "Modality": "MR",
    "PartialFourier": 1,
    "PatientPosition": "HFS",
    "PercentPhaseFOV": 100,
    "PhaseEncodingDirection": "j-",
    "PhaseEncodingSteps": 64,
    "PhaseResolution": 1,
    "PixelBandwidth": 2520,
    "ProcedureStepDescription": "BNU_cst_2019_Xu.Shan",
    "ProtocolName": "ge_func_pace_3x3x3.5_185",
    "PulseSequenceDetails": "%SiemensSeq%_ep2d_bold",
    "ReceiveCoilName": "HeadMatrix",
    "ReconMatrixPE": 64,
    "RepetitionTime": 2,
    "SAR": 0.131864,
    "ScanOptions": "FS",
    "ScanningSequence": "EP",
    "SequenceName": "_epfid2d1_64",
    "SequenceVariant": "SK",
    "SeriesDescription": "ge_func_pace_3x3x3.5_185",
    "SeriesNumber": 6,
    "ShimSetting": [
      -4493,
      -19336,
      -9755,
      1139,
      83,
      -367,
      -211,
      -100
    ],
    "SliceThickness": 3.5,
    "SliceTiming": [
      0,
      1.0325,
      0.06,
      1.095,
      0.12,
      1.155,
      0.1825,
      1.215,
      0.2425,
      1.2775,
      0.3025,
      1.3375,
      0.365,
      1.3975,
      0.425,
      1.46,
      0.485,
      1.52,
      0.5475,
      1.58,
      0.6075,
      1.6425,
      0.6675,
      1.7025,
      0.73,
      1.7625,
      0.79,
      1.825,
      0.85,
      1.885,
      0.9125,
      1.945,
      0.9725
    ],
    "SoftwareVersions": "syngo_MR_B17",
    "SpacingBetweenSlices": 4.2,
    "StationName": "MRC35193",
    "TotalReadoutTime": 0.0289803,
    "TxRefAmp": 320.691,
    "dataset": "ds003696",
    "modality": "bold",
    "run_id": 3,
    "session_id": "01",
    "subject_id": "125",
    "task_id": "affordance"
  },
  "dummy_trs": 0,
  "dvars_nstd": 22.01121179961957,
  "dvars_std": 1.1501242268478256,
  "dvars_vstd": 0.999102787282609,
  "efc": 0.5295807286156063,
  "fber": 1225.7265625,
  "fd_mean": 0.10030202484831463,
  "fd_num": 6,
  "fd_perc": 3.2432432432432434,
  "fwhm_avg": 2.074365026089972,
  "fwhm_x": 2.0104192,
  "fwhm_y": 2.2794496,
  "fwhm_z": 1.9332262782699168,
  "gcor": 0.0451131,
  "gsr_x": -0.0010085499379783869,
  "gsr_y": 0.03224517032504082,
  "provenance": {
    "md5sum": "301c5fa3c160f5c918cd7edc8ea0920b",
    "settings": {
      "fd_thres": 0.2,
      "testing": false
    },
    "software": "mriqc",
    "version": "23.0.1",
    "webapi_port": null,
    "webapi_url": "https://mriqc.nimh.nih.gov/api/v1"
  },
  "size_t": 185,
  "size_x": 64,
  "size_y": 64,
  "size_z": 33,
  "snr": 5.805336968415281,
  "spacing_tr": 2.0,
  "spacing_x": 3.125,
  "spacing_y": 3.125,
  "spacing_z": 4.199999809265137,
  "summary_bg_k": 48.750558610678695,
  "summary_bg_mad": 11.2437351363588,
  "summary_bg_mean": 50.50979232788086,
  "summary_bg_median": 27.389190673828125,
  "summary_bg_n": 79218.0,
  "summary_bg_p05": 19.07567596435547,
  "summary_bg_p95": 145.5608161926268,
  "summary_bg_stdv": 74.5901870727539,
  "summary_fg_k": 0.8367380808955427,
  "summary_fg_mad": 157.20795789583815,
  "summary_fg_mean": 986.024658203125,
  "summary_fg_median": 980.5135498046875,
  "summary_fg_n": 25086.0,
  "summary_fg_p05": 717.166259765625,
  "summary_fg_p95": 1269.8622131347656,
  "summary_fg_stdv": 168.89527893066406,
  "tsnr": 74.79862180794589
}