{
  "aor": 0.001699292929292929,
  "aqi": 0.004143700303030302,
  "bids_meta": {
    "AcquisitionMatrixPE": 64,
    "AcquisitionNumber": 1,
    "AcquisitionTime": "11:11:38.807500",
    "BandwidthPerPixelPhaseEncode": 33.967,
    "BaseResolution": 64,
    "ConversionSoftware": "dcm2niix",
    "ConversionSoftwareVersion": "v1.0.20180622 GCC4.9.2",
    "DerivedVendorReportedEchoSpacing": 0.000460005,
    "DeviceSerialNumber": "35193",
    "DwellTime": 3.1e-06,
    "EchoTime": 0.03,
    "EffectiveEchoSpacing": 0.000460005,
    "FlipAngle": 90,
    "ImageOrientationPatientDICOM": [
      1,
      0,
      0,
      0,
      1,
      0
    ],
    "ImageType": [
      "ORIGINAL",
      "PRIMARY",
      "M",
      "ND",
      "MOSAIC"
    ],
    "InPlanePhaseEncodingDirectionDICOM": "COL",
    "InstitutionAddress": "Xinjiekouwai_Street_No_19_Beijing_Haidian_District_CN_100875",
    "InstitutionName": "BNU_MRI_Center",
    "InstitutionalDepartmentName": "Department",
    "MRAcquisitionType": "2D",
    "MagneticFieldStrength": 3,
    "Manufacturer": "Siemens",
    "ManufacturersModelName": "TrioTim",
    "Modality": "MR",
    "PartialFourier": 1,
    "PatientPosition": "HFS",
    "PercentPhaseFOV": 100,
    "PhaseEncodingDirection": "j-",
    "PhaseEncodingSteps": 64,
    "PhaseResolution": 1,
    "PixelBandwidth": 2520,
    "ProcedureStepDescription": "BNU_cst_2019_Xu.Shan",
    "ProtocolName": "ge_func_pace_3x3x3.5_99",
    "PulseSequenceDetails": "%SiemensSeq%_ep2d_bold",
    "ReceiveCoilName": "HeadMatrix",
    "ReconMatrixPE": 64,
    "RepetitionTime": 2,
    "SAR": 0.131417,
    "ScanOptions": "FS",
    "ScanningSequence": "EP",
    "SequenceName": "_epfid2d1_64",
    "SequenceVariant": "SK",
    "SeriesDescription": "ge_func_pace_3x3x3.5_99",
    "SeriesNumber": 20,
    "ShimSetting": [
      -4493,
      -19336,
      -9755,
      1139,
      83,
      -367,
      -211,
      -100
    ],
    "SliceThickness": 3.5,
    "SliceTiming": [
      0,
      1.035,
      0.06,
      1.095,
      0.1225,
      1.155,
      0.1825,
      1.2175,
      0.2425,
      1.2775,
      0.305,
      1.3375,
      0.365,
      1.4,
      0.425,
      1.46,
      0.4875,
      1.52,
      0.5475,
      1.5825,
      0.6075,
      1.6425,
      0.67,
      1.7025,
      0.73,
      1.765,
      0.79,
      1.825,
      0.8525,
      1.885,
      0.9125,
      1.9475,
      0.9725
    ],
    "SoftwareVersions": "syngo_MR_B17",
    "SpacingBetweenSlices": 4.2,
    "StationName": "MRC35193",
    "TotalReadoutTime": 0.0289803,
    "TxRefAmp": 320.691,
    "dataset": "ds003696",
    "modality": "bold",
    "run_id": 3,
    "session_id": "01",
    "subject_id": "125",
    "task_id": "localizer"
  },
  "dummy_trs": 0,
  "dvars_nstd": 19.7701887989796,
  "dvars_std": 1.1346693687755105,
  "dvars_vstd": 1.0184530721428573,
  "efc": 0.5215197526145418,
  "fber": 1444.2156982421875,
  "fd_mean": 0.10384738424837078,
  "fd_num": 4,
  "fd_perc": 4.040404040404041,
  "fwhm_avg": 2.0215971267381607,
  "fwhm_x": 1.9593631999999999,
  "fwhm_y": 2.2342400000000002,
  "fwhm_z": 1.8711881802144814,
  "gcor": 0.0207684,
  "gsr_x": 0.005213205236941576,
  "gsr_y": 0.03673525154590607,
  "provenance": {
    "md5sum": "fdab3a46ef0c909f5eb4f29763c919e4",
    "settings": {
      "fd_thres": 0.2,
      "testing": false
    },
    "software": "mriqc",
    "version": "23.0.1",
    "webapi_port": null,
    "webapi_url": "https://mriqc.nimh.nih.gov/api/v1"
  },
  "size_t": 99,
  "size_x": 64,
  "size_y": 64,
  "size_z": 33,
  "snr": 6.061881004837516,
  "spacing_tr": 2.0,
  "spacing_x": 3.125,
  "spacing_y": 3.125,
  "spacing_z": 4.199999809265137,
  "summary_bg_k": 53.817025636286054,
  "summary_bg_mad": 8.641025765391062,
  "summary_bg_mean": 46.46944808959961,
  "summary_bg_median": 24.88888931274414,
  "summary_bg_n": 80286.0,
  "summary_bg_p05": 18.46464729309082,
  "summary_bg_p95": 131.27019500732422,
  "summary_bg_stdv": 69.96072387695312,
  "summary_fg_k": 1.088798920653966,
  "summary_fg_mad": 144.52376383027732,
  "summary_fg_mean": 962.3770751953125,
  "summary_fg_median": 957.9393920898438,
  "summary_fg_n": 24600.0,
  "summary_fg_p05": 710.2292694091797,
  "summary_fg_p95": 1226.162127685547,
  "summary_fg_stdv": 158.02354431152344,
  "tsnr": 81.51371922460385
}