{
  "aor": 0.0013434054054054056,
  "aqi": 0.004996506216216216,
  "bids_meta": {
    "AcquisitionMatrixPE": 64,
    "AcquisitionNumber": 1,
    "AcquisitionTime": "10:27:31.897500",
    "BandwidthPerPixelPhaseEncode": 33.967,
    "BaseResolution": 64,
    "ConversionSoftware": "dcm2niix",
    "ConversionSoftwareVersion": "v1.0.20180622 GCC4.9.2",
    "DerivedVendorReportedEchoSpacing": 0.000460005,
    "DeviceSerialNumber": "35193",
    "DwellTime": 3.1e-06,
    "EchoTime": 0.03,
    "EffectiveEchoSpacing": 0.000460005,
    "FlipAngle": 90,
    "ImageOrientationPatientDICOM": [
      1,
      0,
      0,
      0,
      1,
      0
    ],
    "ImageType": [
      "ORIGINAL",
      "PRIMARY",
      "M",
      "ND",
      "MOSAIC"
    ],
    "InPlanePhaseEncodingDirectionDICOM": "COL",
    "InstitutionAddress": "Xinjiekouwai_Street_No_19_Beijing_Haidian_District_CN_100875",
    "InstitutionName": "BNU_MRI_Center",
    "InstitutionalDepartmentName": "Department",
    "MRAcquisitionType": "2D",
    "MagneticFieldStrength": 3,
    "Manufacturer": "Siemens",
    "ManufacturersModelName": "TrioTim",
    "Modality": "MR",
    "PartialFourier": 1,
    "PatientPosition": "HFS",
    "PercentPhaseFOV": 100,
    "PhaseEncodingDirection": "j-",
    "PhaseEncodingSteps": 64,
    "PhaseResolution": 1,
    "PixelBandwidth": 2520,
    "ProcedureStepDescription": "BNU_cst_2019_Xu.Shan",
    "ProtocolName": "ge_func_pace_3x3x3.5_185",
    "PulseSequenceDetails": "%SiemensSeq%_ep2d_bold",
    "ReceiveCoilName": "HeadMatrix",
    "ReconMatrixPE": 64,
    "RepetitionTime": 2,
    "SAR": 0.131864,
    "ScanOptions": "FS",
    "ScanningSequence": "EP",
    "SequenceName": "_epfid2d1_64",
    "SequenceVariant": "SK",
    "SeriesDescription": "ge_func_pace_3x3x3.5_185",
    "SeriesNumber": 2,
    "ShimSetting": [
      -4493,
      -19336,
      -9755,
      1139,
      83,
      -367,
      -211,
      -100
    ],
    "SliceThickness": 3.5,
    "SliceTiming": [
      0,
      1.0325,
      0.06,
      1.095,
      0.12,
      1.155,
      0.1825,
      1.215,
      0.2425,
      1.2775,
      0.3025,
      1.3375,
      0.365,
      1.3975,
      0.425,
      1.46,
      0.485,
      1.52,
      0.5475,
      1.58,
      0.6075,
      1.6425,
      0.6675,
      1.7025,
      0.73,
      1.7625,
      0.79,
      1.825,
      0.85,
      1.885,
      0.9125,
      1.945,
      0.9725
    ],
    "SoftwareVersions": "syngo_MR_B17",
    "SpacingBetweenSlices": 4.2,
    "StationName": "MRC35193",
    "TotalReadoutTime": 0.0289803,
    "TxRefAmp": 320.691,
    "dataset": "ds003696",
    "modality": "bold",
    "run_id": 1,
    "session_id": "01",
    "subject_id": "125",
    "task_id": "affordance"
  },
  "dummy_trs": 0,
  "dvars_nstd": 22.184439234293496,
  "dvars_std": 1.1687869909782607,
  "dvars_vstd": 1.0070674436413038,
  "efc": 0.53155879119966,
  "fber": 1148.240966796875,
  "fd_mean": 0.08073570760134441,
  "fd_num": 9,
  "fd_perc": 4.864864864864865,
  "fwhm_avg": 2.1071006071809713,
  "fwhm_x": 2.0526112,
  "fwhm_y": 2.3263072,
  "fwhm_z": 1.9423834215429137,
  "gcor": 0.0448575,
  "gsr_x": -0.004114530980587006,
  "gsr_y": 0.031047387048602104,
  "provenance": {
    "md5sum": "37054058e7d1d628acd0621be451d21f",
    "settings": {
      "fd_thres": 0.2,
      "testing": false
    },
    "software": "mriqc",
    "version": "23.0.1",
    "webapi_port": null,
    "webapi_url": "https://mriqc.nimh.nih.gov/api/v1"
  },
  "size_t": 185,
  "size_x": 64,
  "size_y": 64,
  "size_z": 33,
  "snr": 5.656803457051962,
  "spacing_tr": 2.0,
  "spacing_x": 3.125,
  "spacing_y": 3.125,
  "spacing_z": 4.199999809265137,
  "summary_bg_k": 45.87350539545306,
  "summary_bg_mad": 12.373719931546388,
  "summary_bg_mean": 51.56525421142578,
  "summary_bg_median": 28.281082153320312,
  "summary_bg_n": 78814.0,
  "summary_bg_p05": 18.767568588256836,
  "summary_bg_p95": 151.37487258911034,
  "summary_bg_stdv": 74.50562286376953,
  "summary_fg_k": 0.7848257170955253,
  "summary_fg_mad": 162.4371531107297,
  "summary_fg_mean": 986.3953857421875,
  "summary_fg_median": 979.2919311523438,
  "summary_fg_n": 25159.0,
  "summary_fg_p05": 707.8048767089844,
  "summary_fg_p95": 1274.6524658203125,
  "summary_fg_stdv": 173.11410522460938,
  "tsnr": 67.9367869712878
}