{
  "aor": 0.010296363636363638,
  "aqi": 0.005328295454545454,
  "bids_meta": {
    "AcquisitionMatrixPE": 64,
    "AcquisitionNumber": 1,
    "AcquisitionTime": "11:03:35.625000",
    "BandwidthPerPixelPhaseEncode": 33.967,
    "BaseResolution": 64,
    "ConversionSoftware": "dcm2niix",
    "ConversionSoftwareVersion": "v1.0.20180622 GCC4.9.2",
    "DerivedVendorReportedEchoSpacing": 0.000460005,
    "DeviceSerialNumber": "35193",
    "DwellTime": 3.1e-06,
    "EchoTime": 0.03,
    "EffectiveEchoSpacing": 0.000460005,
    "FlipAngle": 90,
    "ImageOrientationPatientDICOM": [
      1,
      0,
      0,
      0,
      1,
      0
    ],
    "ImageType": [
      "ORIGINAL",
      "PRIMARY",
      "M",
      "ND",
      "MOSAIC"
    ],
    "InPlanePhaseEncodingDirectionDICOM": "COL",
    "InstitutionAddress": "Xinjiekouwai_Street_No_19_Beijing_Haidian_District_CN_100875",
    "InstitutionName": "BNU_MRI_Center",
    "InstitutionalDepartmentName": "Department",
    "MRAcquisitionType": "2D",
    "MagneticFieldStrength": 3,
    "Manufacturer": "Siemens",
    "ManufacturersModelName": "TrioTim",
    "Modality": "MR",
    "PartialFourier": 1,
    "PatientPosition": "HFS",
    "PercentPhaseFOV": 100,
    "PhaseEncodingDirection": "j-",
    "PhaseEncodingSteps": 64,
    "PhaseResolution": 1,
    "PixelBandwidth": 2520,
    "ProcedureStepDescription": "BNU_cst_2019_Xu.Shan",
    "ProtocolName": "ge_func_pace_3x3x3.5_99",
    "PulseSequenceDetails": "%SiemensSeq%_ep2d_bold",
    "ReceiveCoilName": "HeadMatrix",
    "ReconMatrixPE": 64,
    "RepetitionTime": 2,
    "SAR": 0.131417,
    "ScanOptions": "FS",
    "ScanningSequence": "EP",
    "SequenceName": "_epfid2d1_64",
    "SequenceVariant": "SK",
    "SeriesDescription": "ge_func_pace_3x3x3.5_99",
    "SeriesNumber": 16,
    "ShimSetting": [
      -4493,
      -19336,
      -9755,
      1139,
      83,
      -367,
      -211,
      -100
    ],
    "SliceThickness": 3.5,
    "SliceTiming": [
      0,
      1.035,
      0.06,
      1.095,
      0.1225,
      1.155,
      0.1825,
      1.2175,
      0.2425,
      1.2775,
      0.305,
      1.3375,
      0.365,
      1.4,
      0.425,
      1.46,
      0.4875,
      1.52,
      0.5475,
      1.5825,
      0.6075,
      1.6425,
      0.67,
      1.7025,
      0.73,
      1.765,
      0.79,
      1.825,
      0.8525,
      1.885,
      0.9125,
      1.9475,
      0.9725
    ],
    "SoftwareVersions": "syngo_MR_B17",
    "SpacingBetweenSlices": 4.2,
    "StationName": "MRC35193",
    "TotalReadoutTime": 0.0289803,
    "TxRefAmp": 320.691,
    "dataset": "ds003696",
    "modality": "bold",
    "run_id": 1,
    "session_id": "01",
    "subject_id": "125",
    "task_id": "localizer"
  },
  "dummy_trs": 0,
  "dvars_nstd": 19.309786465918368,
  "dvars_std": 1.1754358740816326,
  "dvars_vstd": 1.0931909357142855,
  "efc": 0.5233624107667646,
  "fber": 1375.89794921875,
  "fd_mean": 0.0897983256683642,
  "fd_num": 2,
  "fd_perc": 2.0202020202020203,
  "fwhm_avg": 2.0125966249977876,
  "fwhm_x": 1.9624544,
  "fwhm_y": 2.2142592,
  "fwhm_z": 1.861076274993364,
  "gcor": 0.010634,
  "gsr_x": 0.0026407416444271803,
  "gsr_y": 0.03480912744998932,
  "provenance": {
    "md5sum": "a9885dce459c03e1ae7dcce2bd662e9d",
    "settings": {
      "fd_thres": 0.2,
      "testing": false
    },
    "software": "mriqc",
    "version": "23.0.1",
    "webapi_port": null,
    "webapi_url": "https://mriqc.nimh.nih.gov/api/v1"
  },
  "size_t": 99,
  "size_x": 64,
  "size_y": 64,
  "size_z": 33,
  "snr": 5.991868809757729,
  "spacing_tr": 2.0,
  "spacing_x": 3.125,
  "spacing_y": 3.125,
  "spacing_z": 4.199999809265137,
  "summary_bg_k": 51.750623911550605,
  "summary_bg_mad": 9.704304658989582,
  "summary_bg_mean": 47.194698333740234,
  "summary_bg_median": 25.55555534362793,
  "summary_bg_n": 79961.0,
  "summary_bg_p05": 17.989898681640625,
  "summary_bg_p95": 133.6565704345703,
  "summary_bg_stdv": 69.93321228027344,
  "summary_fg_k": 0.9055856780842819,
  "summary_fg_mad": 149.00156820524202,
  "summary_fg_mean": 968.6790161132812,
  "summary_fg_median": 963.550537109375,
  "summary_fg_n": 24794.0,
  "summary_fg_p05": 711.9888793945313,
  "summary_fg_p95": 1237.9429565429687,
  "summary_fg_stdv": 160.8064422607422,
  "tsnr": 73.58537755417638
}