{
  "aor": 0.00045524590163934425,
  "aqi": 0.003841946721311475,
  "bids_meta": {
    "AcquisitionMatrixPE": 64,
    "AcquisitionNumber": 1,
    "AcquisitionTime": "15:49:25.760000",
    "BandwidthPerPixelPhaseEncode": 33.967,
    "BaseResolution": 64,
    "ConversionSoftware": "dcm2niix",
    "ConversionSoftwareVersion": "v1.0.20180622 GCC4.9.2",
    "DerivedVendorReportedEchoSpacing": 0.000460005,
    "DeviceSerialNumber": "35193",
    "DwellTime": 3.1e-06,
    "EchoTime": 0.03,
    "EffectiveEchoSpacing": 0.000460005,
    "FlipAngle": 90,
    "ImageOrientationPatientDICOM": [
      1,
      0,
      0,
      0,
      1,
      0
    ],
    "ImageType": [
      "ORIGINAL",
      "PRIMARY",
      "M",
      "ND",
      "MOSAIC"
    ],
    "InPlanePhaseEncodingDirectionDICOM": "COL",
    "InstitutionAddress": "Xinjiekouwai_Street_No_19_Beijing_Haidian_District_CN_100875",
    "InstitutionName": "BNU_MRI_Center",
    "InstitutionalDepartmentName": "Department",
    "MRAcquisitionType": "2D",
    "MagneticFieldStrength": 3,
    "Manufacturer": "Siemens",
    "ManufacturersModelName": "TrioTim",
    "Modality": "MR",
    "PartialFourier": 1,
    "PatientPosition": "HFS",
    "PercentPhaseFOV": 100,
    "PhaseEncodingDirection": "j-",
    "PhaseEncodingSteps": 64,
    "PhaseResolution": 1,
    "PixelBandwidth": 2520,
    "ProcedureStepDescription": "BNU_cst_2015_Liu.Jia",
    "ProtocolName": "ge_func_pace_3x3x3.5_185",
    "PulseSequenceDetails": "%SiemensSeq%_ep2d_bold",
    "ReceiveCoilName": "HeadMatrix",
    "ReconMatrixPE": 64,
    "RepetitionTime": 2,
    "SAR": 0.132974,
    "ScanOptions": "FS",
    "ScanningSequence": "EP",
    "SequenceName": "_epfid2d1_64",
    "SequenceVariant": "SK",
    "SeriesDescription": "ge_func_pace_3x3x3.5_185",
    "SeriesNumber": 4,
    "ShimSetting": [
      -4511,
      -19420,
      -9801,
      1188,
      -48,
      -219,
      88,
      60
    ],
    "SliceThickness": 3.5,
    "SliceTiming": [
      0,
      1.035,
      0.0625,
      1.095,
      0.1225,
      1.1575,
      0.1825,
      1.2175,
      0.245,
      1.2775,
      0.305,
      1.34,
      0.365,
      1.4,
      0.4275,
      1.46,
      0.4875,
      1.5225,
      0.5475,
      1.5825,
      0.61,
      1.6425,
      0.67,
      1.705,
      0.73,
      1.765,
      0.7925,
      1.825,
      0.8525,
      1.8875,
      0.9125,
      1.9475,
      0.975
    ],
    "SoftwareVersions": "syngo_MR_B17",
    "SpacingBetweenSlices": 4.2,
    "StationName": "MRC35193",
    "TotalReadoutTime": 0.0289803,
    "TxRefAmp": 318.087,
    "dataset": "ds003696",
    "modality": "bold",
    "run_id": 3,
    "session_id": "01",
    "subject_id": "108",
    "task_id": "affordance"
  },
  "dummy_trs": 2,
  "dvars_nstd": 24.142344422527472,
  "dvars_std": 1.2935195446703294,
  "dvars_vstd": 0.9993884997802198,
  "efc": 0.5144895702520585,
  "fber": 1160.4078369140625,
  "fd_mean": 0.06941557606248382,
  "fd_num": 0,
  "fd_perc": 0.0,
  "fwhm_avg": 2.074106873144492,
  "fwhm_x": 2.0280128,
  "fwhm_y": 2.2983743999999997,
  "fwhm_z": 1.8959334194334767,
  "gcor": 0.0253843,
  "gsr_x": -0.0024820684920996428,
  "gsr_y": 0.023177342489361763,
  "provenance": {
    "md5sum": "31ac53cd9f093e868c05c34663dab5d0",
    "settings": {
      "fd_thres": 0.2,
      "testing": false
    },
    "software": "mriqc",
    "version": "23.0.1",
    "webapi_port": null,
    "webapi_url": "https://mriqc.nimh.nih.gov/api/v1"
  },
  "size_t": 183,
  "size_x": 64,
  "size_y": 64,
  "size_z": 33,
  "snr": 5.670784464246285,
  "spacing_tr": 2.0,
  "spacing_x": 3.125,
  "spacing_y": 3.125,
  "spacing_z": 4.199999809265137,
  "summary_bg_k": 41.168640729028596,
  "summary_bg_mad": 11.990443074380872,
  "summary_bg_mean": 53.727386474609375,
  "summary_bg_median": 28.743167877197266,
  "summary_bg_n": 82135.0,
  "summary_bg_p05": 19.868852615356445,
  "summary_bg_p95": 173.787973022461,
  "summary_bg_stdv": 74.42704010009766,
  "summary_fg_k": 1.366445722156488,
  "summary_fg_mad": 146.88295099084002,
  "summary_fg_mean": 1002.4677124023438,
  "summary_fg_median": 996.3770141601562,
  "summary_fg_n": 22450.0,
  "summary_fg_p05": 714.5581756591797,
  "summary_fg_p95": 1297.211407470703,
  "summary_fg_stdv": 175.69964599609375,
  "tsnr": 86.32817761483602
}