{
  "aor": 0.0016052083333333335,
  "aqi": 0.004165530104166666,
  "bids_meta": {
    "AcquisitionMatrixPE": 64,
    "AcquisitionNumber": 1,
    "AcquisitionTime": "16:15:44.507500",
    "BandwidthPerPixelPhaseEncode": 33.967,
    "BaseResolution": 64,
    "ConversionSoftware": "dcm2niix",
    "ConversionSoftwareVersion": "v1.0.20180622 GCC4.9.2",
    "DerivedVendorReportedEchoSpacing": 0.000460005,
    "DeviceSerialNumber": "35193",
    "DwellTime": 3.1e-06,
    "EchoTime": 0.03,
    "EffectiveEchoSpacing": 0.000460005,
    "FlipAngle": 90,
    "ImageOrientationPatientDICOM": [
      1,
      0,
      0,
      0,
      1,
      0
    ],
    "ImageType": [
      "ORIGINAL",
      "PRIMARY",
      "M",
      "ND",
      "MOSAIC"
    ],
    "InPlanePhaseEncodingDirectionDICOM": "COL",
    "InstitutionAddress": "Xinjiekouwai_Street_No_19_Beijing_Haidian_District_CN_100875",
    "InstitutionName": "BNU_MRI_Center",
    "InstitutionalDepartmentName": "Department",
    "MRAcquisitionType": "2D",
    "MagneticFieldStrength": 3,
    "Manufacturer": "Siemens",
    "ManufacturersModelName": "TrioTim",
    "Modality": "MR",
    "PartialFourier": 1,
    "PatientPosition": "HFS",
    "PercentPhaseFOV": 100,
    "PhaseEncodingDirection": "j-",
    "PhaseEncodingSteps": 64,
    "PhaseResolution": 1,
    "PixelBandwidth": 2520,
    "ProcedureStepDescription": "BNU_cst_2015_Liu.Jia",
    "ProtocolName": "ge_func_pace_3x3x3.5_99",
    "PulseSequenceDetails": "%SiemensSeq%_ep2d_bold",
    "ReceiveCoilName": "HeadMatrix",
    "ReconMatrixPE": 64,
    "RepetitionTime": 2,
    "SAR": 0.132523,
    "ScanOptions": "FS",
    "ScanningSequence": "EP",
    "SequenceName": "_epfid2d1_64",
    "SequenceVariant": "SK",
    "SeriesDescription": "ge_func_pace_3x3x3.5_99",
    "SeriesNumber": 12,
    "ShimSetting": [
      -4511,
      -19420,
      -9801,
      1188,
      -48,
      -219,
      88,
      60
    ],
    "SliceThickness": 3.5,
    "SliceTiming": [
      0,
      1.035,
      0.0625,
      1.095,
      0.1225,
      1.1575,
      0.1825,
      1.2175,
      0.245,
      1.2775,
      0.305,
      1.34,
      0.365,
      1.4,
      0.4275,
      1.46,
      0.4875,
      1.5225,
      0.5475,
      1.5825,
      0.61,
      1.6425,
      0.67,
      1.705,
      0.73,
      1.765,
      0.7925,
      1.825,
      0.8525,
      1.8875,
      0.9125,
      1.9475,
      0.975
    ],
    "SoftwareVersions": "syngo_MR_B17",
    "SpacingBetweenSlices": 4.2,
    "StationName": "MRC35193",
    "TotalReadoutTime": 0.0289803,
    "TxRefAmp": 318.087,
    "dataset": "ds003696",
    "modality": "bold",
    "run_id": 2,
    "session_id": "01",
    "subject_id": "108",
    "task_id": "localizer"
  },
  "dummy_trs": 3,
  "dvars_nstd": 24.18265599684209,
  "dvars_std": 1.2662666971578955,
  "dvars_vstd": 0.9986228478947371,
  "efc": 0.5135527559451587,
  "fber": 1234.962890625,
  "fd_mean": 0.06868578280782298,
  "fd_num": 1,
  "fd_perc": 1.0416666666666667,
  "fwhm_avg": 2.0215611327119163,
  "fwhm_x": 1.9799968000000001,
  "fwhm_y": 2.2383008,
  "fwhm_z": 1.846385798135748,
  "gcor": 0.0254033,
  "gsr_x": 0.00025204557459801435,
  "gsr_y": 0.026114938780665398,
  "provenance": {
    "md5sum": "d368b0c9ca450ed283ed6ec777b2b691",
    "settings": {
      "fd_thres": 0.2,
      "testing": false
    },
    "software": "mriqc",
    "version": "23.0.1",
    "webapi_port": null,
    "webapi_url": "https://mriqc.nimh.nih.gov/api/v1"
  },
  "size_t": 96,
  "size_x": 64,
  "size_y": 64,
  "size_z": 33,
  "snr": 5.841839950642488,
  "spacing_tr": 2.0,
  "spacing_x": 3.125,
  "spacing_y": 3.125,
  "spacing_z": 4.199999809265137,
  "summary_bg_k": 41.677684344167226,
  "summary_bg_mad": 10.810640233990243,
  "summary_bg_mean": 51.43259811401367,
  "summary_bg_median": 27.3125,
  "summary_bg_n": 82489.0,
  "summary_bg_p05": 19.229167938232422,
  "summary_bg_p95": 163.96458740234365,
  "summary_bg_stdv": 71.39401245117188,
  "summary_fg_k": 1.4602947331250533,
  "summary_fg_mad": 140.39937150147796,
  "summary_fg_mean": 981.5324096679688,
  "summary_fg_median": 974.9739990234375,
  "summary_fg_n": 22592.0,
  "summary_fg_p05": 712.3151245117188,
  "summary_fg_p95": 1264.7786865234375,
  "summary_fg_stdv": 166.89132690429688,
  "tsnr": 84.59208606975153
}