{
  "aor": 0.00047788043478260876,
  "aqi": 0.005204777554347826,
  "bids_meta": {
    "AcquisitionMatrixPE": 64,
    "AcquisitionNumber": 1,
    "AcquisitionTime": "15:42:15.135000",
    "BandwidthPerPixelPhaseEncode": 33.967,
    "BaseResolution": 64,
    "ConversionSoftware": "dcm2niix",
    "ConversionSoftwareVersion": "v1.0.20180622 GCC4.9.2",
    "DerivedVendorReportedEchoSpacing": 0.000460005,
    "DeviceSerialNumber": "35193",
    "DwellTime": 3.1e-06,
    "EchoTime": 0.03,
    "EffectiveEchoSpacing": 0.000460005,
    "FlipAngle": 90,
    "ImageOrientationPatientDICOM": [
      1,
      0,
      0,
      0,
      1,
      0
    ],
    "ImageType": [
      "ORIGINAL",
      "PRIMARY",
      "M",
      "ND",
      "MOSAIC"
    ],
    "InPlanePhaseEncodingDirectionDICOM": "COL",
    "InstitutionAddress": "Xinjiekouwai_Street_No_19_Beijing_Haidian_District_CN_100875",
    "InstitutionName": "BNU_MRI_Center",
    "InstitutionalDepartmentName": "Department",
    "MRAcquisitionType": "2D",
    "MagneticFieldStrength": 3,
    "Manufacturer": "Siemens",
    "ManufacturersModelName": "TrioTim",
    "Modality": "MR",
    "PartialFourier": 1,
    "PatientPosition": "HFS",
    "PercentPhaseFOV": 100,
    "PhaseEncodingDirection": "j-",
    "PhaseEncodingSteps": 64,
    "PhaseResolution": 1,
    "PixelBandwidth": 2520,
    "ProcedureStepDescription": "BNU_cst_2015_Liu.Jia",
    "ProtocolName": "ge_func_pace_3x3x3.5_185",
    "PulseSequenceDetails": "%SiemensSeq%_ep2d_bold",
    "ReceiveCoilName": "HeadMatrix",
    "ReconMatrixPE": 64,
    "RepetitionTime": 2,
    "SAR": 0.132974,
    "ScanOptions": "FS",
    "ScanningSequence": "EP",
    "SequenceName": "_epfid2d1_64",
    "SequenceVariant": "SK",
    "SeriesDescription": "ge_func_pace_3x3x3.5_185",
    "SeriesNumber": 2,
    "ShimSetting": [
      -4511,
      -19420,
      -9801,
      1188,
      -48,
      -219,
      88,
      60
    ],
    "SliceThickness": 3.5,
    "SliceTiming": [
      0,
      1.0325,
      0.06,
      1.095,
      0.12,
      1.155,
      0.1825,
      1.215,
      0.2425,
      1.2775,
      0.3025,
      1.3375,
      0.365,
      1.3975,
      0.425,
      1.46,
      0.485,
      1.52,
      0.5475,
      1.58,
      0.6075,
      1.6425,
      0.6675,
      1.7025,
      0.73,
      1.7625,
      0.79,
      1.825,
      0.85,
      1.885,
      0.9125,
      1.945,
      0.9725
    ],
    "SoftwareVersions": "syngo_MR_B17",
    "SpacingBetweenSlices": 4.2,
    "StationName": "MRC35193",
    "TotalReadoutTime": 0.0289803,
    "TxRefAmp": 318.087,
    "dataset": "ds003696",
    "modality": "bold",
    "run_id": 4,
    "session_id": "01",
    "subject_id": "108",
    "task_id": "affordance"
  },
  "dummy_trs": 1,
  "dvars_nstd": 23.875862319726753,
  "dvars_std": 1.2560543960655732,
  "dvars_vstd": 0.9742746462295079,
  "efc": 0.5146187356253865,
  "fber": 1158.904296875,
  "fd_mean": 0.07234130078722334,
  "fd_num": 0,
  "fd_perc": 0.0,
  "fwhm_avg": 2.0809539845210177,
  "fwhm_x": 2.0286656,
  "fwhm_y": 2.3007296,
  "fwhm_z": 1.9134667535630523,
  "gcor": 0.0184098,
  "gsr_x": -0.0023932047188282013,
  "gsr_y": 0.022718258202075958,
  "provenance": {
    "md5sum": "5c9f6b566bec933f401d2b079b4860b9",
    "settings": {
      "fd_thres": 0.2,
      "testing": false
    },
    "software": "mriqc",
    "version": "23.0.1",
    "webapi_port": null,
    "webapi_url": "https://mriqc.nimh.nih.gov/api/v1"
  },
  "size_t": 184,
  "size_x": 64,
  "size_y": 64,
  "size_z": 33,
  "snr": 5.70556444566325,
  "spacing_tr": 2.0,
  "spacing_x": 3.125,
  "spacing_y": 3.125,
  "spacing_z": 4.199999809265137,
  "summary_bg_k": 41.895191902825964,
  "summary_bg_mad": 12.15895119129091,
  "summary_bg_mean": 53.17331314086914,
  "summary_bg_median": 28.657609939575195,
  "summary_bg_n": 82134.0,
  "summary_bg_p05": 19.576087951660156,
  "summary_bg_p95": 168.74321517944313,
  "summary_bg_stdv": 73.04666137695312,
  "summary_fg_k": 1.3553933594752863,
  "summary_fg_mad": 144.94047423165782,
  "summary_fg_mean": 996.372314453125,
  "summary_fg_median": 990.9674072265625,
  "summary_fg_n": 22465.0,
  "summary_fg_p05": 709.3119628906251,
  "summary_fg_p95": 1288.8771972656248,
  "summary_fg_stdv": 173.68051147460938,
  "tsnr": 74.15213465923443
}