{
  "aor": 0.0005318579234972678,
  "aqi": 0.004175914207650273,
  "bids_meta": {
    "AcquisitionMatrixPE": 64,
    "AcquisitionNumber": 1,
    "AcquisitionTime": "16:03:41.015000",
    "BandwidthPerPixelPhaseEncode": 33.967,
    "BaseResolution": 64,
    "ConversionSoftware": "dcm2niix",
    "ConversionSoftwareVersion": "v1.0.20180622 GCC4.9.2",
    "DerivedVendorReportedEchoSpacing": 0.000460005,
    "DeviceSerialNumber": "35193",
    "DwellTime": 3.1e-06,
    "EchoTime": 0.03,
    "EffectiveEchoSpacing": 0.000460005,
    "FlipAngle": 90,
    "ImageOrientationPatientDICOM": [
      1,
      0,
      0,
      0,
      1,
      0
    ],
    "ImageType": [
      "ORIGINAL",
      "PRIMARY",
      "M",
      "ND",
      "MOSAIC"
    ],
    "InPlanePhaseEncodingDirectionDICOM": "COL",
    "InstitutionAddress": "Xinjiekouwai_Street_No_19_Beijing_Haidian_District_CN_100875",
    "InstitutionName": "BNU_MRI_Center",
    "InstitutionalDepartmentName": "Department",
    "MRAcquisitionType": "2D",
    "MagneticFieldStrength": 3,
    "Manufacturer": "Siemens",
    "ManufacturersModelName": "TrioTim",
    "Modality": "MR",
    "PartialFourier": 1,
    "PatientPosition": "HFS",
    "PercentPhaseFOV": 100,
    "PhaseEncodingDirection": "j-",
    "PhaseEncodingSteps": 64,
    "PhaseResolution": 1,
    "PixelBandwidth": 2520,
    "ProcedureStepDescription": "BNU_cst_2015_Liu.Jia",
    "ProtocolName": "ge_func_pace_3x3x3.5_185",
    "PulseSequenceDetails": "%SiemensSeq%_ep2d_bold",
    "ReceiveCoilName": "HeadMatrix",
    "ReconMatrixPE": 64,
    "RepetitionTime": 2,
    "SAR": 0.132974,
    "ScanOptions": "FS",
    "ScanningSequence": "EP",
    "SequenceName": "_epfid2d1_64",
    "SequenceVariant": "SK",
    "SeriesDescription": "ge_func_pace_3x3x3.5_185",
    "SeriesNumber": 8,
    "ShimSetting": [
      -4511,
      -19420,
      -9801,
      1188,
      -48,
      -219,
      88,
      60
    ],
    "SliceThickness": 3.5,
    "SliceTiming": [
      0,
      1.0325,
      0.06,
      1.095,
      0.12,
      1.155,
      0.1825,
      1.215,
      0.2425,
      1.2775,
      0.3025,
      1.3375,
      0.365,
      1.3975,
      0.425,
      1.46,
      0.485,
      1.52,
      0.5475,
      1.58,
      0.6075,
      1.6425,
      0.6675,
      1.7025,
      0.73,
      1.7625,
      0.79,
      1.825,
      0.85,
      1.885,
      0.9125,
      1.945,
      0.9725
    ],
    "SoftwareVersions": "syngo_MR_B17",
    "SpacingBetweenSlices": 4.2,
    "StationName": "MRC35193",
    "TotalReadoutTime": 0.0289803,
    "TxRefAmp": 318.087,
    "dataset": "ds003696",
    "modality": "bold",
    "run_id": 1,
    "session_id": "01",
    "subject_id": "108",
    "task_id": "affordance"
  },
  "dummy_trs": 2,
  "dvars_nstd": 24.14658331615386,
  "dvars_std": 1.2997182434615386,
  "dvars_vstd": 1.0011942784065937,
  "efc": 0.514197458657113,
  "fber": 1203.1895751953125,
  "fd_mean": 0.06438566618251305,
  "fd_num": 0,
  "fd_perc": 0.0,
  "fwhm_avg": 2.059518383979845,
  "fwhm_x": 2.0137696,
  "fwhm_y": 2.2870688,
  "fwhm_z": 1.8777167519395352,
  "gcor": 0.0173949,
  "gsr_x": -0.0010853334097191691,
  "gsr_y": 0.026173461228609085,
  "provenance": {
    "md5sum": "04c15369d298123ab4d5a3399b689370",
    "settings": {
      "fd_thres": 0.2,
      "testing": false
    },
    "software": "mriqc",
    "version": "23.0.1",
    "webapi_port": null,
    "webapi_url": "https://mriqc.nimh.nih.gov/api/v1"
  },
  "size_t": 183,
  "size_x": 64,
  "size_y": 64,
  "size_z": 33,
  "snr": 5.764139775657641,
  "spacing_tr": 2.0,
  "spacing_x": 3.125,
  "spacing_y": 3.125,
  "spacing_z": 4.199999809265137,
  "summary_bg_k": 44.89470562264285,
  "summary_bg_mad": 11.220787220321865,
  "summary_bg_mean": 52.28335952758789,
  "summary_bg_median": 27.885244369506836,
  "summary_bg_n": 82219.0,
  "summary_bg_p05": 19.59562873840332,
  "summary_bg_p95": 166.01256408691393,
  "summary_bg_stdv": 73.15264892578125,
  "summary_fg_k": 1.3880626172498562,
  "summary_fg_mad": 143.4397738415396,
  "summary_fg_mean": 991.3492431640625,
  "summary_fg_median": 985.3223876953125,
  "summary_fg_n": 22619.0,
  "summary_fg_p05": 714.56611328125,
  "summary_fg_p95": 1283.2081909179688,
  "summary_fg_stdv": 170.936279296875,
  "tsnr": 85.33618928445503
}