{
  "aor": 0.0007782702702702704,
  "aqi": 0.005077192594594595,
  "bids_meta": {
    "AcquisitionMatrixPE": 64,
    "AcquisitionNumber": 1,
    "AcquisitionTime": "13:52:27.762500",
    "BandwidthPerPixelPhaseEncode": 33.967,
    "BaseResolution": 64,
    "ConversionSoftware": "dcm2niix",
    "ConversionSoftwareVersion": "v1.0.20180622 GCC4.9.2",
    "DerivedVendorReportedEchoSpacing": 0.000460005,
    "DeviceSerialNumber": "35193",
    "DwellTime": 3.1e-06,
    "EchoTime": 0.03,
    "EffectiveEchoSpacing": 0.000460005,
    "FlipAngle": 90,
    "ImageOrientationPatientDICOM": [
      1,
      0,
      0,
      0,
      1,
      0
    ],
    "ImageType": [
      "ORIGINAL",
      "PRIMARY",
      "M",
      "ND",
      "MOSAIC"
    ],
    "InPlanePhaseEncodingDirectionDICOM": "COL",
    "InstitutionAddress": "Xinjiekouwai_Street_No_19_Beijing_Haidian_District_CN_100875",
    "InstitutionName": "BNU_MRI_Center",
    "InstitutionalDepartmentName": "Department",
    "MRAcquisitionType": "2D",
    "MagneticFieldStrength": 3,
    "Manufacturer": "Siemens",
    "ManufacturersModelName": "TrioTim",
    "Modality": "MR",
    "PartialFourier": 1,
    "PatientPosition": "HFS",
    "PercentPhaseFOV": 100,
    "PhaseEncodingDirection": "j-",
    "PhaseEncodingSteps": 64,
    "PhaseResolution": 1,
    "PixelBandwidth": 2520,
    "ProcedureStepDescription": "BNU_cst_2015_Liu.Jia",
    "ProtocolName": "ge_func_pace_3x3x3.5_185",
    "PulseSequenceDetails": "%SiemensSeq%_ep2d_bold",
    "ReceiveCoilName": "HeadMatrix",
    "ReconMatrixPE": 64,
    "RepetitionTime": 2,
    "SAR": 0.129756,
    "ScanOptions": "FS",
    "ScanningSequence": "EP",
    "SequenceName": "_epfid2d1_64",
    "SequenceVariant": "SK",
    "SeriesDescription": "ge_func_pace_3x3x3.5_185",
    "SeriesNumber": 2,
    "ShimSetting": [
      -4502,
      -19384,
      -9806,
      1158,
      -107,
      -233,
      -32,
      -13
    ],
    "SliceThickness": 3.5,
    "SliceTiming": [
      0,
      1.035,
      0.06,
      1.095,
      0.1225,
      1.155,
      0.1825,
      1.2175,
      0.2425,
      1.2775,
      0.305,
      1.3375,
      0.365,
      1.4,
      0.425,
      1.46,
      0.4875,
      1.52,
      0.5475,
      1.5825,
      0.6075,
      1.6425,
      0.67,
      1.7025,
      0.73,
      1.765,
      0.79,
      1.825,
      0.8525,
      1.885,
      0.9125,
      1.9475,
      0.9725
    ],
    "SoftwareVersions": "syngo_MR_B17",
    "SpacingBetweenSlices": 4.2,
    "StationName": "MRC35193",
    "TotalReadoutTime": 0.0289803,
    "TxRefAmp": 315.793,
    "dataset": "ds003696",
    "modality": "bold",
    "run_id": 4,
    "session_id": "01",
    "subject_id": "106",
    "task_id": "affordance"
  },
  "dummy_trs": 0,
  "dvars_nstd": 23.650348165706536,
  "dvars_std": 1.2500307508152175,
  "dvars_vstd": 0.9917673266847823,
  "efc": 0.5099421959272776,
  "fber": 1387.81201171875,
  "fd_mean": 0.07768601237073637,
  "fd_num": 0,
  "fd_perc": 0.0,
  "fwhm_avg": 2.055661551897937,
  "fwhm_x": 2.0111071999999997,
  "fwhm_y": 2.3003488,
  "fwhm_z": 1.8555286556938106,
  "gcor": 0.0203034,
  "gsr_x": -0.007194614969193935,
  "gsr_y": 0.02444547414779663,
  "provenance": {
    "md5sum": "be4f95c115a3f37c91f33b031baa85fe",
    "settings": {
      "fd_thres": 0.2,
      "testing": false
    },
    "software": "mriqc",
    "version": "23.0.1",
    "webapi_port": null,
    "webapi_url": "https://mriqc.nimh.nih.gov/api/v1"
  },
  "size_t": 185,
  "size_x": 64,
  "size_y": 64,
  "size_z": 33,
  "snr": 6.21277263151879,
  "spacing_tr": 2.0,
  "spacing_x": 3.125,
  "spacing_y": 3.125,
  "spacing_z": 4.199999809265137,
  "summary_bg_k": 30.58667581507862,
  "summary_bg_mad": 8.783415958392643,
  "summary_bg_mean": 49.528038024902344,
  "summary_bg_median": 25.71891975402832,
  "summary_bg_n": 82959.0,
  "summary_bg_p05": 19.17837905883789,
  "summary_bg_p95": 163.31080932617164,
  "summary_bg_stdv": 68.91128540039062,
  "summary_fg_k": 1.4983109316807655,
  "summary_fg_mad": 133.5704788977472,
  "summary_fg_mean": 973.2421875,
  "summary_fg_median": 974.1784057617188,
  "summary_fg_n": 22151.0,
  "summary_fg_p05": 710.9945983886719,
  "summary_fg_p95": 1226.9081420898438,
  "summary_fg_stdv": 156.79898071289062,
  "tsnr": 77.43055536528118
}