{
  "aor": 0.0011998979591836736,
  "aqi": 0.004292178979591837,
  "bids_meta": {
    "AcquisitionMatrixPE": 64,
    "AcquisitionNumber": 1,
    "AcquisitionTime": "14:21:14.320000",
    "BandwidthPerPixelPhaseEncode": 33.967,
    "BaseResolution": 64,
    "ConversionSoftware": "dcm2niix",
    "ConversionSoftwareVersion": "v1.0.20180622 GCC4.9.2",
    "DerivedVendorReportedEchoSpacing": 0.000460005,
    "DeviceSerialNumber": "35193",
    "DwellTime": 3.1e-06,
    "EchoTime": 0.03,
    "EffectiveEchoSpacing": 0.000460005,
    "FlipAngle": 90,
    "ImageOrientationPatientDICOM": [
      1,
      0,
      0,
      0,
      1,
      0
    ],
    "ImageType": [
      "ORIGINAL",
      "PRIMARY",
      "M",
      "ND",
      "MOSAIC"
    ],
    "InPlanePhaseEncodingDirectionDICOM": "COL",
    "InstitutionAddress": "Xinjiekouwai_Street_No_19_Beijing_Haidian_District_CN_100875",
    "InstitutionName": "BNU_MRI_Center",
    "InstitutionalDepartmentName": "Department",
    "MRAcquisitionType": "2D",
    "MagneticFieldStrength": 3,
    "Manufacturer": "Siemens",
    "ManufacturersModelName": "TrioTim",
    "Modality": "MR",
    "PartialFourier": 1,
    "PatientPosition": "HFS",
    "PercentPhaseFOV": 100,
    "PhaseEncodingDirection": "j-",
    "PhaseEncodingSteps": 64,
    "PhaseResolution": 1,
    "PixelBandwidth": 2520,
    "ProcedureStepDescription": "BNU_cst_2015_Liu.Jia",
    "ProtocolName": "ge_func_pace_3x3x3.5_99",
    "PulseSequenceDetails": "%SiemensSeq%_ep2d_bold",
    "ReceiveCoilName": "HeadMatrix",
    "ReconMatrixPE": 64,
    "RepetitionTime": 2,
    "SAR": 0.129317,
    "ScanOptions": "FS",
    "ScanningSequence": "EP",
    "SequenceName": "_epfid2d1_64",
    "SequenceVariant": "SK",
    "SeriesDescription": "ge_func_pace_3x3x3.5_99",
    "SeriesNumber": 10,
    "ShimSetting": [
      -4502,
      -19384,
      -9806,
      1158,
      -107,
      -233,
      -32,
      -13
    ],
    "SliceThickness": 3.5,
    "SliceTiming": [
      0,
      1.035,
      0.0625,
      1.095,
      0.1225,
      1.1575,
      0.1825,
      1.2175,
      0.245,
      1.2775,
      0.305,
      1.34,
      0.365,
      1.4,
      0.4275,
      1.46,
      0.4875,
      1.5225,
      0.5475,
      1.5825,
      0.61,
      1.6425,
      0.67,
      1.705,
      0.73,
      1.765,
      0.7925,
      1.825,
      0.8525,
      1.8875,
      0.9125,
      1.9475,
      0.975
    ],
    "SoftwareVersions": "syngo_MR_B17",
    "SpacingBetweenSlices": 4.2,
    "StationName": "MRC35193",
    "TotalReadoutTime": 0.0289803,
    "TxRefAmp": 315.793,
    "dataset": "ds003696",
    "modality": "bold",
    "run_id": 1,
    "session_id": "01",
    "subject_id": "106",
    "task_id": "localizer"
  },
  "dummy_trs": 1,
  "dvars_nstd": 21.313443036494856,
  "dvars_std": 1.2152358011340203,
  "dvars_vstd": 1.0265487714432988,
  "efc": 0.5109430870512331,
  "fber": 1385.6309814453125,
  "fd_mean": 0.11391730802133103,
  "fd_num": 4,
  "fd_perc": 4.081632653061225,
  "fwhm_avg": 2.003855469023423,
  "fwhm_x": 1.9454336,
  "fwhm_y": 2.2327232,
  "fwhm_z": 1.8334096070702692,
  "gcor": 0.024618,
  "gsr_x": -0.007421211805194616,
  "gsr_y": 0.02441101334989071,
  "provenance": {
    "md5sum": "eca358288f3fcce6c614d2dbb7790a4e",
    "settings": {
      "fd_thres": 0.2,
      "testing": false
    },
    "software": "mriqc",
    "version": "23.0.1",
    "webapi_port": null,
    "webapi_url": "https://mriqc.nimh.nih.gov/api/v1"
  },
  "size_t": 98,
  "size_x": 64,
  "size_y": 64,
  "size_z": 33,
  "snr": 6.2936983712852825,
  "spacing_tr": 2.0,
  "spacing_x": 3.125,
  "spacing_y": 3.125,
  "spacing_z": 4.199999809265137,
  "summary_bg_k": 29.424806510503714,
  "summary_bg_mad": 8.714068854883859,
  "summary_bg_mean": 50.252811431884766,
  "summary_bg_median": 25.795917510986328,
  "summary_bg_n": 83001.0,
  "summary_bg_p05": 19.275508880615234,
  "summary_bg_p95": 167.47958374023438,
  "summary_bg_stdv": 70.14588928222656,
  "summary_fg_k": 1.5608730463892,
  "summary_fg_mad": 132.21637369769115,
  "summary_fg_mean": 974.65771484375,
  "summary_fg_median": 975.3265380859375,
  "summary_fg_n": 22110.0,
  "summary_fg_p05": 716.6581665039063,
  "summary_fg_p95": 1225.8316406249999,
  "summary_fg_stdv": 154.96524047851562,
  "tsnr": 86.69875356007833
}