{
  "aor": 0.0005035675675675675,
  "aqi": 0.004185904324324324,
  "bids_meta": {
    "AcquisitionMatrixPE": 64,
    "AcquisitionNumber": 1,
    "AcquisitionTime": "13:59:37.460000",
    "BandwidthPerPixelPhaseEncode": 33.967,
    "BaseResolution": 64,
    "ConversionSoftware": "dcm2niix",
    "ConversionSoftwareVersion": "v1.0.20180622 GCC4.9.2",
    "DerivedVendorReportedEchoSpacing": 0.000460005,
    "DeviceSerialNumber": "35193",
    "DwellTime": 3.1e-06,
    "EchoTime": 0.03,
    "EffectiveEchoSpacing": 0.000460005,
    "FlipAngle": 90,
    "ImageOrientationPatientDICOM": [
      1,
      0,
      0,
      0,
      1,
      0
    ],
    "ImageType": [
      "ORIGINAL",
      "PRIMARY",
      "M",
      "ND",
      "MOSAIC"
    ],
    "InPlanePhaseEncodingDirectionDICOM": "COL",
    "InstitutionAddress": "Xinjiekouwai_Street_No_19_Beijing_Haidian_District_CN_100875",
    "InstitutionName": "BNU_MRI_Center",
    "InstitutionalDepartmentName": "Department",
    "MRAcquisitionType": "2D",
    "MagneticFieldStrength": 3,
    "Manufacturer": "Siemens",
    "ManufacturersModelName": "TrioTim",
    "Modality": "MR",
    "PartialFourier": 1,
    "PatientPosition": "HFS",
    "PercentPhaseFOV": 100,
    "PhaseEncodingDirection": "j-",
    "PhaseEncodingSteps": 64,
    "PhaseResolution": 1,
    "PixelBandwidth": 2520,
    "ProcedureStepDescription": "BNU_cst_2015_Liu.Jia",
    "ProtocolName": "ge_func_pace_3x3x3.5_185",
    "PulseSequenceDetails": "%SiemensSeq%_ep2d_bold",
    "ReceiveCoilName": "HeadMatrix",
    "ReconMatrixPE": 64,
    "RepetitionTime": 2,
    "SAR": 0.129756,
    "ScanOptions": "FS",
    "ScanningSequence": "EP",
    "SequenceName": "_epfid2d1_64",
    "SequenceVariant": "SK",
    "SeriesDescription": "ge_func_pace_3x3x3.5_185",
    "SeriesNumber": 4,
    "ShimSetting": [
      -4502,
      -19384,
      -9806,
      1158,
      -107,
      -233,
      -32,
      -13
    ],
    "SliceThickness": 3.5,
    "SliceTiming": [
      0,
      1.0325,
      0.06,
      1.095,
      0.12,
      1.155,
      0.1825,
      1.215,
      0.2425,
      1.2775,
      0.3025,
      1.3375,
      0.365,
      1.3975,
      0.425,
      1.46,
      0.485,
      1.52,
      0.5475,
      1.58,
      0.6075,
      1.6425,
      0.6675,
      1.7025,
      0.73,
      1.7625,
      0.79,
      1.825,
      0.85,
      1.885,
      0.9125,
      1.945,
      0.9725
    ],
    "SoftwareVersions": "syngo_MR_B17",
    "SpacingBetweenSlices": 4.2,
    "StationName": "MRC35193",
    "TotalReadoutTime": 0.0289803,
    "TxRefAmp": 315.793,
    "dataset": "ds003696",
    "modality": "bold",
    "run_id": 3,
    "session_id": "01",
    "subject_id": "106",
    "task_id": "affordance"
  },
  "dummy_trs": 0,
  "dvars_nstd": 20.96241954119565,
  "dvars_std": 1.1879918063586954,
  "dvars_vstd": 0.9992060836956523,
  "efc": 0.510000146101299,
  "fber": 1401.0618896484375,
  "fd_mean": 0.10520405189987093,
  "fd_num": 2,
  "fd_perc": 1.0810810810810811,
  "fwhm_avg": 2.0229824532076424,
  "fwhm_x": 1.983408,
  "fwhm_y": 2.2483488,
  "fwhm_z": 1.837190559622926,
  "gcor": 0.0259395,
  "gsr_x": -0.007558739744126797,
  "gsr_y": 0.02402229979634285,
  "provenance": {
    "md5sum": "77e774ee9e7f8500ebd20c344c077fa3",
    "settings": {
      "fd_thres": 0.2,
      "testing": false
    },
    "software": "mriqc",
    "version": "23.0.1",
    "webapi_port": null,
    "webapi_url": "https://mriqc.nimh.nih.gov/api/v1"
  },
  "size_t": 185,
  "size_x": 64,
  "size_y": 64,
  "size_z": 33,
  "snr": 6.260350383222769,
  "spacing_tr": 2.0,
  "spacing_x": 3.125,
  "spacing_y": 3.125,
  "spacing_z": 4.199999809265137,
  "summary_bg_k": 30.618863913084333,
  "summary_bg_mad": 8.591077639579554,
  "summary_bg_mean": 49.511043548583984,
  "summary_bg_median": 25.63783836364746,
  "summary_bg_n": 82905.0,
  "summary_bg_p05": 19.26486587524414,
  "summary_bg_p95": 163.61622314453132,
  "summary_bg_stdv": 68.90105438232422,
  "summary_fg_k": 1.5062229086280903,
  "summary_fg_mad": 133.09761891893854,
  "summary_fg_mean": 975.0165405273438,
  "summary_fg_median": 975.3594970703125,
  "summary_fg_n": 22156.0,
  "summary_fg_p05": 714.1500244140625,
  "summary_fg_p95": 1228.9203186035156,
  "summary_fg_stdv": 155.79598999023438,
  "tsnr": 83.67968637496233
}