{
  "bids_meta": {
    "AcquisitionMatrixPE": 192,
    "AcquisitionNumber": 1,
    "AcquisitionTime": "14:49:51.540000",
    "BaseResolution": 256,
    "ConversionSoftware": "dcm2niix",
    "ConversionSoftwareVersion": "v1.0.20180622 GCC4.9.2",
    "DeviceSerialNumber": "35193",
    "DwellTime": 1.03e-05,
    "EchoTime": 0.00339,
    "FlipAngle": 7,
    "ImageOrientationPatientDICOM": [
      0.0662739,
      0.997801,
      1.24165e-08,
      0.0383034,
      -0.0025441,
      -0.999263
    ],
    "ImageType": [
      "ORIGINAL",
      "PRIMARY",
      "M",
      "ND",
      "NORM"
    ],
    "InPlanePhaseEncodingDirectionDICOM": "ROW",
    "InstitutionAddress": "Xinjiekouwai_Street_No_19_Beijing_Haidian_District_CN_100875",
    "InstitutionName": "BNU_MRI_Center",
    "InstitutionalDepartmentName": "Department",
    "InversionTime": 1.1,
    "MRAcquisitionType": "3D",
    "MagneticFieldStrength": 3,
    "Manufacturer": "Siemens",
    "ManufacturersModelName": "TrioTim",
    "Modality": "MR",
    "PartialFourier": 1,
    "PatientPosition": "HFS",
    "PercentPhaseFOV": 100,
    "PhaseEncodingSteps": 192,
    "PhaseResolution": 0.75,
    "PixelBandwidth": 190,
    "ProcedureStepDescription": "BNU_cst_2019_Xu.Shan",
    "ProtocolName": "t1_mprage_sag",
    "PulseSequenceDetails": "%SiemensSeq%_tfl",
    "ReceiveCoilName": "HeadMatrix",
    "ReconMatrixPE": 256,
    "RepetitionTime": 2.53,
    "SAR": 0.0390482,
    "ScanOptions": "IR",
    "ScanningSequence": "GR_IR",
    "SequenceName": "_tfl3d1_ns",
    "SequenceVariant": "SP_MP",
    "SeriesDescription": "t1_mprage_sag",
    "SeriesNumber": 10,
    "ShimSetting": [
      -4489,
      -19276,
      -10209,
      636,
      -133,
      80,
      82,
      -26
    ],
    "SliceThickness": 1.33,
    "SoftwareVersions": "syngo_MR_B17",
    "StationName": "MRC35193",
    "TxRefAmp": 325.117,
    "dataset": "ds003696",
    "modality": "T1w",
    "session_id": "02",
    "subject_id": "129"
  },
  "cjv": 0.28985438796155283,
  "cnr": 4.57274048366931,
  "efc": 0.5231343649202117,
  "fber": 15432.28397106544,
  "fwhm_avg": 3.995829439425075,
  "fwhm_x": 3.4926183182752255,
  "fwhm_y": 4.66632,
  "fwhm_z": 3.82855,
  "icvs_csf": 0.2131436505706428,
  "icvs_gm": 0.4582966023891382,
  "icvs_wm": 0.328559747040219,
  "inu_med": 0.5023454427719116,
  "inu_range": 0.17228619754314423,
  "provenance": {
    "md5sum": "e090a69e03f7a46507d625698a12cc1e",
    "settings": {
      "testing": false
    },
    "software": "mriqc",
    "version": "23.0.1",
    "warnings": {
      "large_rot_frame": true,
      "small_air_mask": false
    },
    "webapi_port": null,
    "webapi_url": "https://mriqc.nimh.nih.gov/api/v1"
  },
  "qi_1": 0.0,
  "qi_2": 0.018213583941068215,
  "rpve_csf": 26.33003622134847,
  "rpve_gm": 13.031911461783825,
  "rpve_wm": 20.909222429494122,
  "size_x": 128,
  "size_y": 256,
  "size_z": 256,
  "snr_csf": 1.3039904038884274,
  "snr_gm": 8.055177230871214,
  "snr_total": 12.30570362283183,
  "snr_wm": 27.55794323373585,
  "snrd_csf": 20.32981024107614,
  "snrd_gm": 88.53345776587086,
  "snrd_total": 84.41028577231403,
  "snrd_wm": 144.36758930999508,
  "spacing_x": 1.3300050497055054,
  "spacing_y": 1.0,
  "spacing_z": 1.0,
  "summary_bg_k": 7.3375805834511905,
  "summary_bg_mad": 4.5379743224757405,
  "summary_bg_mean": 4.349787280188073,
  "summary_bg_median": 3.060817167162895,
  "summary_bg_n": 2374719.0,
  "summary_bg_p05": 0.0,
  "summary_bg_p95": 17.87694664299488,
  "summary_bg_stdv": 6.386857754958712,
  "summary_csf_k": 0.0970383264402841,
  "summary_csf_mad": 102.43326097472413,
  "summary_csf_mean": 165.54854658856655,
  "summary_csf_median": 140.81976952403784,
  "summary_csf_n": 19801.0,
  "summary_csf_p05": 27.01503847539425,
  "summary_csf_p95": 371.9780051484704,
  "summary_csf_stdv": 107.98868855479235,
  "summary_gm_k": -0.16494515764674222,
  "summary_gm_mad": 78.82264094908949,
  "summary_gm_mean": 614.3223330744087,
  "summary_gm_median": 613.2502453252673,
  "summary_gm_n": 30799.0,
  "summary_gm_p05": 491.36983651891353,
  "summary_gm_p95": 738.348948124051,
  "summary_gm_stdv": 76.12995617400797,
  "summary_wm_k": 0.7541567118198595,
  "summary_wm_mad": 33.27847836482209,
  "summary_wm_mean": 997.8385436084573,
  "summary_wm_median": 1000.0000202804804,
  "summary_wm_n": 111508.0,
  "summary_wm_p05": 934.9022058919072,
  "summary_wm_p95": 1053.2094433531165,
  "summary_wm_stdv": 36.28701633520136,
  "tpm_overlap_csf": 0.16483379579152765,
  "tpm_overlap_gm": 0.5012353350661475,
  "tpm_overlap_wm": 0.511091985210722,
  "wm2max": 0.9057470146293233
}