{
  "bids_meta": {
    "AcquisitionMatrixPE": 192,
    "AcquisitionNumber": 1,
    "AcquisitionTime": "13:26:41.485000",
    "BaseResolution": 256,
    "ConversionSoftware": "dcm2niix",
    "ConversionSoftwareVersion": "v1.0.20180622 GCC4.9.2",
    "DeviceSerialNumber": "35193",
    "DwellTime": 1.03e-05,
    "EchoTime": 0.00339,
    "FlipAngle": 7,
    "ImageOrientationPatientDICOM": [
      0,
      1,
      0,
      0,
      0,
      -1
    ],
    "ImageType": [
      "ORIGINAL",
      "PRIMARY",
      "M",
      "ND",
      "NORM"
    ],
    "InPlanePhaseEncodingDirectionDICOM": "ROW",
    "InstitutionAddress": "Xinjiekouwai_Street_No_19_Beijing_Haidian_District_CN_100875",
    "InstitutionName": "BNU_MRI_Center",
    "InstitutionalDepartmentName": "Department",
    "InversionTime": 1.1,
    "MRAcquisitionType": "3D",
    "MagneticFieldStrength": 3,
    "Manufacturer": "Siemens",
    "ManufacturersModelName": "TrioTim",
    "Modality": "MR",
    "PartialFourier": 1,
    "PatientPosition": "HFS",
    "PercentPhaseFOV": 100,
    "PhaseEncodingSteps": 192,
    "PhaseResolution": 0.75,
    "PixelBandwidth": 190,
    "ProcedureStepDescription": "BNU_cst_2015_Liu.Jia",
    "ProtocolName": "t1_mprage_sag",
    "PulseSequenceDetails": "%SiemensSeq%_tfl",
    "ReceiveCoilName": "HeadMatrix",
    "ReconMatrixPE": 256,
    "RepetitionTime": 2.53,
    "SAR": 0.0479187,
    "ScanOptions": "IR",
    "ScanningSequence": "GR_IR",
    "SequenceName": "_tfl3d1_ns",
    "SequenceVariant": "SP_MP",
    "SeriesDescription": "t1_mprage_sag",
    "SeriesNumber": 10,
    "ShimSetting": [
      -4489,
      -19276,
      -10209,
      636,
      -133,
      80,
      82,
      -26
    ],
    "SliceThickness": 1.33,
    "SoftwareVersions": "syngo_MR_B17",
    "StationName": "MRC35193",
    "TxRefAmp": 313.495,
    "dataset": "ds003696",
    "modality": "T1w",
    "session_id": "02",
    "subject_id": "106"
  },
  "cjv": 0.31889934511252566,
  "cnr": 4.1156617765998575,
  "efc": 0.5328722608656361,
  "fber": 9549.95073615658,
  "fwhm_avg": 3.8560015806401036,
  "fwhm_x": 3.3277247419203104,
  "fwhm_y": 4.51801,
  "fwhm_z": 3.72227,
  "icvs_csf": 0.23577850961896404,
  "icvs_gm": 0.4377193732921683,
  "icvs_wm": 0.3265021170888676,
  "inu_med": 0.6004347205162048,
  "inu_range": 0.2535741090774536,
  "provenance": {
    "md5sum": "23721405f5760890d040db4f7b4655a8",
    "settings": {
      "testing": false
    },
    "software": "mriqc",
    "version": "23.0.1",
    "warnings": {
      "large_rot_frame": true,
      "small_air_mask": false
    },
    "webapi_port": null,
    "webapi_url": "https://mriqc.nimh.nih.gov/api/v1"
  },
  "qi_1": 0.0,
  "qi_2": 0.007864846520036644,
  "rpve_csf": 22.991239460277818,
  "rpve_gm": 12.657794435365906,
  "rpve_wm": 20.21273421403466,
  "size_x": 128,
  "size_y": 256,
  "size_z": 256,
  "snr_csf": 1.32810542689984,
  "snr_gm": 8.065783839289232,
  "snr_total": 12.098803151786901,
  "snr_wm": 26.90252018917163,
  "snrd_csf": 16.176327874069983,
  "snrd_gm": 69.24254442020977,
  "snrd_total": 64.6007407078798,
  "snrd_wm": 108.38334982935963,
  "spacing_x": 1.3300018310546875,
  "spacing_y": 1.0,
  "spacing_z": 1.0,
  "summary_bg_k": 4.6966430653218945,
  "summary_bg_mad": 6.044486201302943,
  "summary_bg_mean": 5.478026513925479,
  "summary_bg_median": 4.076943987980485,
  "summary_bg_n": 2262405.0,
  "summary_bg_p05": 0.0,
  "summary_bg_p95": 17.591675439849496,
  "summary_bg_stdv": 6.645157205424595,
  "summary_csf_k": 0.4354309304571444,
  "summary_csf_mad": 94.1069730125508,
  "summary_csf_mean": 178.86367770634027,
  "summary_csf_median": 149.24768433347344,
  "summary_csf_n": 18979.0,
  "summary_csf_p05": 38.80304645355791,
  "summary_csf_p95": 402.6871907951308,
  "summary_csf_stdv": 112.37342257806442,
  "summary_gm_k": -0.03561751539124458,
  "summary_gm_mad": 79.53007673150806,
  "summary_gm_mean": 636.6516153511957,
  "summary_gm_median": 638.852618006058,
  "summary_gm_n": 26160.0,
  "summary_gm_p05": 503.50821365369484,
  "summary_gm_p95": 763.5384041533805,
  "summary_gm_stdv": 79.20375999809123,
  "summary_wm_k": 0.4547286585914678,
  "summary_wm_mad": 35.632413131437794,
  "summary_wm_mean": 998.1579507037546,
  "summary_wm_median": 999.9775046762079,
  "summary_wm_n": 115855.0,
  "summary_wm_p05": 934.1157134007663,
  "summary_wm_p95": 1055.9127257002515,
  "summary_wm_stdv": 37.1702421183191,
  "tpm_overlap_csf": 0.16959955733165952,
  "tpm_overlap_gm": 0.49892128045668144,
  "tpm_overlap_wm": 0.5331311003401954,
  "wm2max": 0.8204280011827321
}