{
  "aor": 0.0012525252525252524,
  "aqi": 0.0034546188888888887,
  "bids_meta": {
    "AcquisitionMatrixPE": 64,
    "AcquisitionNumber": 1,
    "AcquisitionTime": "09:39:29.745000",
    "BandwidthPerPixelPhaseEncode": 33.967,
    "BaseResolution": 64,
    "ConversionSoftware": "dcm2niix",
    "ConversionSoftwareVersion": "v1.0.20180622 GCC4.9.2",
    "DerivedVendorReportedEchoSpacing": 0.000460005,
    "DeviceSerialNumber": "35193",
    "DwellTime": 3.1e-06,
    "EchoTime": 0.03,
    "EffectiveEchoSpacing": 0.000460005,
    "FlipAngle": 90,
    "ImageOrientationPatientDICOM": [
      1,
      0,
      0,
      0,
      1,
      0
    ],
    "ImageType": [
      "ORIGINAL",
      "PRIMARY",
      "M",
      "ND",
      "MOSAIC"
    ],
    "InPlanePhaseEncodingDirectionDICOM": "COL",
    "InstitutionAddress": "Xinjiekouwai_Street_No_19_Beijing_Haidian_District_CN_100875",
    "InstitutionName": "Beijing_Normal_Universtiy_7C3C54",
    "InstitutionalDepartmentName": "Department",
    "MRAcquisitionType": "2D",
    "MagneticFieldStrength": 3,
    "Manufacturer": "Siemens",
    "ManufacturersModelName": "TrioTim",
    "Modality": "MR",
    "PartialFourier": 1,
    "PatientPosition": "HFS",
    "PercentPhaseFOV": 100,
    "PhaseEncodingDirection": "j-",
    "PhaseEncodingSteps": 64,
    "PhaseResolution": 1,
    "PixelBandwidth": 2520,
    "ProcedureStepDescription": "BNU_cst_2019_Shu.Hua",
    "ProtocolName": "ge_func_pace_3x3x3.5_99",
    "PulseSequenceDetails": "%SiemensSeq%_ep2d_bold",
    "ReceiveCoilName": "HeadMatrix",
    "ReconMatrixPE": 64,
    "RepetitionTime": 2,
    "SAR": 0.134374,
    "ScanOptions": "FS",
    "ScanningSequence": "EP",
    "SequenceName": "_epfid2d1_64",
    "SequenceVariant": "SK",
    "SeriesDescription": "ge_func_pace_3x3x3.5_99",
    "SeriesNumber": 12,
    "ShimSetting": [
      -4492,
      -19426,
      -9774,
      1161,
      -100,
      -234,
      9,
      -151
    ],
    "SliceThickness": 3.5,
    "SliceTiming": [
      0,
      1.0325,
      0.06,
      1.095,
      0.12,
      1.155,
      0.1825,
      1.215,
      0.2425,
      1.2775,
      0.3025,
      1.3375,
      0.365,
      1.3975,
      0.425,
      1.46,
      0.485,
      1.52,
      0.5475,
      1.58,
      0.6075,
      1.6425,
      0.6675,
      1.7025,
      0.73,
      1.7625,
      0.79,
      1.825,
      0.85,
      1.885,
      0.9125,
      1.945,
      0.9725
    ],
    "SoftwareVersions": "syngo_MR_B17",
    "SpacingBetweenSlices": 4.2,
    "StationName": "MRC35193",
    "TotalReadoutTime": 0.0289803,
    "TxRefAmp": 329.259,
    "dataset": "ds003696",
    "modality": "bold",
    "run_id": 1,
    "session_id": "01",
    "subject_id": "115",
    "task_id": "localizer"
  },
  "dummy_trs": 0,
  "dvars_nstd": 19.43038558959183,
  "dvars_std": 1.1231265104081636,
  "dvars_vstd": 1.0122856305102041,
  "efc": 0.5273871093706682,
  "fber": 933.7130126953125,
  "fd_mean": 0.059046276473381815,
  "fd_num": 0,
  "fd_perc": 0.0,
  "fwhm_avg": 1.9916834175685436,
  "fwhm_x": 1.9791040000000002,
  "fwhm_y": 2.2062176,
  "fwhm_z": 1.789728652705631,
  "gcor": 0.0284889,
  "gsr_x": -0.006877661217004061,
  "gsr_y": 0.02751106396317482,
  "provenance": {
    "md5sum": "15272548ca7d90caec810a1a695fba29",
    "settings": {
      "fd_thres": 0.2,
      "testing": false
    },
    "software": "mriqc",
    "version": "23.0.1",
    "webapi_port": null,
    "webapi_url": "https://mriqc.nimh.nih.gov/api/v1"
  },
  "size_t": 99,
  "size_x": 64,
  "size_y": 64,
  "size_z": 33,
  "snr": 5.343470906843999,
  "spacing_tr": 2.0,
  "spacing_x": 3.125,
  "spacing_y": 3.125,
  "spacing_z": 4.199999809265137,
  "summary_bg_k": 67.06480363469974,
  "summary_bg_mad": 12.624583212811778,
  "summary_bg_mean": 52.254905700683594,
  "summary_bg_median": 28.81818199157715,
  "summary_bg_n": 81207.0,
  "summary_bg_p05": 19.303030014038086,
  "summary_bg_p95": 157.6969757080078,
  "summary_bg_stdv": 70.1856689453125,
  "summary_fg_k": 1.4771251940221282,
  "summary_fg_mad": 146.418189943828,
  "summary_fg_mean": 907.690185546875,
  "summary_fg_median": 898.873779296875,
  "summary_fg_n": 23174.0,
  "summary_fg_p05": 641.4949340820312,
  "summary_fg_p95": 1183.8302673339842,
  "summary_fg_stdv": 168.2154541015625,
  "tsnr": 83.29816021188162
}