{
  "aor": 0.0009121428571428571,
  "aqi": 0.0034891781632653066,
  "bids_meta": {
    "AcquisitionMatrixPE": 64,
    "AcquisitionNumber": 1,
    "AcquisitionTime": "09:44:12.927500",
    "BandwidthPerPixelPhaseEncode": 33.967,
    "BaseResolution": 64,
    "ConversionSoftware": "dcm2niix",
    "ConversionSoftwareVersion": "v1.0.20180622 GCC4.9.2",
    "DerivedVendorReportedEchoSpacing": 0.000460005,
    "DeviceSerialNumber": "35193",
    "DwellTime": 3.1e-06,
    "EchoTime": 0.03,
    "EffectiveEchoSpacing": 0.000460005,
    "FlipAngle": 90,
    "ImageOrientationPatientDICOM": [
      1,
      0,
      0,
      0,
      1,
      0
    ],
    "ImageType": [
      "ORIGINAL",
      "PRIMARY",
      "M",
      "ND",
      "MOSAIC"
    ],
    "InPlanePhaseEncodingDirectionDICOM": "COL",
    "InstitutionAddress": "Xinjiekouwai_Street_No_19_Beijing_Haidian_District_CN_100875",
    "InstitutionName": "Beijing_Normal_Universtiy_7C3C54",
    "InstitutionalDepartmentName": "Department",
    "MRAcquisitionType": "2D",
    "MagneticFieldStrength": 3,
    "Manufacturer": "Siemens",
    "ManufacturersModelName": "TrioTim",
    "Modality": "MR",
    "PartialFourier": 1,
    "PatientPosition": "HFS",
    "PercentPhaseFOV": 100,
    "PhaseEncodingDirection": "j-",
    "PhaseEncodingSteps": 64,
    "PhaseResolution": 1,
    "PixelBandwidth": 2520,
    "ProcedureStepDescription": "BNU_cst_2019_Shu.Hua",
    "ProtocolName": "ge_func_pace_3x3x3.5_99",
    "PulseSequenceDetails": "%SiemensSeq%_ep2d_bold",
    "ReceiveCoilName": "HeadMatrix",
    "ReconMatrixPE": 64,
    "RepetitionTime": 2,
    "SAR": 0.134374,
    "ScanOptions": "FS",
    "ScanningSequence": "EP",
    "SequenceName": "_epfid2d1_64",
    "SequenceVariant": "SK",
    "SeriesDescription": "ge_func_pace_3x3x3.5_99",
    "SeriesNumber": 14,
    "ShimSetting": [
      -4492,
      -19426,
      -9774,
      1161,
      -100,
      -234,
      9,
      -151
    ],
    "SliceThickness": 3.5,
    "SliceTiming": [
      0,
      1.035,
      0.0625,
      1.095,
      0.1225,
      1.1575,
      0.1825,
      1.2175,
      0.245,
      1.2775,
      0.305,
      1.34,
      0.365,
      1.4,
      0.4275,
      1.46,
      0.4875,
      1.5225,
      0.5475,
      1.5825,
      0.61,
      1.6425,
      0.67,
      1.705,
      0.73,
      1.765,
      0.7925,
      1.825,
      0.8525,
      1.8875,
      0.9125,
      1.9475,
      0.975
    ],
    "SoftwareVersions": "syngo_MR_B17",
    "SpacingBetweenSlices": 4.2,
    "StationName": "MRC35193",
    "TotalReadoutTime": 0.0289803,
    "TxRefAmp": 329.259,
    "dataset": "ds003696",
    "modality": "bold",
    "run_id": 2,
    "session_id": "01",
    "subject_id": "115",
    "task_id": "localizer"
  },
  "dummy_trs": 1,
  "dvars_nstd": 18.88364839,
  "dvars_std": 1.1280146073195876,
  "dvars_vstd": 1.0252484848453614,
  "efc": 0.5280230436760781,
  "fber": 924.6293334960938,
  "fd_mean": 0.05579383679579366,
  "fd_num": 0,
  "fd_perc": 0.0,
  "fwhm_avg": 2.003001570227921,
  "fwhm_x": 1.9832223999999998,
  "fwhm_y": 2.2176608,
  "fwhm_z": 1.808121510683764,
  "gcor": 0.0276719,
  "gsr_x": -0.006876204162836075,
  "gsr_y": 0.027518387883901596,
  "provenance": {
    "md5sum": "42ff6c1fb9c122a9c01fcf5abe0e0e8d",
    "settings": {
      "fd_thres": 0.2,
      "testing": false
    },
    "software": "mriqc",
    "version": "23.0.1",
    "webapi_port": null,
    "webapi_url": "https://mriqc.nimh.nih.gov/api/v1"
  },
  "size_t": 98,
  "size_x": 64,
  "size_y": 64,
  "size_z": 33,
  "snr": 5.328038549817926,
  "spacing_tr": 2.0,
  "spacing_x": 3.125,
  "spacing_y": 3.125,
  "spacing_z": 4.199999809265137,
  "summary_bg_k": 69.36916346524731,
  "summary_bg_mad": 12.692889671452836,
  "summary_bg_mean": 52.65528869628906,
  "summary_bg_median": 28.93877410888672,
  "summary_bg_n": 81155.0,
  "summary_bg_p05": 19.428571701049805,
  "summary_bg_p95": 159.35000152587892,
  "summary_bg_stdv": 71.29808044433594,
  "summary_fg_k": 1.497882051043188,
  "summary_fg_mad": 146.83806752524075,
  "summary_fg_mean": 907.8726196289062,
  "summary_fg_median": 898.8162841796875,
  "summary_fg_n": 23205.0,
  "summary_fg_p05": 639.6796020507812,
  "summary_fg_p95": 1185.7734130859374,
  "summary_fg_stdv": 168.69189453125,
  "tsnr": 84.09152586013079
}