{
  "aor": 0.001029591836734694,
  "aqi": 0.0034580086734693877,
  "bids_meta": {
    "AcquisitionMatrixPE": 64,
    "AcquisitionNumber": 1,
    "AcquisitionTime": "09:48:32.835000",
    "BandwidthPerPixelPhaseEncode": 33.967,
    "BaseResolution": 64,
    "ConversionSoftware": "dcm2niix",
    "ConversionSoftwareVersion": "v1.0.20180622 GCC4.9.2",
    "DerivedVendorReportedEchoSpacing": 0.000460005,
    "DeviceSerialNumber": "35193",
    "DwellTime": 3.1e-06,
    "EchoTime": 0.03,
    "EffectiveEchoSpacing": 0.000460005,
    "FlipAngle": 90,
    "ImageOrientationPatientDICOM": [
      1,
      0,
      0,
      0,
      1,
      0
    ],
    "ImageType": [
      "ORIGINAL",
      "PRIMARY",
      "M",
      "ND",
      "MOSAIC"
    ],
    "InPlanePhaseEncodingDirectionDICOM": "COL",
    "InstitutionAddress": "Xinjiekouwai_Street_No_19_Beijing_Haidian_District_CN_100875",
    "InstitutionName": "Beijing_Normal_Universtiy_7C3C54",
    "InstitutionalDepartmentName": "Department",
    "MRAcquisitionType": "2D",
    "MagneticFieldStrength": 3,
    "Manufacturer": "Siemens",
    "ManufacturersModelName": "TrioTim",
    "Modality": "MR",
    "PartialFourier": 1,
    "PatientPosition": "HFS",
    "PercentPhaseFOV": 100,
    "PhaseEncodingDirection": "j-",
    "PhaseEncodingSteps": 64,
    "PhaseResolution": 1,
    "PixelBandwidth": 2520,
    "ProcedureStepDescription": "BNU_cst_2019_Shu.Hua",
    "ProtocolName": "ge_func_pace_3x3x3.5_99",
    "PulseSequenceDetails": "%SiemensSeq%_ep2d_bold",
    "ReceiveCoilName": "HeadMatrix",
    "ReconMatrixPE": 64,
    "RepetitionTime": 2,
    "SAR": 0.134374,
    "ScanOptions": "FS",
    "ScanningSequence": "EP",
    "SequenceName": "_epfid2d1_64",
    "SequenceVariant": "SK",
    "SeriesDescription": "ge_func_pace_3x3x3.5_99",
    "SeriesNumber": 16,
    "ShimSetting": [
      -4492,
      -19426,
      -9774,
      1161,
      -100,
      -234,
      9,
      -151
    ],
    "SliceThickness": 3.5,
    "SliceTiming": [
      0,
      1.035,
      0.06,
      1.095,
      0.1225,
      1.155,
      0.1825,
      1.2175,
      0.2425,
      1.2775,
      0.305,
      1.3375,
      0.365,
      1.4,
      0.425,
      1.46,
      0.4875,
      1.52,
      0.5475,
      1.5825,
      0.6075,
      1.6425,
      0.67,
      1.7025,
      0.73,
      1.765,
      0.79,
      1.825,
      0.8525,
      1.885,
      0.9125,
      1.9475,
      0.9725
    ],
    "SoftwareVersions": "syngo_MR_B17",
    "SpacingBetweenSlices": 4.2,
    "StationName": "MRC35193",
    "TotalReadoutTime": 0.0289803,
    "TxRefAmp": 329.259,
    "dataset": "ds003696",
    "modality": "bold",
    "run_id": 3,
    "session_id": "01",
    "subject_id": "115",
    "task_id": "localizer"
  },
  "dummy_trs": 1,
  "dvars_nstd": 19.366302608247413,
  "dvars_std": 1.143371161958763,
  "dvars_vstd": 1.0269170584536085,
  "efc": 0.5282216256012162,
  "fber": 924.935546875,
  "fd_mean": 0.05588486811848809,
  "fd_num": 0,
  "fd_perc": 0.0,
  "fwhm_avg": 2.0127802370005514,
  "fwhm_x": 1.9856479999999999,
  "fwhm_y": 2.2375711999999996,
  "fwhm_z": 1.8151215110016554,
  "gcor": 0.027373,
  "gsr_x": -0.006983416620641947,
  "gsr_y": 0.027563488110899925,
  "provenance": {
    "md5sum": "7eb3ced2cdb9c31eedcedafceab2a767",
    "settings": {
      "fd_thres": 0.2,
      "testing": false
    },
    "software": "mriqc",
    "version": "23.0.1",
    "webapi_port": null,
    "webapi_url": "https://mriqc.nimh.nih.gov/api/v1"
  },
  "size_t": 98,
  "size_x": 64,
  "size_y": 64,
  "size_z": 33,
  "snr": 5.326859791557741,
  "spacing_tr": 2.0,
  "spacing_x": 3.125,
  "spacing_y": 3.125,
  "spacing_z": 4.199999809265137,
  "summary_bg_k": 69.1442403310947,
  "summary_bg_mad": 12.844176246937742,
  "summary_bg_mean": 52.9012336730957,
  "summary_bg_median": 29.030611038208008,
  "summary_bg_n": 81187.0,
  "summary_bg_p05": 19.418367385864258,
  "summary_bg_p95": 159.80612182617188,
  "summary_bg_stdv": 71.56339263916016,
  "summary_fg_k": 1.422675171641405,
  "summary_fg_mad": 146.94403232003262,
  "summary_fg_mean": 908.0484619140625,
  "summary_fg_median": 898.9591674804688,
  "summary_fg_n": 23181.0,
  "summary_fg_p05": 640.0612182617188,
  "summary_fg_p95": 1186.357177734375,
  "summary_fg_stdv": 168.75604248046875,
  "tsnr": 84.15013430570252
}