{
  "aor": 0.0023464673913043475,
  "aqi": 0.0029053487500000003,
  "bids_meta": {
    "AcquisitionMatrixPE": 64,
    "AcquisitionNumber": 1,
    "AcquisitionTime": "13:06:40.770000",
    "BandwidthPerPixelPhaseEncode": 33.967,
    "BaseResolution": 64,
    "ConversionSoftware": "dcm2niix",
    "ConversionSoftwareVersion": "v1.0.20180622 GCC4.9.2",
    "DerivedVendorReportedEchoSpacing": 0.000460005,
    "DeviceSerialNumber": "35193",
    "DwellTime": 3.1e-06,
    "EchoTime": 0.03,
    "EffectiveEchoSpacing": 0.000460005,
    "FlipAngle": 90,
    "ImageOrientationPatientDICOM": [
      1,
      0,
      0,
      0,
      1,
      0
    ],
    "ImageType": [
      "ORIGINAL",
      "PRIMARY",
      "M",
      "ND",
      "MOSAIC"
    ],
    "InPlanePhaseEncodingDirectionDICOM": "COL",
    "InstitutionAddress": "Xinjiekouwai_Street_No_19_Beijing_Haidian_District_CN_100875",
    "InstitutionName": "BNU_MRI_Center",
    "InstitutionalDepartmentName": "Department",
    "MRAcquisitionType": "2D",
    "MagneticFieldStrength": 3,
    "Manufacturer": "Siemens",
    "ManufacturersModelName": "TrioTim",
    "Modality": "MR",
    "PartialFourier": 1,
    "PatientPosition": "HFS",
    "PercentPhaseFOV": 100,
    "PhaseEncodingDirection": "j-",
    "PhaseEncodingSteps": 64,
    "PhaseResolution": 1,
    "PixelBandwidth": 2520,
    "ProcedureStepDescription": "BNU_cst_2015_Liu.Jia",
    "ProtocolName": "ge_func_pace_3x3x3.5_185",
    "PulseSequenceDetails": "%SiemensSeq%_ep2d_bold",
    "ReceiveCoilName": "HeadMatrix",
    "ReconMatrixPE": 64,
    "RepetitionTime": 2,
    "SAR": 0.120945,
    "ScanOptions": "FS",
    "ScanningSequence": "EP",
    "SequenceName": "_epfid2d1_64",
    "SequenceVariant": "SK",
    "SeriesDescription": "ge_func_pace_3x3x3.5_185",
    "SeriesNumber": 2,
    "ShimSetting": [
      -4520,
      -19397,
      -9805,
      1105,
      -227,
      -286,
      -26,
      -49
    ],
    "SliceThickness": 3.5,
    "SliceTiming": [
      0,
      1.035,
      0.06,
      1.095,
      0.1225,
      1.155,
      0.1825,
      1.2175,
      0.2425,
      1.2775,
      0.305,
      1.3375,
      0.365,
      1.4,
      0.425,
      1.46,
      0.4875,
      1.52,
      0.5475,
      1.5825,
      0.6075,
      1.6425,
      0.67,
      1.7025,
      0.73,
      1.765,
      0.79,
      1.825,
      0.8525,
      1.885,
      0.9125,
      1.9475,
      0.9725
    ],
    "SoftwareVersions": "syngo_MR_B17",
    "SpacingBetweenSlices": 4.2,
    "StationName": "MRC35193",
    "TotalReadoutTime": 0.0289803,
    "TxRefAmp": 313.626,
    "dataset": "ds003696",
    "modality": "bold",
    "run_id": 5,
    "session_id": "02",
    "subject_id": "101",
    "task_id": "affordance"
  },
  "dummy_trs": 1,
  "dvars_nstd": 20.23470869240438,
  "dvars_std": 1.1686544590163932,
  "dvars_vstd": 1.000119517978142,
  "efc": 0.4996621385776555,
  "fber": 1217.7076416015625,
  "fd_mean": 0.07900845057026037,
  "fd_num": 5,
  "fd_perc": 2.717391304347826,
  "fwhm_avg": 2.154255077485058,
  "fwhm_x": 2.1279168,
  "fwhm_y": 2.3618912,
  "fwhm_z": 1.9729572324551732,
  "gcor": 0.0338007,
  "gsr_x": 0.009667429141700268,
  "gsr_y": 0.01920200325548649,
  "provenance": {
    "md5sum": "3ae7e75866915201a8196f93101e8f72",
    "settings": {
      "fd_thres": 0.2,
      "testing": false
    },
    "software": "mriqc",
    "version": "23.0.1",
    "webapi_port": null,
    "webapi_url": "https://mriqc.nimh.nih.gov/api/v1"
  },
  "size_t": 184,
  "size_x": 64,
  "size_y": 64,
  "size_z": 33,
  "snr": 5.407948139068858,
  "spacing_tr": 2.0,
  "spacing_x": 3.125,
  "spacing_y": 3.125,
  "spacing_z": 4.199999809265137,
  "summary_bg_k": 31.492429589950454,
  "summary_bg_mad": 12.295928899844592,
  "summary_bg_mean": 53.46282196044922,
  "summary_bg_median": 28.0108699798584,
  "summary_bg_n": 85423.0,
  "summary_bg_p05": 18.853261947631836,
  "summary_bg_p95": 166.95978546142567,
  "summary_bg_stdv": 77.45026397705078,
  "summary_fg_k": 0.39277875273003726,
  "summary_fg_mad": 175.76889975658997,
  "summary_fg_mean": 999.1931762695312,
  "summary_fg_median": 994.2391357421875,
  "summary_fg_n": 20311.0,
  "summary_fg_p05": 700.9646606445312,
  "summary_fg_p95": 1310.9456787109375,
  "summary_fg_stdv": 183.84323120117188,
  "tsnr": 82.51696348190308
}