{
  "aor": 0.0005873224043715847,
  "aqi": 0.0026324647540983607,
  "bids_meta": {
    "AcquisitionMatrixPE": 64,
    "AcquisitionNumber": 1,
    "AcquisitionTime": "13:31:36.325000",
    "BandwidthPerPixelPhaseEncode": 33.967,
    "BaseResolution": 64,
    "ConversionSoftware": "dcm2niix",
    "ConversionSoftwareVersion": "v1.0.20180622 GCC4.9.2",
    "DerivedVendorReportedEchoSpacing": 0.000460005,
    "DeviceSerialNumber": "35193",
    "DwellTime": 3.1e-06,
    "EchoTime": 0.03,
    "EffectiveEchoSpacing": 0.000460005,
    "FlipAngle": 90,
    "ImageOrientationPatientDICOM": [
      1,
      0,
      0,
      0,
      1,
      0
    ],
    "ImageType": [
      "ORIGINAL",
      "PRIMARY",
      "M",
      "ND",
      "MOSAIC"
    ],
    "InPlanePhaseEncodingDirectionDICOM": "COL",
    "InstitutionAddress": "Xinjiekouwai_Street_No_19_Beijing_Haidian_District_CN_100875",
    "InstitutionName": "BNU_MRI_Center",
    "InstitutionalDepartmentName": "Department",
    "MRAcquisitionType": "2D",
    "MagneticFieldStrength": 3,
    "Manufacturer": "Siemens",
    "ManufacturersModelName": "TrioTim",
    "Modality": "MR",
    "PartialFourier": 1,
    "PatientPosition": "HFS",
    "PercentPhaseFOV": 100,
    "PhaseEncodingDirection": "j-",
    "PhaseEncodingSteps": 64,
    "PhaseResolution": 1,
    "PixelBandwidth": 2520,
    "ProcedureStepDescription": "BNU_cst_2015_Liu.Jia",
    "ProtocolName": "ge_func_pace_3x3x3.5_185",
    "PulseSequenceDetails": "%SiemensSeq%_ep2d_bold",
    "ReceiveCoilName": "HeadMatrix",
    "ReconMatrixPE": 64,
    "RepetitionTime": 2,
    "SAR": 0.120945,
    "ScanOptions": "FS",
    "ScanningSequence": "EP",
    "SequenceName": "_epfid2d1_64",
    "SequenceVariant": "SK",
    "SeriesDescription": "ge_func_pace_3x3x3.5_185",
    "SeriesNumber": 7,
    "ShimSetting": [
      -4520,
      -19397,
      -9805,
      1105,
      -227,
      -286,
      -26,
      -49
    ],
    "SliceThickness": 3.5,
    "SliceTiming": [
      0,
      1.035,
      0.06,
      1.095,
      0.1225,
      1.155,
      0.1825,
      1.2175,
      0.2425,
      1.2775,
      0.305,
      1.3375,
      0.365,
      1.4,
      0.425,
      1.46,
      0.4875,
      1.52,
      0.5475,
      1.5825,
      0.6075,
      1.6425,
      0.67,
      1.7025,
      0.73,
      1.765,
      0.79,
      1.825,
      0.8525,
      1.885,
      0.9125,
      1.9475,
      0.9725
    ],
    "SoftwareVersions": "syngo_MR_B17",
    "SpacingBetweenSlices": 4.2,
    "StationName": "MRC35193",
    "TotalReadoutTime": 0.0289803,
    "TxRefAmp": 313.626,
    "dataset": "ds003696",
    "modality": "bold",
    "run_id": 7,
    "session_id": "02",
    "subject_id": "101",
    "task_id": "affordance"
  },
  "dummy_trs": 2,
  "dvars_nstd": 18.58046727093407,
  "dvars_std": 1.1381169191208789,
  "dvars_vstd": 1.0000208573076919,
  "efc": 0.5024704456044534,
  "fber": 1157.007568359375,
  "fd_mean": 0.07652275474129447,
  "fd_num": 0,
  "fd_perc": 0.0,
  "fwhm_avg": 2.141108467965465,
  "fwhm_x": 2.0904128,
  "fwhm_y": 2.3596768,
  "fwhm_z": 1.9732358038963955,
  "gcor": 0.0300643,
  "gsr_x": 0.011188187636435032,
  "gsr_y": 0.01767541840672493,
  "provenance": {
    "md5sum": "6ef6f33a23301369dc9622412e1cdab9",
    "settings": {
      "fd_thres": 0.2,
      "testing": false
    },
    "software": "mriqc",
    "version": "23.0.1",
    "webapi_port": null,
    "webapi_url": "https://mriqc.nimh.nih.gov/api/v1"
  },
  "size_t": 183,
  "size_x": 64,
  "size_y": 64,
  "size_z": 33,
  "snr": 5.432900077035204,
  "spacing_tr": 2.0,
  "spacing_x": 3.125,
  "spacing_y": 3.125,
  "spacing_z": 4.199999809265137,
  "summary_bg_k": 29.295584207429307,
  "summary_bg_mad": 13.100370005310912,
  "summary_bg_mean": 55.78147888183594,
  "summary_bg_median": 28.765026092529297,
  "summary_bg_n": 85483.0,
  "summary_bg_p05": 18.75409698486328,
  "summary_bg_p95": 178.61911621093728,
  "summary_bg_stdv": 82.50556945800781,
  "summary_fg_k": 0.4756481428175676,
  "summary_fg_mad": 175.99223119428967,
  "summary_fg_mean": 999.6865234375,
  "summary_fg_median": 997.9671630859375,
  "summary_fg_n": 20289.0,
  "summary_fg_p05": 696.4513549804688,
  "summary_fg_p95": 1304.8982910156249,
  "summary_fg_stdv": 183.68505859375,
  "tsnr": 86.70341114024632
}