{
  "aor": 0.00034570652173913046,
  "aqi": 0.004255029347826087,
  "bids_meta": {
    "AcquisitionMatrixPE": 64,
    "AcquisitionNumber": 1,
    "AcquisitionTime": "14:27:52.247500",
    "BandwidthPerPixelPhaseEncode": 33.967,
    "BaseResolution": 64,
    "ConversionSoftware": "dcm2niix",
    "ConversionSoftwareVersion": "v1.0.20180622 GCC4.9.2",
    "DerivedVendorReportedEchoSpacing": 0.000460005,
    "DeviceSerialNumber": "35193",
    "DwellTime": 3.1e-06,
    "EchoTime": 0.03,
    "EffectiveEchoSpacing": 0.000460005,
    "FlipAngle": 90,
    "ImageOrientationPatientDICOM": [
      1,
      0,
      0,
      0,
      1,
      0
    ],
    "ImageType": [
      "ORIGINAL",
      "PRIMARY",
      "M",
      "ND",
      "MOSAIC"
    ],
    "InPlanePhaseEncodingDirectionDICOM": "COL",
    "InstitutionAddress": "Xinjiekouwai_Street_No_19_Beijing_Haidian_District_CN_100875",
    "InstitutionName": "BNU_MRI_Center",
    "InstitutionalDepartmentName": "Department",
    "MRAcquisitionType": "2D",
    "MagneticFieldStrength": 3,
    "Manufacturer": "Siemens",
    "ManufacturersModelName": "TrioTim",
    "Modality": "MR",
    "PartialFourier": 1,
    "PatientPosition": "HFS",
    "PercentPhaseFOV": 100,
    "PhaseEncodingDirection": "j-",
    "PhaseEncodingSteps": 64,
    "PhaseResolution": 1,
    "PixelBandwidth": 2520,
    "ProcedureStepDescription": "BNU_cst_2019_Xu.Shan",
    "ProtocolName": "ge_func_pace_3x3x3.5_185",
    "PulseSequenceDetails": "%SiemensSeq%_ep2d_bold",
    "ReceiveCoilName": "HeadMatrix",
    "ReconMatrixPE": 64,
    "RepetitionTime": 2,
    "SAR": 0.121035,
    "ScanOptions": "FS",
    "ScanningSequence": "EP",
    "SequenceName": "_epfid2d1_64",
    "SequenceVariant": "SK",
    "SeriesDescription": "ge_func_pace_3x3x3.5_185",
    "SeriesNumber": 4,
    "ShimSetting": [
      -4515,
      -19288,
      -9921,
      960,
      -160,
      -237,
      -68,
      -20
    ],
    "SliceThickness": 3.5,
    "SliceTiming": [
      0,
      1.035,
      0.0625,
      1.095,
      0.1225,
      1.1575,
      0.1825,
      1.2175,
      0.245,
      1.2775,
      0.305,
      1.34,
      0.365,
      1.4,
      0.4275,
      1.46,
      0.4875,
      1.5225,
      0.5475,
      1.5825,
      0.61,
      1.6425,
      0.67,
      1.705,
      0.73,
      1.765,
      0.7925,
      1.825,
      0.8525,
      1.8875,
      0.9125,
      1.9475,
      0.975
    ],
    "SoftwareVersions": "syngo_MR_B17",
    "SpacingBetweenSlices": 4.2,
    "StationName": "MRC35193",
    "TotalReadoutTime": 0.0289803,
    "TxRefAmp": 320.16,
    "dataset": "ds003696",
    "modality": "bold",
    "run_id": 2,
    "session_id": "01",
    "subject_id": "129",
    "task_id": "affordance"
  },
  "dummy_trs": 1,
  "dvars_nstd": 19.060420885846995,
  "dvars_std": 1.0238288344808746,
  "dvars_vstd": 0.9548980756284153,
  "efc": 0.5084612345450134,
  "fber": 1047.07470703125,
  "fd_mean": 0.0898903627611531,
  "fd_num": 4,
  "fd_perc": 2.1739130434782608,
  "fwhm_avg": 2.249244316617768,
  "fwhm_x": 2.1959936,
  "fwhm_y": 2.5102464,
  "fwhm_z": 2.0414929498533043,
  "gcor": 0.010636,
  "gsr_x": 0.0022211456671357155,
  "gsr_y": 0.027017416432499886,
  "provenance": {
    "md5sum": "9a7eea03ad286b50e63b558f574d45d7",
    "settings": {
      "fd_thres": 0.2,
      "testing": false
    },
    "software": "mriqc",
    "version": "23.0.1",
    "webapi_port": null,
    "webapi_url": "https://mriqc.nimh.nih.gov/api/v1"
  },
  "size_t": 184,
  "size_x": 64,
  "size_y": 64,
  "size_z": 33,
  "snr": 5.469534013136875,
  "spacing_tr": 2.0,
  "spacing_x": 3.125,
  "spacing_y": 3.125,
  "spacing_z": 4.199999809265137,
  "summary_bg_k": 33.97485046606077,
  "summary_bg_mad": 12.698811166977338,
  "summary_bg_mean": 54.35336685180664,
  "summary_bg_median": 27.369565963745117,
  "summary_bg_n": 85408.0,
  "summary_bg_p05": 17.77717399597168,
  "summary_bg_p95": 188.0252746582031,
  "summary_bg_stdv": 76.28529357910156,
  "summary_fg_k": 0.5890495832973657,
  "summary_fg_mad": 150.51235832603427,
  "summary_fg_mean": 901.0165405273438,
  "summary_fg_median": 902.0462646484375,
  "summary_fg_n": 20202.0,
  "summary_fg_p05": 618.1019165039063,
  "summary_fg_p95": 1168.6024536132813,
  "summary_fg_stdv": 164.91787719726562,
  "tsnr": 70.78978567104787
}