{
  "aor": 0.0008283243243243244,
  "aqi": 0.00361903254054054,
  "bids_meta": {
    "AcquisitionMatrixPE": 64,
    "AcquisitionNumber": 1,
    "AcquisitionTime": "14:41:36.330000",
    "BandwidthPerPixelPhaseEncode": 33.967,
    "BaseResolution": 64,
    "ConversionSoftware": "dcm2niix",
    "ConversionSoftwareVersion": "v1.0.20180622 GCC4.9.2",
    "DerivedVendorReportedEchoSpacing": 0.000460005,
    "DeviceSerialNumber": "35193",
    "DwellTime": 3.1e-06,
    "EchoTime": 0.03,
    "EffectiveEchoSpacing": 0.000460005,
    "FlipAngle": 90,
    "ImageOrientationPatientDICOM": [
      1,
      0,
      0,
      0,
      1,
      0
    ],
    "ImageType": [
      "ORIGINAL",
      "PRIMARY",
      "M",
      "ND",
      "MOSAIC"
    ],
    "InPlanePhaseEncodingDirectionDICOM": "COL",
    "InstitutionAddress": "Xinjiekouwai_Street_No_19_Beijing_Haidian_District_CN_100875",
    "InstitutionName": "BNU_MRI_Center",
    "InstitutionalDepartmentName": "Department",
    "MRAcquisitionType": "2D",
    "MagneticFieldStrength": 3,
    "Manufacturer": "Siemens",
    "ManufacturersModelName": "TrioTim",
    "Modality": "MR",
    "PartialFourier": 1,
    "PatientPosition": "HFS",
    "PercentPhaseFOV": 100,
    "PhaseEncodingDirection": "j-",
    "PhaseEncodingSteps": 64,
    "PhaseResolution": 1,
    "PixelBandwidth": 2520,
    "ProcedureStepDescription": "BNU_cst_2019_Xu.Shan",
    "ProtocolName": "ge_func_pace_3x3x3.5_185",
    "PulseSequenceDetails": "%SiemensSeq%_ep2d_bold",
    "ReceiveCoilName": "HeadMatrix",
    "ReconMatrixPE": 64,
    "RepetitionTime": 2,
    "SAR": 0.121035,
    "ScanOptions": "FS",
    "ScanningSequence": "EP",
    "SequenceName": "_epfid2d1_64",
    "SequenceVariant": "SK",
    "SeriesDescription": "ge_func_pace_3x3x3.5_185",
    "SeriesNumber": 8,
    "ShimSetting": [
      -4515,
      -19288,
      -9921,
      960,
      -160,
      -237,
      -68,
      -20
    ],
    "SliceThickness": 3.5,
    "SliceTiming": [
      0,
      1.0325,
      0.06,
      1.095,
      0.12,
      1.155,
      0.1825,
      1.215,
      0.2425,
      1.2775,
      0.3025,
      1.3375,
      0.365,
      1.3975,
      0.425,
      1.46,
      0.485,
      1.52,
      0.5475,
      1.58,
      0.6075,
      1.6425,
      0.6675,
      1.7025,
      0.73,
      1.7625,
      0.79,
      1.825,
      0.85,
      1.885,
      0.9125,
      1.945,
      0.9725
    ],
    "SoftwareVersions": "syngo_MR_B17",
    "SpacingBetweenSlices": 4.2,
    "StationName": "MRC35193",
    "TotalReadoutTime": 0.0289803,
    "TxRefAmp": 320.16,
    "dataset": "ds003696",
    "modality": "bold",
    "run_id": 4,
    "session_id": "01",
    "subject_id": "129",
    "task_id": "affordance"
  },
  "dummy_trs": 0,
  "dvars_nstd": 18.466370375163034,
  "dvars_std": 1.0505731265760876,
  "dvars_vstd": 0.9849663383152173,
  "efc": 0.5098809857046692,
  "fber": 1033.337890625,
  "fd_mean": 0.08164564755298324,
  "fd_num": 7,
  "fd_perc": 3.7837837837837838,
  "fwhm_avg": 2.2381628947699514,
  "fwhm_x": 2.1581824,
  "fwhm_y": 2.4900800000000003,
  "fwhm_z": 2.066226284309854,
  "gcor": 0.016093,
  "gsr_x": 0.002855905331671238,
  "gsr_y": 0.02540837600827217,
  "provenance": {
    "md5sum": "e29c6c577829abe96d2ab87749ecaeb3",
    "settings": {
      "fd_thres": 0.2,
      "testing": false
    },
    "software": "mriqc",
    "version": "23.0.1",
    "webapi_port": null,
    "webapi_url": "https://mriqc.nimh.nih.gov/api/v1"
  },
  "size_t": 185,
  "size_x": 64,
  "size_y": 64,
  "size_z": 33,
  "snr": 5.479881997177394,
  "spacing_tr": 2.0,
  "spacing_x": 3.125,
  "spacing_y": 3.125,
  "spacing_z": 4.199999809265137,
  "summary_bg_k": 30.636068811129235,
  "summary_bg_mad": 13.191154958662702,
  "summary_bg_mean": 55.674068450927734,
  "summary_bg_median": 27.7891902923584,
  "summary_bg_n": 85427.0,
  "summary_bg_p05": 17.70810890197754,
  "summary_bg_p95": 193.6740539550781,
  "summary_bg_stdv": 78.1671142578125,
  "summary_fg_k": 0.6678369598665888,
  "summary_fg_mad": 151.57001547507562,
  "summary_fg_mean": 907.6016845703125,
  "summary_fg_median": 908.8540649414062,
  "summary_fg_n": 20159.0,
  "summary_fg_p05": 626.3621520996094,
  "summary_fg_p95": 1180.1994750976562,
  "summary_fg_stdv": 165.84873962402344,
  "tsnr": 74.76452435087413
}