{
  "aor": 0.0004568648648648648,
  "aqi": 0.004805669621621622,
  "bids_meta": {
    "AcquisitionMatrixPE": 64,
    "AcquisitionNumber": 1,
    "AcquisitionTime": "14:34:43.752500",
    "BandwidthPerPixelPhaseEncode": 33.967,
    "BaseResolution": 64,
    "ConversionSoftware": "dcm2niix",
    "ConversionSoftwareVersion": "v1.0.20180622 GCC4.9.2",
    "DerivedVendorReportedEchoSpacing": 0.000460005,
    "DeviceSerialNumber": "35193",
    "DwellTime": 3.1e-06,
    "EchoTime": 0.03,
    "EffectiveEchoSpacing": 0.000460005,
    "FlipAngle": 90,
    "ImageOrientationPatientDICOM": [
      1,
      0,
      0,
      0,
      1,
      0
    ],
    "ImageType": [
      "ORIGINAL",
      "PRIMARY",
      "M",
      "ND",
      "MOSAIC"
    ],
    "InPlanePhaseEncodingDirectionDICOM": "COL",
    "InstitutionAddress": "Xinjiekouwai_Street_No_19_Beijing_Haidian_District_CN_100875",
    "InstitutionName": "BNU_MRI_Center",
    "InstitutionalDepartmentName": "Department",
    "MRAcquisitionType": "2D",
    "MagneticFieldStrength": 3,
    "Manufacturer": "Siemens",
    "ManufacturersModelName": "TrioTim",
    "Modality": "MR",
    "PartialFourier": 1,
    "PatientPosition": "HFS",
    "PercentPhaseFOV": 100,
    "PhaseEncodingDirection": "j-",
    "PhaseEncodingSteps": 64,
    "PhaseResolution": 1,
    "PixelBandwidth": 2520,
    "ProcedureStepDescription": "BNU_cst_2019_Xu.Shan",
    "ProtocolName": "ge_func_pace_3x3x3.5_185",
    "PulseSequenceDetails": "%SiemensSeq%_ep2d_bold",
    "ReceiveCoilName": "HeadMatrix",
    "ReconMatrixPE": 64,
    "RepetitionTime": 2,
    "SAR": 0.121035,
    "ScanOptions": "FS",
    "ScanningSequence": "EP",
    "SequenceName": "_epfid2d1_64",
    "SequenceVariant": "SK",
    "SeriesDescription": "ge_func_pace_3x3x3.5_185",
    "SeriesNumber": 6,
    "ShimSetting": [
      -4515,
      -19288,
      -9921,
      960,
      -160,
      -237,
      -68,
      -20
    ],
    "SliceThickness": 3.5,
    "SliceTiming": [
      0,
      1.035,
      0.06,
      1.095,
      0.1225,
      1.155,
      0.1825,
      1.2175,
      0.2425,
      1.2775,
      0.305,
      1.3375,
      0.365,
      1.4,
      0.425,
      1.46,
      0.4875,
      1.52,
      0.5475,
      1.5825,
      0.6075,
      1.6425,
      0.67,
      1.7025,
      0.73,
      1.765,
      0.79,
      1.825,
      0.8525,
      1.885,
      0.9125,
      1.9475,
      0.9725
    ],
    "SoftwareVersions": "syngo_MR_B17",
    "SpacingBetweenSlices": 4.2,
    "StationName": "MRC35193",
    "TotalReadoutTime": 0.0289803,
    "TxRefAmp": 320.16,
    "dataset": "ds003696",
    "modality": "bold",
    "run_id": 3,
    "session_id": "01",
    "subject_id": "129",
    "task_id": "affordance"
  },
  "dummy_trs": 0,
  "dvars_nstd": 18.271615562065204,
  "dvars_std": 1.0139120176086958,
  "dvars_vstd": 0.9633347532065223,
  "efc": 0.5092981115004003,
  "fber": 1040.132080078125,
  "fd_mean": 0.08251067730377237,
  "fd_num": 2,
  "fd_perc": 1.0810810810810811,
  "fwhm_avg": 2.2650977774461616,
  "fwhm_x": 2.20888,
  "fwhm_y": 2.511168,
  "fwhm_z": 2.0752453323384845,
  "gcor": 0.010704,
  "gsr_x": 0.002679751254618168,
  "gsr_y": 0.026399197056889534,
  "provenance": {
    "md5sum": "3bb9aab86b83749beaaa9471ebd1c92e",
    "settings": {
      "fd_thres": 0.2,
      "testing": false
    },
    "software": "mriqc",
    "version": "23.0.1",
    "webapi_port": null,
    "webapi_url": "https://mriqc.nimh.nih.gov/api/v1"
  },
  "size_t": 185,
  "size_x": 64,
  "size_y": 64,
  "size_z": 33,
  "snr": 5.486944273068189,
  "spacing_tr": 2.0,
  "spacing_x": 3.125,
  "spacing_y": 3.125,
  "spacing_z": 4.199999809265137,
  "summary_bg_k": 31.903438835634347,
  "summary_bg_mad": 13.006830736466826,
  "summary_bg_mean": 55.26247787475586,
  "summary_bg_median": 27.62702751159668,
  "summary_bg_n": 85440.0,
  "summary_bg_p05": 17.854055404663086,
  "summary_bg_p95": 192.10891952514652,
  "summary_bg_stdv": 77.53706359863281,
  "summary_fg_k": 0.6130235279663028,
  "summary_fg_mad": 152.339368750328,
  "summary_fg_mean": 905.2418212890625,
  "summary_fg_median": 906.1729736328125,
  "summary_fg_n": 20141.0,
  "summary_fg_p05": 624.8594970703125,
  "summary_fg_p95": 1174.951416015625,
  "summary_fg_stdv": 165.1466522216797,
  "tsnr": 68.92907604924403
}