{
  "aor": 0.0010810204081632654,
  "aqi": 0.0033633960204081624,
  "bids_meta": {
    "AcquisitionMatrixPE": 64,
    "AcquisitionNumber": 1,
    "AcquisitionTime": "15:33:5.900000",
    "BandwidthPerPixelPhaseEncode": 33.967,
    "BaseResolution": 64,
    "ConversionSoftware": "dcm2niix",
    "ConversionSoftwareVersion": "v1.0.20180622 GCC4.9.2",
    "DerivedVendorReportedEchoSpacing": 0.000460005,
    "DeviceSerialNumber": "35193",
    "DwellTime": 3.1e-06,
    "EchoTime": 0.03,
    "EffectiveEchoSpacing": 0.000460005,
    "FlipAngle": 90,
    "ImageOrientationPatientDICOM": [
      0.999328,
      -1e-16,
      0.0366437,
      1e-16,
      1,
      0
    ],
    "ImageType": [
      "ORIGINAL",
      "PRIMARY",
      "M",
      "ND",
      "MOSAIC"
    ],
    "InPlanePhaseEncodingDirectionDICOM": "COL",
    "InstitutionAddress": "Xinjiekouwai_Street_No_19_Beijing_Haidian_District_CN_100875",
    "InstitutionName": "Beijing_Normal_Universtiy_7C3C54",
    "InstitutionalDepartmentName": "Department",
    "MRAcquisitionType": "2D",
    "MagneticFieldStrength": 3,
    "Manufacturer": "Siemens",
    "ManufacturersModelName": "TrioTim",
    "Modality": "MR",
    "PartialFourier": 1,
    "PatientPosition": "HFS",
    "PercentPhaseFOV": 100,
    "PhaseEncodingDirection": "j-",
    "PhaseEncodingSteps": 64,
    "PhaseResolution": 1,
    "PixelBandwidth": 2520,
    "ProcedureStepDescription": "BNU_cst_2019_Xu.Shan",
    "ProtocolName": "ge_func_pace_3x3x3.5_99",
    "PulseSequenceDetails": "%SiemensSeq%_ep2d_bold",
    "ReceiveCoilName": "HeadMatrix",
    "ReconMatrixPE": 64,
    "RepetitionTime": 2,
    "SAR": 0.144452,
    "ScanOptions": "FS",
    "ScanningSequence": "EP",
    "SequenceName": "_epfid2d1_64",
    "SequenceVariant": "SK",
    "SeriesDescription": "ge_func_pace_3x3x3.5_99",
    "SeriesNumber": 10,
    "ShimSetting": [
      -4482,
      -19400,
      -9839,
      1111,
      -394,
      -92,
      258,
      -82
    ],
    "SliceThickness": 3.5,
    "SliceTiming": [
      0,
      1.035,
      0.06,
      1.095,
      0.1225,
      1.155,
      0.1825,
      1.2175,
      0.2425,
      1.2775,
      0.305,
      1.3375,
      0.365,
      1.4,
      0.425,
      1.46,
      0.4875,
      1.52,
      0.5475,
      1.5825,
      0.6075,
      1.6425,
      0.67,
      1.7025,
      0.73,
      1.765,
      0.79,
      1.825,
      0.8525,
      1.885,
      0.9125,
      1.9475,
      0.9725
    ],
    "SoftwareVersions": "syngo_MR_B17",
    "SpacingBetweenSlices": 4.2,
    "StationName": "MRC35193",
    "TotalReadoutTime": 0.0289803,
    "TxRefAmp": 316.871,
    "dataset": "ds003696",
    "modality": "bold",
    "run_id": 1,
    "session_id": "01",
    "subject_id": "134",
    "task_id": "localizer"
  },
  "dummy_trs": 1,
  "dvars_nstd": 18.54270962567011,
  "dvars_std": 1.1562735381443299,
  "dvars_vstd": 1.0304002312371132,
  "efc": 0.5238094870850631,
  "fber": 1225.694580078125,
  "fd_mean": 0.04098064091310378,
  "fd_num": 0,
  "fd_perc": 0.0,
  "fwhm_avg": 1.94217793191416,
  "fwhm_x": 1.8833152000000002,
  "fwhm_y": 2.1495328000000002,
  "fwhm_z": 1.7936857957424797,
  "gcor": 0.0073118,
  "gsr_x": -0.004297136329114437,
  "gsr_y": 0.023423299193382263,
  "provenance": {
    "md5sum": "8cf49be2c3eab556a99585f6b6ec4f6c",
    "settings": {
      "fd_thres": 0.2,
      "testing": false
    },
    "software": "mriqc",
    "version": "23.0.1",
    "webapi_port": null,
    "webapi_url": "https://mriqc.nimh.nih.gov/api/v1"
  },
  "size_t": 98,
  "size_x": 64,
  "size_y": 64,
  "size_z": 33,
  "snr": 6.296842497792453,
  "spacing_tr": 2.0,
  "spacing_x": 3.125,
  "spacing_y": 3.125,
  "spacing_z": 4.199999809265137,
  "summary_bg_k": 23.29548353637167,
  "summary_bg_mad": 9.599092069455358,
  "summary_bg_mean": 48.846866607666016,
  "summary_bg_median": 25.566326141357422,
  "summary_bg_n": 81318.0,
  "summary_bg_p05": 18.397958755493164,
  "summary_bg_p95": 163.1372383117674,
  "summary_bg_stdv": 63.972476959228516,
  "summary_fg_k": 0.9436886475689765,
  "summary_fg_mad": 131.9667094202951,
  "summary_fg_mean": 914.699951171875,
  "summary_fg_median": 912.2652587890625,
  "summary_fg_n": 23481.0,
  "summary_fg_p05": 682.6632690429688,
  "summary_fg_p95": 1160.5611572265625,
  "summary_fg_stdv": 144.87353515625,
  "tsnr": 88.71078648231924
}