{
  "aor": 0.002988432432432432,
  "aqi": 0.0054444905945945955,
  "bids_meta": {
    "AcquisitionMatrixPE": 64,
    "AcquisitionNumber": 1,
    "AcquisitionTime": "16:27:52.562500",
    "BandwidthPerPixelPhaseEncode": 33.967,
    "BaseResolution": 64,
    "ConversionSoftware": "dcm2niix",
    "ConversionSoftwareVersion": "v1.0.20180622 GCC4.9.2",
    "DerivedVendorReportedEchoSpacing": 0.000460005,
    "DeviceSerialNumber": "35193",
    "DwellTime": 3.1e-06,
    "EchoTime": 0.03,
    "EffectiveEchoSpacing": 0.000460005,
    "FlipAngle": 90,
    "ImageOrientationPatientDICOM": [
      1,
      0,
      0,
      0,
      1,
      0
    ],
    "ImageType": [
      "ORIGINAL",
      "PRIMARY",
      "M",
      "ND",
      "MOSAIC"
    ],
    "InPlanePhaseEncodingDirectionDICOM": "COL",
    "InstitutionAddress": "Xinjiekouwai_Street_No_19_Beijing_Haidian_District_CN_100875",
    "InstitutionName": "Beijing_Normal_Universtiy_7C3C54",
    "InstitutionalDepartmentName": "Department",
    "MRAcquisitionType": "2D",
    "MagneticFieldStrength": 3,
    "Manufacturer": "Siemens",
    "ManufacturersModelName": "TrioTim",
    "Modality": "MR",
    "PartialFourier": 1,
    "PatientPosition": "HFS",
    "PercentPhaseFOV": 100,
    "PhaseEncodingDirection": "j-",
    "PhaseEncodingSteps": 64,
    "PhaseResolution": 1,
    "PixelBandwidth": 2520,
    "ProcedureStepDescription": "BNU_cst_2015_Liu.Jia",
    "ProtocolName": "ge_func_pace_3x3x3.5_185",
    "PulseSequenceDetails": "%SiemensSeq%_ep2d_bold",
    "ReceiveCoilName": "HeadMatrix",
    "ReconMatrixPE": 64,
    "RepetitionTime": 2,
    "SAR": 0.124813,
    "ScanOptions": "FS",
    "ScanningSequence": "EP",
    "SequenceName": "_epfid2d1_64",
    "SequenceVariant": "SK",
    "SeriesDescription": "ge_func_pace_3x3x3.5_185",
    "SeriesNumber": 8,
    "ShimSetting": [
      -4523,
      -19334,
      -9844,
      992,
      -39,
      -477,
      207,
      6
    ],
    "SliceThickness": 3.5,
    "SliceTiming": [
      0,
      1.035,
      0.0625,
      1.095,
      0.1225,
      1.1575,
      0.1825,
      1.2175,
      0.245,
      1.2775,
      0.305,
      1.34,
      0.365,
      1.4,
      0.4275,
      1.46,
      0.4875,
      1.5225,
      0.5475,
      1.5825,
      0.61,
      1.6425,
      0.67,
      1.705,
      0.73,
      1.765,
      0.7925,
      1.825,
      0.8525,
      1.8875,
      0.9125,
      1.9475,
      0.975
    ],
    "SoftwareVersions": "syngo_MR_B17",
    "SpacingBetweenSlices": 4.2,
    "StationName": "MRC35193",
    "TotalReadoutTime": 0.0289803,
    "TxRefAmp": 313.892,
    "dataset": "ds003696",
    "modality": "bold",
    "run_id": 5,
    "session_id": "02",
    "subject_id": "104",
    "task_id": "affordance"
  },
  "dummy_trs": 0,
  "dvars_nstd": 21.38489379027174,
  "dvars_std": 1.1274412834239134,
  "dvars_vstd": 1.0202705782065213,
  "efc": 0.544415017633589,
  "fber": 851.9180297851562,
  "fd_mean": 0.12910751487934113,
  "fd_num": 16,
  "fd_perc": 8.64864864864865,
  "fwhm_avg": 2.0416134880399017,
  "fwhm_x": 2.0122336,
  "fwhm_y": 2.2812544,
  "fwhm_z": 1.8313524641197052,
  "gcor": 0.0299716,
  "gsr_x": -0.003510080510750413,
  "gsr_y": 0.032263562083244324,
  "provenance": {
    "md5sum": "3ed49d68d1db66f37932f6013180c609",
    "settings": {
      "fd_thres": 0.2,
      "testing": false
    },
    "software": "mriqc",
    "version": "23.0.1",
    "webapi_port": null,
    "webapi_url": "https://mriqc.nimh.nih.gov/api/v1"
  },
  "size_t": 185,
  "size_x": 64,
  "size_y": 64,
  "size_z": 33,
  "snr": 6.02463314433257,
  "spacing_tr": 2.0,
  "spacing_x": 3.125,
  "spacing_y": 3.125,
  "spacing_z": 4.199999809265137,
  "summary_bg_k": 22.726287125833746,
  "summary_bg_mad": 14.361207409097034,
  "summary_bg_mean": 59.67922592163086,
  "summary_bg_median": 30.108108520507812,
  "summary_bg_n": 80162.0,
  "summary_bg_p05": 19.405405044555664,
  "summary_bg_p95": 215.49054641723626,
  "summary_bg_stdv": 75.78205108642578,
  "summary_fg_k": 1.3528988920100762,
  "summary_fg_mad": 132.08787667924156,
  "summary_fg_mean": 898.6639404296875,
  "summary_fg_median": 896.80810546875,
  "summary_fg_n": 23722.0,
  "summary_fg_p05": 653.2089569091797,
  "summary_fg_p95": 1148.4208740234376,
  "summary_fg_stdv": 148.85374450683594,
  "tsnr": 69.55118078109808
}