{
  "aor": 0.0010693877551020408,
  "aqi": 0.003947343163265306,
  "bids_meta": {
    "AcquisitionMatrixPE": 64,
    "AcquisitionNumber": 1,
    "AcquisitionTime": "10:52:42.767500",
    "BandwidthPerPixelPhaseEncode": 33.967,
    "BaseResolution": 64,
    "ConversionSoftware": "dcm2niix",
    "ConversionSoftwareVersion": "v1.0.20180622 GCC4.9.2",
    "DerivedVendorReportedEchoSpacing": 0.000460005,
    "DeviceSerialNumber": "35193",
    "DwellTime": 3.1e-06,
    "EchoTime": 0.03,
    "EffectiveEchoSpacing": 0.000460005,
    "FlipAngle": 90,
    "ImageOrientationPatientDICOM": [
      0.998946,
      -0.00698119,
      0.0453619,
      0.006974,
      0.999976,
      0.00031669
    ],
    "ImageType": [
      "ORIGINAL",
      "PRIMARY",
      "M",
      "ND",
      "MOSAIC"
    ],
    "InPlanePhaseEncodingDirectionDICOM": "COL",
    "InstitutionAddress": "Xinjiekouwai_Street_No_19_Beijing_Haidian_District_CN_100875",
    "InstitutionName": "Beijing_Normal_Universtiy_7C3C54",
    "InstitutionalDepartmentName": "Department",
    "MRAcquisitionType": "2D",
    "MagneticFieldStrength": 3,
    "Manufacturer": "Siemens",
    "ManufacturersModelName": "TrioTim",
    "Modality": "MR",
    "PartialFourier": 1,
    "PatientPosition": "HFS",
    "PercentPhaseFOV": 100,
    "PhaseEncodingDirection": "j-",
    "PhaseEncodingSteps": 64,
    "PhaseResolution": 1,
    "PixelBandwidth": 2520,
    "ProcedureStepDescription": "BNU_cst_2015_Liu.Jia",
    "ProtocolName": "ge_func_pace_3x3x3.5_99",
    "PulseSequenceDetails": "%SiemensSeq%_ep2d_bold",
    "ReceiveCoilName": "HeadMatrix",
    "ReconMatrixPE": 64,
    "RepetitionTime": 2,
    "SAR": 0.141762,
    "ScanOptions": "FS",
    "ScanningSequence": "EP",
    "SequenceName": "_epfid2d1_64",
    "SequenceVariant": "SK",
    "SeriesDescription": "ge_func_pace_3x3x3.5_99",
    "SeriesNumber": 14,
    "ShimSetting": [
      -4485,
      -19415,
      -9821,
      1049,
      -188,
      -268,
      53,
      -85
    ],
    "SliceThickness": 3.5,
    "SliceTiming": [
      0,
      1.0325,
      0.06,
      1.095,
      0.12,
      1.155,
      0.1825,
      1.215,
      0.2425,
      1.2775,
      0.3025,
      1.3375,
      0.365,
      1.3975,
      0.425,
      1.46,
      0.485,
      1.52,
      0.5475,
      1.58,
      0.6075,
      1.6425,
      0.6675,
      1.7025,
      0.73,
      1.7625,
      0.79,
      1.825,
      0.85,
      1.885,
      0.9125,
      1.945,
      0.9725
    ],
    "SoftwareVersions": "syngo_MR_B17",
    "SpacingBetweenSlices": 4.2,
    "StationName": "MRC35193",
    "TotalReadoutTime": 0.0289803,
    "TxRefAmp": 313.475,
    "dataset": "ds003696",
    "modality": "bold",
    "run_id": 2,
    "session_id": "01",
    "subject_id": "110",
    "task_id": "localizer"
  },
  "dummy_trs": 1,
  "dvars_nstd": 17.81955971649485,
  "dvars_std": 1.1064428776288662,
  "dvars_vstd": 1.024465492371134,
  "efc": 0.5313504291287606,
  "fber": 1038.867919921875,
  "fd_mean": 0.07506725188640881,
  "fd_num": 1,
  "fd_perc": 1.0204081632653061,
  "fwhm_avg": 1.9792355522419764,
  "fwhm_x": 1.9100768,
  "fwhm_y": 2.2039776,
  "fwhm_z": 1.8236522567259297,
  "gcor": 0.0180722,
  "gsr_x": -0.007981210947036743,
  "gsr_y": 0.03109060414135456,
  "provenance": {
    "md5sum": "51e2a6464fb109b29325435bc40364db",
    "settings": {
      "fd_thres": 0.2,
      "testing": false
    },
    "software": "mriqc",
    "version": "23.0.1",
    "webapi_port": null,
    "webapi_url": "https://mriqc.nimh.nih.gov/api/v1"
  },
  "size_t": 98,
  "size_x": 64,
  "size_y": 64,
  "size_z": 33,
  "snr": 5.93333654465967,
  "spacing_tr": 2.0,
  "spacing_x": 3.125,
  "spacing_y": 3.125,
  "spacing_z": 4.200000286102295,
  "summary_bg_k": 35.971734487147565,
  "summary_bg_mad": 12.55673203630035,
  "summary_bg_mean": 55.72636413574219,
  "summary_bg_median": 28.622447967529297,
  "summary_bg_n": 80540.0,
  "summary_bg_p05": 19.306121826171875,
  "summary_bg_p95": 183.76632461547857,
  "summary_bg_stdv": 80.28196716308594,
  "summary_fg_k": 1.0436505250058303,
  "summary_fg_mad": 145.62024155742773,
  "summary_fg_mean": 951.047607421875,
  "summary_fg_median": 941.903076171875,
  "summary_fg_n": 24166.0,
  "summary_fg_p05": 707.625,
  "summary_fg_p95": 1225.9770202636719,
  "summary_fg_stdv": 158.7443389892578,
  "tsnr": 85.78479074989446
}