{
  "aor": 0.0010797916666666666,
  "aqi": 0.003985593125,
  "bids_meta": {
    "AcquisitionMatrixPE": 64,
    "AcquisitionNumber": 1,
    "AcquisitionTime": "10:47:19.265000",
    "BandwidthPerPixelPhaseEncode": 33.967,
    "BaseResolution": 64,
    "ConversionSoftware": "dcm2niix",
    "ConversionSoftwareVersion": "v1.0.20180622 GCC4.9.2",
    "DerivedVendorReportedEchoSpacing": 0.000460005,
    "DeviceSerialNumber": "35193",
    "DwellTime": 3.1e-06,
    "EchoTime": 0.03,
    "EffectiveEchoSpacing": 0.000460005,
    "FlipAngle": 90,
    "ImageOrientationPatientDICOM": [
      0.998946,
      -0.00698119,
      0.0453619,
      0.006974,
      0.999976,
      0.00031669
    ],
    "ImageType": [
      "ORIGINAL",
      "PRIMARY",
      "M",
      "ND",
      "MOSAIC"
    ],
    "InPlanePhaseEncodingDirectionDICOM": "COL",
    "InstitutionAddress": "Xinjiekouwai_Street_No_19_Beijing_Haidian_District_CN_100875",
    "InstitutionName": "Beijing_Normal_Universtiy_7C3C54",
    "InstitutionalDepartmentName": "Department",
    "MRAcquisitionType": "2D",
    "MagneticFieldStrength": 3,
    "Manufacturer": "Siemens",
    "ManufacturersModelName": "TrioTim",
    "Modality": "MR",
    "PartialFourier": 1,
    "PatientPosition": "HFS",
    "PercentPhaseFOV": 100,
    "PhaseEncodingDirection": "j-",
    "PhaseEncodingSteps": 64,
    "PhaseResolution": 1,
    "PixelBandwidth": 2520,
    "ProcedureStepDescription": "BNU_cst_2015_Liu.Jia",
    "ProtocolName": "ge_func_pace_3x3x3.5_99",
    "PulseSequenceDetails": "%SiemensSeq%_ep2d_bold",
    "ReceiveCoilName": "HeadMatrix",
    "ReconMatrixPE": 64,
    "RepetitionTime": 2,
    "SAR": 0.141762,
    "ScanOptions": "FS",
    "ScanningSequence": "EP",
    "SequenceName": "_epfid2d1_64",
    "SequenceVariant": "SK",
    "SeriesDescription": "ge_func_pace_3x3x3.5_99",
    "SeriesNumber": 10,
    "ShimSetting": [
      -4485,
      -19415,
      -9821,
      1049,
      -188,
      -268,
      53,
      -85
    ],
    "SliceThickness": 3.5,
    "SliceTiming": [
      0,
      1.035,
      0.06,
      1.095,
      0.1225,
      1.155,
      0.1825,
      1.2175,
      0.2425,
      1.2775,
      0.305,
      1.3375,
      0.365,
      1.4,
      0.425,
      1.46,
      0.4875,
      1.52,
      0.5475,
      1.5825,
      0.6075,
      1.6425,
      0.67,
      1.7025,
      0.73,
      1.765,
      0.79,
      1.825,
      0.8525,
      1.885,
      0.9125,
      1.9475,
      0.9725
    ],
    "SoftwareVersions": "syngo_MR_B17",
    "SpacingBetweenSlices": 4.2,
    "StationName": "MRC35193",
    "TotalReadoutTime": 0.0289803,
    "TxRefAmp": 313.475,
    "dataset": "ds003696",
    "modality": "bold",
    "run_id": 1,
    "session_id": "01",
    "subject_id": "110",
    "task_id": "localizer"
  },
  "dummy_trs": 3,
  "dvars_nstd": 18.93606784263158,
  "dvars_std": 1.110402480947368,
  "dvars_vstd": 0.9972641362105262,
  "efc": 0.5309234751793269,
  "fber": 1046.3411865234375,
  "fd_mean": 0.07096892603624151,
  "fd_num": 0,
  "fd_perc": 0.0,
  "fwhm_avg": 1.9853988854333942,
  "fwhm_x": 1.9200704,
  "fwhm_y": 2.206224,
  "fwhm_z": 1.8299022563001823,
  "gcor": 0.00812577,
  "gsr_x": -0.008088200353085995,
  "gsr_y": 0.030374649912118912,
  "provenance": {
    "md5sum": "6ba7a4ba4dc3fc1028aa2793ad827a78",
    "settings": {
      "fd_thres": 0.2,
      "testing": false
    },
    "software": "mriqc",
    "version": "23.0.1",
    "webapi_port": null,
    "webapi_url": "https://mriqc.nimh.nih.gov/api/v1"
  },
  "size_t": 96,
  "size_x": 64,
  "size_y": 64,
  "size_z": 33,
  "snr": 5.9279014941368064,
  "spacing_tr": 2.0,
  "spacing_x": 3.125,
  "spacing_y": 3.125,
  "spacing_z": 4.200000286102295,
  "summary_bg_k": 35.02828329620391,
  "summary_bg_mad": 12.416793579984416,
  "summary_bg_mean": 55.19221115112305,
  "summary_bg_median": 28.510417938232422,
  "summary_bg_n": 80505.0,
  "summary_bg_p05": 19.260417938232422,
  "summary_bg_p95": 181.933334350586,
  "summary_bg_stdv": 78.61132049560547,
  "summary_fg_k": 1.027041892398353,
  "summary_fg_mad": 145.95143809793862,
  "summary_fg_mean": 951.0354614257812,
  "summary_fg_median": 942.25,
  "summary_fg_n": 24182.0,
  "summary_fg_p05": 706.1479553222656,
  "summary_fg_p95": 1226.946954345703,
  "summary_fg_stdv": 158.9484100341797,
  "tsnr": 85.8533805012703
}