{
  "aor": 0.0005801081081081082,
  "aqi": 0.0038567652972972973,
  "bids_meta": {
    "AcquisitionMatrixPE": 64,
    "AcquisitionNumber": 1,
    "AcquisitionTime": "10:18:7.707500",
    "BandwidthPerPixelPhaseEncode": 33.967,
    "BaseResolution": 64,
    "ConversionSoftware": "dcm2niix",
    "ConversionSoftwareVersion": "v1.0.20180622 GCC4.9.2",
    "DerivedVendorReportedEchoSpacing": 0.000460005,
    "DeviceSerialNumber": "35193",
    "DwellTime": 3.1e-06,
    "EchoTime": 0.03,
    "EffectiveEchoSpacing": 0.000460005,
    "FlipAngle": 90,
    "ImageOrientationPatientDICOM": [
      0.998946,
      -0.00698119,
      0.0453619,
      0.006974,
      0.999976,
      0.00031669
    ],
    "ImageType": [
      "ORIGINAL",
      "PRIMARY",
      "M",
      "ND",
      "MOSAIC"
    ],
    "InPlanePhaseEncodingDirectionDICOM": "COL",
    "InstitutionAddress": "Xinjiekouwai_Street_No_19_Beijing_Haidian_District_CN_100875",
    "InstitutionName": "Beijing_Normal_Universtiy_7C3C54",
    "InstitutionalDepartmentName": "Department",
    "MRAcquisitionType": "2D",
    "MagneticFieldStrength": 3,
    "Manufacturer": "Siemens",
    "ManufacturersModelName": "TrioTim",
    "Modality": "MR",
    "PartialFourier": 1,
    "PatientPosition": "HFS",
    "PercentPhaseFOV": 100,
    "PhaseEncodingDirection": "j-",
    "PhaseEncodingSteps": 64,
    "PhaseResolution": 1,
    "PixelBandwidth": 2520,
    "ProcedureStepDescription": "BNU_cst_2015_Liu.Jia",
    "ProtocolName": "ge_func_pace_3x3x3.5_185",
    "PulseSequenceDetails": "%SiemensSeq%_ep2d_bold",
    "ReceiveCoilName": "HeadMatrix",
    "ReconMatrixPE": 64,
    "RepetitionTime": 2,
    "SAR": 0.142244,
    "ScanOptions": "FS",
    "ScanningSequence": "EP",
    "SequenceName": "_epfid2d1_64",
    "SequenceVariant": "SK",
    "SeriesDescription": "ge_func_pace_3x3x3.5_185",
    "SeriesNumber": 2,
    "ShimSetting": [
      -4485,
      -19415,
      -9821,
      1049,
      -188,
      -268,
      53,
      -85
    ],
    "SliceThickness": 3.5,
    "SliceTiming": [
      0,
      1.0325,
      0.06,
      1.095,
      0.12,
      1.155,
      0.1825,
      1.215,
      0.2425,
      1.2775,
      0.3025,
      1.3375,
      0.365,
      1.3975,
      0.425,
      1.46,
      0.485,
      1.52,
      0.5475,
      1.58,
      0.6075,
      1.6425,
      0.6675,
      1.7025,
      0.73,
      1.7625,
      0.79,
      1.825,
      0.85,
      1.885,
      0.9125,
      1.945,
      0.9725
    ],
    "SoftwareVersions": "syngo_MR_B17",
    "SpacingBetweenSlices": 4.2,
    "StationName": "MRC35193",
    "TotalReadoutTime": 0.0289803,
    "TxRefAmp": 313.475,
    "dataset": "ds003696",
    "modality": "bold",
    "run_id": 4,
    "session_id": "01",
    "subject_id": "110",
    "task_id": "affordance"
  },
  "dummy_trs": 0,
  "dvars_nstd": 21.09543858413045,
  "dvars_std": 1.192945251413044,
  "dvars_vstd": 0.9985538192391302,
  "efc": 0.5289204001535279,
  "fber": 1063.3079833984375,
  "fd_mean": 0.06849262777622941,
  "fd_num": 0,
  "fd_perc": 0.0,
  "fwhm_avg": 2.0010262567385393,
  "fwhm_x": 1.9274495999999999,
  "fwhm_y": 2.2402912,
  "fwhm_z": 1.8353379702156178,
  "gcor": 0.0287303,
  "gsr_x": -0.00860657636076212,
  "gsr_y": 0.029839789494872093,
  "provenance": {
    "md5sum": "61ef1cbfc9358269f13f35afee8774ce",
    "settings": {
      "fd_thres": 0.2,
      "testing": false
    },
    "software": "mriqc",
    "version": "23.0.1",
    "webapi_port": null,
    "webapi_url": "https://mriqc.nimh.nih.gov/api/v1"
  },
  "size_t": 185,
  "size_x": 64,
  "size_y": 64,
  "size_z": 33,
  "snr": 5.8875350089791265,
  "spacing_tr": 2.0,
  "spacing_x": 3.125,
  "spacing_y": 3.125,
  "spacing_z": 4.200000286102295,
  "summary_bg_k": 34.76949792032945,
  "summary_bg_mad": 12.333649448460328,
  "summary_bg_mean": 53.57469177246094,
  "summary_bg_median": 28.200000762939453,
  "summary_bg_n": 80538.0,
  "summary_bg_p05": 19.037837982177734,
  "summary_bg_p95": 173.35378189086904,
  "summary_bg_stdv": 74.60269165039062,
  "summary_fg_k": 1.0250004441011287,
  "summary_fg_mad": 146.89779149156237,
  "summary_fg_mean": 948.6302490234375,
  "summary_fg_median": 939.3135375976562,
  "summary_fg_n": 24115.0,
  "summary_fg_p05": 702.7503051757812,
  "summary_fg_p95": 1220.406494140625,
  "summary_fg_stdv": 159.53944396972656,
  "tsnr": 82.32929878495634
}