{
  "bids_meta": {
    "AcquisitionMatrixPE": 192,
    "AcquisitionNumber": 1,
    "AcquisitionTime": "15:34:51.897500",
    "BaseResolution": 256,
    "ConversionSoftware": "dcm2niix",
    "ConversionSoftwareVersion": "v1.0.20180622 GCC4.9.2",
    "DeviceSerialNumber": "35193",
    "DwellTime": 1.03e-05,
    "EchoTime": 0.00339,
    "FlipAngle": 7,
    "ImageOrientationPatientDICOM": [
      -0.0576232,
      0.998338,
      9.54276e-09,
      0.0452125,
      0.00260963,
      -0.998974
    ],
    "ImageType": [
      "ORIGINAL",
      "PRIMARY",
      "M",
      "ND",
      "NORM"
    ],
    "InPlanePhaseEncodingDirectionDICOM": "ROW",
    "InstitutionAddress": "Xinjiekouwai_Street_No_19_Beijing_Haidian_District_CN_100875",
    "InstitutionName": "BNU_MRI_Center",
    "InstitutionalDepartmentName": "Department",
    "InversionTime": 1.1,
    "MRAcquisitionType": "3D",
    "MagneticFieldStrength": 3,
    "Manufacturer": "Siemens",
    "ManufacturersModelName": "TrioTim",
    "Modality": "MR",
    "PartialFourier": 1,
    "PatientPosition": "HFS",
    "PercentPhaseFOV": 100,
    "PhaseEncodingSteps": 192,
    "PhaseResolution": 0.75,
    "PixelBandwidth": 190,
    "ProcedureStepDescription": "BNU_cst_2019_Xu.Shan",
    "ProtocolName": "t1_mprage_sag",
    "PulseSequenceDetails": "%SiemensSeq%_tfl",
    "ReceiveCoilName": "HeadMatrix",
    "ReconMatrixPE": 256,
    "RepetitionTime": 2.53,
    "SAR": 0.0512436,
    "ScanOptions": "IR",
    "ScanningSequence": "GR_IR",
    "SequenceName": "_tfl3d1_ns",
    "SequenceVariant": "SP_MP",
    "SeriesDescription": "t1_mprage_sag",
    "SeriesNumber": 10,
    "ShimSetting": [
      -4489,
      -19276,
      -10209,
      636,
      -133,
      80,
      82,
      -26
    ],
    "SliceThickness": 1.33,
    "SoftwareVersions": "syngo_MR_B17",
    "StationName": "MRC35193",
    "TxRefAmp": 320.66,
    "dataset": "ds003696",
    "modality": "T1w",
    "session_id": "02",
    "subject_id": "125"
  },
  "cjv": 0.3091080384106762,
  "cnr": 4.275204129539572,
  "efc": 0.5543751601183321,
  "fber": 9426.209832803514,
  "fwhm_avg": 4.010186235693836,
  "fwhm_x": 3.506788707081508,
  "fwhm_y": 4.68416,
  "fwhm_z": 3.83961,
  "icvs_csf": 0.23206409023495655,
  "icvs_gm": 0.4371813067080854,
  "icvs_wm": 0.33075460305695803,
  "inu_med": 0.6623713076114655,
  "inu_range": 0.29058654606342316,
  "provenance": {
    "md5sum": "39a1a1a65cf502b38e9894a6cd406ccd",
    "settings": {
      "testing": false
    },
    "software": "mriqc",
    "version": "23.0.1",
    "warnings": {
      "large_rot_frame": true,
      "small_air_mask": false
    },
    "webapi_port": null,
    "webapi_url": "https://mriqc.nimh.nih.gov/api/v1"
  },
  "qi_1": 0.0,
  "qi_2": 0.012577173214899422,
  "rpve_csf": 21.605902782287497,
  "rpve_gm": 11.796447496369533,
  "rpve_wm": 18.367813215812415,
  "size_x": 128,
  "size_y": 256,
  "size_z": 256,
  "snr_csf": 1.786282684947266,
  "snr_gm": 8.985868325472033,
  "snr_total": 11.678140032126038,
  "snr_wm": 24.262269085958813,
  "snrd_csf": 18.70027036126116,
  "snrd_gm": 61.75115843427081,
  "snrd_total": 58.74426373132753,
  "snrd_wm": 95.78136239845063,
  "spacing_x": 1.3300031423568726,
  "spacing_y": 1.0,
  "spacing_z": 1.0,
  "summary_bg_k": 8.722827440977959,
  "summary_bg_mad": 6.8399150740055825,
  "summary_bg_mean": 5.675920122863273,
  "summary_bg_median": 4.613452609628439,
  "summary_bg_n": 2060946.0,
  "summary_bg_p05": 0.0,
  "summary_bg_p95": 20.965275764465332,
  "summary_bg_stdv": 7.762263549308196,
  "summary_csf_k": -0.6398941552951825,
  "summary_csf_mad": 130.20122362766838,
  "summary_csf_mean": 201.99170390945267,
  "summary_csf_median": 195.2391305565834,
  "summary_csf_n": 27407.0,
  "summary_csf_p05": 42.42192517966032,
  "summary_csf_p95": 382.9083770383149,
  "summary_csf_stdv": 109.2971287923336,
  "summary_gm_k": 0.040478389896274614,
  "summary_gm_mad": 71.41437957445473,
  "summary_gm_mean": 641.8886533131409,
  "summary_gm_median": 644.7095282934606,
  "summary_gm_n": 22190.0,
  "summary_gm_p05": 519.7886970099062,
  "summary_gm_p95": 756.6335265152156,
  "summary_gm_stdv": 71.745431576569,
  "summary_wm_k": 0.5537439727702376,
  "summary_wm_mad": 38.40875387710827,
  "summary_wm_mean": 998.5888642530757,
  "summary_wm_median": 999.9999763071537,
  "summary_wm_n": 122132.0,
  "summary_wm_p05": 927.9318408668041,
  "summary_wm_p95": 1063.5236699320376,
  "summary_wm_stdv": 41.216090664266716,
  "tpm_overlap_csf": 0.17017425418280618,
  "tpm_overlap_gm": 0.4767062247207011,
  "tpm_overlap_wm": 0.5023014956053831,
  "wm2max": 0.7089332714042421
}