{
  "bids_meta": {
    "AcquisitionMatrixPE": 192,
    "AcquisitionNumber": 1,
    "AcquisitionTime": "10:12:55.152500",
    "BaseResolution": 256,
    "ConversionSoftware": "dcm2niix",
    "ConversionSoftwareVersion": "v1.0.20180622 GCC4.9.2",
    "DeviceSerialNumber": "35193",
    "DwellTime": 1.03e-05,
    "EchoTime": 0.00339,
    "FlipAngle": 7,
    "ImageOrientationPatientDICOM": [
      0,
      1,
      0,
      0,
      0,
      -1
    ],
    "ImageType": [
      "ORIGINAL",
      "PRIMARY",
      "M",
      "ND",
      "NORM"
    ],
    "InPlanePhaseEncodingDirectionDICOM": "ROW",
    "InstitutionAddress": "Xinjiekouwai_Street_No_19_Beijing_Haidian_District_CN_100875",
    "InstitutionName": "BNU_MRI_Center",
    "InstitutionalDepartmentName": "Department",
    "InversionTime": 1.1,
    "MRAcquisitionType": "3D",
    "MagneticFieldStrength": 3,
    "Manufacturer": "Siemens",
    "ManufacturersModelName": "TrioTim",
    "Modality": "MR",
    "PartialFourier": 1,
    "PatientPosition": "HFS",
    "PercentPhaseFOV": 100,
    "PhaseEncodingSteps": 192,
    "PhaseResolution": 0.75,
    "PixelBandwidth": 190,
    "ProcedureStepDescription": "BNU_cst_2019_Xu.Shan",
    "ProtocolName": "t1_mprage_sag",
    "PulseSequenceDetails": "%SiemensSeq%_tfl",
    "ReceiveCoilName": "HeadMatrix",
    "ReconMatrixPE": 256,
    "RepetitionTime": 2.53,
    "SAR": 0.0449889,
    "ScanOptions": "IR",
    "ScanningSequence": "GR_IR",
    "SequenceName": "_tfl3d1_ns",
    "SequenceVariant": "SP_MP",
    "SeriesDescription": "t1_mprage_sag",
    "SeriesNumber": 14,
    "ShimSetting": [
      -4489,
      -19276,
      -10209,
      636,
      -133,
      80,
      82,
      -26
    ],
    "SliceThickness": 1.33,
    "SoftwareVersions": "syngo_MR_B17",
    "StationName": "MRC35193",
    "TxRefAmp": 335.977,
    "dataset": "ds003696",
    "modality": "T1w",
    "session_id": "02",
    "subject_id": "124"
  },
  "cjv": 0.3481868846490429,
  "cnr": 3.8408823275853416,
  "efc": 0.5623834132250652,
  "fber": 11232.447208264412,
  "fwhm_avg": 3.9384574775611974,
  "fwhm_x": 3.475882432683593,
  "fwhm_y": 4.67436,
  "fwhm_z": 3.66513,
  "icvs_csf": 0.2450082218372845,
  "icvs_gm": 0.4297264544124841,
  "icvs_wm": 0.3252653237502314,
  "inu_med": 0.6788985133171082,
  "inu_range": 0.29653800725936885,
  "provenance": {
    "md5sum": "2d7e0660deaf546210d69412805c256d",
    "settings": {
      "testing": false
    },
    "software": "mriqc",
    "version": "23.0.1",
    "warnings": {
      "large_rot_frame": true,
      "small_air_mask": false
    },
    "webapi_port": null,
    "webapi_url": "https://mriqc.nimh.nih.gov/api/v1"
  },
  "qi_1": 0.0,
  "qi_2": 0.014263580544896456,
  "rpve_csf": 20.02811443677231,
  "rpve_gm": 11.366378948556111,
  "rpve_wm": 17.558605467918298,
  "size_x": 128,
  "size_y": 256,
  "size_z": 256,
  "snr_csf": 1.3018819242948327,
  "snr_gm": 8.331970749309598,
  "snr_total": 10.954129087827317,
  "snr_wm": 23.228534589877516,
  "snrd_csf": 10.644908191746675,
  "snrd_gm": 56.01082566869715,
  "snrd_total": 50.738394637634656,
  "snrd_wm": 85.55945005246012,
  "spacing_x": 1.3300018310546875,
  "spacing_y": 1.0,
  "spacing_z": 1.0,
  "summary_bg_k": 10.962673211356584,
  "summary_bg_mad": 0.0,
  "summary_bg_mean": 5.098303260866975,
  "summary_bg_median": 0.0,
  "summary_bg_n": 2303743.0,
  "summary_bg_p05": 0.0,
  "summary_bg_p95": 19.41009685397148,
  "summary_bg_stdv": 7.656866095289682,
  "summary_csf_k": 2.146927691380281,
  "summary_csf_mad": 71.51023627142484,
  "summary_csf_mean": 147.84304600414598,
  "summary_csf_median": 124.41170513629913,
  "summary_csf_n": 32868.0,
  "summary_csf_p05": 35.13695243746042,
  "summary_csf_p95": 350.1417772844434,
  "summary_csf_stdv": 95.56151767993097,
  "summary_gm_k": -0.058107069748246865,
  "summary_gm_mad": 80.5031902267707,
  "summary_gm_mean": 652.558341725002,
  "summary_gm_median": 654.6230556443334,
  "summary_gm_n": 24014.0,
  "summary_gm_p05": 520.9535528067499,
  "summary_gm_p95": 777.5731571018696,
  "summary_gm_stdv": 78.56597738622648,
  "summary_wm_k": 0.6535185706211877,
  "summary_wm_mad": 39.742355552058534,
  "summary_wm_mean": 999.1010069066463,
  "summary_wm_median": 999.9707728624344,
  "summary_wm_n": 127307.0,
  "summary_wm_p05": 926.9490530714393,
  "summary_wm_p95": 1068.1107363663614,
  "summary_wm_stdv": 43.04907145935371,
  "tpm_overlap_csf": 0.18022459974460295,
  "tpm_overlap_gm": 0.47533910191828493,
  "tpm_overlap_wm": 0.5122613829357416,
  "wm2max": 0.6710780514406718
}