{
  "aor": 0.0019133513513513514,
  "aqi": 0.012718593729729732,
  "bids_meta": {
    "AcquisitionMatrixPE": 64,
    "AcquisitionNumber": 1,
    "AcquisitionTime": "14:47:4.247500",
    "BandwidthPerPixelPhaseEncode": 33.967,
    "BaseResolution": 64,
    "ConversionSoftware": "dcm2niix",
    "ConversionSoftwareVersion": "v1.0.20180622 GCC4.9.2",
    "DerivedVendorReportedEchoSpacing": 0.000460005,
    "DeviceSerialNumber": "35193",
    "DwellTime": 3.1e-06,
    "EchoTime": 0.03,
    "EffectiveEchoSpacing": 0.000460005,
    "FlipAngle": 90,
    "ImageOrientationPatientDICOM": [
      1,
      0,
      0,
      0,
      1,
      0
    ],
    "ImageType": [
      "ORIGINAL",
      "PRIMARY",
      "M",
      "ND",
      "MOSAIC"
    ],
    "InPlanePhaseEncodingDirectionDICOM": "COL",
    "InstitutionAddress": "Xinjiekouwai_Street_No_19_Beijing_Haidian_District_CN_100875",
    "InstitutionName": "BNU_MRI_Center",
    "InstitutionalDepartmentName": "Department",
    "MRAcquisitionType": "2D",
    "MagneticFieldStrength": 3,
    "Manufacturer": "Siemens",
    "ManufacturersModelName": "TrioTim",
    "Modality": "MR",
    "PartialFourier": 1,
    "PatientPosition": "HFS",
    "PercentPhaseFOV": 100,
    "PhaseEncodingDirection": "j-",
    "PhaseEncodingSteps": 64,
    "PhaseResolution": 1,
    "PixelBandwidth": 2520,
    "ProcedureStepDescription": "BNU_cst_2015_Liu.Jia",
    "ProtocolName": "ge_func_pace_3x3x3.5_185",
    "PulseSequenceDetails": "%SiemensSeq%_ep2d_bold",
    "ReceiveCoilName": "HeadMatrix",
    "ReconMatrixPE": 64,
    "RepetitionTime": 2,
    "SAR": 0.136801,
    "ScanOptions": "FS",
    "ScanningSequence": "EP",
    "SequenceName": "_epfid2d1_64",
    "SequenceVariant": "SK",
    "SeriesDescription": "ge_func_pace_3x3x3.5_185",
    "SeriesNumber": 2,
    "ShimSetting": [
      -4525,
      -19371,
      -9836,
      1173,
      -253,
      -274,
      -310,
      -70
    ],
    "SliceThickness": 3.5,
    "SliceTiming": [
      0,
      1.0325,
      0.06,
      1.095,
      0.12,
      1.155,
      0.1825,
      1.215,
      0.2425,
      1.2775,
      0.3025,
      1.3375,
      0.365,
      1.3975,
      0.425,
      1.46,
      0.485,
      1.52,
      0.5475,
      1.58,
      0.6075,
      1.6425,
      0.6675,
      1.7025,
      0.73,
      1.7625,
      0.79,
      1.825,
      0.85,
      1.885,
      0.9125,
      1.945,
      0.9725
    ],
    "SoftwareVersions": "syngo_MR_B17",
    "SpacingBetweenSlices": 4.2,
    "StationName": "MRC35193",
    "TotalReadoutTime": 0.0289803,
    "TxRefAmp": 316.82,
    "dataset": "ds003696",
    "modality": "bold",
    "run_id": 5,
    "session_id": "02",
    "subject_id": "103",
    "task_id": "affordance"
  },
  "dummy_trs": 0,
  "dvars_nstd": 18.551270567608697,
  "dvars_std": 1.0170935734782611,
  "dvars_vstd": 0.9420676722826085,
  "efc": 0.5392712230405826,
  "fber": 938.1751098632812,
  "fd_mean": 0.12209136980365552,
  "fd_num": 7,
  "fd_perc": 3.7837837837837838,
  "fwhm_avg": 1.985511036247452,
  "fwhm_x": 1.9746112,
  "fwhm_y": 2.2165504,
  "fwhm_z": 1.7653715087423556,
  "gcor": 0.0316184,
  "gsr_x": 0.00034734344808384776,
  "gsr_y": 0.03035501204431057,
  "provenance": {
    "md5sum": "e8ca7345065dc4f9bb5a372347403703",
    "settings": {
      "fd_thres": 0.2,
      "testing": false
    },
    "software": "mriqc",
    "version": "23.0.1",
    "webapi_port": null,
    "webapi_url": "https://mriqc.nimh.nih.gov/api/v1"
  },
  "size_t": 185,
  "size_x": 64,
  "size_y": 64,
  "size_z": 33,
  "snr": 5.965892625665371,
  "spacing_tr": 2.0,
  "spacing_x": 3.125,
  "spacing_y": 3.125,
  "spacing_z": 4.199999809265137,
  "summary_bg_k": 41.863396775202716,
  "summary_bg_mad": 13.960505406075747,
  "summary_bg_mean": 57.18590545654297,
  "summary_bg_median": 28.870271682739258,
  "summary_bg_n": 80043.0,
  "summary_bg_p05": 18.24864959716797,
  "summary_bg_p95": 183.5556808471679,
  "summary_bg_stdv": 84.115234375,
  "summary_fg_k": 1.0360832958096298,
  "summary_fg_mad": 133.64658170937824,
  "summary_fg_mean": 905.612060546875,
  "summary_fg_median": 901.9108276367188,
  "summary_fg_n": 24088.0,
  "summary_fg_p05": 660.2562194824219,
  "summary_fg_p95": 1157.9343994140622,
  "summary_fg_stdv": 151.17471313476562,
  "tsnr": 48.289858270436525
}