{
  "aor": 0.001407608695652174,
  "aqi": 0.006767120869565218,
  "bids_meta": {
    "AcquisitionMatrixPE": 64,
    "AcquisitionNumber": 1,
    "AcquisitionTime": "14:29:18.500000",
    "BandwidthPerPixelPhaseEncode": 33.967,
    "BaseResolution": 64,
    "ConversionSoftware": "dcm2niix",
    "ConversionSoftwareVersion": "v1.0.20180622 GCC4.9.2",
    "DerivedVendorReportedEchoSpacing": 0.000460005,
    "DeviceSerialNumber": "35193",
    "DwellTime": 3.1e-06,
    "EchoTime": 0.03,
    "EffectiveEchoSpacing": 0.000460005,
    "FlipAngle": 90,
    "ImageOrientationPatientDICOM": [
      1,
      0,
      0,
      0,
      1,
      0
    ],
    "ImageType": [
      "ORIGINAL",
      "PRIMARY",
      "M",
      "ND",
      "MOSAIC"
    ],
    "InPlanePhaseEncodingDirectionDICOM": "COL",
    "InstitutionAddress": "Xinjiekouwai_Street_No_19_Beijing_Haidian_District_CN_100875",
    "InstitutionName": "BNU_MRI_Center",
    "InstitutionalDepartmentName": "Department",
    "MRAcquisitionType": "2D",
    "MagneticFieldStrength": 3,
    "Manufacturer": "Siemens",
    "ManufacturersModelName": "TrioTim",
    "Modality": "MR",
    "PartialFourier": 1,
    "PatientPosition": "HFS",
    "PercentPhaseFOV": 100,
    "PhaseEncodingDirection": "j-",
    "PhaseEncodingSteps": 64,
    "PhaseResolution": 1,
    "PixelBandwidth": 2520,
    "ProcedureStepDescription": "BNU_cst_2019_Xu.Shan",
    "ProtocolName": "ge_func_pace_3x3x3.5_185",
    "PulseSequenceDetails": "%SiemensSeq%_ep2d_bold",
    "ReceiveCoilName": "HeadMatrix",
    "ReconMatrixPE": 64,
    "RepetitionTime": 2,
    "SAR": 0.101654,
    "ScanOptions": "FS",
    "ScanningSequence": "EP",
    "SequenceName": "_epfid2d1_64",
    "SequenceVariant": "SK",
    "SeriesDescription": "ge_func_pace_3x3x3.5_185",
    "SeriesNumber": 4,
    "ShimSetting": [
      -4505,
      -19264,
      -9942,
      999,
      -162,
      -252,
      -121,
      -70
    ],
    "SliceThickness": 3.5,
    "SliceTiming": [
      0,
      1.035,
      0.0625,
      1.095,
      0.1225,
      1.1575,
      0.1825,
      1.2175,
      0.245,
      1.2775,
      0.305,
      1.34,
      0.365,
      1.4,
      0.4275,
      1.46,
      0.4875,
      1.5225,
      0.5475,
      1.5825,
      0.61,
      1.6425,
      0.67,
      1.705,
      0.73,
      1.765,
      0.7925,
      1.825,
      0.8525,
      1.8875,
      0.9125,
      1.9475,
      0.975
    ],
    "SoftwareVersions": "syngo_MR_B17",
    "SpacingBetweenSlices": 4.2,
    "StationName": "MRC35193",
    "TotalReadoutTime": 0.0289803,
    "TxRefAmp": 325.117,
    "dataset": "ds003696",
    "modality": "bold",
    "run_id": 6,
    "session_id": "02",
    "subject_id": "129",
    "task_id": "affordance"
  },
  "dummy_trs": 1,
  "dvars_nstd": 17.59618627278688,
  "dvars_std": 0.9704016081967214,
  "dvars_vstd": 0.9483107540437159,
  "efc": 0.5102995647016983,
  "fber": 1001.3655395507812,
  "fd_mean": 0.0828071661370476,
  "fd_num": 3,
  "fd_perc": 1.6304347826086956,
  "fwhm_avg": 2.2208819292409885,
  "fwhm_x": 2.1576512,
  "fwhm_y": 2.5072352,
  "fwhm_z": 1.9977593877229654,
  "gcor": 0.013243,
  "gsr_x": 0.0011536246165633202,
  "gsr_y": 0.025912027806043625,
  "provenance": {
    "md5sum": "6cdbe31dda4406247f2ade23af5e6f3b",
    "settings": {
      "fd_thres": 0.2,
      "testing": false
    },
    "software": "mriqc",
    "version": "23.0.1",
    "webapi_port": null,
    "webapi_url": "https://mriqc.nimh.nih.gov/api/v1"
  },
  "size_t": 184,
  "size_x": 64,
  "size_y": 64,
  "size_z": 33,
  "snr": 5.559750813101513,
  "spacing_tr": 2.0,
  "spacing_x": 3.125,
  "spacing_y": 3.125,
  "spacing_z": 4.200000286102295,
  "summary_bg_k": 33.28525860476028,
  "summary_bg_mad": 13.480400502943414,
  "summary_bg_mean": 54.13442611694336,
  "summary_bg_median": 27.630435943603516,
  "summary_bg_n": 85602.0,
  "summary_bg_p05": 17.244565963745117,
  "summary_bg_p95": 185.98315963745114,
  "summary_bg_stdv": 75.02472686767578,
  "summary_fg_k": 0.5871386141089028,
  "summary_fg_mad": 148.42138606877054,
  "summary_fg_mean": 880.7871704101562,
  "summary_fg_median": 882.2174072265625,
  "summary_fg_n": 20070.0,
  "summary_fg_p05": 609.2742004394531,
  "summary_fg_p95": 1135.4005920410157,
  "summary_fg_stdv": 158.67535400390625,
  "tsnr": 61.06958228070289
}