{
  "aor": 0.003578097826086956,
  "aqi": 0.004614870380434783,
  "bids_meta": {
    "AcquisitionMatrixPE": 64,
    "AcquisitionNumber": 1,
    "AcquisitionTime": "14:43:1.650000",
    "BandwidthPerPixelPhaseEncode": 33.967,
    "BaseResolution": 64,
    "ConversionSoftware": "dcm2niix",
    "ConversionSoftwareVersion": "v1.0.20180622 GCC4.9.2",
    "DerivedVendorReportedEchoSpacing": 0.000460005,
    "DeviceSerialNumber": "35193",
    "DwellTime": 3.1e-06,
    "EchoTime": 0.03,
    "EffectiveEchoSpacing": 0.000460005,
    "FlipAngle": 90,
    "ImageOrientationPatientDICOM": [
      1,
      0,
      0,
      0,
      1,
      0
    ],
    "ImageType": [
      "ORIGINAL",
      "PRIMARY",
      "M",
      "ND",
      "MOSAIC"
    ],
    "InPlanePhaseEncodingDirectionDICOM": "COL",
    "InstitutionAddress": "Xinjiekouwai_Street_No_19_Beijing_Haidian_District_CN_100875",
    "InstitutionName": "BNU_MRI_Center",
    "InstitutionalDepartmentName": "Department",
    "MRAcquisitionType": "2D",
    "MagneticFieldStrength": 3,
    "Manufacturer": "Siemens",
    "ManufacturersModelName": "TrioTim",
    "Modality": "MR",
    "PartialFourier": 1,
    "PatientPosition": "HFS",
    "PercentPhaseFOV": 100,
    "PhaseEncodingDirection": "j-",
    "PhaseEncodingSteps": 64,
    "PhaseResolution": 1,
    "PixelBandwidth": 2520,
    "ProcedureStepDescription": "BNU_cst_2019_Xu.Shan",
    "ProtocolName": "ge_func_pace_3x3x3.5_185",
    "PulseSequenceDetails": "%SiemensSeq%_ep2d_bold",
    "ReceiveCoilName": "HeadMatrix",
    "ReconMatrixPE": 64,
    "RepetitionTime": 2,
    "SAR": 0.101654,
    "ScanOptions": "FS",
    "ScanningSequence": "EP",
    "SequenceName": "_epfid2d1_64",
    "SequenceVariant": "SK",
    "SeriesDescription": "ge_func_pace_3x3x3.5_185",
    "SeriesNumber": 8,
    "ShimSetting": [
      -4505,
      -19264,
      -9942,
      999,
      -162,
      -252,
      -121,
      -70
    ],
    "SliceThickness": 3.5,
    "SliceTiming": [
      0,
      1.0325,
      0.06,
      1.095,
      0.12,
      1.155,
      0.1825,
      1.215,
      0.2425,
      1.2775,
      0.3025,
      1.3375,
      0.365,
      1.3975,
      0.425,
      1.46,
      0.485,
      1.52,
      0.5475,
      1.58,
      0.6075,
      1.6425,
      0.6675,
      1.7025,
      0.73,
      1.7625,
      0.79,
      1.825,
      0.85,
      1.885,
      0.9125,
      1.945,
      0.9725
    ],
    "SoftwareVersions": "syngo_MR_B17",
    "SpacingBetweenSlices": 4.2,
    "StationName": "MRC35193",
    "TotalReadoutTime": 0.0289803,
    "TxRefAmp": 325.117,
    "dataset": "ds003696",
    "modality": "bold",
    "run_id": 8,
    "session_id": "02",
    "subject_id": "129",
    "task_id": "affordance"
  },
  "dummy_trs": 1,
  "dvars_nstd": 17.590522516448093,
  "dvars_std": 1.0658446251912568,
  "dvars_vstd": 1.0206965706557376,
  "efc": 0.5103327272649113,
  "fber": 1015.139404296875,
  "fd_mean": 0.08130505264179338,
  "fd_num": 1,
  "fd_perc": 0.5434782608695652,
  "fwhm_avg": 2.2136076433028813,
  "fwhm_x": 2.13256,
  "fwhm_y": 2.5006464,
  "fwhm_z": 2.0076165299086437,
  "gcor": 0.0109499,
  "gsr_x": 0.0015555613208562136,
  "gsr_y": 0.0249857846647501,
  "provenance": {
    "md5sum": "9e1305fa345c6d947699d7db2e63651b",
    "settings": {
      "fd_thres": 0.2,
      "testing": false
    },
    "software": "mriqc",
    "version": "23.0.1",
    "webapi_port": null,
    "webapi_url": "https://mriqc.nimh.nih.gov/api/v1"
  },
  "size_t": 184,
  "size_x": 64,
  "size_y": 64,
  "size_z": 33,
  "snr": 5.5875204438444275,
  "spacing_tr": 2.0,
  "spacing_x": 3.125,
  "spacing_y": 3.125,
  "spacing_z": 4.200000286102295,
  "summary_bg_k": 30.409925261703577,
  "summary_bg_mad": 13.367595164849833,
  "summary_bg_mean": 54.830875396728516,
  "summary_bg_median": 27.559783935546875,
  "summary_bg_n": 85721.0,
  "summary_bg_p05": 17.29347801208496,
  "summary_bg_p95": 190.71739196777344,
  "summary_bg_stdv": 76.40621948242188,
  "summary_fg_k": 0.6799469662822122,
  "summary_fg_mad": 147.27712916856282,
  "summary_fg_mean": 886.3251953125,
  "summary_fg_median": 888.9239501953125,
  "summary_fg_n": 19999.0,
  "summary_fg_p05": 613.1940246582031,
  "summary_fg_p95": 1144.145703125,
  "summary_fg_stdv": 159.08697509765625,
  "tsnr": 69.44314579246566
}