{
  "bids_meta": {
    "AcquisitionMatrixPE": 192,
    "AcquisitionNumber": 1,
    "AcquisitionTime": "16:23:5.537500",
    "BaseResolution": 256,
    "ConversionSoftware": "dcm2niix",
    "ConversionSoftwareVersion": "v1.0.20180622 GCC4.9.2",
    "DeviceSerialNumber": "35193",
    "DwellTime": 1.03e-05,
    "EchoTime": 0.00339,
    "FlipAngle": 7,
    "ImageOrientationPatientDICOM": [
      0.0191974,
      0.999816,
      -7.46268e-09,
      -0.0139596,
      0.000268031,
      -0.999903
    ],
    "ImageType": [
      "ORIGINAL",
      "PRIMARY",
      "M",
      "ND",
      "NORM"
    ],
    "InPlanePhaseEncodingDirectionDICOM": "ROW",
    "InstitutionAddress": "Xinjiekouwai_Street_No_19_Beijing_Haidian_District_CN_100875",
    "InstitutionName": "Beijing_Normal_Universtiy_7C3C54",
    "InstitutionalDepartmentName": "Department",
    "InversionTime": 1.1,
    "MRAcquisitionType": "3D",
    "MagneticFieldStrength": 3,
    "Manufacturer": "Siemens",
    "ManufacturersModelName": "TrioTim",
    "Modality": "MR",
    "PartialFourier": 1,
    "PatientPosition": "HFS",
    "PercentPhaseFOV": 100,
    "PhaseEncodingSteps": 192,
    "PhaseResolution": 0.75,
    "PixelBandwidth": 190,
    "ProcedureStepDescription": "BNU_cst_2015_Liu.Jia",
    "ProtocolName": "t1_mprage_sag",
    "PulseSequenceDetails": "%SiemensSeq%_tfl",
    "ReceiveCoilName": "HeadMatrix",
    "ReconMatrixPE": 256,
    "RepetitionTime": 2.53,
    "SAR": 0.063894,
    "ScanOptions": "IR",
    "ScanningSequence": "GR_IR",
    "SequenceName": "_tfl3d1_ns",
    "SequenceVariant": "SP_MP",
    "SeriesDescription": "t1_mprage_sag",
    "SeriesNumber": 10,
    "ShimSetting": [
      -4489,
      -19276,
      -10209,
      636,
      -133,
      80,
      82,
      -26
    ],
    "SliceThickness": 1.33,
    "SoftwareVersions": "syngo_MR_B17",
    "StationName": "MRC35193",
    "TxRefAmp": 321.386,
    "dataset": "ds003696",
    "modality": "T1w",
    "session_id": "02",
    "subject_id": "122"
  },
  "cjv": 0.33004728043704135,
  "cnr": 4.036172530170324,
  "efc": 0.5716566619837377,
  "fber": 12979.635923734384,
  "fwhm_avg": 4.118249400224019,
  "fwhm_x": 3.6052982006720558,
  "fwhm_y": 4.7023,
  "fwhm_z": 4.04715,
  "icvs_csf": 0.26192668142940834,
  "icvs_gm": 0.40798672151923404,
  "icvs_wm": 0.3300865970513576,
  "inu_med": 0.6172779202461243,
  "inu_range": 0.21167537868022912,
  "provenance": {
    "md5sum": "41b25d77f21d1d899d6790d89760d0cd",
    "settings": {
      "testing": false
    },
    "software": "mriqc",
    "version": "23.0.1",
    "warnings": {
      "large_rot_frame": true,
      "small_air_mask": false
    },
    "webapi_port": null,
    "webapi_url": "https://mriqc.nimh.nih.gov/api/v1"
  },
  "qi_1": 0.0,
  "qi_2": 0.005649260005187873,
  "rpve_csf": 22.36724916277933,
  "rpve_gm": 13.604735898392496,
  "rpve_wm": 20.19564201128252,
  "size_x": 128,
  "size_y": 256,
  "size_z": 256,
  "snr_csf": 1.3070175015445362,
  "snr_gm": 7.886256671316784,
  "snr_total": 11.805040402719909,
  "snr_wm": 26.221847035298406,
  "snrd_csf": 16.003784721099816,
  "snrd_gm": 70.99685958367058,
  "snrd_total": 66.08417189800976,
  "snrd_wm": 111.2518713892589,
  "spacing_x": 1.3299953937530518,
  "spacing_y": 1.0,
  "spacing_z": 1.0,
  "summary_bg_k": 7.870022969576928,
  "summary_bg_mad": 0.0,
  "summary_bg_mean": 3.9341804385158987,
  "summary_bg_median": 0.0,
  "summary_bg_n": 1613396.0,
  "summary_bg_p05": 0.0,
  "summary_bg_p95": 16.087194239720702,
  "summary_bg_stdv": 5.888767562766599,
  "summary_csf_k": -0.2564224304986302,
  "summary_csf_mad": 112.70988666685496,
  "summary_csf_mean": 167.0274870645068,
  "summary_csf_median": 143.851827416569,
  "summary_csf_n": 29595.0,
  "summary_csf_p05": 25.05233501829207,
  "summary_csf_p95": 374.64731705375016,
  "summary_csf_stdv": 110.05927379396262,
  "summary_gm_k": -0.1712702339009362,
  "summary_gm_mad": 83.59625835392595,
  "summary_gm_mean": 636.9254912171187,
  "summary_gm_median": 638.1632951162755,
  "summary_gm_n": 17283.0,
  "summary_gm_p05": 502.68955103643236,
  "summary_gm_p95": 767.1088694261387,
  "summary_gm_stdv": 80.91859792014272,
  "summary_wm_k": 0.49318688693125967,
  "summary_wm_mad": 35.826967865968264,
  "summary_wm_mean": 998.1957039480295,
  "summary_wm_median": 1000.000017605722,
  "summary_wm_n": 114665.0,
  "summary_wm_p05": 932.3791918043047,
  "summary_wm_p95": 1057.7955952137709,
  "summary_wm_stdv": 38.13597324862368,
  "tpm_overlap_csf": 0.1441845383225362,
  "tpm_overlap_gm": 0.4748333695888281,
  "tpm_overlap_wm": 0.49822628681801207,
  "wm2max": 0.8006704439869555
}