{
  "aor": 0.001106734693877551,
  "aqi": 0.003958760102040816,
  "bids_meta": {
    "AcquisitionMatrixPE": 64,
    "AcquisitionNumber": 1,
    "AcquisitionTime": "15:53:52.975000",
    "BandwidthPerPixelPhaseEncode": 33.967,
    "BaseResolution": 64,
    "ConversionSoftware": "dcm2niix",
    "ConversionSoftwareVersion": "v1.0.20180622 GCC4.9.2",
    "DerivedVendorReportedEchoSpacing": 0.000460005,
    "DeviceSerialNumber": "35193",
    "DwellTime": 3.1e-06,
    "EchoTime": 0.03,
    "EffectiveEchoSpacing": 0.000460005,
    "FlipAngle": 90,
    "ImageOrientationPatientDICOM": [
      1,
      0,
      0,
      0,
      1,
      0
    ],
    "ImageType": [
      "ORIGINAL",
      "PRIMARY",
      "M",
      "ND",
      "MOSAIC"
    ],
    "InPlanePhaseEncodingDirectionDICOM": "COL",
    "InstitutionAddress": "Xinjiekouwai_Street_No_19_Beijing_Haidian_District_CN_100875",
    "InstitutionName": "BNU_MRI_Center",
    "InstitutionalDepartmentName": "Department",
    "MRAcquisitionType": "2D",
    "MagneticFieldStrength": 3,
    "Manufacturer": "Siemens",
    "ManufacturersModelName": "TrioTim",
    "Modality": "MR",
    "PartialFourier": 1,
    "PatientPosition": "HFS",
    "PercentPhaseFOV": 100,
    "PhaseEncodingDirection": "j-",
    "PhaseEncodingSteps": 64,
    "PhaseResolution": 1,
    "PixelBandwidth": 2520,
    "ProcedureStepDescription": "BNU_cst_2019_Xu.Shan",
    "ProtocolName": "ge_func_pace_3x3x3.5_99",
    "PulseSequenceDetails": "%SiemensSeq%_ep2d_bold",
    "ReceiveCoilName": "HeadMatrix",
    "ReconMatrixPE": 64,
    "RepetitionTime": 2,
    "SAR": 0.12423,
    "ScanOptions": "FS",
    "ScanningSequence": "EP",
    "SequenceName": "_epfid2d1_64",
    "SequenceVariant": "SK",
    "SeriesDescription": "ge_func_pace_3x3x3.5_99",
    "SeriesNumber": 16,
    "ShimSetting": [
      -4460,
      -19373,
      -9763,
      1088,
      -34,
      -255,
      28,
      -205
    ],
    "SliceThickness": 3.5,
    "SliceTiming": [
      0,
      1.0325,
      0.06,
      1.095,
      0.12,
      1.155,
      0.1825,
      1.215,
      0.2425,
      1.2775,
      0.3025,
      1.3375,
      0.365,
      1.3975,
      0.425,
      1.46,
      0.485,
      1.52,
      0.5475,
      1.58,
      0.6075,
      1.6425,
      0.6675,
      1.7025,
      0.73,
      1.7625,
      0.79,
      1.825,
      0.85,
      1.885,
      0.9125,
      1.945,
      0.9725
    ],
    "SoftwareVersions": "syngo_MR_B17",
    "SpacingBetweenSlices": 4.2,
    "StationName": "MRC35193",
    "TotalReadoutTime": 0.0289803,
    "TxRefAmp": 319.87,
    "dataset": "ds003696",
    "modality": "bold",
    "run_id": 2,
    "session_id": "01",
    "subject_id": "130",
    "task_id": "localizer"
  },
  "dummy_trs": 1,
  "dvars_nstd": 27.001271257835057,
  "dvars_std": 1.2932401056701033,
  "dvars_vstd": 1.0227704925773193,
  "efc": 0.5787070752665224,
  "fber": 664.5234375,
  "fd_mean": 0.09293250064789972,
  "fd_num": 2,
  "fd_perc": 2.0408163265306123,
  "fwhm_avg": 2.1930161766923044,
  "fwhm_x": 2.1389152,
  "fwhm_y": 2.414688,
  "fwhm_z": 2.0254453300769137,
  "gcor": 0.0225822,
  "gsr_x": 0.00016034134023357183,
  "gsr_y": 0.036871861666440964,
  "provenance": {
    "md5sum": "22329b83c7215fb58337d62dfb36ee4a",
    "settings": {
      "fd_thres": 0.2,
      "testing": false
    },
    "software": "mriqc",
    "version": "23.0.1",
    "webapi_port": null,
    "webapi_url": "https://mriqc.nimh.nih.gov/api/v1"
  },
  "size_t": 98,
  "size_x": 64,
  "size_y": 64,
  "size_z": 33,
  "snr": 4.790399440703611,
  "spacing_tr": 2.0,
  "spacing_x": 3.125,
  "spacing_y": 3.125,
  "spacing_z": 4.199999809265137,
  "summary_bg_k": 25.4486238052277,
  "summary_bg_mad": 19.848714434008297,
  "summary_bg_mean": 68.14402770996094,
  "summary_bg_median": 34.98979568481445,
  "summary_bg_n": 73247.0,
  "summary_bg_p05": 20.20408058166504,
  "summary_bg_p95": 245.35407409667965,
  "summary_bg_stdv": 87.52352905273438,
  "summary_fg_k": 1.1694093216983612,
  "summary_fg_mad": 171.94398692255044,
  "summary_fg_mean": 933.5874633789062,
  "summary_fg_median": 927.4796142578125,
  "summary_fg_n": 29516.0,
  "summary_fg_p05": 628.0816345214844,
  "summary_fg_p95": 1260.8647766113281,
  "summary_fg_stdv": 193.60888671875,
  "tsnr": 74.02330655127298
}