{
  "aor": 0.0018124864864864864,
  "aqi": 0.014050009837837838,
  "bids_meta": {
    "AcquisitionMatrixPE": 64,
    "AcquisitionNumber": 1,
    "AcquisitionTime": "15:35:29.897500",
    "BandwidthPerPixelPhaseEncode": 33.967,
    "BaseResolution": 64,
    "ConversionSoftware": "dcm2niix",
    "ConversionSoftwareVersion": "v1.0.20180622 GCC4.9.2",
    "DerivedVendorReportedEchoSpacing": 0.000460005,
    "DeviceSerialNumber": "35193",
    "DwellTime": 3.1e-06,
    "EchoTime": 0.03,
    "EffectiveEchoSpacing": 0.000460005,
    "FlipAngle": 90,
    "ImageOrientationPatientDICOM": [
      1,
      0,
      0,
      0,
      1,
      0
    ],
    "ImageType": [
      "ORIGINAL",
      "PRIMARY",
      "M",
      "ND",
      "MOSAIC"
    ],
    "InPlanePhaseEncodingDirectionDICOM": "COL",
    "InstitutionAddress": "Xinjiekouwai_Street_No_19_Beijing_Haidian_District_CN_100875",
    "InstitutionName": "BNU_MRI_Center",
    "InstitutionalDepartmentName": "Department",
    "MRAcquisitionType": "2D",
    "MagneticFieldStrength": 3,
    "Manufacturer": "Siemens",
    "ManufacturersModelName": "TrioTim",
    "Modality": "MR",
    "PartialFourier": 1,
    "PatientPosition": "HFS",
    "PercentPhaseFOV": 100,
    "PhaseEncodingDirection": "j-",
    "PhaseEncodingSteps": 64,
    "PhaseResolution": 1,
    "PixelBandwidth": 2520,
    "ProcedureStepDescription": "BNU_cst_2019_Xu.Shan",
    "ProtocolName": "ge_func_pace_3x3x3.5_185",
    "PulseSequenceDetails": "%SiemensSeq%_ep2d_bold",
    "ReceiveCoilName": "HeadMatrix",
    "ReconMatrixPE": 64,
    "RepetitionTime": 2,
    "SAR": 0.124653,
    "ScanOptions": "FS",
    "ScanningSequence": "EP",
    "SequenceName": "_epfid2d1_64",
    "SequenceVariant": "SK",
    "SeriesDescription": "ge_func_pace_3x3x3.5_185",
    "SeriesNumber": 8,
    "ShimSetting": [
      -4460,
      -19373,
      -9763,
      1088,
      -34,
      -255,
      28,
      -205
    ],
    "SliceThickness": 3.5,
    "SliceTiming": [
      0,
      1.0325,
      0.06,
      1.095,
      0.12,
      1.155,
      0.1825,
      1.215,
      0.2425,
      1.2775,
      0.3025,
      1.3375,
      0.365,
      1.3975,
      0.425,
      1.46,
      0.485,
      1.52,
      0.5475,
      1.58,
      0.6075,
      1.6425,
      0.6675,
      1.7025,
      0.73,
      1.7625,
      0.79,
      1.825,
      0.85,
      1.885,
      0.9125,
      1.945,
      0.9725
    ],
    "SoftwareVersions": "syngo_MR_B17",
    "SpacingBetweenSlices": 4.2,
    "StationName": "MRC35193",
    "TotalReadoutTime": 0.0289803,
    "TxRefAmp": 319.87,
    "dataset": "ds003696",
    "modality": "bold",
    "run_id": 1,
    "session_id": "01",
    "subject_id": "130",
    "task_id": "affordance"
  },
  "dummy_trs": 0,
  "dvars_nstd": 28.488553471793487,
  "dvars_std": 1.0542279502173917,
  "dvars_vstd": 0.9222753756521738,
  "efc": 0.5780058837816375,
  "fber": 666.7608642578125,
  "fd_mean": 0.21011569495545412,
  "fd_num": 68,
  "fd_perc": 36.75675675675676,
  "fwhm_avg": 2.1636103215765417,
  "fwhm_x": 2.1326464,
  "fwhm_y": 2.408544,
  "fwhm_z": 1.9496405647296253,
  "gcor": 0.0212827,
  "gsr_x": 0.0021010020282119513,
  "gsr_y": 0.03905622661113739,
  "provenance": {
    "md5sum": "61fe5cfee4baf8bb71fd450613a4ffd7",
    "settings": {
      "fd_thres": 0.2,
      "testing": false
    },
    "software": "mriqc",
    "version": "23.0.1",
    "webapi_port": null,
    "webapi_url": "https://mriqc.nimh.nih.gov/api/v1"
  },
  "size_t": 185,
  "size_x": 64,
  "size_y": 64,
  "size_z": 33,
  "snr": 4.854528963520858,
  "spacing_tr": 2.0,
  "spacing_x": 3.125,
  "spacing_y": 3.125,
  "spacing_z": 4.199999809265137,
  "summary_bg_k": 28.269177251349067,
  "summary_bg_mad": 20.115306157540775,
  "summary_bg_mean": 67.23871612548828,
  "summary_bg_median": 35.09189224243164,
  "summary_bg_n": 73224.0,
  "summary_bg_p05": 19.578378677368164,
  "summary_bg_p95": 237.8856796264648,
  "summary_bg_stdv": 86.9681625366211,
  "summary_fg_k": 1.1596634449838108,
  "summary_fg_mad": 168.84028622727368,
  "summary_fg_mean": 932.149169921875,
  "summary_fg_median": 925.0270385742188,
  "summary_fg_n": 29571.0,
  "summary_fg_p05": 636.3081359863281,
  "summary_fg_p95": 1260.537841796875,
  "summary_fg_stdv": 190.5460662841797,
  "tsnr": 45.222568249795586
}