{
  "aor": 0.004906224489795919,
  "aqi": 0.0043457022448979594,
  "bids_meta": {
    "AcquisitionMatrixPE": 64,
    "AcquisitionNumber": 1,
    "AcquisitionTime": "15:57:47.495000",
    "BandwidthPerPixelPhaseEncode": 33.967,
    "BaseResolution": 64,
    "ConversionSoftware": "dcm2niix",
    "ConversionSoftwareVersion": "v1.0.20180622 GCC4.9.2",
    "DerivedVendorReportedEchoSpacing": 0.000460005,
    "DeviceSerialNumber": "35193",
    "DwellTime": 3.1e-06,
    "EchoTime": 0.03,
    "EffectiveEchoSpacing": 0.000460005,
    "FlipAngle": 90,
    "ImageOrientationPatientDICOM": [
      1,
      0,
      0,
      0,
      1,
      0
    ],
    "ImageType": [
      "ORIGINAL",
      "PRIMARY",
      "M",
      "ND",
      "MOSAIC"
    ],
    "InPlanePhaseEncodingDirectionDICOM": "COL",
    "InstitutionAddress": "Xinjiekouwai_Street_No_19_Beijing_Haidian_District_CN_100875",
    "InstitutionName": "BNU_MRI_Center",
    "InstitutionalDepartmentName": "Department",
    "MRAcquisitionType": "2D",
    "MagneticFieldStrength": 3,
    "Manufacturer": "Siemens",
    "ManufacturersModelName": "TrioTim",
    "Modality": "MR",
    "PartialFourier": 1,
    "PatientPosition": "HFS",
    "PercentPhaseFOV": 100,
    "PhaseEncodingDirection": "j-",
    "PhaseEncodingSteps": 64,
    "PhaseResolution": 1,
    "PixelBandwidth": 2520,
    "ProcedureStepDescription": "BNU_cst_2019_Xu.Shan",
    "ProtocolName": "ge_func_pace_3x3x3.5_99",
    "PulseSequenceDetails": "%SiemensSeq%_ep2d_bold",
    "ReceiveCoilName": "HeadMatrix",
    "ReconMatrixPE": 64,
    "RepetitionTime": 2,
    "SAR": 0.12423,
    "ScanOptions": "FS",
    "ScanningSequence": "EP",
    "SequenceName": "_epfid2d1_64",
    "SequenceVariant": "SK",
    "SeriesDescription": "ge_func_pace_3x3x3.5_99",
    "SeriesNumber": 18,
    "ShimSetting": [
      -4460,
      -19373,
      -9763,
      1088,
      -34,
      -255,
      28,
      -205
    ],
    "SliceThickness": 3.5,
    "SliceTiming": [
      0,
      1.035,
      0.06,
      1.095,
      0.1225,
      1.155,
      0.1825,
      1.2175,
      0.2425,
      1.2775,
      0.305,
      1.3375,
      0.365,
      1.4,
      0.425,
      1.46,
      0.4875,
      1.52,
      0.5475,
      1.5825,
      0.6075,
      1.6425,
      0.67,
      1.7025,
      0.73,
      1.765,
      0.79,
      1.825,
      0.8525,
      1.885,
      0.9125,
      1.9475,
      0.9725
    ],
    "SoftwareVersions": "syngo_MR_B17",
    "SpacingBetweenSlices": 4.2,
    "StationName": "MRC35193",
    "TotalReadoutTime": 0.0289803,
    "TxRefAmp": 319.87,
    "dataset": "ds003696",
    "modality": "bold",
    "run_id": 3,
    "session_id": "01",
    "subject_id": "130",
    "task_id": "localizer"
  },
  "dummy_trs": 1,
  "dvars_nstd": 28.179902342268033,
  "dvars_std": 1.3201713365979384,
  "dvars_vstd": 1.0594652312371131,
  "efc": 0.5784480138193212,
  "fber": 667.132568359375,
  "fd_mean": 0.11835559226122948,
  "fd_num": 8,
  "fd_perc": 8.16326530612245,
  "fwhm_avg": 2.1777188112619257,
  "fwhm_x": 2.1293504,
  "fwhm_y": 2.4015488,
  "fwhm_z": 2.0022572337857762,
  "gcor": 0.0165344,
  "gsr_x": 0.00012650513963308185,
  "gsr_y": 0.03688054159283638,
  "provenance": {
    "md5sum": "1875a007f848a75df79a88271ef8d146",
    "settings": {
      "fd_thres": 0.2,
      "testing": false
    },
    "software": "mriqc",
    "version": "23.0.1",
    "webapi_port": null,
    "webapi_url": "https://mriqc.nimh.nih.gov/api/v1"
  },
  "size_t": 98,
  "size_x": 64,
  "size_y": 64,
  "size_z": 33,
  "snr": 4.798497954775171,
  "spacing_tr": 2.0,
  "spacing_x": 3.125,
  "spacing_y": 3.125,
  "spacing_z": 4.199999809265137,
  "summary_bg_k": 25.285145058072118,
  "summary_bg_mad": 19.591530931875063,
  "summary_bg_mean": 67.97306060791016,
  "summary_bg_median": 34.85714340209961,
  "summary_bg_n": 73294.0,
  "summary_bg_p05": 20.244897842407227,
  "summary_bg_p95": 244.28570556640625,
  "summary_bg_stdv": 87.24956512451172,
  "summary_fg_k": 1.1732470477443107,
  "summary_fg_mad": 171.02876238410036,
  "summary_fg_mean": 933.4542846679688,
  "summary_fg_median": 927.2193603515625,
  "summary_fg_n": 29482.0,
  "summary_fg_p05": 627.818325805664,
  "summary_fg_p95": 1261.2830932617187,
  "summary_fg_stdv": 193.22789001464844,
  "tsnr": 70.17118370882235
}