{
  "aor": 0.000942972972972973,
  "aqi": 0.008128329675675675,
  "bids_meta": {
    "AcquisitionMatrixPE": 64,
    "AcquisitionNumber": 1,
    "AcquisitionTime": "15:28:32.057500",
    "BandwidthPerPixelPhaseEncode": 33.967,
    "BaseResolution": 64,
    "ConversionSoftware": "dcm2niix",
    "ConversionSoftwareVersion": "v1.0.20180622 GCC4.9.2",
    "DerivedVendorReportedEchoSpacing": 0.000460005,
    "DeviceSerialNumber": "35193",
    "DwellTime": 3.1e-06,
    "EchoTime": 0.03,
    "EffectiveEchoSpacing": 0.000460005,
    "FlipAngle": 90,
    "ImageOrientationPatientDICOM": [
      1,
      0,
      0,
      0,
      1,
      0
    ],
    "ImageType": [
      "ORIGINAL",
      "PRIMARY",
      "M",
      "ND",
      "MOSAIC"
    ],
    "InPlanePhaseEncodingDirectionDICOM": "COL",
    "InstitutionAddress": "Xinjiekouwai_Street_No_19_Beijing_Haidian_District_CN_100875",
    "InstitutionName": "BNU_MRI_Center",
    "InstitutionalDepartmentName": "Department",
    "MRAcquisitionType": "2D",
    "MagneticFieldStrength": 3,
    "Manufacturer": "Siemens",
    "ManufacturersModelName": "TrioTim",
    "Modality": "MR",
    "PartialFourier": 1,
    "PatientPosition": "HFS",
    "PercentPhaseFOV": 100,
    "PhaseEncodingDirection": "j-",
    "PhaseEncodingSteps": 64,
    "PhaseResolution": 1,
    "PixelBandwidth": 2520,
    "ProcedureStepDescription": "BNU_cst_2019_Xu.Shan",
    "ProtocolName": "ge_func_pace_3x3x3.5_185",
    "PulseSequenceDetails": "%SiemensSeq%_ep2d_bold",
    "ReceiveCoilName": "HeadMatrix",
    "ReconMatrixPE": 64,
    "RepetitionTime": 2,
    "SAR": 0.124653,
    "ScanOptions": "FS",
    "ScanningSequence": "EP",
    "SequenceName": "_epfid2d1_64",
    "SequenceVariant": "SK",
    "SeriesDescription": "ge_func_pace_3x3x3.5_185",
    "SeriesNumber": 6,
    "ShimSetting": [
      -4460,
      -19373,
      -9763,
      1088,
      -34,
      -255,
      28,
      -205
    ],
    "SliceThickness": 3.5,
    "SliceTiming": [
      0,
      1.035,
      0.0625,
      1.095,
      0.1225,
      1.1575,
      0.1825,
      1.2175,
      0.245,
      1.2775,
      0.305,
      1.34,
      0.365,
      1.4,
      0.4275,
      1.46,
      0.4875,
      1.5225,
      0.5475,
      1.5825,
      0.61,
      1.6425,
      0.67,
      1.705,
      0.73,
      1.765,
      0.7925,
      1.825,
      0.8525,
      1.8875,
      0.9125,
      1.9475,
      0.975
    ],
    "SoftwareVersions": "syngo_MR_B17",
    "SpacingBetweenSlices": 4.2,
    "StationName": "MRC35193",
    "TotalReadoutTime": 0.0289803,
    "TxRefAmp": 319.87,
    "dataset": "ds003696",
    "modality": "bold",
    "run_id": 2,
    "session_id": "01",
    "subject_id": "130",
    "task_id": "affordance"
  },
  "dummy_trs": 0,
  "dvars_nstd": 27.553149047228267,
  "dvars_std": 1.126846215326087,
  "dvars_vstd": 0.9641189031521735,
  "efc": 0.5772240341980905,
  "fber": 665.2117919921875,
  "fd_mean": 0.176874114311384,
  "fd_num": 65,
  "fd_perc": 35.13513513513514,
  "fwhm_avg": 2.1696944486432055,
  "fwhm_x": 2.1415648,
  "fwhm_y": 2.4124256,
  "fwhm_z": 1.9550929459296156,
  "gcor": 0.024962,
  "gsr_x": 0.0017800056375563145,
  "gsr_y": 0.03838158771395683,
  "provenance": {
    "md5sum": "13a4eb05b4a806126db2e08ae35cbccf",
    "settings": {
      "fd_thres": 0.2,
      "testing": false
    },
    "software": "mriqc",
    "version": "23.0.1",
    "webapi_port": null,
    "webapi_url": "https://mriqc.nimh.nih.gov/api/v1"
  },
  "size_t": 185,
  "size_x": 64,
  "size_y": 64,
  "size_z": 33,
  "snr": 4.804741860228729,
  "spacing_tr": 2.0,
  "spacing_x": 3.125,
  "spacing_y": 3.125,
  "spacing_z": 4.199999809265137,
  "summary_bg_k": 26.59606987392714,
  "summary_bg_mad": 19.906942473332577,
  "summary_bg_mean": 66.40115356445312,
  "summary_bg_median": 34.69729995727539,
  "summary_bg_n": 73309.0,
  "summary_bg_p05": 18.7643253326416,
  "summary_bg_p95": 236.1286529541012,
  "summary_bg_stdv": 85.81825256347656,
  "summary_fg_k": 1.1312985702582816,
  "summary_fg_mad": 168.42366631675122,
  "summary_fg_mean": 921.7417602539062,
  "summary_fg_median": 916.0243530273438,
  "summary_fg_n": 29506.0,
  "summary_fg_p05": 621.0919189453125,
  "summary_fg_p95": 1246.7567749023438,
  "summary_fg_stdv": 190.64683532714844,
  "tsnr": 52.87498424586374
}