{
  "aor": 0.0009323369565217393,
  "aqi": 0.0055189637500000005,
  "bids_meta": {
    "AcquisitionMatrixPE": 64,
    "AcquisitionNumber": 1,
    "AcquisitionTime": "15:11:45.882500",
    "BandwidthPerPixelPhaseEncode": 33.967,
    "BaseResolution": 64,
    "ConversionSoftware": "dcm2niix",
    "ConversionSoftwareVersion": "v1.0.20180622 GCC4.9.2",
    "DerivedVendorReportedEchoSpacing": 0.000460005,
    "DeviceSerialNumber": "35193",
    "DwellTime": 3.1e-06,
    "EchoTime": 0.03,
    "EffectiveEchoSpacing": 0.000460005,
    "FlipAngle": 90,
    "ImageOrientationPatientDICOM": [
      1,
      0,
      0,
      0,
      1,
      0
    ],
    "ImageType": [
      "ORIGINAL",
      "PRIMARY",
      "M",
      "ND",
      "MOSAIC"
    ],
    "InPlanePhaseEncodingDirectionDICOM": "COL",
    "InstitutionAddress": "Xinjiekouwai_Street_No_19_Beijing_Haidian_District_CN_100875",
    "InstitutionName": "BNU_MRI_Center",
    "InstitutionalDepartmentName": "Department",
    "MRAcquisitionType": "2D",
    "MagneticFieldStrength": 3,
    "Manufacturer": "Siemens",
    "ManufacturersModelName": "TrioTim",
    "Modality": "MR",
    "PartialFourier": 1,
    "PatientPosition": "HFS",
    "PercentPhaseFOV": 100,
    "PhaseEncodingDirection": "j-",
    "PhaseEncodingSteps": 64,
    "PhaseResolution": 1,
    "PixelBandwidth": 2520,
    "ProcedureStepDescription": "BNU_cst_2019_Xu.Shan",
    "ProtocolName": "ge_func_pace_3x3x3.5_185",
    "PulseSequenceDetails": "%SiemensSeq%_ep2d_bold",
    "ReceiveCoilName": "HeadMatrix",
    "ReconMatrixPE": 64,
    "RepetitionTime": 2,
    "SAR": 0.124653,
    "ScanOptions": "FS",
    "ScanningSequence": "EP",
    "SequenceName": "_epfid2d1_64",
    "SequenceVariant": "SK",
    "SeriesDescription": "ge_func_pace_3x3x3.5_185",
    "SeriesNumber": 2,
    "ShimSetting": [
      -4460,
      -19373,
      -9763,
      1088,
      -34,
      -255,
      28,
      -205
    ],
    "SliceThickness": 3.5,
    "SliceTiming": [
      0,
      1.0325,
      0.06,
      1.095,
      0.12,
      1.155,
      0.1825,
      1.215,
      0.2425,
      1.2775,
      0.3025,
      1.3375,
      0.365,
      1.3975,
      0.425,
      1.46,
      0.485,
      1.52,
      0.5475,
      1.58,
      0.6075,
      1.6425,
      0.6675,
      1.7025,
      0.73,
      1.7625,
      0.79,
      1.825,
      0.85,
      1.885,
      0.9125,
      1.945,
      0.9725
    ],
    "SoftwareVersions": "syngo_MR_B17",
    "SpacingBetweenSlices": 4.2,
    "StationName": "MRC35193",
    "TotalReadoutTime": 0.0289803,
    "TxRefAmp": 319.87,
    "dataset": "ds003696",
    "modality": "bold",
    "run_id": 4,
    "session_id": "01",
    "subject_id": "130",
    "task_id": "affordance"
  },
  "dummy_trs": 1,
  "dvars_nstd": 26.695720391366123,
  "dvars_std": 1.1730999267759565,
  "dvars_vstd": 0.977765714699454,
  "efc": 0.5743865553572121,
  "fber": 708.5303955078125,
  "fd_mean": 0.11864692787239763,
  "fd_num": 22,
  "fd_perc": 11.956521739130435,
  "fwhm_avg": 2.1704808299287235,
  "fwhm_x": 2.1251455999999997,
  "fwhm_y": 2.4091968,
  "fwhm_z": 1.9771000897861704,
  "gcor": 0.0193695,
  "gsr_x": 0.0008856908534653485,
  "gsr_y": 0.038911014795303345,
  "provenance": {
    "md5sum": "d95b2bb6519a431045e7f40c254c458a",
    "settings": {
      "fd_thres": 0.2,
      "testing": false
    },
    "software": "mriqc",
    "version": "23.0.1",
    "webapi_port": null,
    "webapi_url": "https://mriqc.nimh.nih.gov/api/v1"
  },
  "size_t": 184,
  "size_x": 64,
  "size_y": 64,
  "size_z": 33,
  "snr": 4.772714307753039,
  "spacing_tr": 2.0,
  "spacing_x": 3.125,
  "spacing_y": 3.125,
  "spacing_z": 4.199999809265137,
  "summary_bg_k": 29.44706686946961,
  "summary_bg_mad": 18.403609364812585,
  "summary_bg_mean": 63.801185607910156,
  "summary_bg_median": 33.44021987915039,
  "summary_bg_n": 73363.0,
  "summary_bg_p05": 19.67934799194336,
  "summary_bg_p95": 224.79674530029286,
  "summary_bg_stdv": 81.9797134399414,
  "summary_fg_k": 1.152646808714345,
  "summary_fg_mad": 168.96027710506533,
  "summary_fg_mean": 917.3685913085938,
  "summary_fg_median": 910.728271484375,
  "summary_fg_n": 29385.0,
  "summary_fg_p05": 616.34892578125,
  "summary_fg_p95": 1242.055419921875,
  "summary_fg_stdv": 190.8165283203125,
  "tsnr": 62.95824323873967
}