{
  "aor": 0.0011351020408163267,
  "aqi": 0.004085579387755103,
  "bids_meta": {
    "AcquisitionMatrixPE": 64,
    "AcquisitionNumber": 1,
    "AcquisitionTime": "16:20:2.305000",
    "BandwidthPerPixelPhaseEncode": 33.967,
    "BaseResolution": 64,
    "ConversionSoftware": "dcm2niix",
    "ConversionSoftwareVersion": "v1.0.20180622 GCC4.9.2",
    "DerivedVendorReportedEchoSpacing": 0.000460005,
    "DeviceSerialNumber": "35193",
    "DwellTime": 3.1e-06,
    "EchoTime": 0.03,
    "EffectiveEchoSpacing": 0.000460005,
    "FlipAngle": 90,
    "ImageOrientationPatientDICOM": [
      1,
      0,
      0,
      0,
      1,
      0
    ],
    "ImageType": [
      "ORIGINAL",
      "PRIMARY",
      "M",
      "ND",
      "MOSAIC"
    ],
    "InPlanePhaseEncodingDirectionDICOM": "COL",
    "InstitutionAddress": "Xinjiekouwai_Street_No_19_Beijing_Haidian_District_CN_100875",
    "InstitutionName": "BNU_MRI_Center",
    "InstitutionalDepartmentName": "Department",
    "MRAcquisitionType": "2D",
    "MagneticFieldStrength": 3,
    "Manufacturer": "Siemens",
    "ManufacturersModelName": "TrioTim",
    "Modality": "MR",
    "PartialFourier": 1,
    "PatientPosition": "HFS",
    "PercentPhaseFOV": 100,
    "PhaseEncodingDirection": "j-",
    "PhaseEncodingSteps": 64,
    "PhaseResolution": 1,
    "PixelBandwidth": 2520,
    "ProcedureStepDescription": "BNU_cst_2015_Liu.Jia",
    "ProtocolName": "ge_func_pace_3x3x3.5_99",
    "PulseSequenceDetails": "%SiemensSeq%_ep2d_bold",
    "ReceiveCoilName": "HeadMatrix",
    "ReconMatrixPE": 64,
    "RepetitionTime": 2,
    "SAR": 0.132523,
    "ScanOptions": "FS",
    "ScanningSequence": "EP",
    "SequenceName": "_epfid2d1_64",
    "SequenceVariant": "SK",
    "SeriesDescription": "ge_func_pace_3x3x3.5_99",
    "SeriesNumber": 14,
    "ShimSetting": [
      -4511,
      -19420,
      -9801,
      1188,
      -48,
      -219,
      88,
      60
    ],
    "SliceThickness": 3.5,
    "SliceTiming": [
      0,
      1.0325,
      0.06,
      1.095,
      0.12,
      1.155,
      0.1825,
      1.215,
      0.2425,
      1.2775,
      0.3025,
      1.3375,
      0.365,
      1.3975,
      0.425,
      1.46,
      0.485,
      1.52,
      0.5475,
      1.58,
      0.6075,
      1.6425,
      0.6675,
      1.7025,
      0.73,
      1.7625,
      0.79,
      1.825,
      0.85,
      1.885,
      0.9125,
      1.945,
      0.9725
    ],
    "SoftwareVersions": "syngo_MR_B17",
    "SpacingBetweenSlices": 4.2,
    "StationName": "MRC35193",
    "TotalReadoutTime": 0.0289803,
    "TxRefAmp": 318.087,
    "dataset": "ds003696",
    "modality": "bold",
    "run_id": 3,
    "session_id": "01",
    "subject_id": "108",
    "task_id": "localizer"
  },
  "dummy_trs": 1,
  "dvars_nstd": 24.462126682886606,
  "dvars_std": 1.3013831023711337,
  "dvars_vstd": 1.0261262150515462,
  "efc": 0.514027542676447,
  "fber": 1217.78271484375,
  "fd_mean": 0.07288948369587726,
  "fd_num": 1,
  "fd_perc": 1.0204081632653061,
  "fwhm_avg": 2.034411520175549,
  "fwhm_x": 1.9931999999999999,
  "fwhm_y": 2.252944,
  "fwhm_z": 1.8570905605266463,
  "gcor": 0.0241985,
  "gsr_x": 0.0001780886814231053,
  "gsr_y": 0.02650916948914528,
  "provenance": {
    "md5sum": "6d3218ab2f8c364b59ebb0eabbf9d965",
    "settings": {
      "fd_thres": 0.2,
      "testing": false
    },
    "software": "mriqc",
    "version": "23.0.1",
    "webapi_port": null,
    "webapi_url": "https://mriqc.nimh.nih.gov/api/v1"
  },
  "size_t": 98,
  "size_x": 64,
  "size_y": 64,
  "size_z": 33,
  "snr": 5.832862862565152,
  "spacing_tr": 2.0,
  "spacing_x": 3.125,
  "spacing_y": 3.125,
  "spacing_z": 4.199999809265137,
  "summary_bg_k": 42.0966289652135,
  "summary_bg_mad": 10.832072428154621,
  "summary_bg_mean": 51.82555389404297,
  "summary_bg_median": 27.489795684814453,
  "summary_bg_n": 82507.0,
  "summary_bg_p05": 19.489795684814453,
  "summary_bg_p95": 164.54488983154292,
  "summary_bg_stdv": 72.26486206054688,
  "summary_fg_k": 1.4922675669902894,
  "summary_fg_mad": 139.77308427282335,
  "summary_fg_mean": 981.726318359375,
  "summary_fg_median": 975.2857055664062,
  "summary_fg_n": 22557.0,
  "summary_fg_p05": 712.0510131835938,
  "summary_fg_p95": 1264.8571533203126,
  "summary_fg_stdv": 167.2016143798828,
  "tsnr": 84.98196732078213
}