{
  "aor": 0.00043535519125683064,
  "aqi": 0.003992019672131147,
  "bids_meta": {
    "AcquisitionMatrixPE": 64,
    "AcquisitionNumber": 1,
    "AcquisitionTime": "15:56:31.562500",
    "BandwidthPerPixelPhaseEncode": 33.967,
    "BaseResolution": 64,
    "ConversionSoftware": "dcm2niix",
    "ConversionSoftwareVersion": "v1.0.20180622 GCC4.9.2",
    "DerivedVendorReportedEchoSpacing": 0.000460005,
    "DeviceSerialNumber": "35193",
    "DwellTime": 3.1e-06,
    "EchoTime": 0.03,
    "EffectiveEchoSpacing": 0.000460005,
    "FlipAngle": 90,
    "ImageOrientationPatientDICOM": [
      1,
      0,
      0,
      0,
      1,
      0
    ],
    "ImageType": [
      "ORIGINAL",
      "PRIMARY",
      "M",
      "ND",
      "MOSAIC"
    ],
    "InPlanePhaseEncodingDirectionDICOM": "COL",
    "InstitutionAddress": "Xinjiekouwai_Street_No_19_Beijing_Haidian_District_CN_100875",
    "InstitutionName": "BNU_MRI_Center",
    "InstitutionalDepartmentName": "Department",
    "MRAcquisitionType": "2D",
    "MagneticFieldStrength": 3,
    "Manufacturer": "Siemens",
    "ManufacturersModelName": "TrioTim",
    "Modality": "MR",
    "PartialFourier": 1,
    "PatientPosition": "HFS",
    "PercentPhaseFOV": 100,
    "PhaseEncodingDirection": "j-",
    "PhaseEncodingSteps": 64,
    "PhaseResolution": 1,
    "PixelBandwidth": 2520,
    "ProcedureStepDescription": "BNU_cst_2015_Liu.Jia",
    "ProtocolName": "ge_func_pace_3x3x3.5_185",
    "PulseSequenceDetails": "%SiemensSeq%_ep2d_bold",
    "ReceiveCoilName": "HeadMatrix",
    "ReconMatrixPE": 64,
    "RepetitionTime": 2,
    "SAR": 0.132974,
    "ScanOptions": "FS",
    "ScanningSequence": "EP",
    "SequenceName": "_epfid2d1_64",
    "SequenceVariant": "SK",
    "SeriesDescription": "ge_func_pace_3x3x3.5_185",
    "SeriesNumber": 6,
    "ShimSetting": [
      -4511,
      -19420,
      -9801,
      1188,
      -48,
      -219,
      88,
      60
    ],
    "SliceThickness": 3.5,
    "SliceTiming": [
      0,
      1.035,
      0.06,
      1.095,
      0.1225,
      1.155,
      0.1825,
      1.2175,
      0.2425,
      1.2775,
      0.305,
      1.3375,
      0.365,
      1.4,
      0.425,
      1.46,
      0.4875,
      1.52,
      0.5475,
      1.5825,
      0.6075,
      1.6425,
      0.67,
      1.7025,
      0.73,
      1.765,
      0.79,
      1.825,
      0.8525,
      1.885,
      0.9125,
      1.9475,
      0.9725
    ],
    "SoftwareVersions": "syngo_MR_B17",
    "SpacingBetweenSlices": 4.2,
    "StationName": "MRC35193",
    "TotalReadoutTime": 0.0289803,
    "TxRefAmp": 318.087,
    "dataset": "ds003696",
    "modality": "bold",
    "run_id": 2,
    "session_id": "01",
    "subject_id": "108",
    "task_id": "affordance"
  },
  "dummy_trs": 2,
  "dvars_nstd": 24.736588729835173,
  "dvars_std": 1.3041516167582423,
  "dvars_vstd": 0.996230436208791,
  "efc": 0.5146143514221142,
  "fber": 1169.141845703125,
  "fd_mean": 0.07051771059052978,
  "fd_num": 0,
  "fd_perc": 0.0,
  "fwhm_avg": 2.0415851902071567,
  "fwhm_x": 1.9978559999999999,
  "fwhm_y": 2.2572352,
  "fwhm_z": 1.869664370621471,
  "gcor": 0.0119672,
  "gsr_x": -0.002567743882536888,
  "gsr_y": 0.022836359217762947,
  "provenance": {
    "md5sum": "8561c7652632fd26a301615045d9b67a",
    "settings": {
      "fd_thres": 0.2,
      "testing": false
    },
    "software": "mriqc",
    "version": "23.0.1",
    "webapi_port": null,
    "webapi_url": "https://mriqc.nimh.nih.gov/api/v1"
  },
  "size_t": 183,
  "size_x": 64,
  "size_y": 64,
  "size_z": 33,
  "snr": 5.770693373979761,
  "spacing_tr": 2.0,
  "spacing_x": 3.125,
  "spacing_y": 3.125,
  "spacing_z": 4.199999809265137,
  "summary_bg_k": 42.66225985422254,
  "summary_bg_mad": 11.885123026952698,
  "summary_bg_mean": 53.3714599609375,
  "summary_bg_median": 28.579235076904297,
  "summary_bg_n": 82219.0,
  "summary_bg_p05": 19.819125175476078,
  "summary_bg_p95": 170.84698486328125,
  "summary_bg_stdv": 74.10238647460938,
  "summary_fg_k": 1.4614694187106023,
  "summary_fg_mad": 145.0520494596496,
  "summary_fg_mean": 1002.1206665039062,
  "summary_fg_median": 995.5136108398438,
  "summary_fg_n": 22463.0,
  "summary_fg_p05": 722.4239990234375,
  "summary_fg_p95": 1293.7305419921875,
  "summary_fg_stdv": 172.50811767578125,
  "tsnr": 85.55897135753185
}