{
  "aor": 0.0011714285714285715,
  "aqi": 0.0038853008163265306,
  "bids_meta": {
    "AcquisitionMatrixPE": 64,
    "AcquisitionNumber": 1,
    "AcquisitionTime": "16:11:23.697500",
    "BandwidthPerPixelPhaseEncode": 33.967,
    "BaseResolution": 64,
    "ConversionSoftware": "dcm2niix",
    "ConversionSoftwareVersion": "v1.0.20180622 GCC4.9.2",
    "DerivedVendorReportedEchoSpacing": 0.000460005,
    "DeviceSerialNumber": "35193",
    "DwellTime": 3.1e-06,
    "EchoTime": 0.03,
    "EffectiveEchoSpacing": 0.000460005,
    "FlipAngle": 90,
    "ImageOrientationPatientDICOM": [
      1,
      0,
      0,
      0,
      1,
      0
    ],
    "ImageType": [
      "ORIGINAL",
      "PRIMARY",
      "M",
      "ND",
      "MOSAIC"
    ],
    "InPlanePhaseEncodingDirectionDICOM": "COL",
    "InstitutionAddress": "Xinjiekouwai_Street_No_19_Beijing_Haidian_District_CN_100875",
    "InstitutionName": "BNU_MRI_Center",
    "InstitutionalDepartmentName": "Department",
    "MRAcquisitionType": "2D",
    "MagneticFieldStrength": 3,
    "Manufacturer": "Siemens",
    "ManufacturersModelName": "TrioTim",
    "Modality": "MR",
    "PartialFourier": 1,
    "PatientPosition": "HFS",
    "PercentPhaseFOV": 100,
    "PhaseEncodingDirection": "j-",
    "PhaseEncodingSteps": 64,
    "PhaseResolution": 1,
    "PixelBandwidth": 2520,
    "ProcedureStepDescription": "BNU_cst_2015_Liu.Jia",
    "ProtocolName": "ge_func_pace_3x3x3.5_99",
    "PulseSequenceDetails": "%SiemensSeq%_ep2d_bold",
    "ReceiveCoilName": "HeadMatrix",
    "ReconMatrixPE": 64,
    "RepetitionTime": 2,
    "SAR": 0.132523,
    "ScanOptions": "FS",
    "ScanningSequence": "EP",
    "SequenceName": "_epfid2d1_64",
    "SequenceVariant": "SK",
    "SeriesDescription": "ge_func_pace_3x3x3.5_99",
    "SeriesNumber": 10,
    "ShimSetting": [
      -4511,
      -19420,
      -9801,
      1188,
      -48,
      -219,
      88,
      60
    ],
    "SliceThickness": 3.5,
    "SliceTiming": [
      0,
      1.0325,
      0.06,
      1.095,
      0.12,
      1.155,
      0.1825,
      1.215,
      0.2425,
      1.2775,
      0.3025,
      1.3375,
      0.365,
      1.3975,
      0.425,
      1.46,
      0.485,
      1.52,
      0.5475,
      1.58,
      0.6075,
      1.6425,
      0.6675,
      1.7025,
      0.73,
      1.7625,
      0.79,
      1.825,
      0.85,
      1.885,
      0.9125,
      1.945,
      0.9725
    ],
    "SoftwareVersions": "syngo_MR_B17",
    "SpacingBetweenSlices": 4.2,
    "StationName": "MRC35193",
    "TotalReadoutTime": 0.0289803,
    "TxRefAmp": 318.087,
    "dataset": "ds003696",
    "modality": "bold",
    "run_id": 1,
    "session_id": "01",
    "subject_id": "108",
    "task_id": "localizer"
  },
  "dummy_trs": 1,
  "dvars_nstd": 23.353665715670104,
  "dvars_std": 1.2755142741237113,
  "dvars_vstd": 1.0258685959793814,
  "efc": 0.5137912453616209,
  "fber": 1227.4827880859375,
  "fd_mean": 0.07453524599747521,
  "fd_num": 0,
  "fd_perc": 0.0,
  "fwhm_avg": 2.022375748704808,
  "fwhm_x": 1.9751616,
  "fwhm_y": 2.2376608,
  "fwhm_z": 1.854304846114424,
  "gcor": 0.014925,
  "gsr_x": -0.00030671723652631044,
  "gsr_y": 0.026490336284041405,
  "provenance": {
    "md5sum": "85281a4612ca5c00b54956bbc4f27f72",
    "settings": {
      "fd_thres": 0.2,
      "testing": false
    },
    "software": "mriqc",
    "version": "23.0.1",
    "webapi_port": null,
    "webapi_url": "https://mriqc.nimh.nih.gov/api/v1"
  },
  "size_t": 98,
  "size_x": 64,
  "size_y": 64,
  "size_z": 33,
  "snr": 5.855566167526556,
  "spacing_tr": 2.0,
  "spacing_x": 3.125,
  "spacing_y": 3.125,
  "spacing_z": 4.199999809265137,
  "summary_bg_k": 42.842714121287486,
  "summary_bg_mad": 10.937969354802949,
  "summary_bg_mean": 51.6586799621582,
  "summary_bg_median": 27.510204315185547,
  "summary_bg_n": 82434.0,
  "summary_bg_p05": 19.418367385864258,
  "summary_bg_p95": 163.7790802001952,
  "summary_bg_stdv": 71.56653594970703,
  "summary_fg_k": 1.4642267146507315,
  "summary_fg_mad": 140.49918291792156,
  "summary_fg_mean": 988.6730346679688,
  "summary_fg_median": 981.9183349609375,
  "summary_fg_n": 22573.0,
  "summary_fg_p05": 719.5530395507812,
  "summary_fg_p95": 1274.455078125,
  "summary_fg_stdv": 167.68601989746094,
  "tsnr": 88.9854875067249
}