{
  "aor": 0.0009879234972677599,
  "aqi": 0.0057791389617486335,
  "bids_meta": {
    "AcquisitionMatrixPE": 64,
    "AcquisitionNumber": 1,
    "AcquisitionTime": "16:14:6.527500",
    "BandwidthPerPixelPhaseEncode": 33.967,
    "BaseResolution": 64,
    "ConversionSoftware": "dcm2niix",
    "ConversionSoftwareVersion": "v1.0.20180622 GCC4.9.2",
    "DerivedVendorReportedEchoSpacing": 0.000460005,
    "DeviceSerialNumber": "35193",
    "DwellTime": 3.1e-06,
    "EchoTime": 0.03,
    "EffectiveEchoSpacing": 0.000460005,
    "FlipAngle": 90,
    "ImageOrientationPatientDICOM": [
      1,
      0,
      0,
      0,
      1,
      0
    ],
    "ImageType": [
      "ORIGINAL",
      "PRIMARY",
      "M",
      "ND",
      "MOSAIC"
    ],
    "InPlanePhaseEncodingDirectionDICOM": "COL",
    "InstitutionAddress": "Xinjiekouwai_Street_No_19_Beijing_Haidian_District_CN_100875",
    "InstitutionName": "BNU_MRI_Center",
    "InstitutionalDepartmentName": "Department",
    "MRAcquisitionType": "2D",
    "MagneticFieldStrength": 3,
    "Manufacturer": "Siemens",
    "ManufacturersModelName": "TrioTim",
    "Modality": "MR",
    "PartialFourier": 1,
    "PatientPosition": "HFS",
    "PercentPhaseFOV": 100,
    "PhaseEncodingDirection": "j-",
    "PhaseEncodingSteps": 64,
    "PhaseResolution": 1,
    "PixelBandwidth": 2520,
    "ProcedureStepDescription": "BNU_cst_2019_Xu.Shan",
    "ProtocolName": "ge_func_pace_3x3x3.5_185",
    "PulseSequenceDetails": "%SiemensSeq%_ep2d_bold",
    "ReceiveCoilName": "HeadMatrix",
    "ReconMatrixPE": 64,
    "RepetitionTime": 2,
    "SAR": 0.152567,
    "ScanOptions": "FS",
    "ScanningSequence": "EP",
    "SequenceName": "_epfid2d1_64",
    "SequenceVariant": "SK",
    "SeriesDescription": "ge_func_pace_3x3x3.5_185",
    "SeriesNumber": 8,
    "ShimSetting": [
      -4477,
      -19452,
      -9749,
      1413,
      103,
      -334,
      -65,
      -145
    ],
    "SliceThickness": 3.5,
    "SliceTiming": [
      0,
      1.0325,
      0.06,
      1.095,
      0.12,
      1.155,
      0.1825,
      1.215,
      0.2425,
      1.2775,
      0.3025,
      1.3375,
      0.365,
      1.3975,
      0.425,
      1.46,
      0.485,
      1.52,
      0.5475,
      1.58,
      0.6075,
      1.6425,
      0.6675,
      1.7025,
      0.73,
      1.7625,
      0.79,
      1.825,
      0.85,
      1.885,
      0.9125,
      1.945,
      0.9725
    ],
    "SoftwareVersions": "syngo_MR_B17",
    "SpacingBetweenSlices": 4.2,
    "StationName": "MRC35193",
    "TotalReadoutTime": 0.0289803,
    "TxRefAmp": 316.393,
    "dataset": "ds003696",
    "modality": "bold",
    "run_id": 8,
    "session_id": "02",
    "subject_id": "131",
    "task_id": "affordance"
  },
  "dummy_trs": 2,
  "dvars_nstd": 20.298575328021965,
  "dvars_std": 1.1114704428021975,
  "dvars_vstd": 0.9882187949450543,
  "efc": 0.531114019398466,
  "fber": 1097.5294189453125,
  "fd_mean": 0.16252642904776182,
  "fd_num": 47,
  "fd_perc": 25.683060109289617,
  "fwhm_avg": 2.0811681753268854,
  "fwhm_x": 2.0369344000000003,
  "fwhm_y": 2.2713248,
  "fwhm_z": 1.9352453259806557,
  "gcor": 0.0185172,
  "gsr_x": -0.010121590457856655,
  "gsr_y": 0.026551032438874245,
  "provenance": {
    "md5sum": "fea1de890eba45c8b8eb96a3a24077a6",
    "settings": {
      "fd_thres": 0.2,
      "testing": false
    },
    "software": "mriqc",
    "version": "23.0.1",
    "webapi_port": null,
    "webapi_url": "https://mriqc.nimh.nih.gov/api/v1"
  },
  "size_t": 183,
  "size_x": 64,
  "size_y": 64,
  "size_z": 33,
  "snr": 5.8250832316244425,
  "spacing_tr": 2.0,
  "spacing_x": 3.125,
  "spacing_y": 3.125,
  "spacing_z": 4.199999809265137,
  "summary_bg_k": 56.818248658551155,
  "summary_bg_mad": 11.172176662506102,
  "summary_bg_mean": 47.641845703125,
  "summary_bg_median": 26.245901107788086,
  "summary_bg_n": 79198.0,
  "summary_bg_p05": 17.961748123168945,
  "summary_bg_p95": 145.84480209350573,
  "summary_bg_stdv": 67.0974349975586,
  "summary_fg_k": 1.0681049636741244,
  "summary_fg_mad": 135.94165609700326,
  "summary_fg_mean": 892.0068359375,
  "summary_fg_median": 888.2540283203125,
  "summary_fg_n": 24816.0,
  "summary_fg_p05": 649.1420745849609,
  "summary_fg_p95": 1153.1488952636719,
  "summary_fg_stdv": 152.48471069335938,
  "tsnr": 70.03705285326578
}