{
  "aor": 0.0004357608695652174,
  "aqi": 0.0038935036413043477,
  "bids_meta": {
    "AcquisitionMatrixPE": 64,
    "AcquisitionNumber": 1,
    "AcquisitionTime": "16:00:13.715000",
    "BandwidthPerPixelPhaseEncode": 33.967,
    "BaseResolution": 64,
    "ConversionSoftware": "dcm2niix",
    "ConversionSoftwareVersion": "v1.0.20180622 GCC4.9.2",
    "DerivedVendorReportedEchoSpacing": 0.000460005,
    "DeviceSerialNumber": "35193",
    "DwellTime": 3.1e-06,
    "EchoTime": 0.03,
    "EffectiveEchoSpacing": 0.000460005,
    "FlipAngle": 90,
    "ImageOrientationPatientDICOM": [
      1,
      0,
      0,
      0,
      1,
      0
    ],
    "ImageType": [
      "ORIGINAL",
      "PRIMARY",
      "M",
      "ND",
      "MOSAIC"
    ],
    "InPlanePhaseEncodingDirectionDICOM": "COL",
    "InstitutionAddress": "Xinjiekouwai_Street_No_19_Beijing_Haidian_District_CN_100875",
    "InstitutionName": "BNU_MRI_Center",
    "InstitutionalDepartmentName": "Department",
    "MRAcquisitionType": "2D",
    "MagneticFieldStrength": 3,
    "Manufacturer": "Siemens",
    "ManufacturersModelName": "TrioTim",
    "Modality": "MR",
    "PartialFourier": 1,
    "PatientPosition": "HFS",
    "PercentPhaseFOV": 100,
    "PhaseEncodingDirection": "j-",
    "PhaseEncodingSteps": 64,
    "PhaseResolution": 1,
    "PixelBandwidth": 2520,
    "ProcedureStepDescription": "BNU_cst_2019_Xu.Shan",
    "ProtocolName": "ge_func_pace_3x3x3.5_185",
    "PulseSequenceDetails": "%SiemensSeq%_ep2d_bold",
    "ReceiveCoilName": "HeadMatrix",
    "ReconMatrixPE": 64,
    "RepetitionTime": 2,
    "SAR": 0.152567,
    "ScanOptions": "FS",
    "ScanningSequence": "EP",
    "SequenceName": "_epfid2d1_64",
    "SequenceVariant": "SK",
    "SeriesDescription": "ge_func_pace_3x3x3.5_185",
    "SeriesNumber": 4,
    "ShimSetting": [
      -4477,
      -19452,
      -9749,
      1413,
      103,
      -334,
      -65,
      -145
    ],
    "SliceThickness": 3.5,
    "SliceTiming": [
      0,
      1.035,
      0.06,
      1.095,
      0.1225,
      1.155,
      0.1825,
      1.2175,
      0.2425,
      1.2775,
      0.305,
      1.3375,
      0.365,
      1.4,
      0.425,
      1.46,
      0.4875,
      1.52,
      0.5475,
      1.5825,
      0.6075,
      1.6425,
      0.67,
      1.7025,
      0.73,
      1.765,
      0.79,
      1.825,
      0.8525,
      1.885,
      0.9125,
      1.9475,
      0.9725
    ],
    "SoftwareVersions": "syngo_MR_B17",
    "SpacingBetweenSlices": 4.2,
    "StationName": "MRC35193",
    "TotalReadoutTime": 0.0289803,
    "TxRefAmp": 316.393,
    "dataset": "ds003696",
    "modality": "bold",
    "run_id": 6,
    "session_id": "02",
    "subject_id": "131",
    "task_id": "affordance"
  },
  "dummy_trs": 1,
  "dvars_nstd": 19.18592357131148,
  "dvars_std": 1.109399846666667,
  "dvars_vstd": 0.9909348601092899,
  "efc": 0.5295889911525424,
  "fber": 1125.215576171875,
  "fd_mean": 0.1277900471138913,
  "fd_num": 18,
  "fd_perc": 9.782608695652174,
  "fwhm_avg": 2.045150276317942,
  "fwhm_x": 2.009472,
  "fwhm_y": 2.2301216,
  "fwhm_z": 1.895857228953826,
  "gcor": 0.0139453,
  "gsr_x": -0.010029200464487076,
  "gsr_y": 0.026763752102851868,
  "provenance": {
    "md5sum": "271d2bfa0d81dd055702e4361637df69",
    "settings": {
      "fd_thres": 0.2,
      "testing": false
    },
    "software": "mriqc",
    "version": "23.0.1",
    "webapi_port": null,
    "webapi_url": "https://mriqc.nimh.nih.gov/api/v1"
  },
  "size_t": 184,
  "size_x": 64,
  "size_y": 64,
  "size_z": 33,
  "snr": 5.821400831498732,
  "spacing_tr": 2.0,
  "spacing_x": 3.125,
  "spacing_y": 3.125,
  "spacing_z": 4.199999809265137,
  "summary_bg_k": 60.961686261079855,
  "summary_bg_mad": 10.684405486992238,
  "summary_bg_mean": 46.46054458618164,
  "summary_bg_median": 25.717391967773438,
  "summary_bg_n": 79283.0,
  "summary_bg_p05": 17.744565963745117,
  "summary_bg_p95": 140.70217895507787,
  "summary_bg_stdv": 65.27218627929688,
  "summary_fg_k": 1.2145363387865933,
  "summary_fg_mad": 135.57756612958644,
  "summary_fg_mean": 886.8219604492188,
  "summary_fg_median": 883.2337036132812,
  "summary_fg_n": 24715.0,
  "summary_fg_p05": 645.6435119628907,
  "summary_fg_p95": 1147.811962890625,
  "summary_fg_stdv": 151.71878051757812,
  "tsnr": 83.13026593066752
}