{
  "aor": 0.001096358695652174,
  "aqi": 0.004430829945652174,
  "bids_meta": {
    "AcquisitionMatrixPE": 64,
    "AcquisitionNumber": 1,
    "AcquisitionTime": "16:07:16.820000",
    "BandwidthPerPixelPhaseEncode": 33.967,
    "BaseResolution": 64,
    "ConversionSoftware": "dcm2niix",
    "ConversionSoftwareVersion": "v1.0.20180622 GCC4.9.2",
    "DerivedVendorReportedEchoSpacing": 0.000460005,
    "DeviceSerialNumber": "35193",
    "DwellTime": 3.1e-06,
    "EchoTime": 0.03,
    "EffectiveEchoSpacing": 0.000460005,
    "FlipAngle": 90,
    "ImageOrientationPatientDICOM": [
      1,
      0,
      0,
      0,
      1,
      0
    ],
    "ImageType": [
      "ORIGINAL",
      "PRIMARY",
      "M",
      "ND",
      "MOSAIC"
    ],
    "InPlanePhaseEncodingDirectionDICOM": "COL",
    "InstitutionAddress": "Xinjiekouwai_Street_No_19_Beijing_Haidian_District_CN_100875",
    "InstitutionName": "BNU_MRI_Center",
    "InstitutionalDepartmentName": "Department",
    "MRAcquisitionType": "2D",
    "MagneticFieldStrength": 3,
    "Manufacturer": "Siemens",
    "ManufacturersModelName": "TrioTim",
    "Modality": "MR",
    "PartialFourier": 1,
    "PatientPosition": "HFS",
    "PercentPhaseFOV": 100,
    "PhaseEncodingDirection": "j-",
    "PhaseEncodingSteps": 64,
    "PhaseResolution": 1,
    "PixelBandwidth": 2520,
    "ProcedureStepDescription": "BNU_cst_2019_Xu.Shan",
    "ProtocolName": "ge_func_pace_3x3x3.5_185",
    "PulseSequenceDetails": "%SiemensSeq%_ep2d_bold",
    "ReceiveCoilName": "HeadMatrix",
    "ReconMatrixPE": 64,
    "RepetitionTime": 2,
    "SAR": 0.152567,
    "ScanOptions": "FS",
    "ScanningSequence": "EP",
    "SequenceName": "_epfid2d1_64",
    "SequenceVariant": "SK",
    "SeriesDescription": "ge_func_pace_3x3x3.5_185",
    "SeriesNumber": 6,
    "ShimSetting": [
      -4477,
      -19452,
      -9749,
      1413,
      103,
      -334,
      -65,
      -145
    ],
    "SliceThickness": 3.5,
    "SliceTiming": [
      0,
      1.035,
      0.06,
      1.095,
      0.1225,
      1.155,
      0.1825,
      1.2175,
      0.2425,
      1.2775,
      0.305,
      1.3375,
      0.365,
      1.4,
      0.425,
      1.46,
      0.4875,
      1.52,
      0.5475,
      1.5825,
      0.6075,
      1.6425,
      0.67,
      1.7025,
      0.73,
      1.765,
      0.79,
      1.825,
      0.8525,
      1.885,
      0.9125,
      1.9475,
      0.9725
    ],
    "SoftwareVersions": "syngo_MR_B17",
    "SpacingBetweenSlices": 4.2,
    "StationName": "MRC35193",
    "TotalReadoutTime": 0.0289803,
    "TxRefAmp": 316.393,
    "dataset": "ds003696",
    "modality": "bold",
    "run_id": 7,
    "session_id": "02",
    "subject_id": "131",
    "task_id": "affordance"
  },
  "dummy_trs": 1,
  "dvars_nstd": 19.381652519508194,
  "dvars_std": 1.1168559800546447,
  "dvars_vstd": 0.9969526095628407,
  "efc": 0.5303752811470959,
  "fber": 1109.87060546875,
  "fd_mean": 0.12117512171537499,
  "fd_num": 14,
  "fd_perc": 7.608695652173913,
  "fwhm_avg": 2.0667574068131254,
  "fwhm_x": 2.0248896,
  "fwhm_y": 2.2572992,
  "fwhm_z": 1.9180834204393757,
  "gcor": 0.0289989,
  "gsr_x": -0.010277858935296535,
  "gsr_y": 0.026351705193519592,
  "provenance": {
    "md5sum": "b7003944896ab447d9bed4d9d8b00928",
    "settings": {
      "fd_thres": 0.2,
      "testing": false
    },
    "software": "mriqc",
    "version": "23.0.1",
    "webapi_port": null,
    "webapi_url": "https://mriqc.nimh.nih.gov/api/v1"
  },
  "size_t": 184,
  "size_x": 64,
  "size_y": 64,
  "size_z": 33,
  "snr": 5.828998658562215,
  "spacing_tr": 2.0,
  "spacing_x": 3.125,
  "spacing_y": 3.125,
  "spacing_z": 4.199999809265137,
  "summary_bg_k": 57.96910356561372,
  "summary_bg_mad": 11.095344268331912,
  "summary_bg_mean": 47.00376892089844,
  "summary_bg_median": 26.038043975830078,
  "summary_bg_n": 79241.0,
  "summary_bg_p05": 17.54347801208496,
  "summary_bg_p95": 143.0978240966797,
  "summary_bg_stdv": 66.23468017578125,
  "summary_fg_k": 1.1163412550254392,
  "summary_fg_mad": 136.52029988888765,
  "summary_fg_mean": 888.3128051757812,
  "summary_fg_median": 885.1685180664062,
  "summary_fg_n": 24767.0,
  "summary_fg_p05": 646.3929443359375,
  "summary_fg_p95": 1147.516357421875,
  "summary_fg_stdv": 151.8529510498047,
  "tsnr": 77.39371639396995
}