{
  "aor": 0.0007366847826086957,
  "aqi": 0.004261647391304348,
  "bids_meta": {
    "AcquisitionMatrixPE": 64,
    "AcquisitionNumber": 1,
    "AcquisitionTime": "15:53:27.045000",
    "BandwidthPerPixelPhaseEncode": 33.967,
    "BaseResolution": 64,
    "ConversionSoftware": "dcm2niix",
    "ConversionSoftwareVersion": "v1.0.20180622 GCC4.9.2",
    "DerivedVendorReportedEchoSpacing": 0.000460005,
    "DeviceSerialNumber": "35193",
    "DwellTime": 3.1e-06,
    "EchoTime": 0.03,
    "EffectiveEchoSpacing": 0.000460005,
    "FlipAngle": 90,
    "ImageOrientationPatientDICOM": [
      1,
      0,
      0,
      0,
      1,
      0
    ],
    "ImageType": [
      "ORIGINAL",
      "PRIMARY",
      "M",
      "ND",
      "MOSAIC"
    ],
    "InPlanePhaseEncodingDirectionDICOM": "COL",
    "InstitutionAddress": "Xinjiekouwai_Street_No_19_Beijing_Haidian_District_CN_100875",
    "InstitutionName": "BNU_MRI_Center",
    "InstitutionalDepartmentName": "Department",
    "MRAcquisitionType": "2D",
    "MagneticFieldStrength": 3,
    "Manufacturer": "Siemens",
    "ManufacturersModelName": "TrioTim",
    "Modality": "MR",
    "PartialFourier": 1,
    "PatientPosition": "HFS",
    "PercentPhaseFOV": 100,
    "PhaseEncodingDirection": "j-",
    "PhaseEncodingSteps": 64,
    "PhaseResolution": 1,
    "PixelBandwidth": 2520,
    "ProcedureStepDescription": "BNU_cst_2019_Xu.Shan",
    "ProtocolName": "ge_func_pace_3x3x3.5_185",
    "PulseSequenceDetails": "%SiemensSeq%_ep2d_bold",
    "ReceiveCoilName": "HeadMatrix",
    "ReconMatrixPE": 64,
    "RepetitionTime": 2,
    "SAR": 0.152567,
    "ScanOptions": "FS",
    "ScanningSequence": "EP",
    "SequenceName": "_epfid2d1_64",
    "SequenceVariant": "SK",
    "SeriesDescription": "ge_func_pace_3x3x3.5_185",
    "SeriesNumber": 2,
    "ShimSetting": [
      -4477,
      -19452,
      -9749,
      1413,
      103,
      -334,
      -65,
      -145
    ],
    "SliceThickness": 3.5,
    "SliceTiming": [
      0,
      1.035,
      0.06,
      1.095,
      0.1225,
      1.155,
      0.1825,
      1.2175,
      0.2425,
      1.2775,
      0.305,
      1.3375,
      0.365,
      1.4,
      0.425,
      1.46,
      0.4875,
      1.52,
      0.5475,
      1.5825,
      0.6075,
      1.6425,
      0.67,
      1.7025,
      0.73,
      1.765,
      0.79,
      1.825,
      0.8525,
      1.885,
      0.9125,
      1.9475,
      0.9725
    ],
    "SoftwareVersions": "syngo_MR_B17",
    "SpacingBetweenSlices": 4.2,
    "StationName": "MRC35193",
    "TotalReadoutTime": 0.0289803,
    "TxRefAmp": 316.393,
    "dataset": "ds003696",
    "modality": "bold",
    "run_id": 5,
    "session_id": "02",
    "subject_id": "131",
    "task_id": "affordance"
  },
  "dummy_trs": 1,
  "dvars_nstd": 19.327453457213114,
  "dvars_std": 1.1167252946994537,
  "dvars_vstd": 0.9945985798907115,
  "efc": 0.5290457996086605,
  "fber": 1135.173095703125,
  "fd_mean": 0.14619207826748795,
  "fd_num": 37,
  "fd_perc": 20.108695652173914,
  "fwhm_avg": 2.0498049173684314,
  "fwhm_x": 2.0075328,
  "fwhm_y": 2.2605152,
  "fwhm_z": 1.881366752105293,
  "gcor": 0.0246048,
  "gsr_x": -0.010330340825021267,
  "gsr_y": 0.028087813407182693,
  "provenance": {
    "md5sum": "981f260e656cf872d4c7de39d32d42ab",
    "settings": {
      "fd_thres": 0.2,
      "testing": false
    },
    "software": "mriqc",
    "version": "23.0.1",
    "webapi_port": null,
    "webapi_url": "https://mriqc.nimh.nih.gov/api/v1"
  },
  "size_t": 184,
  "size_x": 64,
  "size_y": 64,
  "size_z": 33,
  "snr": 5.796520841125545,
  "spacing_tr": 2.0,
  "spacing_x": 3.125,
  "spacing_y": 3.125,
  "spacing_z": 4.199999809265137,
  "summary_bg_k": 64.17103816807662,
  "summary_bg_mad": 10.559515377588264,
  "summary_bg_mean": 45.75598907470703,
  "summary_bg_median": 25.442935943603516,
  "summary_bg_n": 79298.0,
  "summary_bg_p05": 17.40217399597168,
  "summary_bg_p95": 138.95652770996094,
  "summary_bg_stdv": 63.82403564453125,
  "summary_fg_k": 1.2550394840949286,
  "summary_fg_mad": 134.70731554759374,
  "summary_fg_mean": 880.219482421875,
  "summary_fg_median": 877.2989501953125,
  "summary_fg_n": 24679.0,
  "summary_fg_p05": 637.2749877929688,
  "summary_fg_p95": 1138.2435424804687,
  "summary_fg_stdv": 151.34616088867188,
  "tsnr": 78.47339691070374
}