{
  "bids_meta": {
    "AcquisitionMatrixPE": 192,
    "AcquisitionNumber": 1,
    "AcquisitionTime": "14:08:20.730000",
    "BaseResolution": 256,
    "ConversionSoftware": "dcm2niix",
    "ConversionSoftwareVersion": "v1.0.20180622 GCC4.9.2",
    "DeviceSerialNumber": "35193",
    "DwellTime": 1.03e-05,
    "EchoTime": 0.00339,
    "FlipAngle": 7,
    "ImageOrientationPatientDICOM": [
      0,
      1,
      0,
      0.0540789,
      0,
      -0.998537
    ],
    "ImageType": [
      "ORIGINAL",
      "PRIMARY",
      "M",
      "ND",
      "NORM"
    ],
    "InPlanePhaseEncodingDirectionDICOM": "ROW",
    "InstitutionAddress": "Xinjiekouwai_Street_No_19_Beijing_Haidian_District_CN_100875",
    "InstitutionName": "BNU_MRI_Center",
    "InstitutionalDepartmentName": "Department",
    "InversionTime": 1.1,
    "MRAcquisitionType": "3D",
    "MagneticFieldStrength": 3,
    "Manufacturer": "Siemens",
    "ManufacturersModelName": "TrioTim",
    "Modality": "MR",
    "PartialFourier": 1,
    "PatientPosition": "HFS",
    "PercentPhaseFOV": 100,
    "PhaseEncodingSteps": 192,
    "PhaseResolution": 0.75,
    "PixelBandwidth": 190,
    "ProcedureStepDescription": "BNU_cst_2015_Liu.Jia",
    "ProtocolName": "t1_mprage_sag",
    "PulseSequenceDetails": "%SiemensSeq%_tfl",
    "ReceiveCoilName": "HeadMatrix",
    "ReconMatrixPE": 256,
    "RepetitionTime": 2.53,
    "SAR": 0.0503611,
    "ScanOptions": "IR",
    "ScanningSequence": "GR_IR",
    "SequenceName": "_tfl3d1_ns",
    "SequenceVariant": "SP_MP",
    "SeriesDescription": "t1_mprage_sag",
    "SeriesNumber": 10,
    "ShimSetting": [
      -4489,
      -19276,
      -10209,
      636,
      -133,
      80,
      82,
      -26
    ],
    "SliceThickness": 1.33,
    "SoftwareVersions": "syngo_MR_B17",
    "StationName": "MRC35193",
    "TxRefAmp": 320.337,
    "dataset": "ds003696",
    "modality": "T1w",
    "session_id": "02",
    "subject_id": "108"
  },
  "cjv": 0.3122284307317486,
  "cnr": 4.4039373497696,
  "efc": 0.5452636162706945,
  "fber": 10093.72508011469,
  "fwhm_avg": 4.1489447980193495,
  "fwhm_x": 3.566354394058046,
  "fwhm_y": 4.76056,
  "fwhm_z": 4.11992,
  "icvs_csf": 0.27148632656636795,
  "icvs_gm": 0.4278532928559897,
  "icvs_wm": 0.3006603805776423,
  "inu_med": 0.6578126549720764,
  "inu_range": 0.2636002838611602,
  "provenance": {
    "md5sum": "645b01cb75090fbf0d4ac019f79f01e9",
    "settings": {
      "testing": false
    },
    "software": "mriqc",
    "version": "23.0.1",
    "warnings": {
      "large_rot_frame": true,
      "small_air_mask": false
    },
    "webapi_port": null,
    "webapi_url": "https://mriqc.nimh.nih.gov/api/v1"
  },
  "qi_1": 0.0,
  "qi_2": 0.006101983690493576,
  "rpve_csf": 20.961300114778197,
  "rpve_gm": 12.8329246655438,
  "rpve_wm": 20.752458359168205,
  "size_x": 128,
  "size_y": 256,
  "size_z": 256,
  "snr_csf": 1.2593160682695934,
  "snr_gm": 9.172972801973202,
  "snr_total": 11.044668360101333,
  "snr_wm": 22.701716210061203,
  "snrd_csf": 12.579705229973518,
  "snrd_gm": 65.6428508256614,
  "snrd_total": 60.452666163390326,
  "snrd_wm": 103.13544243453607,
  "spacing_x": 1.3300024271011353,
  "spacing_y": 1.0,
  "spacing_z": 1.0,
  "summary_bg_k": 4.683600320814067,
  "summary_bg_mad": 6.352337721470357,
  "summary_bg_mean": 6.311424876478709,
  "summary_bg_median": 4.284586682915688,
  "summary_bg_n": 2457929.0,
  "summary_bg_p05": 0.0,
  "summary_bg_p95": 21.55823615193367,
  "summary_bg_stdv": 7.705201444409734,
  "summary_csf_k": 0.8700195415037157,
  "summary_csf_mad": 80.60782234981595,
  "summary_csf_mean": 146.72738630457434,
  "summary_csf_median": 121.97541772574186,
  "summary_csf_n": 37250.0,
  "summary_csf_p05": 29.60874902456999,
  "summary_csf_p95": 344.95883897840935,
  "summary_csf_stdv": 96.85716202162536,
  "summary_gm_k": -0.13862513659191888,
  "summary_gm_mad": 71.88171632190141,
  "summary_gm_mean": 636.2810423072799,
  "summary_gm_median": 636.4866269752383,
  "summary_gm_n": 21997.0,
  "summary_gm_p05": 521.9032488003373,
  "summary_gm_p95": 747.9851027384401,
  "summary_gm_stdv": 69.38559319568526,
  "summary_wm_k": 0.5502663027494381,
  "summary_wm_mad": 41.62452875384523,
  "summary_wm_mean": 998.0707795247422,
  "summary_wm_median": 1000.0225317925215,
  "summary_wm_n": 102099.0,
  "summary_wm_p05": 923.3960815370083,
  "summary_wm_p95": 1067.7212564282117,
  "summary_wm_stdv": 44.05030990649842,
  "tpm_overlap_csf": 0.16264864934631287,
  "tpm_overlap_gm": 0.4821172112768911,
  "tpm_overlap_wm": 0.498144112960731,
  "wm2max": 0.7877376395613606
}