{
  "aor": 0.0005773913043478261,
  "aqi": 0.004661769347826087,
  "bids_meta": {
    "AcquisitionMatrixPE": 64,
    "AcquisitionNumber": 1,
    "AcquisitionTime": "10:33:29.080000",
    "BandwidthPerPixelPhaseEncode": 33.967,
    "BaseResolution": 64,
    "ConversionSoftware": "dcm2niix",
    "ConversionSoftwareVersion": "v1.0.20180622 GCC4.9.2",
    "DerivedVendorReportedEchoSpacing": 0.000460005,
    "DeviceSerialNumber": "35193",
    "DwellTime": 3.1e-06,
    "EchoTime": 0.03,
    "EffectiveEchoSpacing": 0.000460005,
    "FlipAngle": 90,
    "ImageOrientationPatientDICOM": [
      1,
      0,
      0,
      0,
      1,
      0
    ],
    "ImageType": [
      "ORIGINAL",
      "PRIMARY",
      "M",
      "ND",
      "MOSAIC"
    ],
    "InPlanePhaseEncodingDirectionDICOM": "COL",
    "InstitutionAddress": "Xinjiekouwai_Street_No_19_Beijing_Haidian_District_CN_100875",
    "InstitutionName": "BNU_MRI_Center",
    "InstitutionalDepartmentName": "Department",
    "MRAcquisitionType": "2D",
    "MagneticFieldStrength": 3,
    "Manufacturer": "Siemens",
    "ManufacturersModelName": "TrioTim",
    "Modality": "MR",
    "PartialFourier": 1,
    "PatientPosition": "HFS",
    "PercentPhaseFOV": 100,
    "PhaseEncodingDirection": "j-",
    "PhaseEncodingSteps": 64,
    "PhaseResolution": 1,
    "PixelBandwidth": 2520,
    "ProcedureStepDescription": "BNU_cst_2015_Liu.Jia",
    "ProtocolName": "ge_func_pace_3x3x3.5_185",
    "PulseSequenceDetails": "%SiemensSeq%_ep2d_bold",
    "ReceiveCoilName": "HeadMatrix",
    "ReconMatrixPE": 64,
    "RepetitionTime": 2,
    "SAR": 0.127108,
    "ScanOptions": "FS",
    "ScanningSequence": "EP",
    "SequenceName": "_epfid2d1_64",
    "SequenceVariant": "SK",
    "SeriesDescription": "ge_func_pace_3x3x3.5_185",
    "SeriesNumber": 8,
    "ShimSetting": [
      -4486,
      -19357,
      -9783,
      1130,
      -107,
      -389,
      -100,
      -58
    ],
    "SliceThickness": 3.5,
    "SliceTiming": [
      0,
      1.035,
      0.0625,
      1.095,
      0.1225,
      1.1575,
      0.1825,
      1.2175,
      0.245,
      1.2775,
      0.305,
      1.34,
      0.365,
      1.4,
      0.4275,
      1.46,
      0.4875,
      1.5225,
      0.5475,
      1.5825,
      0.61,
      1.6425,
      0.67,
      1.705,
      0.73,
      1.765,
      0.7925,
      1.825,
      0.8525,
      1.8875,
      0.9125,
      1.9475,
      0.975
    ],
    "SoftwareVersions": "syngo_MR_B17",
    "SpacingBetweenSlices": 4.2,
    "StationName": "MRC35193",
    "TotalReadoutTime": 0.0289803,
    "TxRefAmp": 332.142,
    "dataset": "ds003696",
    "modality": "bold",
    "run_id": 5,
    "session_id": "02",
    "subject_id": "116",
    "task_id": "affordance"
  },
  "dummy_trs": 1,
  "dvars_nstd": 21.622306625846996,
  "dvars_std": 1.163485704043716,
  "dvars_vstd": 1.000272350546448,
  "efc": 0.5495394767660102,
  "fber": 832.7468872070312,
  "fd_mean": 0.06680122560539115,
  "fd_num": 0,
  "fd_perc": 0.0,
  "fwhm_avg": 1.9457024335107242,
  "fwhm_x": 1.9051264,
  "fwhm_y": 2.1376831999999997,
  "fwhm_z": 1.7942977005321732,
  "gcor": 0.0263512,
  "gsr_x": 0.00020626618061214685,
  "gsr_y": 0.035242218524217606,
  "provenance": {
    "md5sum": "92449ac056f0070b5300440d02e9c936",
    "settings": {
      "fd_thres": 0.2,
      "testing": false
    },
    "software": "mriqc",
    "version": "23.0.1",
    "webapi_port": null,
    "webapi_url": "https://mriqc.nimh.nih.gov/api/v1"
  },
  "size_t": 184,
  "size_x": 64,
  "size_y": 64,
  "size_z": 33,
  "snr": 5.616552329277062,
  "spacing_tr": 2.0,
  "spacing_x": 3.125,
  "spacing_y": 3.125,
  "spacing_z": 4.199999809265137,
  "summary_bg_k": 30.564729731409287,
  "summary_bg_mad": 16.127327383351886,
  "summary_bg_mean": 71.01427459716797,
  "summary_bg_median": 32.91304397583008,
  "summary_bg_n": 80198.0,
  "summary_bg_p05": 21.09782600402832,
  "summary_bg_p95": 264.89781951904274,
  "summary_bg_stdv": 99.21936798095703,
  "summary_fg_k": 1.8892144822876595,
  "summary_fg_mad": 143.36928146310845,
  "summary_fg_mean": 971.8037719726562,
  "summary_fg_median": 960.4674072265625,
  "summary_fg_n": 24337.0,
  "summary_fg_p05": 715.3250244140625,
  "summary_fg_p95": 1262.4467529296876,
  "summary_fg_stdv": 171.00306701660156,
  "tsnr": 77.46500922576524
}