{
  "aor": 0.0018962886597938147,
  "aqi": 0.003650574742268041,
  "bids_meta": {
    "AcquisitionMatrixPE": 64,
    "AcquisitionNumber": 1,
    "AcquisitionTime": "10:37:57.295000",
    "BandwidthPerPixelPhaseEncode": 33.967,
    "BaseResolution": 64,
    "ConversionSoftware": "dcm2niix",
    "ConversionSoftwareVersion": "v1.0.20180622 GCC4.9.2",
    "DerivedVendorReportedEchoSpacing": 0.000460005,
    "DeviceSerialNumber": "35193",
    "DwellTime": 3.1e-06,
    "EchoTime": 0.03,
    "EffectiveEchoSpacing": 0.000460005,
    "FlipAngle": 90,
    "ImageOrientationPatientDICOM": [
      1,
      0,
      0,
      0,
      1,
      0
    ],
    "ImageType": [
      "ORIGINAL",
      "PRIMARY",
      "M",
      "ND",
      "MOSAIC"
    ],
    "InPlanePhaseEncodingDirectionDICOM": "COL",
    "InstitutionAddress": "Xinjiekouwai_Street_No_19_Beijing_Haidian_District_CN_100875",
    "InstitutionName": "BNU_MRI_Center",
    "InstitutionalDepartmentName": "Department",
    "MRAcquisitionType": "2D",
    "MagneticFieldStrength": 3,
    "Manufacturer": "Siemens",
    "ManufacturersModelName": "TrioTim",
    "Modality": "MR",
    "PartialFourier": 1,
    "PatientPosition": "HFS",
    "PercentPhaseFOV": 100,
    "PhaseEncodingDirection": "j-",
    "PhaseEncodingSteps": 64,
    "PhaseResolution": 1,
    "PixelBandwidth": 2520,
    "ProcedureStepDescription": "BNU_cst_2015_Liu.Jia",
    "ProtocolName": "ge_func_pace_3x3x3.5_99",
    "PulseSequenceDetails": "%SiemensSeq%_ep2d_bold",
    "ReceiveCoilName": "HeadMatrix",
    "ReconMatrixPE": 64,
    "RepetitionTime": 2,
    "SAR": 0.132429,
    "ScanOptions": "FS",
    "ScanningSequence": "EP",
    "SequenceName": "_epfid2d1_64",
    "SequenceVariant": "SK",
    "SeriesDescription": "ge_func_pace_3x3x3.5_99",
    "SeriesNumber": 12,
    "ShimSetting": [
      -4450,
      -19374,
      -9776,
      1049,
      -25,
      -586,
      -105,
      -115
    ],
    "SliceThickness": 3.5,
    "SliceTiming": [
      0,
      1.035,
      0.0625,
      1.095,
      0.1225,
      1.1575,
      0.1825,
      1.2175,
      0.245,
      1.2775,
      0.305,
      1.34,
      0.365,
      1.4,
      0.4275,
      1.46,
      0.4875,
      1.5225,
      0.5475,
      1.5825,
      0.61,
      1.6425,
      0.67,
      1.705,
      0.73,
      1.765,
      0.7925,
      1.825,
      0.8525,
      1.8875,
      0.9125,
      1.9475,
      0.975
    ],
    "SoftwareVersions": "syngo_MR_B17",
    "SpacingBetweenSlices": 4.2,
    "StationName": "MRC35193",
    "TotalReadoutTime": 0.0289803,
    "TxRefAmp": 326.388,
    "dataset": "ds003696",
    "modality": "bold",
    "run_id": 2,
    "session_id": "01",
    "subject_id": "116",
    "task_id": "localizer"
  },
  "dummy_trs": 2,
  "dvars_nstd": 19.659211386874997,
  "dvars_std": 1.1134715408333333,
  "dvars_vstd": 1.0236403572916666,
  "efc": 0.5457533237863031,
  "fber": 855.0262451171875,
  "fd_mean": 0.07902183706762028,
  "fd_num": 3,
  "fd_perc": 3.0927835051546393,
  "fwhm_avg": 1.9977135012514815,
  "fwhm_x": 1.9697696,
  "fwhm_y": 2.1910496,
  "fwhm_z": 1.8323213037544452,
  "gcor": 0.0229952,
  "gsr_x": 0.0005033847410231829,
  "gsr_y": 0.03375111147761345,
  "provenance": {
    "md5sum": "34b8183d50e611b6e2e77eb372d7c027",
    "settings": {
      "fd_thres": 0.2,
      "testing": false
    },
    "software": "mriqc",
    "version": "23.0.1",
    "webapi_port": null,
    "webapi_url": "https://mriqc.nimh.nih.gov/api/v1"
  },
  "size_t": 97,
  "size_x": 64,
  "size_y": 64,
  "size_z": 33,
  "snr": 5.339909392615006,
  "spacing_tr": 2.0,
  "spacing_x": 3.125,
  "spacing_y": 3.125,
  "spacing_z": 4.200000286102295,
  "summary_bg_k": 31.041503034010233,
  "summary_bg_mad": 15.59024858763124,
  "summary_bg_mean": 68.97198486328125,
  "summary_bg_median": 32.82474136352539,
  "summary_bg_n": 80359.0,
  "summary_bg_p05": 21.247421264648438,
  "summary_bg_p95": 255.09792785644487,
  "summary_bg_stdv": 97.52584075927734,
  "summary_fg_k": 1.8640370187792508,
  "summary_fg_mad": 153.3652636081892,
  "summary_fg_mean": 982.4197998046875,
  "summary_fg_median": 972.1752319335938,
  "summary_fg_n": 24377.0,
  "summary_fg_p05": 705.3504760742187,
  "summary_fg_p95": 1286.9607421875,
  "summary_fg_stdv": 182.0546417236328,
  "tsnr": 79.65934255998582
}