{
  "aor": 0.0021815675675675677,
  "aqi": 0.004177492540540541,
  "bids_meta": {
    "AcquisitionMatrixPE": 64,
    "AcquisitionNumber": 1,
    "AcquisitionTime": "10:12:10.250000",
    "BandwidthPerPixelPhaseEncode": 33.967,
    "BaseResolution": 64,
    "ConversionSoftware": "dcm2niix",
    "ConversionSoftwareVersion": "v1.0.20180622 GCC4.9.2",
    "DerivedVendorReportedEchoSpacing": 0.000460005,
    "DeviceSerialNumber": "35193",
    "DwellTime": 3.1e-06,
    "EchoTime": 0.03,
    "EffectiveEchoSpacing": 0.000460005,
    "FlipAngle": 90,
    "ImageOrientationPatientDICOM": [
      1,
      0,
      0,
      0,
      1,
      0
    ],
    "ImageType": [
      "ORIGINAL",
      "PRIMARY",
      "M",
      "ND",
      "MOSAIC"
    ],
    "InPlanePhaseEncodingDirectionDICOM": "COL",
    "InstitutionAddress": "Xinjiekouwai_Street_No_19_Beijing_Haidian_District_CN_100875",
    "InstitutionName": "BNU_MRI_Center",
    "InstitutionalDepartmentName": "Department",
    "MRAcquisitionType": "2D",
    "MagneticFieldStrength": 3,
    "Manufacturer": "Siemens",
    "ManufacturersModelName": "TrioTim",
    "Modality": "MR",
    "PartialFourier": 1,
    "PatientPosition": "HFS",
    "PercentPhaseFOV": 100,
    "PhaseEncodingDirection": "j-",
    "PhaseEncodingSteps": 64,
    "PhaseResolution": 1,
    "PixelBandwidth": 2520,
    "ProcedureStepDescription": "BNU_cst_2015_Liu.Jia",
    "ProtocolName": "ge_func_pace_3x3x3.5_185",
    "PulseSequenceDetails": "%SiemensSeq%_ep2d_bold",
    "ReceiveCoilName": "HeadMatrix",
    "ReconMatrixPE": 64,
    "RepetitionTime": 2,
    "SAR": 0.132879,
    "ScanOptions": "FS",
    "ScanningSequence": "EP",
    "SequenceName": "_epfid2d1_64",
    "SequenceVariant": "SK",
    "SeriesDescription": "ge_func_pace_3x3x3.5_185",
    "SeriesNumber": 4,
    "ShimSetting": [
      -4450,
      -19374,
      -9776,
      1049,
      -25,
      -586,
      -105,
      -115
    ],
    "SliceThickness": 3.5,
    "SliceTiming": [
      0,
      1.0325,
      0.06,
      1.095,
      0.12,
      1.155,
      0.1825,
      1.215,
      0.2425,
      1.2775,
      0.3025,
      1.3375,
      0.365,
      1.3975,
      0.425,
      1.46,
      0.485,
      1.52,
      0.5475,
      1.58,
      0.6075,
      1.6425,
      0.6675,
      1.7025,
      0.73,
      1.7625,
      0.79,
      1.825,
      0.85,
      1.885,
      0.9125,
      1.945,
      0.9725
    ],
    "SoftwareVersions": "syngo_MR_B17",
    "SpacingBetweenSlices": 4.2,
    "StationName": "MRC35193",
    "TotalReadoutTime": 0.0289803,
    "TxRefAmp": 326.388,
    "dataset": "ds003696",
    "modality": "bold",
    "run_id": 3,
    "session_id": "01",
    "subject_id": "116",
    "task_id": "affordance"
  },
  "dummy_trs": 0,
  "dvars_nstd": 20.020167558152185,
  "dvars_std": 1.1180866489130425,
  "dvars_vstd": 1.013275859782609,
  "efc": 0.5449018890277432,
  "fber": 840.0784301757812,
  "fd_mean": 0.08275899211749914,
  "fd_num": 6,
  "fd_perc": 3.2432432432432434,
  "fwhm_avg": 2.0164579577851556,
  "fwhm_x": 1.9791264000000002,
  "fwhm_y": 2.2110976,
  "fwhm_z": 1.8591498733554654,
  "gcor": 0.0303141,
  "gsr_x": -0.000498034234624356,
  "gsr_y": 0.03237736597657204,
  "provenance": {
    "md5sum": "99f6bc9d6da4cd7d22abed822ce4f56e",
    "settings": {
      "fd_thres": 0.2,
      "testing": false
    },
    "software": "mriqc",
    "version": "23.0.1",
    "webapi_port": null,
    "webapi_url": "https://mriqc.nimh.nih.gov/api/v1"
  },
  "size_t": 185,
  "size_x": 64,
  "size_y": 64,
  "size_z": 33,
  "snr": 5.269942685233124,
  "spacing_tr": 2.0,
  "spacing_x": 3.125,
  "spacing_y": 3.125,
  "spacing_z": 4.200000286102295,
  "summary_bg_k": 34.082080191783845,
  "summary_bg_mad": 16.396779466350953,
  "summary_bg_mean": 68.55962371826172,
  "summary_bg_median": 33.291893005371094,
  "summary_bg_n": 80286.0,
  "summary_bg_p05": 20.524324417114258,
  "summary_bg_p95": 249.7121696472168,
  "summary_bg_stdv": 96.71007537841797,
  "summary_fg_k": 1.8748451760353353,
  "summary_fg_mad": 156.53072431409402,
  "summary_fg_mean": 986.6360473632812,
  "summary_fg_median": 976.6162109375,
  "summary_fg_n": 24335.0,
  "summary_fg_p05": 703.6205688476563,
  "summary_fg_p95": 1299.0394897460935,
  "summary_fg_stdv": 185.3143768310547,
  "tsnr": 73.52316749095917
}