{
  "aor": 0.0012090816326530613,
  "aqi": 0.003986090714285713,
  "bids_meta": {
    "AcquisitionMatrixPE": 64,
    "AcquisitionNumber": 1,
    "AcquisitionTime": "10:33:43.295000",
    "BandwidthPerPixelPhaseEncode": 33.967,
    "BaseResolution": 64,
    "ConversionSoftware": "dcm2niix",
    "ConversionSoftwareVersion": "v1.0.20180622 GCC4.9.2",
    "DerivedVendorReportedEchoSpacing": 0.000460005,
    "DeviceSerialNumber": "35193",
    "DwellTime": 3.1e-06,
    "EchoTime": 0.03,
    "EffectiveEchoSpacing": 0.000460005,
    "FlipAngle": 90,
    "ImageOrientationPatientDICOM": [
      1,
      0,
      0,
      0,
      1,
      0
    ],
    "ImageType": [
      "ORIGINAL",
      "PRIMARY",
      "M",
      "ND",
      "MOSAIC"
    ],
    "InPlanePhaseEncodingDirectionDICOM": "COL",
    "InstitutionAddress": "Xinjiekouwai_Street_No_19_Beijing_Haidian_District_CN_100875",
    "InstitutionName": "BNU_MRI_Center",
    "InstitutionalDepartmentName": "Department",
    "MRAcquisitionType": "2D",
    "MagneticFieldStrength": 3,
    "Manufacturer": "Siemens",
    "ManufacturersModelName": "TrioTim",
    "Modality": "MR",
    "PartialFourier": 1,
    "PatientPosition": "HFS",
    "PercentPhaseFOV": 100,
    "PhaseEncodingDirection": "j-",
    "PhaseEncodingSteps": 64,
    "PhaseResolution": 1,
    "PixelBandwidth": 2520,
    "ProcedureStepDescription": "BNU_cst_2015_Liu.Jia",
    "ProtocolName": "ge_func_pace_3x3x3.5_99",
    "PulseSequenceDetails": "%SiemensSeq%_ep2d_bold",
    "ReceiveCoilName": "HeadMatrix",
    "ReconMatrixPE": 64,
    "RepetitionTime": 2,
    "SAR": 0.132429,
    "ScanOptions": "FS",
    "ScanningSequence": "EP",
    "SequenceName": "_epfid2d1_64",
    "SequenceVariant": "SK",
    "SeriesDescription": "ge_func_pace_3x3x3.5_99",
    "SeriesNumber": 10,
    "ShimSetting": [
      -4450,
      -19374,
      -9776,
      1049,
      -25,
      -586,
      -105,
      -115
    ],
    "SliceThickness": 3.5,
    "SliceTiming": [
      0,
      1.035,
      0.06,
      1.095,
      0.1225,
      1.155,
      0.1825,
      1.2175,
      0.2425,
      1.2775,
      0.305,
      1.3375,
      0.365,
      1.4,
      0.425,
      1.46,
      0.4875,
      1.52,
      0.5475,
      1.5825,
      0.6075,
      1.6425,
      0.67,
      1.7025,
      0.73,
      1.765,
      0.79,
      1.825,
      0.8525,
      1.885,
      0.9125,
      1.9475,
      0.9725
    ],
    "SoftwareVersions": "syngo_MR_B17",
    "SpacingBetweenSlices": 4.2,
    "StationName": "MRC35193",
    "TotalReadoutTime": 0.0289803,
    "TxRefAmp": 326.388,
    "dataset": "ds003696",
    "modality": "bold",
    "run_id": 1,
    "session_id": "01",
    "subject_id": "116",
    "task_id": "localizer"
  },
  "dummy_trs": 1,
  "dvars_nstd": 19.865362069484537,
  "dvars_std": 1.112670601546392,
  "dvars_vstd": 1.0179682823711338,
  "efc": 0.5455481093485224,
  "fber": 856.0841674804688,
  "fd_mean": 0.08098234196723605,
  "fd_num": 5,
  "fd_perc": 5.1020408163265305,
  "fwhm_avg": 1.9907311524724476,
  "fwhm_x": 1.9666048,
  "fwhm_y": 2.1920864,
  "fwhm_z": 1.8135022574173434,
  "gcor": 0.0191147,
  "gsr_x": 0.0005456024664454162,
  "gsr_y": 0.03382418304681778,
  "provenance": {
    "md5sum": "8f9bfba32b614c96970fb3ac6f2f7ea6",
    "settings": {
      "fd_thres": 0.2,
      "testing": false
    },
    "software": "mriqc",
    "version": "23.0.1",
    "webapi_port": null,
    "webapi_url": "https://mriqc.nimh.nih.gov/api/v1"
  },
  "size_t": 98,
  "size_x": 64,
  "size_y": 64,
  "size_z": 33,
  "snr": 5.357209718417516,
  "spacing_tr": 2.0,
  "spacing_x": 3.125,
  "spacing_y": 3.125,
  "spacing_z": 4.200000286102295,
  "summary_bg_k": 30.58733463241925,
  "summary_bg_mad": 15.718609869793728,
  "summary_bg_mean": 68.80858612060547,
  "summary_bg_median": 32.84693908691406,
  "summary_bg_n": 80362.0,
  "summary_bg_p05": 21.071428298950195,
  "summary_bg_p95": 254.18315963745115,
  "summary_bg_stdv": 97.1436767578125,
  "summary_fg_k": 1.8922461429890989,
  "summary_fg_mad": 153.66872470070376,
  "summary_fg_mean": 983.5785522460938,
  "summary_fg_median": 973.5611572265625,
  "summary_fg_n": 24362.0,
  "summary_fg_p05": 706.1780548095703,
  "summary_fg_p95": 1288.518835449219,
  "summary_fg_stdv": 181.7254180908203,
  "tsnr": 75.82062007673085
}