{
  "aor": 0.01633762162162162,
  "aqi": 0.01395479945945946,
  "bids_meta": {
    "AcquisitionMatrixPE": 64,
    "AcquisitionNumber": 1,
    "AcquisitionTime": "10:26:24.435000",
    "BandwidthPerPixelPhaseEncode": 33.967,
    "BaseResolution": 64,
    "ConversionSoftware": "dcm2niix",
    "ConversionSoftwareVersion": "v1.0.20180622 GCC4.9.2",
    "DerivedVendorReportedEchoSpacing": 0.000460005,
    "DeviceSerialNumber": "35193",
    "DwellTime": 3.1e-06,
    "EchoTime": 0.03,
    "EffectiveEchoSpacing": 0.000460005,
    "FlipAngle": 90,
    "ImageOrientationPatientDICOM": [
      1,
      0,
      0,
      0,
      1,
      0
    ],
    "ImageType": [
      "ORIGINAL",
      "PRIMARY",
      "M",
      "ND",
      "MOSAIC"
    ],
    "InPlanePhaseEncodingDirectionDICOM": "COL",
    "InstitutionAddress": "Xinjiekouwai_Street_No_19_Beijing_Haidian_District_CN_100875",
    "InstitutionName": "BNU_MRI_Center",
    "InstitutionalDepartmentName": "Department",
    "MRAcquisitionType": "2D",
    "MagneticFieldStrength": 3,
    "Manufacturer": "Siemens",
    "ManufacturersModelName": "TrioTim",
    "Modality": "MR",
    "PartialFourier": 1,
    "PatientPosition": "HFS",
    "PercentPhaseFOV": 100,
    "PhaseEncodingDirection": "j-",
    "PhaseEncodingSteps": 64,
    "PhaseResolution": 1,
    "PixelBandwidth": 2520,
    "ProcedureStepDescription": "BNU_cst_2015_Liu.Jia",
    "ProtocolName": "ge_func_pace_3x3x3.5_185",
    "PulseSequenceDetails": "%SiemensSeq%_ep2d_bold",
    "ReceiveCoilName": "HeadMatrix",
    "ReconMatrixPE": 64,
    "RepetitionTime": 2,
    "SAR": 0.132879,
    "ScanOptions": "FS",
    "ScanningSequence": "EP",
    "SequenceName": "_epfid2d1_64",
    "SequenceVariant": "SK",
    "SeriesDescription": "ge_func_pace_3x3x3.5_185",
    "SeriesNumber": 8,
    "ShimSetting": [
      -4450,
      -19374,
      -9776,
      1049,
      -25,
      -586,
      -105,
      -115
    ],
    "SliceThickness": 3.5,
    "SliceTiming": [
      0,
      1.0325,
      0.06,
      1.095,
      0.12,
      1.155,
      0.1825,
      1.215,
      0.2425,
      1.2775,
      0.3025,
      1.3375,
      0.365,
      1.3975,
      0.425,
      1.46,
      0.485,
      1.52,
      0.5475,
      1.58,
      0.6075,
      1.6425,
      0.6675,
      1.7025,
      0.73,
      1.7625,
      0.79,
      1.825,
      0.85,
      1.885,
      0.9125,
      1.945,
      0.9725
    ],
    "SoftwareVersions": "syngo_MR_B17",
    "SpacingBetweenSlices": 4.2,
    "StationName": "MRC35193",
    "TotalReadoutTime": 0.0289803,
    "TxRefAmp": 326.388,
    "dataset": "ds003696",
    "modality": "bold",
    "run_id": 1,
    "session_id": "01",
    "subject_id": "116",
    "task_id": "affordance"
  },
  "dummy_trs": 0,
  "dvars_nstd": 20.80017229766305,
  "dvars_std": 1.0316276065760868,
  "dvars_vstd": 0.9810372975543475,
  "efc": 0.5461839312384638,
  "fber": 818.1388549804688,
  "fd_mean": 0.1133188267492141,
  "fd_num": 23,
  "fd_perc": 12.432432432432432,
  "fwhm_avg": 2.0214303905225974,
  "fwhm_x": 1.9935808,
  "fwhm_y": 2.2552224,
  "fwhm_z": 1.8154879715677916,
  "gcor": 0.00684036,
  "gsr_x": -0.0011857895879074931,
  "gsr_y": 0.033114634454250336,
  "provenance": {
    "md5sum": "c9d9271098916689087e7a23fbdc7b82",
    "settings": {
      "fd_thres": 0.2,
      "testing": false
    },
    "software": "mriqc",
    "version": "23.0.1",
    "webapi_port": null,
    "webapi_url": "https://mriqc.nimh.nih.gov/api/v1"
  },
  "size_t": 185,
  "size_x": 64,
  "size_y": 64,
  "size_z": 33,
  "snr": 5.374960520181058,
  "spacing_tr": 2.0,
  "spacing_x": 3.125,
  "spacing_y": 3.125,
  "spacing_z": 4.200000286102295,
  "summary_bg_k": 30.31495084907,
  "summary_bg_mad": 17.534775530316438,
  "summary_bg_mean": 69.70881652832031,
  "summary_bg_median": 33.91351318359375,
  "summary_bg_n": 80295.0,
  "summary_bg_p05": 20.00540542602539,
  "summary_bg_p95": 253.84324645996094,
  "summary_bg_stdv": 97.39349365234375,
  "summary_fg_k": 1.8109528282936944,
  "summary_fg_mad": 154.68751602620702,
  "summary_fg_mean": 993.5043334960938,
  "summary_fg_median": 981.7189331054688,
  "summary_fg_n": 24257.0,
  "summary_fg_p05": 714.5200317382812,
  "summary_fg_p95": 1305.221630859375,
  "summary_fg_stdv": 182.64295959472656,
  "tsnr": 45.59317591181025
}