{
  "aor": 0.003080978260869565,
  "aqi": 0.009620814945652175,
  "bids_meta": {
    "AcquisitionMatrixPE": 64,
    "AcquisitionNumber": 1,
    "AcquisitionTime": "10:04:58.995000",
    "BandwidthPerPixelPhaseEncode": 33.967,
    "BaseResolution": 64,
    "ConversionSoftware": "dcm2niix",
    "ConversionSoftwareVersion": "v1.0.20180622 GCC4.9.2",
    "DerivedVendorReportedEchoSpacing": 0.000460005,
    "DeviceSerialNumber": "35193",
    "DwellTime": 3.1e-06,
    "EchoTime": 0.03,
    "EffectiveEchoSpacing": 0.000460005,
    "FlipAngle": 90,
    "ImageOrientationPatientDICOM": [
      1,
      0,
      0,
      0,
      1,
      0
    ],
    "ImageType": [
      "ORIGINAL",
      "PRIMARY",
      "M",
      "ND",
      "MOSAIC"
    ],
    "InPlanePhaseEncodingDirectionDICOM": "COL",
    "InstitutionAddress": "Xinjiekouwai_Street_No_19_Beijing_Haidian_District_CN_100875",
    "InstitutionName": "BNU_MRI_Center",
    "InstitutionalDepartmentName": "Department",
    "MRAcquisitionType": "2D",
    "MagneticFieldStrength": 3,
    "Manufacturer": "Siemens",
    "ManufacturersModelName": "TrioTim",
    "Modality": "MR",
    "PartialFourier": 1,
    "PatientPosition": "HFS",
    "PercentPhaseFOV": 100,
    "PhaseEncodingDirection": "j-",
    "PhaseEncodingSteps": 64,
    "PhaseResolution": 1,
    "PixelBandwidth": 2520,
    "ProcedureStepDescription": "BNU_cst_2015_Liu.Jia",
    "ProtocolName": "ge_func_pace_3x3x3.5_185",
    "PulseSequenceDetails": "%SiemensSeq%_ep2d_bold",
    "ReceiveCoilName": "HeadMatrix",
    "ReconMatrixPE": 64,
    "RepetitionTime": 2,
    "SAR": 0.132879,
    "ScanOptions": "FS",
    "ScanningSequence": "EP",
    "SequenceName": "_epfid2d1_64",
    "SequenceVariant": "SK",
    "SeriesDescription": "ge_func_pace_3x3x3.5_185",
    "SeriesNumber": 2,
    "ShimSetting": [
      -4450,
      -19374,
      -9776,
      1049,
      -25,
      -586,
      -105,
      -115
    ],
    "SliceThickness": 3.5,
    "SliceTiming": [
      0,
      1.035,
      0.06,
      1.095,
      0.1225,
      1.155,
      0.1825,
      1.2175,
      0.2425,
      1.2775,
      0.305,
      1.3375,
      0.365,
      1.4,
      0.425,
      1.46,
      0.4875,
      1.52,
      0.5475,
      1.5825,
      0.6075,
      1.6425,
      0.67,
      1.7025,
      0.73,
      1.765,
      0.79,
      1.825,
      0.8525,
      1.885,
      0.9125,
      1.9475,
      0.9725
    ],
    "SoftwareVersions": "syngo_MR_B17",
    "SpacingBetweenSlices": 4.2,
    "StationName": "MRC35193",
    "TotalReadoutTime": 0.0289803,
    "TxRefAmp": 326.388,
    "dataset": "ds003696",
    "modality": "bold",
    "run_id": 4,
    "session_id": "01",
    "subject_id": "116",
    "task_id": "affordance"
  },
  "dummy_trs": 1,
  "dvars_nstd": 20.921516335191253,
  "dvars_std": 1.0637401273770495,
  "dvars_vstd": 0.9590636786885246,
  "efc": 0.544769632229031,
  "fber": 825.016357421875,
  "fd_mean": 0.09348148705273406,
  "fd_num": 9,
  "fd_perc": 4.891304347826087,
  "fwhm_avg": 2.0256016023037744,
  "fwhm_x": 1.9957568,
  "fwhm_y": 2.2251648,
  "fwhm_z": 1.8558832069113227,
  "gcor": 0.0119192,
  "gsr_x": -8.39599160826765e-05,
  "gsr_y": 0.03345508873462677,
  "provenance": {
    "md5sum": "c4a907afc019daefe0e3a2641c61a7bf",
    "settings": {
      "fd_thres": 0.2,
      "testing": false
    },
    "software": "mriqc",
    "version": "23.0.1",
    "webapi_port": null,
    "webapi_url": "https://mriqc.nimh.nih.gov/api/v1"
  },
  "size_t": 184,
  "size_x": 64,
  "size_y": 64,
  "size_z": 33,
  "snr": 5.259934716218805,
  "spacing_tr": 2.0,
  "spacing_x": 3.125,
  "spacing_y": 3.125,
  "spacing_z": 4.200000286102295,
  "summary_bg_k": 33.0954524695626,
  "summary_bg_mad": 17.162733678747315,
  "summary_bg_mean": 67.75173950195312,
  "summary_bg_median": 33.434783935546875,
  "summary_bg_n": 80251.0,
  "summary_bg_p05": 19.3858699798584,
  "summary_bg_p95": 243.05435180664062,
  "summary_bg_stdv": 94.32080841064453,
  "summary_fg_k": 1.7316868194673756,
  "summary_fg_mad": 158.48130000507285,
  "summary_fg_mean": 980.1668701171875,
  "summary_fg_median": 971.247314453125,
  "summary_fg_n": 24398.0,
  "summary_fg_p05": 694.7817779541016,
  "summary_fg_p95": 1289.6410339355464,
  "summary_fg_stdv": 184.6462860107422,
  "tsnr": 51.274781896034256
}