{
  "aor": 0.000638858695652174,
  "aqi": 0.003865813586956521,
  "bids_meta": {
    "AcquisitionMatrixPE": 64,
    "AcquisitionNumber": 1,
    "AcquisitionTime": "16:06:57.315000",
    "BandwidthPerPixelPhaseEncode": 33.967,
    "BaseResolution": 64,
    "ConversionSoftware": "dcm2niix",
    "ConversionSoftwareVersion": "v1.0.20180622 GCC4.9.2",
    "DerivedVendorReportedEchoSpacing": 0.000460005,
    "DeviceSerialNumber": "35193",
    "DwellTime": 3.1e-06,
    "EchoTime": 0.03,
    "EffectiveEchoSpacing": 0.000460005,
    "FlipAngle": 90,
    "ImageOrientationPatientDICOM": [
      1,
      0,
      0,
      0,
      1,
      0
    ],
    "ImageType": [
      "ORIGINAL",
      "PRIMARY",
      "M",
      "ND",
      "MOSAIC"
    ],
    "InPlanePhaseEncodingDirectionDICOM": "COL",
    "InstitutionAddress": "Xinjiekouwai_Street_No_19_Beijing_Haidian_District_CN_100875",
    "InstitutionName": "Beijing_Normal_Universtiy_7C3C54",
    "InstitutionalDepartmentName": "Department",
    "MRAcquisitionType": "2D",
    "MagneticFieldStrength": 3,
    "Manufacturer": "Siemens",
    "ManufacturersModelName": "TrioTim",
    "Modality": "MR",
    "PartialFourier": 1,
    "PatientPosition": "HFS",
    "PercentPhaseFOV": 100,
    "PhaseEncodingDirection": "j-",
    "PhaseEncodingSteps": 64,
    "PhaseResolution": 1,
    "PixelBandwidth": 2520,
    "ProcedureStepDescription": "BNU_cst_2015_Liu.Jia",
    "ProtocolName": "ge_func_pace_3x3x3.5_185",
    "PulseSequenceDetails": "%SiemensSeq%_ep2d_bold",
    "ReceiveCoilName": "HeadMatrix",
    "ReconMatrixPE": 64,
    "RepetitionTime": 2,
    "SAR": 0.142627,
    "ScanOptions": "FS",
    "ScanningSequence": "EP",
    "SequenceName": "_epfid2d1_64",
    "SequenceVariant": "SK",
    "SeriesDescription": "ge_func_pace_3x3x3.5_185",
    "SeriesNumber": 6,
    "ShimSetting": [
      -4543,
      -19377,
      -9764,
      1144,
      -185,
      -207,
      84,
      47
    ],
    "SliceThickness": 3.5,
    "SliceTiming": [
      0,
      1.035,
      0.0625,
      1.095,
      0.1225,
      1.1575,
      0.1825,
      1.2175,
      0.245,
      1.2775,
      0.305,
      1.34,
      0.365,
      1.4,
      0.4275,
      1.46,
      0.4875,
      1.5225,
      0.5475,
      1.5825,
      0.61,
      1.6425,
      0.67,
      1.705,
      0.73,
      1.765,
      0.7925,
      1.825,
      0.8525,
      1.8875,
      0.9125,
      1.9475,
      0.975
    ],
    "SoftwareVersions": "syngo_MR_B17",
    "SpacingBetweenSlices": 4.2,
    "StationName": "MRC35193",
    "TotalReadoutTime": 0.0289803,
    "TxRefAmp": 320.801,
    "dataset": "ds003696",
    "modality": "bold",
    "run_id": 2,
    "session_id": "01",
    "subject_id": "122",
    "task_id": "affordance"
  },
  "dummy_trs": 1,
  "dvars_nstd": 19.301259436612025,
  "dvars_std": 1.1154675183060108,
  "dvars_vstd": 1.001416281639344,
  "efc": 0.5148424424077385,
  "fber": 1069.6546630859375,
  "fd_mean": 0.0764808112123331,
  "fd_num": 3,
  "fd_perc": 1.6304347826086956,
  "fwhm_avg": 1.8627022864580134,
  "fwhm_x": 1.7985471999999998,
  "fwhm_y": 2.0627072,
  "fwhm_z": 1.7268524593740397,
  "gcor": 0.0331252,
  "gsr_x": -0.004470351152122021,
  "gsr_y": 0.02461525797843933,
  "provenance": {
    "md5sum": "5dba72d75fe01ea79c6fe8cd2342e535",
    "settings": {
      "fd_thres": 0.2,
      "testing": false
    },
    "software": "mriqc",
    "version": "23.0.1",
    "webapi_port": null,
    "webapi_url": "https://mriqc.nimh.nih.gov/api/v1"
  },
  "size_t": 184,
  "size_x": 64,
  "size_y": 64,
  "size_z": 33,
  "snr": 6.1225214994462345,
  "spacing_tr": 2.0,
  "spacing_x": 3.125,
  "spacing_y": 3.125,
  "spacing_z": 4.199999809265137,
  "summary_bg_k": 47.98020898429271,
  "summary_bg_mad": 10.958363731938917,
  "summary_bg_mean": 51.173057556152344,
  "summary_bg_median": 27.125,
  "summary_bg_n": 83382.0,
  "summary_bg_p05": 19.021739959716797,
  "summary_bg_p95": 154.9021759033203,
  "summary_bg_stdv": 74.15242767333984,
  "summary_fg_k": 1.5106719014605714,
  "summary_fg_mad": 128.3256287644107,
  "summary_fg_mean": 908.919189453125,
  "summary_fg_median": 900.5108642578125,
  "summary_fg_n": 21885.0,
  "summary_fg_p05": 689.2217529296875,
  "summary_fg_p95": 1162.3131103515625,
  "summary_fg_stdv": 147.07833862304688,
  "tsnr": 83.32365219620988
}