{
  "aor": 0.0010013265306122448,
  "aqi": 0.003796947448979591,
  "bids_meta": {
    "AcquisitionMatrixPE": 64,
    "AcquisitionNumber": 1,
    "AcquisitionTime": "16:21:22.167500",
    "BandwidthPerPixelPhaseEncode": 33.967,
    "BaseResolution": 64,
    "ConversionSoftware": "dcm2niix",
    "ConversionSoftwareVersion": "v1.0.20180622 GCC4.9.2",
    "DerivedVendorReportedEchoSpacing": 0.000460005,
    "DeviceSerialNumber": "35193",
    "DwellTime": 3.1e-06,
    "EchoTime": 0.03,
    "EffectiveEchoSpacing": 0.000460005,
    "FlipAngle": 90,
    "ImageOrientationPatientDICOM": [
      1,
      0,
      0,
      0,
      1,
      0
    ],
    "ImageType": [
      "ORIGINAL",
      "PRIMARY",
      "M",
      "ND",
      "MOSAIC"
    ],
    "InPlanePhaseEncodingDirectionDICOM": "COL",
    "InstitutionAddress": "Xinjiekouwai_Street_No_19_Beijing_Haidian_District_CN_100875",
    "InstitutionName": "Beijing_Normal_Universtiy_7C3C54",
    "InstitutionalDepartmentName": "Department",
    "MRAcquisitionType": "2D",
    "MagneticFieldStrength": 3,
    "Manufacturer": "Siemens",
    "ManufacturersModelName": "TrioTim",
    "Modality": "MR",
    "PartialFourier": 1,
    "PatientPosition": "HFS",
    "PercentPhaseFOV": 100,
    "PhaseEncodingDirection": "j-",
    "PhaseEncodingSteps": 64,
    "PhaseResolution": 1,
    "PixelBandwidth": 2520,
    "ProcedureStepDescription": "BNU_cst_2015_Liu.Jia",
    "ProtocolName": "ge_func_pace_3x3x3.5_99",
    "PulseSequenceDetails": "%SiemensSeq%_ep2d_bold",
    "ReceiveCoilName": "HeadMatrix",
    "ReconMatrixPE": 64,
    "RepetitionTime": 2,
    "SAR": 0.142143,
    "ScanOptions": "FS",
    "ScanningSequence": "EP",
    "SequenceName": "_epfid2d1_64",
    "SequenceVariant": "SK",
    "SeriesDescription": "ge_func_pace_3x3x3.5_99",
    "SeriesNumber": 10,
    "ShimSetting": [
      -4543,
      -19377,
      -9764,
      1144,
      -185,
      -207,
      84,
      47
    ],
    "SliceThickness": 3.5,
    "SliceTiming": [
      0,
      1.035,
      0.06,
      1.095,
      0.1225,
      1.155,
      0.1825,
      1.2175,
      0.2425,
      1.2775,
      0.305,
      1.3375,
      0.365,
      1.4,
      0.425,
      1.46,
      0.4875,
      1.52,
      0.5475,
      1.5825,
      0.6075,
      1.6425,
      0.67,
      1.7025,
      0.73,
      1.765,
      0.79,
      1.825,
      0.8525,
      1.885,
      0.9125,
      1.9475,
      0.9725
    ],
    "SoftwareVersions": "syngo_MR_B17",
    "SpacingBetweenSlices": 4.2,
    "StationName": "MRC35193",
    "TotalReadoutTime": 0.0289803,
    "TxRefAmp": 320.801,
    "dataset": "ds003696",
    "modality": "bold",
    "run_id": 1,
    "session_id": "01",
    "subject_id": "122",
    "task_id": "localizer"
  },
  "dummy_trs": 1,
  "dvars_nstd": 19.18113138257732,
  "dvars_std": 1.124673526701031,
  "dvars_vstd": 1.0256055382474223,
  "efc": 0.5158690766739848,
  "fber": 1056.0806884765625,
  "fd_mean": 0.08874685026697232,
  "fd_num": 0,
  "fd_perc": 0.0,
  "fwhm_avg": 1.866875308789479,
  "fwhm_x": 1.788784,
  "fwhm_y": 2.0777728,
  "fwhm_z": 1.7340691263684376,
  "gcor": 0.0166422,
  "gsr_x": -0.00483534624800086,
  "gsr_y": 0.024421297013759613,
  "provenance": {
    "md5sum": "503123d7ba93ad6a75a9d4086898d307",
    "settings": {
      "fd_thres": 0.2,
      "testing": false
    },
    "software": "mriqc",
    "version": "23.0.1",
    "webapi_port": null,
    "webapi_url": "https://mriqc.nimh.nih.gov/api/v1"
  },
  "size_t": 98,
  "size_x": 64,
  "size_y": 64,
  "size_z": 33,
  "snr": 6.12971153776932,
  "spacing_tr": 2.0,
  "spacing_x": 3.125,
  "spacing_y": 3.125,
  "spacing_z": 4.199999809265137,
  "summary_bg_k": 45.516950099146776,
  "summary_bg_mad": 11.104387698459592,
  "summary_bg_mean": 51.806053161621094,
  "summary_bg_median": 27.357141494750977,
  "summary_bg_n": 83273.0,
  "summary_bg_p05": 19.11224365234375,
  "summary_bg_p95": 158.22857055664056,
  "summary_bg_stdv": 74.65534210205078,
  "summary_fg_k": 1.5812489925765991,
  "summary_fg_mad": 128.22997992743802,
  "summary_fg_mean": 911.6765747070312,
  "summary_fg_median": 903.2958984375,
  "summary_fg_n": 21953.0,
  "summary_fg_p05": 690.9040405273438,
  "summary_fg_p95": 1166.3183105468747,
  "summary_fg_stdv": 147.36016845703125,
  "tsnr": 87.19926676666364
}