{
  "aor": 0.00044309782608695653,
  "aqi": 0.005169651521739131,
  "bids_meta": {
    "AcquisitionMatrixPE": 64,
    "AcquisitionNumber": 1,
    "AcquisitionTime": "12:16:16.982500",
    "BandwidthPerPixelPhaseEncode": 33.967,
    "BaseResolution": 64,
    "ConversionSoftware": "dcm2niix",
    "ConversionSoftwareVersion": "v1.0.20180622 GCC4.9.2",
    "DerivedVendorReportedEchoSpacing": 0.000460005,
    "DeviceSerialNumber": "35193",
    "DwellTime": 3.1e-06,
    "EchoTime": 0.03,
    "EffectiveEchoSpacing": 0.000460005,
    "FlipAngle": 90,
    "ImageOrientationPatientDICOM": [
      1,
      0,
      0,
      0,
      1,
      0
    ],
    "ImageType": [
      "ORIGINAL",
      "PRIMARY",
      "M",
      "ND",
      "MOSAIC"
    ],
    "InPlanePhaseEncodingDirectionDICOM": "COL",
    "InstitutionAddress": "Xinjiekouwai_Street_No_19_Beijing_Haidian_District_CN_100875",
    "InstitutionName": "BNU_MRI_Center",
    "InstitutionalDepartmentName": "Department",
    "MRAcquisitionType": "2D",
    "MagneticFieldStrength": 3,
    "Manufacturer": "Siemens",
    "ManufacturersModelName": "TrioTim",
    "Modality": "MR",
    "PartialFourier": 1,
    "PatientPosition": "HFS",
    "PercentPhaseFOV": 100,
    "PhaseEncodingDirection": "j-",
    "PhaseEncodingSteps": 64,
    "PhaseResolution": 1,
    "PixelBandwidth": 2520,
    "ProcedureStepDescription": "BNU_cst_2015_Liu.Jia",
    "ProtocolName": "ge_func_pace_3x3x3.5_185",
    "PulseSequenceDetails": "%SiemensSeq%_ep2d_bold",
    "ReceiveCoilName": "HeadMatrix",
    "ReconMatrixPE": 64,
    "RepetitionTime": 2,
    "SAR": 0.162965,
    "ScanOptions": "FS",
    "ScanningSequence": "EP",
    "SequenceName": "_epfid2d1_64",
    "SequenceVariant": "SK",
    "SeriesDescription": "ge_func_pace_3x3x3.5_185",
    "SeriesNumber": 4,
    "ShimSetting": [
      -4481,
      -19437,
      -9691,
      1016,
      161,
      -275,
      50,
      -22
    ],
    "SliceThickness": 3.5,
    "SliceTiming": [
      0,
      1.035,
      0.06,
      1.095,
      0.1225,
      1.155,
      0.1825,
      1.2175,
      0.2425,
      1.2775,
      0.305,
      1.3375,
      0.365,
      1.4,
      0.425,
      1.46,
      0.4875,
      1.52,
      0.5475,
      1.5825,
      0.6075,
      1.6425,
      0.67,
      1.7025,
      0.73,
      1.765,
      0.79,
      1.825,
      0.8525,
      1.885,
      0.9125,
      1.9475,
      0.9725
    ],
    "SoftwareVersions": "syngo_MR_B17",
    "SpacingBetweenSlices": 4.2,
    "StationName": "MRC35193",
    "TotalReadoutTime": 0.0289803,
    "TxRefAmp": 340.817,
    "dataset": "ds003696",
    "modality": "bold",
    "run_id": 6,
    "session_id": "02",
    "subject_id": "113",
    "task_id": "affordance"
  },
  "dummy_trs": 1,
  "dvars_nstd": 25.225268910983623,
  "dvars_std": 1.2606034289617496,
  "dvars_vstd": 0.9858278856830607,
  "efc": 0.5819593671862345,
  "fber": 704.5715942382812,
  "fd_mean": 0.09382417913998721,
  "fd_num": 0,
  "fd_perc": 0.0,
  "fwhm_avg": 1.9917805603768135,
  "fwhm_x": 1.9801152,
  "fwhm_y": 2.2087263999999998,
  "fwhm_z": 1.7865000811304403,
  "gcor": 0.0291459,
  "gsr_x": 0.01895803213119507,
  "gsr_y": 0.028337528929114342,
  "provenance": {
    "md5sum": "b50fb3831d60d3f1cae22575db5530c9",
    "settings": {
      "fd_thres": 0.2,
      "testing": false
    },
    "software": "mriqc",
    "version": "23.0.1",
    "webapi_port": null,
    "webapi_url": "https://mriqc.nimh.nih.gov/api/v1"
  },
  "size_t": 184,
  "size_x": 64,
  "size_y": 64,
  "size_z": 33,
  "snr": 5.683918978443268,
  "spacing_tr": 2.0,
  "spacing_x": 3.125,
  "spacing_y": 3.125,
  "spacing_z": 4.199999809265137,
  "summary_bg_k": 26.206102836807506,
  "summary_bg_mad": 17.505182191890494,
  "summary_bg_mean": 66.74337005615234,
  "summary_bg_median": 34.17662811279297,
  "summary_bg_n": 72436.0,
  "summary_bg_p05": 21.184783935546875,
  "summary_bg_p95": 242.06929779052734,
  "summary_bg_stdv": 90.57696533203125,
  "summary_fg_k": 1.6328705729834239,
  "summary_fg_mad": 137.86992579146957,
  "summary_fg_mean": 935.6936645507812,
  "summary_fg_median": 928.7418212890625,
  "summary_fg_n": 29602.0,
  "summary_fg_p05": 686.1252716064453,
  "summary_fg_p95": 1213.2711853027342,
  "summary_fg_stdv": 163.3953857421875,
  "tsnr": 72.58372553461231
}