{
  "aor": 0.0008402717391304348,
  "aqi": 0.007691413749999999,
  "bids_meta": {
    "AcquisitionMatrixPE": 64,
    "AcquisitionNumber": 1,
    "AcquisitionTime": "14:17:31.112500",
    "BandwidthPerPixelPhaseEncode": 33.967,
    "BaseResolution": 64,
    "ConversionSoftware": "dcm2niix",
    "ConversionSoftwareVersion": "v1.0.20180622 GCC4.9.2",
    "DerivedVendorReportedEchoSpacing": 0.000460005,
    "DeviceSerialNumber": "35193",
    "DwellTime": 3.1e-06,
    "EchoTime": 0.03,
    "EffectiveEchoSpacing": 0.000460005,
    "FlipAngle": 90,
    "ImageOrientationPatientDICOM": [
      1,
      0,
      0,
      0,
      1,
      0
    ],
    "ImageType": [
      "ORIGINAL",
      "PRIMARY",
      "M",
      "ND",
      "MOSAIC"
    ],
    "InPlanePhaseEncodingDirectionDICOM": "COL",
    "InstitutionAddress": "Xinjiekouwai_Street_No_19_Beijing_Haidian_District_CN_100875",
    "InstitutionName": "Beijing_Normal_Universtiy_7C3C54",
    "InstitutionalDepartmentName": "Department",
    "MRAcquisitionType": "2D",
    "MagneticFieldStrength": 3,
    "Manufacturer": "Siemens",
    "ManufacturersModelName": "TrioTim",
    "Modality": "MR",
    "PartialFourier": 1,
    "PatientPosition": "HFS",
    "PercentPhaseFOV": 100,
    "PhaseEncodingDirection": "j-",
    "PhaseEncodingSteps": 64,
    "PhaseResolution": 1,
    "PixelBandwidth": 2520,
    "ProcedureStepDescription": "BNU_cst_2019_Xu.Shan",
    "ProtocolName": "ge_func_pace_3x3x3.5_185",
    "PulseSequenceDetails": "%SiemensSeq%_ep2d_bold",
    "ReceiveCoilName": "HeadMatrix",
    "ReconMatrixPE": 64,
    "RepetitionTime": 2,
    "SAR": 0.122794,
    "ScanOptions": "FS",
    "ScanningSequence": "EP",
    "SequenceName": "_epfid2d1_64",
    "SequenceVariant": "SK",
    "SeriesDescription": "ge_func_pace_3x3x3.5_185",
    "SeriesNumber": 4,
    "ShimSetting": [
      -4514,
      -19367,
      -9769,
      1215,
      -74,
      35,
      54,
      23
    ],
    "SliceThickness": 3.5,
    "SliceTiming": [
      0,
      1.035,
      0.06,
      1.095,
      0.1225,
      1.155,
      0.1825,
      1.2175,
      0.2425,
      1.2775,
      0.305,
      1.3375,
      0.365,
      1.4,
      0.425,
      1.46,
      0.4875,
      1.52,
      0.5475,
      1.5825,
      0.6075,
      1.6425,
      0.67,
      1.7025,
      0.73,
      1.765,
      0.79,
      1.825,
      0.8525,
      1.885,
      0.9125,
      1.9475,
      0.9725
    ],
    "SoftwareVersions": "syngo_MR_B17",
    "SpacingBetweenSlices": 4.2,
    "StationName": "MRC35193",
    "TotalReadoutTime": 0.0289803,
    "TxRefAmp": 326.988,
    "dataset": "ds003696",
    "modality": "bold",
    "run_id": 3,
    "session_id": "01",
    "subject_id": "132",
    "task_id": "affordance"
  },
  "dummy_trs": 1,
  "dvars_nstd": 20.006398633934428,
  "dvars_std": 1.071327281202185,
  "dvars_vstd": 0.9847007962295083,
  "efc": 0.5353038001178893,
  "fber": 890.5922241210938,
  "fd_mean": 0.10915629427691954,
  "fd_num": 15,
  "fd_perc": 8.152173913043478,
  "fwhm_avg": 1.8241017264322126,
  "fwhm_x": 1.7952864,
  "fwhm_y": 2.0357568,
  "fwhm_z": 1.6412619792966379,
  "gcor": 0.0283468,
  "gsr_x": 0.006827256176620722,
  "gsr_y": 0.02981662005186081,
  "provenance": {
    "md5sum": "73d52f2ac1cadfd472da3ec9042ec008",
    "settings": {
      "fd_thres": 0.2,
      "testing": false
    },
    "software": "mriqc",
    "version": "23.0.1",
    "webapi_port": null,
    "webapi_url": "https://mriqc.nimh.nih.gov/api/v1"
  },
  "size_t": 184,
  "size_x": 64,
  "size_y": 64,
  "size_z": 33,
  "snr": 6.688001107868791,
  "spacing_tr": 2.0,
  "spacing_x": 3.125,
  "spacing_y": 3.125,
  "spacing_z": 4.199999809265137,
  "summary_bg_k": 31.63243713705132,
  "summary_bg_mad": 13.464284646690242,
  "summary_bg_mean": 54.212615966796875,
  "summary_bg_median": 28.673913955688477,
  "summary_bg_n": 81081.0,
  "summary_bg_p05": 18.64130401611328,
  "summary_bg_p95": 174.01087951660156,
  "summary_bg_stdv": 77.33979034423828,
  "summary_fg_k": 1.7644456424202009,
  "summary_fg_mad": 116.53335784134869,
  "summary_fg_mean": 873.03369140625,
  "summary_fg_median": 870.0054321289062,
  "summary_fg_n": 23514.0,
  "summary_fg_p05": 670.1271728515625,
  "summary_fg_p95": 1082.5804382324218,
  "summary_fg_stdv": 130.08175659179688,
  "tsnr": 66.92473212862387
}