{
  "aor": 0.0021469072164948455,
  "aqi": 0.0052217101030927835,
  "bids_meta": {
    "AcquisitionMatrixPE": 64,
    "AcquisitionNumber": 1,
    "AcquisitionTime": "14:02:47.510000",
    "BandwidthPerPixelPhaseEncode": 33.967,
    "BaseResolution": 64,
    "ConversionSoftware": "dcm2niix",
    "ConversionSoftwareVersion": "v1.0.20180622 GCC4.9.2",
    "DerivedVendorReportedEchoSpacing": 0.000460005,
    "DeviceSerialNumber": "35193",
    "DwellTime": 3.1e-06,
    "EchoTime": 0.03,
    "EffectiveEchoSpacing": 0.000460005,
    "FlipAngle": 90,
    "ImageOrientationPatientDICOM": [
      0.999657,
      -1e-16,
      0.0261769,
      1e-16,
      1,
      0
    ],
    "ImageType": [
      "ORIGINAL",
      "PRIMARY",
      "M",
      "ND",
      "MOSAIC"
    ],
    "InPlanePhaseEncodingDirectionDICOM": "COL",
    "InstitutionAddress": "Xinjiekouwai_Street_No_19_Beijing_Haidian_District_CN_100875",
    "InstitutionName": "Beijing_Normal_Universtiy_7C3C54",
    "InstitutionalDepartmentName": "Department",
    "MRAcquisitionType": "2D",
    "MagneticFieldStrength": 3,
    "Manufacturer": "Siemens",
    "ManufacturersModelName": "TrioTim",
    "Modality": "MR",
    "PartialFourier": 1,
    "PatientPosition": "HFS",
    "PercentPhaseFOV": 100,
    "PhaseEncodingDirection": "j-",
    "PhaseEncodingSteps": 64,
    "PhaseResolution": 1,
    "PixelBandwidth": 2520,
    "ProcedureStepDescription": "BNU_cst_2019_Xu.Shan",
    "ProtocolName": "ge_func_pace_3x3x3.5_99",
    "PulseSequenceDetails": "%SiemensSeq%_ep2d_bold",
    "ReceiveCoilName": "HeadMatrix",
    "ReconMatrixPE": 64,
    "RepetitionTime": 2,
    "SAR": 0.120387,
    "ScanOptions": "FS",
    "ScanningSequence": "EP",
    "SequenceName": "_epfid2d1_64",
    "SequenceVariant": "SK",
    "SeriesDescription": "ge_func_pace_3x3x3.5_99",
    "SeriesNumber": 20,
    "ShimSetting": [
      -4480,
      -19353,
      -9784,
      1048,
      -1,
      -203,
      -66,
      -125
    ],
    "SliceThickness": 3.5,
    "SliceTiming": [
      0,
      1.035,
      0.0625,
      1.095,
      0.1225,
      1.1575,
      0.1825,
      1.2175,
      0.245,
      1.2775,
      0.305,
      1.34,
      0.365,
      1.4,
      0.4275,
      1.46,
      0.4875,
      1.5225,
      0.5475,
      1.5825,
      0.61,
      1.6425,
      0.67,
      1.705,
      0.73,
      1.765,
      0.7925,
      1.825,
      0.8525,
      1.8875,
      0.9125,
      1.9475,
      0.975
    ],
    "SoftwareVersions": "syngo_MR_B17",
    "SpacingBetweenSlices": 4.2,
    "StationName": "MRC35193",
    "TotalReadoutTime": 0.0289803,
    "TxRefAmp": 328.846,
    "dataset": "ds003696",
    "modality": "bold",
    "run_id": 2,
    "session_id": "01",
    "subject_id": "132",
    "task_id": "localizer"
  },
  "dummy_trs": 2,
  "dvars_nstd": 20.00669211187501,
  "dvars_std": 1.1386874241666665,
  "dvars_vstd": 1.0138895902083334,
  "efc": 0.5392896591774197,
  "fber": 816.5468139648438,
  "fd_mean": 0.06303515117338937,
  "fd_num": 2,
  "fd_perc": 2.0618556701030926,
  "fwhm_avg": 1.898269478395301,
  "fwhm_x": 1.8531136000000001,
  "fwhm_y": 2.121264,
  "fwhm_z": 1.7204308351859023,
  "gcor": 0.0235229,
  "gsr_x": 0.008398976176977158,
  "gsr_y": 0.029795197769999504,
  "provenance": {
    "md5sum": "91a7bfc6c8e3041abc4bbb9fc8512a75",
    "settings": {
      "fd_thres": 0.2,
      "testing": false
    },
    "software": "mriqc",
    "version": "23.0.1",
    "webapi_port": null,
    "webapi_url": "https://mriqc.nimh.nih.gov/api/v1"
  },
  "size_t": 97,
  "size_x": 64,
  "size_y": 64,
  "size_z": 33,
  "snr": 6.3957570152679475,
  "spacing_tr": 2.0,
  "spacing_x": 3.125,
  "spacing_y": 3.125,
  "spacing_z": 4.200000286102295,
  "summary_bg_k": 24.64972990934204,
  "summary_bg_mad": 15.406834929694623,
  "summary_bg_mean": 58.280216217041016,
  "summary_bg_median": 30.298967361450195,
  "summary_bg_n": 81130.0,
  "summary_bg_p05": 18.649484634399414,
  "summary_bg_p95": 196.56236648559573,
  "summary_bg_stdv": 81.79048919677734,
  "summary_fg_k": 1.460279501194007,
  "summary_fg_mad": 122.53634038353769,
  "summary_fg_mean": 884.3291015625,
  "summary_fg_median": 879.6701049804688,
  "summary_fg_n": 23508.0,
  "summary_fg_p05": 671.495327758789,
  "summary_fg_p95": 1112.6793884277342,
  "summary_fg_stdv": 137.53671264648438,
  "tsnr": 76.21257748268545
}