{
  "aor": 0.005456956521739131,
  "aqi": 0.009487565108695653,
  "bids_meta": {
    "AcquisitionMatrixPE": 64,
    "AcquisitionNumber": 1,
    "AcquisitionTime": "14:26:33.995000",
    "BandwidthPerPixelPhaseEncode": 33.967,
    "BaseResolution": 64,
    "ConversionSoftware": "dcm2niix",
    "ConversionSoftwareVersion": "v1.0.20180622 GCC4.9.2",
    "DerivedVendorReportedEchoSpacing": 0.000460005,
    "DeviceSerialNumber": "35193",
    "DwellTime": 3.1e-06,
    "EchoTime": 0.03,
    "EffectiveEchoSpacing": 0.000460005,
    "FlipAngle": 90,
    "ImageOrientationPatientDICOM": [
      1,
      0,
      0,
      0,
      1,
      0
    ],
    "ImageType": [
      "ORIGINAL",
      "PRIMARY",
      "M",
      "ND",
      "MOSAIC"
    ],
    "InPlanePhaseEncodingDirectionDICOM": "COL",
    "InstitutionAddress": "Xinjiekouwai_Street_No_19_Beijing_Haidian_District_CN_100875",
    "InstitutionName": "Beijing_Normal_Universtiy_7C3C54",
    "InstitutionalDepartmentName": "Department",
    "MRAcquisitionType": "2D",
    "MagneticFieldStrength": 3,
    "Manufacturer": "Siemens",
    "ManufacturersModelName": "TrioTim",
    "Modality": "MR",
    "PartialFourier": 1,
    "PatientPosition": "HFS",
    "PercentPhaseFOV": 100,
    "PhaseEncodingDirection": "j-",
    "PhaseEncodingSteps": 64,
    "PhaseResolution": 1,
    "PixelBandwidth": 2520,
    "ProcedureStepDescription": "BNU_cst_2019_Xu.Shan",
    "ProtocolName": "ge_func_pace_3x3x3.5_185",
    "PulseSequenceDetails": "%SiemensSeq%_ep2d_bold",
    "ReceiveCoilName": "HeadMatrix",
    "ReconMatrixPE": 64,
    "RepetitionTime": 2,
    "SAR": 0.122794,
    "ScanOptions": "FS",
    "ScanningSequence": "EP",
    "SequenceName": "_epfid2d1_64",
    "SequenceVariant": "SK",
    "SeriesDescription": "ge_func_pace_3x3x3.5_185",
    "SeriesNumber": 8,
    "ShimSetting": [
      -4514,
      -19367,
      -9769,
      1215,
      -74,
      35,
      54,
      23
    ],
    "SliceThickness": 3.5,
    "SliceTiming": [
      0,
      1.035,
      0.06,
      1.095,
      0.1225,
      1.155,
      0.1825,
      1.2175,
      0.2425,
      1.2775,
      0.305,
      1.3375,
      0.365,
      1.4,
      0.425,
      1.46,
      0.4875,
      1.52,
      0.5475,
      1.5825,
      0.6075,
      1.6425,
      0.67,
      1.7025,
      0.73,
      1.765,
      0.79,
      1.825,
      0.8525,
      1.885,
      0.9125,
      1.9475,
      0.9725
    ],
    "SoftwareVersions": "syngo_MR_B17",
    "SpacingBetweenSlices": 4.2,
    "StationName": "MRC35193",
    "TotalReadoutTime": 0.0289803,
    "TxRefAmp": 326.988,
    "dataset": "ds003696",
    "modality": "bold",
    "run_id": 2,
    "session_id": "01",
    "subject_id": "132",
    "task_id": "affordance"
  },
  "dummy_trs": 1,
  "dvars_nstd": 20.289251932076503,
  "dvars_std": 1.1192840318579234,
  "dvars_vstd": 1.0124467831147534,
  "efc": 0.5361284237872075,
  "fber": 864.6221923828125,
  "fd_mean": 0.11266313605142134,
  "fd_num": 18,
  "fd_perc": 9.782608695652174,
  "fwhm_avg": 1.833931796487284,
  "fwhm_x": 1.8012991999999999,
  "fwhm_y": 2.0451104,
  "fwhm_z": 1.6553857894618529,
  "gcor": 0.0233949,
  "gsr_x": 0.007295091636478901,
  "gsr_y": 0.029700400307774544,
  "provenance": {
    "md5sum": "a1e3785de83f1ff8fda567acdc2bd31d",
    "settings": {
      "fd_thres": 0.2,
      "testing": false
    },
    "software": "mriqc",
    "version": "23.0.1",
    "webapi_port": null,
    "webapi_url": "https://mriqc.nimh.nih.gov/api/v1"
  },
  "size_t": 184,
  "size_x": 64,
  "size_y": 64,
  "size_z": 33,
  "snr": 6.693935951321244,
  "spacing_tr": 2.0,
  "spacing_x": 3.125,
  "spacing_y": 3.125,
  "spacing_z": 4.199999809265137,
  "summary_bg_k": 30.624221751165393,
  "summary_bg_mad": 13.923570996789435,
  "summary_bg_mean": 54.91986846923828,
  "summary_bg_median": 29.201087951660156,
  "summary_bg_n": 81098.0,
  "summary_bg_p05": 18.8641300201416,
  "summary_bg_p95": 177.38450851440413,
  "summary_bg_stdv": 77.69732666015625,
  "summary_fg_k": 1.6659477537919143,
  "summary_fg_mad": 117.66544372114693,
  "summary_fg_mean": 877.0821533203125,
  "summary_fg_median": 873.434814453125,
  "summary_fg_n": 23533.0,
  "summary_fg_p05": 674.0250244140625,
  "summary_fg_p95": 1089.6836669921875,
  "summary_fg_stdv": 130.47872924804688,
  "tsnr": 62.998906827531755
}