{
  "aor": 0.0012062162162162161,
  "aqi": 0.006765419459459459,
  "bids_meta": {
    "AcquisitionMatrixPE": 64,
    "AcquisitionNumber": 1,
    "AcquisitionTime": "14:10:40.180000",
    "BandwidthPerPixelPhaseEncode": 33.967,
    "BaseResolution": 64,
    "ConversionSoftware": "dcm2niix",
    "ConversionSoftwareVersion": "v1.0.20180622 GCC4.9.2",
    "DerivedVendorReportedEchoSpacing": 0.000460005,
    "DeviceSerialNumber": "35193",
    "DwellTime": 3.1e-06,
    "EchoTime": 0.03,
    "EffectiveEchoSpacing": 0.000460005,
    "FlipAngle": 90,
    "ImageOrientationPatientDICOM": [
      1,
      0,
      0,
      0,
      1,
      0
    ],
    "ImageType": [
      "ORIGINAL",
      "PRIMARY",
      "M",
      "ND",
      "MOSAIC"
    ],
    "InPlanePhaseEncodingDirectionDICOM": "COL",
    "InstitutionAddress": "Xinjiekouwai_Street_No_19_Beijing_Haidian_District_CN_100875",
    "InstitutionName": "Beijing_Normal_Universtiy_7C3C54",
    "InstitutionalDepartmentName": "Department",
    "MRAcquisitionType": "2D",
    "MagneticFieldStrength": 3,
    "Manufacturer": "Siemens",
    "ManufacturersModelName": "TrioTim",
    "Modality": "MR",
    "PartialFourier": 1,
    "PatientPosition": "HFS",
    "PercentPhaseFOV": 100,
    "PhaseEncodingDirection": "j-",
    "PhaseEncodingSteps": 64,
    "PhaseResolution": 1,
    "PixelBandwidth": 2520,
    "ProcedureStepDescription": "BNU_cst_2019_Xu.Shan",
    "ProtocolName": "ge_func_pace_3x3x3.5_185",
    "PulseSequenceDetails": "%SiemensSeq%_ep2d_bold",
    "ReceiveCoilName": "HeadMatrix",
    "ReconMatrixPE": 64,
    "RepetitionTime": 2,
    "SAR": 0.122794,
    "ScanOptions": "FS",
    "ScanningSequence": "EP",
    "SequenceName": "_epfid2d1_64",
    "SequenceVariant": "SK",
    "SeriesDescription": "ge_func_pace_3x3x3.5_185",
    "SeriesNumber": 2,
    "ShimSetting": [
      -4514,
      -19367,
      -9769,
      1215,
      -74,
      35,
      54,
      23
    ],
    "SliceThickness": 3.5,
    "SliceTiming": [
      0,
      1.035,
      0.0625,
      1.095,
      0.1225,
      1.1575,
      0.1825,
      1.2175,
      0.245,
      1.2775,
      0.305,
      1.34,
      0.365,
      1.4,
      0.4275,
      1.46,
      0.4875,
      1.5225,
      0.5475,
      1.5825,
      0.61,
      1.6425,
      0.67,
      1.705,
      0.73,
      1.765,
      0.7925,
      1.825,
      0.8525,
      1.8875,
      0.9125,
      1.9475,
      0.975
    ],
    "SoftwareVersions": "syngo_MR_B17",
    "SpacingBetweenSlices": 4.2,
    "StationName": "MRC35193",
    "TotalReadoutTime": 0.0289803,
    "TxRefAmp": 326.988,
    "dataset": "ds003696",
    "modality": "bold",
    "run_id": 4,
    "session_id": "01",
    "subject_id": "132",
    "task_id": "affordance"
  },
  "dummy_trs": 0,
  "dvars_nstd": 19.230066216358697,
  "dvars_std": 1.083699824945652,
  "dvars_vstd": 0.9971889620652178,
  "efc": 0.5346726996776257,
  "fber": 887.2081298828125,
  "fd_mean": 0.08057618948293309,
  "fd_num": 3,
  "fd_perc": 1.6216216216216217,
  "fwhm_avg": 1.821978310475651,
  "fwhm_x": 1.8006175999999998,
  "fwhm_y": 2.0295744,
  "fwhm_z": 1.6357429314269534,
  "gcor": 0.0540717,
  "gsr_x": 0.00808814074844122,
  "gsr_y": 0.029200183227658272,
  "provenance": {
    "md5sum": "775189c9c8c8139bcb1c2c422786fe6f",
    "settings": {
      "fd_thres": 0.2,
      "testing": false
    },
    "software": "mriqc",
    "version": "23.0.1",
    "webapi_port": null,
    "webapi_url": "https://mriqc.nimh.nih.gov/api/v1"
  },
  "size_t": 185,
  "size_x": 64,
  "size_y": 64,
  "size_z": 33,
  "snr": 6.623319776135555,
  "spacing_tr": 2.0,
  "spacing_x": 3.125,
  "spacing_y": 3.125,
  "spacing_z": 4.199999809265137,
  "summary_bg_k": 31.762291579253784,
  "summary_bg_mad": 13.431572201500435,
  "summary_bg_mean": 53.29765701293945,
  "summary_bg_median": 28.432432174682617,
  "summary_bg_n": 81110.0,
  "summary_bg_p05": 18.043243408203125,
  "summary_bg_p95": 166.7205467224122,
  "summary_bg_stdv": 75.62055969238281,
  "summary_fg_k": 1.797699223262203,
  "summary_fg_mad": 116.02764968106312,
  "summary_fg_mean": 864.7284545898438,
  "summary_fg_median": 862.4054565429688,
  "summary_fg_n": 23413.0,
  "summary_fg_p05": 660.022705078125,
  "summary_fg_p95": 1073.6615966796874,
  "summary_fg_stdv": 130.20465087890625,
  "tsnr": 67.84813734819181
}