{
  "bids_meta": {
    "AcquisitionMatrixPE": 192,
    "AcquisitionNumber": 1,
    "AcquisitionTime": "16:20:39.520000",
    "BaseResolution": 256,
    "ConversionSoftware": "dcm2niix",
    "ConversionSoftwareVersion": "v1.0.20180622 GCC4.9.2",
    "DeviceSerialNumber": "35193",
    "DwellTime": 1.03e-05,
    "EchoTime": 0.00339,
    "FlipAngle": 7,
    "ImageOrientationPatientDICOM": [
      0,
      1,
      0,
      0,
      0,
      -1
    ],
    "ImageType": [
      "ORIGINAL",
      "PRIMARY",
      "M",
      "ND",
      "NORM"
    ],
    "InPlanePhaseEncodingDirectionDICOM": "ROW",
    "InstitutionAddress": "Xinjiekouwai_Street_No_19_Beijing_Haidian_District_CN_100875",
    "InstitutionName": "BNU_MRI_Center",
    "InstitutionalDepartmentName": "Department",
    "InversionTime": 1.1,
    "MRAcquisitionType": "3D",
    "MagneticFieldStrength": 3,
    "Manufacturer": "Siemens",
    "ManufacturersModelName": "TrioTim",
    "Modality": "MR",
    "PartialFourier": 1,
    "PatientPosition": "HFS",
    "PercentPhaseFOV": 100,
    "PhaseEncodingSteps": 192,
    "PhaseResolution": 0.75,
    "PixelBandwidth": 190,
    "ProcedureStepDescription": "BNU_cst_2019_Xu.Shan",
    "ProtocolName": "t1_mprage_sag",
    "PulseSequenceDetails": "%SiemensSeq%_tfl",
    "ReceiveCoilName": "HeadMatrix",
    "ReconMatrixPE": 256,
    "RepetitionTime": 2.53,
    "SAR": 0.0586052,
    "ScanOptions": "IR",
    "ScanningSequence": "GR_IR",
    "SequenceName": "_tfl3d1_ns",
    "SequenceVariant": "SP_MP",
    "SeriesDescription": "t1_mprage_sag",
    "SeriesNumber": 10,
    "ShimSetting": [
      -4489,
      -19276,
      -10209,
      636,
      -133,
      80,
      82,
      -26
    ],
    "SliceThickness": 1.33,
    "SoftwareVersions": "syngo_MR_B17",
    "StationName": "MRC35193",
    "TxRefAmp": 316.393,
    "dataset": "ds003696",
    "modality": "T1w",
    "session_id": "02",
    "subject_id": "131"
  },
  "cjv": 0.29741141897123935,
  "cnr": 4.539784864568058,
  "efc": 0.5601814009945076,
  "fber": 7775.906813813628,
  "fwhm_avg": 4.260308231789282,
  "fwhm_x": 3.6984446953678476,
  "fwhm_y": 5.02364,
  "fwhm_z": 4.05884,
  "icvs_csf": 0.23881054040769215,
  "icvs_gm": 0.42548503552045724,
  "icvs_wm": 0.33570442407185064,
  "inu_med": 0.6412251591682434,
  "inu_range": 0.27353712916374184,
  "provenance": {
    "md5sum": "036b3b6dac94d8c1c010af10dc66865e",
    "settings": {
      "testing": false
    },
    "software": "mriqc",
    "version": "23.0.1",
    "warnings": {
      "large_rot_frame": true,
      "small_air_mask": false
    },
    "webapi_port": null,
    "webapi_url": "https://mriqc.nimh.nih.gov/api/v1"
  },
  "qi_1": 0.0,
  "qi_2": 0.007174180490980855,
  "rpve_csf": 21.072588350080462,
  "rpve_gm": 11.900389884620097,
  "rpve_wm": 18.015597524813508,
  "size_x": 128,
  "size_y": 256,
  "size_z": 256,
  "snr_csf": 1.4781000860267883,
  "snr_gm": 8.900151539328572,
  "snr_total": 11.805703332072659,
  "snr_wm": 25.038858370862613,
  "snrd_csf": 15.400777968734449,
  "snrd_gm": 60.48677641359794,
  "snrd_total": 57.32615163867947,
  "snrd_wm": 96.09090053370602,
  "spacing_x": 1.3299942016601562,
  "spacing_y": 1.0,
  "spacing_z": 1.0,
  "summary_bg_k": 5.9251055747783195,
  "summary_bg_mad": 6.817881732015684,
  "summary_bg_mean": 6.286011669988221,
  "summary_bg_median": 4.598591346293688,
  "summary_bg_n": 2082267.0,
  "summary_bg_p05": 0.0,
  "summary_bg_p95": 22.218457136303186,
  "summary_bg_stdv": 8.025057736522292,
  "summary_csf_k": -0.13686364190818745,
  "summary_csf_mad": 103.0935485056898,
  "summary_csf_mean": 186.27743385933243,
  "summary_csf_median": 160.27300997450948,
  "summary_csf_n": 31199.0,
  "summary_csf_p05": 42.524868397042155,
  "summary_csf_p95": 388.07754402495914,
  "summary_csf_stdv": 108.43003319531152,
  "summary_gm_k": -0.05836589904335199,
  "summary_gm_mad": 72.37719712355597,
  "summary_gm_mean": 629.1485952137676,
  "summary_gm_median": 629.4745459705591,
  "summary_gm_n": 21534.0,
  "summary_gm_p05": 512.9038858088664,
  "summary_gm_p95": 744.4877358525991,
  "summary_gm_stdv": 70.72463060767544,
  "summary_wm_k": 0.45118597616551037,
  "summary_wm_mad": 37.82130181865543,
  "summary_wm_mean": 998.0262654842984,
  "summary_wm_median": 999.9999929200858,
  "summary_wm_n": 129977.0,
  "summary_wm_p05": 928.5233615312725,
  "summary_wm_p95": 1059.8542897589505,
  "summary_wm_stdv": 39.937769177286306,
  "tpm_overlap_csf": 0.16433614429497362,
  "tpm_overlap_gm": 0.4819583996000722,
  "tpm_overlap_wm": 0.5081072340002928,
  "wm2max": 0.7754401111069404
}