{
  "aor": 0.002185054347826087,
  "aqi": 0.0076134233152173915,
  "bids_meta": {
    "AcquisitionMatrixPE": 64,
    "AcquisitionNumber": 1,
    "AcquisitionTime": "11:19:13.022500",
    "BandwidthPerPixelPhaseEncode": 33.967,
    "BaseResolution": 64,
    "ConversionSoftware": "dcm2niix",
    "ConversionSoftwareVersion": "v1.0.20180622 GCC4.9.2",
    "DerivedVendorReportedEchoSpacing": 0.000460005,
    "DeviceSerialNumber": "35193",
    "DwellTime": 3.1e-06,
    "EchoTime": 0.03,
    "EffectiveEchoSpacing": 0.000460005,
    "FlipAngle": 90,
    "ImageOrientationPatientDICOM": [
      1,
      0,
      0,
      0,
      1,
      0
    ],
    "ImageType": [
      "ORIGINAL",
      "PRIMARY",
      "M",
      "ND",
      "MOSAIC"
    ],
    "InPlanePhaseEncodingDirectionDICOM": "COL",
    "InstitutionAddress": "Xinjiekouwai_Street_No_19_Beijing_Haidian_District_CN_100875",
    "InstitutionName": "BNU_MRI_Center",
    "InstitutionalDepartmentName": "Department",
    "MRAcquisitionType": "2D",
    "MagneticFieldStrength": 3,
    "Manufacturer": "Siemens",
    "ManufacturersModelName": "TrioTim",
    "Modality": "MR",
    "PartialFourier": 1,
    "PatientPosition": "HFS",
    "PercentPhaseFOV": 100,
    "PhaseEncodingDirection": "j-",
    "PhaseEncodingSteps": 64,
    "PhaseResolution": 1,
    "PixelBandwidth": 2520,
    "ProcedureStepDescription": "BNU_cst_2015_Liu.Jia",
    "ProtocolName": "ge_func_pace_3x3x3.5_185",
    "PulseSequenceDetails": "%SiemensSeq%_ep2d_bold",
    "ReceiveCoilName": "HeadMatrix",
    "ReconMatrixPE": 64,
    "RepetitionTime": 2,
    "SAR": 0.145014,
    "ScanOptions": "FS",
    "ScanningSequence": "EP",
    "SequenceName": "_epfid2d1_64",
    "SequenceVariant": "SK",
    "SeriesDescription": "ge_func_pace_3x3x3.5_185",
    "SeriesNumber": 8,
    "ShimSetting": [
      -4522,
      -19420,
      -9815,
      1163,
      14,
      -285,
      6,
      -6
    ],
    "SliceThickness": 3.5,
    "SliceTiming": [
      0,
      1.0325,
      0.06,
      1.095,
      0.12,
      1.155,
      0.1825,
      1.215,
      0.2425,
      1.2775,
      0.3025,
      1.3375,
      0.365,
      1.3975,
      0.425,
      1.46,
      0.485,
      1.52,
      0.5475,
      1.58,
      0.6075,
      1.6425,
      0.6675,
      1.7025,
      0.73,
      1.7625,
      0.79,
      1.825,
      0.85,
      1.885,
      0.9125,
      1.945,
      0.9725
    ],
    "SoftwareVersions": "syngo_MR_B17",
    "SpacingBetweenSlices": 4.2,
    "StationName": "MRC35193",
    "TotalReadoutTime": 0.0289803,
    "TxRefAmp": 319.73,
    "dataset": "ds003696",
    "modality": "bold",
    "run_id": 8,
    "session_id": "02",
    "subject_id": "111",
    "task_id": "affordance"
  },
  "dummy_trs": 1,
  "dvars_nstd": 20.06938143245903,
  "dvars_std": 1.1083283599453544,
  "dvars_vstd": 0.9918292512568307,
  "efc": 0.5256443885699583,
  "fber": 1256.2353515625,
  "fd_mean": 0.11857305113874028,
  "fd_num": 14,
  "fd_perc": 7.608695652173913,
  "fwhm_avg": 2.0342274438311008,
  "fwhm_x": 1.9961568,
  "fwhm_y": 2.2596064,
  "fwhm_z": 1.846919131493302,
  "gcor": 0.0192016,
  "gsr_x": -0.01286970917135477,
  "gsr_y": 0.030202893540263176,
  "provenance": {
    "md5sum": "44d3865e7c7f9a6025b3ed9169605180",
    "settings": {
      "fd_thres": 0.2,
      "testing": false
    },
    "software": "mriqc",
    "version": "23.0.1",
    "webapi_port": null,
    "webapi_url": "https://mriqc.nimh.nih.gov/api/v1"
  },
  "size_t": 184,
  "size_x": 64,
  "size_y": 64,
  "size_z": 33,
  "snr": 5.940504755944079,
  "spacing_tr": 2.0,
  "spacing_x": 3.125,
  "spacing_y": 3.125,
  "spacing_z": 4.199999809265137,
  "summary_bg_k": 36.409172990182554,
  "summary_bg_mad": 10.36209967328604,
  "summary_bg_mean": 48.120487213134766,
  "summary_bg_median": 27.282609939575195,
  "summary_bg_n": 79145.0,
  "summary_bg_p05": 19.244565963745117,
  "summary_bg_p95": 144.33804931640654,
  "summary_bg_stdv": 61.86589050292969,
  "summary_fg_k": 1.294534148893698,
  "summary_fg_mad": 147.90970551185282,
  "summary_fg_mean": 994.1256103515625,
  "summary_fg_median": 989.4266357421875,
  "summary_fg_n": 24786.0,
  "summary_fg_p05": 725.4130859375,
  "summary_fg_p95": 1272.2636413574219,
  "summary_fg_stdv": 166.55262756347656,
  "tsnr": 64.50465155299753
}