{
  "aor": 0.0007922162162162164,
  "aqi": 0.004292644756756757,
  "bids_meta": {
    "AcquisitionMatrixPE": 64,
    "AcquisitionNumber": 1,
    "AcquisitionTime": "12:19:16.495000",
    "BandwidthPerPixelPhaseEncode": 33.967,
    "BaseResolution": 64,
    "ConversionSoftware": "dcm2niix",
    "ConversionSoftwareVersion": "v1.0.20180622 GCC4.9.2",
    "DerivedVendorReportedEchoSpacing": 0.000460005,
    "DeviceSerialNumber": "35193",
    "DwellTime": 3.1e-06,
    "EchoTime": 0.03,
    "EffectiveEchoSpacing": 0.000460005,
    "FlipAngle": 90,
    "ImageOrientationPatientDICOM": [
      1,
      0,
      0,
      0,
      1,
      0
    ],
    "ImageType": [
      "ORIGINAL",
      "PRIMARY",
      "M",
      "ND",
      "MOSAIC"
    ],
    "InPlanePhaseEncodingDirectionDICOM": "COL",
    "InstitutionAddress": "Xinjiekouwai_Street_No_19_Beijing_Haidian_District_CN_100875",
    "InstitutionName": "Beijing_Normal_Universtiy_0C7E54",
    "InstitutionalDepartmentName": "Department",
    "MRAcquisitionType": "2D",
    "MagneticFieldStrength": 3,
    "Manufacturer": "Siemens",
    "ManufacturersModelName": "TrioTim",
    "Modality": "MR",
    "PartialFourier": 1,
    "PatientPosition": "HFS",
    "PercentPhaseFOV": 100,
    "PhaseEncodingDirection": "j-",
    "PhaseEncodingSteps": 64,
    "PhaseResolution": 1,
    "PixelBandwidth": 2520,
    "ProcedureStepDescription": "BNU_cst_2019_Xu.Shan",
    "ProtocolName": "ge_func_pace_3x3x3.5_185",
    "PulseSequenceDetails": "%SiemensSeq%_ep2d_bold",
    "ReceiveCoilName": "HeadMatrix",
    "ReconMatrixPE": 64,
    "RepetitionTime": 2,
    "SAR": 0.149809,
    "ScanOptions": "FS",
    "ScanningSequence": "EP",
    "SequenceName": "_epfid2d1_64",
    "SequenceVariant": "SK",
    "SeriesDescription": "ge_func_pace_3x3x3.5_185",
    "SeriesNumber": 4,
    "ShimSetting": [
      -4520,
      -19420,
      -9787,
      1112,
      -163,
      -617,
      18,
      40
    ],
    "SliceThickness": 3.5,
    "SliceTiming": [
      0,
      1.035,
      0.06,
      1.095,
      0.1225,
      1.155,
      0.1825,
      1.2175,
      0.2425,
      1.2775,
      0.305,
      1.3375,
      0.365,
      1.4,
      0.425,
      1.46,
      0.4875,
      1.52,
      0.5475,
      1.5825,
      0.6075,
      1.6425,
      0.67,
      1.7025,
      0.73,
      1.765,
      0.79,
      1.825,
      0.8525,
      1.885,
      0.9125,
      1.9475,
      0.9725
    ],
    "SoftwareVersions": "syngo_MR_B17",
    "SpacingBetweenSlices": 4.2,
    "StationName": "MRC35193",
    "TotalReadoutTime": 0.0289803,
    "TxRefAmp": 349.176,
    "dataset": "ds003696",
    "modality": "bold",
    "run_id": 6,
    "session_id": "02",
    "subject_id": "139",
    "task_id": "affordance"
  },
  "dummy_trs": 0,
  "dvars_nstd": 24.168652171793482,
  "dvars_std": 1.1297907596195658,
  "dvars_vstd": 1.0046898761413048,
  "efc": 0.5496546464135076,
  "fber": 727.082275390625,
  "fd_mean": 0.19303642382129468,
  "fd_num": 96,
  "fd_perc": 51.891891891891895,
  "fwhm_avg": 1.9402647124102474,
  "fwhm_x": 1.9229759999999998,
  "fwhm_y": 2.1342752,
  "fwhm_z": 1.7635429372307432,
  "gcor": 0.055397,
  "gsr_x": 0.0023153224028646946,
  "gsr_y": 0.02764842100441456,
  "provenance": {
    "md5sum": "b0d77ac99675b71f6c8803f077eba19c",
    "settings": {
      "fd_thres": 0.2,
      "testing": false
    },
    "software": "mriqc",
    "version": "23.0.1",
    "webapi_port": null,
    "webapi_url": "https://mriqc.nimh.nih.gov/api/v1"
  },
  "size_t": 185,
  "size_x": 64,
  "size_y": 64,
  "size_z": 33,
  "snr": 5.561335758898127,
  "spacing_tr": 2.0,
  "spacing_x": 3.125,
  "spacing_y": 3.125,
  "spacing_z": 4.199999809265137,
  "summary_bg_k": 21.880943472400016,
  "summary_bg_mad": 14.048657641025764,
  "summary_bg_mean": 58.924827575683594,
  "summary_bg_median": 30.52972984313965,
  "summary_bg_n": 79977.0,
  "summary_bg_p05": 20.200000762939453,
  "summary_bg_p95": 192.42919616699209,
  "summary_bg_stdv": 76.4049301147461,
  "summary_fg_k": 0.9085979954996377,
  "summary_fg_mad": 137.8139119503285,
  "summary_fg_mean": 845.9151000976562,
  "summary_fg_median": 838.8837890625,
  "summary_fg_n": 24288.0,
  "summary_fg_p05": 600.7730010986328,
  "summary_fg_p95": 1093.9897460937498,
  "summary_fg_stdv": 150.8390350341797,
  "tsnr": 67.46052358392626
}