{
  "aor": 0.0009659595959595958,
  "aqi": 0.005640491717171717,
  "bids_meta": {
    "AcquisitionMatrixPE": 64,
    "AcquisitionNumber": 1,
    "AcquisitionTime": "13:13:15.465000",
    "BandwidthPerPixelPhaseEncode": 33.967,
    "BaseResolution": 64,
    "ConversionSoftware": "dcm2niix",
    "ConversionSoftwareVersion": "v1.0.20180622 GCC4.9.2",
    "DerivedVendorReportedEchoSpacing": 0.000460005,
    "DeviceSerialNumber": "35193",
    "DwellTime": 3.1e-06,
    "EchoTime": 0.03,
    "EffectiveEchoSpacing": 0.000460005,
    "FlipAngle": 90,
    "ImageOrientationPatientDICOM": [
      1,
      0,
      0,
      0,
      1,
      0
    ],
    "ImageType": [
      "ORIGINAL",
      "PRIMARY",
      "M",
      "ND",
      "MOSAIC"
    ],
    "InPlanePhaseEncodingDirectionDICOM": "COL",
    "InstitutionAddress": "Xinjiekouwai_Street_No_19_Beijing_Haidian_District_CN_100875",
    "InstitutionName": "Beijing_Normal_Universtiy_7C3C54",
    "InstitutionalDepartmentName": "Department",
    "MRAcquisitionType": "2D",
    "MagneticFieldStrength": 3,
    "Manufacturer": "Siemens",
    "ManufacturersModelName": "TrioTim",
    "Modality": "MR",
    "PartialFourier": 1,
    "PatientPosition": "HFS",
    "PercentPhaseFOV": 100,
    "PhaseEncodingDirection": "j-",
    "PhaseEncodingSteps": 64,
    "PhaseResolution": 1,
    "PixelBandwidth": 2520,
    "ProcedureStepDescription": "BNU_cst_2015_Liu.Jia",
    "ProtocolName": "ge_func_pace_3x3x3.5_99",
    "PulseSequenceDetails": "%SiemensSeq%_ep2d_bold",
    "ReceiveCoilName": "HeadMatrix",
    "ReconMatrixPE": 64,
    "RepetitionTime": 2,
    "SAR": 0.135272,
    "ScanOptions": "FS",
    "ScanningSequence": "EP",
    "SequenceName": "_epfid2d1_64",
    "SequenceVariant": "SK",
    "SeriesDescription": "ge_func_pace_3x3x3.5_99",
    "SeriesNumber": 12,
    "ShimSetting": [
      -4507,
      -19283,
      -9975,
      976,
      -120,
      -4,
      58,
      -80
    ],
    "SliceThickness": 3.5,
    "SliceTiming": [
      0,
      1.035,
      0.06,
      1.095,
      0.1225,
      1.155,
      0.1825,
      1.2175,
      0.2425,
      1.2775,
      0.305,
      1.3375,
      0.365,
      1.4,
      0.425,
      1.46,
      0.4875,
      1.52,
      0.5475,
      1.5825,
      0.6075,
      1.6425,
      0.67,
      1.7025,
      0.73,
      1.765,
      0.79,
      1.825,
      0.8525,
      1.885,
      0.9125,
      1.9475,
      0.9725
    ],
    "SoftwareVersions": "syngo_MR_B17",
    "SpacingBetweenSlices": 4.2,
    "StationName": "MRC35193",
    "TotalReadoutTime": 0.0289803,
    "TxRefAmp": 323.941,
    "dataset": "ds003696",
    "modality": "bold",
    "run_id": 2,
    "session_id": "01",
    "subject_id": "118",
    "task_id": "localizer"
  },
  "dummy_trs": 0,
  "dvars_nstd": 25.63213058357143,
  "dvars_std": 1.2762226848979594,
  "dvars_vstd": 1.0121032056122452,
  "efc": 0.5269561084643679,
  "fber": 937.058837890625,
  "fd_mean": 0.09519181582484365,
  "fd_num": 2,
  "fd_perc": 2.0202020202020203,
  "fwhm_avg": 1.9652902553206968,
  "fwhm_x": 1.9097152,
  "fwhm_y": 2.2190912,
  "fwhm_z": 1.7670643659620904,
  "gcor": 0.0380477,
  "gsr_x": -0.006096481811255217,
  "gsr_y": 0.02191998064517975,
  "provenance": {
    "md5sum": "5272076937c88213e4eba5b90a6ac26e",
    "settings": {
      "fd_thres": 0.2,
      "testing": false
    },
    "software": "mriqc",
    "version": "23.0.1",
    "webapi_port": null,
    "webapi_url": "https://mriqc.nimh.nih.gov/api/v1"
  },
  "size_t": 99,
  "size_x": 64,
  "size_y": 64,
  "size_z": 33,
  "snr": 6.578153714290704,
  "spacing_tr": 2.0,
  "spacing_x": 3.125,
  "spacing_y": 3.125,
  "spacing_z": 4.199999809265137,
  "summary_bg_k": 41.723574728067575,
  "summary_bg_mad": 14.002354600090609,
  "summary_bg_mean": 57.48078155517578,
  "summary_bg_median": 31.030303955078125,
  "summary_bg_n": 82366.0,
  "summary_bg_p05": 20.68686866760254,
  "summary_bg_p95": 178.4015121459961,
  "summary_bg_stdv": 77.47129821777344,
  "summary_fg_k": 1.709296784648525,
  "summary_fg_mad": 123.30306942390622,
  "summary_fg_mean": 970.5888671875,
  "summary_fg_median": 975.5101318359375,
  "summary_fg_n": 22262.0,
  "summary_fg_p05": 711.2838470458985,
  "summary_fg_p95": 1198.7474365234375,
  "summary_fg_stdv": 148.29209899902344,
  "tsnr": 79.95684916619211
}