{
  "aor": 0.0007585869565217392,
  "aqi": 0.005631225815217392,
  "bids_meta": {
    "AcquisitionMatrixPE": 64,
    "AcquisitionNumber": 1,
    "AcquisitionTime": "10:14:12.907500",
    "BandwidthPerPixelPhaseEncode": 33.967,
    "BaseResolution": 64,
    "ConversionSoftware": "dcm2niix",
    "ConversionSoftwareVersion": "v1.0.20180622 GCC4.9.2",
    "DerivedVendorReportedEchoSpacing": 0.000460005,
    "DeviceSerialNumber": "35193",
    "DwellTime": 3.1e-06,
    "EchoTime": 0.03,
    "EffectiveEchoSpacing": 0.000460005,
    "FlipAngle": 90,
    "ImageOrientationPatientDICOM": [
      1,
      0,
      0,
      0,
      1,
      0
    ],
    "ImageType": [
      "ORIGINAL",
      "PRIMARY",
      "M",
      "ND",
      "MOSAIC"
    ],
    "InPlanePhaseEncodingDirectionDICOM": "COL",
    "InstitutionAddress": "Xinjiekouwai_Street_No_19_Beijing_Haidian_District_CN_100875",
    "InstitutionName": "BNU_MRI_Center",
    "InstitutionalDepartmentName": "Department",
    "MRAcquisitionType": "2D",
    "MagneticFieldStrength": 3,
    "Manufacturer": "Siemens",
    "ManufacturersModelName": "TrioTim",
    "Modality": "MR",
    "PartialFourier": 1,
    "PatientPosition": "HFS",
    "PercentPhaseFOV": 100,
    "PhaseEncodingDirection": "j-",
    "PhaseEncodingSteps": 64,
    "PhaseResolution": 1,
    "PixelBandwidth": 2520,
    "ProcedureStepDescription": "BNU_cst_2015_Liu.Jia",
    "ProtocolName": "ge_func_pace_3x3x3.5_185",
    "PulseSequenceDetails": "%SiemensSeq%_ep2d_bold",
    "ReceiveCoilName": "HeadMatrix",
    "ReconMatrixPE": 64,
    "RepetitionTime": 2,
    "SAR": 0.128535,
    "ScanOptions": "FS",
    "ScanningSequence": "EP",
    "SequenceName": "_epfid2d1_64",
    "SequenceVariant": "SK",
    "SeriesDescription": "ge_func_pace_3x3x3.5_185",
    "SeriesNumber": 6,
    "ShimSetting": [
      -4514,
      -19410,
      -9817,
      1240,
      -114,
      -99,
      188,
      13
    ],
    "SliceThickness": 3.5,
    "SliceTiming": [
      0,
      1.0325,
      0.06,
      1.095,
      0.12,
      1.155,
      0.1825,
      1.215,
      0.2425,
      1.2775,
      0.3025,
      1.3375,
      0.365,
      1.3975,
      0.425,
      1.46,
      0.485,
      1.52,
      0.5475,
      1.58,
      0.6075,
      1.6425,
      0.6675,
      1.7025,
      0.73,
      1.7625,
      0.79,
      1.825,
      0.85,
      1.885,
      0.9125,
      1.945,
      0.9725
    ],
    "SoftwareVersions": "syngo_MR_B17",
    "SpacingBetweenSlices": 4.2,
    "StationName": "MRC35193",
    "TotalReadoutTime": 0.0289803,
    "TxRefAmp": 315.582,
    "dataset": "ds003696",
    "modality": "bold",
    "run_id": 6,
    "session_id": "02",
    "subject_id": "110",
    "task_id": "affordance"
  },
  "dummy_trs": 1,
  "dvars_nstd": 21.556413858907106,
  "dvars_std": 1.1435069990710383,
  "dvars_vstd": 0.9815028810928964,
  "efc": 0.5287224927212009,
  "fber": 1112.068603515625,
  "fd_mean": 0.09353598961883366,
  "fd_num": 3,
  "fd_perc": 1.6304347826086956,
  "fwhm_avg": 1.9158482165240434,
  "fwhm_x": 1.8585024,
  "fwhm_y": 2.1683136,
  "fwhm_z": 1.7207286495721295,
  "gcor": 0.022475,
  "gsr_x": -0.006389831192791462,
  "gsr_y": 0.03163671866059303,
  "provenance": {
    "md5sum": "8e2e2aaf7058995333417a51d69f2234",
    "settings": {
      "fd_thres": 0.2,
      "testing": false
    },
    "software": "mriqc",
    "version": "23.0.1",
    "webapi_port": null,
    "webapi_url": "https://mriqc.nimh.nih.gov/api/v1"
  },
  "size_t": 184,
  "size_x": 64,
  "size_y": 64,
  "size_z": 33,
  "snr": 6.195579086208075,
  "spacing_tr": 2.0,
  "spacing_x": 3.125,
  "spacing_y": 3.125,
  "spacing_z": 4.199999809265137,
  "summary_bg_k": 36.14398933792059,
  "summary_bg_mad": 11.570743646844964,
  "summary_bg_mean": 53.33818435668945,
  "summary_bg_median": 28.0,
  "summary_bg_n": 80311.0,
  "summary_bg_p05": 19.42934799194336,
  "summary_bg_p95": 166.7119598388672,
  "summary_bg_stdv": 75.03437042236328,
  "summary_fg_k": 1.251831663967037,
  "summary_fg_mad": 139.37275271675225,
  "summary_fg_mean": 959.7451171875,
  "summary_fg_median": 951.6549072265625,
  "summary_fg_n": 24168.0,
  "summary_fg_p05": 718.8339874267579,
  "summary_fg_p95": 1218.7497070312497,
  "summary_fg_stdv": 153.5990753173828,
  "tsnr": 74.02838502824306
}