{
  "aor": 0.00046402173913043487,
  "aqi": 0.004889347010869565,
  "bids_meta": {
    "AcquisitionMatrixPE": 64,
    "AcquisitionNumber": 1,
    "AcquisitionTime": "09:59:57.905000",
    "BandwidthPerPixelPhaseEncode": 33.967,
    "BaseResolution": 64,
    "ConversionSoftware": "dcm2niix",
    "ConversionSoftwareVersion": "v1.0.20180622 GCC4.9.2",
    "DerivedVendorReportedEchoSpacing": 0.000460005,
    "DeviceSerialNumber": "35193",
    "DwellTime": 3.1e-06,
    "EchoTime": 0.03,
    "EffectiveEchoSpacing": 0.000460005,
    "FlipAngle": 90,
    "ImageOrientationPatientDICOM": [
      1,
      0,
      0,
      0,
      1,
      0
    ],
    "ImageType": [
      "ORIGINAL",
      "PRIMARY",
      "M",
      "ND",
      "MOSAIC"
    ],
    "InPlanePhaseEncodingDirectionDICOM": "COL",
    "InstitutionAddress": "Xinjiekouwai_Street_No_19_Beijing_Haidian_District_CN_100875",
    "InstitutionName": "BNU_MRI_Center",
    "InstitutionalDepartmentName": "Department",
    "MRAcquisitionType": "2D",
    "MagneticFieldStrength": 3,
    "Manufacturer": "Siemens",
    "ManufacturersModelName": "TrioTim",
    "Modality": "MR",
    "PartialFourier": 1,
    "PatientPosition": "HFS",
    "PercentPhaseFOV": 100,
    "PhaseEncodingDirection": "j-",
    "PhaseEncodingSteps": 64,
    "PhaseResolution": 1,
    "PixelBandwidth": 2520,
    "ProcedureStepDescription": "BNU_cst_2015_Liu.Jia",
    "ProtocolName": "ge_func_pace_3x3x3.5_185",
    "PulseSequenceDetails": "%SiemensSeq%_ep2d_bold",
    "ReceiveCoilName": "HeadMatrix",
    "ReconMatrixPE": 64,
    "RepetitionTime": 2,
    "SAR": 0.128535,
    "ScanOptions": "FS",
    "ScanningSequence": "EP",
    "SequenceName": "_epfid2d1_64",
    "SequenceVariant": "SK",
    "SeriesDescription": "ge_func_pace_3x3x3.5_185",
    "SeriesNumber": 2,
    "ShimSetting": [
      -4514,
      -19410,
      -9817,
      1240,
      -114,
      -99,
      188,
      13
    ],
    "SliceThickness": 3.5,
    "SliceTiming": [
      0,
      1.035,
      0.06,
      1.095,
      0.1225,
      1.155,
      0.1825,
      1.2175,
      0.2425,
      1.2775,
      0.305,
      1.3375,
      0.365,
      1.4,
      0.425,
      1.46,
      0.4875,
      1.52,
      0.5475,
      1.5825,
      0.6075,
      1.6425,
      0.67,
      1.7025,
      0.73,
      1.765,
      0.79,
      1.825,
      0.8525,
      1.885,
      0.9125,
      1.9475,
      0.9725
    ],
    "SoftwareVersions": "syngo_MR_B17",
    "SpacingBetweenSlices": 4.2,
    "StationName": "MRC35193",
    "TotalReadoutTime": 0.0289803,
    "TxRefAmp": 315.582,
    "dataset": "ds003696",
    "modality": "bold",
    "run_id": 8,
    "session_id": "02",
    "subject_id": "110",
    "task_id": "affordance"
  },
  "dummy_trs": 1,
  "dvars_nstd": 22.71821209617486,
  "dvars_std": 1.2000058393442623,
  "dvars_vstd": 0.9858589108196725,
  "efc": 0.527007088879341,
  "fber": 1136.3681640625,
  "fd_mean": 0.08395890030567978,
  "fd_num": 0,
  "fd_perc": 0.0,
  "fwhm_avg": 1.907198445397685,
  "fwhm_x": 1.8534624,
  "fwhm_y": 2.12744,
  "fwhm_z": 1.7406929361930545,
  "gcor": 0.0605579,
  "gsr_x": -0.006582360249012709,
  "gsr_y": 0.030751459300518036,
  "provenance": {
    "md5sum": "7e755a80b8ab3736ebcbdc0dcd50dde1",
    "settings": {
      "fd_thres": 0.2,
      "testing": false
    },
    "software": "mriqc",
    "version": "23.0.1",
    "webapi_port": null,
    "webapi_url": "https://mriqc.nimh.nih.gov/api/v1"
  },
  "size_t": 184,
  "size_x": 64,
  "size_y": 64,
  "size_z": 33,
  "snr": 6.2486493548325655,
  "spacing_tr": 2.0,
  "spacing_x": 3.125,
  "spacing_y": 3.125,
  "spacing_z": 4.199999809265137,
  "summary_bg_k": 34.159814472387055,
  "summary_bg_mad": 11.36930251327859,
  "summary_bg_mean": 52.09560012817383,
  "summary_bg_median": 27.6358699798584,
  "summary_bg_n": 80463.0,
  "summary_bg_p05": 19.032609939575195,
  "summary_bg_p95": 165.71521606445268,
  "summary_bg_stdv": 72.31197357177734,
  "summary_fg_k": 1.2763979677748853,
  "summary_fg_mad": 137.66849314142115,
  "summary_fg_mean": 957.0875854492188,
  "summary_fg_median": 950.434814453125,
  "summary_fg_n": 24018.0,
  "summary_fg_p05": 719.0820678710938,
  "summary_fg_p95": 1211.2294189453123,
  "summary_fg_stdv": 152.09927368164062,
  "tsnr": 76.86886327830143
}