{
  "aor": 0.002860815217391304,
  "aqi": 0.009474232880434781,
  "bids_meta": {
    "AcquisitionMatrixPE": 64,
    "AcquisitionNumber": 1,
    "AcquisitionTime": "09:31:9.032500",
    "BandwidthPerPixelPhaseEncode": 33.967,
    "BaseResolution": 64,
    "ConversionSoftware": "dcm2niix",
    "ConversionSoftwareVersion": "v1.0.20180622 GCC4.9.2",
    "DerivedVendorReportedEchoSpacing": 0.000460005,
    "DeviceSerialNumber": "35193",
    "DwellTime": 3.1e-06,
    "EchoTime": 0.03,
    "EffectiveEchoSpacing": 0.000460005,
    "FlipAngle": 90,
    "ImageOrientationPatientDICOM": [
      1,
      0,
      0,
      0,
      1,
      0
    ],
    "ImageType": [
      "ORIGINAL",
      "PRIMARY",
      "M",
      "ND",
      "MOSAIC"
    ],
    "InPlanePhaseEncodingDirectionDICOM": "COL",
    "InstitutionAddress": "Xinjiekouwai_Street_No_19_Beijing_Haidian_District_CN_100875",
    "InstitutionName": "Beijing_Normal_Universtiy_7C3C54",
    "InstitutionalDepartmentName": "Department",
    "MRAcquisitionType": "2D",
    "MagneticFieldStrength": 3,
    "Manufacturer": "Siemens",
    "ManufacturersModelName": "TrioTim",
    "Modality": "MR",
    "PartialFourier": 1,
    "PatientPosition": "HFS",
    "PercentPhaseFOV": 100,
    "PhaseEncodingDirection": "j-",
    "PhaseEncodingSteps": 64,
    "PhaseResolution": 1,
    "PixelBandwidth": 2520,
    "ProcedureStepDescription": "BNU_cst_2015_Liu.Jia",
    "ProtocolName": "ge_func_pace_3x3x3.5_185",
    "PulseSequenceDetails": "%SiemensSeq%_ep2d_bold",
    "ReceiveCoilName": "HeadMatrix",
    "ReconMatrixPE": 64,
    "RepetitionTime": 2,
    "SAR": 0.141582,
    "ScanOptions": "FS",
    "ScanningSequence": "EP",
    "SequenceName": "_epfid2d1_64",
    "SequenceVariant": "SK",
    "SeriesDescription": "ge_func_pace_3x3x3.5_185",
    "SeriesNumber": 2,
    "ShimSetting": [
      -4542,
      -19447,
      -9798,
      1133,
      -177,
      -354,
      159,
      -48
    ],
    "SliceThickness": 3.5,
    "SliceTiming": [
      0,
      1.0325,
      0.06,
      1.095,
      0.12,
      1.155,
      0.1825,
      1.215,
      0.2425,
      1.2775,
      0.3025,
      1.3375,
      0.365,
      1.3975,
      0.425,
      1.46,
      0.485,
      1.52,
      0.5475,
      1.58,
      0.6075,
      1.6425,
      0.6675,
      1.7025,
      0.73,
      1.7625,
      0.79,
      1.825,
      0.85,
      1.885,
      0.9125,
      1.945,
      0.9725
    ],
    "SoftwareVersions": "syngo_MR_B17",
    "SpacingBetweenSlices": 4.2,
    "StationName": "MRC35193",
    "TotalReadoutTime": 0.0289803,
    "TxRefAmp": 328.859,
    "dataset": "ds003696",
    "modality": "bold",
    "run_id": 5,
    "session_id": "02",
    "subject_id": "115",
    "task_id": "affordance"
  },
  "dummy_trs": 1,
  "dvars_nstd": 20.689393215245897,
  "dvars_std": 1.0662270965027325,
  "dvars_vstd": 0.945616963060109,
  "efc": 0.52748373046586,
  "fber": 917.3495483398438,
  "fd_mean": 0.07023559878634666,
  "fd_num": 3,
  "fd_perc": 1.6304347826086956,
  "fwhm_avg": 2.048280865438228,
  "fwhm_x": 2.047792,
  "fwhm_y": 2.2907648,
  "fwhm_z": 1.8062857963146843,
  "gcor": 0.0454034,
  "gsr_x": -0.00676339864730835,
  "gsr_y": 0.02964564971625805,
  "provenance": {
    "md5sum": "ba3421aad6484ad81d33f9408a8bf612",
    "settings": {
      "fd_thres": 0.2,
      "testing": false
    },
    "software": "mriqc",
    "version": "23.0.1",
    "webapi_port": null,
    "webapi_url": "https://mriqc.nimh.nih.gov/api/v1"
  },
  "size_t": 184,
  "size_x": 64,
  "size_y": 64,
  "size_z": 33,
  "snr": 5.242950830395097,
  "spacing_tr": 2.0,
  "spacing_x": 3.125,
  "spacing_y": 3.125,
  "spacing_z": 4.199999809265137,
  "summary_bg_k": 66.41924211575524,
  "summary_bg_mad": 14.116952788309565,
  "summary_bg_mean": 53.491943359375,
  "summary_bg_median": 30.0108699798584,
  "summary_bg_n": 80991.0,
  "summary_bg_p05": 19.146739959716797,
  "summary_bg_p95": 161.24185180664062,
  "summary_bg_stdv": 69.54854583740234,
  "summary_fg_k": 1.3052629198745054,
  "summary_fg_mad": 152.82883380159123,
  "summary_fg_mean": 937.289306640625,
  "summary_fg_median": 926.0543823242188,
  "summary_fg_n": 23395.0,
  "summary_fg_p05": 663.0684875488281,
  "summary_fg_p95": 1233.7136230468748,
  "summary_fg_stdv": 176.62469482421875,
  "tsnr": 53.74917302734684
}