{
  "aor": 0.0006375,
  "aqi": 0.003826112826086956,
  "bids_meta": {
    "AcquisitionMatrixPE": 64,
    "AcquisitionNumber": 1,
    "AcquisitionTime": "09:38:12.920000",
    "BandwidthPerPixelPhaseEncode": 33.967,
    "BaseResolution": 64,
    "ConversionSoftware": "dcm2niix",
    "ConversionSoftwareVersion": "v1.0.20180622 GCC4.9.2",
    "DerivedVendorReportedEchoSpacing": 0.000460005,
    "DeviceSerialNumber": "35193",
    "DwellTime": 3.1e-06,
    "EchoTime": 0.03,
    "EffectiveEchoSpacing": 0.000460005,
    "FlipAngle": 90,
    "ImageOrientationPatientDICOM": [
      1,
      0,
      0,
      0,
      1,
      0
    ],
    "ImageType": [
      "ORIGINAL",
      "PRIMARY",
      "M",
      "ND",
      "MOSAIC"
    ],
    "InPlanePhaseEncodingDirectionDICOM": "COL",
    "InstitutionAddress": "Xinjiekouwai_Street_No_19_Beijing_Haidian_District_CN_100875",
    "InstitutionName": "Beijing_Normal_Universtiy_7C3C54",
    "InstitutionalDepartmentName": "Department",
    "MRAcquisitionType": "2D",
    "MagneticFieldStrength": 3,
    "Manufacturer": "Siemens",
    "ManufacturersModelName": "TrioTim",
    "Modality": "MR",
    "PartialFourier": 1,
    "PatientPosition": "HFS",
    "PercentPhaseFOV": 100,
    "PhaseEncodingDirection": "j-",
    "PhaseEncodingSteps": 64,
    "PhaseResolution": 1,
    "PixelBandwidth": 2520,
    "ProcedureStepDescription": "BNU_cst_2015_Liu.Jia",
    "ProtocolName": "ge_func_pace_3x3x3.5_185",
    "PulseSequenceDetails": "%SiemensSeq%_ep2d_bold",
    "ReceiveCoilName": "HeadMatrix",
    "ReconMatrixPE": 64,
    "RepetitionTime": 2,
    "SAR": 0.141582,
    "ScanOptions": "FS",
    "ScanningSequence": "EP",
    "SequenceName": "_epfid2d1_64",
    "SequenceVariant": "SK",
    "SeriesDescription": "ge_func_pace_3x3x3.5_185",
    "SeriesNumber": 4,
    "ShimSetting": [
      -4542,
      -19447,
      -9798,
      1133,
      -177,
      -354,
      159,
      -48
    ],
    "SliceThickness": 3.5,
    "SliceTiming": [
      0,
      1.035,
      0.06,
      1.095,
      0.1225,
      1.155,
      0.1825,
      1.2175,
      0.2425,
      1.2775,
      0.305,
      1.3375,
      0.365,
      1.4,
      0.425,
      1.46,
      0.4875,
      1.52,
      0.5475,
      1.5825,
      0.6075,
      1.6425,
      0.67,
      1.7025,
      0.73,
      1.765,
      0.79,
      1.825,
      0.8525,
      1.885,
      0.9125,
      1.9475,
      0.9725
    ],
    "SoftwareVersions": "syngo_MR_B17",
    "SpacingBetweenSlices": 4.2,
    "StationName": "MRC35193",
    "TotalReadoutTime": 0.0289803,
    "TxRefAmp": 328.859,
    "dataset": "ds003696",
    "modality": "bold",
    "run_id": 6,
    "session_id": "02",
    "subject_id": "115",
    "task_id": "affordance"
  },
  "dummy_trs": 1,
  "dvars_nstd": 18.923199820382518,
  "dvars_std": 1.0904050864480879,
  "dvars_vstd": 0.9866371774316947,
  "efc": 0.5285810740618045,
  "fber": 914.2398681640625,
  "fd_mean": 0.05494425064870959,
  "fd_num": 0,
  "fd_perc": 0.0,
  "fwhm_avg": 2.0548596405812054,
  "fwhm_x": 2.0415104,
  "fwhm_y": 2.2811232,
  "fwhm_z": 1.8419453217436166,
  "gcor": 0.0589036,
  "gsr_x": -0.007828348316252232,
  "gsr_y": 0.029386267066001892,
  "provenance": {
    "md5sum": "2318670f70a3fabd25c1aa5cb5b54f5e",
    "settings": {
      "fd_thres": 0.2,
      "testing": false
    },
    "software": "mriqc",
    "version": "23.0.1",
    "webapi_port": null,
    "webapi_url": "https://mriqc.nimh.nih.gov/api/v1"
  },
  "size_t": 184,
  "size_x": 64,
  "size_y": 64,
  "size_z": 33,
  "snr": 5.221925626857732,
  "spacing_tr": 2.0,
  "spacing_x": 3.125,
  "spacing_y": 3.125,
  "spacing_z": 4.199999809265137,
  "summary_bg_k": 69.22383317043696,
  "summary_bg_mad": 13.673782294463543,
  "summary_bg_mean": 54.11206817626953,
  "summary_bg_median": 29.994565963745117,
  "summary_bg_n": 80943.0,
  "summary_bg_p05": 19.782609939575195,
  "summary_bg_p95": 165.52445831298812,
  "summary_bg_stdv": 71.65513610839844,
  "summary_fg_k": 1.406161866410871,
  "summary_fg_mad": 154.6862039087651,
  "summary_fg_mean": 942.7150268554688,
  "summary_fg_median": 931.9075927734375,
  "summary_fg_n": 23390.0,
  "summary_fg_p05": 666.8788299560547,
  "summary_fg_p95": 1243.4684997558593,
  "summary_fg_stdv": 178.4567108154297,
  "tsnr": 74.30388940789271
}