{
  "bids_meta": {
    "AcquisitionMatrixPE": 192,
    "AcquisitionNumber": 1,
    "AcquisitionTime": "15:09:55.890000",
    "BaseResolution": 256,
    "ConversionSoftware": "dcm2niix",
    "ConversionSoftwareVersion": "v1.0.20180622 GCC4.9.2",
    "DeviceSerialNumber": "35193",
    "DwellTime": 1.03e-05,
    "EchoTime": 0.00339,
    "FlipAngle": 7,
    "ImageOrientationPatientDICOM": [
      0,
      1,
      0,
      0,
      0,
      -1
    ],
    "ImageType": [
      "ORIGINAL",
      "PRIMARY",
      "M",
      "ND",
      "NORM"
    ],
    "InPlanePhaseEncodingDirectionDICOM": "ROW",
    "InstitutionAddress": "Xinjiekouwai_Street_No_19_Beijing_Haidian_District_CN_100875",
    "InstitutionName": "BNU_MRI_Center",
    "InstitutionalDepartmentName": "Department",
    "InversionTime": 1.1,
    "MRAcquisitionType": "3D",
    "MagneticFieldStrength": 3,
    "Manufacturer": "Siemens",
    "ManufacturersModelName": "TrioTim",
    "Modality": "MR",
    "PartialFourier": 1,
    "PatientPosition": "HFS",
    "PercentPhaseFOV": 100,
    "PhaseEncodingSteps": 192,
    "PhaseResolution": 0.75,
    "PixelBandwidth": 190,
    "ProcedureStepDescription": "BNU_cst_2015_Liu.Jia",
    "ProtocolName": "t1_mprage_sag",
    "PulseSequenceDetails": "%SiemensSeq%_tfl",
    "ReceiveCoilName": "HeadMatrix",
    "ReconMatrixPE": 256,
    "RepetitionTime": 2.53,
    "SAR": 0.0452234,
    "ScanOptions": "IR",
    "ScanningSequence": "GR_IR",
    "SequenceName": "_tfl3d1_ns",
    "SequenceVariant": "SP_MP",
    "SeriesDescription": "t1_mprage_sag",
    "SeriesNumber": 10,
    "ShimSetting": [
      -4489,
      -19276,
      -10209,
      636,
      -133,
      80,
      82,
      -26
    ],
    "SliceThickness": 1.33,
    "SoftwareVersions": "syngo_MR_B17",
    "StationName": "MRC35193",
    "TxRefAmp": 318.986,
    "dataset": "ds003696",
    "modality": "T1w",
    "session_id": "02",
    "subject_id": "107"
  },
  "cjv": 0.3163575033422172,
  "cnr": 4.218981683039354,
  "efc": 0.5456536157372572,
  "fber": 6878.704579359583,
  "fwhm_avg": 4.386121057482342,
  "fwhm_x": 3.8123631724470246,
  "fwhm_y": 5.05231,
  "fwhm_z": 4.29369,
  "icvs_csf": 0.25043108756710636,
  "icvs_gm": 0.4197127599815124,
  "icvs_wm": 0.3298561524513812,
  "inu_med": 0.5572739839553833,
  "inu_range": 0.19940850138664246,
  "provenance": {
    "md5sum": "588d12370152ae14e565679103548b93",
    "settings": {
      "testing": false
    },
    "software": "mriqc",
    "version": "23.0.1",
    "warnings": {
      "large_rot_frame": true,
      "small_air_mask": false
    },
    "webapi_port": null,
    "webapi_url": "https://mriqc.nimh.nih.gov/api/v1"
  },
  "qi_1": 0.0,
  "qi_2": 0.0058293142947129254,
  "rpve_csf": 21.637237544067638,
  "rpve_gm": 12.799194015160191,
  "rpve_wm": 19.394869450512637,
  "size_x": 128,
  "size_y": 256,
  "size_z": 256,
  "snr_csf": 1.2816272243260236,
  "snr_gm": 8.367935805228822,
  "snr_total": 11.809161583873063,
  "snr_wm": 25.777921722064345,
  "snrd_csf": 15.95946252137722,
  "snrd_gm": 74.28799037638477,
  "snrd_total": 68.90528952922985,
  "snrd_wm": 116.46841568992758,
  "spacing_x": 1.3300018310546875,
  "spacing_y": 1.0,
  "spacing_z": 1.0,
  "summary_bg_k": 7.029408708601327,
  "summary_bg_mad": 5.625013531132065,
  "summary_bg_mean": 5.749083515776304,
  "summary_bg_median": 3.794013971462846,
  "summary_bg_n": 2220750.0,
  "summary_bg_p05": 0.0,
  "summary_bg_p95": 20.035056235268712,
  "summary_bg_stdv": 7.3465601228983655,
  "summary_csf_k": -0.003083234328837392,
  "summary_csf_mad": 93.45417217512396,
  "summary_csf_mean": 168.2338330081546,
  "summary_csf_median": 137.02824729681015,
  "summary_csf_n": 34057.0,
  "summary_csf_p05": 37.11921271495521,
  "summary_csf_p95": 376.18868823945513,
  "summary_csf_stdv": 106.91582773255682,
  "summary_gm_k": -0.09445604647206274,
  "summary_gm_mad": 77.99360866850365,
  "summary_gm_mean": 636.1773986372525,
  "summary_gm_median": 637.8380915299058,
  "summary_gm_n": 21814.0,
  "summary_gm_p05": 507.50261800205334,
  "summary_gm_p95": 758.574265965633,
  "summary_gm_stdv": 76.2223188947881,
  "summary_wm_k": 0.40003166322650596,
  "summary_wm_mad": 36.579035360344186,
  "summary_wm_mean": 997.3284188855017,
  "summary_wm_median": 1000.0000216830522,
  "summary_wm_n": 130498.0,
  "summary_wm_p05": 929.2671764139086,
  "summary_wm_p95": 1056.9102312549949,
  "summary_wm_stdv": 38.792739033858886,
  "tpm_overlap_csf": 0.1442046850342099,
  "tpm_overlap_gm": 0.4612465032404542,
  "tpm_overlap_wm": 0.4966748586910094,
  "wm2max": 0.8205917159763314
}