{
  "bids_meta": {
    "AcquisitionMatrixPE": 192,
    "AcquisitionNumber": 1,
    "AcquisitionTime": "14:39:57.267500",
    "BaseResolution": 256,
    "ConversionSoftware": "dcm2niix",
    "ConversionSoftwareVersion": "v1.0.20180622 GCC4.9.2",
    "DeviceSerialNumber": "35193",
    "DwellTime": 1.03e-05,
    "EchoTime": 0.00339,
    "FlipAngle": 7,
    "ImageOrientationPatientDICOM": [
      0,
      1,
      -1e-16,
      -0.0139622,
      0,
      -0.999903
    ],
    "ImageType": [
      "ORIGINAL",
      "PRIMARY",
      "M",
      "ND",
      "NORM"
    ],
    "InPlanePhaseEncodingDirectionDICOM": "ROW",
    "InstitutionAddress": "Xinjiekouwai_Street_No_19_Beijing_Haidian_District_CN_100875",
    "InstitutionName": "Beijing_Normal_Universtiy_7C3C54",
    "InstitutionalDepartmentName": "Department",
    "InversionTime": 1.1,
    "MRAcquisitionType": "3D",
    "MagneticFieldStrength": 3,
    "Manufacturer": "Siemens",
    "ManufacturersModelName": "TrioTim",
    "Modality": "MR",
    "PartialFourier": 1,
    "PatientPosition": "HFS",
    "PercentPhaseFOV": 100,
    "PhaseEncodingSteps": 192,
    "PhaseResolution": 0.75,
    "PixelBandwidth": 190,
    "ProcedureStepDescription": "BNU_cst_2019_Xu.Shan",
    "ProtocolName": "t1_mprage_sag",
    "PulseSequenceDetails": "%SiemensSeq%_tfl",
    "ReceiveCoilName": "HeadMatrix",
    "ReconMatrixPE": 256,
    "RepetitionTime": 2.53,
    "SAR": 0.0471688,
    "ScanOptions": "IR",
    "ScanningSequence": "GR_IR",
    "SequenceName": "_tfl3d1_ns",
    "SequenceVariant": "SP_MP",
    "SeriesDescription": "t1_mprage_sag",
    "SeriesNumber": 12,
    "ShimSetting": [
      -4489,
      -19276,
      -10209,
      636,
      -133,
      80,
      82,
      -26
    ],
    "SliceThickness": 1.33,
    "SoftwareVersions": "syngo_MR_B17",
    "StationName": "MRC35193",
    "TxRefAmp": 326.988,
    "dataset": "ds003696",
    "modality": "T1w",
    "session_id": "02",
    "subject_id": "132"
  },
  "cjv": 0.3247141004177361,
  "cnr": 4.215653750393274,
  "efc": 0.575351042945816,
  "fber": 10136.870691668968,
  "fwhm_avg": 4.1977135691749945,
  "fwhm_x": 3.691310707524982,
  "fwhm_y": 4.81385,
  "fwhm_z": 4.08798,
  "icvs_csf": 0.23576324415186972,
  "icvs_gm": 0.42452282906653316,
  "icvs_wm": 0.3397139267815971,
  "inu_med": 0.6204807162284851,
  "inu_range": 0.24117462635040288,
  "provenance": {
    "md5sum": "4933af3eca40ba36097cc89d9f200222",
    "settings": {
      "testing": false
    },
    "software": "mriqc",
    "version": "23.0.1",
    "warnings": {
      "large_rot_frame": true,
      "small_air_mask": false
    },
    "webapi_port": null,
    "webapi_url": "https://mriqc.nimh.nih.gov/api/v1"
  },
  "qi_1": 0.0,
  "qi_2": 0.014521639282928973,
  "rpve_csf": 22.15273382922383,
  "rpve_gm": 12.292493732882518,
  "rpve_wm": 18.081015188109916,
  "size_x": 128,
  "size_y": 256,
  "size_z": 256,
  "snr_csf": 1.4082983653558574,
  "snr_gm": 7.770352286073485,
  "snr_total": 11.162271437975605,
  "snr_wm": 24.308163662497474,
  "snrd_csf": 15.729146857096652,
  "snrd_gm": 61.911774176532326,
  "snrd_total": 59.15784156033913,
  "snrd_wm": 99.8326036473884,
  "spacing_x": 1.3300018310546875,
  "spacing_y": 1.0,
  "spacing_z": 1.0,
  "summary_bg_k": 8.985149373588852,
  "summary_bg_mad": 6.562348898235419,
  "summary_bg_mean": 5.324481546827661,
  "summary_bg_median": 4.426237069070339,
  "summary_bg_n": 2032284.0,
  "summary_bg_p05": 0.0,
  "summary_bg_p95": 19.564909597858787,
  "summary_bg_stdv": 7.534786415092591,
  "summary_csf_k": -0.1955968792175744,
  "summary_csf_mad": 113.40995516152593,
  "summary_csf_mean": 180.78495887999787,
  "summary_csf_median": 157.55520460754633,
  "summary_csf_n": 31248.0,
  "summary_csf_p05": 34.538775427266955,
  "summary_csf_p95": 389.12392071606587,
  "summary_csf_stdv": 111.87450572872348,
  "summary_gm_k": -0.17117135939819716,
  "summary_gm_mad": 84.00155650852943,
  "summary_gm_mean": 621.3475409034652,
  "summary_gm_median": 620.1558378608897,
  "summary_gm_n": 25078.0,
  "summary_gm_p05": 494.67908009700477,
  "summary_gm_p95": 753.466799798887,
  "summary_gm_stdv": 79.8089263352567,
  "summary_wm_k": 0.537181598771928,
  "summary_wm_mad": 39.339187278251686,
  "summary_wm_mean": 998.3161357558929,
  "summary_wm_median": 999.9999642111361,
  "summary_wm_n": 135852.0,
  "summary_wm_p05": 928.0630171223544,
  "summary_wm_p95": 1062.2027213200927,
  "summary_wm_stdv": 41.13828990181897,
  "tpm_overlap_csf": 0.1586479268306202,
  "tpm_overlap_gm": 0.49637668911892613,
  "tpm_overlap_wm": 0.5169608248063026,
  "wm2max": 0.7531785859947157
}