{
  "aor": 0.0010048979591836735,
  "aqi": 0.004112207959183674,
  "bids_meta": {
    "AcquisitionMatrixPE": 64,
    "AcquisitionNumber": 1,
    "AcquisitionTime": "14:25:44.040000",
    "BandwidthPerPixelPhaseEncode": 33.967,
    "BaseResolution": 64,
    "ConversionSoftware": "dcm2niix",
    "ConversionSoftwareVersion": "v1.0.20180622 GCC4.9.2",
    "DerivedVendorReportedEchoSpacing": 0.000460005,
    "DeviceSerialNumber": "35193",
    "DwellTime": 3.1e-06,
    "EchoTime": 0.03,
    "EffectiveEchoSpacing": 0.000460005,
    "FlipAngle": 90,
    "ImageOrientationPatientDICOM": [
      1,
      0,
      0,
      0,
      1,
      0
    ],
    "ImageType": [
      "ORIGINAL",
      "PRIMARY",
      "M",
      "ND",
      "MOSAIC"
    ],
    "InPlanePhaseEncodingDirectionDICOM": "COL",
    "InstitutionAddress": "Xinjiekouwai_Street_No_19_Beijing_Haidian_District_CN_100875",
    "InstitutionName": "BNU_MRI_Center",
    "InstitutionalDepartmentName": "Department",
    "MRAcquisitionType": "2D",
    "MagneticFieldStrength": 3,
    "Manufacturer": "Siemens",
    "ManufacturersModelName": "TrioTim",
    "Modality": "MR",
    "PartialFourier": 1,
    "PatientPosition": "HFS",
    "PercentPhaseFOV": 100,
    "PhaseEncodingDirection": "j-",
    "PhaseEncodingSteps": 64,
    "PhaseResolution": 1,
    "PixelBandwidth": 2520,
    "ProcedureStepDescription": "BNU_cst_2015_Liu.Jia",
    "ProtocolName": "ge_func_pace_3x3x3.5_99",
    "PulseSequenceDetails": "%SiemensSeq%_ep2d_bold",
    "ReceiveCoilName": "HeadMatrix",
    "ReconMatrixPE": 64,
    "RepetitionTime": 2,
    "SAR": 0.129317,
    "ScanOptions": "FS",
    "ScanningSequence": "EP",
    "SequenceName": "_epfid2d1_64",
    "SequenceVariant": "SK",
    "SeriesDescription": "ge_func_pace_3x3x3.5_99",
    "SeriesNumber": 12,
    "ShimSetting": [
      -4502,
      -19384,
      -9806,
      1158,
      -107,
      -233,
      -32,
      -13
    ],
    "SliceThickness": 3.5,
    "SliceTiming": [
      0,
      1.0325,
      0.06,
      1.095,
      0.12,
      1.155,
      0.1825,
      1.215,
      0.2425,
      1.2775,
      0.3025,
      1.3375,
      0.365,
      1.3975,
      0.425,
      1.46,
      0.485,
      1.52,
      0.5475,
      1.58,
      0.6075,
      1.6425,
      0.6675,
      1.7025,
      0.73,
      1.7625,
      0.79,
      1.825,
      0.85,
      1.885,
      0.9125,
      1.945,
      0.9725
    ],
    "SoftwareVersions": "syngo_MR_B17",
    "SpacingBetweenSlices": 4.2,
    "StationName": "MRC35193",
    "TotalReadoutTime": 0.0289803,
    "TxRefAmp": 315.793,
    "dataset": "ds003696",
    "modality": "bold",
    "run_id": 2,
    "session_id": "01",
    "subject_id": "106",
    "task_id": "localizer"
  },
  "dummy_trs": 1,
  "dvars_nstd": 20.317702971546396,
  "dvars_std": 1.182789264639175,
  "dvars_vstd": 1.0229567449484533,
  "efc": 0.5111567326491528,
  "fber": 1377.9808349609375,
  "fd_mean": 0.09990410898296664,
  "fd_num": 4,
  "fd_perc": 4.081632653061225,
  "fwhm_avg": 2.004821341956003,
  "fwhm_x": 1.95624,
  "fwhm_y": 2.2303167999999998,
  "fwhm_z": 1.8279072258680082,
  "gcor": 0.0135553,
  "gsr_x": -0.007280283607542515,
  "gsr_y": 0.024260925129055977,
  "provenance": {
    "md5sum": "d50cf3e13aa749696d1083f7b60bcbe5",
    "settings": {
      "fd_thres": 0.2,
      "testing": false
    },
    "software": "mriqc",
    "version": "23.0.1",
    "webapi_port": null,
    "webapi_url": "https://mriqc.nimh.nih.gov/api/v1"
  },
  "size_t": 98,
  "size_x": 64,
  "size_y": 64,
  "size_z": 33,
  "snr": 6.324236942736417,
  "spacing_tr": 2.0,
  "spacing_x": 3.125,
  "spacing_y": 3.125,
  "spacing_z": 4.199999809265137,
  "summary_bg_k": 29.587250350762233,
  "summary_bg_mad": 8.74432956338802,
  "summary_bg_mean": 50.398956298828125,
  "summary_bg_median": 25.846939086914062,
  "summary_bg_n": 82978.0,
  "summary_bg_p05": 19.306121826171875,
  "summary_bg_p95": 168.1326446533203,
  "summary_bg_stdv": 70.52345275878906,
  "summary_fg_k": 1.5165525768134698,
  "summary_fg_mad": 131.28594669508652,
  "summary_fg_mean": 974.5667114257812,
  "summary_fg_median": 974.591796875,
  "summary_fg_n": 22033.0,
  "summary_fg_p05": 717.5755004882812,
  "summary_fg_p95": 1225.6408203124995,
  "summary_fg_stdv": 154.1007537841797,
  "tsnr": 86.91537873074412
}