{
  "aor": 0.0013233333333333333,
  "aqi": 0.0041863985858585865,
  "bids_meta": {
    "AcquisitionMatrixPE": 64,
    "AcquisitionNumber": 1,
    "AcquisitionTime": "14:30:4.782500",
    "BandwidthPerPixelPhaseEncode": 33.967,
    "BaseResolution": 64,
    "ConversionSoftware": "dcm2niix",
    "ConversionSoftwareVersion": "v1.0.20180622 GCC4.9.2",
    "DerivedVendorReportedEchoSpacing": 0.000460005,
    "DeviceSerialNumber": "35193",
    "DwellTime": 3.1e-06,
    "EchoTime": 0.03,
    "EffectiveEchoSpacing": 0.000460005,
    "FlipAngle": 90,
    "ImageOrientationPatientDICOM": [
      1,
      0,
      0,
      0,
      1,
      0
    ],
    "ImageType": [
      "ORIGINAL",
      "PRIMARY",
      "M",
      "ND",
      "MOSAIC"
    ],
    "InPlanePhaseEncodingDirectionDICOM": "COL",
    "InstitutionAddress": "Xinjiekouwai_Street_No_19_Beijing_Haidian_District_CN_100875",
    "InstitutionName": "BNU_MRI_Center",
    "InstitutionalDepartmentName": "Department",
    "MRAcquisitionType": "2D",
    "MagneticFieldStrength": 3,
    "Manufacturer": "Siemens",
    "ManufacturersModelName": "TrioTim",
    "Modality": "MR",
    "PartialFourier": 1,
    "PatientPosition": "HFS",
    "PercentPhaseFOV": 100,
    "PhaseEncodingDirection": "j-",
    "PhaseEncodingSteps": 64,
    "PhaseResolution": 1,
    "PixelBandwidth": 2520,
    "ProcedureStepDescription": "BNU_cst_2015_Liu.Jia",
    "ProtocolName": "ge_func_pace_3x3x3.5_99",
    "PulseSequenceDetails": "%SiemensSeq%_ep2d_bold",
    "ReceiveCoilName": "HeadMatrix",
    "ReconMatrixPE": 64,
    "RepetitionTime": 2,
    "SAR": 0.129317,
    "ScanOptions": "FS",
    "ScanningSequence": "EP",
    "SequenceName": "_epfid2d1_64",
    "SequenceVariant": "SK",
    "SeriesDescription": "ge_func_pace_3x3x3.5_99",
    "SeriesNumber": 14,
    "ShimSetting": [
      -4502,
      -19384,
      -9806,
      1158,
      -107,
      -233,
      -32,
      -13
    ],
    "SliceThickness": 3.5,
    "SliceTiming": [
      0,
      1.035,
      0.0625,
      1.095,
      0.1225,
      1.1575,
      0.1825,
      1.2175,
      0.245,
      1.2775,
      0.305,
      1.34,
      0.365,
      1.4,
      0.4275,
      1.46,
      0.4875,
      1.5225,
      0.5475,
      1.5825,
      0.61,
      1.6425,
      0.67,
      1.705,
      0.73,
      1.765,
      0.7925,
      1.825,
      0.8525,
      1.8875,
      0.9125,
      1.9475,
      0.975
    ],
    "SoftwareVersions": "syngo_MR_B17",
    "SpacingBetweenSlices": 4.2,
    "StationName": "MRC35193",
    "TotalReadoutTime": 0.0289803,
    "TxRefAmp": 315.793,
    "dataset": "ds003696",
    "modality": "bold",
    "run_id": 3,
    "session_id": "01",
    "subject_id": "106",
    "task_id": "localizer"
  },
  "dummy_trs": 0,
  "dvars_nstd": 21.68769733255102,
  "dvars_std": 1.2105982183673467,
  "dvars_vstd": 1.0151680010204078,
  "efc": 0.5115377648796967,
  "fber": 1369.574462890625,
  "fd_mean": 0.09828412588920543,
  "fd_num": 1,
  "fd_perc": 1.0101010101010102,
  "fwhm_avg": 2.006996592769044,
  "fwhm_x": 1.9721440000000001,
  "fwhm_y": 2.2196575999999997,
  "fwhm_z": 1.8291881783071327,
  "gcor": 0.0207954,
  "gsr_x": -0.006593730766326189,
  "gsr_y": 0.023542119190096855,
  "provenance": {
    "md5sum": "c270c030d8d3cd315ec13aba2ab723ec",
    "settings": {
      "fd_thres": 0.2,
      "testing": false
    },
    "software": "mriqc",
    "version": "23.0.1",
    "webapi_port": null,
    "webapi_url": "https://mriqc.nimh.nih.gov/api/v1"
  },
  "size_t": 99,
  "size_x": 64,
  "size_y": 64,
  "size_z": 33,
  "snr": 6.310004853604075,
  "spacing_tr": 2.0,
  "spacing_x": 3.125,
  "spacing_y": 3.125,
  "spacing_z": 4.199999809265137,
  "summary_bg_k": 29.269373739913142,
  "summary_bg_mad": 8.805758716816282,
  "summary_bg_mean": 50.807212829589844,
  "summary_bg_median": 25.929292678833008,
  "summary_bg_n": 82985.0,
  "summary_bg_p05": 19.343433380126953,
  "summary_bg_p95": 170.63434753417985,
  "summary_bg_stdv": 71.5685806274414,
  "summary_fg_k": 1.477553367581943,
  "summary_fg_mad": 131.71188716398945,
  "summary_fg_mean": 975.0930786132812,
  "summary_fg_median": 974.9495239257812,
  "summary_fg_n": 22061.0,
  "summary_fg_p05": 719.8485107421875,
  "summary_fg_p95": 1224.939453125,
  "summary_fg_stdv": 154.50502014160156,
  "tsnr": 86.78807099175174
}