{
  "aor": 0.0006204891304347827,
  "aqi": 0.004664356141304348,
  "bids_meta": {
    "AcquisitionMatrixPE": 64,
    "AcquisitionNumber": 1,
    "AcquisitionTime": "14:13:55.280000",
    "BandwidthPerPixelPhaseEncode": 33.967,
    "BaseResolution": 64,
    "ConversionSoftware": "dcm2niix",
    "ConversionSoftwareVersion": "v1.0.20180622 GCC4.9.2",
    "DerivedVendorReportedEchoSpacing": 0.000460005,
    "DeviceSerialNumber": "35193",
    "DwellTime": 3.1e-06,
    "EchoTime": 0.03,
    "EffectiveEchoSpacing": 0.000460005,
    "FlipAngle": 90,
    "ImageOrientationPatientDICOM": [
      1,
      0,
      0,
      0,
      1,
      0
    ],
    "ImageType": [
      "ORIGINAL",
      "PRIMARY",
      "M",
      "ND",
      "MOSAIC"
    ],
    "InPlanePhaseEncodingDirectionDICOM": "COL",
    "InstitutionAddress": "Xinjiekouwai_Street_No_19_Beijing_Haidian_District_CN_100875",
    "InstitutionName": "BNU_MRI_Center",
    "InstitutionalDepartmentName": "Department",
    "MRAcquisitionType": "2D",
    "MagneticFieldStrength": 3,
    "Manufacturer": "Siemens",
    "ManufacturersModelName": "TrioTim",
    "Modality": "MR",
    "PartialFourier": 1,
    "PatientPosition": "HFS",
    "PercentPhaseFOV": 100,
    "PhaseEncodingDirection": "j-",
    "PhaseEncodingSteps": 64,
    "PhaseResolution": 1,
    "PixelBandwidth": 2520,
    "ProcedureStepDescription": "BNU_cst_2015_Liu.Jia",
    "ProtocolName": "ge_func_pace_3x3x3.5_185",
    "PulseSequenceDetails": "%SiemensSeq%_ep2d_bold",
    "ReceiveCoilName": "HeadMatrix",
    "ReconMatrixPE": 64,
    "RepetitionTime": 2,
    "SAR": 0.129756,
    "ScanOptions": "FS",
    "ScanningSequence": "EP",
    "SequenceName": "_epfid2d1_64",
    "SequenceVariant": "SK",
    "SeriesDescription": "ge_func_pace_3x3x3.5_185",
    "SeriesNumber": 8,
    "ShimSetting": [
      -4502,
      -19384,
      -9806,
      1158,
      -107,
      -233,
      -32,
      -13
    ],
    "SliceThickness": 3.5,
    "SliceTiming": [
      0,
      1.0325,
      0.06,
      1.095,
      0.12,
      1.155,
      0.1825,
      1.215,
      0.2425,
      1.2775,
      0.3025,
      1.3375,
      0.365,
      1.3975,
      0.425,
      1.46,
      0.485,
      1.52,
      0.5475,
      1.58,
      0.6075,
      1.6425,
      0.6675,
      1.7025,
      0.73,
      1.7625,
      0.79,
      1.825,
      0.85,
      1.885,
      0.9125,
      1.945,
      0.9725
    ],
    "SoftwareVersions": "syngo_MR_B17",
    "SpacingBetweenSlices": 4.2,
    "StationName": "MRC35193",
    "TotalReadoutTime": 0.0289803,
    "TxRefAmp": 315.793,
    "dataset": "ds003696",
    "modality": "bold",
    "run_id": 1,
    "session_id": "01",
    "subject_id": "106",
    "task_id": "affordance"
  },
  "dummy_trs": 1,
  "dvars_nstd": 21.653288366885235,
  "dvars_std": 1.1808190073770488,
  "dvars_vstd": 0.9889733139344269,
  "efc": 0.5104361494959485,
  "fber": 1373.7896728515625,
  "fd_mean": 0.10006869023204831,
  "fd_num": 2,
  "fd_perc": 1.0869565217391304,
  "fwhm_avg": 2.0096818436827513,
  "fwhm_x": 1.9569792000000001,
  "fwhm_y": 2.2349472,
  "fwhm_z": 1.837119131048254,
  "gcor": 0.0300342,
  "gsr_x": -0.0077291796915233135,
  "gsr_y": 0.0247047021985054,
  "provenance": {
    "md5sum": "006486d7bb2fadc03140d5b8153ded40",
    "settings": {
      "fd_thres": 0.2,
      "testing": false
    },
    "software": "mriqc",
    "version": "23.0.1",
    "webapi_port": null,
    "webapi_url": "https://mriqc.nimh.nih.gov/api/v1"
  },
  "size_t": 184,
  "size_x": 64,
  "size_y": 64,
  "size_z": 33,
  "snr": 6.331784372763506,
  "spacing_tr": 2.0,
  "spacing_x": 3.125,
  "spacing_y": 3.125,
  "spacing_z": 4.199999809265137,
  "summary_bg_k": 30.073214960273063,
  "summary_bg_mad": 9.072882074139883,
  "summary_bg_mean": 49.96693801879883,
  "summary_bg_median": 25.961957931518555,
  "summary_bg_n": 83029.0,
  "summary_bg_p05": 19.01630401611328,
  "summary_bg_p95": 166.15217590332009,
  "summary_bg_stdv": 69.4334945678711,
  "summary_fg_k": 1.4883379471535712,
  "summary_fg_mad": 132.38265064938207,
  "summary_fg_mean": 976.4230346679688,
  "summary_fg_median": 976.2174072265625,
  "summary_fg_n": 22022.0,
  "summary_fg_p05": 720.3003082275391,
  "summary_fg_p95": 1228.1708923339847,
  "summary_fg_stdv": 154.17379760742188,
  "tsnr": 81.10105952247977
}