{
  "aor": 0.0004622282608695653,
  "aqi": 0.004202250489130434,
  "bids_meta": {
    "AcquisitionMatrixPE": 64,
    "AcquisitionNumber": 1,
    "AcquisitionTime": "14:06:45.902500",
    "BandwidthPerPixelPhaseEncode": 33.967,
    "BaseResolution": 64,
    "ConversionSoftware": "dcm2niix",
    "ConversionSoftwareVersion": "v1.0.20180622 GCC4.9.2",
    "DerivedVendorReportedEchoSpacing": 0.000460005,
    "DeviceSerialNumber": "35193",
    "DwellTime": 3.1e-06,
    "EchoTime": 0.03,
    "EffectiveEchoSpacing": 0.000460005,
    "FlipAngle": 90,
    "ImageOrientationPatientDICOM": [
      1,
      0,
      0,
      0,
      1,
      0
    ],
    "ImageType": [
      "ORIGINAL",
      "PRIMARY",
      "M",
      "ND",
      "MOSAIC"
    ],
    "InPlanePhaseEncodingDirectionDICOM": "COL",
    "InstitutionAddress": "Xinjiekouwai_Street_No_19_Beijing_Haidian_District_CN_100875",
    "InstitutionName": "BNU_MRI_Center",
    "InstitutionalDepartmentName": "Department",
    "MRAcquisitionType": "2D",
    "MagneticFieldStrength": 3,
    "Manufacturer": "Siemens",
    "ManufacturersModelName": "TrioTim",
    "Modality": "MR",
    "PartialFourier": 1,
    "PatientPosition": "HFS",
    "PercentPhaseFOV": 100,
    "PhaseEncodingDirection": "j-",
    "PhaseEncodingSteps": 64,
    "PhaseResolution": 1,
    "PixelBandwidth": 2520,
    "ProcedureStepDescription": "BNU_cst_2015_Liu.Jia",
    "ProtocolName": "ge_func_pace_3x3x3.5_185",
    "PulseSequenceDetails": "%SiemensSeq%_ep2d_bold",
    "ReceiveCoilName": "HeadMatrix",
    "ReconMatrixPE": 64,
    "RepetitionTime": 2,
    "SAR": 0.129756,
    "ScanOptions": "FS",
    "ScanningSequence": "EP",
    "SequenceName": "_epfid2d1_64",
    "SequenceVariant": "SK",
    "SeriesDescription": "ge_func_pace_3x3x3.5_185",
    "SeriesNumber": 6,
    "ShimSetting": [
      -4502,
      -19384,
      -9806,
      1158,
      -107,
      -233,
      -32,
      -13
    ],
    "SliceThickness": 3.5,
    "SliceTiming": [
      0,
      1.035,
      0.06,
      1.095,
      0.1225,
      1.155,
      0.1825,
      1.2175,
      0.2425,
      1.2775,
      0.305,
      1.3375,
      0.365,
      1.4,
      0.425,
      1.46,
      0.4875,
      1.52,
      0.5475,
      1.5825,
      0.6075,
      1.6425,
      0.67,
      1.7025,
      0.73,
      1.765,
      0.79,
      1.825,
      0.8525,
      1.885,
      0.9125,
      1.9475,
      0.9725
    ],
    "SoftwareVersions": "syngo_MR_B17",
    "SpacingBetweenSlices": 4.2,
    "StationName": "MRC35193",
    "TotalReadoutTime": 0.0289803,
    "TxRefAmp": 315.793,
    "dataset": "ds003696",
    "modality": "bold",
    "run_id": 2,
    "session_id": "01",
    "subject_id": "106",
    "task_id": "affordance"
  },
  "dummy_trs": 1,
  "dvars_nstd": 20.47836390240437,
  "dvars_std": 1.161541028852459,
  "dvars_vstd": 0.9904790834426224,
  "efc": 0.5103698805772567,
  "fber": 1390.1708984375,
  "fd_mean": 0.10546213900612701,
  "fd_num": 4,
  "fd_perc": 2.1739130434782608,
  "fwhm_avg": 2.0263466880754755,
  "fwhm_x": 1.9913728,
  "fwhm_y": 2.2539648,
  "fwhm_z": 1.833702464226426,
  "gcor": 0.0341532,
  "gsr_x": -0.007769315969198942,
  "gsr_y": 0.024356914684176445,
  "provenance": {
    "md5sum": "2c2b36ce4e7ca54954dc8b1232992975",
    "settings": {
      "fd_thres": 0.2,
      "testing": false
    },
    "software": "mriqc",
    "version": "23.0.1",
    "webapi_port": null,
    "webapi_url": "https://mriqc.nimh.nih.gov/api/v1"
  },
  "size_t": 184,
  "size_x": 64,
  "size_y": 64,
  "size_z": 33,
  "snr": 6.258451506368835,
  "spacing_tr": 2.0,
  "spacing_x": 3.125,
  "spacing_y": 3.125,
  "spacing_z": 4.199999809265137,
  "summary_bg_k": 30.366791843892415,
  "summary_bg_mad": 8.758632774640615,
  "summary_bg_mean": 49.79376220703125,
  "summary_bg_median": 25.815217971801758,
  "summary_bg_n": 82897.0,
  "summary_bg_p05": 19.298913955688477,
  "summary_bg_p95": 164.8760925292966,
  "summary_bg_stdv": 69.14996337890625,
  "summary_fg_k": 1.5631327942914082,
  "summary_fg_mad": 133.44225335187178,
  "summary_fg_mean": 977.7732543945312,
  "summary_fg_median": 977.8912963867188,
  "summary_fg_n": 22129.0,
  "summary_fg_p05": 718.0337036132812,
  "summary_fg_p95": 1231.11962890625,
  "summary_fg_stdv": 156.24778747558594,
  "tsnr": 83.52721917070448
}