{
  "aor": 0.0004695652173913043,
  "aqi": 0.0037788166847826086,
  "bids_meta": {
    "AcquisitionMatrixPE": 64,
    "AcquisitionNumber": 1,
    "AcquisitionTime": "16:13:0.377500",
    "BandwidthPerPixelPhaseEncode": 33.967,
    "BaseResolution": 64,
    "ConversionSoftware": "dcm2niix",
    "ConversionSoftwareVersion": "v1.0.20180622 GCC4.9.2",
    "DerivedVendorReportedEchoSpacing": 0.000460005,
    "DeviceSerialNumber": "35193",
    "DwellTime": 3.1e-06,
    "EchoTime": 0.03,
    "EffectiveEchoSpacing": 0.000460005,
    "FlipAngle": 90,
    "ImageOrientationPatientDICOM": [
      0.99956,
      0,
      0.0296662,
      0,
      1,
      0
    ],
    "ImageType": [
      "ORIGINAL",
      "PRIMARY",
      "M",
      "ND",
      "MOSAIC"
    ],
    "InPlanePhaseEncodingDirectionDICOM": "COL",
    "InstitutionAddress": "Xinjiekouwai_Street_No_19_Beijing_Haidian_District_CN_100875",
    "InstitutionName": "Beijing_Normal_Universtiy_7C3C54",
    "InstitutionalDepartmentName": "Department",
    "MRAcquisitionType": "2D",
    "MagneticFieldStrength": 3,
    "Manufacturer": "Siemens",
    "ManufacturersModelName": "TrioTim",
    "Modality": "MR",
    "PartialFourier": 1,
    "PatientPosition": "HFS",
    "PercentPhaseFOV": 100,
    "PhaseEncodingDirection": "j-",
    "PhaseEncodingSteps": 64,
    "PhaseResolution": 1,
    "PixelBandwidth": 2520,
    "ProcedureStepDescription": "BNU_cst_2019_Xu.Shan",
    "ProtocolName": "ge_func_pace_3x3x3.5_185",
    "PulseSequenceDetails": "%SiemensSeq%_ep2d_bold",
    "ReceiveCoilName": "HeadMatrix",
    "ReconMatrixPE": 64,
    "RepetitionTime": 2,
    "SAR": 0.131892,
    "ScanOptions": "FS",
    "ScanningSequence": "EP",
    "SequenceName": "_epfid2d1_64",
    "SequenceVariant": "SK",
    "SeriesDescription": "ge_func_pace_3x3x3.5_185",
    "SeriesNumber": 6,
    "ShimSetting": [
      -4504,
      -19360,
      -9806,
      936,
      -158,
      36,
      -5,
      -21
    ],
    "SliceThickness": 3.5,
    "SliceTiming": [
      0,
      1.0325,
      0.06,
      1.095,
      0.12,
      1.155,
      0.1825,
      1.215,
      0.2425,
      1.2775,
      0.3025,
      1.3375,
      0.365,
      1.3975,
      0.425,
      1.46,
      0.485,
      1.52,
      0.5475,
      1.58,
      0.6075,
      1.6425,
      0.6675,
      1.7025,
      0.73,
      1.7625,
      0.79,
      1.825,
      0.85,
      1.885,
      0.9125,
      1.945,
      0.9725
    ],
    "SoftwareVersions": "syngo_MR_B17",
    "SpacingBetweenSlices": 4.2,
    "StationName": "MRC35193",
    "TotalReadoutTime": 0.0289803,
    "TxRefAmp": 349.009,
    "dataset": "ds003696",
    "modality": "bold",
    "run_id": 3,
    "session_id": "01",
    "subject_id": "135",
    "task_id": "affordance"
  },
  "dummy_trs": 1,
  "dvars_nstd": 22.59518569169398,
  "dvars_std": 1.1321885924043718,
  "dvars_vstd": 0.9959060629508201,
  "efc": 0.5707263639099801,
  "fber": 737.4846801757812,
  "fd_mean": 0.0971262408929826,
  "fd_num": 3,
  "fd_perc": 1.6304347826086956,
  "fwhm_avg": 2.127854346868773,
  "fwhm_x": 2.0603008,
  "fwhm_y": 2.3805312,
  "fwhm_z": 1.942731040606319,
  "gcor": 0.0239102,
  "gsr_x": -0.008804704062640667,
  "gsr_y": 0.03931481018662453,
  "provenance": {
    "md5sum": "76846d7e02713d22a9d9c40a80a9ac72",
    "settings": {
      "fd_thres": 0.2,
      "testing": false
    },
    "software": "mriqc",
    "version": "23.0.1",
    "webapi_port": null,
    "webapi_url": "https://mriqc.nimh.nih.gov/api/v1"
  },
  "size_t": 184,
  "size_x": 64,
  "size_y": 64,
  "size_z": 33,
  "snr": 5.151146512515261,
  "spacing_tr": 2.0,
  "spacing_x": 3.125,
  "spacing_y": 3.125,
  "spacing_z": 4.199999809265137,
  "summary_bg_k": 30.697150068355427,
  "summary_bg_mad": 16.236104464342002,
  "summary_bg_mean": 61.094966888427734,
  "summary_bg_median": 32.5,
  "summary_bg_n": 74222.0,
  "summary_bg_p05": 20.3641300201416,
  "summary_bg_p95": 198.9548973083495,
  "summary_bg_stdv": 81.05291748046875,
  "summary_fg_k": 1.2381864966835217,
  "summary_fg_mad": 156.49507091601714,
  "summary_fg_mean": 923.2659912109375,
  "summary_fg_median": 917.4293823242188,
  "summary_fg_n": 28577.0,
  "summary_fg_p05": 632.6412963867188,
  "summary_fg_p95": 1223.8337158203124,
  "summary_fg_stdv": 178.09886169433594,
  "tsnr": 74.10228112712502
}