{
  "aor": 0.0009565306122448978,
  "aqi": 0.0035658513265306125,
  "bids_meta": {
    "AcquisitionMatrixPE": 64,
    "AcquisitionNumber": 1,
    "AcquisitionTime": "16:27:2.920000",
    "BandwidthPerPixelPhaseEncode": 33.967,
    "BaseResolution": 64,
    "ConversionSoftware": "dcm2niix",
    "ConversionSoftwareVersion": "v1.0.20180622 GCC4.9.2",
    "DerivedVendorReportedEchoSpacing": 0.000460005,
    "DeviceSerialNumber": "35193",
    "DwellTime": 3.1e-06,
    "EchoTime": 0.03,
    "EffectiveEchoSpacing": 0.000460005,
    "FlipAngle": 90,
    "ImageOrientationPatientDICOM": [
      0.99956,
      0,
      0.0296662,
      0,
      1,
      0
    ],
    "ImageType": [
      "ORIGINAL",
      "PRIMARY",
      "M",
      "ND",
      "MOSAIC"
    ],
    "InPlanePhaseEncodingDirectionDICOM": "COL",
    "InstitutionAddress": "Xinjiekouwai_Street_No_19_Beijing_Haidian_District_CN_100875",
    "InstitutionName": "Beijing_Normal_Universtiy_7C3C54",
    "InstitutionalDepartmentName": "Department",
    "MRAcquisitionType": "2D",
    "MagneticFieldStrength": 3,
    "Manufacturer": "Siemens",
    "ManufacturersModelName": "TrioTim",
    "Modality": "MR",
    "PartialFourier": 1,
    "PatientPosition": "HFS",
    "PercentPhaseFOV": 100,
    "PhaseEncodingDirection": "j-",
    "PhaseEncodingSteps": 64,
    "PhaseResolution": 1,
    "PixelBandwidth": 2520,
    "ProcedureStepDescription": "BNU_cst_2019_Xu.Shan",
    "ProtocolName": "ge_func_pace_3x3x3.5_99",
    "PulseSequenceDetails": "%SiemensSeq%_ep2d_bold",
    "ReceiveCoilName": "HeadMatrix",
    "ReconMatrixPE": 64,
    "RepetitionTime": 2,
    "SAR": 0.131445,
    "ScanOptions": "FS",
    "ScanningSequence": "EP",
    "SequenceName": "_epfid2d1_64",
    "SequenceVariant": "SK",
    "SeriesDescription": "ge_func_pace_3x3x3.5_99",
    "SeriesNumber": 10,
    "ShimSetting": [
      -4504,
      -19360,
      -9806,
      936,
      -158,
      36,
      -5,
      -21
    ],
    "SliceThickness": 3.5,
    "SliceTiming": [
      0,
      1.0325,
      0.06,
      1.095,
      0.12,
      1.155,
      0.1825,
      1.215,
      0.2425,
      1.2775,
      0.3025,
      1.3375,
      0.365,
      1.3975,
      0.425,
      1.46,
      0.485,
      1.52,
      0.5475,
      1.58,
      0.6075,
      1.6425,
      0.6675,
      1.7025,
      0.73,
      1.7625,
      0.79,
      1.825,
      0.85,
      1.885,
      0.9125,
      1.945,
      0.9725
    ],
    "SoftwareVersions": "syngo_MR_B17",
    "SpacingBetweenSlices": 4.2,
    "StationName": "MRC35193",
    "TotalReadoutTime": 0.0289803,
    "TxRefAmp": 349.009,
    "dataset": "ds003696",
    "modality": "bold",
    "run_id": 1,
    "session_id": "01",
    "subject_id": "135",
    "task_id": "localizer"
  },
  "dummy_trs": 1,
  "dvars_nstd": 22.933062995670106,
  "dvars_std": 1.1624532803092784,
  "dvars_vstd": 1.0251104849484542,
  "efc": 0.571646259688868,
  "fber": 728.819091796875,
  "fd_mean": 0.10545571712176573,
  "fd_num": 0,
  "fd_perc": 0.0,
  "fwhm_avg": 2.1155249371773674,
  "fwhm_x": 2.0506463999999998,
  "fwhm_y": 2.3642688,
  "fwhm_z": 1.931659611532103,
  "gcor": 0.0155109,
  "gsr_x": -0.0085963886231184,
  "gsr_y": 0.039533209055662155,
  "provenance": {
    "md5sum": "3922cd94bd4a01bd0255381e29829706",
    "settings": {
      "fd_thres": 0.2,
      "testing": false
    },
    "software": "mriqc",
    "version": "23.0.1",
    "webapi_port": null,
    "webapi_url": "https://mriqc.nimh.nih.gov/api/v1"
  },
  "size_t": 98,
  "size_x": 64,
  "size_y": 64,
  "size_z": 33,
  "snr": 5.153186283769433,
  "spacing_tr": 2.0,
  "spacing_x": 3.125,
  "spacing_y": 3.125,
  "spacing_z": 4.199999809265137,
  "summary_bg_k": 29.41599248141719,
  "summary_bg_mad": 16.172466768409137,
  "summary_bg_mean": 61.71940231323242,
  "summary_bg_median": 32.67346954345703,
  "summary_bg_n": 74184.0,
  "summary_bg_p05": 20.755102157592773,
  "summary_bg_p95": 204.04897308349538,
  "summary_bg_stdv": 81.65050506591797,
  "summary_fg_k": 1.2539465152002478,
  "summary_fg_mad": 155.64296375106608,
  "summary_fg_mean": 922.70849609375,
  "summary_fg_median": 917.3724365234375,
  "summary_fg_n": 28612.0,
  "summary_fg_p05": 631.8525299072265,
  "summary_fg_p95": 1222.2601562499997,
  "summary_fg_stdv": 178.01731872558594,
  "tsnr": 78.01791463280097
}