{
  "aor": 0.001210421052631579,
  "aqi": 0.0036606298947368427,
  "bids_meta": {
    "AcquisitionMatrixPE": 64,
    "AcquisitionNumber": 1,
    "AcquisitionTime": "16:35:44.267500",
    "BandwidthPerPixelPhaseEncode": 33.967,
    "BaseResolution": 64,
    "ConversionSoftware": "dcm2niix",
    "ConversionSoftwareVersion": "v1.0.20180622 GCC4.9.2",
    "DerivedVendorReportedEchoSpacing": 0.000460005,
    "DeviceSerialNumber": "35193",
    "DwellTime": 3.1e-06,
    "EchoTime": 0.03,
    "EffectiveEchoSpacing": 0.000460005,
    "FlipAngle": 90,
    "ImageOrientationPatientDICOM": [
      0.99956,
      0,
      0.0296662,
      0,
      1,
      0
    ],
    "ImageType": [
      "ORIGINAL",
      "PRIMARY",
      "M",
      "ND",
      "MOSAIC"
    ],
    "InPlanePhaseEncodingDirectionDICOM": "COL",
    "InstitutionAddress": "Xinjiekouwai_Street_No_19_Beijing_Haidian_District_CN_100875",
    "InstitutionName": "Beijing_Normal_Universtiy_7C3C54",
    "InstitutionalDepartmentName": "Department",
    "MRAcquisitionType": "2D",
    "MagneticFieldStrength": 3,
    "Manufacturer": "Siemens",
    "ManufacturersModelName": "TrioTim",
    "Modality": "MR",
    "PartialFourier": 1,
    "PatientPosition": "HFS",
    "PercentPhaseFOV": 100,
    "PhaseEncodingDirection": "j-",
    "PhaseEncodingSteps": 64,
    "PhaseResolution": 1,
    "PixelBandwidth": 2520,
    "ProcedureStepDescription": "BNU_cst_2019_Xu.Shan",
    "ProtocolName": "ge_func_pace_3x3x3.5_99",
    "PulseSequenceDetails": "%SiemensSeq%_ep2d_bold",
    "ReceiveCoilName": "HeadMatrix",
    "ReconMatrixPE": 64,
    "RepetitionTime": 2,
    "SAR": 0.131445,
    "ScanOptions": "FS",
    "ScanningSequence": "EP",
    "SequenceName": "_epfid2d1_64",
    "SequenceVariant": "SK",
    "SeriesDescription": "ge_func_pace_3x3x3.5_99",
    "SeriesNumber": 14,
    "ShimSetting": [
      -4504,
      -19360,
      -9806,
      936,
      -158,
      36,
      -5,
      -21
    ],
    "SliceThickness": 3.5,
    "SliceTiming": [
      0,
      1.0325,
      0.06,
      1.095,
      0.12,
      1.155,
      0.1825,
      1.215,
      0.2425,
      1.2775,
      0.3025,
      1.3375,
      0.365,
      1.3975,
      0.425,
      1.46,
      0.485,
      1.52,
      0.5475,
      1.58,
      0.6075,
      1.6425,
      0.6675,
      1.7025,
      0.73,
      1.7625,
      0.79,
      1.825,
      0.85,
      1.885,
      0.9125,
      1.945,
      0.9725
    ],
    "SoftwareVersions": "syngo_MR_B17",
    "SpacingBetweenSlices": 4.2,
    "StationName": "MRC35193",
    "TotalReadoutTime": 0.0289803,
    "TxRefAmp": 349.009,
    "dataset": "ds003696",
    "modality": "bold",
    "run_id": 3,
    "session_id": "01",
    "subject_id": "135",
    "task_id": "localizer"
  },
  "dummy_trs": 4,
  "dvars_nstd": 23.185082821063826,
  "dvars_std": 1.1598244472340429,
  "dvars_vstd": 1.01516351925532,
  "efc": 0.5721169994632896,
  "fber": 725.239501953125,
  "fd_mean": 0.09813304670908389,
  "fd_num": 0,
  "fd_perc": 0.0,
  "fwhm_avg": 2.108032042026098,
  "fwhm_x": 2.038272,
  "fwhm_y": 2.3484288,
  "fwhm_z": 1.9373953260782935,
  "gcor": 0.0167692,
  "gsr_x": -0.008588532917201519,
  "gsr_y": 0.038217902183532715,
  "provenance": {
    "md5sum": "05a644583473ed6b8e43cae9cf891500",
    "settings": {
      "fd_thres": 0.2,
      "testing": false
    },
    "software": "mriqc",
    "version": "23.0.1",
    "webapi_port": null,
    "webapi_url": "https://mriqc.nimh.nih.gov/api/v1"
  },
  "size_t": 95,
  "size_x": 64,
  "size_y": 64,
  "size_z": 33,
  "snr": 5.144927610330522,
  "spacing_tr": 2.0,
  "spacing_x": 3.125,
  "spacing_y": 3.125,
  "spacing_z": 4.199999809265137,
  "summary_bg_k": 28.366862093597426,
  "summary_bg_mad": 16.246199850694666,
  "summary_bg_mean": 62.005638122558594,
  "summary_bg_median": 32.831581115722656,
  "summary_bg_n": 74151.0,
  "summary_bg_p05": 20.873685836791992,
  "summary_bg_p95": 204.16842651367188,
  "summary_bg_stdv": 81.52285766601562,
  "summary_fg_k": 1.180878103103634,
  "summary_fg_mad": 157.2027094260705,
  "summary_fg_mean": 923.5836791992188,
  "summary_fg_median": 919.2474365234375,
  "summary_fg_n": 28540.0,
  "summary_fg_p05": 629.6279083251953,
  "summary_fg_p95": 1224.7816833496092,
  "summary_fg_stdv": 178.66749572753906,
  "tsnr": 77.00348135828972
}