{
  "bids_meta": {
    "AcquisitionMatrixPE": 192,
    "AcquisitionNumber": 1,
    "AcquisitionTime": "10:34:57.372500",
    "BaseResolution": 256,
    "ConversionSoftware": "dcm2niix",
    "ConversionSoftwareVersion": "v1.0.20180622 GCC4.9.2",
    "DeviceSerialNumber": "35193",
    "DwellTime": 1.03e-05,
    "EchoTime": 0.00339,
    "FlipAngle": 7,
    "ImageOrientationPatientDICOM": [
      1e-16,
      1,
      0,
      0.045363,
      -1e-16,
      -0.998971
    ],
    "ImageType": [
      "ORIGINAL",
      "PRIMARY",
      "M",
      "ND",
      "NORM"
    ],
    "InPlanePhaseEncodingDirectionDICOM": "ROW",
    "InstitutionAddress": "Xinjiekouwai_Street_No_19_Beijing_Haidian_District_CN_100875",
    "InstitutionName": "Beijing_Normal_Universtiy_7C3C54",
    "InstitutionalDepartmentName": "Department",
    "InversionTime": 1.1,
    "MRAcquisitionType": "3D",
    "MagneticFieldStrength": 3,
    "Manufacturer": "Siemens",
    "ManufacturersModelName": "TrioTim",
    "Modality": "MR",
    "PartialFourier": 1,
    "PatientPosition": "HFS",
    "PercentPhaseFOV": 100,
    "PhaseEncodingSteps": 192,
    "PhaseResolution": 0.75,
    "PixelBandwidth": 190,
    "ProcedureStepDescription": "BNU_cst_2019_Xu.Shan",
    "ProtocolName": "t1_mprage_sag",
    "PulseSequenceDetails": "%SiemensSeq%_tfl",
    "ReceiveCoilName": "HeadMatrix",
    "ReconMatrixPE": 256,
    "RepetitionTime": 2.53,
    "SAR": 0.0430337,
    "ScanOptions": "IR",
    "ScanningSequence": "GR_IR",
    "SequenceName": "_tfl3d1_ns",
    "SequenceVariant": "SP_MP",
    "SeriesDescription": "t1_mprage_sag",
    "SeriesNumber": 10,
    "ShimSetting": [
      -4489,
      -19276,
      -10209,
      636,
      -133,
      80,
      82,
      -26
    ],
    "SliceThickness": 1.33,
    "SoftwareVersions": "syngo_MR_B17",
    "StationName": "MRC35193",
    "TxRefAmp": 331.278,
    "dataset": "ds003696",
    "modality": "T1w",
    "session_id": "02",
    "subject_id": "136"
  },
  "cjv": 0.33997162512812207,
  "cnr": 3.820506127817654,
  "efc": 0.5934398050186951,
  "fber": 14810.069561924,
  "fwhm_avg": 3.9075057593444704,
  "fwhm_x": 3.4644072780334096,
  "fwhm_y": 4.53441,
  "fwhm_z": 3.7237,
  "icvs_csf": 0.264925790816785,
  "icvs_gm": 0.41101932296621474,
  "icvs_wm": 0.32405488621700024,
  "inu_med": 0.5693040490150452,
  "inu_range": 0.21192704439163212,
  "provenance": {
    "md5sum": "00871a8a96c3fc435edec4024f0d76af",
    "settings": {
      "testing": false
    },
    "software": "mriqc",
    "version": "23.0.1",
    "warnings": {
      "large_rot_frame": true,
      "small_air_mask": false
    },
    "webapi_port": null,
    "webapi_url": "https://mriqc.nimh.nih.gov/api/v1"
  },
  "qi_1": 0.0,
  "qi_2": 0.0068930463282417965,
  "rpve_csf": 19.15990951560441,
  "rpve_gm": 11.947184844371785,
  "rpve_wm": 18.282990497999577,
  "size_x": 128,
  "size_y": 256,
  "size_z": 256,
  "snr_csf": 1.273430918852242,
  "snr_gm": 7.778523555698144,
  "snr_total": 11.658046399226,
  "snr_wm": 25.922184723127614,
  "snrd_csf": 10.838545634170563,
  "snrd_gm": 57.275628192580605,
  "snrd_total": 52.16354703876033,
  "snrd_wm": 88.37646728952983,
  "spacing_x": 1.3300052881240845,
  "spacing_y": 1.0,
  "spacing_z": 1.0,
  "summary_bg_k": 5.939631994089982,
  "summary_bg_mad": 0.0,
  "summary_bg_mean": 4.880952791155496,
  "summary_bg_median": 0.0,
  "summary_bg_n": 1776166.0,
  "summary_bg_p05": 0.0,
  "summary_bg_p95": 19.45751995779574,
  "summary_bg_stdv": 7.413018749121341,
  "summary_csf_k": 2.1805894893119806,
  "summary_csf_mad": 72.68945124157923,
  "summary_csf_mean": 145.84687648126638,
  "summary_csf_median": 122.64063178189099,
  "summary_csf_n": 32587.0,
  "summary_csf_p05": 33.112737556919456,
  "summary_csf_p95": 346.3531762164085,
  "summary_csf_stdv": 96.30577380382552,
  "summary_gm_k": 0.008597510672657016,
  "summary_gm_mad": 83.26120603241728,
  "summary_gm_mean": 646.1839683505788,
  "summary_gm_median": 648.0868803188205,
  "summary_gm_n": 18745.0,
  "summary_gm_p05": 507.3635713066906,
  "summary_gm_p95": 782.4532893974333,
  "summary_gm_stdv": 83.31524466321922,
  "summary_wm_k": 0.4240109773932845,
  "summary_wm_mad": 36.379273839060325,
  "summary_wm_mean": 998.5471250784759,
  "summary_wm_median": 1000.0000137351453,
  "summary_wm_n": 136559.0,
  "summary_wm_p05": 932.5861152466387,
  "summary_wm_p95": 1059.327972792089,
  "summary_wm_stdv": 38.57685465126442,
  "tpm_overlap_csf": 0.16302499345844995,
  "tpm_overlap_gm": 0.449264349161501,
  "tpm_overlap_wm": 0.5012630201984031,
  "wm2max": 0.8405001193110925
}