{
  "aor": 0.001011122448979592,
  "aqi": 0.004124076530612244,
  "bids_meta": {
    "AcquisitionMatrixPE": 64,
    "AcquisitionNumber": 1,
    "AcquisitionTime": "16:31:3.157500",
    "BandwidthPerPixelPhaseEncode": 33.967,
    "BaseResolution": 64,
    "ConversionSoftware": "dcm2niix",
    "ConversionSoftwareVersion": "v1.0.20180622 GCC4.9.2",
    "DerivedVendorReportedEchoSpacing": 0.000460005,
    "DeviceSerialNumber": "35193",
    "DwellTime": 3.1e-06,
    "EchoTime": 0.03,
    "EffectiveEchoSpacing": 0.000460005,
    "FlipAngle": 90,
    "ImageOrientationPatientDICOM": [
      0.99956,
      0,
      0.0296662,
      0,
      1,
      0
    ],
    "ImageType": [
      "ORIGINAL",
      "PRIMARY",
      "M",
      "ND",
      "MOSAIC"
    ],
    "InPlanePhaseEncodingDirectionDICOM": "COL",
    "InstitutionAddress": "Xinjiekouwai_Street_No_19_Beijing_Haidian_District_CN_100875",
    "InstitutionName": "Beijing_Normal_Universtiy_7C3C54",
    "InstitutionalDepartmentName": "Department",
    "MRAcquisitionType": "2D",
    "MagneticFieldStrength": 3,
    "Manufacturer": "Siemens",
    "ManufacturersModelName": "TrioTim",
    "Modality": "MR",
    "PartialFourier": 1,
    "PatientPosition": "HFS",
    "PercentPhaseFOV": 100,
    "PhaseEncodingDirection": "j-",
    "PhaseEncodingSteps": 64,
    "PhaseResolution": 1,
    "PixelBandwidth": 2520,
    "ProcedureStepDescription": "BNU_cst_2019_Xu.Shan",
    "ProtocolName": "ge_func_pace_3x3x3.5_99",
    "PulseSequenceDetails": "%SiemensSeq%_ep2d_bold",
    "ReceiveCoilName": "HeadMatrix",
    "ReconMatrixPE": 64,
    "RepetitionTime": 2,
    "SAR": 0.131445,
    "ScanOptions": "FS",
    "ScanningSequence": "EP",
    "SequenceName": "_epfid2d1_64",
    "SequenceVariant": "SK",
    "SeriesDescription": "ge_func_pace_3x3x3.5_99",
    "SeriesNumber": 12,
    "ShimSetting": [
      -4504,
      -19360,
      -9806,
      936,
      -158,
      36,
      -5,
      -21
    ],
    "SliceThickness": 3.5,
    "SliceTiming": [
      0,
      1.035,
      0.06,
      1.095,
      0.1225,
      1.155,
      0.1825,
      1.2175,
      0.2425,
      1.2775,
      0.305,
      1.3375,
      0.365,
      1.4,
      0.425,
      1.46,
      0.4875,
      1.52,
      0.5475,
      1.5825,
      0.6075,
      1.6425,
      0.67,
      1.7025,
      0.73,
      1.765,
      0.79,
      1.825,
      0.8525,
      1.885,
      0.9125,
      1.9475,
      0.9725
    ],
    "SoftwareVersions": "syngo_MR_B17",
    "SpacingBetweenSlices": 4.2,
    "StationName": "MRC35193",
    "TotalReadoutTime": 0.0289803,
    "TxRefAmp": 349.009,
    "dataset": "ds003696",
    "modality": "bold",
    "run_id": 2,
    "session_id": "01",
    "subject_id": "135",
    "task_id": "localizer"
  },
  "dummy_trs": 1,
  "dvars_nstd": 24.231943031752593,
  "dvars_std": 1.1902733398969072,
  "dvars_vstd": 1.0267549842268036,
  "efc": 0.571904646643258,
  "fber": 724.6497802734375,
  "fd_mean": 0.12207483705829883,
  "fd_num": 3,
  "fd_perc": 3.061224489795918,
  "fwhm_avg": 2.1233869055548884,
  "fwhm_x": 2.0604096000000003,
  "fwhm_y": 2.3699296000000003,
  "fwhm_z": 1.9398215166646646,
  "gcor": 0.0221727,
  "gsr_x": -0.008907503448426723,
  "gsr_y": 0.04019599407911301,
  "provenance": {
    "md5sum": "ae57af37db8408612d4f3adcd6f13277",
    "settings": {
      "fd_thres": 0.2,
      "testing": false
    },
    "software": "mriqc",
    "version": "23.0.1",
    "webapi_port": null,
    "webapi_url": "https://mriqc.nimh.nih.gov/api/v1"
  },
  "size_t": 98,
  "size_x": 64,
  "size_y": 64,
  "size_z": 33,
  "snr": 5.1547557523239895,
  "spacing_tr": 2.0,
  "spacing_x": 3.125,
  "spacing_y": 3.125,
  "spacing_z": 4.199999809265137,
  "summary_bg_k": 30.86210061283223,
  "summary_bg_mad": 16.263237582564354,
  "summary_bg_mean": 62.13198471069336,
  "summary_bg_median": 32.78571319580078,
  "summary_bg_n": 74153.0,
  "summary_bg_p05": 20.775508880615234,
  "summary_bg_p95": 204.08979492187487,
  "summary_bg_stdv": 83.1243896484375,
  "summary_fg_k": 1.185394088228957,
  "summary_fg_mad": 156.27834531095607,
  "summary_fg_mean": 923.3828735351562,
  "summary_fg_median": 918.2346801757812,
  "summary_fg_n": 28612.0,
  "summary_fg_p05": 631.7005065917969,
  "summary_fg_p95": 1222.8153259277344,
  "summary_fg_stdv": 178.13038635253906,
  "tsnr": 76.30372986150905
}