{
  "aor": 0.0011675000000000001,
  "aqi": 0.004629048804347826,
  "bids_meta": {
    "AcquisitionMatrixPE": 64,
    "AcquisitionNumber": 1,
    "AcquisitionTime": "15:03:45.135000",
    "BandwidthPerPixelPhaseEncode": 33.967,
    "BaseResolution": 64,
    "ConversionSoftware": "dcm2niix",
    "ConversionSoftwareVersion": "v1.0.20180622 GCC4.9.2",
    "DerivedVendorReportedEchoSpacing": 0.000460005,
    "DeviceSerialNumber": "35193",
    "DwellTime": 3.1e-06,
    "EchoTime": 0.03,
    "EffectiveEchoSpacing": 0.000460005,
    "FlipAngle": 90,
    "ImageOrientationPatientDICOM": [
      1,
      0,
      0,
      0,
      1,
      0
    ],
    "ImageType": [
      "ORIGINAL",
      "PRIMARY",
      "M",
      "ND",
      "MOSAIC"
    ],
    "InPlanePhaseEncodingDirectionDICOM": "COL",
    "InstitutionAddress": "Xinjiekouwai_Street_No_19_Beijing_Haidian_District_CN_100875",
    "InstitutionName": "Beijing_Normal_Universtiy_7C3C54",
    "InstitutionalDepartmentName": "Department",
    "MRAcquisitionType": "2D",
    "MagneticFieldStrength": 3,
    "Manufacturer": "Siemens",
    "ManufacturersModelName": "TrioTim",
    "Modality": "MR",
    "PartialFourier": 1,
    "PatientPosition": "HFS",
    "PercentPhaseFOV": 100,
    "PhaseEncodingDirection": "j-",
    "PhaseEncodingSteps": 64,
    "PhaseResolution": 1,
    "PixelBandwidth": 2520,
    "ProcedureStepDescription": "BNU_cst_2019_Xu.Shan",
    "ProtocolName": "ge_func_pace_3x3x3.5_185",
    "PulseSequenceDetails": "%SiemensSeq%_ep2d_bold",
    "ReceiveCoilName": "HeadMatrix",
    "ReconMatrixPE": 64,
    "RepetitionTime": 2,
    "SAR": 0.146596,
    "ScanOptions": "FS",
    "ScanningSequence": "EP",
    "SequenceName": "_epfid2d1_64",
    "SequenceVariant": "SK",
    "SeriesDescription": "ge_func_pace_3x3x3.5_185",
    "SeriesNumber": 2,
    "ShimSetting": [
      -4520,
      -19429,
      -9814,
      1097,
      -276,
      -131,
      324,
      -81
    ],
    "SliceThickness": 3.5,
    "SliceTiming": [
      0,
      1.035,
      0.06,
      1.095,
      0.1225,
      1.155,
      0.1825,
      1.2175,
      0.2425,
      1.2775,
      0.305,
      1.3375,
      0.365,
      1.4,
      0.425,
      1.46,
      0.4875,
      1.52,
      0.5475,
      1.5825,
      0.6075,
      1.6425,
      0.67,
      1.7025,
      0.73,
      1.765,
      0.79,
      1.825,
      0.8525,
      1.885,
      0.9125,
      1.9475,
      0.9725
    ],
    "SoftwareVersions": "syngo_MR_B17",
    "SpacingBetweenSlices": 4.2,
    "StationName": "MRC35193",
    "TotalReadoutTime": 0.0289803,
    "TxRefAmp": 312.293,
    "dataset": "ds003696",
    "modality": "bold",
    "run_id": 8,
    "session_id": "02",
    "subject_id": "134",
    "task_id": "affordance"
  },
  "dummy_trs": 1,
  "dvars_nstd": 20.466307936994525,
  "dvars_std": 1.1771239836065581,
  "dvars_vstd": 0.9967181106557376,
  "efc": 0.5233844441985943,
  "fber": 1247.6153564453125,
  "fd_mean": 0.045560263706733176,
  "fd_num": 0,
  "fd_perc": 0.0,
  "fwhm_avg": 2.013786116798497,
  "fwhm_x": 1.959872,
  "fwhm_y": 2.2377696,
  "fwhm_z": 1.8437167503954912,
  "gcor": 0.0190285,
  "gsr_x": -0.005841792095452547,
  "gsr_y": 0.023209629580378532,
  "provenance": {
    "md5sum": "83ae583aaa5b60ba6025fdf7055006d0",
    "settings": {
      "fd_thres": 0.2,
      "testing": false
    },
    "software": "mriqc",
    "version": "23.0.1",
    "webapi_port": null,
    "webapi_url": "https://mriqc.nimh.nih.gov/api/v1"
  },
  "size_t": 184,
  "size_x": 64,
  "size_y": 64,
  "size_z": 33,
  "snr": 6.1931664840141325,
  "spacing_tr": 2.0,
  "spacing_x": 3.125,
  "spacing_y": 3.125,
  "spacing_z": 4.199999809265137,
  "summary_bg_k": 21.44122509955254,
  "summary_bg_mad": 10.289582561905736,
  "summary_bg_mean": 49.674503326416016,
  "summary_bg_median": 25.923913955688477,
  "summary_bg_n": 81038.0,
  "summary_bg_p05": 18.130435943603516,
  "summary_bg_p95": 167.19293670654264,
  "summary_bg_stdv": 64.5276107788086,
  "summary_fg_k": 0.9607874851909712,
  "summary_fg_mad": 135.47277771594938,
  "summary_fg_mean": 936.1165161132812,
  "summary_fg_median": 934.059814453125,
  "summary_fg_n": 23565.0,
  "summary_fg_p05": 693.95654296875,
  "summary_fg_p95": 1188.2771728515625,
  "summary_fg_stdv": 150.81784057617188,
  "tsnr": 78.07524553826079
}