{
  "aor": 0.0028403260869565216,
  "aqi": 0.0038456632608695656,
  "bids_meta": {
    "AcquisitionMatrixPE": 64,
    "AcquisitionNumber": 1,
    "AcquisitionTime": "15:17:32.400000",
    "BandwidthPerPixelPhaseEncode": 33.967,
    "BaseResolution": 64,
    "ConversionSoftware": "dcm2niix",
    "ConversionSoftwareVersion": "v1.0.20180622 GCC4.9.2",
    "DerivedVendorReportedEchoSpacing": 0.000460005,
    "DeviceSerialNumber": "35193",
    "DwellTime": 3.1e-06,
    "EchoTime": 0.03,
    "EffectiveEchoSpacing": 0.000460005,
    "FlipAngle": 90,
    "ImageOrientationPatientDICOM": [
      1,
      0,
      0,
      0,
      1,
      0
    ],
    "ImageType": [
      "ORIGINAL",
      "PRIMARY",
      "M",
      "ND",
      "MOSAIC"
    ],
    "InPlanePhaseEncodingDirectionDICOM": "COL",
    "InstitutionAddress": "Xinjiekouwai_Street_No_19_Beijing_Haidian_District_CN_100875",
    "InstitutionName": "Beijing_Normal_Universtiy_7C3C54",
    "InstitutionalDepartmentName": "Department",
    "MRAcquisitionType": "2D",
    "MagneticFieldStrength": 3,
    "Manufacturer": "Siemens",
    "ManufacturersModelName": "TrioTim",
    "Modality": "MR",
    "PartialFourier": 1,
    "PatientPosition": "HFS",
    "PercentPhaseFOV": 100,
    "PhaseEncodingDirection": "j-",
    "PhaseEncodingSteps": 64,
    "PhaseResolution": 1,
    "PixelBandwidth": 2520,
    "ProcedureStepDescription": "BNU_cst_2019_Xu.Shan",
    "ProtocolName": "ge_func_pace_3x3x3.5_185",
    "PulseSequenceDetails": "%SiemensSeq%_ep2d_bold",
    "ReceiveCoilName": "HeadMatrix",
    "ReconMatrixPE": 64,
    "RepetitionTime": 2,
    "SAR": 0.146596,
    "ScanOptions": "FS",
    "ScanningSequence": "EP",
    "SequenceName": "_epfid2d1_64",
    "SequenceVariant": "SK",
    "SeriesDescription": "ge_func_pace_3x3x3.5_185",
    "SeriesNumber": 6,
    "ShimSetting": [
      -4520,
      -19429,
      -9814,
      1097,
      -276,
      -131,
      324,
      -81
    ],
    "SliceThickness": 3.5,
    "SliceTiming": [
      0,
      1.0325,
      0.06,
      1.095,
      0.12,
      1.155,
      0.1825,
      1.215,
      0.2425,
      1.2775,
      0.3025,
      1.3375,
      0.365,
      1.3975,
      0.425,
      1.46,
      0.485,
      1.52,
      0.5475,
      1.58,
      0.6075,
      1.6425,
      0.6675,
      1.7025,
      0.73,
      1.7625,
      0.79,
      1.825,
      0.85,
      1.885,
      0.9125,
      1.945,
      0.9725
    ],
    "SoftwareVersions": "syngo_MR_B17",
    "SpacingBetweenSlices": 4.2,
    "StationName": "MRC35193",
    "TotalReadoutTime": 0.0289803,
    "TxRefAmp": 312.293,
    "dataset": "ds003696",
    "modality": "bold",
    "run_id": 6,
    "session_id": "02",
    "subject_id": "134",
    "task_id": "affordance"
  },
  "dummy_trs": 1,
  "dvars_nstd": 20.149766859508198,
  "dvars_std": 1.1992709844808742,
  "dvars_vstd": 1.0289866035519124,
  "efc": 0.5234073207464378,
  "fber": 1264.13818359375,
  "fd_mean": 0.048693183312687446,
  "fd_num": 3,
  "fd_perc": 1.6304347826086956,
  "fwhm_avg": 1.994226979864831,
  "fwhm_x": 1.9483135999999999,
  "fwhm_y": 2.2187744,
  "fwhm_z": 1.8155929395944932,
  "gcor": 0.0180996,
  "gsr_x": -0.005362408235669136,
  "gsr_y": 0.023182174190878868,
  "provenance": {
    "md5sum": "5f4f8cc69474259e35e4448db0716d1c",
    "settings": {
      "fd_thres": 0.2,
      "testing": false
    },
    "software": "mriqc",
    "version": "23.0.1",
    "webapi_port": null,
    "webapi_url": "https://mriqc.nimh.nih.gov/api/v1"
  },
  "size_t": 184,
  "size_x": 64,
  "size_y": 64,
  "size_z": 33,
  "snr": 6.287981726639197,
  "spacing_tr": 2.0,
  "spacing_x": 3.125,
  "spacing_y": 3.125,
  "spacing_z": 4.199999809265137,
  "summary_bg_k": 21.707919585690092,
  "summary_bg_mad": 10.152602025512738,
  "summary_bg_mean": 49.90672302246094,
  "summary_bg_median": 25.875,
  "summary_bg_n": 81121.0,
  "summary_bg_p05": 18.0108699798584,
  "summary_bg_p95": 170.728271484375,
  "summary_bg_stdv": 65.50729370117188,
  "summary_fg_k": 0.8850171409783893,
  "summary_fg_mad": 136.14964933426126,
  "summary_fg_mean": 941.1375732421875,
  "summary_fg_median": 939.3478393554688,
  "summary_fg_n": 23453.0,
  "summary_fg_p05": 701.2761108398438,
  "summary_fg_p95": 1192.9314941406249,
  "summary_fg_stdv": 149.38462829589844,
  "tsnr": 83.50064756721258
}