{
  "aor": 0.0012576530612244897,
  "aqi": 0.003613507346938775,
  "bids_meta": {
    "AcquisitionMatrixPE": 64,
    "AcquisitionNumber": 1,
    "AcquisitionTime": "10:42:5.982500",
    "BandwidthPerPixelPhaseEncode": 33.967,
    "BaseResolution": 64,
    "ConversionSoftware": "dcm2niix",
    "ConversionSoftwareVersion": "v1.0.20180622 GCC4.9.2",
    "DerivedVendorReportedEchoSpacing": 0.000460005,
    "DeviceSerialNumber": "35193",
    "DwellTime": 3.1e-06,
    "EchoTime": 0.03,
    "EffectiveEchoSpacing": 0.000460005,
    "FlipAngle": 90,
    "ImageOrientationPatientDICOM": [
      1,
      0,
      0,
      0,
      1,
      0
    ],
    "ImageType": [
      "ORIGINAL",
      "PRIMARY",
      "M",
      "ND",
      "MOSAIC"
    ],
    "InPlanePhaseEncodingDirectionDICOM": "COL",
    "InstitutionAddress": "Xinjiekouwai_Street_No_19_Beijing_Haidian_District_CN_100875",
    "InstitutionName": "BNU_MRI_Center",
    "InstitutionalDepartmentName": "Department",
    "MRAcquisitionType": "2D",
    "MagneticFieldStrength": 3,
    "Manufacturer": "Siemens",
    "ManufacturersModelName": "TrioTim",
    "Modality": "MR",
    "PartialFourier": 1,
    "PatientPosition": "HFS",
    "PercentPhaseFOV": 100,
    "PhaseEncodingDirection": "j-",
    "PhaseEncodingSteps": 64,
    "PhaseResolution": 1,
    "PixelBandwidth": 2520,
    "ProcedureStepDescription": "BNU_cst_2015_Liu.Jia",
    "ProtocolName": "ge_func_pace_3x3x3.5_99",
    "PulseSequenceDetails": "%SiemensSeq%_ep2d_bold",
    "ReceiveCoilName": "HeadMatrix",
    "ReconMatrixPE": 64,
    "RepetitionTime": 2,
    "SAR": 0.132429,
    "ScanOptions": "FS",
    "ScanningSequence": "EP",
    "SequenceName": "_epfid2d1_64",
    "SequenceVariant": "SK",
    "SeriesDescription": "ge_func_pace_3x3x3.5_99",
    "SeriesNumber": 14,
    "ShimSetting": [
      -4450,
      -19374,
      -9776,
      1049,
      -25,
      -586,
      -105,
      -115
    ],
    "SliceThickness": 3.5,
    "SliceTiming": [
      0,
      1.035,
      0.0625,
      1.095,
      0.1225,
      1.1575,
      0.1825,
      1.2175,
      0.245,
      1.2775,
      0.305,
      1.34,
      0.365,
      1.4,
      0.4275,
      1.46,
      0.4875,
      1.5225,
      0.5475,
      1.5825,
      0.61,
      1.6425,
      0.67,
      1.705,
      0.73,
      1.765,
      0.7925,
      1.825,
      0.8525,
      1.8875,
      0.9125,
      1.9475,
      0.975
    ],
    "SoftwareVersions": "syngo_MR_B17",
    "SpacingBetweenSlices": 4.2,
    "StationName": "MRC35193",
    "TotalReadoutTime": 0.0289803,
    "TxRefAmp": 326.388,
    "dataset": "ds003696",
    "modality": "bold",
    "run_id": 3,
    "session_id": "01",
    "subject_id": "116",
    "task_id": "localizer"
  },
  "dummy_trs": 1,
  "dvars_nstd": 19.48015826556701,
  "dvars_std": 1.1308579140206185,
  "dvars_vstd": 1.0281444111340203,
  "efc": 0.546022502625671,
  "fber": 851.5654296875,
  "fd_mean": 0.06063509546307723,
  "fd_num": 3,
  "fd_perc": 3.061224489795918,
  "fwhm_avg": 2.0009915899674224,
  "fwhm_x": 1.9825183999999998,
  "fwhm_y": 2.1805184,
  "fwhm_z": 1.8399379699022675,
  "gcor": 0.0159039,
  "gsr_x": 0.001071115373633802,
  "gsr_y": 0.03396718204021454,
  "provenance": {
    "md5sum": "6c48d88407860ea2a2475186f2773442",
    "settings": {
      "fd_thres": 0.2,
      "testing": false
    },
    "software": "mriqc",
    "version": "23.0.1",
    "webapi_port": null,
    "webapi_url": "https://mriqc.nimh.nih.gov/api/v1"
  },
  "size_t": 98,
  "size_x": 64,
  "size_y": 64,
  "size_z": 33,
  "snr": 5.353273553109019,
  "spacing_tr": 2.0,
  "spacing_x": 3.125,
  "spacing_y": 3.125,
  "spacing_z": 4.200000286102295,
  "summary_bg_k": 30.294472784514276,
  "summary_bg_mad": 15.703478101621991,
  "summary_bg_mean": 69.13601684570312,
  "summary_bg_median": 32.887752532958984,
  "summary_bg_n": 80430.0,
  "summary_bg_p05": 21.224489212036133,
  "summary_bg_p95": 256.66529388427745,
  "summary_bg_stdv": 97.6868896484375,
  "summary_fg_k": 1.9703716844930836,
  "summary_fg_mad": 152.80634682336256,
  "summary_fg_mean": 981.43896484375,
  "summary_fg_median": 971.0458984375,
  "summary_fg_n": 24348.0,
  "summary_fg_p05": 705.5617279052734,
  "summary_fg_p95": 1283.2847045898436,
  "summary_fg_stdv": 181.38919067382812,
  "tsnr": 80.16412294795737
}