{
  "aor": 0.0014882653061224491,
  "aqi": 0.0038198733673469394,
  "bids_meta": {
    "AcquisitionMatrixPE": 64,
    "AcquisitionNumber": 1,
    "AcquisitionTime": "15:50:0.427500",
    "BandwidthPerPixelPhaseEncode": 33.967,
    "BaseResolution": 64,
    "ConversionSoftware": "dcm2niix",
    "ConversionSoftwareVersion": "v1.0.20180622 GCC4.9.2",
    "DerivedVendorReportedEchoSpacing": 0.000460005,
    "DeviceSerialNumber": "35193",
    "DwellTime": 3.1e-06,
    "EchoTime": 0.03,
    "EffectiveEchoSpacing": 0.000460005,
    "FlipAngle": 90,
    "ImageOrientationPatientDICOM": [
      1,
      0,
      0,
      0,
      1,
      0
    ],
    "ImageType": [
      "ORIGINAL",
      "PRIMARY",
      "M",
      "ND",
      "MOSAIC"
    ],
    "InPlanePhaseEncodingDirectionDICOM": "COL",
    "InstitutionAddress": "Xinjiekouwai_Street_No_19_Beijing_Haidian_District_CN_100875",
    "InstitutionName": "BNU_MRI_Center",
    "InstitutionalDepartmentName": "Department",
    "MRAcquisitionType": "2D",
    "MagneticFieldStrength": 3,
    "Manufacturer": "Siemens",
    "ManufacturersModelName": "TrioTim",
    "Modality": "MR",
    "PartialFourier": 1,
    "PatientPosition": "HFS",
    "PercentPhaseFOV": 100,
    "PhaseEncodingDirection": "j-",
    "PhaseEncodingSteps": 64,
    "PhaseResolution": 1,
    "PixelBandwidth": 2520,
    "ProcedureStepDescription": "BNU_cst_2019_Xu.Shan",
    "ProtocolName": "ge_func_pace_3x3x3.5_99",
    "PulseSequenceDetails": "%SiemensSeq%_ep2d_bold",
    "ReceiveCoilName": "HeadMatrix",
    "ReconMatrixPE": 64,
    "RepetitionTime": 2,
    "SAR": 0.12423,
    "ScanOptions": "FS",
    "ScanningSequence": "EP",
    "SequenceName": "_epfid2d1_64",
    "SequenceVariant": "SK",
    "SeriesDescription": "ge_func_pace_3x3x3.5_99",
    "SeriesNumber": 14,
    "ShimSetting": [
      -4460,
      -19373,
      -9763,
      1088,
      -34,
      -255,
      28,
      -205
    ],
    "SliceThickness": 3.5,
    "SliceTiming": [
      0,
      1.035,
      0.0625,
      1.095,
      0.1225,
      1.1575,
      0.1825,
      1.2175,
      0.245,
      1.2775,
      0.305,
      1.34,
      0.365,
      1.4,
      0.4275,
      1.46,
      0.4875,
      1.5225,
      0.5475,
      1.5825,
      0.61,
      1.6425,
      0.67,
      1.705,
      0.73,
      1.765,
      0.7925,
      1.825,
      0.8525,
      1.8875,
      0.9125,
      1.9475,
      0.975
    ],
    "SoftwareVersions": "syngo_MR_B17",
    "SpacingBetweenSlices": 4.2,
    "StationName": "MRC35193",
    "TotalReadoutTime": 0.0289803,
    "TxRefAmp": 319.87,
    "dataset": "ds003696",
    "modality": "bold",
    "run_id": 1,
    "session_id": "01",
    "subject_id": "130",
    "task_id": "localizer"
  },
  "dummy_trs": 1,
  "dvars_nstd": 27.284284021855672,
  "dvars_std": 1.2993587801030932,
  "dvars_vstd": 1.0285012436082475,
  "efc": 0.5787333804861557,
  "fber": 655.651123046875,
  "fd_mean": 0.09011722799377678,
  "fd_num": 4,
  "fd_perc": 4.081632653061225,
  "fwhm_avg": 2.191177529058011,
  "fwhm_x": 2.1433215999999997,
  "fwhm_y": 2.4057728,
  "fwhm_z": 2.0244381871740336,
  "gcor": 0.0199177,
  "gsr_x": 0.0006670583970844746,
  "gsr_y": 0.0372997410595417,
  "provenance": {
    "md5sum": "94b95d0de7067779be6f52d34a1cd982",
    "settings": {
      "fd_thres": 0.2,
      "testing": false
    },
    "software": "mriqc",
    "version": "23.0.1",
    "webapi_port": null,
    "webapi_url": "https://mriqc.nimh.nih.gov/api/v1"
  },
  "size_t": 98,
  "size_x": 64,
  "size_y": 64,
  "size_z": 33,
  "snr": 4.786548799326022,
  "spacing_tr": 2.0,
  "spacing_x": 3.125,
  "spacing_y": 3.125,
  "spacing_z": 4.199999809265137,
  "summary_bg_k": 25.600749330766416,
  "summary_bg_mad": 20.06051394298358,
  "summary_bg_mean": 67.70828247070312,
  "summary_bg_median": 35.091835021972656,
  "summary_bg_n": 73245.0,
  "summary_bg_p05": 20.102041244506836,
  "summary_bg_p95": 241.8755065917969,
  "summary_bg_stdv": 86.57910919189453,
  "summary_fg_k": 1.1952391637250743,
  "summary_fg_mad": 170.3781783600558,
  "summary_fg_mean": 928.5833740234375,
  "summary_fg_median": 922.4744873046875,
  "summary_fg_n": 29534.0,
  "summary_fg_p05": 622.0203857421875,
  "summary_fg_p95": 1252.6709350585936,
  "summary_fg_stdv": 192.718994140625,
  "tsnr": 74.83861768990755
}