{
  "aor": 0.0010906185567010308,
  "aqi": 0.0022760012371134015,
  "bids_meta": {
    "AcquisitionMatrixPE": 64,
    "AcquisitionNumber": 1,
    "AcquisitionTime": "14:13:45.377500",
    "BandwidthPerPixelPhaseEncode": 33.967,
    "BaseResolution": 64,
    "ConversionSoftware": "dcm2niix",
    "ConversionSoftwareVersion": "v1.0.20180622 GCC4.9.2",
    "DerivedVendorReportedEchoSpacing": 0.000460005,
    "DeviceSerialNumber": "35193",
    "DwellTime": 3.1e-06,
    "EchoTime": 0.03,
    "EffectiveEchoSpacing": 0.000460005,
    "FlipAngle": 90,
    "ImageOrientationPatientDICOM": [
      0.999907,
      -0.0104718,
      -0.00872606,
      0.0104714,
      0.999945,
      -9.13825e-05
    ],
    "ImageType": [
      "ORIGINAL",
      "PRIMARY",
      "M",
      "ND",
      "MOSAIC"
    ],
    "InPlanePhaseEncodingDirectionDICOM": "COL",
    "InstitutionAddress": "Xinjiekouwai_Street_No_19_Beijing_Haidian_District_CN_100875",
    "InstitutionName": "Beijing_Normal_Universtiy_7C3C54",
    "InstitutionalDepartmentName": "Department",
    "MRAcquisitionType": "2D",
    "MagneticFieldStrength": 3,
    "Manufacturer": "Siemens",
    "ManufacturersModelName": "TrioTim",
    "Modality": "MR",
    "PartialFourier": 1,
    "PatientPosition": "HFS",
    "PercentPhaseFOV": 100,
    "PhaseEncodingDirection": "j-",
    "PhaseEncodingSteps": 64,
    "PhaseResolution": 1,
    "PixelBandwidth": 2520,
    "ProcedureStepDescription": "BNU_cst_2015_Liu.Jia",
    "ProtocolName": "ge_func_pace_3x3x3.5_99",
    "PulseSequenceDetails": "%SiemensSeq%_ep2d_bold",
    "ReceiveCoilName": "HeadMatrix",
    "ReconMatrixPE": 64,
    "RepetitionTime": 2,
    "SAR": 0.122696,
    "ScanOptions": "FS",
    "ScanningSequence": "EP",
    "SequenceName": "_epfid2d1_64",
    "SequenceVariant": "SK",
    "SeriesDescription": "ge_func_pace_3x3x3.5_99",
    "SeriesNumber": 12,
    "ShimSetting": [
      -4492,
      -19436,
      -9807,
      1227,
      -101,
      -192,
      71,
      -52
    ],
    "SliceThickness": 3.5,
    "SliceTiming": [
      0,
      1.035,
      0.06,
      1.095,
      0.1225,
      1.155,
      0.1825,
      1.2175,
      0.2425,
      1.2775,
      0.305,
      1.3375,
      0.365,
      1.4,
      0.425,
      1.46,
      0.4875,
      1.52,
      0.5475,
      1.5825,
      0.6075,
      1.6425,
      0.67,
      1.7025,
      0.73,
      1.765,
      0.79,
      1.825,
      0.8525,
      1.885,
      0.9125,
      1.9475,
      0.9725
    ],
    "SoftwareVersions": "syngo_MR_B17",
    "SpacingBetweenSlices": 4.2,
    "StationName": "MRC35193",
    "TotalReadoutTime": 0.0289803,
    "TxRefAmp": 317.34,
    "dataset": "ds003696",
    "modality": "bold",
    "run_id": 2,
    "session_id": "01",
    "subject_id": "101",
    "task_id": "localizer"
  },
  "dummy_trs": 2,
  "dvars_nstd": 15.226042071875005,
  "dvars_std": 1.0441648916666664,
  "dvars_vstd": 1.0146110090625005,
  "efc": 0.5056911487775119,
  "fber": 1127.4754638671875,
  "fd_mean": 0.07547109425738749,
  "fd_num": 0,
  "fd_perc": 0.0,
  "fwhm_avg": 2.1038379751799012,
  "fwhm_x": 2.0579872,
  "fwhm_y": 2.321584,
  "fwhm_z": 1.931942725539703,
  "gcor": 0.0108263,
  "gsr_x": 0.010106979869306087,
  "gsr_y": 0.022321458905935287,
  "provenance": {
    "md5sum": "9644013a0690e71064ec46de3febb3c8",
    "settings": {
      "fd_thres": 0.2,
      "testing": false
    },
    "software": "mriqc",
    "version": "23.0.1",
    "webapi_port": null,
    "webapi_url": "https://mriqc.nimh.nih.gov/api/v1"
  },
  "size_t": 97,
  "size_x": 64,
  "size_y": 64,
  "size_z": 33,
  "snr": 5.642639763240901,
  "spacing_tr": 2.0,
  "spacing_x": 3.125,
  "spacing_y": 3.125,
  "spacing_z": 4.200000286102295,
  "summary_bg_k": 30.536568050635275,
  "summary_bg_mad": 11.90667116252897,
  "summary_bg_mean": 52.408485412597656,
  "summary_bg_median": 27.546390533447266,
  "summary_bg_n": 85048.0,
  "summary_bg_p05": 18.68041229248047,
  "summary_bg_p95": 163.0855583190917,
  "summary_bg_stdv": 74.866943359375,
  "summary_fg_k": 0.4499999438534439,
  "summary_fg_mad": 160.0904989340087,
  "summary_fg_mean": 941.85595703125,
  "summary_fg_median": 940.056640625,
  "summary_fg_n": 20552.0,
  "summary_fg_p05": 668.8417266845703,
  "summary_fg_p95": 1217.5741821289064,
  "summary_fg_stdv": 166.5946807861328,
  "tsnr": 92.47859346913174
}