{
  "bids_meta": {
    "AcquisitionMatrixPE": 192,
    "AcquisitionNumber": 1,
    "AcquisitionTime": "14:35:38.850000",
    "BaseResolution": 256,
    "ConversionSoftware": "dcm2niix",
    "ConversionSoftwareVersion": "v1.0.20180622 GCC4.9.2",
    "DeviceSerialNumber": "35193",
    "DwellTime": 1.03e-05,
    "EchoTime": 0.00339,
    "FlipAngle": 7,
    "ImageOrientationPatientDICOM": [
      0,
      1,
      0,
      -0.0436194,
      0,
      -0.999048
    ],
    "ImageType": [
      "ORIGINAL",
      "PRIMARY",
      "M",
      "ND",
      "NORM"
    ],
    "InPlanePhaseEncodingDirectionDICOM": "ROW",
    "InstitutionAddress": "Xinjiekouwai_Street_No_19_Beijing_Haidian_District_CN_100875",
    "InstitutionName": "BNU_MRI_Center",
    "InstitutionalDepartmentName": "Department",
    "InversionTime": 1.1,
    "MRAcquisitionType": "3D",
    "MagneticFieldStrength": 3,
    "Manufacturer": "Siemens",
    "ManufacturersModelName": "TrioTim",
    "Modality": "MR",
    "PartialFourier": 1,
    "PatientPosition": "HFS",
    "PercentPhaseFOV": 100,
    "PhaseEncodingSteps": 192,
    "PhaseResolution": 0.75,
    "PixelBandwidth": 190,
    "ProcedureStepDescription": "BNU_cst_2015_Liu.Jia",
    "ProtocolName": "t1_mprage_sag",
    "PulseSequenceDetails": "%SiemensSeq%_tfl",
    "ReceiveCoilName": "HeadMatrix",
    "ReconMatrixPE": 256,
    "RepetitionTime": 2.53,
    "SAR": 0.0557946,
    "ScanOptions": "IR",
    "ScanningSequence": "GR_IR",
    "SequenceName": "_tfl3d1_ns",
    "SequenceVariant": "SP_MP",
    "SeriesDescription": "t1_mprage_sag",
    "SeriesNumber": 10,
    "ShimSetting": [
      -4489,
      -19276,
      -10209,
      636,
      -133,
      80,
      82,
      -26
    ],
    "SliceThickness": 1.33,
    "SoftwareVersions": "syngo_MR_B17",
    "StationName": "MRC35193",
    "TxRefAmp": 349.715,
    "dataset": "ds003696",
    "modality": "T1w",
    "session_id": "02",
    "subject_id": "120"
  },
  "cjv": 0.3452438372622129,
  "cnr": 3.909481426284927,
  "efc": 0.6016615852755051,
  "fber": 9691.1970272803,
  "fwhm_avg": 4.247163964602738,
  "fwhm_x": 3.693671893808213,
  "fwhm_y": 4.97425,
  "fwhm_z": 4.07357,
  "icvs_csf": 0.2590397740397262,
  "icvs_gm": 0.40095523993586046,
  "icvs_wm": 0.3400049860244133,
  "inu_med": 0.6635703146457672,
  "inu_range": 0.2795020043849945,
  "provenance": {
    "md5sum": "d355a63630249f842df5855dcee59846",
    "settings": {
      "testing": false
    },
    "software": "mriqc",
    "version": "23.0.1",
    "warnings": {
      "large_rot_frame": true,
      "small_air_mask": false
    },
    "webapi_port": null,
    "webapi_url": "https://mriqc.nimh.nih.gov/api/v1"
  },
  "qi_1": 0.0,
  "qi_2": 0.006711963771903534,
  "rpve_csf": 19.272357215154106,
  "rpve_gm": 11.836790199133802,
  "rpve_wm": 16.82447885850678,
  "size_x": 128,
  "size_y": 256,
  "size_z": 256,
  "snr_csf": 1.3012471668358072,
  "snr_gm": 7.630040806968789,
  "snr_total": 10.997171151688645,
  "snr_wm": 24.060225481261337,
  "snrd_csf": 9.448922025084359,
  "snrd_gm": 53.92449873904552,
  "snrd_total": 49.428864360672456,
  "snrd_wm": 84.9131723178875,
  "spacing_x": 1.3299936056137085,
  "spacing_y": 1.0,
  "spacing_z": 1.0,
  "summary_bg_k": 13.234768228254854,
  "summary_bg_mad": 0.0,
  "summary_bg_mean": 4.882300480891769,
  "summary_bg_median": 0.0,
  "summary_bg_n": 1647757.0,
  "summary_bg_p05": 0.0,
  "summary_bg_p95": 19.81653395295143,
  "summary_bg_stdv": 7.7153684070748865,
  "summary_csf_k": 2.55156684066882,
  "summary_csf_mad": 65.86294054015852,
  "summary_csf_mean": 129.80186234809304,
  "summary_csf_median": 111.27745988965034,
  "summary_csf_n": 40464.0,
  "summary_csf_p05": 27.574380349367857,
  "summary_csf_p95": 307.34273678939786,
  "summary_csf_stdv": 85.51494881153236,
  "summary_gm_k": -0.17871906939393734,
  "summary_gm_mad": 86.1222519072906,
  "summary_gm_mean": 635.9934384292484,
  "summary_gm_median": 635.0545839592814,
  "summary_gm_n": 21873.0,
  "summary_gm_p05": 499.99183922335504,
  "summary_gm_p95": 773.0299236580728,
  "summary_gm_stdv": 83.22892144334894,
  "summary_wm_k": 0.3588738049531983,
  "summary_wm_mad": 39.8729076309293,
  "summary_wm_mean": 998.7958706804422,
  "summary_wm_median": 1000.0000107549131,
  "summary_wm_n": 154499.0,
  "summary_wm_p05": 928.2739572301507,
  "summary_wm_p95": 1064.7058938037605,
  "summary_wm_stdv": 41.562236200220184,
  "tpm_overlap_csf": 0.1772656837483759,
  "tpm_overlap_gm": 0.4634998596662328,
  "tpm_overlap_wm": 0.5284203509133947,
  "wm2max": 0.7301097969905197
}