{
  "aor": 0.0005075409836065574,
  "aqi": 0.00438348393442623,
  "bids_meta": {
    "AcquisitionMatrixPE": 64,
    "AcquisitionNumber": 1,
    "AcquisitionTime": "10:14:13.172500",
    "BandwidthPerPixelPhaseEncode": 33.967,
    "BaseResolution": 64,
    "ConversionSoftware": "dcm2niix",
    "ConversionSoftwareVersion": "v1.0.20180622 GCC4.9.2",
    "DerivedVendorReportedEchoSpacing": 0.000460005,
    "DeviceSerialNumber": "35193",
    "DwellTime": 3.1e-06,
    "EchoTime": 0.03,
    "EffectiveEchoSpacing": 0.000460005,
    "FlipAngle": 90,
    "ImageOrientationPatientDICOM": [
      0.996637,
      0,
      0.0819385,
      0,
      1,
      0
    ],
    "ImageType": [
      "ORIGINAL",
      "PRIMARY",
      "M",
      "ND",
      "MOSAIC"
    ],
    "InPlanePhaseEncodingDirectionDICOM": "COL",
    "InstitutionAddress": "Xinjiekouwai_Street_No_19_Beijing_Haidian_District_CN_100875",
    "InstitutionName": "Beijing_Normal_Universtiy_7C3C54",
    "InstitutionalDepartmentName": "Department",
    "MRAcquisitionType": "2D",
    "MagneticFieldStrength": 3,
    "Manufacturer": "Siemens",
    "ManufacturersModelName": "TrioTim",
    "Modality": "MR",
    "PartialFourier": 1,
    "PatientPosition": "HFS",
    "PercentPhaseFOV": 100,
    "PhaseEncodingDirection": "j-",
    "PhaseEncodingSteps": 64,
    "PhaseResolution": 1,
    "PixelBandwidth": 2520,
    "ProcedureStepDescription": "BNU_cst_2019_Xu.Shan",
    "ProtocolName": "ge_func_pace_3x3x3.5_185",
    "PulseSequenceDetails": "%SiemensSeq%_ep2d_bold",
    "ReceiveCoilName": "HeadMatrix",
    "ReconMatrixPE": 64,
    "RepetitionTime": 2,
    "SAR": 0.11203,
    "ScanOptions": "FS",
    "ScanningSequence": "EP",
    "SequenceName": "_epfid2d1_64",
    "SequenceVariant": "SK",
    "SeriesDescription": "ge_func_pace_3x3x3.5_185",
    "SeriesNumber": 4,
    "ShimSetting": [
      -4433,
      -19330,
      -9856,
      997,
      104,
      -477,
      -330,
      -26
    ],
    "SliceThickness": 3.5,
    "SliceTiming": [
      0,
      1.035,
      0.06,
      1.095,
      0.1225,
      1.155,
      0.1825,
      1.2175,
      0.2425,
      1.2775,
      0.305,
      1.3375,
      0.365,
      1.4,
      0.425,
      1.46,
      0.4875,
      1.52,
      0.5475,
      1.5825,
      0.6075,
      1.6425,
      0.67,
      1.7025,
      0.73,
      1.765,
      0.79,
      1.825,
      0.8525,
      1.885,
      0.9125,
      1.9475,
      0.9725
    ],
    "SoftwareVersions": "syngo_MR_B17",
    "SpacingBetweenSlices": 4.2,
    "StationName": "MRC35193",
    "TotalReadoutTime": 0.0289803,
    "TxRefAmp": 331.278,
    "dataset": "ds003696",
    "modality": "bold",
    "run_id": 7,
    "session_id": "02",
    "subject_id": "136",
    "task_id": "affordance"
  },
  "dummy_trs": 2,
  "dvars_nstd": 21.849179131648345,
  "dvars_std": 1.1289749018681317,
  "dvars_vstd": 0.9918980154395606,
  "efc": 0.5570261221384132,
  "fber": 717.3308715820312,
  "fd_mean": 0.08905602762266901,
  "fd_num": 2,
  "fd_perc": 1.092896174863388,
  "fwhm_avg": 2.1599352567722887,
  "fwhm_x": 2.162064,
  "fwhm_y": 2.34408,
  "fwhm_z": 1.9736617703168662,
  "gcor": 0.0174991,
  "gsr_x": 0.022280139848589897,
  "gsr_y": 0.028121115639805794,
  "provenance": {
    "md5sum": "6697b0b44068d65f853cd84ad7cdf32e",
    "settings": {
      "fd_thres": 0.2,
      "testing": false
    },
    "software": "mriqc",
    "version": "23.0.1",
    "webapi_port": null,
    "webapi_url": "https://mriqc.nimh.nih.gov/api/v1"
  },
  "size_t": 183,
  "size_x": 64,
  "size_y": 64,
  "size_z": 33,
  "snr": 4.9681699868602145,
  "spacing_tr": 2.0,
  "spacing_x": 3.125,
  "spacing_y": 3.125,
  "spacing_z": 4.200000286102295,
  "summary_bg_k": 20.07857271708541,
  "summary_bg_mad": 16.883838026357573,
  "summary_bg_mean": 68.83077239990234,
  "summary_bg_median": 32.40436935424805,
  "summary_bg_n": 79453.0,
  "summary_bg_p05": 20.005464553833008,
  "summary_bg_p95": 258.95299072265624,
  "summary_bg_stdv": 96.4046630859375,
  "summary_fg_k": 1.8248477978295954,
  "summary_fg_mad": 148.04141495576366,
  "summary_fg_mean": 896.47998046875,
  "summary_fg_median": 883.7813720703125,
  "summary_fg_n": 24827.0,
  "summary_fg_p05": 623.3508239746094,
  "summary_fg_p95": 1203.0081420898434,
  "summary_fg_stdv": 177.8851318359375,
  "tsnr": 66.45438419422135
}