{
  "aor": 0.004485463917525773,
  "aqi": 0.005776662577319587,
  "bids_meta": {
    "AcquisitionMatrixPE": 64,
    "AcquisitionNumber": 1,
    "AcquisitionTime": "13:58:57.270000",
    "BandwidthPerPixelPhaseEncode": 33.967,
    "BaseResolution": 64,
    "ConversionSoftware": "dcm2niix",
    "ConversionSoftwareVersion": "v1.0.20180622 GCC4.9.2",
    "DerivedVendorReportedEchoSpacing": 0.000460005,
    "DeviceSerialNumber": "35193",
    "DwellTime": 3.1e-06,
    "EchoTime": 0.03,
    "EffectiveEchoSpacing": 0.000460005,
    "FlipAngle": 90,
    "ImageOrientationPatientDICOM": [
      0.999657,
      -1e-16,
      0.0261769,
      1e-16,
      1,
      0
    ],
    "ImageType": [
      "ORIGINAL",
      "PRIMARY",
      "M",
      "ND",
      "MOSAIC"
    ],
    "InPlanePhaseEncodingDirectionDICOM": "COL",
    "InstitutionAddress": "Xinjiekouwai_Street_No_19_Beijing_Haidian_District_CN_100875",
    "InstitutionName": "Beijing_Normal_Universtiy_7C3C54",
    "InstitutionalDepartmentName": "Department",
    "MRAcquisitionType": "2D",
    "MagneticFieldStrength": 3,
    "Manufacturer": "Siemens",
    "ManufacturersModelName": "TrioTim",
    "Modality": "MR",
    "PartialFourier": 1,
    "PatientPosition": "HFS",
    "PercentPhaseFOV": 100,
    "PhaseEncodingDirection": "j-",
    "PhaseEncodingSteps": 64,
    "PhaseResolution": 1,
    "PixelBandwidth": 2520,
    "ProcedureStepDescription": "BNU_cst_2019_Xu.Shan",
    "ProtocolName": "ge_func_pace_3x3x3.5_99",
    "PulseSequenceDetails": "%SiemensSeq%_ep2d_bold",
    "ReceiveCoilName": "HeadMatrix",
    "ReconMatrixPE": 64,
    "RepetitionTime": 2,
    "SAR": 0.120387,
    "ScanOptions": "FS",
    "ScanningSequence": "EP",
    "SequenceName": "_epfid2d1_64",
    "SequenceVariant": "SK",
    "SeriesDescription": "ge_func_pace_3x3x3.5_99",
    "SeriesNumber": 18,
    "ShimSetting": [
      -4480,
      -19353,
      -9784,
      1048,
      -1,
      -203,
      -66,
      -125
    ],
    "SliceThickness": 3.5,
    "SliceTiming": [
      0,
      1.035,
      0.06,
      1.095,
      0.1225,
      1.155,
      0.1825,
      1.2175,
      0.2425,
      1.2775,
      0.305,
      1.3375,
      0.365,
      1.4,
      0.425,
      1.46,
      0.4875,
      1.52,
      0.5475,
      1.5825,
      0.6075,
      1.6425,
      0.67,
      1.7025,
      0.73,
      1.765,
      0.79,
      1.825,
      0.8525,
      1.885,
      0.9125,
      1.9475,
      0.9725
    ],
    "SoftwareVersions": "syngo_MR_B17",
    "SpacingBetweenSlices": 4.2,
    "StationName": "MRC35193",
    "TotalReadoutTime": 0.0289803,
    "TxRefAmp": 328.846,
    "dataset": "ds003696",
    "modality": "bold",
    "run_id": 1,
    "session_id": "01",
    "subject_id": "132",
    "task_id": "localizer"
  },
  "dummy_trs": 2,
  "dvars_nstd": 19.125298301041667,
  "dvars_std": 1.0922220732291663,
  "dvars_vstd": 1.0267459470833333,
  "efc": 0.53879030966626,
  "fber": 814.0333251953125,
  "fd_mean": 0.09727065751419926,
  "fd_num": 4,
  "fd_perc": 4.123711340206185,
  "fwhm_avg": 1.8963290718859593,
  "fwhm_x": 1.8531744,
  "fwhm_y": 2.1083296000000002,
  "fwhm_z": 1.7274832156578779,
  "gcor": 0.0129735,
  "gsr_x": 0.007346697151660919,
  "gsr_y": 0.030987897887825966,
  "provenance": {
    "md5sum": "90a65585d724cbf5c87261194bb52f0b",
    "settings": {
      "fd_thres": 0.2,
      "testing": false
    },
    "software": "mriqc",
    "version": "23.0.1",
    "webapi_port": null,
    "webapi_url": "https://mriqc.nimh.nih.gov/api/v1"
  },
  "size_t": 97,
  "size_x": 64,
  "size_y": 64,
  "size_z": 33,
  "snr": 6.3731170074314685,
  "spacing_tr": 2.0,
  "spacing_x": 3.125,
  "spacing_y": 3.125,
  "spacing_z": 4.200000286102295,
  "summary_bg_k": 25.37869359419462,
  "summary_bg_mad": 15.391550458199905,
  "summary_bg_mean": 57.541343688964844,
  "summary_bg_median": 30.226802825927734,
  "summary_bg_n": 81134.0,
  "summary_bg_p05": 18.701030731201172,
  "summary_bg_p95": 191.05514907836906,
  "summary_bg_stdv": 80.1592788696289,
  "summary_fg_k": 1.3915978188419293,
  "summary_fg_mad": 124.27878710097144,
  "summary_fg_mean": 882.4243774414062,
  "summary_fg_median": 878.7937622070312,
  "summary_fg_n": 23541.0,
  "summary_fg_p05": 667.4329833984375,
  "summary_fg_p95": 1110.422607421875,
  "summary_fg_stdv": 137.88780212402344,
  "tsnr": 72.03379616513848
}