{
  "aor": 0.0019555102040816324,
  "aqi": 0.005396691122448979,
  "bids_meta": {
    "AcquisitionMatrixPE": 64,
    "AcquisitionNumber": 1,
    "AcquisitionTime": "14:06:39.027500",
    "BandwidthPerPixelPhaseEncode": 33.967,
    "BaseResolution": 64,
    "ConversionSoftware": "dcm2niix",
    "ConversionSoftwareVersion": "v1.0.20180622 GCC4.9.2",
    "DerivedVendorReportedEchoSpacing": 0.000460005,
    "DeviceSerialNumber": "35193",
    "DwellTime": 3.1e-06,
    "EchoTime": 0.03,
    "EffectiveEchoSpacing": 0.000460005,
    "FlipAngle": 90,
    "ImageOrientationPatientDICOM": [
      0.999657,
      -1e-16,
      0.0261769,
      1e-16,
      1,
      0
    ],
    "ImageType": [
      "ORIGINAL",
      "PRIMARY",
      "M",
      "ND",
      "MOSAIC"
    ],
    "InPlanePhaseEncodingDirectionDICOM": "COL",
    "InstitutionAddress": "Xinjiekouwai_Street_No_19_Beijing_Haidian_District_CN_100875",
    "InstitutionName": "Beijing_Normal_Universtiy_7C3C54",
    "InstitutionalDepartmentName": "Department",
    "MRAcquisitionType": "2D",
    "MagneticFieldStrength": 3,
    "Manufacturer": "Siemens",
    "ManufacturersModelName": "TrioTim",
    "Modality": "MR",
    "PartialFourier": 1,
    "PatientPosition": "HFS",
    "PercentPhaseFOV": 100,
    "PhaseEncodingDirection": "j-",
    "PhaseEncodingSteps": 64,
    "PhaseResolution": 1,
    "PixelBandwidth": 2520,
    "ProcedureStepDescription": "BNU_cst_2019_Xu.Shan",
    "ProtocolName": "ge_func_pace_3x3x3.5_99",
    "PulseSequenceDetails": "%SiemensSeq%_ep2d_bold",
    "ReceiveCoilName": "HeadMatrix",
    "ReconMatrixPE": 64,
    "RepetitionTime": 2,
    "SAR": 0.120387,
    "ScanOptions": "FS",
    "ScanningSequence": "EP",
    "SequenceName": "_epfid2d1_64",
    "SequenceVariant": "SK",
    "SeriesDescription": "ge_func_pace_3x3x3.5_99",
    "SeriesNumber": 22,
    "ShimSetting": [
      -4480,
      -19353,
      -9784,
      1048,
      -1,
      -203,
      -66,
      -125
    ],
    "SliceThickness": 3.5,
    "SliceTiming": [
      0,
      1.035,
      0.0625,
      1.095,
      0.1225,
      1.1575,
      0.1825,
      1.2175,
      0.245,
      1.2775,
      0.305,
      1.34,
      0.365,
      1.4,
      0.4275,
      1.46,
      0.4875,
      1.5225,
      0.5475,
      1.5825,
      0.61,
      1.6425,
      0.67,
      1.705,
      0.73,
      1.765,
      0.7925,
      1.825,
      0.8525,
      1.8875,
      0.9125,
      1.9475,
      0.975
    ],
    "SoftwareVersions": "syngo_MR_B17",
    "SpacingBetweenSlices": 4.2,
    "StationName": "MRC35193",
    "TotalReadoutTime": 0.0289803,
    "TxRefAmp": 328.846,
    "dataset": "ds003696",
    "modality": "bold",
    "run_id": 3,
    "session_id": "01",
    "subject_id": "132",
    "task_id": "localizer"
  },
  "dummy_trs": 1,
  "dvars_nstd": 21.00230706608247,
  "dvars_std": 1.1538706915463917,
  "dvars_vstd": 1.0280558911340207,
  "efc": 0.539235137675188,
  "fber": 817.0421142578125,
  "fd_mean": 0.09001400486898978,
  "fd_num": 7,
  "fd_perc": 7.142857142857143,
  "fwhm_avg": 1.8935435927875737,
  "fwhm_x": 1.8570112,
  "fwhm_y": 2.1078816000000002,
  "fwhm_z": 1.7157379783627207,
  "gcor": 0.0331805,
  "gsr_x": 0.007895833812654018,
  "gsr_y": 0.029358839616179466,
  "provenance": {
    "md5sum": "42821fc33584fec5e7be10a80d63f2cd",
    "settings": {
      "fd_thres": 0.2,
      "testing": false
    },
    "software": "mriqc",
    "version": "23.0.1",
    "webapi_port": null,
    "webapi_url": "https://mriqc.nimh.nih.gov/api/v1"
  },
  "size_t": 98,
  "size_x": 64,
  "size_y": 64,
  "size_z": 33,
  "snr": 6.386658744784371,
  "spacing_tr": 2.0,
  "spacing_x": 3.125,
  "spacing_y": 3.125,
  "spacing_z": 4.200000286102295,
  "summary_bg_k": 25.23210672027429,
  "summary_bg_mad": 15.189105441676894,
  "summary_bg_mean": 58.30082702636719,
  "summary_bg_median": 30.265304565429688,
  "summary_bg_n": 81065.0,
  "summary_bg_p05": 18.96938705444336,
  "summary_bg_p95": 195.92449035644538,
  "summary_bg_stdv": 81.9636001586914,
  "summary_fg_k": 1.49609754831169,
  "summary_fg_mad": 122.70800154128337,
  "summary_fg_mean": 886.1361694335938,
  "summary_fg_median": 881.7193603515625,
  "summary_fg_n": 23592.0,
  "summary_fg_p05": 671.1132629394531,
  "summary_fg_p95": 1114.71884765625,
  "summary_fg_stdv": 138.0535125732422,
  "tsnr": 73.84353431127965
}