{
  "aor": 0.0033232608695652173,
  "aqi": 0.00897731375,
  "bids_meta": {
    "AcquisitionMatrixPE": 64,
    "AcquisitionNumber": 1,
    "AcquisitionTime": "14:33:23.807500",
    "BandwidthPerPixelPhaseEncode": 33.967,
    "BaseResolution": 64,
    "ConversionSoftware": "dcm2niix",
    "ConversionSoftwareVersion": "v1.0.20180622 GCC4.9.2",
    "DerivedVendorReportedEchoSpacing": 0.000460005,
    "DeviceSerialNumber": "35193",
    "DwellTime": 3.1e-06,
    "EchoTime": 0.03,
    "EffectiveEchoSpacing": 0.000460005,
    "FlipAngle": 90,
    "ImageOrientationPatientDICOM": [
      1,
      0,
      0,
      0,
      1,
      0
    ],
    "ImageType": [
      "ORIGINAL",
      "PRIMARY",
      "M",
      "ND",
      "MOSAIC"
    ],
    "InPlanePhaseEncodingDirectionDICOM": "COL",
    "InstitutionAddress": "Xinjiekouwai_Street_No_19_Beijing_Haidian_District_CN_100875",
    "InstitutionName": "Beijing_Normal_Universtiy_7C3C54",
    "InstitutionalDepartmentName": "Department",
    "MRAcquisitionType": "2D",
    "MagneticFieldStrength": 3,
    "Manufacturer": "Siemens",
    "ManufacturersModelName": "TrioTim",
    "Modality": "MR",
    "PartialFourier": 1,
    "PatientPosition": "HFS",
    "PercentPhaseFOV": 100,
    "PhaseEncodingDirection": "j-",
    "PhaseEncodingSteps": 64,
    "PhaseResolution": 1,
    "PixelBandwidth": 2520,
    "ProcedureStepDescription": "BNU_cst_2019_Xu.Shan",
    "ProtocolName": "ge_func_pace_3x3x3.5_185",
    "PulseSequenceDetails": "%SiemensSeq%_ep2d_bold",
    "ReceiveCoilName": "HeadMatrix",
    "ReconMatrixPE": 64,
    "RepetitionTime": 2,
    "SAR": 0.122794,
    "ScanOptions": "FS",
    "ScanningSequence": "EP",
    "SequenceName": "_epfid2d1_64",
    "SequenceVariant": "SK",
    "SeriesDescription": "ge_func_pace_3x3x3.5_185",
    "SeriesNumber": 10,
    "ShimSetting": [
      -4514,
      -19367,
      -9769,
      1215,
      -74,
      35,
      54,
      23
    ],
    "SliceThickness": 3.5,
    "SliceTiming": [
      0,
      1.035,
      0.0625,
      1.095,
      0.1225,
      1.1575,
      0.1825,
      1.2175,
      0.245,
      1.2775,
      0.305,
      1.34,
      0.365,
      1.4,
      0.4275,
      1.46,
      0.4875,
      1.5225,
      0.5475,
      1.5825,
      0.61,
      1.6425,
      0.67,
      1.705,
      0.73,
      1.765,
      0.7925,
      1.825,
      0.8525,
      1.8875,
      0.9125,
      1.9475,
      0.975
    ],
    "SoftwareVersions": "syngo_MR_B17",
    "SpacingBetweenSlices": 4.2,
    "StationName": "MRC35193",
    "TotalReadoutTime": 0.0289803,
    "TxRefAmp": 326.988,
    "dataset": "ds003696",
    "modality": "bold",
    "run_id": 1,
    "session_id": "01",
    "subject_id": "132",
    "task_id": "affordance"
  },
  "dummy_trs": 1,
  "dvars_nstd": 21.449744334316946,
  "dvars_std": 1.1118889185792353,
  "dvars_vstd": 0.9989581381420765,
  "efc": 0.5355373994614709,
  "fber": 889.9146118164062,
  "fd_mean": 0.12419467260445374,
  "fd_num": 15,
  "fd_perc": 8.152173913043478,
  "fwhm_avg": 1.8182837005942678,
  "fwhm_x": 1.8038847999999998,
  "fwhm_y": 2.0388448,
  "fwhm_z": 1.6121215017828032,
  "gcor": 0.0277353,
  "gsr_x": 0.008398590609431267,
  "gsr_y": 0.03049679659307003,
  "provenance": {
    "md5sum": "6a76967b2891d642157c5ac4a6fc3589",
    "settings": {
      "fd_thres": 0.2,
      "testing": false
    },
    "software": "mriqc",
    "version": "23.0.1",
    "webapi_port": null,
    "webapi_url": "https://mriqc.nimh.nih.gov/api/v1"
  },
  "size_t": 184,
  "size_x": 64,
  "size_y": 64,
  "size_z": 33,
  "snr": 6.669154043517148,
  "spacing_tr": 2.0,
  "spacing_x": 3.125,
  "spacing_y": 3.125,
  "spacing_z": 4.199999809265137,
  "summary_bg_k": 31.20072564050166,
  "summary_bg_mad": 13.746302233683164,
  "summary_bg_mean": 54.661468505859375,
  "summary_bg_median": 28.907609939575195,
  "summary_bg_n": 81177.0,
  "summary_bg_p05": 18.494565963745117,
  "summary_bg_p95": 174.4000061035155,
  "summary_bg_stdv": 77.30230712890625,
  "summary_fg_k": 1.7140842369040836,
  "summary_fg_mad": 116.37219362313833,
  "summary_fg_mean": 878.520263671875,
  "summary_fg_median": 875.3450927734375,
  "summary_fg_n": 23500.0,
  "summary_fg_p05": 674.6723175048828,
  "summary_fg_p95": 1091.9418212890625,
  "summary_fg_stdv": 131.25,
  "tsnr": 62.944476773031056
}