{
  "aor": 0.0010604040404040406,
  "aqi": 0.004207081212121212,
  "bids_meta": {
    "AcquisitionMatrixPE": 64,
    "AcquisitionNumber": 1,
    "AcquisitionTime": "11:57:32.392500",
    "BandwidthPerPixelPhaseEncode": 33.967,
    "BaseResolution": 64,
    "ConversionSoftware": "dcm2niix",
    "ConversionSoftwareVersion": "v1.0.20180622 GCC4.9.2",
    "DerivedVendorReportedEchoSpacing": 0.000460005,
    "DeviceSerialNumber": "35193",
    "DwellTime": 3.1e-06,
    "EchoTime": 0.03,
    "EffectiveEchoSpacing": 0.000460005,
    "FlipAngle": 90,
    "ImageOrientationPatientDICOM": [
      1,
      0,
      0,
      0,
      1,
      0
    ],
    "ImageType": [
      "ORIGINAL",
      "PRIMARY",
      "M",
      "ND",
      "MOSAIC"
    ],
    "InPlanePhaseEncodingDirectionDICOM": "COL",
    "InstitutionAddress": "Xinjiekouwai_Street_No_19_Beijing_Haidian_District_CN_100875",
    "InstitutionName": "BNU_MRI_Center",
    "InstitutionalDepartmentName": "Department",
    "MRAcquisitionType": "2D",
    "MagneticFieldStrength": 3,
    "Manufacturer": "Siemens",
    "ManufacturersModelName": "TrioTim",
    "Modality": "MR",
    "PartialFourier": 1,
    "PatientPosition": "HFS",
    "PercentPhaseFOV": 100,
    "PhaseEncodingDirection": "j-",
    "PhaseEncodingSteps": 64,
    "PhaseResolution": 1,
    "PixelBandwidth": 2520,
    "ProcedureStepDescription": "BNU_cst_2019_Xu.Shan",
    "ProtocolName": "ge_func_pace_3x3x3.5_99",
    "PulseSequenceDetails": "%SiemensSeq%_ep2d_bold",
    "ReceiveCoilName": "HeadMatrix",
    "ReconMatrixPE": 64,
    "RepetitionTime": 2,
    "SAR": 0.114023,
    "ScanOptions": "FS",
    "ScanningSequence": "EP",
    "SequenceName": "_epfid2d1_64",
    "SequenceVariant": "SK",
    "SeriesDescription": "ge_func_pace_3x3x3.5_99",
    "SeriesNumber": 14,
    "ShimSetting": [
      -4522,
      -19365,
      -9845,
      1133,
      -97,
      -447,
      155,
      27
    ],
    "SliceThickness": 3.5,
    "SliceTiming": [
      0,
      1.035,
      0.0625,
      1.095,
      0.1225,
      1.1575,
      0.1825,
      1.2175,
      0.245,
      1.2775,
      0.305,
      1.34,
      0.365,
      1.4,
      0.4275,
      1.46,
      0.4875,
      1.5225,
      0.5475,
      1.5825,
      0.61,
      1.6425,
      0.67,
      1.705,
      0.73,
      1.765,
      0.7925,
      1.825,
      0.8525,
      1.8875,
      0.9125,
      1.9475,
      0.975
    ],
    "SoftwareVersions": "syngo_MR_B17",
    "SpacingBetweenSlices": 4.2,
    "StationName": "MRC35193",
    "TotalReadoutTime": 0.0289803,
    "TxRefAmp": 318.58,
    "dataset": "ds003696",
    "modality": "bold",
    "run_id": 3,
    "session_id": "01",
    "subject_id": "138",
    "task_id": "localizer"
  },
  "dummy_trs": 0,
  "dvars_nstd": 20.941987835714283,
  "dvars_std": 1.172742261836735,
  "dvars_vstd": 1.0128999990816332,
  "efc": 0.5271113542263921,
  "fber": 973.3235473632812,
  "fd_mean": 0.10588964335100753,
  "fd_num": 0,
  "fd_perc": 0.0,
  "fwhm_avg": 1.9742890804865283,
  "fwhm_x": 1.9464544000000001,
  "fwhm_y": 2.224608,
  "fwhm_z": 1.7518048414595848,
  "gcor": 0.0228732,
  "gsr_x": 1.356930260953959e-05,
  "gsr_y": 0.029125863686203957,
  "provenance": {
    "md5sum": "669564cd4bdfe24995c71e7caa0eec51",
    "settings": {
      "fd_thres": 0.2,
      "testing": false
    },
    "software": "mriqc",
    "version": "23.0.1",
    "webapi_port": null,
    "webapi_url": "https://mriqc.nimh.nih.gov/api/v1"
  },
  "size_t": 99,
  "size_x": 64,
  "size_y": 64,
  "size_z": 33,
  "snr": 6.425469890763881,
  "spacing_tr": 2.0,
  "spacing_x": 3.125,
  "spacing_y": 3.125,
  "spacing_z": 4.199999809265137,
  "summary_bg_k": 27.617758913483378,
  "summary_bg_mad": 12.841731579850382,
  "summary_bg_mean": 54.82666778564453,
  "summary_bg_median": 27.858585357666016,
  "summary_bg_n": 82174.0,
  "summary_bg_p05": 18.303030014038086,
  "summary_bg_p95": 188.70909194946182,
  "summary_bg_stdv": 79.19786834716797,
  "summary_fg_k": 0.9979879159907923,
  "summary_fg_mad": 124.2989665623195,
  "summary_fg_mean": 890.2561645507812,
  "summary_fg_median": 893.0,
  "summary_fg_n": 22121.0,
  "summary_fg_p05": 648.2322998046875,
  "summary_fg_p95": 1107.404052734375,
  "summary_fg_stdv": 138.9750213623047,
  "tsnr": 81.88190239481628
}