{
  "bids_meta": {
    "AcquisitionMatrixPE": 192,
    "AcquisitionNumber": 1,
    "AcquisitionTime": "14:19:22.502500",
    "BaseResolution": 256,
    "ConversionSoftware": "dcm2niix",
    "ConversionSoftwareVersion": "v1.0.20180622 GCC4.9.2",
    "DeviceSerialNumber": "35193",
    "DwellTime": 1.03e-05,
    "EchoTime": 0.00339,
    "FlipAngle": 7,
    "ImageOrientationPatientDICOM": [
      0,
      1,
      0,
      0,
      0,
      -1
    ],
    "ImageType": [
      "ORIGINAL",
      "PRIMARY",
      "M",
      "ND",
      "NORM"
    ],
    "InPlanePhaseEncodingDirectionDICOM": "ROW",
    "InstitutionAddress": "Xinjiekouwai_Street_No_19_Beijing_Haidian_District_CN_100875",
    "InstitutionName": "BNU_MRI_Center",
    "InstitutionalDepartmentName": "Department",
    "InversionTime": 1.1,
    "MRAcquisitionType": "3D",
    "MagneticFieldStrength": 3,
    "Manufacturer": "Siemens",
    "ManufacturersModelName": "TrioTim",
    "Modality": "MR",
    "PartialFourier": 1,
    "PatientPosition": "HFS",
    "PercentPhaseFOV": 100,
    "PhaseEncodingSteps": 192,
    "PhaseResolution": 0.75,
    "PixelBandwidth": 190,
    "ProcedureStepDescription": "BNU_cst_2015_Liu.Jia",
    "ProtocolName": "t1_mprage_sag",
    "PulseSequenceDetails": "%SiemensSeq%_tfl",
    "ReceiveCoilName": "HeadMatrix",
    "ReconMatrixPE": 256,
    "RepetitionTime": 2.53,
    "SAR": 0.0561544,
    "ScanOptions": "IR",
    "ScanningSequence": "GR_IR",
    "SequenceName": "_tfl3d1_ns",
    "SequenceVariant": "SP_MP",
    "SeriesDescription": "t1_mprage_sag",
    "SeriesNumber": 10,
    "ShimSetting": [
      -4489,
      -19276,
      -10209,
      636,
      -133,
      80,
      82,
      -26
    ],
    "SliceThickness": 1.33,
    "SoftwareVersions": "syngo_MR_B17",
    "StationName": "MRC35193",
    "TxRefAmp": 311.822,
    "dataset": "ds003696",
    "modality": "T1w",
    "session_id": "02",
    "subject_id": "102"
  },
  "cjv": 0.29773667521503294,
  "cnr": 4.501642166610276,
  "efc": 0.5334652005496443,
  "fber": 11837.628399018009,
  "fwhm_avg": 4.130530548283102,
  "fwhm_x": 3.5566116448493053,
  "fwhm_y": 4.82173,
  "fwhm_z": 4.01325,
  "icvs_csf": 0.23906673548931254,
  "icvs_gm": 0.4383878874689639,
  "icvs_wm": 0.3225453770417236,
  "inu_med": 0.5437310338020325,
  "inu_range": 0.2000005275011062,
  "provenance": {
    "md5sum": "14ff18194a81cf7dee10a91815474000",
    "settings": {
      "testing": false
    },
    "software": "mriqc",
    "version": "23.0.1",
    "warnings": {
      "large_rot_frame": true,
      "small_air_mask": false
    },
    "webapi_port": null,
    "webapi_url": "https://mriqc.nimh.nih.gov/api/v1"
  },
  "qi_1": 0.0,
  "qi_2": 0.00549186009767501,
  "rpve_csf": 22.63558023121199,
  "rpve_gm": 12.398329558663168,
  "rpve_wm": 19.456633260359144,
  "size_x": 128,
  "size_y": 256,
  "size_z": 256,
  "snr_csf": 1.2677132140433998,
  "snr_gm": 8.05940340676968,
  "snr_total": 12.293378422219,
  "snr_wm": 27.553018645843917,
  "snrd_csf": 18.22630111892819,
  "snrd_gm": 81.50555278878977,
  "snrd_total": 77.25947745079742,
  "snrd_wm": 132.0465784446743,
  "spacing_x": 1.3300018310546875,
  "spacing_y": 1.0,
  "spacing_z": 1.0,
  "summary_bg_k": 5.647213575542491,
  "summary_bg_mad": 4.96119898862768,
  "summary_bg_mean": 4.824218535441948,
  "summary_bg_median": 3.346277866512537,
  "summary_bg_n": 2294511.0,
  "summary_bg_p05": 0.0,
  "summary_bg_p95": 18.79699295386672,
  "summary_bg_stdv": 6.825427863617239,
  "summary_csf_k": -0.15070856404484756,
  "summary_csf_mad": 108.8401308986591,
  "summary_csf_mean": 164.97311939007753,
  "summary_csf_median": 138.02363397553563,
  "summary_csf_n": 34073.0,
  "summary_csf_p05": 27.63777645304799,
  "summary_csf_p95": 366.5620186366141,
  "summary_csf_stdv": 108.87447335963644,
  "summary_gm_k": -0.1720247086581539,
  "summary_gm_mad": 80.05292689057256,
  "summary_gm_mean": 620.5403151497691,
  "summary_gm_median": 617.2230180818588,
  "summary_gm_n": 28227.0,
  "summary_gm_p05": 498.45080985687673,
  "summary_gm_p95": 747.1081737894565,
  "summary_gm_stdv": 76.5828503216515,
  "summary_wm_k": 0.4263366321946962,
  "summary_wm_mad": 33.901526422289145,
  "summary_wm_mean": 998.534321093655,
  "summary_wm_median": 999.9587130732834,
  "summary_wm_n": 122847.0,
  "summary_wm_p05": 935.5531921610236,
  "summary_wm_p95": 1056.2877238262445,
  "summary_wm_stdv": 36.292017799669054,
  "tpm_overlap_csf": 0.14555266811916392,
  "tpm_overlap_gm": 0.49109800955089233,
  "tpm_overlap_wm": 0.5148903054863965,
  "wm2max": 0.8948344392699383
}