{
  "aor": 0.0008043243243243244,
  "aqi": 0.00525440691891892,
  "bids_meta": {
    "AcquisitionMatrixPE": 64,
    "AcquisitionNumber": 1,
    "AcquisitionTime": "14:47:26.130000",
    "BandwidthPerPixelPhaseEncode": 33.967,
    "BaseResolution": 64,
    "ConversionSoftware": "dcm2niix",
    "ConversionSoftwareVersion": "v1.0.20180622 GCC4.9.2",
    "DerivedVendorReportedEchoSpacing": 0.000460005,
    "DeviceSerialNumber": "35193",
    "DwellTime": 3.1e-06,
    "EchoTime": 0.03,
    "EffectiveEchoSpacing": 0.000460005,
    "FlipAngle": 90,
    "ImageOrientationPatientDICOM": [
      1,
      0,
      0,
      0,
      1,
      0
    ],
    "ImageType": [
      "ORIGINAL",
      "PRIMARY",
      "M",
      "ND",
      "MOSAIC"
    ],
    "InPlanePhaseEncodingDirectionDICOM": "COL",
    "InstitutionAddress": "Xinjiekouwai_Street_No_19_Beijing_Haidian_District_CN_100875",
    "InstitutionName": "BNU_MRI_Center",
    "InstitutionalDepartmentName": "Department",
    "MRAcquisitionType": "2D",
    "MagneticFieldStrength": 3,
    "Manufacturer": "Siemens",
    "ManufacturersModelName": "TrioTim",
    "Modality": "MR",
    "PartialFourier": 1,
    "PatientPosition": "HFS",
    "PercentPhaseFOV": 100,
    "PhaseEncodingDirection": "j-",
    "PhaseEncodingSteps": 64,
    "PhaseResolution": 1,
    "PixelBandwidth": 2520,
    "ProcedureStepDescription": "BNU_cst_2015_Liu.Jia",
    "ProtocolName": "ge_func_pace_3x3x3.5_185",
    "PulseSequenceDetails": "%SiemensSeq%_ep2d_bold",
    "ReceiveCoilName": "HeadMatrix",
    "ReconMatrixPE": 64,
    "RepetitionTime": 2,
    "SAR": 0.150642,
    "ScanOptions": "FS",
    "ScanningSequence": "EP",
    "SequenceName": "_epfid2d1_64",
    "SequenceVariant": "SK",
    "SeriesDescription": "ge_func_pace_3x3x3.5_185",
    "SeriesNumber": 8,
    "ShimSetting": [
      -4505,
      -19394,
      -9769,
      1256,
      -79,
      -234,
      -9,
      -115
    ],
    "SliceThickness": 3.5,
    "SliceTiming": [
      0,
      1.0325,
      0.06,
      1.095,
      0.12,
      1.155,
      0.1825,
      1.215,
      0.2425,
      1.2775,
      0.3025,
      1.3375,
      0.365,
      1.3975,
      0.425,
      1.46,
      0.485,
      1.52,
      0.5475,
      1.58,
      0.6075,
      1.6425,
      0.6675,
      1.7025,
      0.73,
      1.7625,
      0.79,
      1.825,
      0.85,
      1.885,
      0.9125,
      1.945,
      0.9725
    ],
    "SoftwareVersions": "syngo_MR_B17",
    "SpacingBetweenSlices": 4.2,
    "StationName": "MRC35193",
    "TotalReadoutTime": 0.0289803,
    "TxRefAmp": 313.304,
    "dataset": "ds003696",
    "modality": "bold",
    "run_id": 5,
    "session_id": "02",
    "subject_id": "102",
    "task_id": "affordance"
  },
  "dummy_trs": 0,
  "dvars_nstd": 23.597442336684775,
  "dvars_std": 1.228391896413044,
  "dvars_vstd": 1.0077234709782614,
  "efc": 0.5244539649660804,
  "fber": 1229.9010009765625,
  "fd_mean": 0.09048349012718995,
  "fd_num": 9,
  "fd_perc": 4.864864864864865,
  "fwhm_avg": 2.087202511555135,
  "fwhm_x": 1.9915904,
  "fwhm_y": 2.3532480000000002,
  "fwhm_z": 1.9167691346654046,
  "gcor": 0.0751574,
  "gsr_x": -0.0034524693619459867,
  "gsr_y": 0.03568296879529953,
  "provenance": {
    "md5sum": "f12e547d58e642765ba20f994b4606a4",
    "settings": {
      "fd_thres": 0.2,
      "testing": false
    },
    "software": "mriqc",
    "version": "23.0.1",
    "webapi_port": null,
    "webapi_url": "https://mriqc.nimh.nih.gov/api/v1"
  },
  "size_t": 185,
  "size_x": 64,
  "size_y": 64,
  "size_z": 33,
  "snr": 5.708361344039624,
  "spacing_tr": 2.0,
  "spacing_x": 3.125,
  "spacing_y": 3.125,
  "spacing_z": 4.199999809265137,
  "summary_bg_k": 32.07514154300307,
  "summary_bg_mad": 10.330133777675256,
  "summary_bg_mean": 53.78745651245117,
  "summary_bg_median": 26.864866256713867,
  "summary_bg_n": 81089.0,
  "summary_bg_p05": 19.25405502319336,
  "summary_bg_p95": 172.18702697753878,
  "summary_bg_stdv": 78.66822814941406,
  "summary_fg_k": 1.1767460844220494,
  "summary_fg_mad": 151.5940860433204,
  "summary_fg_mean": 968.0913696289062,
  "summary_fg_median": 961.2486572265625,
  "summary_fg_n": 23567.0,
  "summary_fg_p05": 701.6103088378907,
  "summary_fg_p95": 1256.2075927734375,
  "summary_fg_stdv": 168.3895263671875,
  "tsnr": 77.11434365110472
}