{
  "aor": 0.0005140760869565218,
  "aqi": 0.005550570597826087,
  "bids_meta": {
    "AcquisitionMatrixPE": 64,
    "AcquisitionNumber": 1,
    "AcquisitionTime": "14:32:47.147500",
    "BandwidthPerPixelPhaseEncode": 33.967,
    "BaseResolution": 64,
    "ConversionSoftware": "dcm2niix",
    "ConversionSoftwareVersion": "v1.0.20180622 GCC4.9.2",
    "DerivedVendorReportedEchoSpacing": 0.000460005,
    "DeviceSerialNumber": "35193",
    "DwellTime": 3.1e-06,
    "EchoTime": 0.03,
    "EffectiveEchoSpacing": 0.000460005,
    "FlipAngle": 90,
    "ImageOrientationPatientDICOM": [
      1,
      0,
      0,
      0,
      1,
      0
    ],
    "ImageType": [
      "ORIGINAL",
      "PRIMARY",
      "M",
      "ND",
      "MOSAIC"
    ],
    "InPlanePhaseEncodingDirectionDICOM": "COL",
    "InstitutionAddress": "Xinjiekouwai_Street_No_19_Beijing_Haidian_District_CN_100875",
    "InstitutionName": "BNU_MRI_Center",
    "InstitutionalDepartmentName": "Department",
    "MRAcquisitionType": "2D",
    "MagneticFieldStrength": 3,
    "Manufacturer": "Siemens",
    "ManufacturersModelName": "TrioTim",
    "Modality": "MR",
    "PartialFourier": 1,
    "PatientPosition": "HFS",
    "PercentPhaseFOV": 100,
    "PhaseEncodingDirection": "j-",
    "PhaseEncodingSteps": 64,
    "PhaseResolution": 1,
    "PixelBandwidth": 2520,
    "ProcedureStepDescription": "BNU_cst_2015_Liu.Jia",
    "ProtocolName": "ge_func_pace_3x3x3.5_185",
    "PulseSequenceDetails": "%SiemensSeq%_ep2d_bold",
    "ReceiveCoilName": "HeadMatrix",
    "ReconMatrixPE": 64,
    "RepetitionTime": 2,
    "SAR": 0.150642,
    "ScanOptions": "FS",
    "ScanningSequence": "EP",
    "SequenceName": "_epfid2d1_64",
    "SequenceVariant": "SK",
    "SeriesDescription": "ge_func_pace_3x3x3.5_185",
    "SeriesNumber": 4,
    "ShimSetting": [
      -4505,
      -19394,
      -9769,
      1256,
      -79,
      -234,
      -9,
      -115
    ],
    "SliceThickness": 3.5,
    "SliceTiming": [
      0,
      1.035,
      0.06,
      1.095,
      0.1225,
      1.155,
      0.1825,
      1.2175,
      0.2425,
      1.2775,
      0.305,
      1.3375,
      0.365,
      1.4,
      0.425,
      1.46,
      0.4875,
      1.52,
      0.5475,
      1.5825,
      0.6075,
      1.6425,
      0.67,
      1.7025,
      0.73,
      1.765,
      0.79,
      1.825,
      0.8525,
      1.885,
      0.9125,
      1.9475,
      0.9725
    ],
    "SoftwareVersions": "syngo_MR_B17",
    "SpacingBetweenSlices": 4.2,
    "StationName": "MRC35193",
    "TotalReadoutTime": 0.0289803,
    "TxRefAmp": 313.304,
    "dataset": "ds003696",
    "modality": "bold",
    "run_id": 7,
    "session_id": "02",
    "subject_id": "102",
    "task_id": "affordance"
  },
  "dummy_trs": 1,
  "dvars_nstd": 22.952997447267755,
  "dvars_std": 1.2057057161202194,
  "dvars_vstd": 0.9836146501639342,
  "efc": 0.5232328519392969,
  "fber": 1238.946533203125,
  "fd_mean": 0.072302966338191,
  "fd_num": 1,
  "fd_perc": 0.5434782608695652,
  "fwhm_avg": 2.0803855716357265,
  "fwhm_x": 1.9771232,
  "fwhm_y": 2.362912,
  "fwhm_z": 1.901121514907179,
  "gcor": 0.0460935,
  "gsr_x": -0.004495970439165831,
  "gsr_y": 0.036518026143312454,
  "provenance": {
    "md5sum": "ae7103b87a721d1574bf9237ec20baf0",
    "settings": {
      "fd_thres": 0.2,
      "testing": false
    },
    "software": "mriqc",
    "version": "23.0.1",
    "webapi_port": null,
    "webapi_url": "https://mriqc.nimh.nih.gov/api/v1"
  },
  "size_t": 184,
  "size_x": 64,
  "size_y": 64,
  "size_z": 33,
  "snr": 5.704969716365264,
  "spacing_tr": 2.0,
  "spacing_x": 3.125,
  "spacing_y": 3.125,
  "spacing_z": 4.199999809265137,
  "summary_bg_k": 33.510611712211286,
  "summary_bg_mad": 10.273466705652563,
  "summary_bg_mean": 52.735111236572266,
  "summary_bg_median": 26.771739959716797,
  "summary_bg_n": 80989.0,
  "summary_bg_p05": 19.10869598388672,
  "summary_bg_p95": 166.73587036132793,
  "summary_bg_stdv": 76.58302307128906,
  "summary_fg_k": 1.1258752870398832,
  "summary_fg_mad": 151.89021737633186,
  "summary_fg_mean": 969.3494262695312,
  "summary_fg_median": 962.5435180664062,
  "summary_fg_n": 23554.0,
  "summary_fg_p05": 703.9350646972656,
  "summary_fg_p95": 1256.8087280273435,
  "summary_fg_stdv": 168.7165985107422,
  "tsnr": 72.55102261365391
}