{
  "aor": 0.0009156122448979592,
  "aqi": 0.005308950714285714,
  "bids_meta": {
    "AcquisitionMatrixPE": 64,
    "AcquisitionNumber": 1,
    "AcquisitionTime": "12:56:22.177500",
    "BandwidthPerPixelPhaseEncode": 33.967,
    "BaseResolution": 64,
    "ConversionSoftware": "dcm2niix",
    "ConversionSoftwareVersion": "v1.0.20180622 GCC4.9.2",
    "DerivedVendorReportedEchoSpacing": 0.000460005,
    "DeviceSerialNumber": "35193",
    "DwellTime": 3.1e-06,
    "EchoTime": 0.03,
    "EffectiveEchoSpacing": 0.000460005,
    "FlipAngle": 90,
    "ImageOrientationPatientDICOM": [
      1,
      0,
      0,
      0,
      1,
      0
    ],
    "ImageType": [
      "ORIGINAL",
      "PRIMARY",
      "M",
      "ND",
      "MOSAIC"
    ],
    "InPlanePhaseEncodingDirectionDICOM": "COL",
    "InstitutionAddress": "Xinjiekouwai_Street_No_19_Beijing_Haidian_District_CN_100875",
    "InstitutionName": "BNU_MRI_Center",
    "InstitutionalDepartmentName": "Department",
    "MRAcquisitionType": "2D",
    "MagneticFieldStrength": 3,
    "Manufacturer": "Siemens",
    "ManufacturersModelName": "TrioTim",
    "Modality": "MR",
    "PartialFourier": 1,
    "PatientPosition": "HFS",
    "PercentPhaseFOV": 100,
    "PhaseEncodingDirection": "j-",
    "PhaseEncodingSteps": 64,
    "PhaseResolution": 1,
    "PixelBandwidth": 2520,
    "ProcedureStepDescription": "BNU_cst_2015_Liu.Jia",
    "ProtocolName": "ge_func_pace_3x3x3.5_99",
    "PulseSequenceDetails": "%SiemensSeq%_ep2d_bold",
    "ReceiveCoilName": "HeadMatrix",
    "ReconMatrixPE": 64,
    "RepetitionTime": 2,
    "SAR": 0.143566,
    "ScanOptions": "FS",
    "ScanningSequence": "EP",
    "SequenceName": "_epfid2d1_64",
    "SequenceVariant": "SK",
    "SeriesDescription": "ge_func_pace_3x3x3.5_99",
    "SeriesNumber": 18,
    "ShimSetting": [
      -4501,
      -19398,
      -9710,
      1045,
      111,
      -224,
      -91,
      -23
    ],
    "SliceThickness": 3.5,
    "SliceTiming": [
      0,
      1.0325,
      0.06,
      1.095,
      0.12,
      1.155,
      0.1825,
      1.215,
      0.2425,
      1.2775,
      0.3025,
      1.3375,
      0.365,
      1.3975,
      0.425,
      1.46,
      0.485,
      1.52,
      0.5475,
      1.58,
      0.6075,
      1.6425,
      0.6675,
      1.7025,
      0.73,
      1.7625,
      0.79,
      1.825,
      0.85,
      1.885,
      0.9125,
      1.945,
      0.9725
    ],
    "SoftwareVersions": "syngo_MR_B17",
    "SpacingBetweenSlices": 4.2,
    "StationName": "MRC35193",
    "TotalReadoutTime": 0.0289803,
    "TxRefAmp": 343.006,
    "dataset": "ds003696",
    "modality": "bold",
    "run_id": 3,
    "session_id": "01",
    "subject_id": "113",
    "task_id": "localizer"
  },
  "dummy_trs": 1,
  "dvars_nstd": 22.85206427061856,
  "dvars_std": 1.2054009180412373,
  "dvars_vstd": 1.0181224104123712,
  "efc": 0.5806436003349584,
  "fber": 709.3599853515625,
  "fd_mean": 0.10758370505446212,
  "fd_num": 2,
  "fd_perc": 2.0408163265306123,
  "fwhm_avg": 1.90970312445464,
  "fwhm_x": 1.8851904,
  "fwhm_y": 2.1235808,
  "fwhm_z": 1.7203381733639205,
  "gcor": 0.0216977,
  "gsr_x": 0.020773278549313545,
  "gsr_y": 0.03189464285969734,
  "provenance": {
    "md5sum": "aabd0854aa0850b011653e09ce71a1fa",
    "settings": {
      "fd_thres": 0.2,
      "testing": false
    },
    "software": "mriqc",
    "version": "23.0.1",
    "webapi_port": null,
    "webapi_url": "https://mriqc.nimh.nih.gov/api/v1"
  },
  "size_t": 98,
  "size_x": 64,
  "size_y": 64,
  "size_z": 33,
  "snr": 5.919808871740521,
  "spacing_tr": 2.0,
  "spacing_x": 3.125,
  "spacing_y": 3.125,
  "spacing_z": 4.199999809265137,
  "summary_bg_k": 27.45927635860891,
  "summary_bg_mad": 16.974283638991626,
  "summary_bg_mean": 64.84855651855469,
  "summary_bg_median": 33.18367385864258,
  "summary_bg_n": 73019.0,
  "summary_bg_p05": 20.622447967529297,
  "summary_bg_p95": 237.9867263793939,
  "summary_bg_stdv": 88.9457015991211,
  "summary_fg_k": 1.8468129752563511,
  "summary_fg_mad": 128.53249086594292,
  "summary_fg_mean": 908.1298828125,
  "summary_fg_median": 900.5816040039062,
  "summary_fg_n": 29386.0,
  "summary_fg_p05": 678.551025390625,
  "summary_fg_p95": 1165.0357055664062,
  "summary_fg_stdv": 152.12759399414062,
  "tsnr": 75.26107317674905
}