{
  "aor": 0.0003544021739130435,
  "aqi": 0.008042807282608696,
  "bids_meta": {
    "AcquisitionMatrixPE": 64,
    "AcquisitionNumber": 1,
    "AcquisitionTime": "12:20:0.517500",
    "BandwidthPerPixelPhaseEncode": 33.967,
    "BaseResolution": 64,
    "ConversionSoftware": "dcm2niix",
    "ConversionSoftwareVersion": "v1.0.20180622 GCC4.9.2",
    "DerivedVendorReportedEchoSpacing": 0.000460005,
    "DeviceSerialNumber": "35193",
    "DwellTime": 3.1e-06,
    "EchoTime": 0.03,
    "EffectiveEchoSpacing": 0.000460005,
    "FlipAngle": 90,
    "ImageOrientationPatientDICOM": [
      1,
      0,
      0,
      0,
      1,
      0
    ],
    "ImageType": [
      "ORIGINAL",
      "PRIMARY",
      "M",
      "ND",
      "MOSAIC"
    ],
    "InPlanePhaseEncodingDirectionDICOM": "COL",
    "InstitutionAddress": "Xinjiekouwai_Street_No_19_Beijing_Haidian_District_CN_100875",
    "InstitutionName": "BNU_MRI_Center",
    "InstitutionalDepartmentName": "Department",
    "MRAcquisitionType": "2D",
    "MagneticFieldStrength": 3,
    "Manufacturer": "Siemens",
    "ManufacturersModelName": "TrioTim",
    "Modality": "MR",
    "PartialFourier": 1,
    "PatientPosition": "HFS",
    "PercentPhaseFOV": 100,
    "PhaseEncodingDirection": "j-",
    "PhaseEncodingSteps": 64,
    "PhaseResolution": 1,
    "PixelBandwidth": 2520,
    "ProcedureStepDescription": "BNU_cst_2015_Liu.Jia",
    "ProtocolName": "ge_func_pace_3x3x3.5_185",
    "PulseSequenceDetails": "%SiemensSeq%_ep2d_bold",
    "ReceiveCoilName": "HeadMatrix",
    "ReconMatrixPE": 64,
    "RepetitionTime": 2,
    "SAR": 0.144054,
    "ScanOptions": "FS",
    "ScanningSequence": "EP",
    "SequenceName": "_epfid2d1_64",
    "SequenceVariant": "SK",
    "SeriesDescription": "ge_func_pace_3x3x3.5_185",
    "SeriesNumber": 4,
    "ShimSetting": [
      -4501,
      -19398,
      -9710,
      1045,
      111,
      -224,
      -91,
      -23
    ],
    "SliceThickness": 3.5,
    "SliceTiming": [
      0,
      1.0325,
      0.06,
      1.095,
      0.12,
      1.155,
      0.1825,
      1.215,
      0.2425,
      1.2775,
      0.3025,
      1.3375,
      0.365,
      1.3975,
      0.425,
      1.46,
      0.485,
      1.52,
      0.5475,
      1.58,
      0.6075,
      1.6425,
      0.6675,
      1.7025,
      0.73,
      1.7625,
      0.79,
      1.825,
      0.85,
      1.885,
      0.9125,
      1.945,
      0.9725
    ],
    "SoftwareVersions": "syngo_MR_B17",
    "SpacingBetweenSlices": 4.2,
    "StationName": "MRC35193",
    "TotalReadoutTime": 0.0289803,
    "TxRefAmp": 343.006,
    "dataset": "ds003696",
    "modality": "bold",
    "run_id": 2,
    "session_id": "01",
    "subject_id": "113",
    "task_id": "affordance"
  },
  "dummy_trs": 1,
  "dvars_nstd": 21.008999235847007,
  "dvars_std": 1.0872459809289614,
  "dvars_vstd": 0.9484190565573762,
  "efc": 0.5802813414876572,
  "fber": 710.7402954101562,
  "fd_mean": 0.11974344721344914,
  "fd_num": 9,
  "fd_perc": 4.891304347826087,
  "fwhm_avg": 1.93975966452921,
  "fwhm_x": 1.9189599999999998,
  "fwhm_y": 2.1540832,
  "fwhm_z": 1.74623579358763,
  "gcor": 0.0179216,
  "gsr_x": 0.018673965707421303,
  "gsr_y": 0.03085322305560112,
  "provenance": {
    "md5sum": "2b2f7d633d7e1724be5bb30c03206dde",
    "settings": {
      "fd_thres": 0.2,
      "testing": false
    },
    "software": "mriqc",
    "version": "23.0.1",
    "webapi_port": null,
    "webapi_url": "https://mriqc.nimh.nih.gov/api/v1"
  },
  "size_t": 184,
  "size_x": 64,
  "size_y": 64,
  "size_z": 33,
  "snr": 5.888909486022601,
  "spacing_tr": 2.0,
  "spacing_x": 3.125,
  "spacing_y": 3.125,
  "spacing_z": 4.199999809265137,
  "summary_bg_k": 26.752807028697674,
  "summary_bg_mad": 17.444748437900923,
  "summary_bg_mean": 64.36859130859375,
  "summary_bg_median": 33.3967399597168,
  "summary_bg_n": 72737.0,
  "summary_bg_p05": 20.276087188720705,
  "summary_bg_p95": 232.48043518066396,
  "summary_bg_stdv": 87.73443603515625,
  "summary_fg_k": 1.8129406489786009,
  "summary_fg_mad": 129.22411249411908,
  "summary_fg_mean": 913.1292724609375,
  "summary_fg_median": 906.3043823242188,
  "summary_fg_n": 29510.0,
  "summary_fg_p05": 678.7451385498047,
  "summary_fg_p95": 1171.2269470214842,
  "summary_fg_stdv": 153.89759826660156,
  "tsnr": 64.92840664694086
}