{
  "aor": 0.0004234065934065934,
  "aqi": 0.005020995494505494,
  "bids_meta": {
    "AcquisitionMatrixPE": 64,
    "AcquisitionNumber": 1,
    "AcquisitionTime": "12:27:6.620000",
    "BandwidthPerPixelPhaseEncode": 33.967,
    "BaseResolution": 64,
    "ConversionSoftware": "dcm2niix",
    "ConversionSoftwareVersion": "v1.0.20180622 GCC4.9.2",
    "DerivedVendorReportedEchoSpacing": 0.000460005,
    "DeviceSerialNumber": "35193",
    "DwellTime": 3.1e-06,
    "EchoTime": 0.03,
    "EffectiveEchoSpacing": 0.000460005,
    "FlipAngle": 90,
    "ImageOrientationPatientDICOM": [
      1,
      0,
      0,
      0,
      1,
      0
    ],
    "ImageType": [
      "ORIGINAL",
      "PRIMARY",
      "M",
      "ND",
      "MOSAIC"
    ],
    "InPlanePhaseEncodingDirectionDICOM": "COL",
    "InstitutionAddress": "Xinjiekouwai_Street_No_19_Beijing_Haidian_District_CN_100875",
    "InstitutionName": "BNU_MRI_Center",
    "InstitutionalDepartmentName": "Department",
    "MRAcquisitionType": "2D",
    "MagneticFieldStrength": 3,
    "Manufacturer": "Siemens",
    "ManufacturersModelName": "TrioTim",
    "Modality": "MR",
    "PartialFourier": 1,
    "PatientPosition": "HFS",
    "PercentPhaseFOV": 100,
    "PhaseEncodingDirection": "j-",
    "PhaseEncodingSteps": 64,
    "PhaseResolution": 1,
    "PixelBandwidth": 2520,
    "ProcedureStepDescription": "BNU_cst_2015_Liu.Jia",
    "ProtocolName": "ge_func_pace_3x3x3.5_185",
    "PulseSequenceDetails": "%SiemensSeq%_ep2d_bold",
    "ReceiveCoilName": "HeadMatrix",
    "ReconMatrixPE": 64,
    "RepetitionTime": 2,
    "SAR": 0.144054,
    "ScanOptions": "FS",
    "ScanningSequence": "EP",
    "SequenceName": "_epfid2d1_64",
    "SequenceVariant": "SK",
    "SeriesDescription": "ge_func_pace_3x3x3.5_185",
    "SeriesNumber": 6,
    "ShimSetting": [
      -4501,
      -19398,
      -9710,
      1045,
      111,
      -224,
      -91,
      -23
    ],
    "SliceThickness": 3.5,
    "SliceTiming": [
      0,
      1.035,
      0.06,
      1.095,
      0.1225,
      1.155,
      0.1825,
      1.2175,
      0.2425,
      1.2775,
      0.305,
      1.3375,
      0.365,
      1.4,
      0.425,
      1.46,
      0.4875,
      1.52,
      0.5475,
      1.5825,
      0.6075,
      1.6425,
      0.67,
      1.7025,
      0.73,
      1.765,
      0.79,
      1.825,
      0.8525,
      1.885,
      0.9125,
      1.9475,
      0.9725
    ],
    "SoftwareVersions": "syngo_MR_B17",
    "SpacingBetweenSlices": 4.2,
    "StationName": "MRC35193",
    "TotalReadoutTime": 0.0289803,
    "TxRefAmp": 343.006,
    "dataset": "ds003696",
    "modality": "bold",
    "run_id": 3,
    "session_id": "01",
    "subject_id": "113",
    "task_id": "affordance"
  },
  "dummy_trs": 3,
  "dvars_nstd": 21.40753237077348,
  "dvars_std": 1.1613300207182322,
  "dvars_vstd": 0.9971120197790059,
  "efc": 0.578367974005736,
  "fber": 744.7318115234375,
  "fd_mean": 0.11587960846429743,
  "fd_num": 2,
  "fd_perc": 1.098901098901099,
  "fwhm_avg": 1.90482406407735,
  "fwhm_x": 1.8966336000000001,
  "fwhm_y": 2.1014528,
  "fwhm_z": 1.71638579223205,
  "gcor": 0.0265014,
  "gsr_x": 0.021710306406021118,
  "gsr_y": 0.03166716918349266,
  "provenance": {
    "md5sum": "8f1ad18db527934488e55b41264901bb",
    "settings": {
      "fd_thres": 0.2,
      "testing": false
    },
    "software": "mriqc",
    "version": "23.0.1",
    "webapi_port": null,
    "webapi_url": "https://mriqc.nimh.nih.gov/api/v1"
  },
  "size_t": 182,
  "size_x": 64,
  "size_y": 64,
  "size_z": 33,
  "snr": 5.950289353097838,
  "spacing_tr": 2.0,
  "spacing_x": 3.125,
  "spacing_y": 3.125,
  "spacing_z": 4.199999809265137,
  "summary_bg_k": 27.43118690488717,
  "summary_bg_mad": 16.30862440356162,
  "summary_bg_mean": 63.52717590332031,
  "summary_bg_median": 32.42307662963867,
  "summary_bg_n": 73101.0,
  "summary_bg_p05": 20.423076629638672,
  "summary_bg_p95": 230.90110778808594,
  "summary_bg_stdv": 87.93374633789062,
  "summary_fg_k": 1.6682094130880456,
  "summary_fg_mad": 128.69718422761775,
  "summary_fg_mean": 909.3673095703125,
  "summary_fg_median": 901.9423217773438,
  "summary_fg_n": 29404.0,
  "summary_fg_p05": 678.1058044433594,
  "summary_fg_p95": 1166.452209472656,
  "summary_fg_stdv": 151.57699584960938,
  "tsnr": 74.01849003788084
}