{
  "aor": 0.0036702020202020206,
  "aqi": 0.005393864545454545,
  "bids_meta": {
    "AcquisitionMatrixPE": 64,
    "AcquisitionNumber": 1,
    "AcquisitionTime": "15:57:23.142500",
    "BandwidthPerPixelPhaseEncode": 33.967,
    "BaseResolution": 64,
    "ConversionSoftware": "dcm2niix",
    "ConversionSoftwareVersion": "v1.0.20180622 GCC4.9.2",
    "DerivedVendorReportedEchoSpacing": 0.000460005,
    "DeviceSerialNumber": "35193",
    "DwellTime": 3.1e-06,
    "EchoTime": 0.03,
    "EffectiveEchoSpacing": 0.000460005,
    "FlipAngle": 90,
    "ImageOrientationPatientDICOM": [
      1,
      0,
      0,
      0,
      1,
      0
    ],
    "ImageType": [
      "ORIGINAL",
      "PRIMARY",
      "M",
      "ND",
      "MOSAIC"
    ],
    "InPlanePhaseEncodingDirectionDICOM": "COL",
    "InstitutionAddress": "Xinjiekouwai_Street_No_19_Beijing_Haidian_District_CN_100875",
    "InstitutionName": "Beijing_Normal_Universtiy_7C3C54",
    "InstitutionalDepartmentName": "Department",
    "MRAcquisitionType": "2D",
    "MagneticFieldStrength": 3,
    "Manufacturer": "Siemens",
    "ManufacturersModelName": "TrioTim",
    "Modality": "MR",
    "PartialFourier": 1,
    "PatientPosition": "HFS",
    "PercentPhaseFOV": 100,
    "PhaseEncodingDirection": "j-",
    "PhaseEncodingSteps": 64,
    "PhaseResolution": 1,
    "PixelBandwidth": 2520,
    "ProcedureStepDescription": "BNU_cst_2015_Liu.Jia",
    "ProtocolName": "ge_func_pace_3x3x3.5_99",
    "PulseSequenceDetails": "%SiemensSeq%_ep2d_bold",
    "ReceiveCoilName": "HeadMatrix",
    "ReconMatrixPE": 64,
    "RepetitionTime": 2,
    "SAR": 0.150204,
    "ScanOptions": "FS",
    "ScanningSequence": "EP",
    "SequenceName": "_epfid2d1_64",
    "SequenceVariant": "SK",
    "SeriesDescription": "ge_func_pace_3x3x3.5_99",
    "SeriesNumber": 14,
    "ShimSetting": [
      -4497,
      -19394,
      -9789,
      1276,
      -219,
      -254,
      -256,
      -135
    ],
    "SliceThickness": 3.5,
    "SliceTiming": [
      0,
      1.0325,
      0.06,
      1.095,
      0.12,
      1.155,
      0.1825,
      1.215,
      0.2425,
      1.2775,
      0.3025,
      1.3375,
      0.365,
      1.3975,
      0.425,
      1.46,
      0.485,
      1.52,
      0.5475,
      1.58,
      0.6075,
      1.6425,
      0.6675,
      1.7025,
      0.73,
      1.7625,
      0.79,
      1.825,
      0.85,
      1.885,
      0.9125,
      1.945,
      0.9725
    ],
    "SoftwareVersions": "syngo_MR_B17",
    "SpacingBetweenSlices": 4.2,
    "StationName": "MRC35193",
    "TotalReadoutTime": 0.0289803,
    "TxRefAmp": 318.906,
    "dataset": "ds003696",
    "modality": "bold",
    "run_id": 3,
    "session_id": "01",
    "subject_id": "103",
    "task_id": "localizer"
  },
  "dummy_trs": 0,
  "dvars_nstd": 23.007016395918384,
  "dvars_std": 1.1873762725510206,
  "dvars_vstd": 1.0258047024489796,
  "efc": 0.539475931608755,
  "fber": 914.5218505859375,
  "fd_mean": 0.129867917498763,
  "fd_num": 9,
  "fd_perc": 9.090909090909092,
  "fwhm_avg": 1.9650451888856368,
  "fwhm_x": 1.9084256,
  "fwhm_y": 2.2043456,
  "fwhm_z": 1.7823643666569104,
  "gcor": 0.0314544,
  "gsr_x": 0.002804706571623683,
  "gsr_y": 0.026703285053372383,
  "provenance": {
    "md5sum": "87fd02091ad9855d194378f03881b3b2",
    "settings": {
      "fd_thres": 0.2,
      "testing": false
    },
    "software": "mriqc",
    "version": "23.0.1",
    "webapi_port": null,
    "webapi_url": "https://mriqc.nimh.nih.gov/api/v1"
  },
  "size_t": 99,
  "size_x": 64,
  "size_y": 64,
  "size_z": 33,
  "snr": 5.963308664290374,
  "spacing_tr": 2.0,
  "spacing_x": 3.125,
  "spacing_y": 3.125,
  "spacing_z": 4.199999809265137,
  "summary_bg_k": 31.84862453391436,
  "summary_bg_mad": 14.032304246270176,
  "summary_bg_mean": 59.21768569946289,
  "summary_bg_median": 29.97979736328125,
  "summary_bg_n": 80069.0,
  "summary_bg_p05": 19.53535270690918,
  "summary_bg_p95": 194.28888244628854,
  "summary_bg_stdv": 86.3090591430664,
  "summary_fg_k": 1.1041786588402172,
  "summary_fg_mad": 139.93370554588535,
  "summary_fg_mean": 933.4707641601562,
  "summary_fg_median": 929.29296875,
  "summary_fg_n": 23868.0,
  "summary_fg_p05": 679.3605865478515,
  "summary_fg_p95": 1192.6161804199214,
  "summary_fg_stdv": 155.8318634033203,
  "tsnr": 70.41497735946905
}