{
  "aor": 0.0023161621621621623,
  "aqi": 0.006555543297297297,
  "bids_meta": {
    "AcquisitionMatrixPE": 64,
    "AcquisitionNumber": 1,
    "AcquisitionTime": "15:41:22.887500",
    "BandwidthPerPixelPhaseEncode": 33.967,
    "BaseResolution": 64,
    "ConversionSoftware": "dcm2niix",
    "ConversionSoftwareVersion": "v1.0.20180622 GCC4.9.2",
    "DerivedVendorReportedEchoSpacing": 0.000460005,
    "DeviceSerialNumber": "35193",
    "DwellTime": 3.1e-06,
    "EchoTime": 0.03,
    "EffectiveEchoSpacing": 0.000460005,
    "FlipAngle": 90,
    "ImageOrientationPatientDICOM": [
      1,
      0,
      0,
      0,
      1,
      0
    ],
    "ImageType": [
      "ORIGINAL",
      "PRIMARY",
      "M",
      "ND",
      "MOSAIC"
    ],
    "InPlanePhaseEncodingDirectionDICOM": "COL",
    "InstitutionAddress": "Xinjiekouwai_Street_No_19_Beijing_Haidian_District_CN_100875",
    "InstitutionName": "Beijing_Normal_Universtiy_7C3C54",
    "InstitutionalDepartmentName": "Department",
    "MRAcquisitionType": "2D",
    "MagneticFieldStrength": 3,
    "Manufacturer": "Siemens",
    "ManufacturersModelName": "TrioTim",
    "Modality": "MR",
    "PartialFourier": 1,
    "PatientPosition": "HFS",
    "PercentPhaseFOV": 100,
    "PhaseEncodingDirection": "j-",
    "PhaseEncodingSteps": 64,
    "PhaseResolution": 1,
    "PixelBandwidth": 2520,
    "ProcedureStepDescription": "BNU_cst_2015_Liu.Jia",
    "ProtocolName": "ge_func_pace_3x3x3.5_185",
    "PulseSequenceDetails": "%SiemensSeq%_ep2d_bold",
    "ReceiveCoilName": "HeadMatrix",
    "ReconMatrixPE": 64,
    "RepetitionTime": 2,
    "SAR": 0.150715,
    "ScanOptions": "FS",
    "ScanningSequence": "EP",
    "SequenceName": "_epfid2d1_64",
    "SequenceVariant": "SK",
    "SeriesDescription": "ge_func_pace_3x3x3.5_185",
    "SeriesNumber": 8,
    "ShimSetting": [
      -4497,
      -19394,
      -9789,
      1276,
      -219,
      -254,
      -256,
      -135
    ],
    "SliceThickness": 3.5,
    "SliceTiming": [
      0,
      1.0325,
      0.06,
      1.095,
      0.12,
      1.155,
      0.1825,
      1.215,
      0.2425,
      1.2775,
      0.3025,
      1.3375,
      0.365,
      1.3975,
      0.425,
      1.46,
      0.485,
      1.52,
      0.5475,
      1.58,
      0.6075,
      1.6425,
      0.6675,
      1.7025,
      0.73,
      1.7625,
      0.79,
      1.825,
      0.85,
      1.885,
      0.9125,
      1.945,
      0.9725
    ],
    "SoftwareVersions": "syngo_MR_B17",
    "SpacingBetweenSlices": 4.2,
    "StationName": "MRC35193",
    "TotalReadoutTime": 0.0289803,
    "TxRefAmp": 318.906,
    "dataset": "ds003696",
    "modality": "bold",
    "run_id": 4,
    "session_id": "01",
    "subject_id": "103",
    "task_id": "affordance"
  },
  "dummy_trs": 0,
  "dvars_nstd": 21.568233541902174,
  "dvars_std": 1.1410208324456526,
  "dvars_vstd": 1.0007872315217383,
  "efc": 0.5400009118467369,
  "fber": 911.2999267578125,
  "fd_mean": 0.11413261098325785,
  "fd_num": 13,
  "fd_perc": 7.027027027027027,
  "fwhm_avg": 1.9807173286339896,
  "fwhm_x": 1.9287232,
  "fwhm_y": 2.2267168,
  "fwhm_z": 1.7867119859019682,
  "gcor": 0.0390065,
  "gsr_x": 0.004334005527198315,
  "gsr_y": 0.028097907081246376,
  "provenance": {
    "md5sum": "87c4d2450d7dec63516d9d5cd26a26f8",
    "settings": {
      "fd_thres": 0.2,
      "testing": false
    },
    "software": "mriqc",
    "version": "23.0.1",
    "webapi_port": null,
    "webapi_url": "https://mriqc.nimh.nih.gov/api/v1"
  },
  "size_t": 185,
  "size_x": 64,
  "size_y": 64,
  "size_z": 33,
  "snr": 5.934416563043454,
  "spacing_tr": 2.0,
  "spacing_x": 3.125,
  "spacing_y": 3.125,
  "spacing_z": 4.199999809265137,
  "summary_bg_k": 30.909447495346733,
  "summary_bg_mad": 14.273052346307702,
  "summary_bg_mean": 60.0411376953125,
  "summary_bg_median": 30.09729766845703,
  "summary_bg_n": 80169.0,
  "summary_bg_p05": 19.210811614990234,
  "summary_bg_p95": 196.85406494140625,
  "summary_bg_stdv": 89.01343536376953,
  "summary_fg_k": 1.0880980146607557,
  "summary_fg_mad": 140.57474278440424,
  "summary_fg_mean": 932.7317504882812,
  "summary_fg_median": 927.9053955078125,
  "summary_fg_n": 23920.0,
  "summary_fg_p05": 678.4259490966797,
  "summary_fg_p95": 1191.9138427734374,
  "summary_fg_stdv": 156.3567352294922,
  "tsnr": 64.17304944433272
}