{
  "aor": 0.0015325510204081635,
  "aqi": 0.004625935918367347,
  "bids_meta": {
    "AcquisitionMatrixPE": 64,
    "AcquisitionNumber": 1,
    "AcquisitionTime": "15:48:52.890000",
    "BandwidthPerPixelPhaseEncode": 33.967,
    "BaseResolution": 64,
    "ConversionSoftware": "dcm2niix",
    "ConversionSoftwareVersion": "v1.0.20180622 GCC4.9.2",
    "DerivedVendorReportedEchoSpacing": 0.000460005,
    "DeviceSerialNumber": "35193",
    "DwellTime": 3.1e-06,
    "EchoTime": 0.03,
    "EffectiveEchoSpacing": 0.000460005,
    "FlipAngle": 90,
    "ImageOrientationPatientDICOM": [
      1,
      0,
      0,
      0,
      1,
      0
    ],
    "ImageType": [
      "ORIGINAL",
      "PRIMARY",
      "M",
      "ND",
      "MOSAIC"
    ],
    "InPlanePhaseEncodingDirectionDICOM": "COL",
    "InstitutionAddress": "Xinjiekouwai_Street_No_19_Beijing_Haidian_District_CN_100875",
    "InstitutionName": "Beijing_Normal_Universtiy_7C3C54",
    "InstitutionalDepartmentName": "Department",
    "MRAcquisitionType": "2D",
    "MagneticFieldStrength": 3,
    "Manufacturer": "Siemens",
    "ManufacturersModelName": "TrioTim",
    "Modality": "MR",
    "PartialFourier": 1,
    "PatientPosition": "HFS",
    "PercentPhaseFOV": 100,
    "PhaseEncodingDirection": "j-",
    "PhaseEncodingSteps": 64,
    "PhaseResolution": 1,
    "PixelBandwidth": 2520,
    "ProcedureStepDescription": "BNU_cst_2015_Liu.Jia",
    "ProtocolName": "ge_func_pace_3x3x3.5_99",
    "PulseSequenceDetails": "%SiemensSeq%_ep2d_bold",
    "ReceiveCoilName": "HeadMatrix",
    "ReconMatrixPE": 64,
    "RepetitionTime": 2,
    "SAR": 0.150204,
    "ScanOptions": "FS",
    "ScanningSequence": "EP",
    "SequenceName": "_epfid2d1_64",
    "SequenceVariant": "SK",
    "SeriesDescription": "ge_func_pace_3x3x3.5_99",
    "SeriesNumber": 10,
    "ShimSetting": [
      -4497,
      -19394,
      -9789,
      1276,
      -219,
      -254,
      -256,
      -135
    ],
    "SliceThickness": 3.5,
    "SliceTiming": [
      0,
      1.035,
      0.0625,
      1.095,
      0.1225,
      1.1575,
      0.1825,
      1.2175,
      0.245,
      1.2775,
      0.305,
      1.34,
      0.365,
      1.4,
      0.4275,
      1.46,
      0.4875,
      1.5225,
      0.5475,
      1.5825,
      0.61,
      1.6425,
      0.67,
      1.705,
      0.73,
      1.765,
      0.7925,
      1.825,
      0.8525,
      1.8875,
      0.9125,
      1.9475,
      0.975
    ],
    "SoftwareVersions": "syngo_MR_B17",
    "SpacingBetweenSlices": 4.2,
    "StationName": "MRC35193",
    "TotalReadoutTime": 0.0289803,
    "TxRefAmp": 318.906,
    "dataset": "ds003696",
    "modality": "bold",
    "run_id": 1,
    "session_id": "01",
    "subject_id": "103",
    "task_id": "localizer"
  },
  "dummy_trs": 1,
  "dvars_nstd": 22.206999670515458,
  "dvars_std": 1.2056201831958762,
  "dvars_vstd": 1.0320220415463912,
  "efc": 0.5396878909746469,
  "fber": 917.762939453125,
  "fd_mean": 0.1244474894260516,
  "fd_num": 9,
  "fd_perc": 9.183673469387756,
  "fwhm_avg": 1.961400623682323,
  "fwhm_x": 1.9190496,
  "fwhm_y": 2.190976,
  "fwhm_z": 1.7741762710469686,
  "gcor": 0.0275664,
  "gsr_x": 0.0034910717513412237,
  "gsr_y": 0.02648921124637127,
  "provenance": {
    "md5sum": "a0728981f8fb4ea039fff8d5fcd914d6",
    "settings": {
      "fd_thres": 0.2,
      "testing": false
    },
    "software": "mriqc",
    "version": "23.0.1",
    "webapi_port": null,
    "webapi_url": "https://mriqc.nimh.nih.gov/api/v1"
  },
  "size_t": 98,
  "size_x": 64,
  "size_y": 64,
  "size_z": 33,
  "snr": 5.952186899191132,
  "spacing_tr": 2.0,
  "spacing_x": 3.125,
  "spacing_y": 3.125,
  "spacing_z": 4.199999809265137,
  "summary_bg_k": 29.984002200300942,
  "summary_bg_mad": 14.024208142312844,
  "summary_bg_mean": 59.88260269165039,
  "summary_bg_median": 29.989795684814453,
  "summary_bg_n": 80147.0,
  "summary_bg_p05": 19.5510196685791,
  "summary_bg_p95": 196.56020202636697,
  "summary_bg_stdv": 87.90131378173828,
  "summary_fg_k": 1.1632776253900161,
  "summary_fg_mad": 139.59146912069073,
  "summary_fg_mean": 935.7650146484375,
  "summary_fg_median": 931.4081420898438,
  "summary_fg_n": 23885.0,
  "summary_fg_p05": 681.9632568359375,
  "summary_fg_p95": 1197.8755126953124,
  "summary_fg_stdv": 156.4783935546875,
  "tsnr": 77.60913946165238
}