{
  "aor": 0.002218585858585859,
  "aqi": 0.009527099191919191,
  "bids_meta": {
    "AcquisitionMatrixPE": 64,
    "AcquisitionNumber": 1,
    "AcquisitionTime": "15:53:5.800000",
    "BandwidthPerPixelPhaseEncode": 33.967,
    "BaseResolution": 64,
    "ConversionSoftware": "dcm2niix",
    "ConversionSoftwareVersion": "v1.0.20180622 GCC4.9.2",
    "DerivedVendorReportedEchoSpacing": 0.000460005,
    "DeviceSerialNumber": "35193",
    "DwellTime": 3.1e-06,
    "EchoTime": 0.03,
    "EffectiveEchoSpacing": 0.000460005,
    "FlipAngle": 90,
    "ImageOrientationPatientDICOM": [
      1,
      0,
      0,
      0,
      1,
      0
    ],
    "ImageType": [
      "ORIGINAL",
      "PRIMARY",
      "M",
      "ND",
      "MOSAIC"
    ],
    "InPlanePhaseEncodingDirectionDICOM": "COL",
    "InstitutionAddress": "Xinjiekouwai_Street_No_19_Beijing_Haidian_District_CN_100875",
    "InstitutionName": "Beijing_Normal_Universtiy_7C3C54",
    "InstitutionalDepartmentName": "Department",
    "MRAcquisitionType": "2D",
    "MagneticFieldStrength": 3,
    "Manufacturer": "Siemens",
    "ManufacturersModelName": "TrioTim",
    "Modality": "MR",
    "PartialFourier": 1,
    "PatientPosition": "HFS",
    "PercentPhaseFOV": 100,
    "PhaseEncodingDirection": "j-",
    "PhaseEncodingSteps": 64,
    "PhaseResolution": 1,
    "PixelBandwidth": 2520,
    "ProcedureStepDescription": "BNU_cst_2015_Liu.Jia",
    "ProtocolName": "ge_func_pace_3x3x3.5_99",
    "PulseSequenceDetails": "%SiemensSeq%_ep2d_bold",
    "ReceiveCoilName": "HeadMatrix",
    "ReconMatrixPE": 64,
    "RepetitionTime": 2,
    "SAR": 0.150204,
    "ScanOptions": "FS",
    "ScanningSequence": "EP",
    "SequenceName": "_epfid2d1_64",
    "SequenceVariant": "SK",
    "SeriesDescription": "ge_func_pace_3x3x3.5_99",
    "SeriesNumber": 12,
    "ShimSetting": [
      -4497,
      -19394,
      -9789,
      1276,
      -219,
      -254,
      -256,
      -135
    ],
    "SliceThickness": 3.5,
    "SliceTiming": [
      0,
      1.035,
      0.06,
      1.095,
      0.1225,
      1.155,
      0.1825,
      1.2175,
      0.2425,
      1.2775,
      0.305,
      1.3375,
      0.365,
      1.4,
      0.425,
      1.46,
      0.4875,
      1.52,
      0.5475,
      1.5825,
      0.6075,
      1.6425,
      0.67,
      1.7025,
      0.73,
      1.765,
      0.79,
      1.825,
      0.8525,
      1.885,
      0.9125,
      1.9475,
      0.9725
    ],
    "SoftwareVersions": "syngo_MR_B17",
    "SpacingBetweenSlices": 4.2,
    "StationName": "MRC35193",
    "TotalReadoutTime": 0.0289803,
    "TxRefAmp": 318.906,
    "dataset": "ds003696",
    "modality": "bold",
    "run_id": 2,
    "session_id": "01",
    "subject_id": "103",
    "task_id": "localizer"
  },
  "dummy_trs": 0,
  "dvars_nstd": 23.64174165540818,
  "dvars_std": 1.0821946912244904,
  "dvars_vstd": 0.9633044751020405,
  "efc": 0.5405054886771827,
  "fber": 899.9007568359375,
  "fd_mean": 0.18514979084937846,
  "fd_num": 29,
  "fd_perc": 29.292929292929294,
  "fwhm_avg": 1.9744448205187124,
  "fwhm_x": 1.9346655999999998,
  "fwhm_y": 2.2137664,
  "fwhm_z": 1.7749024615561375,
  "gcor": 0.0200564,
  "gsr_x": 0.00432788347825408,
  "gsr_y": 0.027028726413846016,
  "provenance": {
    "md5sum": "136a2d13ebf3bc21378bc038c2311051",
    "settings": {
      "fd_thres": 0.2,
      "testing": false
    },
    "software": "mriqc",
    "version": "23.0.1",
    "webapi_port": null,
    "webapi_url": "https://mriqc.nimh.nih.gov/api/v1"
  },
  "size_t": 99,
  "size_x": 64,
  "size_y": 64,
  "size_z": 33,
  "snr": 5.945713155902249,
  "spacing_tr": 2.0,
  "spacing_x": 3.125,
  "spacing_y": 3.125,
  "spacing_z": 4.199999809265137,
  "summary_bg_k": 29.769753207319425,
  "summary_bg_mad": 14.64631299662136,
  "summary_bg_mean": 60.6414794921875,
  "summary_bg_median": 30.363636016845703,
  "summary_bg_n": 80143.0,
  "summary_bg_p05": 19.404041290283203,
  "summary_bg_p95": 202.40100708007796,
  "summary_bg_stdv": 89.20631408691406,
  "summary_fg_k": 1.1190327304185317,
  "summary_fg_mad": 139.62667006447728,
  "summary_fg_mean": 935.5521240234375,
  "summary_fg_median": 930.8989868164062,
  "summary_fg_n": 23918.0,
  "summary_fg_p05": 681.4701904296875,
  "summary_fg_p95": 1195.7908813476563,
  "summary_fg_stdv": 156.56314086914062,
  "tsnr": 56.28523207874969
}