{
  "aor": 0.0004536956521739131,
  "aqi": 0.0033733748913043478,
  "bids_meta": {
    "AcquisitionMatrixPE": 64,
    "AcquisitionNumber": 1,
    "AcquisitionTime": "09:45:29.345000",
    "BandwidthPerPixelPhaseEncode": 33.967,
    "BaseResolution": 64,
    "ConversionSoftware": "dcm2niix",
    "ConversionSoftwareVersion": "v1.0.20180622 GCC4.9.2",
    "DerivedVendorReportedEchoSpacing": 0.000460005,
    "DeviceSerialNumber": "35193",
    "DwellTime": 3.1e-06,
    "EchoTime": 0.03,
    "EffectiveEchoSpacing": 0.000460005,
    "FlipAngle": 90,
    "ImageOrientationPatientDICOM": [
      1,
      0,
      0,
      0,
      1,
      0
    ],
    "ImageType": [
      "ORIGINAL",
      "PRIMARY",
      "M",
      "ND",
      "MOSAIC"
    ],
    "InPlanePhaseEncodingDirectionDICOM": "COL",
    "InstitutionAddress": "Xinjiekouwai_Street_No_19_Beijing_Haidian_District_CN_100875",
    "InstitutionName": "Beijing_Normal_Universtiy_7C3C54",
    "InstitutionalDepartmentName": "Department",
    "MRAcquisitionType": "2D",
    "MagneticFieldStrength": 3,
    "Manufacturer": "Siemens",
    "ManufacturersModelName": "TrioTim",
    "Modality": "MR",
    "PartialFourier": 1,
    "PatientPosition": "HFS",
    "PercentPhaseFOV": 100,
    "PhaseEncodingDirection": "j-",
    "PhaseEncodingSteps": 64,
    "PhaseResolution": 1,
    "PixelBandwidth": 2520,
    "ProcedureStepDescription": "BNU_cst_2015_Liu.Jia",
    "ProtocolName": "ge_func_pace_3x3x3.5_185",
    "PulseSequenceDetails": "%SiemensSeq%_ep2d_bold",
    "ReceiveCoilName": "HeadMatrix",
    "ReconMatrixPE": 64,
    "RepetitionTime": 2,
    "SAR": 0.141582,
    "ScanOptions": "FS",
    "ScanningSequence": "EP",
    "SequenceName": "_epfid2d1_64",
    "SequenceVariant": "SK",
    "SeriesDescription": "ge_func_pace_3x3x3.5_185",
    "SeriesNumber": 6,
    "ShimSetting": [
      -4542,
      -19447,
      -9798,
      1133,
      -177,
      -354,
      159,
      -48
    ],
    "SliceThickness": 3.5,
    "SliceTiming": [
      0,
      1.035,
      0.06,
      1.095,
      0.1225,
      1.155,
      0.1825,
      1.2175,
      0.2425,
      1.2775,
      0.305,
      1.3375,
      0.365,
      1.4,
      0.425,
      1.46,
      0.4875,
      1.52,
      0.5475,
      1.5825,
      0.6075,
      1.6425,
      0.67,
      1.7025,
      0.73,
      1.765,
      0.79,
      1.825,
      0.8525,
      1.885,
      0.9125,
      1.9475,
      0.9725
    ],
    "SoftwareVersions": "syngo_MR_B17",
    "SpacingBetweenSlices": 4.2,
    "StationName": "MRC35193",
    "TotalReadoutTime": 0.0289803,
    "TxRefAmp": 328.859,
    "dataset": "ds003696",
    "modality": "bold",
    "run_id": 7,
    "session_id": "02",
    "subject_id": "115",
    "task_id": "affordance"
  },
  "dummy_trs": 1,
  "dvars_nstd": 17.371697727923515,
  "dvars_std": 1.0556097763934424,
  "dvars_vstd": 0.9861825518579231,
  "efc": 0.5289712681530326,
  "fber": 907.9732666015625,
  "fd_mean": 0.04628482491549175,
  "fd_num": 0,
  "fd_perc": 0.0,
  "fwhm_avg": 2.058130758078322,
  "fwhm_x": 2.041328,
  "fwhm_y": 2.288688,
  "fwhm_z": 1.8443762742349659,
  "gcor": 0.0661217,
  "gsr_x": -0.007798117119818926,
  "gsr_y": 0.02956061251461506,
  "provenance": {
    "md5sum": "f3e86c21efff784b1b531d9adf52cc57",
    "settings": {
      "fd_thres": 0.2,
      "testing": false
    },
    "software": "mriqc",
    "version": "23.0.1",
    "webapi_port": null,
    "webapi_url": "https://mriqc.nimh.nih.gov/api/v1"
  },
  "size_t": 184,
  "size_x": 64,
  "size_y": 64,
  "size_z": 33,
  "snr": 5.190874289662991,
  "spacing_tr": 2.0,
  "spacing_x": 3.125,
  "spacing_y": 3.125,
  "spacing_z": 4.199999809265137,
  "summary_bg_k": 72.86235836881949,
  "summary_bg_mad": 13.907452312696947,
  "summary_bg_mean": 54.907073974609375,
  "summary_bg_median": 30.23369598388672,
  "summary_bg_n": 80951.0,
  "summary_bg_p05": 19.853261947631836,
  "summary_bg_p95": 169.69022369384766,
  "summary_bg_stdv": 74.21804809570312,
  "summary_fg_k": 1.2966097608164864,
  "summary_fg_mad": 157.2767309479661,
  "summary_fg_mean": 949.20556640625,
  "summary_fg_median": 936.4293823242188,
  "summary_fg_n": 23401.0,
  "summary_fg_p05": 671.5924072265625,
  "summary_fg_p95": 1256.86962890625,
  "summary_fg_stdv": 180.3953094482422,
  "tsnr": 76.91935985418968
}