{
  "aor": 0.00054125,
  "aqi": 0.0035948701086956527,
  "bids_meta": {
    "AcquisitionMatrixPE": 64,
    "AcquisitionNumber": 1,
    "AcquisitionTime": "09:52:40.697500",
    "BandwidthPerPixelPhaseEncode": 33.967,
    "BaseResolution": 64,
    "ConversionSoftware": "dcm2niix",
    "ConversionSoftwareVersion": "v1.0.20180622 GCC4.9.2",
    "DerivedVendorReportedEchoSpacing": 0.000460005,
    "DeviceSerialNumber": "35193",
    "DwellTime": 3.1e-06,
    "EchoTime": 0.03,
    "EffectiveEchoSpacing": 0.000460005,
    "FlipAngle": 90,
    "ImageOrientationPatientDICOM": [
      1,
      0,
      0,
      0,
      1,
      0
    ],
    "ImageType": [
      "ORIGINAL",
      "PRIMARY",
      "M",
      "ND",
      "MOSAIC"
    ],
    "InPlanePhaseEncodingDirectionDICOM": "COL",
    "InstitutionAddress": "Xinjiekouwai_Street_No_19_Beijing_Haidian_District_CN_100875",
    "InstitutionName": "Beijing_Normal_Universtiy_7C3C54",
    "InstitutionalDepartmentName": "Department",
    "MRAcquisitionType": "2D",
    "MagneticFieldStrength": 3,
    "Manufacturer": "Siemens",
    "ManufacturersModelName": "TrioTim",
    "Modality": "MR",
    "PartialFourier": 1,
    "PatientPosition": "HFS",
    "PercentPhaseFOV": 100,
    "PhaseEncodingDirection": "j-",
    "PhaseEncodingSteps": 64,
    "PhaseResolution": 1,
    "PixelBandwidth": 2520,
    "ProcedureStepDescription": "BNU_cst_2015_Liu.Jia",
    "ProtocolName": "ge_func_pace_3x3x3.5_185",
    "PulseSequenceDetails": "%SiemensSeq%_ep2d_bold",
    "ReceiveCoilName": "HeadMatrix",
    "ReconMatrixPE": 64,
    "RepetitionTime": 2,
    "SAR": 0.141582,
    "ScanOptions": "FS",
    "ScanningSequence": "EP",
    "SequenceName": "_epfid2d1_64",
    "SequenceVariant": "SK",
    "SeriesDescription": "ge_func_pace_3x3x3.5_185",
    "SeriesNumber": 8,
    "ShimSetting": [
      -4542,
      -19447,
      -9798,
      1133,
      -177,
      -354,
      159,
      -48
    ],
    "SliceThickness": 3.5,
    "SliceTiming": [
      0,
      1.035,
      0.0625,
      1.095,
      0.1225,
      1.1575,
      0.1825,
      1.2175,
      0.245,
      1.2775,
      0.305,
      1.34,
      0.365,
      1.4,
      0.4275,
      1.46,
      0.4875,
      1.5225,
      0.5475,
      1.5825,
      0.61,
      1.6425,
      0.67,
      1.705,
      0.73,
      1.765,
      0.7925,
      1.825,
      0.8525,
      1.8875,
      0.9125,
      1.9475,
      0.975
    ],
    "SoftwareVersions": "syngo_MR_B17",
    "SpacingBetweenSlices": 4.2,
    "StationName": "MRC35193",
    "TotalReadoutTime": 0.0289803,
    "TxRefAmp": 328.859,
    "dataset": "ds003696",
    "modality": "bold",
    "run_id": 8,
    "session_id": "02",
    "subject_id": "115",
    "task_id": "affordance"
  },
  "dummy_trs": 1,
  "dvars_nstd": 17.327199514043713,
  "dvars_std": 1.0632367692896179,
  "dvars_vstd": 0.9919859191803282,
  "efc": 0.5298058405913149,
  "fber": 896.6369018554688,
  "fd_mean": 0.04593058123936495,
  "fd_num": 0,
  "fd_perc": 0.0,
  "fwhm_avg": 2.070061278791274,
  "fwhm_x": 2.0500352,
  "fwhm_y": 2.3106176,
  "fwhm_z": 1.8495310363738213,
  "gcor": 0.0546931,
  "gsr_x": -0.007301631383597851,
  "gsr_y": 0.028816768899559975,
  "provenance": {
    "md5sum": "153bddcd677849855ce1c2281fd75f06",
    "settings": {
      "fd_thres": 0.2,
      "testing": false
    },
    "software": "mriqc",
    "version": "23.0.1",
    "webapi_port": null,
    "webapi_url": "https://mriqc.nimh.nih.gov/api/v1"
  },
  "size_t": 184,
  "size_x": 64,
  "size_y": 64,
  "size_z": 33,
  "snr": 5.1690173032099604,
  "spacing_tr": 2.0,
  "spacing_x": 3.125,
  "spacing_y": 3.125,
  "spacing_z": 4.199999809265137,
  "summary_bg_k": 66.84758807826853,
  "summary_bg_mad": 14.10889344626332,
  "summary_bg_mean": 55.381107330322266,
  "summary_bg_median": 30.5108699798584,
  "summary_bg_n": 80914.0,
  "summary_bg_p05": 20.032609939575195,
  "summary_bg_p95": 171.81711730957028,
  "summary_bg_stdv": 74.10003662109375,
  "summary_fg_k": 1.3256523094248678,
  "summary_fg_mad": 158.33624315959773,
  "summary_fg_mean": 950.3545532226562,
  "summary_fg_median": 938.3804931640625,
  "summary_fg_n": 23460.0,
  "summary_fg_p05": 670.0157501220704,
  "summary_fg_p95": 1259.2103454589844,
  "summary_fg_stdv": 181.5355682373047,
  "tsnr": 78.1338776787743
}