{
  "aor": 0.0004371978021978022,
  "aqi": 0.004061561648351648,
  "bids_meta": {
    "AcquisitionMatrixPE": 64,
    "AcquisitionNumber": 1,
    "AcquisitionTime": "15:59:48.985000",
    "BandwidthPerPixelPhaseEncode": 33.967,
    "BaseResolution": 64,
    "ConversionSoftware": "dcm2niix",
    "ConversionSoftwareVersion": "v1.0.20180622 GCC4.9.2",
    "DerivedVendorReportedEchoSpacing": 0.000460005,
    "DeviceSerialNumber": "35193",
    "DwellTime": 3.1e-06,
    "EchoTime": 0.03,
    "EffectiveEchoSpacing": 0.000460005,
    "FlipAngle": 90,
    "ImageOrientationPatientDICOM": [
      1,
      0,
      0,
      0,
      1,
      0
    ],
    "ImageType": [
      "ORIGINAL",
      "PRIMARY",
      "M",
      "ND",
      "MOSAIC"
    ],
    "InPlanePhaseEncodingDirectionDICOM": "COL",
    "InstitutionAddress": "Xinjiekouwai_Street_No_19_Beijing_Haidian_District_CN_100875",
    "InstitutionName": "Beijing_Normal_Universtiy_7C3C54",
    "InstitutionalDepartmentName": "Department",
    "MRAcquisitionType": "2D",
    "MagneticFieldStrength": 3,
    "Manufacturer": "Siemens",
    "ManufacturersModelName": "TrioTim",
    "Modality": "MR",
    "PartialFourier": 1,
    "PatientPosition": "HFS",
    "PercentPhaseFOV": 100,
    "PhaseEncodingDirection": "j-",
    "PhaseEncodingSteps": 64,
    "PhaseResolution": 1,
    "PixelBandwidth": 2520,
    "ProcedureStepDescription": "BNU_cst_2015_Liu.Jia",
    "ProtocolName": "ge_func_pace_3x3x3.5_185",
    "PulseSequenceDetails": "%SiemensSeq%_ep2d_bold",
    "ReceiveCoilName": "HeadMatrix",
    "ReconMatrixPE": 64,
    "RepetitionTime": 2,
    "SAR": 0.142627,
    "ScanOptions": "FS",
    "ScanningSequence": "EP",
    "SequenceName": "_epfid2d1_64",
    "SequenceVariant": "SK",
    "SeriesDescription": "ge_func_pace_3x3x3.5_185",
    "SeriesNumber": 4,
    "ShimSetting": [
      -4543,
      -19377,
      -9764,
      1144,
      -185,
      -207,
      84,
      47
    ],
    "SliceThickness": 3.5,
    "SliceTiming": [
      0,
      1.0325,
      0.06,
      1.095,
      0.12,
      1.155,
      0.1825,
      1.215,
      0.2425,
      1.2775,
      0.3025,
      1.3375,
      0.365,
      1.3975,
      0.425,
      1.46,
      0.485,
      1.52,
      0.5475,
      1.58,
      0.6075,
      1.6425,
      0.6675,
      1.7025,
      0.73,
      1.7625,
      0.79,
      1.825,
      0.85,
      1.885,
      0.9125,
      1.945,
      0.9725
    ],
    "SoftwareVersions": "syngo_MR_B17",
    "SpacingBetweenSlices": 4.2,
    "StationName": "MRC35193",
    "TotalReadoutTime": 0.0289803,
    "TxRefAmp": 320.801,
    "dataset": "ds003696",
    "modality": "bold",
    "run_id": 3,
    "session_id": "01",
    "subject_id": "122",
    "task_id": "affordance"
  },
  "dummy_trs": 3,
  "dvars_nstd": 19.479680530220993,
  "dvars_std": 1.1206113522651933,
  "dvars_vstd": 0.9984934034806637,
  "efc": 0.5142760370696075,
  "fber": 1078.6968994140625,
  "fd_mean": 0.06471830013832228,
  "fd_num": 1,
  "fd_perc": 0.5494505494505495,
  "fwhm_avg": 1.8829848074434434,
  "fwhm_x": 1.8157024000000002,
  "fwhm_y": 2.0832448,
  "fwhm_z": 1.7500072223303307,
  "gcor": 0.0191455,
  "gsr_x": -0.0047249807976186275,
  "gsr_y": 0.024824190884828568,
  "provenance": {
    "md5sum": "b324ef78adebfecb4058e95b7bbb4f22",
    "settings": {
      "fd_thres": 0.2,
      "testing": false
    },
    "software": "mriqc",
    "version": "23.0.1",
    "webapi_port": null,
    "webapi_url": "https://mriqc.nimh.nih.gov/api/v1"
  },
  "size_t": 182,
  "size_x": 64,
  "size_y": 64,
  "size_z": 33,
  "snr": 6.132760003645867,
  "spacing_tr": 2.0,
  "spacing_x": 3.125,
  "spacing_y": 3.125,
  "spacing_z": 4.199999809265137,
  "summary_bg_k": 47.39198496490269,
  "summary_bg_mad": 10.740720493020278,
  "summary_bg_mean": 50.542232513427734,
  "summary_bg_median": 26.89285659790039,
  "summary_bg_n": 83386.0,
  "summary_bg_p05": 18.961538314819336,
  "summary_bg_p95": 152.9615478515625,
  "summary_bg_stdv": 72.90138244628906,
  "summary_fg_k": 1.456877747168389,
  "summary_fg_mad": 127.58930465235139,
  "summary_fg_mean": 904.8238525390625,
  "summary_fg_median": 896.7472534179688,
  "summary_fg_n": 21866.0,
  "summary_fg_p05": 685.0288543701172,
  "summary_fg_p95": 1157.010986328125,
  "summary_fg_stdv": 146.2191162109375,
  "tsnr": 82.0378777384758
}