{
  "aor": 0.000759027027027027,
  "aqi": 0.004388394756756757,
  "bids_meta": {
    "AcquisitionMatrixPE": 64,
    "AcquisitionNumber": 1,
    "AcquisitionTime": "15:52:42.352500",
    "BandwidthPerPixelPhaseEncode": 33.967,
    "BaseResolution": 64,
    "ConversionSoftware": "dcm2niix",
    "ConversionSoftwareVersion": "v1.0.20180622 GCC4.9.2",
    "DerivedVendorReportedEchoSpacing": 0.000460005,
    "DeviceSerialNumber": "35193",
    "DwellTime": 3.1e-06,
    "EchoTime": 0.03,
    "EffectiveEchoSpacing": 0.000460005,
    "FlipAngle": 90,
    "ImageOrientationPatientDICOM": [
      1,
      0,
      0,
      0,
      1,
      0
    ],
    "ImageType": [
      "ORIGINAL",
      "PRIMARY",
      "M",
      "ND",
      "MOSAIC"
    ],
    "InPlanePhaseEncodingDirectionDICOM": "COL",
    "InstitutionAddress": "Xinjiekouwai_Street_No_19_Beijing_Haidian_District_CN_100875",
    "InstitutionName": "Beijing_Normal_Universtiy_7C3C54",
    "InstitutionalDepartmentName": "Department",
    "MRAcquisitionType": "2D",
    "MagneticFieldStrength": 3,
    "Manufacturer": "Siemens",
    "ManufacturersModelName": "TrioTim",
    "Modality": "MR",
    "PartialFourier": 1,
    "PatientPosition": "HFS",
    "PercentPhaseFOV": 100,
    "PhaseEncodingDirection": "j-",
    "PhaseEncodingSteps": 64,
    "PhaseResolution": 1,
    "PixelBandwidth": 2520,
    "ProcedureStepDescription": "BNU_cst_2015_Liu.Jia",
    "ProtocolName": "ge_func_pace_3x3x3.5_185",
    "PulseSequenceDetails": "%SiemensSeq%_ep2d_bold",
    "ReceiveCoilName": "HeadMatrix",
    "ReconMatrixPE": 64,
    "RepetitionTime": 2,
    "SAR": 0.142627,
    "ScanOptions": "FS",
    "ScanningSequence": "EP",
    "SequenceName": "_epfid2d1_64",
    "SequenceVariant": "SK",
    "SeriesDescription": "ge_func_pace_3x3x3.5_185",
    "SeriesNumber": 2,
    "ShimSetting": [
      -4543,
      -19377,
      -9764,
      1144,
      -185,
      -207,
      84,
      47
    ],
    "SliceThickness": 3.5,
    "SliceTiming": [
      0,
      1.0325,
      0.06,
      1.095,
      0.12,
      1.155,
      0.1825,
      1.215,
      0.2425,
      1.2775,
      0.3025,
      1.3375,
      0.365,
      1.3975,
      0.425,
      1.46,
      0.485,
      1.52,
      0.5475,
      1.58,
      0.6075,
      1.6425,
      0.6675,
      1.7025,
      0.73,
      1.7625,
      0.79,
      1.825,
      0.85,
      1.885,
      0.9125,
      1.945,
      0.9725
    ],
    "SoftwareVersions": "syngo_MR_B17",
    "SpacingBetweenSlices": 4.2,
    "StationName": "MRC35193",
    "TotalReadoutTime": 0.0289803,
    "TxRefAmp": 320.801,
    "dataset": "ds003696",
    "modality": "bold",
    "run_id": 4,
    "session_id": "01",
    "subject_id": "122",
    "task_id": "affordance"
  },
  "dummy_trs": 0,
  "dvars_nstd": 20.085750921847822,
  "dvars_std": 1.132579337826087,
  "dvars_vstd": 1.0006834317391302,
  "efc": 0.5138773556105062,
  "fber": 1078.7750244140625,
  "fd_mean": 0.07048429263334935,
  "fd_num": 3,
  "fd_perc": 1.6216216216216217,
  "fwhm_avg": 1.8992539441538288,
  "fwhm_x": 1.8347136,
  "fwhm_y": 2.0996672000000003,
  "fwhm_z": 1.7633810324614858,
  "gcor": 0.0189787,
  "gsr_x": -0.005677348002791405,
  "gsr_y": 0.025822831317782402,
  "provenance": {
    "md5sum": "41e1f3231dfe19130e6e6fecdd9e9e4f",
    "settings": {
      "fd_thres": 0.2,
      "testing": false
    },
    "software": "mriqc",
    "version": "23.0.1",
    "webapi_port": null,
    "webapi_url": "https://mriqc.nimh.nih.gov/api/v1"
  },
  "size_t": 185,
  "size_x": 64,
  "size_y": 64,
  "size_z": 33,
  "snr": 6.0991474403755435,
  "spacing_tr": 2.0,
  "spacing_x": 3.125,
  "spacing_y": 3.125,
  "spacing_z": 4.199999809265137,
  "summary_bg_k": 48.48636187645675,
  "summary_bg_mad": 10.626649696833473,
  "summary_bg_mean": 49.8523063659668,
  "summary_bg_median": 26.745946884155273,
  "summary_bg_n": 83295.0,
  "summary_bg_p05": 18.864866256713867,
  "summary_bg_p95": 149.8756866455078,
  "summary_bg_stdv": 71.59052276611328,
  "summary_fg_k": 1.4607575110191249,
  "summary_fg_mad": 126.28569335109457,
  "summary_fg_mean": 900.4478149414062,
  "summary_fg_median": 892.572998046875,
  "summary_fg_n": 21941.0,
  "summary_fg_p05": 679.5567626953125,
  "summary_fg_p95": 1153.7027587890625,
  "summary_fg_stdv": 146.34056091308594,
  "tsnr": 79.7904478868004
}