{
  "aor": 0.0013314285714285713,
  "aqi": 0.004205830306122449,
  "bids_meta": {
    "AcquisitionMatrixPE": 64,
    "AcquisitionNumber": 1,
    "AcquisitionTime": "16:29:58.647500",
    "BandwidthPerPixelPhaseEncode": 33.967,
    "BaseResolution": 64,
    "ConversionSoftware": "dcm2niix",
    "ConversionSoftwareVersion": "v1.0.20180622 GCC4.9.2",
    "DerivedVendorReportedEchoSpacing": 0.000460005,
    "DeviceSerialNumber": "35193",
    "DwellTime": 3.1e-06,
    "EchoTime": 0.03,
    "EffectiveEchoSpacing": 0.000460005,
    "FlipAngle": 90,
    "ImageOrientationPatientDICOM": [
      1,
      0,
      0,
      0,
      1,
      0
    ],
    "ImageType": [
      "ORIGINAL",
      "PRIMARY",
      "M",
      "ND",
      "MOSAIC"
    ],
    "InPlanePhaseEncodingDirectionDICOM": "COL",
    "InstitutionAddress": "Xinjiekouwai_Street_No_19_Beijing_Haidian_District_CN_100875",
    "InstitutionName": "Beijing_Normal_Universtiy_7C3C54",
    "InstitutionalDepartmentName": "Department",
    "MRAcquisitionType": "2D",
    "MagneticFieldStrength": 3,
    "Manufacturer": "Siemens",
    "ManufacturersModelName": "TrioTim",
    "Modality": "MR",
    "PartialFourier": 1,
    "PatientPosition": "HFS",
    "PercentPhaseFOV": 100,
    "PhaseEncodingDirection": "j-",
    "PhaseEncodingSteps": 64,
    "PhaseResolution": 1,
    "PixelBandwidth": 2520,
    "ProcedureStepDescription": "BNU_cst_2015_Liu.Jia",
    "ProtocolName": "ge_func_pace_3x3x3.5_99",
    "PulseSequenceDetails": "%SiemensSeq%_ep2d_bold",
    "ReceiveCoilName": "HeadMatrix",
    "ReconMatrixPE": 64,
    "RepetitionTime": 2,
    "SAR": 0.142143,
    "ScanOptions": "FS",
    "ScanningSequence": "EP",
    "SequenceName": "_epfid2d1_64",
    "SequenceVariant": "SK",
    "SeriesDescription": "ge_func_pace_3x3x3.5_99",
    "SeriesNumber": 14,
    "ShimSetting": [
      -4543,
      -19377,
      -9764,
      1144,
      -185,
      -207,
      84,
      47
    ],
    "SliceThickness": 3.5,
    "SliceTiming": [
      0,
      1.035,
      0.0625,
      1.095,
      0.1225,
      1.1575,
      0.1825,
      1.2175,
      0.245,
      1.2775,
      0.305,
      1.34,
      0.365,
      1.4,
      0.4275,
      1.46,
      0.4875,
      1.5225,
      0.5475,
      1.5825,
      0.61,
      1.6425,
      0.67,
      1.705,
      0.73,
      1.765,
      0.7925,
      1.825,
      0.8525,
      1.8875,
      0.9125,
      1.9475,
      0.975
    ],
    "SoftwareVersions": "syngo_MR_B17",
    "SpacingBetweenSlices": 4.2,
    "StationName": "MRC35193",
    "TotalReadoutTime": 0.0289803,
    "TxRefAmp": 320.801,
    "dataset": "ds003696",
    "modality": "bold",
    "run_id": 3,
    "session_id": "01",
    "subject_id": "122",
    "task_id": "localizer"
  },
  "dummy_trs": 1,
  "dvars_nstd": 19.677799892989686,
  "dvars_std": 1.132701984742268,
  "dvars_vstd": 1.0317988637113402,
  "efc": 0.5160497845396285,
  "fber": 1048.297119140625,
  "fd_mean": 0.08564954228084805,
  "fd_num": 1,
  "fd_perc": 1.0204081632653061,
  "fwhm_avg": 1.8727987248701699,
  "fwhm_x": 1.7956032,
  "fwhm_y": 2.0750048000000003,
  "fwhm_z": 1.747788174610509,
  "gcor": 0.0204994,
  "gsr_x": -0.0037145118694752455,
  "gsr_y": 0.024713777005672455,
  "provenance": {
    "md5sum": "8c7f9eb1848be2b6dad08bea099038f9",
    "settings": {
      "fd_thres": 0.2,
      "testing": false
    },
    "software": "mriqc",
    "version": "23.0.1",
    "webapi_port": null,
    "webapi_url": "https://mriqc.nimh.nih.gov/api/v1"
  },
  "size_t": 98,
  "size_x": 64,
  "size_y": 64,
  "size_z": 33,
  "snr": 6.1987850370358935,
  "spacing_tr": 2.0,
  "spacing_x": 3.125,
  "spacing_y": 3.125,
  "spacing_z": 4.199999809265137,
  "summary_bg_k": 46.82254179887602,
  "summary_bg_mad": 11.104387698459592,
  "summary_bg_mean": 51.96879196166992,
  "summary_bg_median": 27.336734771728516,
  "summary_bg_n": 83360.0,
  "summary_bg_p05": 19.11224365234375,
  "summary_bg_p95": 159.5102081298828,
  "summary_bg_stdv": 75.58917999267578,
  "summary_fg_k": 1.3986188951975276,
  "summary_fg_mad": 127.41302846084449,
  "summary_fg_mean": 907.2424926757812,
  "summary_fg_median": 899.5305786132812,
  "summary_fg_n": 21911.0,
  "summary_fg_p05": 687.0561218261719,
  "summary_fg_p95": 1157.6326293945312,
  "summary_fg_stdv": 145.11070251464844,
  "tsnr": 85.11805364838801
}