{
  "bids_meta": {
    "AcquisitionMatrixPE": 192,
    "AcquisitionNumber": 1,
    "AcquisitionTime": "15:31:13.502500",
    "BaseResolution": 256,
    "ConversionSoftware": "dcm2niix",
    "ConversionSoftwareVersion": "v1.0.20180622 GCC4.9.2",
    "DeviceSerialNumber": "35193",
    "DwellTime": 1.03e-05,
    "EchoTime": 0.00339,
    "FlipAngle": 7,
    "ImageOrientationPatientDICOM": [
      0,
      1,
      0,
      0,
      0,
      -1
    ],
    "ImageType": [
      "ORIGINAL",
      "PRIMARY",
      "M",
      "ND",
      "NORM"
    ],
    "InPlanePhaseEncodingDirectionDICOM": "ROW",
    "InstitutionAddress": "Xinjiekouwai_Street_No_19_Beijing_Haidian_District_CN_100875",
    "InstitutionName": "Beijing_Normal_Universtiy_7C3C54",
    "InstitutionalDepartmentName": "Department",
    "InversionTime": 1.1,
    "MRAcquisitionType": "3D",
    "MagneticFieldStrength": 3,
    "Manufacturer": "Siemens",
    "ManufacturersModelName": "TrioTim",
    "Modality": "MR",
    "PartialFourier": 1,
    "PatientPosition": "HFS",
    "PercentPhaseFOV": 100,
    "PhaseEncodingSteps": 192,
    "PhaseResolution": 0.75,
    "PixelBandwidth": 190,
    "ProcedureStepDescription": "BNU_cst_2019_Xu.Shan",
    "ProtocolName": "t1_mprage_sag",
    "PulseSequenceDetails": "%SiemensSeq%_tfl",
    "ReceiveCoilName": "HeadMatrix",
    "ReconMatrixPE": 256,
    "RepetitionTime": 2.53,
    "SAR": 0.0563118,
    "ScanOptions": "IR",
    "ScanningSequence": "GR_IR",
    "SequenceName": "_tfl3d1_ns",
    "SequenceVariant": "SP_MP",
    "SeriesDescription": "t1_mprage_sag",
    "SeriesNumber": 10,
    "ShimSetting": [
      -4489,
      -19276,
      -10209,
      636,
      -133,
      80,
      82,
      -26
    ],
    "SliceThickness": 1.33,
    "SoftwareVersions": "syngo_MR_B17",
    "StationName": "MRC35193",
    "TxRefAmp": 312.293,
    "dataset": "ds003696",
    "modality": "T1w",
    "session_id": "02",
    "subject_id": "134"
  },
  "cjv": 0.2795447866877395,
  "cnr": 4.845634516346145,
  "efc": 0.5627741980714753,
  "fber": 13898.980945821855,
  "fwhm_avg": 4.2244551593757285,
  "fwhm_x": 3.612175478127187,
  "fwhm_y": 4.89072,
  "fwhm_z": 4.17047,
  "icvs_csf": 0.213956208919577,
  "icvs_gm": 0.4467945981241784,
  "icvs_wm": 0.33924919295624467,
  "inu_med": 0.5499144792556763,
  "inu_range": 0.2242836058139801,
  "provenance": {
    "md5sum": "c0fe6efd85b757a5282406313e959e7e",
    "settings": {
      "testing": false
    },
    "software": "mriqc",
    "version": "23.0.1",
    "warnings": {
      "large_rot_frame": true,
      "small_air_mask": false
    },
    "webapi_port": null,
    "webapi_url": "https://mriqc.nimh.nih.gov/api/v1"
  },
  "qi_1": 0.0,
  "qi_2": 0.006450887385285763,
  "rpve_csf": 23.539452844383355,
  "rpve_gm": 11.94849512198999,
  "rpve_wm": 18.328017955208747,
  "size_x": 128,
  "size_y": 256,
  "size_z": 256,
  "snr_csf": 1.453300016277231,
  "snr_gm": 8.54250061288346,
  "snr_total": 12.366558659917622,
  "snr_wm": 27.103875350592176,
  "snrd_csf": 15.700697771755696,
  "snrd_gm": 58.36917984132549,
  "snrd_total": 56.61619273781591,
  "snrd_wm": 95.77870060036653,
  "spacing_x": 1.3300018310546875,
  "spacing_y": 1.0,
  "spacing_z": 1.0,
  "summary_bg_k": 6.609978424512226,
  "summary_bg_mad": 0.0,
  "summary_bg_mean": 4.724302879934019,
  "summary_bg_median": 0.0,
  "summary_bg_n": 1793758.0,
  "summary_bg_p05": 0.0,
  "summary_bg_p95": 18.228820944204926,
  "summary_bg_stdv": 6.840105145044365,
  "summary_csf_k": -0.23267343256764894,
  "summary_csf_mad": 114.2302753082722,
  "summary_csf_mean": 190.00463511038484,
  "summary_csf_median": 163.92681525461376,
  "summary_csf_n": 23965.0,
  "summary_csf_p05": 40.96955126635731,
  "summary_csf_p95": 394.78986101634797,
  "summary_csf_stdv": 112.79391264934183,
  "summary_gm_k": -0.08696916390379661,
  "summary_gm_mad": 74.10062596710975,
  "summary_gm_mean": 610.8587410089895,
  "summary_gm_median": 609.4171035904437,
  "summary_gm_n": 32651.0,
  "summary_gm_p05": 496.7077513039112,
  "summary_gm_p95": 726.8990926332772,
  "summary_gm_stdv": 71.33833509024322,
  "summary_wm_k": 0.4555985976398702,
  "summary_wm_mad": 35.084779138273454,
  "summary_wm_mean": 997.9752976873774,
  "summary_wm_median": 999.9999736882746,
  "summary_wm_n": 132850.0,
  "summary_wm_p05": 934.3541227485985,
  "summary_wm_p95": 1055.0841562505811,
  "summary_wm_stdv": 36.89495310552468,
  "tpm_overlap_csf": 0.1612291233790962,
  "tpm_overlap_gm": 0.5038459092393751,
  "tpm_overlap_wm": 0.5256582639470028,
  "wm2max": 0.8567047777693647
}