{
  "bids_meta": {
    "AcquisitionMatrixPE": 192,
    "AcquisitionNumber": 1,
    "AcquisitionTime": "10:27:57.070000",
    "BaseResolution": 256,
    "ConversionSoftware": "dcm2niix",
    "ConversionSoftwareVersion": "v1.0.20180622 GCC4.9.2",
    "DeviceSerialNumber": "35193",
    "DwellTime": 1.03e-05,
    "EchoTime": 0.00339,
    "FlipAngle": 7,
    "ImageOrientationPatientDICOM": [
      0,
      1,
      0,
      0,
      0,
      -1
    ],
    "ImageType": [
      "ORIGINAL",
      "PRIMARY",
      "M",
      "ND",
      "NORM"
    ],
    "InPlanePhaseEncodingDirectionDICOM": "ROW",
    "InstitutionAddress": "Xinjiekouwai_Street_No_19_Beijing_Haidian_District_CN_100875",
    "InstitutionName": "BNU_MRI_Center",
    "InstitutionalDepartmentName": "Department",
    "InversionTime": 1.1,
    "MRAcquisitionType": "3D",
    "MagneticFieldStrength": 3,
    "Manufacturer": "Siemens",
    "ManufacturersModelName": "TrioTim",
    "Modality": "MR",
    "PartialFourier": 1,
    "PatientPosition": "HFS",
    "PercentPhaseFOV": 100,
    "PhaseEncodingSteps": 192,
    "PhaseResolution": 0.75,
    "PixelBandwidth": 190,
    "ProcedureStepDescription": "BNU_cst_2015_Liu.Jia",
    "ProtocolName": "t1_mprage_sag",
    "PulseSequenceDetails": "%SiemensSeq%_tfl",
    "ReceiveCoilName": "HeadMatrix",
    "ReconMatrixPE": 256,
    "RepetitionTime": 2.53,
    "SAR": 0.0493738,
    "ScanOptions": "IR",
    "ScanningSequence": "GR_IR",
    "SequenceName": "_tfl3d1_ns",
    "SequenceVariant": "SP_MP",
    "SeriesDescription": "t1_mprage_sag",
    "SeriesNumber": 10,
    "ShimSetting": [
      -4489,
      -19276,
      -10209,
      636,
      -133,
      80,
      82,
      -26
    ],
    "SliceThickness": 1.33,
    "SoftwareVersions": "syngo_MR_B17",
    "StationName": "MRC35193",
    "TxRefAmp": 315.582,
    "dataset": "ds003696",
    "modality": "T1w",
    "session_id": "02",
    "subject_id": "110"
  },
  "cjv": 0.29723849174297134,
  "cnr": 4.45651087997658,
  "efc": 0.5521864099902735,
  "fber": 4822.574581290275,
  "fwhm_avg": 4.139768767787555,
  "fwhm_x": 3.6135063033626658,
  "fwhm_y": 4.75418,
  "fwhm_z": 4.05162,
  "icvs_csf": 0.25230006697161883,
  "icvs_gm": 0.41735436957860383,
  "icvs_wm": 0.33034556344977734,
  "inu_med": 0.5746335089206696,
  "inu_range": 0.21665499359369278,
  "provenance": {
    "md5sum": "43dd1ca1bfb86a93841680155e1841e6",
    "settings": {
      "testing": false
    },
    "software": "mriqc",
    "version": "23.0.1",
    "warnings": {
      "large_rot_frame": true,
      "small_air_mask": false
    },
    "webapi_port": null,
    "webapi_url": "https://mriqc.nimh.nih.gov/api/v1"
  },
  "qi_1": 0.0,
  "qi_2": 0.006130727230272285,
  "rpve_csf": 21.150267545442073,
  "rpve_gm": 12.481535782250507,
  "rpve_wm": 18.74810826738887,
  "size_x": 128,
  "size_y": 256,
  "size_z": 256,
  "snr_csf": 1.5467363651217108,
  "snr_gm": 8.225000485529943,
  "snr_total": 12.084574185382778,
  "snr_wm": 26.481985705496676,
  "snrd_csf": 19.048730943639853,
  "snrd_gm": 69.80553753327582,
  "snrd_total": 67.02446262476447,
  "snrd_wm": 112.21911939737775,
  "spacing_x": 1.3300018310546875,
  "spacing_y": 1.0,
  "spacing_z": 1.0,
  "summary_bg_k": 5.248899271725353,
  "summary_bg_mad": 5.837886519945237,
  "summary_bg_mean": 5.644947192397008,
  "summary_bg_median": 3.937594620510936,
  "summary_bg_n": 2107966.0,
  "summary_bg_p05": 0.0,
  "summary_bg_p95": 19.262287197634578,
  "summary_bg_stdv": 6.870106263511608,
  "summary_csf_k": -0.2272711783363066,
  "summary_csf_mad": 118.77732357337229,
  "summary_csf_mean": 186.1785844665095,
  "summary_csf_median": 169.74225458689034,
  "summary_csf_n": 38035.0,
  "summary_csf_p05": 34.79982272721827,
  "summary_csf_p95": 382.3681072354311,
  "summary_csf_stdv": 109.74075932027448,
  "summary_gm_k": -0.0995357444093754,
  "summary_gm_mad": 77.09165820662818,
  "summary_gm_mean": 622.7620044641733,
  "summary_gm_median": 622.0335285644978,
  "summary_gm_n": 25033.0,
  "summary_gm_p05": 500.96845720522106,
  "summary_gm_p95": 749.1731377869844,
  "summary_gm_stdv": 75.62566169621388,
  "summary_wm_k": 0.5092126520850342,
  "summary_wm_mad": 35.24821212312881,
  "summary_wm_mean": 998.1730883249057,
  "summary_wm_median": 999.9787592478096,
  "summary_wm_n": 132603.0,
  "summary_wm_p05": 932.6991019751877,
  "summary_wm_p95": 1057.2526693252846,
  "summary_wm_stdv": 37.76057429331966,
  "tpm_overlap_csf": 0.16000332344074375,
  "tpm_overlap_gm": 0.49416856978783436,
  "tpm_overlap_wm": 0.5215962417204428,
  "wm2max": 0.8556182844654889
}