{
  "aor": 0.0005198369565217392,
  "aqi": 0.007483021195652174,
  "bids_meta": {
    "AcquisitionMatrixPE": 64,
    "AcquisitionNumber": 1,
    "AcquisitionTime": "14:48:3.115000",
    "BandwidthPerPixelPhaseEncode": 33.967,
    "BaseResolution": 64,
    "ConversionSoftware": "dcm2niix",
    "ConversionSoftwareVersion": "v1.0.20180622 GCC4.9.2",
    "DerivedVendorReportedEchoSpacing": 0.000460005,
    "DeviceSerialNumber": "35193",
    "DwellTime": 3.1e-06,
    "EchoTime": 0.03,
    "EffectiveEchoSpacing": 0.000460005,
    "FlipAngle": 90,
    "ImageOrientationPatientDICOM": [
      1,
      0,
      0,
      0,
      1,
      0
    ],
    "ImageType": [
      "ORIGINAL",
      "PRIMARY",
      "M",
      "ND",
      "MOSAIC"
    ],
    "InPlanePhaseEncodingDirectionDICOM": "COL",
    "InstitutionAddress": "Xinjiekouwai_Street_No_19_Beijing_Haidian_District_CN_100875",
    "InstitutionName": "BNU_MRI_Center",
    "InstitutionalDepartmentName": "Department",
    "MRAcquisitionType": "2D",
    "MagneticFieldStrength": 3,
    "Manufacturer": "Siemens",
    "ManufacturersModelName": "TrioTim",
    "Modality": "MR",
    "PartialFourier": 1,
    "PatientPosition": "HFS",
    "PercentPhaseFOV": 100,
    "PhaseEncodingDirection": "j-",
    "PhaseEncodingSteps": 64,
    "PhaseResolution": 1,
    "PixelBandwidth": 2520,
    "ProcedureStepDescription": "BNU_cst_2011_Liu.Jia",
    "ProtocolName": "ge_func_pace_3x3x3.5_185",
    "PulseSequenceDetails": "%SiemensSeq%_ep2d_bold",
    "ReceiveCoilName": "HeadMatrix",
    "ReconMatrixPE": 64,
    "RepetitionTime": 2,
    "SAR": 0.121907,
    "ScanOptions": "FS",
    "ScanningSequence": "EP",
    "SequenceName": "_epfid2d1_64",
    "SequenceVariant": "SK",
    "SeriesDescription": "ge_func_pace_3x3x3.5_185",
    "SeriesNumber": 2,
    "ShimSetting": [
      -4512,
      -19333,
      -9842,
      901,
      -162,
      122,
      55,
      -1
    ],
    "SliceThickness": 3.5,
    "SliceTiming": [
      0,
      1.035,
      0.0625,
      1.095,
      0.1225,
      1.1575,
      0.1825,
      1.2175,
      0.245,
      1.2775,
      0.305,
      1.34,
      0.365,
      1.4,
      0.4275,
      1.46,
      0.4875,
      1.5225,
      0.5475,
      1.5825,
      0.61,
      1.6425,
      0.67,
      1.705,
      0.73,
      1.765,
      0.7925,
      1.825,
      0.8525,
      1.8875,
      0.9125,
      1.9475,
      0.975
    ],
    "SoftwareVersions": "syngo_MR_B17",
    "SpacingBetweenSlices": 4.2,
    "StationName": "MRC35193",
    "TotalReadoutTime": 0.0289803,
    "TxRefAmp": 316.685,
    "dataset": "ds003696",
    "modality": "bold",
    "run_id": 1,
    "session_id": "01",
    "subject_id": "107",
    "task_id": "affordance"
  },
  "dummy_trs": 1,
  "dvars_nstd": 26.75865225437159,
  "dvars_std": 1.2561248568306007,
  "dvars_vstd": 0.9615486080327866,
  "efc": 0.5218652615570337,
  "fber": 1069.5850830078125,
  "fd_mean": 0.07398434860613268,
  "fd_num": 0,
  "fd_perc": 0.0,
  "fwhm_avg": 2.0367973797179957,
  "fwhm_x": 2.0724192,
  "fwhm_y": 2.23208,
  "fwhm_z": 1.8058929391539864,
  "gcor": 0.0115924,
  "gsr_x": -0.0018935053376480937,
  "gsr_y": 0.021077174693346024,
  "provenance": {
    "md5sum": "7e127842776469af4b1f58b725ccc34f",
    "settings": {
      "fd_thres": 0.2,
      "testing": false
    },
    "software": "mriqc",
    "version": "23.0.1",
    "webapi_port": null,
    "webapi_url": "https://mriqc.nimh.nih.gov/api/v1"
  },
  "size_t": 184,
  "size_x": 64,
  "size_y": 64,
  "size_z": 33,
  "snr": 5.475926107833948,
  "spacing_tr": 2.0,
  "spacing_x": 3.125,
  "spacing_y": 3.125,
  "spacing_z": 4.199999809265137,
  "summary_bg_k": 35.38836322569606,
  "summary_bg_mad": 12.316074427120887,
  "summary_bg_mean": 51.61087417602539,
  "summary_bg_median": 28.682065963745117,
  "summary_bg_n": 81226.0,
  "summary_bg_p05": 19.146739959716797,
  "summary_bg_p95": 154.3682098388672,
  "summary_bg_stdv": 70.74376678466797,
  "summary_fg_k": 2.035543302063136,
  "summary_fg_mad": 150.21020935096163,
  "summary_fg_mean": 975.219970703125,
  "summary_fg_median": 960.4619750976562,
  "summary_fg_n": 23333.0,
  "summary_fg_p05": 721.5,
  "summary_fg_p95": 1273.631567382812,
  "summary_fg_stdv": 175.39341735839844,
  "tsnr": 66.71587113384157
}