{
  "aor": 0.0037675757575757573,
  "aqi": 0.008268855555555555,
  "bids_meta": {
    "AcquisitionMatrixPE": 64,
    "AcquisitionNumber": 1,
    "AcquisitionTime": "15:21:22.450000",
    "BandwidthPerPixelPhaseEncode": 33.967,
    "BaseResolution": 64,
    "ConversionSoftware": "dcm2niix",
    "ConversionSoftwareVersion": "v1.0.20180622 GCC4.9.2",
    "DerivedVendorReportedEchoSpacing": 0.000460005,
    "DeviceSerialNumber": "35193",
    "DwellTime": 3.1e-06,
    "EchoTime": 0.03,
    "EffectiveEchoSpacing": 0.000460005,
    "FlipAngle": 90,
    "ImageOrientationPatientDICOM": [
      1,
      0,
      0,
      0,
      1,
      0
    ],
    "ImageType": [
      "ORIGINAL",
      "PRIMARY",
      "M",
      "ND",
      "MOSAIC"
    ],
    "InPlanePhaseEncodingDirectionDICOM": "COL",
    "InstitutionAddress": "Xinjiekouwai_Street_No_19_Beijing_Haidian_District_CN_100875",
    "InstitutionName": "BNU_MRI_Center",
    "InstitutionalDepartmentName": "Department",
    "MRAcquisitionType": "2D",
    "MagneticFieldStrength": 3,
    "Manufacturer": "Siemens",
    "ManufacturersModelName": "TrioTim",
    "Modality": "MR",
    "PartialFourier": 1,
    "PatientPosition": "HFS",
    "PercentPhaseFOV": 100,
    "PhaseEncodingDirection": "j-",
    "PhaseEncodingSteps": 64,
    "PhaseResolution": 1,
    "PixelBandwidth": 2520,
    "ProcedureStepDescription": "BNU_cst_2011_Liu.Jia",
    "ProtocolName": "ge_func_pace_3x3x3.5_99",
    "PulseSequenceDetails": "%SiemensSeq%_ep2d_bold",
    "ReceiveCoilName": "HeadMatrix",
    "ReconMatrixPE": 64,
    "RepetitionTime": 2,
    "SAR": 0.121494,
    "ScanOptions": "FS",
    "ScanningSequence": "EP",
    "SequenceName": "_epfid2d1_64",
    "SequenceVariant": "SK",
    "SeriesDescription": "ge_func_pace_3x3x3.5_99",
    "SeriesNumber": 12,
    "ShimSetting": [
      -4512,
      -19333,
      -9842,
      901,
      -162,
      122,
      55,
      -1
    ],
    "SliceThickness": 3.5,
    "SliceTiming": [
      0,
      1.035,
      0.0625,
      1.095,
      0.1225,
      1.1575,
      0.1825,
      1.2175,
      0.245,
      1.2775,
      0.305,
      1.34,
      0.365,
      1.4,
      0.4275,
      1.46,
      0.4875,
      1.5225,
      0.5475,
      1.5825,
      0.61,
      1.6425,
      0.67,
      1.705,
      0.73,
      1.765,
      0.7925,
      1.825,
      0.8525,
      1.8875,
      0.9125,
      1.9475,
      0.975
    ],
    "SoftwareVersions": "syngo_MR_B17",
    "SpacingBetweenSlices": 4.2,
    "StationName": "MRC35193",
    "TotalReadoutTime": 0.0289803,
    "TxRefAmp": 316.685,
    "dataset": "ds003696",
    "modality": "bold",
    "run_id": 2,
    "session_id": "01",
    "subject_id": "107",
    "task_id": "localizer"
  },
  "dummy_trs": 0,
  "dvars_nstd": 25.625761129693878,
  "dvars_std": 1.2193726023469385,
  "dvars_vstd": 1.025061297244898,
  "efc": 0.524445196559536,
  "fber": 1022.3506469726562,
  "fd_mean": 0.19332881483572553,
  "fd_num": 29,
  "fd_perc": 29.292929292929294,
  "fwhm_avg": 2.0461529863464563,
  "fwhm_x": 2.0642527999999998,
  "fwhm_y": 2.2498656,
  "fwhm_z": 1.8243405590393684,
  "gcor": 0.0253195,
  "gsr_x": -0.0017007177229970694,
  "gsr_y": 0.022669289261102676,
  "provenance": {
    "md5sum": "8aed3fb7c29355306a18f9e621b27007",
    "settings": {
      "fd_thres": 0.2,
      "testing": false
    },
    "software": "mriqc",
    "version": "23.0.1",
    "webapi_port": null,
    "webapi_url": "https://mriqc.nimh.nih.gov/api/v1"
  },
  "size_t": 99,
  "size_x": 64,
  "size_y": 64,
  "size_z": 33,
  "snr": 5.470410533487923,
  "spacing_tr": 2.0,
  "spacing_x": 3.125,
  "spacing_y": 3.125,
  "spacing_z": 4.199999809265137,
  "summary_bg_k": 39.07604943800145,
  "summary_bg_mad": 13.223612898314206,
  "summary_bg_mean": 54.13525390625,
  "summary_bg_median": 29.565656661987305,
  "summary_bg_n": 81248.0,
  "summary_bg_p05": 19.191919326782227,
  "summary_bg_p95": 166.8434295654291,
  "summary_bg_stdv": 76.39611053466797,
  "summary_fg_k": 2.110871425072818,
  "summary_fg_mad": 150.67135076365113,
  "summary_fg_mean": 983.0514526367188,
  "summary_fg_median": 966.7373657226562,
  "summary_fg_n": 23465.0,
  "summary_fg_p05": 729.9697265625,
  "summary_fg_p95": 1289.0828613281249,
  "summary_fg_stdv": 176.7174072265625,
  "tsnr": 61.79959568660706
}