{
  "bids_meta": {
    "AcquisitionMatrixPE": 192,
    "AcquisitionNumber": 1,
    "AcquisitionTime": "11:25:53.647500",
    "BaseResolution": 256,
    "ConversionSoftware": "dcm2niix",
    "ConversionSoftwareVersion": "v1.0.20180622 GCC4.9.2",
    "DeviceSerialNumber": "35193",
    "DwellTime": 1.03e-05,
    "EchoTime": 0.00339,
    "FlipAngle": 7,
    "ImageOrientationPatientDICOM": [
      0,
      1,
      0,
      0,
      0,
      -1
    ],
    "ImageType": [
      "ORIGINAL",
      "PRIMARY",
      "M",
      "ND",
      "NORM"
    ],
    "InPlanePhaseEncodingDirectionDICOM": "ROW",
    "InstitutionAddress": "Xinjiekouwai_Street_No_19_Beijing_Haidian_District_CN_100875",
    "InstitutionName": "BNU_MRI_Center",
    "InstitutionalDepartmentName": "Department",
    "InversionTime": 1.1,
    "MRAcquisitionType": "3D",
    "MagneticFieldStrength": 3,
    "Manufacturer": "Siemens",
    "ManufacturersModelName": "TrioTim",
    "Modality": "MR",
    "PartialFourier": 1,
    "PatientPosition": "HFS",
    "PercentPhaseFOV": 100,
    "PhaseEncodingSteps": 192,
    "PhaseResolution": 0.75,
    "PixelBandwidth": 190,
    "ProcedureStepDescription": "BNU_cst_2015_Liu.Jia",
    "ProtocolName": "t1_mprage_sag",
    "PulseSequenceDetails": "%SiemensSeq%_tfl",
    "ReceiveCoilName": "HeadMatrix",
    "ReconMatrixPE": 256,
    "RepetitionTime": 2.53,
    "SAR": 0.055704,
    "ScanOptions": "IR",
    "ScanningSequence": "GR_IR",
    "SequenceName": "_tfl3d1_ns",
    "SequenceVariant": "SP_MP",
    "SeriesDescription": "t1_mprage_sag",
    "SeriesNumber": 10,
    "ShimSetting": [
      -4489,
      -19276,
      -10209,
      636,
      -133,
      80,
      82,
      -26
    ],
    "SliceThickness": 1.33,
    "SoftwareVersions": "syngo_MR_B17",
    "StationName": "MRC35193",
    "TxRefAmp": 319.73,
    "dataset": "ds003696",
    "modality": "T1w",
    "session_id": "02",
    "subject_id": "111"
  },
  "cjv": 0.27702629031445875,
  "cnr": 4.754748254566343,
  "efc": 0.5435681994916383,
  "fber": 19580.12338503554,
  "fwhm_avg": 4.062967138426473,
  "fwhm_x": 3.559521415279419,
  "fwhm_y": 4.65128,
  "fwhm_z": 3.9781,
  "icvs_csf": 0.23467755456088624,
  "icvs_gm": 0.43513486725460326,
  "icvs_wm": 0.3301875781845105,
  "inu_med": 0.5363714694976807,
  "inu_range": 0.20816709995269772,
  "provenance": {
    "md5sum": "dedf5105c3e6708ddbf2528be4671277",
    "settings": {
      "testing": false
    },
    "software": "mriqc",
    "version": "23.0.1",
    "warnings": {
      "large_rot_frame": true,
      "small_air_mask": false
    },
    "webapi_port": null,
    "webapi_url": "https://mriqc.nimh.nih.gov/api/v1"
  },
  "qi_1": 0.0,
  "qi_2": 0.00550219930933984,
  "rpve_csf": 20.621944811415457,
  "rpve_gm": 11.277287214801973,
  "rpve_wm": 17.367993411450733,
  "size_x": 128,
  "size_y": 256,
  "size_z": 256,
  "snr_csf": 1.4016496551589086,
  "snr_gm": 7.855652269514847,
  "snr_total": 11.779726316726737,
  "snr_wm": 26.081877025506454,
  "snrd_csf": 17.53018619298226,
  "snrd_gm": 64.45013070673781,
  "snrd_total": 63.41998454410773,
  "snrd_wm": 108.2796367326031,
  "spacing_x": 1.3300018310546875,
  "spacing_y": 1.0,
  "spacing_z": 1.0,
  "summary_bg_k": 7.104860000429188,
  "summary_bg_mad": 0.0,
  "summary_bg_mean": 3.6856382844763824,
  "summary_bg_median": 0.0,
  "summary_bg_n": 2139314.0,
  "summary_bg_p05": 0.0,
  "summary_bg_p95": 16.39728751219809,
  "summary_bg_stdv": 6.050282783034402,
  "summary_csf_k": -0.3790600733042,
  "summary_csf_mad": 123.33942765955142,
  "summary_csf_mean": 186.43682420454635,
  "summary_csf_median": 161.89389523584396,
  "summary_csf_n": 32242.0,
  "summary_csf_p05": 33.45665015736595,
  "summary_csf_p95": 395.047757963743,
  "summary_csf_stdv": 115.50060602866195,
  "summary_gm_k": -0.06739220518094813,
  "summary_gm_mad": 76.66233809417204,
  "summary_gm_mean": 598.2085241994206,
  "summary_gm_median": 595.2066106833518,
  "summary_gm_n": 28429.0,
  "summary_gm_p05": 477.07790740951896,
  "summary_gm_p95": 724.3933546643703,
  "summary_gm_stdv": 75.7666100625262,
  "summary_wm_k": 0.5863348075268648,
  "summary_wm_mad": 35.47016220274681,
  "summary_wm_mean": 997.1565130074099,
  "summary_wm_median": 999.978663796559,
  "summary_wm_n": 141602.0,
  "summary_wm_p05": 928.7389530315995,
  "summary_wm_p95": 1055.8232619687915,
  "summary_wm_stdv": 38.339845397790086,
  "tpm_overlap_csf": 0.15526617709936516,
  "tpm_overlap_gm": 0.4925437215086303,
  "tpm_overlap_wm": 0.5092648981416277,
  "wm2max": 0.8679004349033034
}