{
  "aor": 0.002840606060606061,
  "aqi": 0.005741006363636364,
  "bids_meta": {
    "AcquisitionMatrixPE": 64,
    "AcquisitionNumber": 1,
    "AcquisitionTime": "12:02:55.310000",
    "BandwidthPerPixelPhaseEncode": 33.967,
    "BaseResolution": 64,
    "ConversionSoftware": "dcm2niix",
    "ConversionSoftwareVersion": "v1.0.20180622 GCC4.9.2",
    "DerivedVendorReportedEchoSpacing": 0.000460005,
    "DeviceSerialNumber": "35193",
    "DwellTime": 3.1e-06,
    "EchoTime": 0.03,
    "EffectiveEchoSpacing": 0.000460005,
    "FlipAngle": 90,
    "ImageOrientationPatientDICOM": [
      0.999657,
      0.0157073,
      -0.0209398,
      -0.0157039,
      0.999877,
      0.000328949
    ],
    "ImageType": [
      "ORIGINAL",
      "PRIMARY",
      "M",
      "ND",
      "MOSAIC"
    ],
    "InPlanePhaseEncodingDirectionDICOM": "COL",
    "InstitutionAddress": "Xinjiekouwai_Street_No_19_Beijing_Haidian_District_CN_100875",
    "InstitutionName": "Beijing_Normal_Universtiy_7C3C54",
    "InstitutionalDepartmentName": "Department",
    "MRAcquisitionType": "2D",
    "MagneticFieldStrength": 3,
    "Manufacturer": "Siemens",
    "ManufacturersModelName": "TrioTim",
    "Modality": "MR",
    "PartialFourier": 1,
    "PatientPosition": "HFS",
    "PercentPhaseFOV": 100,
    "PhaseEncodingDirection": "j-",
    "PhaseEncodingSteps": 64,
    "PhaseResolution": 1,
    "PixelBandwidth": 2520,
    "ProcedureStepDescription": "BNU_cst_2015_Liu.Jia",
    "ProtocolName": "ge_func_pace_3x3x3.5_99",
    "PulseSequenceDetails": "%SiemensSeq%_ep2d_bold",
    "ReceiveCoilName": "HeadMatrix",
    "ReconMatrixPE": 64,
    "RepetitionTime": 2,
    "SAR": 0.125097,
    "ScanOptions": "FS",
    "ScanningSequence": "EP",
    "SequenceName": "_epfid2d1_64",
    "SequenceVariant": "SK",
    "SeriesDescription": "ge_func_pace_3x3x3.5_99",
    "SeriesNumber": 10,
    "ShimSetting": [
      -4494,
      -19446,
      -9828,
      1103,
      89,
      -542,
      24,
      -53
    ],
    "SliceThickness": 3.5,
    "SliceTiming": [
      0,
      1.035,
      0.0625,
      1.095,
      0.1225,
      1.1575,
      0.1825,
      1.2175,
      0.245,
      1.2775,
      0.305,
      1.34,
      0.365,
      1.4,
      0.4275,
      1.46,
      0.4875,
      1.5225,
      0.5475,
      1.5825,
      0.61,
      1.6425,
      0.67,
      1.705,
      0.73,
      1.765,
      0.7925,
      1.825,
      0.8525,
      1.8875,
      0.9125,
      1.9475,
      0.975
    ],
    "SoftwareVersions": "syngo_MR_B17",
    "SpacingBetweenSlices": 4.2,
    "StationName": "MRC35193",
    "TotalReadoutTime": 0.0289803,
    "TxRefAmp": 316.498,
    "dataset": "ds003696",
    "modality": "bold",
    "run_id": 1,
    "session_id": "01",
    "subject_id": "111",
    "task_id": "localizer"
  },
  "dummy_trs": 0,
  "dvars_nstd": 17.437868118061225,
  "dvars_std": 1.0692019903061225,
  "dvars_vstd": 0.9888637807142855,
  "efc": 0.5258706247003521,
  "fber": 1269.8253173828125,
  "fd_mean": 0.0726940060477568,
  "fd_num": 3,
  "fd_perc": 3.0303030303030303,
  "fwhm_avg": 2.1057623018281557,
  "fwhm_x": 2.0763488,
  "fwhm_y": 2.3375904,
  "fwhm_z": 1.9033477054844679,
  "gcor": 0.0112022,
  "gsr_x": -0.014018366113305092,
  "gsr_y": 0.028925351798534393,
  "provenance": {
    "md5sum": "a9b27b1e8a773473fcb2a78e2591777e",
    "settings": {
      "fd_thres": 0.2,
      "testing": false
    },
    "software": "mriqc",
    "version": "23.0.1",
    "webapi_port": null,
    "webapi_url": "https://mriqc.nimh.nih.gov/api/v1"
  },
  "size_t": 99,
  "size_x": 64,
  "size_y": 64,
  "size_z": 33,
  "snr": 5.821547027790892,
  "spacing_tr": 2.0,
  "spacing_x": 3.125,
  "spacing_y": 3.125,
  "spacing_z": 4.199999809265137,
  "summary_bg_k": 28.706586030800185,
  "summary_bg_mad": 11.082076046268412,
  "summary_bg_mean": 48.84884262084961,
  "summary_bg_median": 27.53535270690918,
  "summary_bg_n": 79112.0,
  "summary_bg_p05": 18.33333396911621,
  "summary_bg_p95": 148.84191436767568,
  "summary_bg_stdv": 61.56804275512695,
  "summary_fg_k": 1.3023055098262937,
  "summary_fg_mad": 152.61817108402036,
  "summary_fg_mean": 1012.4138793945312,
  "summary_fg_median": 1003.48486328125,
  "summary_fg_n": 24825.0,
  "summary_fg_p05": 739.054541015625,
  "summary_fg_p95": 1305.6525634765626,
  "summary_fg_stdv": 172.37078857421875,
  "tsnr": 72.6981707084924
}