{
  "aor": 0.002430416666666667,
  "aqi": 0.0046317731249999996,
  "bids_meta": {
    "AcquisitionMatrixPE": 64,
    "AcquisitionNumber": 1,
    "AcquisitionTime": "12:11:25.785000",
    "BandwidthPerPixelPhaseEncode": 33.967,
    "BaseResolution": 64,
    "ConversionSoftware": "dcm2niix",
    "ConversionSoftwareVersion": "v1.0.20180622 GCC4.9.2",
    "DerivedVendorReportedEchoSpacing": 0.000460005,
    "DeviceSerialNumber": "35193",
    "DwellTime": 3.1e-06,
    "EchoTime": 0.03,
    "EffectiveEchoSpacing": 0.000460005,
    "FlipAngle": 90,
    "ImageOrientationPatientDICOM": [
      0.999657,
      0.0157073,
      -0.0209398,
      -0.0157039,
      0.999877,
      0.000328949
    ],
    "ImageType": [
      "ORIGINAL",
      "PRIMARY",
      "M",
      "ND",
      "MOSAIC"
    ],
    "InPlanePhaseEncodingDirectionDICOM": "COL",
    "InstitutionAddress": "Xinjiekouwai_Street_No_19_Beijing_Haidian_District_CN_100875",
    "InstitutionName": "Beijing_Normal_Universtiy_7C3C54",
    "InstitutionalDepartmentName": "Department",
    "MRAcquisitionType": "2D",
    "MagneticFieldStrength": 3,
    "Manufacturer": "Siemens",
    "ManufacturersModelName": "TrioTim",
    "Modality": "MR",
    "PartialFourier": 1,
    "PatientPosition": "HFS",
    "PercentPhaseFOV": 100,
    "PhaseEncodingDirection": "j-",
    "PhaseEncodingSteps": 64,
    "PhaseResolution": 1,
    "PixelBandwidth": 2520,
    "ProcedureStepDescription": "BNU_cst_2015_Liu.Jia",
    "ProtocolName": "ge_func_pace_3x3x3.5_99",
    "PulseSequenceDetails": "%SiemensSeq%_ep2d_bold",
    "ReceiveCoilName": "HeadMatrix",
    "ReconMatrixPE": 64,
    "RepetitionTime": 2,
    "SAR": 0.125097,
    "ScanOptions": "FS",
    "ScanningSequence": "EP",
    "SequenceName": "_epfid2d1_64",
    "SequenceVariant": "SK",
    "SeriesDescription": "ge_func_pace_3x3x3.5_99",
    "SeriesNumber": 14,
    "ShimSetting": [
      -4494,
      -19446,
      -9828,
      1103,
      89,
      -542,
      24,
      -53
    ],
    "SliceThickness": 3.5,
    "SliceTiming": [
      0,
      1.0325,
      0.06,
      1.095,
      0.12,
      1.155,
      0.1825,
      1.215,
      0.2425,
      1.2775,
      0.3025,
      1.3375,
      0.365,
      1.3975,
      0.425,
      1.46,
      0.485,
      1.52,
      0.5475,
      1.58,
      0.6075,
      1.6425,
      0.6675,
      1.7025,
      0.73,
      1.7625,
      0.79,
      1.825,
      0.85,
      1.885,
      0.9125,
      1.945,
      0.9725
    ],
    "SoftwareVersions": "syngo_MR_B17",
    "SpacingBetweenSlices": 4.2,
    "StationName": "MRC35193",
    "TotalReadoutTime": 0.0289803,
    "TxRefAmp": 316.498,
    "dataset": "ds003696",
    "modality": "bold",
    "run_id": 3,
    "session_id": "01",
    "subject_id": "111",
    "task_id": "localizer"
  },
  "dummy_trs": 3,
  "dvars_nstd": 19.85056124252631,
  "dvars_std": 1.1272150666315788,
  "dvars_vstd": 1.0005440855789471,
  "efc": 0.52591441052534,
  "fber": 1274.9298095703125,
  "fd_mean": 0.10915258320882396,
  "fd_num": 12,
  "fd_perc": 12.5,
  "fwhm_avg": 2.09302241588767,
  "fwhm_x": 2.066064,
  "fwhm_y": 2.3245984,
  "fwhm_z": 1.8884048476630098,
  "gcor": 0.01765,
  "gsr_x": -0.014697079546749592,
  "gsr_y": 0.029317772015929222,
  "provenance": {
    "md5sum": "965788be40e3aa25678aa453b4c0c6c9",
    "settings": {
      "fd_thres": 0.2,
      "testing": false
    },
    "software": "mriqc",
    "version": "23.0.1",
    "webapi_port": null,
    "webapi_url": "https://mriqc.nimh.nih.gov/api/v1"
  },
  "size_t": 96,
  "size_x": 64,
  "size_y": 64,
  "size_z": 33,
  "snr": 5.822403233609272,
  "spacing_tr": 2.0,
  "spacing_x": 3.125,
  "spacing_y": 3.125,
  "spacing_z": 4.199999809265137,
  "summary_bg_k": 28.31224952145429,
  "summary_bg_mad": 10.609872126180713,
  "summary_bg_mean": 49.20399475097656,
  "summary_bg_median": 27.48958396911621,
  "summary_bg_n": 79220.0,
  "summary_bg_p05": 19.25,
  "summary_bg_p95": 150.4723960876467,
  "summary_bg_stdv": 62.41790008544922,
  "summary_fg_k": 1.2914026972633286,
  "summary_fg_mad": 152.2910466321223,
  "summary_fg_mean": 1013.998291015625,
  "summary_fg_median": 1006.2916870117188,
  "summary_fg_n": 24791.0,
  "summary_fg_p05": 739.28125,
  "summary_fg_p95": 1308.682373046875,
  "summary_fg_stdv": 172.82749938964844,
  "tsnr": 75.90911147347651
}