{
  "aor": 0.0005805945945945946,
  "aqi": 0.004189097351351351,
  "bids_meta": {
    "AcquisitionMatrixPE": 64,
    "AcquisitionNumber": 1,
    "AcquisitionTime": "12:12:24.970000",
    "BandwidthPerPixelPhaseEncode": 33.967,
    "BaseResolution": 64,
    "ConversionSoftware": "dcm2niix",
    "ConversionSoftwareVersion": "v1.0.20180622 GCC4.9.2",
    "DerivedVendorReportedEchoSpacing": 0.000460005,
    "DeviceSerialNumber": "35193",
    "DwellTime": 3.1e-06,
    "EchoTime": 0.03,
    "EffectiveEchoSpacing": 0.000460005,
    "FlipAngle": 90,
    "ImageOrientationPatientDICOM": [
      1,
      0,
      0,
      0,
      1,
      0
    ],
    "ImageType": [
      "ORIGINAL",
      "PRIMARY",
      "M",
      "ND",
      "MOSAIC"
    ],
    "InPlanePhaseEncodingDirectionDICOM": "COL",
    "InstitutionAddress": "Xinjiekouwai_Street_No_19_Beijing_Haidian_District_CN_100875",
    "InstitutionName": "Beijing_Normal_Universtiy_0C7E54",
    "InstitutionalDepartmentName": "Department",
    "MRAcquisitionType": "2D",
    "MagneticFieldStrength": 3,
    "Manufacturer": "Siemens",
    "ManufacturersModelName": "TrioTim",
    "Modality": "MR",
    "PartialFourier": 1,
    "PatientPosition": "HFS",
    "PercentPhaseFOV": 100,
    "PhaseEncodingDirection": "j-",
    "PhaseEncodingSteps": 64,
    "PhaseResolution": 1,
    "PixelBandwidth": 2520,
    "ProcedureStepDescription": "BNU_cst_2019_Xu.Shan",
    "ProtocolName": "ge_func_pace_3x3x3.5_185",
    "PulseSequenceDetails": "%SiemensSeq%_ep2d_bold",
    "ReceiveCoilName": "HeadMatrix",
    "ReconMatrixPE": 64,
    "RepetitionTime": 2,
    "SAR": 0.149809,
    "ScanOptions": "FS",
    "ScanningSequence": "EP",
    "SequenceName": "_epfid2d1_64",
    "SequenceVariant": "SK",
    "SeriesDescription": "ge_func_pace_3x3x3.5_185",
    "SeriesNumber": 2,
    "ShimSetting": [
      -4520,
      -19420,
      -9787,
      1112,
      -163,
      -617,
      18,
      40
    ],
    "SliceThickness": 3.5,
    "SliceTiming": [
      0,
      1.0325,
      0.06,
      1.095,
      0.12,
      1.155,
      0.1825,
      1.215,
      0.2425,
      1.2775,
      0.3025,
      1.3375,
      0.365,
      1.3975,
      0.425,
      1.46,
      0.485,
      1.52,
      0.5475,
      1.58,
      0.6075,
      1.6425,
      0.6675,
      1.7025,
      0.73,
      1.7625,
      0.79,
      1.825,
      0.85,
      1.885,
      0.9125,
      1.945,
      0.9725
    ],
    "SoftwareVersions": "syngo_MR_B17",
    "SpacingBetweenSlices": 4.2,
    "StationName": "MRC35193",
    "TotalReadoutTime": 0.0289803,
    "TxRefAmp": 349.176,
    "dataset": "ds003696",
    "modality": "bold",
    "run_id": 5,
    "session_id": "02",
    "subject_id": "139",
    "task_id": "affordance"
  },
  "dummy_trs": 0,
  "dvars_nstd": 24.07565260983694,
  "dvars_std": 1.1134537205978257,
  "dvars_vstd": 1.002864436413044,
  "efc": 0.5488709419747301,
  "fber": 731.6712036132812,
  "fd_mean": 0.20061537232200266,
  "fd_num": 101,
  "fd_perc": 54.5945945945946,
  "fwhm_avg": 1.9413881031063671,
  "fwhm_x": 1.9078624,
  "fwhm_y": 2.1382304,
  "fwhm_z": 1.7780715093191015,
  "gcor": 0.0381303,
  "gsr_x": 0.0020833536982536316,
  "gsr_y": 0.02912636660039425,
  "provenance": {
    "md5sum": "c775423d1588b0ed363d902030a2a0e3",
    "settings": {
      "fd_thres": 0.2,
      "testing": false
    },
    "software": "mriqc",
    "version": "23.0.1",
    "webapi_port": null,
    "webapi_url": "https://mriqc.nimh.nih.gov/api/v1"
  },
  "size_t": 185,
  "size_x": 64,
  "size_y": 64,
  "size_z": 33,
  "snr": 5.55004453155377,
  "spacing_tr": 2.0,
  "spacing_x": 3.125,
  "spacing_y": 3.125,
  "spacing_z": 4.199999809265137,
  "summary_bg_k": 22.382847036916687,
  "summary_bg_mad": 13.848308053434778,
  "summary_bg_mean": 57.84525680541992,
  "summary_bg_median": 30.227027893066406,
  "summary_bg_n": 79985.0,
  "summary_bg_p05": 19.951351165771484,
  "summary_bg_p95": 187.18594970703128,
  "summary_bg_stdv": 74.6275634765625,
  "summary_fg_k": 0.8627284803063624,
  "summary_fg_mad": 136.8361582289569,
  "summary_fg_mean": 840.4013061523438,
  "summary_fg_median": 834.1216430664062,
  "summary_fg_n": 24284.0,
  "summary_fg_p05": 594.1132598876953,
  "summary_fg_p95": 1088.6253967285152,
  "summary_fg_stdv": 150.2878875732422,
  "tsnr": 68.36633194796741
}