{
  "aor": 0.0005151891891891893,
  "aqi": 0.00506085827027027,
  "bids_meta": {
    "AcquisitionMatrixPE": 64,
    "AcquisitionNumber": 1,
    "AcquisitionTime": "12:32:53.145000",
    "BandwidthPerPixelPhaseEncode": 33.967,
    "BaseResolution": 64,
    "ConversionSoftware": "dcm2niix",
    "ConversionSoftwareVersion": "v1.0.20180622 GCC4.9.2",
    "DerivedVendorReportedEchoSpacing": 0.000460005,
    "DeviceSerialNumber": "35193",
    "DwellTime": 3.1e-06,
    "EchoTime": 0.03,
    "EffectiveEchoSpacing": 0.000460005,
    "FlipAngle": 90,
    "ImageOrientationPatientDICOM": [
      1,
      0,
      0,
      0,
      1,
      0
    ],
    "ImageType": [
      "ORIGINAL",
      "PRIMARY",
      "M",
      "ND",
      "MOSAIC"
    ],
    "InPlanePhaseEncodingDirectionDICOM": "COL",
    "InstitutionAddress": "Xinjiekouwai_Street_No_19_Beijing_Haidian_District_CN_100875",
    "InstitutionName": "Beijing_Normal_Universtiy_0C7E54",
    "InstitutionalDepartmentName": "Department",
    "MRAcquisitionType": "2D",
    "MagneticFieldStrength": 3,
    "Manufacturer": "Siemens",
    "ManufacturersModelName": "TrioTim",
    "Modality": "MR",
    "PartialFourier": 1,
    "PatientPosition": "HFS",
    "PercentPhaseFOV": 100,
    "PhaseEncodingDirection": "j-",
    "PhaseEncodingSteps": 64,
    "PhaseResolution": 1,
    "PixelBandwidth": 2520,
    "ProcedureStepDescription": "BNU_cst_2019_Xu.Shan",
    "ProtocolName": "ge_func_pace_3x3x3.5_185",
    "PulseSequenceDetails": "%SiemensSeq%_ep2d_bold",
    "ReceiveCoilName": "HeadMatrix",
    "ReconMatrixPE": 64,
    "RepetitionTime": 2,
    "SAR": 0.149809,
    "ScanOptions": "FS",
    "ScanningSequence": "EP",
    "SequenceName": "_epfid2d1_64",
    "SequenceVariant": "SK",
    "SeriesDescription": "ge_func_pace_3x3x3.5_185",
    "SeriesNumber": 8,
    "ShimSetting": [
      -4520,
      -19420,
      -9787,
      1112,
      -163,
      -617,
      18,
      40
    ],
    "SliceThickness": 3.5,
    "SliceTiming": [
      0,
      1.0325,
      0.06,
      1.095,
      0.12,
      1.155,
      0.1825,
      1.215,
      0.2425,
      1.2775,
      0.3025,
      1.3375,
      0.365,
      1.3975,
      0.425,
      1.46,
      0.485,
      1.52,
      0.5475,
      1.58,
      0.6075,
      1.6425,
      0.6675,
      1.7025,
      0.73,
      1.7625,
      0.79,
      1.825,
      0.85,
      1.885,
      0.9125,
      1.945,
      0.9725
    ],
    "SoftwareVersions": "syngo_MR_B17",
    "SpacingBetweenSlices": 4.2,
    "StationName": "MRC35193",
    "TotalReadoutTime": 0.0289803,
    "TxRefAmp": 349.176,
    "dataset": "ds003696",
    "modality": "bold",
    "run_id": 8,
    "session_id": "02",
    "subject_id": "139",
    "task_id": "affordance"
  },
  "dummy_trs": 0,
  "dvars_nstd": 23.682643620815224,
  "dvars_std": 1.1134199087499996,
  "dvars_vstd": 0.9927365121195652,
  "efc": 0.5513242409519461,
  "fber": 707.5894775390625,
  "fd_mean": 0.1804001160158263,
  "fd_num": 67,
  "fd_perc": 36.21621621621622,
  "fwhm_avg": 1.9396494867849874,
  "fwhm_x": 1.9223232,
  "fwhm_y": 2.1481728,
  "fwhm_z": 1.748452460354962,
  "gcor": 0.0482452,
  "gsr_x": 0.002667573280632496,
  "gsr_y": 0.02825739048421383,
  "provenance": {
    "md5sum": "5aab2dc2ada01e9904c0f9a73e4c4827",
    "settings": {
      "fd_thres": 0.2,
      "testing": false
    },
    "software": "mriqc",
    "version": "23.0.1",
    "webapi_port": null,
    "webapi_url": "https://mriqc.nimh.nih.gov/api/v1"
  },
  "size_t": 185,
  "size_x": 64,
  "size_y": 64,
  "size_z": 33,
  "snr": 5.55298174689429,
  "spacing_tr": 2.0,
  "spacing_x": 3.125,
  "spacing_y": 3.125,
  "spacing_z": 4.199999809265137,
  "summary_bg_k": 21.30249861689815,
  "summary_bg_mad": 14.850064474907656,
  "summary_bg_mean": 60.26847457885742,
  "summary_bg_median": 31.108108520507812,
  "summary_bg_n": 80039.0,
  "summary_bg_p05": 19.827028274536133,
  "summary_bg_p95": 200.31946716308542,
  "summary_bg_stdv": 77.84027099609375,
  "summary_fg_k": 0.9187126765415763,
  "summary_fg_mad": 138.114386844527,
  "summary_fg_mean": 846.5814208984375,
  "summary_fg_median": 840.0540771484375,
  "summary_fg_n": 24269.0,
  "summary_fg_p05": 600.9967895507813,
  "summary_fg_p95": 1095.7697265625,
  "summary_fg_stdv": 151.27670288085938,
  "tsnr": 64.78193984227255
}