{
  "aor": 0.0005824456521739131,
  "aqi": 0.003934834076086957,
  "bids_meta": {
    "AcquisitionMatrixPE": 64,
    "AcquisitionNumber": 1,
    "AcquisitionTime": "10:28:26.990000",
    "BandwidthPerPixelPhaseEncode": 33.967,
    "BaseResolution": 64,
    "ConversionSoftware": "dcm2niix",
    "ConversionSoftwareVersion": "v1.0.20180622 GCC4.9.2",
    "DerivedVendorReportedEchoSpacing": 0.000460005,
    "DeviceSerialNumber": "35193",
    "DwellTime": 3.1e-06,
    "EchoTime": 0.03,
    "EffectiveEchoSpacing": 0.000460005,
    "FlipAngle": 90,
    "ImageOrientationPatientDICOM": [
      0.996637,
      0,
      0.0819385,
      0,
      1,
      0
    ],
    "ImageType": [
      "ORIGINAL",
      "PRIMARY",
      "M",
      "ND",
      "MOSAIC"
    ],
    "InPlanePhaseEncodingDirectionDICOM": "COL",
    "InstitutionAddress": "Xinjiekouwai_Street_No_19_Beijing_Haidian_District_CN_100875",
    "InstitutionName": "Beijing_Normal_Universtiy_7C3C54",
    "InstitutionalDepartmentName": "Department",
    "MRAcquisitionType": "2D",
    "MagneticFieldStrength": 3,
    "Manufacturer": "Siemens",
    "ManufacturersModelName": "TrioTim",
    "Modality": "MR",
    "PartialFourier": 1,
    "PatientPosition": "HFS",
    "PercentPhaseFOV": 100,
    "PhaseEncodingDirection": "j-",
    "PhaseEncodingSteps": 64,
    "PhaseResolution": 1,
    "PixelBandwidth": 2520,
    "ProcedureStepDescription": "BNU_cst_2019_Xu.Shan",
    "ProtocolName": "ge_func_pace_3x3x3.5_185",
    "PulseSequenceDetails": "%SiemensSeq%_ep2d_bold",
    "ReceiveCoilName": "HeadMatrix",
    "ReconMatrixPE": 64,
    "RepetitionTime": 2,
    "SAR": 0.11203,
    "ScanOptions": "FS",
    "ScanningSequence": "EP",
    "SequenceName": "_epfid2d1_64",
    "SequenceVariant": "SK",
    "SeriesDescription": "ge_func_pace_3x3x3.5_185",
    "SeriesNumber": 8,
    "ShimSetting": [
      -4433,
      -19330,
      -9856,
      997,
      104,
      -477,
      -330,
      -26
    ],
    "SliceThickness": 3.5,
    "SliceTiming": [
      0,
      1.035,
      0.06,
      1.095,
      0.1225,
      1.155,
      0.1825,
      1.2175,
      0.2425,
      1.2775,
      0.305,
      1.3375,
      0.365,
      1.4,
      0.425,
      1.46,
      0.4875,
      1.52,
      0.5475,
      1.5825,
      0.6075,
      1.6425,
      0.67,
      1.7025,
      0.73,
      1.765,
      0.79,
      1.825,
      0.8525,
      1.885,
      0.9125,
      1.9475,
      0.9725
    ],
    "SoftwareVersions": "syngo_MR_B17",
    "SpacingBetweenSlices": 4.2,
    "StationName": "MRC35193",
    "TotalReadoutTime": 0.0289803,
    "TxRefAmp": 331.278,
    "dataset": "ds003696",
    "modality": "bold",
    "run_id": 5,
    "session_id": "02",
    "subject_id": "136",
    "task_id": "affordance"
  },
  "dummy_trs": 1,
  "dvars_nstd": 19.817712627486344,
  "dvars_std": 1.0702806075409834,
  "dvars_vstd": 0.986954193005464,
  "efc": 0.5584275495767006,
  "fber": 693.6834716796875,
  "fd_mean": 0.08122374315663446,
  "fd_num": 2,
  "fd_perc": 1.0869565217391304,
  "fwhm_avg": 2.147540488526538,
  "fwhm_x": 2.1562112,
  "fwhm_y": 2.3131104,
  "fwhm_z": 1.9732998655796143,
  "gcor": 0.0162957,
  "gsr_x": 0.023676007986068726,
  "gsr_y": 0.028061045333743095,
  "provenance": {
    "md5sum": "6347c6c3e0558af5aa6c7422a4f78b1d",
    "settings": {
      "fd_thres": 0.2,
      "testing": false
    },
    "software": "mriqc",
    "version": "23.0.1",
    "webapi_port": null,
    "webapi_url": "https://mriqc.nimh.nih.gov/api/v1"
  },
  "size_t": 184,
  "size_x": 64,
  "size_y": 64,
  "size_z": 33,
  "snr": 4.921793293848799,
  "spacing_tr": 2.0,
  "spacing_x": 3.125,
  "spacing_y": 3.125,
  "spacing_z": 4.200000286102295,
  "summary_bg_k": 19.566193870343803,
  "summary_bg_mad": 17.984608413587353,
  "summary_bg_mean": 70.24420928955078,
  "summary_bg_median": 33.1032600402832,
  "summary_bg_n": 79384.0,
  "summary_bg_p05": 19.47282600402832,
  "summary_bg_p95": 264.13043212890625,
  "summary_bg_stdv": 98.50552368164062,
  "summary_fg_k": 1.7835865173766647,
  "summary_fg_mad": 149.93620303274662,
  "summary_fg_mean": 899.0821533203125,
  "summary_fg_median": 887.4891357421875,
  "summary_fg_n": 24869.0,
  "summary_fg_p05": 622.9412963867188,
  "summary_fg_p95": 1207.7511230468747,
  "summary_fg_stdv": 180.3146209716797,
  "tsnr": 68.51694205449894
}