{
  "aor": 0.0012860326086956521,
  "aqi": 0.0068096971739130445,
  "bids_meta": {
    "AcquisitionMatrixPE": 64,
    "AcquisitionNumber": 1,
    "AcquisitionTime": "10:07:23.310000",
    "BandwidthPerPixelPhaseEncode": 33.967,
    "BaseResolution": 64,
    "ConversionSoftware": "dcm2niix",
    "ConversionSoftwareVersion": "v1.0.20180622 GCC4.9.2",
    "DerivedVendorReportedEchoSpacing": 0.000460005,
    "DeviceSerialNumber": "35193",
    "DwellTime": 3.1e-06,
    "EchoTime": 0.03,
    "EffectiveEchoSpacing": 0.000460005,
    "FlipAngle": 90,
    "ImageOrientationPatientDICOM": [
      0.996637,
      0,
      0.0819385,
      0,
      1,
      0
    ],
    "ImageType": [
      "ORIGINAL",
      "PRIMARY",
      "M",
      "ND",
      "MOSAIC"
    ],
    "InPlanePhaseEncodingDirectionDICOM": "COL",
    "InstitutionAddress": "Xinjiekouwai_Street_No_19_Beijing_Haidian_District_CN_100875",
    "InstitutionName": "Beijing_Normal_Universtiy_7C3C54",
    "InstitutionalDepartmentName": "Department",
    "MRAcquisitionType": "2D",
    "MagneticFieldStrength": 3,
    "Manufacturer": "Siemens",
    "ManufacturersModelName": "TrioTim",
    "Modality": "MR",
    "PartialFourier": 1,
    "PatientPosition": "HFS",
    "PercentPhaseFOV": 100,
    "PhaseEncodingDirection": "j-",
    "PhaseEncodingSteps": 64,
    "PhaseResolution": 1,
    "PixelBandwidth": 2520,
    "ProcedureStepDescription": "BNU_cst_2019_Xu.Shan",
    "ProtocolName": "ge_func_pace_3x3x3.5_185",
    "PulseSequenceDetails": "%SiemensSeq%_ep2d_bold",
    "ReceiveCoilName": "HeadMatrix",
    "ReconMatrixPE": 64,
    "RepetitionTime": 2,
    "SAR": 0.11203,
    "ScanOptions": "FS",
    "ScanningSequence": "EP",
    "SequenceName": "_epfid2d1_64",
    "SequenceVariant": "SK",
    "SeriesDescription": "ge_func_pace_3x3x3.5_185",
    "SeriesNumber": 2,
    "ShimSetting": [
      -4433,
      -19330,
      -9856,
      997,
      104,
      -477,
      -330,
      -26
    ],
    "SliceThickness": 3.5,
    "SliceTiming": [
      0,
      1.035,
      0.0625,
      1.095,
      0.1225,
      1.1575,
      0.1825,
      1.2175,
      0.245,
      1.2775,
      0.305,
      1.34,
      0.365,
      1.4,
      0.4275,
      1.46,
      0.4875,
      1.5225,
      0.5475,
      1.5825,
      0.61,
      1.6425,
      0.67,
      1.705,
      0.73,
      1.765,
      0.7925,
      1.825,
      0.8525,
      1.8875,
      0.9125,
      1.9475,
      0.975
    ],
    "SoftwareVersions": "syngo_MR_B17",
    "SpacingBetweenSlices": 4.2,
    "StationName": "MRC35193",
    "TotalReadoutTime": 0.0289803,
    "TxRefAmp": 331.278,
    "dataset": "ds003696",
    "modality": "bold",
    "run_id": 8,
    "session_id": "02",
    "subject_id": "136",
    "task_id": "affordance"
  },
  "dummy_trs": 1,
  "dvars_nstd": 22.478033524207653,
  "dvars_std": 1.0807617463387975,
  "dvars_vstd": 0.9573533413661207,
  "efc": 0.5556350931309638,
  "fber": 718.7587890625,
  "fd_mean": 0.09644058062504575,
  "fd_num": 1,
  "fd_perc": 0.5434782608695652,
  "fwhm_avg": 2.162797110708645,
  "fwhm_x": 2.1639488,
  "fwhm_y": 2.349376,
  "fwhm_z": 1.9750665321259364,
  "gcor": 0.0296058,
  "gsr_x": 0.021217970177531242,
  "gsr_y": 0.02902105450630188,
  "provenance": {
    "md5sum": "97570d840e1010123a45091d831337ae",
    "settings": {
      "fd_thres": 0.2,
      "testing": false
    },
    "software": "mriqc",
    "version": "23.0.1",
    "webapi_port": null,
    "webapi_url": "https://mriqc.nimh.nih.gov/api/v1"
  },
  "size_t": 184,
  "size_x": 64,
  "size_y": 64,
  "size_z": 33,
  "snr": 4.97598269064034,
  "spacing_tr": 2.0,
  "spacing_x": 3.125,
  "spacing_y": 3.125,
  "spacing_z": 4.200000286102295,
  "summary_bg_k": 20.38594049242997,
  "summary_bg_mad": 17.863743733447528,
  "summary_bg_mean": 67.72102355957031,
  "summary_bg_median": 32.451087951660156,
  "summary_bg_n": 79560.0,
  "summary_bg_p05": 17.994565963745117,
  "summary_bg_p95": 254.1355957031253,
  "summary_bg_stdv": 94.052490234375,
  "summary_fg_k": 1.7245156286001961,
  "summary_fg_mad": 148.3085439687659,
  "summary_fg_mean": 894.0943603515625,
  "summary_fg_median": 881.3478393554688,
  "summary_fg_n": 24821.0,
  "summary_fg_p05": 620.1304321289062,
  "summary_fg_p95": 1198.097900390625,
  "summary_fg_stdv": 177.11679077148438,
  "tsnr": 56.55627245665528
}