{
  "aor": 0.0003254891304347826,
  "aqi": 0.003790041576086956,
  "bids_meta": {
    "AcquisitionMatrixPE": 64,
    "AcquisitionNumber": 1,
    "AcquisitionTime": "09:38:14.690000",
    "BandwidthPerPixelPhaseEncode": 33.967,
    "BaseResolution": 64,
    "ConversionSoftware": "dcm2niix",
    "ConversionSoftwareVersion": "v1.0.20180622 GCC4.9.2",
    "DerivedVendorReportedEchoSpacing": 0.000460005,
    "DeviceSerialNumber": "35193",
    "DwellTime": 3.1e-06,
    "EchoTime": 0.03,
    "EffectiveEchoSpacing": 0.000460005,
    "FlipAngle": 90,
    "ImageOrientationPatientDICOM": [
      1,
      0,
      0,
      0,
      1,
      0
    ],
    "ImageType": [
      "ORIGINAL",
      "PRIMARY",
      "M",
      "ND",
      "MOSAIC"
    ],
    "InPlanePhaseEncodingDirectionDICOM": "COL",
    "InstitutionAddress": "Xinjiekouwai_Street_No_19_Beijing_Haidian_District_CN_100875",
    "InstitutionName": "BNU_MRI_Center",
    "InstitutionalDepartmentName": "Department",
    "MRAcquisitionType": "2D",
    "MagneticFieldStrength": 3,
    "Manufacturer": "Siemens",
    "ManufacturersModelName": "TrioTim",
    "Modality": "MR",
    "PartialFourier": 1,
    "PatientPosition": "HFS",
    "PercentPhaseFOV": 100,
    "PhaseEncodingDirection": "j-",
    "PhaseEncodingSteps": 64,
    "PhaseResolution": 1,
    "PixelBandwidth": 2520,
    "ProcedureStepDescription": "BNU_cst_2019_Xu.Shan",
    "ProtocolName": "ge_func_pace_3x3x3.5_185",
    "PulseSequenceDetails": "%SiemensSeq%_ep2d_bold",
    "ReceiveCoilName": "HeadMatrix",
    "ReconMatrixPE": 64,
    "RepetitionTime": 2,
    "SAR": 0.11712,
    "ScanOptions": "FS",
    "ScanningSequence": "EP",
    "SequenceName": "_epfid2d1_64",
    "SequenceVariant": "SK",
    "SeriesDescription": "ge_func_pace_3x3x3.5_185",
    "SeriesNumber": 4,
    "ShimSetting": [
      -4520,
      -19250,
      -9811,
      1152,
      -192,
      -135,
      -363,
      -152
    ],
    "SliceThickness": 3.5,
    "SliceTiming": [
      0,
      1.0325,
      0.06,
      1.095,
      0.12,
      1.155,
      0.1825,
      1.215,
      0.2425,
      1.2775,
      0.3025,
      1.3375,
      0.365,
      1.3975,
      0.425,
      1.46,
      0.485,
      1.52,
      0.5475,
      1.58,
      0.6075,
      1.6425,
      0.6675,
      1.7025,
      0.73,
      1.7625,
      0.79,
      1.825,
      0.85,
      1.885,
      0.9125,
      1.945,
      0.9725
    ],
    "SoftwareVersions": "syngo_MR_B17",
    "SpacingBetweenSlices": 4.2,
    "StationName": "MRC35193",
    "TotalReadoutTime": 0.0289803,
    "TxRefAmp": 335.977,
    "dataset": "ds003696",
    "modality": "bold",
    "run_id": 3,
    "session_id": "01",
    "subject_id": "124",
    "task_id": "affordance"
  },
  "dummy_trs": 1,
  "dvars_nstd": 19.77550977699454,
  "dvars_std": 1.0931402484153008,
  "dvars_vstd": 0.9708465292896176,
  "efc": 0.5494258247273379,
  "fber": 877.314697265625,
  "fd_mean": 0.05722776665727025,
  "fd_num": 0,
  "fd_perc": 0.0,
  "fwhm_avg": 2.1792131225884965,
  "fwhm_x": 2.13992,
  "fwhm_y": 2.3812288,
  "fwhm_z": 2.016490567765489,
  "gcor": 0.0397827,
  "gsr_x": -0.0071529606357216835,
  "gsr_y": 0.04140879213809967,
  "provenance": {
    "md5sum": "dbf7d75cf201ab93f0aafdefbb7f1041",
    "settings": {
      "fd_thres": 0.2,
      "testing": false
    },
    "software": "mriqc",
    "version": "23.0.1",
    "webapi_port": null,
    "webapi_url": "https://mriqc.nimh.nih.gov/api/v1"
  },
  "size_t": 184,
  "size_x": 64,
  "size_y": 64,
  "size_z": 33,
  "snr": 5.175707235937532,
  "spacing_tr": 2.0,
  "spacing_x": 3.125,
  "spacing_y": 3.125,
  "spacing_z": 4.199999809265137,
  "summary_bg_k": 41.69009533470825,
  "summary_bg_mad": 14.830050442159484,
  "summary_bg_mean": 53.75828552246094,
  "summary_bg_median": 29.692935943603516,
  "summary_bg_n": 76566.0,
  "summary_bg_p05": 18.75,
  "summary_bg_p95": 166.60733795166016,
  "summary_bg_stdv": 71.18106842041016,
  "summary_fg_k": 1.136809751240798,
  "summary_fg_mad": 148.59865765971614,
  "summary_fg_mean": 910.5210571289062,
  "summary_fg_median": 904.5652465820312,
  "summary_fg_n": 26637.0,
  "summary_fg_p05": 623.3369750976562,
  "summary_fg_p95": 1206.6891113281247,
  "summary_fg_stdv": 174.76805114746094,
  "tsnr": 72.44482246309053
}