{
  "aor": 0.0016488888888888888,
  "aqi": 0.0033944450505050505,
  "bids_meta": {
    "AcquisitionMatrixPE": 64,
    "AcquisitionNumber": 1,
    "AcquisitionTime": "10:00:6.272500",
    "BandwidthPerPixelPhaseEncode": 33.967,
    "BaseResolution": 64,
    "ConversionSoftware": "dcm2niix",
    "ConversionSoftwareVersion": "v1.0.20180622 GCC4.9.2",
    "DerivedVendorReportedEchoSpacing": 0.000460005,
    "DeviceSerialNumber": "35193",
    "DwellTime": 3.1e-06,
    "EchoTime": 0.03,
    "EffectiveEchoSpacing": 0.000460005,
    "FlipAngle": 90,
    "ImageOrientationPatientDICOM": [
      1,
      0,
      0,
      0,
      1,
      0
    ],
    "ImageType": [
      "ORIGINAL",
      "PRIMARY",
      "M",
      "ND",
      "MOSAIC"
    ],
    "InPlanePhaseEncodingDirectionDICOM": "COL",
    "InstitutionAddress": "Xinjiekouwai_Street_No_19_Beijing_Haidian_District_CN_100875",
    "InstitutionName": "BNU_MRI_Center",
    "InstitutionalDepartmentName": "Department",
    "MRAcquisitionType": "2D",
    "MagneticFieldStrength": 3,
    "Manufacturer": "Siemens",
    "ManufacturersModelName": "TrioTim",
    "Modality": "MR",
    "PartialFourier": 1,
    "PatientPosition": "HFS",
    "PercentPhaseFOV": 100,
    "PhaseEncodingDirection": "j-",
    "PhaseEncodingSteps": 64,
    "PhaseResolution": 1,
    "PixelBandwidth": 2520,
    "ProcedureStepDescription": "BNU_cst_2019_Xu.Shan",
    "ProtocolName": "ge_func_pace_3x3x3.5_99",
    "PulseSequenceDetails": "%SiemensSeq%_ep2d_bold",
    "ReceiveCoilName": "HeadMatrix",
    "ReconMatrixPE": 64,
    "RepetitionTime": 2,
    "SAR": 0.133966,
    "ScanOptions": "FS",
    "ScanningSequence": "EP",
    "SequenceName": "_epfid2d1_64",
    "SequenceVariant": "SK",
    "SeriesDescription": "ge_func_pace_3x3x3.5_99",
    "SeriesNumber": 16,
    "ShimSetting": [
      -4506,
      -19280,
      -9792,
      1229,
      -99,
      -64,
      -311,
      -168
    ],
    "SliceThickness": 3.5,
    "SliceTiming": [
      0,
      1.035,
      0.0625,
      1.095,
      0.1225,
      1.1575,
      0.1825,
      1.2175,
      0.245,
      1.2775,
      0.305,
      1.34,
      0.365,
      1.4,
      0.4275,
      1.46,
      0.4875,
      1.5225,
      0.5475,
      1.5825,
      0.61,
      1.6425,
      0.67,
      1.705,
      0.73,
      1.765,
      0.7925,
      1.825,
      0.8525,
      1.8875,
      0.9125,
      1.9475,
      0.975
    ],
    "SoftwareVersions": "syngo_MR_B17",
    "SpacingBetweenSlices": 4.2,
    "StationName": "MRC35193",
    "TotalReadoutTime": 0.0289803,
    "TxRefAmp": 328.173,
    "dataset": "ds003696",
    "modality": "bold",
    "run_id": 2,
    "session_id": "01",
    "subject_id": "124",
    "task_id": "localizer"
  },
  "dummy_trs": 0,
  "dvars_nstd": 18.990883914693878,
  "dvars_std": 1.0974765527551016,
  "dvars_vstd": 1.0188506836734694,
  "efc": 0.5513423398423776,
  "fber": 879.7400512695312,
  "fd_mean": 0.08723110545535136,
  "fd_num": 2,
  "fd_perc": 2.0202020202020203,
  "fwhm_avg": 2.116671451700095,
  "fwhm_x": 2.0820928,
  "fwhm_y": 2.3206048,
  "fwhm_z": 1.9473167551002846,
  "gcor": 0.0396266,
  "gsr_x": -0.005708586424589157,
  "gsr_y": 0.04149368777871132,
  "provenance": {
    "md5sum": "8dd1634ae0e01fe8b5d08bca31c90cd4",
    "settings": {
      "fd_thres": 0.2,
      "testing": false
    },
    "software": "mriqc",
    "version": "23.0.1",
    "webapi_port": null,
    "webapi_url": "https://mriqc.nimh.nih.gov/api/v1"
  },
  "size_t": 99,
  "size_x": 64,
  "size_y": 64,
  "size_z": 33,
  "snr": 5.393488307156887,
  "spacing_tr": 2.0,
  "spacing_x": 3.125,
  "spacing_y": 3.125,
  "spacing_z": 4.199999809265137,
  "summary_bg_k": 42.49329303348083,
  "summary_bg_mad": 14.047283311118932,
  "summary_bg_mean": 52.27875518798828,
  "summary_bg_median": 28.55555534362793,
  "summary_bg_n": 76509.0,
  "summary_bg_p05": 18.2020206451416,
  "summary_bg_p95": 161.33534851074202,
  "summary_bg_stdv": 69.04637145996094,
  "summary_fg_k": 1.105807962392161,
  "summary_fg_mad": 137.79214889896434,
  "summary_fg_mean": 880.7371215820312,
  "summary_fg_median": 874.0202026367188,
  "summary_fg_n": 26726.0,
  "summary_fg_p05": 614.08837890625,
  "summary_fg_p95": 1157.5833129882812,
  "summary_fg_stdv": 162.0479736328125,
  "tsnr": 80.89721421315335
}