{
  "aor": 0.0005301086956521739,
  "aqi": 0.003059733804347826,
  "bids_meta": {
    "AcquisitionMatrixPE": 64,
    "AcquisitionNumber": 1,
    "AcquisitionTime": "09:52:53.157500",
    "BandwidthPerPixelPhaseEncode": 33.967,
    "BaseResolution": 64,
    "ConversionSoftware": "dcm2niix",
    "ConversionSoftwareVersion": "v1.0.20180622 GCC4.9.2",
    "DerivedVendorReportedEchoSpacing": 0.000460005,
    "DeviceSerialNumber": "35193",
    "DwellTime": 3.1e-06,
    "EchoTime": 0.03,
    "EffectiveEchoSpacing": 0.000460005,
    "FlipAngle": 90,
    "ImageOrientationPatientDICOM": [
      1,
      0,
      0,
      0,
      1,
      0
    ],
    "ImageType": [
      "ORIGINAL",
      "PRIMARY",
      "M",
      "ND",
      "MOSAIC"
    ],
    "InPlanePhaseEncodingDirectionDICOM": "COL",
    "InstitutionAddress": "Xinjiekouwai_Street_No_19_Beijing_Haidian_District_CN_100875",
    "InstitutionName": "BNU_MRI_Center",
    "InstitutionalDepartmentName": "Department",
    "MRAcquisitionType": "2D",
    "MagneticFieldStrength": 3,
    "Manufacturer": "Siemens",
    "ManufacturersModelName": "TrioTim",
    "Modality": "MR",
    "PartialFourier": 1,
    "PatientPosition": "HFS",
    "PercentPhaseFOV": 100,
    "PhaseEncodingDirection": "j-",
    "PhaseEncodingSteps": 64,
    "PhaseResolution": 1,
    "PixelBandwidth": 2520,
    "ProcedureStepDescription": "BNU_cst_2019_Xu.Shan",
    "ProtocolName": "ge_func_pace_3x3x3.5_185",
    "PulseSequenceDetails": "%SiemensSeq%_ep2d_bold",
    "ReceiveCoilName": "HeadMatrix",
    "ReconMatrixPE": 64,
    "RepetitionTime": 2,
    "SAR": 0.11712,
    "ScanOptions": "FS",
    "ScanningSequence": "EP",
    "SequenceName": "_epfid2d1_64",
    "SequenceVariant": "SK",
    "SeriesDescription": "ge_func_pace_3x3x3.5_185",
    "SeriesNumber": 6,
    "ShimSetting": [
      -4520,
      -19250,
      -9811,
      1152,
      -192,
      -135,
      -363,
      -152
    ],
    "SliceThickness": 3.5,
    "SliceTiming": [
      0,
      1.0325,
      0.06,
      1.095,
      0.12,
      1.155,
      0.1825,
      1.215,
      0.2425,
      1.2775,
      0.3025,
      1.3375,
      0.365,
      1.3975,
      0.425,
      1.46,
      0.485,
      1.52,
      0.5475,
      1.58,
      0.6075,
      1.6425,
      0.6675,
      1.7025,
      0.73,
      1.7625,
      0.79,
      1.825,
      0.85,
      1.885,
      0.9125,
      1.945,
      0.9725
    ],
    "SoftwareVersions": "syngo_MR_B17",
    "SpacingBetweenSlices": 4.2,
    "StationName": "MRC35193",
    "TotalReadoutTime": 0.0289803,
    "TxRefAmp": 335.977,
    "dataset": "ds003696",
    "modality": "bold",
    "run_id": 2,
    "session_id": "01",
    "subject_id": "124",
    "task_id": "affordance"
  },
  "dummy_trs": 1,
  "dvars_nstd": 18.930938585519133,
  "dvars_std": 1.1039904580874318,
  "dvars_vstd": 0.9964640666120219,
  "efc": 0.5504678599127713,
  "fber": 858.142822265625,
  "fd_mean": 0.05134075370870001,
  "fd_num": 0,
  "fd_perc": 0.0,
  "fwhm_avg": 2.1674857256703635,
  "fwhm_x": 2.1197695999999997,
  "fwhm_y": 2.3723232,
  "fwhm_z": 2.0103643770110895,
  "gcor": 0.033139,
  "gsr_x": -0.0069686234928667545,
  "gsr_y": 0.04193950071930885,
  "provenance": {
    "md5sum": "e4701c6f96bf1d633474f14db3aaf805",
    "settings": {
      "fd_thres": 0.2,
      "testing": false
    },
    "software": "mriqc",
    "version": "23.0.1",
    "webapi_port": null,
    "webapi_url": "https://mriqc.nimh.nih.gov/api/v1"
  },
  "size_t": 184,
  "size_x": 64,
  "size_y": 64,
  "size_z": 33,
  "snr": 5.211444298687541,
  "spacing_tr": 2.0,
  "spacing_x": 3.125,
  "spacing_y": 3.125,
  "spacing_z": 4.199999809265137,
  "summary_bg_k": 38.36391044537836,
  "summary_bg_mad": 15.220847937981837,
  "summary_bg_mean": 54.847843170166016,
  "summary_bg_median": 30.065217971801758,
  "summary_bg_n": 76585.0,
  "summary_bg_p05": 18.875,
  "summary_bg_p95": 172.1565185546876,
  "summary_bg_stdv": 72.48184967041016,
  "summary_fg_k": 1.0767891820807955,
  "summary_fg_mad": 148.68326661200513,
  "summary_fg_mean": 914.2191772460938,
  "summary_fg_median": 907.4075927734375,
  "summary_fg_n": 26534.0,
  "summary_fg_p05": 628.3755432128906,
  "summary_fg_p95": 1211.1992309570312,
  "summary_fg_stdv": 174.11497497558594,
  "tsnr": 80.16296150255948
}