{
  "aor": 0.0006597837837837838,
  "aqi": 0.005389559297297297,
  "bids_meta": {
    "AcquisitionMatrixPE": 64,
    "AcquisitionNumber": 1,
    "AcquisitionTime": "15:07:24.007500",
    "BandwidthPerPixelPhaseEncode": 33.967,
    "BaseResolution": 64,
    "ConversionSoftware": "dcm2niix",
    "ConversionSoftwareVersion": "v1.0.20180622 GCC4.9.2",
    "DerivedVendorReportedEchoSpacing": 0.000460005,
    "DeviceSerialNumber": "35193",
    "DwellTime": 3.1e-06,
    "EchoTime": 0.03,
    "EffectiveEchoSpacing": 0.000460005,
    "FlipAngle": 90,
    "ImageOrientationPatientDICOM": [
      1,
      0,
      0,
      0,
      1,
      0
    ],
    "ImageType": [
      "ORIGINAL",
      "PRIMARY",
      "M",
      "ND",
      "MOSAIC"
    ],
    "InPlanePhaseEncodingDirectionDICOM": "COL",
    "InstitutionAddress": "Xinjiekouwai_Street_No_19_Beijing_Haidian_District_CN_100875",
    "InstitutionName": "BNU_MRI_Center",
    "InstitutionalDepartmentName": "Department",
    "MRAcquisitionType": "2D",
    "MagneticFieldStrength": 3,
    "Manufacturer": "Siemens",
    "ManufacturersModelName": "TrioTim",
    "Modality": "MR",
    "PartialFourier": 1,
    "PatientPosition": "HFS",
    "PercentPhaseFOV": 100,
    "PhaseEncodingDirection": "j-",
    "PhaseEncodingSteps": 64,
    "PhaseResolution": 1,
    "PixelBandwidth": 2520,
    "ProcedureStepDescription": "BNU_cst_2019_Xu.Shan",
    "ProtocolName": "ge_func_pace_3x3x3.5_185",
    "PulseSequenceDetails": "%SiemensSeq%_ep2d_bold",
    "ReceiveCoilName": "HeadMatrix",
    "ReconMatrixPE": 64,
    "RepetitionTime": 2,
    "SAR": 0.133402,
    "ScanOptions": "FS",
    "ScanningSequence": "EP",
    "SequenceName": "_epfid2d1_64",
    "SequenceVariant": "SK",
    "SeriesDescription": "ge_func_pace_3x3x3.5_185",
    "SeriesNumber": 2,
    "ShimSetting": [
      -4494,
      -19328,
      -9786,
      1087,
      85,
      -548,
      -322,
      -107
    ],
    "SliceThickness": 3.5,
    "SliceTiming": [
      0,
      1.035,
      0.0625,
      1.095,
      0.1225,
      1.1575,
      0.1825,
      1.2175,
      0.245,
      1.2775,
      0.305,
      1.34,
      0.365,
      1.4,
      0.4275,
      1.46,
      0.4875,
      1.5225,
      0.5475,
      1.5825,
      0.61,
      1.6425,
      0.67,
      1.705,
      0.73,
      1.765,
      0.7925,
      1.825,
      0.8525,
      1.8875,
      0.9125,
      1.9475,
      0.975
    ],
    "SoftwareVersions": "syngo_MR_B17",
    "SpacingBetweenSlices": 4.2,
    "StationName": "MRC35193",
    "TotalReadoutTime": 0.0289803,
    "TxRefAmp": 320.66,
    "dataset": "ds003696",
    "modality": "bold",
    "run_id": 5,
    "session_id": "02",
    "subject_id": "125",
    "task_id": "affordance"
  },
  "dummy_trs": 0,
  "dvars_nstd": 19.707062928478255,
  "dvars_std": 1.0607326414673914,
  "dvars_vstd": 0.9782152516847822,
  "efc": 0.5316806495675341,
  "fber": 1088.7906494140625,
  "fd_mean": 0.0853532390140355,
  "fd_num": 7,
  "fd_perc": 3.7837837837837838,
  "fwhm_avg": 2.2007162905489737,
  "fwhm_x": 2.18744,
  "fwhm_y": 2.4176064,
  "fwhm_z": 1.9971024716469206,
  "gcor": 0.0366483,
  "gsr_x": -0.005484854336827993,
  "gsr_y": 0.031539611518383026,
  "provenance": {
    "md5sum": "54e9a4df87cf04cc87f1ec1a3008853f",
    "settings": {
      "fd_thres": 0.2,
      "testing": false
    },
    "software": "mriqc",
    "version": "23.0.1",
    "webapi_port": null,
    "webapi_url": "https://mriqc.nimh.nih.gov/api/v1"
  },
  "size_t": 185,
  "size_x": 64,
  "size_y": 64,
  "size_z": 33,
  "snr": 5.399466860652661,
  "spacing_tr": 2.0,
  "spacing_x": 3.125,
  "spacing_y": 3.125,
  "spacing_z": 4.199999809265137,
  "summary_bg_k": 51.26814792366032,
  "summary_bg_mad": 12.22946619243657,
  "summary_bg_mean": 50.21824264526367,
  "summary_bg_median": 27.870271682739258,
  "summary_bg_n": 78813.0,
  "summary_bg_p05": 18.675676345825195,
  "summary_bg_p95": 147.93514099121077,
  "summary_bg_stdv": 70.63094329833984,
  "summary_fg_k": 0.6532609882628413,
  "summary_fg_mad": 165.40633914549568,
  "summary_fg_mean": 953.0956420898438,
  "summary_fg_median": 944.9783935546875,
  "summary_fg_n": 25134.0,
  "summary_fg_p05": 675.2700134277344,
  "summary_fg_p95": 1249.0695251464842,
  "summary_fg_stdv": 175.00979614257812,
  "tsnr": 63.83180532697588
}