{
  "aor": 0.0009594897959183676,
  "aqi": 0.004556602755102041,
  "bids_meta": {
    "AcquisitionMatrixPE": 64,
    "AcquisitionNumber": 1,
    "AcquisitionTime": "14:46:58.705000",
    "BandwidthPerPixelPhaseEncode": 33.967,
    "BaseResolution": 64,
    "ConversionSoftware": "dcm2niix",
    "ConversionSoftwareVersion": "v1.0.20180622 GCC4.9.2",
    "DerivedVendorReportedEchoSpacing": 0.000460005,
    "DeviceSerialNumber": "35193",
    "DwellTime": 3.1e-06,
    "EchoTime": 0.03,
    "EffectiveEchoSpacing": 0.000460005,
    "FlipAngle": 90,
    "ImageOrientationPatientDICOM": [
      0.99863,
      2e-16,
      -0.052336,
      -2e-16,
      1,
      0
    ],
    "ImageType": [
      "ORIGINAL",
      "PRIMARY",
      "M",
      "ND",
      "MOSAIC"
    ],
    "InPlanePhaseEncodingDirectionDICOM": "COL",
    "InstitutionAddress": "Xinjiekouwai_Street_No_19_Beijing_Haidian_District_CN_100875",
    "InstitutionName": "Beijing_Normal_Universtiy_7C3C54",
    "InstitutionalDepartmentName": "Department",
    "MRAcquisitionType": "2D",
    "MagneticFieldStrength": 3,
    "Manufacturer": "Siemens",
    "ManufacturersModelName": "TrioTim",
    "Modality": "MR",
    "PartialFourier": 1,
    "PatientPosition": "HFS",
    "PercentPhaseFOV": 100,
    "PhaseEncodingDirection": "j-",
    "PhaseEncodingSteps": 64,
    "PhaseResolution": 1,
    "PixelBandwidth": 2520,
    "ProcedureStepDescription": "BNU_cst_2015_Liu.Jia",
    "ProtocolName": "ge_func_pace_3x3x3.5_99",
    "PulseSequenceDetails": "%SiemensSeq%_ep2d_bold",
    "ReceiveCoilName": "HeadMatrix",
    "ReconMatrixPE": 64,
    "RepetitionTime": 2,
    "SAR": 0.14338,
    "ScanOptions": "FS",
    "ScanningSequence": "EP",
    "SequenceName": "_epfid2d1_64",
    "SequenceVariant": "SK",
    "SeriesDescription": "ge_func_pace_3x3x3.5_99",
    "SeriesNumber": 10,
    "ShimSetting": [
      -4524,
      -19397,
      -9772,
      1159,
      -186,
      -415,
      32,
      18
    ],
    "SliceThickness": 3.5,
    "SliceTiming": [
      0,
      1.035,
      0.0625,
      1.095,
      0.1225,
      1.1575,
      0.1825,
      1.2175,
      0.245,
      1.2775,
      0.305,
      1.34,
      0.365,
      1.4,
      0.4275,
      1.46,
      0.4875,
      1.5225,
      0.5475,
      1.5825,
      0.61,
      1.6425,
      0.67,
      1.705,
      0.73,
      1.765,
      0.7925,
      1.825,
      0.8525,
      1.8875,
      0.9125,
      1.9475,
      0.975
    ],
    "SoftwareVersions": "syngo_MR_B17",
    "SpacingBetweenSlices": 4.2,
    "StationName": "MRC35193",
    "TotalReadoutTime": 0.0289803,
    "TxRefAmp": 356.08,
    "dataset": "ds003696",
    "modality": "bold",
    "run_id": 1,
    "session_id": "01",
    "subject_id": "120",
    "task_id": "localizer"
  },
  "dummy_trs": 1,
  "dvars_nstd": 23.85027710443298,
  "dvars_std": 1.1478274662886598,
  "dvars_vstd": 1.025165092061856,
  "efc": 0.5712688247533166,
  "fber": 655.74365234375,
  "fd_mean": 0.13578430348453654,
  "fd_num": 7,
  "fd_perc": 7.142857142857143,
  "fwhm_avg": 1.8814977654309546,
  "fwhm_x": 1.8573056,
  "fwhm_y": 2.08624,
  "fwhm_z": 1.7009476962928634,
  "gcor": 0.0131179,
  "gsr_x": -0.0021782133262604475,
  "gsr_y": 0.04049628600478172,
  "provenance": {
    "md5sum": "4c1bbbfadaeefc1ebaba8da7961a4bb0",
    "settings": {
      "fd_thres": 0.2,
      "testing": false
    },
    "software": "mriqc",
    "version": "23.0.1",
    "webapi_port": null,
    "webapi_url": "https://mriqc.nimh.nih.gov/api/v1"
  },
  "size_t": 98,
  "size_x": 64,
  "size_y": 64,
  "size_z": 33,
  "snr": 5.437845840118827,
  "spacing_tr": 2.0,
  "spacing_x": 3.125,
  "spacing_y": 3.125,
  "spacing_z": 4.199999809265137,
  "summary_bg_k": 38.57953203791696,
  "summary_bg_mad": 17.080180565639953,
  "summary_bg_mean": 62.908939361572266,
  "summary_bg_median": 33.76530456542969,
  "summary_bg_n": 75539.0,
  "summary_bg_p05": 21.17346954345703,
  "summary_bg_p95": 199.5550918579098,
  "summary_bg_stdv": 84.5333251953125,
  "summary_fg_k": 1.2174737089299983,
  "summary_fg_mad": 144.08474743238423,
  "summary_fg_mean": 902.716064453125,
  "summary_fg_median": 889.7652587890625,
  "summary_fg_n": 27972.0,
  "summary_fg_p05": 654.7351959228516,
  "summary_fg_p95": 1186.5499450683594,
  "summary_fg_stdv": 163.6216583251953,
  "tsnr": 73.0452261865139
}