{
  "aor": 0.0019644565217391305,
  "aqi": 0.007796588152173914,
  "bids_meta": {
    "AcquisitionMatrixPE": 64,
    "AcquisitionNumber": 1,
    "AcquisitionTime": "14:18:15.867500",
    "BandwidthPerPixelPhaseEncode": 33.967,
    "BaseResolution": 64,
    "ConversionSoftware": "dcm2niix",
    "ConversionSoftwareVersion": "v1.0.20180622 GCC4.9.2",
    "DerivedVendorReportedEchoSpacing": 0.000460005,
    "DeviceSerialNumber": "35193",
    "DwellTime": 3.1e-06,
    "EchoTime": 0.03,
    "EffectiveEchoSpacing": 0.000460005,
    "FlipAngle": 90,
    "ImageOrientationPatientDICOM": [
      0.99863,
      2e-16,
      -0.052336,
      -2e-16,
      1,
      0
    ],
    "ImageType": [
      "ORIGINAL",
      "PRIMARY",
      "M",
      "ND",
      "MOSAIC"
    ],
    "InPlanePhaseEncodingDirectionDICOM": "COL",
    "InstitutionAddress": "Xinjiekouwai_Street_No_19_Beijing_Haidian_District_CN_100875",
    "InstitutionName": "Beijing_Normal_Universtiy_7C3C54",
    "InstitutionalDepartmentName": "Department",
    "MRAcquisitionType": "2D",
    "MagneticFieldStrength": 3,
    "Manufacturer": "Siemens",
    "ManufacturersModelName": "TrioTim",
    "Modality": "MR",
    "PartialFourier": 1,
    "PatientPosition": "HFS",
    "PercentPhaseFOV": 100,
    "PhaseEncodingDirection": "j-",
    "PhaseEncodingSteps": 64,
    "PhaseResolution": 1,
    "PixelBandwidth": 2520,
    "ProcedureStepDescription": "BNU_cst_2015_Liu.Jia",
    "ProtocolName": "ge_func_pace_3x3x3.5_185",
    "PulseSequenceDetails": "%SiemensSeq%_ep2d_bold",
    "ReceiveCoilName": "HeadMatrix",
    "ReconMatrixPE": 64,
    "RepetitionTime": 2,
    "SAR": 0.143867,
    "ScanOptions": "FS",
    "ScanningSequence": "EP",
    "SequenceName": "_epfid2d1_64",
    "SequenceVariant": "SK",
    "SeriesDescription": "ge_func_pace_3x3x3.5_185",
    "SeriesNumber": 2,
    "ShimSetting": [
      -4524,
      -19397,
      -9772,
      1159,
      -186,
      -415,
      32,
      18
    ],
    "SliceThickness": 3.5,
    "SliceTiming": [
      0,
      1.035,
      0.0625,
      1.095,
      0.1225,
      1.1575,
      0.1825,
      1.2175,
      0.245,
      1.2775,
      0.305,
      1.34,
      0.365,
      1.4,
      0.4275,
      1.46,
      0.4875,
      1.5225,
      0.5475,
      1.5825,
      0.61,
      1.6425,
      0.67,
      1.705,
      0.73,
      1.765,
      0.7925,
      1.825,
      0.8525,
      1.8875,
      0.9125,
      1.9475,
      0.975
    ],
    "SoftwareVersions": "syngo_MR_B17",
    "SpacingBetweenSlices": 4.2,
    "StationName": "MRC35193",
    "TotalReadoutTime": 0.0289803,
    "TxRefAmp": 356.08,
    "dataset": "ds003696",
    "modality": "bold",
    "run_id": 4,
    "session_id": "01",
    "subject_id": "120",
    "task_id": "affordance"
  },
  "dummy_trs": 1,
  "dvars_nstd": 24.93608112043715,
  "dvars_std": 1.1602001968306006,
  "dvars_vstd": 0.9874443810382508,
  "efc": 0.5679285677294887,
  "fber": 651.9851684570312,
  "fd_mean": 0.11728162846628848,
  "fd_num": 8,
  "fd_perc": 4.3478260869565215,
  "fwhm_avg": 1.8895435497718485,
  "fwhm_x": 1.8545792,
  "fwhm_y": 2.0989728,
  "fwhm_z": 1.7150786493155457,
  "gcor": 0.0128274,
  "gsr_x": -0.0020863651297986507,
  "gsr_y": 0.041099391877651215,
  "provenance": {
    "md5sum": "bf85a69cdee6bf1f6ec3545cf9c7006a",
    "settings": {
      "fd_thres": 0.2,
      "testing": false
    },
    "software": "mriqc",
    "version": "23.0.1",
    "webapi_port": null,
    "webapi_url": "https://mriqc.nimh.nih.gov/api/v1"
  },
  "size_t": 184,
  "size_x": 64,
  "size_y": 64,
  "size_z": 33,
  "snr": 5.459860161640883,
  "spacing_tr": 2.0,
  "spacing_x": 3.125,
  "spacing_y": 3.125,
  "spacing_z": 4.199999809265137,
  "summary_bg_k": 45.172115233093926,
  "summary_bg_mad": 17.82345833457357,
  "summary_bg_mean": 59.605323791503906,
  "summary_bg_median": 33.78804397583008,
  "summary_bg_n": 75695.0,
  "summary_bg_p05": 18.396739959716797,
  "summary_bg_p95": 183.08152770996094,
  "summary_bg_stdv": 79.00416564941406,
  "summary_fg_k": 1.1119335520929114,
  "summary_fg_mad": 142.14448769922458,
  "summary_fg_mean": 893.6495361328125,
  "summary_fg_median": 880.3804321289062,
  "summary_fg_n": 27853.0,
  "summary_fg_p05": 648.5326293945312,
  "summary_fg_p95": 1177.0423828124992,
  "summary_fg_stdv": 161.24307250976562,
  "tsnr": 58.64032097347081
}