{
  "bids_meta": {
    "AcquisitionMatrixPE": 192,
    "AcquisitionNumber": 1,
    "AcquisitionTime": "13:30:45.070000",
    "BaseResolution": 256,
    "ConversionSoftware": "dcm2niix",
    "ConversionSoftwareVersion": "v1.0.20180622 GCC4.9.2",
    "DeviceSerialNumber": "35193",
    "DwellTime": 1.03e-05,
    "EchoTime": 0.00339,
    "FlipAngle": 7,
    "ImageOrientationPatientDICOM": [
      0,
      1,
      0,
      0,
      0,
      -1
    ],
    "ImageType": [
      "ORIGINAL",
      "PRIMARY",
      "M",
      "ND",
      "NORM"
    ],
    "InPlanePhaseEncodingDirectionDICOM": "ROW",
    "InstitutionAddress": "Xinjiekouwai_Street_No_19_Beijing_Haidian_District_CN_100875",
    "InstitutionName": "Beijing_Normal_Universtiy_7C3C54",
    "InstitutionalDepartmentName": "Department",
    "InversionTime": 1.1,
    "MRAcquisitionType": "3D",
    "MagneticFieldStrength": 3,
    "Manufacturer": "Siemens",
    "ManufacturersModelName": "TrioTim",
    "Modality": "MR",
    "PartialFourier": 1,
    "PatientPosition": "HFS",
    "PercentPhaseFOV": 100,
    "PhaseEncodingSteps": 192,
    "PhaseResolution": 0.75,
    "PixelBandwidth": 190,
    "ProcedureStepDescription": "BNU_cst_2019_Xu.Shan",
    "ProtocolName": "t1_mprage_sag",
    "PulseSequenceDetails": "%SiemensSeq%_tfl",
    "ReceiveCoilName": "HeadMatrix",
    "ReconMatrixPE": 256,
    "RepetitionTime": 2.53,
    "SAR": 0.0463149,
    "ScanOptions": "IR",
    "ScanningSequence": "GR_IR",
    "SequenceName": "_tfl3d1_ns",
    "SequenceVariant": "SP_MP",
    "SeriesDescription": "t1_mprage_sag",
    "SeriesNumber": 10,
    "ShimSetting": [
      -4489,
      -19276,
      -10209,
      636,
      -133,
      80,
      82,
      -26
    ],
    "SliceThickness": 1.33,
    "SoftwareVersions": "syngo_MR_B17",
    "StationName": "MRC35193",
    "TxRefAmp": 330.934,
    "dataset": "ds003696",
    "modality": "T1w",
    "session_id": "02",
    "subject_id": "133"
  },
  "cjv": 0.2983783665248283,
  "cnr": 4.4766692337345235,
  "efc": 0.603267648842016,
  "fber": 4393.7959183673465,
  "fwhm_avg": 3.978869980687525,
  "fwhm_x": 3.5919499420625725,
  "fwhm_y": 4.57901,
  "fwhm_z": 3.76565,
  "icvs_csf": 0.21726404676547428,
  "icvs_gm": 0.454821779070661,
  "icvs_wm": 0.3279141741638647,
  "inu_med": 0.6217984557151794,
  "inu_range": 0.28909924626350403,
  "provenance": {
    "md5sum": "5348b8f3203e255f9cdedc91a1084eee",
    "settings": {
      "testing": false
    },
    "software": "mriqc",
    "version": "23.0.1",
    "warnings": {
      "large_rot_frame": true,
      "small_air_mask": false
    },
    "webapi_port": null,
    "webapi_url": "https://mriqc.nimh.nih.gov/api/v1"
  },
  "qi_1": 0.0,
  "qi_2": 0.0057463406327592755,
  "rpve_csf": 21.159355304722034,
  "rpve_gm": 10.51266553687998,
  "rpve_wm": 16.61961977049678,
  "size_x": 128,
  "size_y": 256,
  "size_z": 256,
  "snr_csf": 1.326946726824084,
  "snr_gm": 8.777387226698876,
  "snr_total": 11.223867249618948,
  "snr_wm": 23.567267795333887,
  "snrd_csf": 13.151401721188648,
  "snrd_gm": 66.30127886770929,
  "snrd_total": 61.7719803032106,
  "snrd_wm": 105.86326032073386,
  "spacing_x": 1.3300018310546875,
  "spacing_y": 1.0,
  "spacing_z": 1.0,
  "summary_bg_k": 6.247835736544246,
  "summary_bg_mad": 6.1885150691944615,
  "summary_bg_mean": 6.250830911451295,
  "summary_bg_median": 4.1740899831056595,
  "summary_bg_n": 1839867.0,
  "summary_bg_p05": 0.0,
  "summary_bg_p95": 25.120895203202963,
  "summary_bg_stdv": 8.790592707190395,
  "summary_csf_k": 2.0635190856822403,
  "summary_csf_mad": 76.13005580548673,
  "summary_csf_mean": 143.34410931690226,
  "summary_csf_median": 124.2300805337727,
  "summary_csf_n": 28708.0,
  "summary_csf_p05": 29.405700377933684,
  "summary_csf_p95": 336.6581733752041,
  "summary_csf_stdv": 93.61937018244707,
  "summary_gm_k": 0.14263913240702886,
  "summary_gm_mad": 71.05471875178763,
  "summary_gm_mean": 626.7621066275915,
  "summary_gm_median": 626.2916598431766,
  "summary_gm_n": 27717.0,
  "summary_gm_p05": 510.78135509118437,
  "summary_gm_p95": 743.3494321011007,
  "summary_gm_stdv": 71.35157030174402,
  "summary_wm_k": 0.39984909723588924,
  "summary_wm_mad": 40.45175703766136,
  "summary_wm_mean": 997.943807179993,
  "summary_wm_median": 999.9999721720815,
  "summary_wm_n": 138333.0,
  "summary_wm_p05": 923.5174087621272,
  "summary_wm_p95": 1063.1967125870287,
  "summary_wm_stdv": 42.43157783004017,
  "tpm_overlap_csf": 0.1682461439033548,
  "tpm_overlap_gm": 0.48111272777199476,
  "tpm_overlap_wm": 0.5088199798120446,
  "wm2max": 0.7910414963275626
}