{
  "aor": 0.000986734693877551,
  "aqi": 0.004604923775510204,
  "bids_meta": {
    "AcquisitionMatrixPE": 64,
    "AcquisitionNumber": 1,
    "AcquisitionTime": "14:55:48.907500",
    "BandwidthPerPixelPhaseEncode": 33.967,
    "BaseResolution": 64,
    "ConversionSoftware": "dcm2niix",
    "ConversionSoftwareVersion": "v1.0.20180622 GCC4.9.2",
    "DerivedVendorReportedEchoSpacing": 0.000460005,
    "DeviceSerialNumber": "35193",
    "DwellTime": 3.1e-06,
    "EchoTime": 0.03,
    "EffectiveEchoSpacing": 0.000460005,
    "FlipAngle": 90,
    "ImageOrientationPatientDICOM": [
      0.99863,
      2e-16,
      -0.052336,
      -2e-16,
      1,
      0
    ],
    "ImageType": [
      "ORIGINAL",
      "PRIMARY",
      "M",
      "ND",
      "MOSAIC"
    ],
    "InPlanePhaseEncodingDirectionDICOM": "COL",
    "InstitutionAddress": "Xinjiekouwai_Street_No_19_Beijing_Haidian_District_CN_100875",
    "InstitutionName": "Beijing_Normal_Universtiy_7C3C54",
    "InstitutionalDepartmentName": "Department",
    "MRAcquisitionType": "2D",
    "MagneticFieldStrength": 3,
    "Manufacturer": "Siemens",
    "ManufacturersModelName": "TrioTim",
    "Modality": "MR",
    "PartialFourier": 1,
    "PatientPosition": "HFS",
    "PercentPhaseFOV": 100,
    "PhaseEncodingDirection": "j-",
    "PhaseEncodingSteps": 64,
    "PhaseResolution": 1,
    "PixelBandwidth": 2520,
    "ProcedureStepDescription": "BNU_cst_2015_Liu.Jia",
    "ProtocolName": "ge_func_pace_3x3x3.5_99",
    "PulseSequenceDetails": "%SiemensSeq%_ep2d_bold",
    "ReceiveCoilName": "HeadMatrix",
    "ReconMatrixPE": 64,
    "RepetitionTime": 2,
    "SAR": 0.14338,
    "ScanOptions": "FS",
    "ScanningSequence": "EP",
    "SequenceName": "_epfid2d1_64",
    "SequenceVariant": "SK",
    "SeriesDescription": "ge_func_pace_3x3x3.5_99",
    "SeriesNumber": 14,
    "ShimSetting": [
      -4524,
      -19397,
      -9772,
      1159,
      -186,
      -415,
      32,
      18
    ],
    "SliceThickness": 3.5,
    "SliceTiming": [
      0,
      1.035,
      0.0625,
      1.095,
      0.1225,
      1.1575,
      0.1825,
      1.2175,
      0.245,
      1.2775,
      0.305,
      1.34,
      0.365,
      1.4,
      0.4275,
      1.46,
      0.4875,
      1.5225,
      0.5475,
      1.5825,
      0.61,
      1.6425,
      0.67,
      1.705,
      0.73,
      1.765,
      0.7925,
      1.825,
      0.8525,
      1.8875,
      0.9125,
      1.9475,
      0.975
    ],
    "SoftwareVersions": "syngo_MR_B17",
    "SpacingBetweenSlices": 4.2,
    "StationName": "MRC35193",
    "TotalReadoutTime": 0.0289803,
    "TxRefAmp": 356.08,
    "dataset": "ds003696",
    "modality": "bold",
    "run_id": 3,
    "session_id": "01",
    "subject_id": "120",
    "task_id": "localizer"
  },
  "dummy_trs": 1,
  "dvars_nstd": 22.99241280309277,
  "dvars_std": 1.1453046239175257,
  "dvars_vstd": 1.0261687517525773,
  "efc": 0.5716630658014115,
  "fber": 644.3901977539062,
  "fd_mean": 0.13356172222115595,
  "fd_num": 5,
  "fd_perc": 5.1020408163265305,
  "fwhm_avg": 1.8933704956899897,
  "fwhm_x": 1.8706432000000002,
  "fwhm_y": 2.1018944,
  "fwhm_z": 1.7075738870699695,
  "gcor": 0.0169455,
  "gsr_x": -0.003113305661827326,
  "gsr_y": 0.03984987363219261,
  "provenance": {
    "md5sum": "269d42e730c4013a17aa5b5e46869bfb",
    "settings": {
      "fd_thres": 0.2,
      "testing": false
    },
    "software": "mriqc",
    "version": "23.0.1",
    "webapi_port": null,
    "webapi_url": "https://mriqc.nimh.nih.gov/api/v1"
  },
  "size_t": 98,
  "size_x": 64,
  "size_y": 64,
  "size_z": 33,
  "snr": 5.427826976461245,
  "spacing_tr": 2.0,
  "spacing_x": 3.125,
  "spacing_y": 3.125,
  "spacing_z": 4.199999809265137,
  "summary_bg_k": 37.08799405105717,
  "summary_bg_mad": 17.60211769575126,
  "summary_bg_mean": 63.76007843017578,
  "summary_bg_median": 34.280609130859375,
  "summary_bg_n": 75650.0,
  "summary_bg_p05": 21.17346954345703,
  "summary_bg_p95": 202.9239799499512,
  "summary_bg_stdv": 85.4743423461914,
  "summary_fg_k": 1.1882353933562113,
  "summary_fg_mad": 143.43416340833969,
  "summary_fg_mean": 904.2879028320312,
  "summary_fg_median": 892.0714111328125,
  "summary_fg_n": 27938.0,
  "summary_fg_p05": 655.7025115966796,
  "summary_fg_p95": 1191.0632568359374,
  "summary_fg_stdv": 164.34854125976562,
  "tsnr": 73.23701099900063
}