{
  "aor": 0.0012759595959595958,
  "aqi": 0.007944321717171717,
  "bids_meta": {
    "AcquisitionMatrixPE": 64,
    "AcquisitionNumber": 1,
    "AcquisitionTime": "14:51:23.735000",
    "BandwidthPerPixelPhaseEncode": 33.967,
    "BaseResolution": 64,
    "ConversionSoftware": "dcm2niix",
    "ConversionSoftwareVersion": "v1.0.20180622 GCC4.9.2",
    "DerivedVendorReportedEchoSpacing": 0.000460005,
    "DeviceSerialNumber": "35193",
    "DwellTime": 3.1e-06,
    "EchoTime": 0.03,
    "EffectiveEchoSpacing": 0.000460005,
    "FlipAngle": 90,
    "ImageOrientationPatientDICOM": [
      0.99863,
      2e-16,
      -0.052336,
      -2e-16,
      1,
      0
    ],
    "ImageType": [
      "ORIGINAL",
      "PRIMARY",
      "M",
      "ND",
      "MOSAIC"
    ],
    "InPlanePhaseEncodingDirectionDICOM": "COL",
    "InstitutionAddress": "Xinjiekouwai_Street_No_19_Beijing_Haidian_District_CN_100875",
    "InstitutionName": "Beijing_Normal_Universtiy_7C3C54",
    "InstitutionalDepartmentName": "Department",
    "MRAcquisitionType": "2D",
    "MagneticFieldStrength": 3,
    "Manufacturer": "Siemens",
    "ManufacturersModelName": "TrioTim",
    "Modality": "MR",
    "PartialFourier": 1,
    "PatientPosition": "HFS",
    "PercentPhaseFOV": 100,
    "PhaseEncodingDirection": "j-",
    "PhaseEncodingSteps": 64,
    "PhaseResolution": 1,
    "PixelBandwidth": 2520,
    "ProcedureStepDescription": "BNU_cst_2015_Liu.Jia",
    "ProtocolName": "ge_func_pace_3x3x3.5_99",
    "PulseSequenceDetails": "%SiemensSeq%_ep2d_bold",
    "ReceiveCoilName": "HeadMatrix",
    "ReconMatrixPE": 64,
    "RepetitionTime": 2,
    "SAR": 0.14338,
    "ScanOptions": "FS",
    "ScanningSequence": "EP",
    "SequenceName": "_epfid2d1_64",
    "SequenceVariant": "SK",
    "SeriesDescription": "ge_func_pace_3x3x3.5_99",
    "SeriesNumber": 12,
    "ShimSetting": [
      -4524,
      -19397,
      -9772,
      1159,
      -186,
      -415,
      32,
      18
    ],
    "SliceThickness": 3.5,
    "SliceTiming": [
      0,
      1.035,
      0.06,
      1.095,
      0.1225,
      1.155,
      0.1825,
      1.2175,
      0.2425,
      1.2775,
      0.305,
      1.3375,
      0.365,
      1.4,
      0.425,
      1.46,
      0.4875,
      1.52,
      0.5475,
      1.5825,
      0.6075,
      1.6425,
      0.67,
      1.7025,
      0.73,
      1.765,
      0.79,
      1.825,
      0.8525,
      1.885,
      0.9125,
      1.9475,
      0.9725
    ],
    "SoftwareVersions": "syngo_MR_B17",
    "SpacingBetweenSlices": 4.2,
    "StationName": "MRC35193",
    "TotalReadoutTime": 0.0289803,
    "TxRefAmp": 356.08,
    "dataset": "ds003696",
    "modality": "bold",
    "run_id": 2,
    "session_id": "01",
    "subject_id": "120",
    "task_id": "localizer"
  },
  "dummy_trs": 0,
  "dvars_nstd": 22.476419078775507,
  "dvars_std": 1.0464860923469388,
  "dvars_vstd": 0.9743925943877546,
  "efc": 0.5709618743165266,
  "fber": 641.5692749023438,
  "fd_mean": 0.1430573922940876,
  "fd_num": 10,
  "fd_perc": 10.1010101010101,
  "fwhm_avg": 1.903153378220878,
  "fwhm_x": 1.8933727999999999,
  "fwhm_y": 2.1090944,
  "fwhm_z": 1.7069929346626342,
  "gcor": 0.00987135,
  "gsr_x": -0.00276117748580873,
  "gsr_y": 0.039955928921699524,
  "provenance": {
    "md5sum": "091a8ad671282421ab854817def24c95",
    "settings": {
      "fd_thres": 0.2,
      "testing": false
    },
    "software": "mriqc",
    "version": "23.0.1",
    "webapi_port": null,
    "webapi_url": "https://mriqc.nimh.nih.gov/api/v1"
  },
  "size_t": 99,
  "size_x": 64,
  "size_y": 64,
  "size_z": 33,
  "snr": 5.444871402875112,
  "spacing_tr": 2.0,
  "spacing_x": 3.125,
  "spacing_y": 3.125,
  "spacing_z": 4.199999809265137,
  "summary_bg_k": 40.2183953421487,
  "summary_bg_mad": 17.851128742265672,
  "summary_bg_mean": 63.07361602783203,
  "summary_bg_median": 34.34343338012695,
  "summary_bg_n": 75636.0,
  "summary_bg_p05": 20.949495315551758,
  "summary_bg_p95": 197.55555725097656,
  "summary_bg_stdv": 85.11565399169922,
  "summary_fg_k": 1.1706327359668611,
  "summary_fg_mad": 144.10442919401297,
  "summary_fg_mean": 904.822509765625,
  "summary_fg_median": 891.050537109375,
  "summary_fg_n": 27888.0,
  "summary_fg_p05": 658.4984802246094,
  "summary_fg_p95": 1191.586370849609,
  "summary_fg_stdv": 163.64657592773438,
  "tsnr": 60.91471358528361
}