{
  "aor": 0.0005365027322404371,
  "aqi": 0.0034968183606557384,
  "bids_meta": {
    "AcquisitionMatrixPE": 64,
    "AcquisitionNumber": 1,
    "AcquisitionTime": "10:39:44.677500",
    "BandwidthPerPixelPhaseEncode": 33.967,
    "BaseResolution": 64,
    "ConversionSoftware": "dcm2niix",
    "ConversionSoftwareVersion": "v1.0.20180622 GCC4.9.2",
    "DerivedVendorReportedEchoSpacing": 0.000460005,
    "DeviceSerialNumber": "35193",
    "DwellTime": 3.1e-06,
    "EchoTime": 0.03,
    "EffectiveEchoSpacing": 0.000460005,
    "FlipAngle": 90,
    "ImageOrientationPatientDICOM": [
      0.998946,
      -0.00698119,
      0.0453619,
      0.006974,
      0.999976,
      0.00031669
    ],
    "ImageType": [
      "ORIGINAL",
      "PRIMARY",
      "M",
      "ND",
      "MOSAIC"
    ],
    "InPlanePhaseEncodingDirectionDICOM": "COL",
    "InstitutionAddress": "Xinjiekouwai_Street_No_19_Beijing_Haidian_District_CN_100875",
    "InstitutionName": "Beijing_Normal_Universtiy_7C3C54",
    "InstitutionalDepartmentName": "Department",
    "MRAcquisitionType": "2D",
    "MagneticFieldStrength": 3,
    "Manufacturer": "Siemens",
    "ManufacturersModelName": "TrioTim",
    "Modality": "MR",
    "PartialFourier": 1,
    "PatientPosition": "HFS",
    "PercentPhaseFOV": 100,
    "PhaseEncodingDirection": "j-",
    "PhaseEncodingSteps": 64,
    "PhaseResolution": 1,
    "PixelBandwidth": 2520,
    "ProcedureStepDescription": "BNU_cst_2015_Liu.Jia",
    "ProtocolName": "ge_func_pace_3x3x3.5_185",
    "PulseSequenceDetails": "%SiemensSeq%_ep2d_bold",
    "ReceiveCoilName": "HeadMatrix",
    "ReconMatrixPE": 64,
    "RepetitionTime": 2,
    "SAR": 0.142244,
    "ScanOptions": "FS",
    "ScanningSequence": "EP",
    "SequenceName": "_epfid2d1_64",
    "SequenceVariant": "SK",
    "SeriesDescription": "ge_func_pace_3x3x3.5_185",
    "SeriesNumber": 8,
    "ShimSetting": [
      -4485,
      -19415,
      -9821,
      1049,
      -188,
      -268,
      53,
      -85
    ],
    "SliceThickness": 3.5,
    "SliceTiming": [
      0,
      1.0325,
      0.06,
      1.095,
      0.12,
      1.155,
      0.1825,
      1.215,
      0.2425,
      1.2775,
      0.3025,
      1.3375,
      0.365,
      1.3975,
      0.425,
      1.46,
      0.485,
      1.52,
      0.5475,
      1.58,
      0.6075,
      1.6425,
      0.6675,
      1.7025,
      0.73,
      1.7625,
      0.79,
      1.825,
      0.85,
      1.885,
      0.9125,
      1.945,
      0.9725
    ],
    "SoftwareVersions": "syngo_MR_B17",
    "SpacingBetweenSlices": 4.2,
    "StationName": "MRC35193",
    "TotalReadoutTime": 0.0289803,
    "TxRefAmp": 313.475,
    "dataset": "ds003696",
    "modality": "bold",
    "run_id": 1,
    "session_id": "01",
    "subject_id": "110",
    "task_id": "affordance"
  },
  "dummy_trs": 2,
  "dvars_nstd": 19.942948639890105,
  "dvars_std": 1.1567554243956049,
  "dvars_vstd": 1.0060204224175828,
  "efc": 0.5308196032864158,
  "fber": 1052.4749755859375,
  "fd_mean": 0.08163655956470738,
  "fd_num": 0,
  "fd_perc": 0.0,
  "fwhm_avg": 1.9858752284864618,
  "fwhm_x": 1.9253792,
  "fwhm_y": 2.2109728,
  "fwhm_z": 1.8212736854593854,
  "gcor": 0.0381133,
  "gsr_x": -0.008130691945552826,
  "gsr_y": 0.03027917444705963,
  "provenance": {
    "md5sum": "548d8338b6aab57c5cd8d0dfbc8d9015",
    "settings": {
      "fd_thres": 0.2,
      "testing": false
    },
    "software": "mriqc",
    "version": "23.0.1",
    "webapi_port": null,
    "webapi_url": "https://mriqc.nimh.nih.gov/api/v1"
  },
  "size_t": 183,
  "size_x": 64,
  "size_y": 64,
  "size_z": 33,
  "snr": 5.920647046489923,
  "spacing_tr": 2.0,
  "spacing_x": 3.125,
  "spacing_y": 3.125,
  "spacing_z": 4.200000286102295,
  "summary_bg_k": 35.405278095012854,
  "summary_bg_mad": 12.371220121592394,
  "summary_bg_mean": 55.296844482421875,
  "summary_bg_median": 28.44808578491211,
  "summary_bg_n": 80477.0,
  "summary_bg_p05": 19.35519027709961,
  "summary_bg_p95": 181.73114624023432,
  "summary_bg_stdv": 79.22195434570312,
  "summary_fg_k": 1.0137513273355152,
  "summary_fg_mad": 146.00790439336998,
  "summary_fg_mean": 952.3921508789062,
  "summary_fg_median": 943.530029296875,
  "summary_fg_n": 24185.0,
  "summary_fg_p05": 708.2535278320313,
  "summary_fg_p95": 1227.749658203125,
  "summary_fg_stdv": 159.35935974121094,
  "tsnr": 86.55576165486127
}