{
  "aor": 0.0015674489795918364,
  "aqi": 0.004740728571428572,
  "bids_meta": {
    "AcquisitionMatrixPE": 64,
    "AcquisitionNumber": 1,
    "AcquisitionTime": "10:56:51.482500",
    "BandwidthPerPixelPhaseEncode": 33.967,
    "BaseResolution": 64,
    "ConversionSoftware": "dcm2niix",
    "ConversionSoftwareVersion": "v1.0.20180622 GCC4.9.2",
    "DerivedVendorReportedEchoSpacing": 0.000460005,
    "DeviceSerialNumber": "35193",
    "DwellTime": 3.1e-06,
    "EchoTime": 0.03,
    "EffectiveEchoSpacing": 0.000460005,
    "FlipAngle": 90,
    "ImageOrientationPatientDICOM": [
      0.998946,
      -0.00698119,
      0.0453619,
      0.006974,
      0.999976,
      0.00031669
    ],
    "ImageType": [
      "ORIGINAL",
      "PRIMARY",
      "M",
      "ND",
      "MOSAIC"
    ],
    "InPlanePhaseEncodingDirectionDICOM": "COL",
    "InstitutionAddress": "Xinjiekouwai_Street_No_19_Beijing_Haidian_District_CN_100875",
    "InstitutionName": "Beijing_Normal_Universtiy_7C3C54",
    "InstitutionalDepartmentName": "Department",
    "MRAcquisitionType": "2D",
    "MagneticFieldStrength": 3,
    "Manufacturer": "Siemens",
    "ManufacturersModelName": "TrioTim",
    "Modality": "MR",
    "PartialFourier": 1,
    "PatientPosition": "HFS",
    "PercentPhaseFOV": 100,
    "PhaseEncodingDirection": "j-",
    "PhaseEncodingSteps": 64,
    "PhaseResolution": 1,
    "PixelBandwidth": 2520,
    "ProcedureStepDescription": "BNU_cst_2015_Liu.Jia",
    "ProtocolName": "ge_func_pace_3x3x3.5_99",
    "PulseSequenceDetails": "%SiemensSeq%_ep2d_bold",
    "ReceiveCoilName": "HeadMatrix",
    "ReconMatrixPE": 64,
    "RepetitionTime": 2,
    "SAR": 0.141762,
    "ScanOptions": "FS",
    "ScanningSequence": "EP",
    "SequenceName": "_epfid2d1_64",
    "SequenceVariant": "SK",
    "SeriesDescription": "ge_func_pace_3x3x3.5_99",
    "SeriesNumber": 16,
    "ShimSetting": [
      -4485,
      -19415,
      -9821,
      1049,
      -188,
      -268,
      53,
      -85
    ],
    "SliceThickness": 3.5,
    "SliceTiming": [
      0,
      1.035,
      0.0625,
      1.095,
      0.1225,
      1.1575,
      0.1825,
      1.2175,
      0.245,
      1.2775,
      0.305,
      1.34,
      0.365,
      1.4,
      0.4275,
      1.46,
      0.4875,
      1.5225,
      0.5475,
      1.5825,
      0.61,
      1.6425,
      0.67,
      1.705,
      0.73,
      1.765,
      0.7925,
      1.825,
      0.8525,
      1.8875,
      0.9125,
      1.9475,
      0.975
    ],
    "SoftwareVersions": "syngo_MR_B17",
    "SpacingBetweenSlices": 4.2,
    "StationName": "MRC35193",
    "TotalReadoutTime": 0.0289803,
    "TxRefAmp": 313.475,
    "dataset": "ds003696",
    "modality": "bold",
    "run_id": 3,
    "session_id": "01",
    "subject_id": "110",
    "task_id": "localizer"
  },
  "dummy_trs": 1,
  "dvars_nstd": 19.373126767010305,
  "dvars_std": 1.1362365350515464,
  "dvars_vstd": 1.0310397354639171,
  "efc": 0.5320578596721484,
  "fber": 1023.8656616210938,
  "fd_mean": 0.09338289508217558,
  "fd_num": 3,
  "fd_perc": 3.061224489795918,
  "fwhm_avg": 1.9841371903943053,
  "fwhm_x": 1.924016,
  "fwhm_y": 2.2072576,
  "fwhm_z": 1.821137971182916,
  "gcor": 0.0315757,
  "gsr_x": -0.007526008877903223,
  "gsr_y": 0.03144508972764015,
  "provenance": {
    "md5sum": "ece74adcab9a52c4548694f350037c02",
    "settings": {
      "fd_thres": 0.2,
      "testing": false
    },
    "software": "mriqc",
    "version": "23.0.1",
    "webapi_port": null,
    "webapi_url": "https://mriqc.nimh.nih.gov/api/v1"
  },
  "size_t": 98,
  "size_x": 64,
  "size_y": 64,
  "size_z": 33,
  "snr": 5.9521288087840425,
  "spacing_tr": 2.0,
  "spacing_x": 3.125,
  "spacing_y": 3.125,
  "spacing_z": 4.200000286102295,
  "summary_bg_k": 35.49199324697293,
  "summary_bg_mad": 12.798789425940477,
  "summary_bg_mean": 56.398128509521484,
  "summary_bg_median": 28.857141494750977,
  "summary_bg_n": 80503.0,
  "summary_bg_p05": 19.387754440307617,
  "summary_bg_p95": 186.11938934326153,
  "summary_bg_stdv": 82.35327911376953,
  "summary_fg_k": 1.0195907716251504,
  "summary_fg_mad": 145.56730440546082,
  "summary_fg_mean": 952.2876586914062,
  "summary_fg_median": 943.0305786132812,
  "summary_fg_n": 24173.0,
  "summary_fg_p05": 708.9244506835937,
  "summary_fg_p95": 1226.9672851562498,
  "summary_fg_stdv": 158.4325714111328,
  "tsnr": 78.95473470259458
}