{
  "aor": 0.00713909090909091,
  "aqi": 0.005029240404040404,
  "bids_meta": {
    "AcquisitionMatrixPE": 64,
    "AcquisitionNumber": 1,
    "AcquisitionTime": "11:03:11.132500",
    "BandwidthPerPixelPhaseEncode": 33.967,
    "BaseResolution": 64,
    "ConversionSoftware": "dcm2niix",
    "ConversionSoftwareVersion": "v1.0.20180622 GCC4.9.2",
    "DerivedVendorReportedEchoSpacing": 0.000460005,
    "DeviceSerialNumber": "35193",
    "DwellTime": 3.1e-06,
    "EchoTime": 0.03,
    "EffectiveEchoSpacing": 0.000460005,
    "FlipAngle": 90,
    "ImageOrientationPatientDICOM": [
      1,
      0,
      0,
      0,
      1,
      0
    ],
    "ImageType": [
      "ORIGINAL",
      "PRIMARY",
      "M",
      "ND",
      "MOSAIC"
    ],
    "InPlanePhaseEncodingDirectionDICOM": "COL",
    "InstitutionAddress": "Xinjiekouwai_Street_No_19_Beijing_Haidian_District_CN_100875",
    "InstitutionName": "BNU_MRI_Center",
    "InstitutionalDepartmentName": "Department",
    "MRAcquisitionType": "2D",
    "MagneticFieldStrength": 3,
    "Manufacturer": "Siemens",
    "ManufacturersModelName": "TrioTim",
    "Modality": "MR",
    "PartialFourier": 1,
    "PatientPosition": "HFS",
    "PercentPhaseFOV": 100,
    "PhaseEncodingDirection": "j-",
    "PhaseEncodingSteps": 64,
    "PhaseResolution": 1,
    "PixelBandwidth": 2520,
    "ProcedureStepDescription": "BNU_cst_2019_Xu.Shan",
    "ProtocolName": "ge_func_pace_3x3x3.5_99",
    "PulseSequenceDetails": "%SiemensSeq%_ep2d_bold",
    "ReceiveCoilName": "HeadMatrix",
    "ReconMatrixPE": 64,
    "RepetitionTime": 2,
    "SAR": 0.115728,
    "ScanOptions": "FS",
    "ScanningSequence": "EP",
    "SequenceName": "_epfid2d1_64",
    "SequenceVariant": "SK",
    "SeriesDescription": "ge_func_pace_3x3x3.5_99",
    "SeriesNumber": 10,
    "ShimSetting": [
      -4529,
      -19333,
      -9914,
      879,
      -149,
      -224,
      -31,
      70
    ],
    "SliceThickness": 3.5,
    "SliceTiming": [
      0,
      1.035,
      0.06,
      1.095,
      0.1225,
      1.155,
      0.1825,
      1.2175,
      0.2425,
      1.2775,
      0.305,
      1.3375,
      0.365,
      1.4,
      0.425,
      1.46,
      0.4875,
      1.52,
      0.5475,
      1.5825,
      0.6075,
      1.6425,
      0.67,
      1.7025,
      0.73,
      1.765,
      0.79,
      1.825,
      0.8525,
      1.885,
      0.9125,
      1.9475,
      0.9725
    ],
    "SoftwareVersions": "syngo_MR_B17",
    "SpacingBetweenSlices": 4.2,
    "StationName": "MRC35193",
    "TotalReadoutTime": 0.0289803,
    "TxRefAmp": 316.947,
    "dataset": "ds003696",
    "modality": "bold",
    "run_id": 1,
    "session_id": "01",
    "subject_id": "137",
    "task_id": "localizer"
  },
  "dummy_trs": 0,
  "dvars_nstd": 18.690208483469387,
  "dvars_std": 1.1463398833673473,
  "dvars_vstd": 1.0654589662244895,
  "efc": 0.524922512638866,
  "fber": 1046.040283203125,
  "fd_mean": 0.09150355764323567,
  "fd_num": 5,
  "fd_perc": 5.05050505050505,
  "fwhm_avg": 2.0500305370804863,
  "fwhm_x": 1.9914784,
  "fwhm_y": 2.2333536,
  "fwhm_z": 1.9252596112414593,
  "gcor": 0.0402175,
  "gsr_x": -0.008275553584098816,
  "gsr_y": 0.035472601652145386,
  "provenance": {
    "md5sum": "9b885282b4f5284832e6b2dfbc1d1d57",
    "settings": {
      "fd_thres": 0.2,
      "testing": false
    },
    "software": "mriqc",
    "version": "23.0.1",
    "webapi_port": null,
    "webapi_url": "https://mriqc.nimh.nih.gov/api/v1"
  },
  "size_t": 99,
  "size_x": 64,
  "size_y": 64,
  "size_z": 33,
  "snr": 5.911637586748588,
  "spacing_tr": 2.0,
  "spacing_x": 3.125,
  "spacing_y": 3.125,
  "spacing_z": 4.199999809265137,
  "summary_bg_k": 47.90486516703206,
  "summary_bg_mad": 11.651156085591275,
  "summary_bg_mean": 48.51799392700195,
  "summary_bg_median": 25.787878036499023,
  "summary_bg_n": 81566.0,
  "summary_bg_p05": 17.103534698486328,
  "summary_bg_p95": 154.90908813476562,
  "summary_bg_stdv": 68.5324478149414,
  "summary_fg_k": 0.6464652941784053,
  "summary_fg_mad": 131.9216449729797,
  "summary_fg_mean": 861.1422119140625,
  "summary_fg_median": 853.48486328125,
  "summary_fg_n": 23376.0,
  "summary_fg_p05": 637.0782623291016,
  "summary_fg_p95": 1116.4166870117188,
  "summary_fg_stdv": 144.37059020996094,
  "tsnr": 76.27036654576659
}