{
  "aor": 0.0020426486486486485,
  "aqi": 0.006639310216216216,
  "bids_meta": {
    "AcquisitionMatrixPE": 64,
    "AcquisitionNumber": 1,
    "AcquisitionTime": "10:32:14.500000",
    "BandwidthPerPixelPhaseEncode": 33.967,
    "BaseResolution": 64,
    "ConversionSoftware": "dcm2niix",
    "ConversionSoftwareVersion": "v1.0.20180622 GCC4.9.2",
    "DerivedVendorReportedEchoSpacing": 0.000460005,
    "DeviceSerialNumber": "35193",
    "DwellTime": 3.1e-06,
    "EchoTime": 0.03,
    "EffectiveEchoSpacing": 0.000460005,
    "FlipAngle": 90,
    "ImageOrientationPatientDICOM": [
      1,
      0,
      0,
      0,
      1,
      0
    ],
    "ImageType": [
      "ORIGINAL",
      "PRIMARY",
      "M",
      "ND",
      "MOSAIC"
    ],
    "InPlanePhaseEncodingDirectionDICOM": "COL",
    "InstitutionAddress": "Xinjiekouwai_Street_No_19_Beijing_Haidian_District_CN_100875",
    "InstitutionName": "BNU_MRI_Center",
    "InstitutionalDepartmentName": "Department",
    "MRAcquisitionType": "2D",
    "MagneticFieldStrength": 3,
    "Manufacturer": "Siemens",
    "ManufacturersModelName": "TrioTim",
    "Modality": "MR",
    "PartialFourier": 1,
    "PatientPosition": "HFS",
    "PercentPhaseFOV": 100,
    "PhaseEncodingDirection": "j-",
    "PhaseEncodingSteps": 64,
    "PhaseResolution": 1,
    "PixelBandwidth": 2520,
    "ProcedureStepDescription": "BNU_cst_2019_Xu.Shan",
    "ProtocolName": "ge_func_pace_3x3x3.5_185",
    "PulseSequenceDetails": "%SiemensSeq%_ep2d_bold",
    "ReceiveCoilName": "HeadMatrix",
    "ReconMatrixPE": 64,
    "RepetitionTime": 2,
    "SAR": 0.116122,
    "ScanOptions": "FS",
    "ScanningSequence": "EP",
    "SequenceName": "_epfid2d1_64",
    "SequenceVariant": "SK",
    "SeriesDescription": "ge_func_pace_3x3x3.5_185",
    "SeriesNumber": 2,
    "ShimSetting": [
      -4529,
      -19333,
      -9914,
      879,
      -149,
      -224,
      -31,
      70
    ],
    "SliceThickness": 3.5,
    "SliceTiming": [
      0,
      1.0325,
      0.06,
      1.095,
      0.12,
      1.155,
      0.1825,
      1.215,
      0.2425,
      1.2775,
      0.3025,
      1.3375,
      0.365,
      1.3975,
      0.425,
      1.46,
      0.485,
      1.52,
      0.5475,
      1.58,
      0.6075,
      1.6425,
      0.6675,
      1.7025,
      0.73,
      1.7625,
      0.79,
      1.825,
      0.85,
      1.885,
      0.9125,
      1.945,
      0.9725
    ],
    "SoftwareVersions": "syngo_MR_B17",
    "SpacingBetweenSlices": 4.2,
    "StationName": "MRC35193",
    "TotalReadoutTime": 0.0289803,
    "TxRefAmp": 316.947,
    "dataset": "ds003696",
    "modality": "bold",
    "run_id": 1,
    "session_id": "01",
    "subject_id": "137",
    "task_id": "affordance"
  },
  "dummy_trs": 0,
  "dvars_nstd": 19.538829549239143,
  "dvars_std": 1.068162456847826,
  "dvars_vstd": 0.9781538620108698,
  "efc": 0.5233923694891248,
  "fber": 1074.5731201171875,
  "fd_mean": 0.09581123448045141,
  "fd_num": 4,
  "fd_perc": 2.1621621621621623,
  "fwhm_avg": 2.061441495802932,
  "fwhm_x": 2.0019264000000003,
  "fwhm_y": 2.257648,
  "fwhm_z": 1.9247500874087964,
  "gcor": 0.0172002,
  "gsr_x": -0.0076561374589800835,
  "gsr_y": 0.035978179425001144,
  "provenance": {
    "md5sum": "f3b0295548d7ee2d491bcc86c8fac9c2",
    "settings": {
      "fd_thres": 0.2,
      "testing": false
    },
    "software": "mriqc",
    "version": "23.0.1",
    "webapi_port": null,
    "webapi_url": "https://mriqc.nimh.nih.gov/api/v1"
  },
  "size_t": 185,
  "size_x": 64,
  "size_y": 64,
  "size_z": 33,
  "snr": 5.860495350469482,
  "spacing_tr": 2.0,
  "spacing_x": 3.125,
  "spacing_y": 3.125,
  "spacing_z": 4.199999809265137,
  "summary_bg_k": 51.65769390594179,
  "summary_bg_mad": 11.772662685255483,
  "summary_bg_mean": 46.504425048828125,
  "summary_bg_median": 25.17837905883789,
  "summary_bg_n": 81459.0,
  "summary_bg_p05": 15.664865493774414,
  "summary_bg_p95": 144.5432449340818,
  "summary_bg_stdv": 65.1102523803711,
  "summary_fg_k": 0.6432200063622258,
  "summary_fg_mad": 130.49302055130872,
  "summary_fg_mean": 850.4862670898438,
  "summary_fg_median": 842.37841796875,
  "summary_fg_n": 23440.0,
  "summary_fg_p05": 626.3594787597656,
  "summary_fg_p95": 1105.6548645019532,
  "summary_fg_stdv": 143.73536682128906,
  "tsnr": 64.17357360594906
}