{
  "aor": 0.0008353804347826087,
  "aqi": 0.0035090617934782605,
  "bids_meta": {
    "AcquisitionMatrixPE": 64,
    "AcquisitionNumber": 1,
    "AcquisitionTime": "09:26:39.212500",
    "BandwidthPerPixelPhaseEncode": 33.967,
    "BaseResolution": 64,
    "ConversionSoftware": "dcm2niix",
    "ConversionSoftwareVersion": "v1.0.20180622 GCC4.9.2",
    "DerivedVendorReportedEchoSpacing": 0.000460005,
    "DeviceSerialNumber": "35193",
    "DwellTime": 3.1e-06,
    "EchoTime": 0.03,
    "EffectiveEchoSpacing": 0.000460005,
    "FlipAngle": 90,
    "ImageOrientationPatientDICOM": [
      1,
      0,
      0,
      0,
      1,
      0
    ],
    "ImageType": [
      "ORIGINAL",
      "PRIMARY",
      "M",
      "ND",
      "MOSAIC"
    ],
    "InPlanePhaseEncodingDirectionDICOM": "COL",
    "InstitutionAddress": "Xinjiekouwai_Street_No_19_Beijing_Haidian_District_CN_100875",
    "InstitutionName": "BNU_MRI_Center",
    "InstitutionalDepartmentName": "Department",
    "MRAcquisitionType": "2D",
    "MagneticFieldStrength": 3,
    "Manufacturer": "Siemens",
    "ManufacturersModelName": "TrioTim",
    "Modality": "MR",
    "PartialFourier": 1,
    "PatientPosition": "HFS",
    "PercentPhaseFOV": 100,
    "PhaseEncodingDirection": "j-",
    "PhaseEncodingSteps": 64,
    "PhaseResolution": 1,
    "PixelBandwidth": 2520,
    "ProcedureStepDescription": "BNU_cst_2019_Xu.Shan",
    "ProtocolName": "ge_func_pace_3x3x3.5_185",
    "PulseSequenceDetails": "%SiemensSeq%_ep2d_bold",
    "ReceiveCoilName": "HeadMatrix",
    "ReconMatrixPE": 64,
    "RepetitionTime": 2,
    "SAR": 0.134422,
    "ScanOptions": "FS",
    "ScanningSequence": "EP",
    "SequenceName": "_epfid2d1_64",
    "SequenceVariant": "SK",
    "SeriesDescription": "ge_func_pace_3x3x3.5_185",
    "SeriesNumber": 6,
    "ShimSetting": [
      -4506,
      -19280,
      -9792,
      1229,
      -99,
      -64,
      -311,
      -168
    ],
    "SliceThickness": 3.5,
    "SliceTiming": [
      0,
      1.0325,
      0.06,
      1.095,
      0.12,
      1.155,
      0.1825,
      1.215,
      0.2425,
      1.2775,
      0.3025,
      1.3375,
      0.365,
      1.3975,
      0.425,
      1.46,
      0.485,
      1.52,
      0.5475,
      1.58,
      0.6075,
      1.6425,
      0.6675,
      1.7025,
      0.73,
      1.7625,
      0.79,
      1.825,
      0.85,
      1.885,
      0.9125,
      1.945,
      0.9725
    ],
    "SoftwareVersions": "syngo_MR_B17",
    "SpacingBetweenSlices": 4.2,
    "StationName": "MRC35193",
    "TotalReadoutTime": 0.0289803,
    "TxRefAmp": 328.173,
    "dataset": "ds003696",
    "modality": "bold",
    "run_id": 8,
    "session_id": "02",
    "subject_id": "124",
    "task_id": "affordance"
  },
  "dummy_trs": 1,
  "dvars_nstd": 20.279099490546454,
  "dvars_std": 1.1367068393989068,
  "dvars_vstd": 0.9937635522404374,
  "efc": 0.5491982958190562,
  "fber": 894.5306396484375,
  "fd_mean": 0.060137517282911515,
  "fd_num": 0,
  "fd_perc": 0.0,
  "fwhm_avg": 2.120573750304105,
  "fwhm_x": 2.0938368,
  "fwhm_y": 2.3079296,
  "fwhm_z": 1.9599548509123144,
  "gcor": 0.028885,
  "gsr_x": -0.006282837595790625,
  "gsr_y": 0.03942736238241196,
  "provenance": {
    "md5sum": "75e7442950db6dfd8567a54449339d99",
    "settings": {
      "fd_thres": 0.2,
      "testing": false
    },
    "software": "mriqc",
    "version": "23.0.1",
    "webapi_port": null,
    "webapi_url": "https://mriqc.nimh.nih.gov/api/v1"
  },
  "size_t": 184,
  "size_x": 64,
  "size_y": 64,
  "size_z": 33,
  "snr": 5.331663374023995,
  "spacing_tr": 2.0,
  "spacing_x": 3.125,
  "spacing_y": 3.125,
  "spacing_z": 4.199999809265137,
  "summary_bg_k": 45.62972083503064,
  "summary_bg_mad": 14.092777590010147,
  "summary_bg_mean": 50.39701461791992,
  "summary_bg_median": 28.29347801208496,
  "summary_bg_n": 76461.0,
  "summary_bg_p05": 17.646739959716797,
  "summary_bg_p95": 152.52174377441406,
  "summary_bg_stdv": 65.20138549804688,
  "summary_fg_k": 1.204189952434798,
  "summary_fg_mad": 137.5355168254974,
  "summary_fg_mean": 876.6144409179688,
  "summary_fg_median": 870.08154296875,
  "summary_fg_n": 26636.0,
  "summary_fg_p05": 603.1412963867188,
  "summary_fg_p95": 1154.0856018066406,
  "summary_fg_stdv": 163.18832397460938,
  "tsnr": 77.19570168480277
}