{
  "aor": 0.00044804347826086957,
  "aqi": 0.0032061991304347826,
  "bids_meta": {
    "AcquisitionMatrixPE": 64,
    "AcquisitionNumber": 1,
    "AcquisitionTime": "09:33:33.567500",
    "BandwidthPerPixelPhaseEncode": 33.967,
    "BaseResolution": 64,
    "ConversionSoftware": "dcm2niix",
    "ConversionSoftwareVersion": "v1.0.20180622 GCC4.9.2",
    "DerivedVendorReportedEchoSpacing": 0.000460005,
    "DeviceSerialNumber": "35193",
    "DwellTime": 3.1e-06,
    "EchoTime": 0.03,
    "EffectiveEchoSpacing": 0.000460005,
    "FlipAngle": 90,
    "ImageOrientationPatientDICOM": [
      1,
      0,
      0,
      0,
      1,
      0
    ],
    "ImageType": [
      "ORIGINAL",
      "PRIMARY",
      "M",
      "ND",
      "MOSAIC"
    ],
    "InPlanePhaseEncodingDirectionDICOM": "COL",
    "InstitutionAddress": "Xinjiekouwai_Street_No_19_Beijing_Haidian_District_CN_100875",
    "InstitutionName": "BNU_MRI_Center",
    "InstitutionalDepartmentName": "Department",
    "MRAcquisitionType": "2D",
    "MagneticFieldStrength": 3,
    "Manufacturer": "Siemens",
    "ManufacturersModelName": "TrioTim",
    "Modality": "MR",
    "PartialFourier": 1,
    "PatientPosition": "HFS",
    "PercentPhaseFOV": 100,
    "PhaseEncodingDirection": "j-",
    "PhaseEncodingSteps": 64,
    "PhaseResolution": 1,
    "PixelBandwidth": 2520,
    "ProcedureStepDescription": "BNU_cst_2019_Xu.Shan",
    "ProtocolName": "ge_func_pace_3x3x3.5_185",
    "PulseSequenceDetails": "%SiemensSeq%_ep2d_bold",
    "ReceiveCoilName": "HeadMatrix",
    "ReconMatrixPE": 64,
    "RepetitionTime": 2,
    "SAR": 0.134422,
    "ScanOptions": "FS",
    "ScanningSequence": "EP",
    "SequenceName": "_epfid2d1_64",
    "SequenceVariant": "SK",
    "SeriesDescription": "ge_func_pace_3x3x3.5_185",
    "SeriesNumber": 8,
    "ShimSetting": [
      -4506,
      -19280,
      -9792,
      1229,
      -99,
      -64,
      -311,
      -168
    ],
    "SliceThickness": 3.5,
    "SliceTiming": [
      0,
      1.035,
      0.06,
      1.095,
      0.1225,
      1.155,
      0.1825,
      1.2175,
      0.2425,
      1.2775,
      0.305,
      1.3375,
      0.365,
      1.4,
      0.425,
      1.46,
      0.4875,
      1.52,
      0.5475,
      1.5825,
      0.6075,
      1.6425,
      0.67,
      1.7025,
      0.73,
      1.765,
      0.79,
      1.825,
      0.8525,
      1.885,
      0.9125,
      1.9475,
      0.9725
    ],
    "SoftwareVersions": "syngo_MR_B17",
    "SpacingBetweenSlices": 4.2,
    "StationName": "MRC35193",
    "TotalReadoutTime": 0.0289803,
    "TxRefAmp": 328.173,
    "dataset": "ds003696",
    "modality": "bold",
    "run_id": 7,
    "session_id": "02",
    "subject_id": "124",
    "task_id": "affordance"
  },
  "dummy_trs": 1,
  "dvars_nstd": 20.30408860306011,
  "dvars_std": 1.1319066085245901,
  "dvars_vstd": 0.9916042263934426,
  "efc": 0.5491306779147422,
  "fber": 897.0291137695312,
  "fd_mean": 0.06796402076913029,
  "fd_num": 0,
  "fd_perc": 0.0,
  "fwhm_avg": 2.119358797958077,
  "fwhm_x": 2.0904096,
  "fwhm_y": 2.3054048,
  "fwhm_z": 1.9622619938742318,
  "gcor": 0.0547264,
  "gsr_x": -0.005918214563280344,
  "gsr_y": 0.03962494060397148,
  "provenance": {
    "md5sum": "94876d331dfab30ab30dcfe25c78b81b",
    "settings": {
      "fd_thres": 0.2,
      "testing": false
    },
    "software": "mriqc",
    "version": "23.0.1",
    "webapi_port": null,
    "webapi_url": "https://mriqc.nimh.nih.gov/api/v1"
  },
  "size_t": 184,
  "size_x": 64,
  "size_y": 64,
  "size_z": 33,
  "snr": 5.353267125277285,
  "spacing_tr": 2.0,
  "spacing_x": 3.125,
  "spacing_y": 3.125,
  "spacing_z": 4.199999809265137,
  "summary_bg_k": 45.04425609488986,
  "summary_bg_mad": 13.81076283085654,
  "summary_bg_mean": 50.82242202758789,
  "summary_bg_median": 28.282609939575195,
  "summary_bg_n": 76513.0,
  "summary_bg_p05": 18.17934799194336,
  "summary_bg_p95": 154.55217590331986,
  "summary_bg_stdv": 66.31501770019531,
  "summary_fg_k": 1.1599745771021643,
  "summary_fg_mad": 138.8892600621212,
  "summary_fg_mean": 880.421142578125,
  "summary_fg_median": 874.1141357421875,
  "summary_fg_n": 26600.0,
  "summary_fg_p05": 607.7643951416015,
  "summary_fg_p95": 1157.5583984375,
  "summary_fg_stdv": 163.2830352783203,
  "tsnr": 79.98998836660758
}