{
  "aor": 0.0035243783783783784,
  "aqi": 0.01251431118918919,
  "bids_meta": {
    "AcquisitionMatrixPE": 64,
    "AcquisitionNumber": 1,
    "AcquisitionTime": "09:29:45.180000",
    "BandwidthPerPixelPhaseEncode": 33.967,
    "BaseResolution": 64,
    "ConversionSoftware": "dcm2niix",
    "ConversionSoftwareVersion": "v1.0.20180622 GCC4.9.2",
    "DerivedVendorReportedEchoSpacing": 0.000460005,
    "DeviceSerialNumber": "35193",
    "DwellTime": 3.1e-06,
    "EchoTime": 0.03,
    "EffectiveEchoSpacing": 0.000460005,
    "FlipAngle": 90,
    "ImageOrientationPatientDICOM": [
      1,
      0,
      0,
      0,
      1,
      0
    ],
    "ImageType": [
      "ORIGINAL",
      "PRIMARY",
      "M",
      "ND",
      "MOSAIC"
    ],
    "InPlanePhaseEncodingDirectionDICOM": "COL",
    "InstitutionAddress": "Xinjiekouwai_Street_No_19_Beijing_Haidian_District_CN_100875",
    "InstitutionName": "BNU_MRI_Center",
    "InstitutionalDepartmentName": "Department",
    "MRAcquisitionType": "2D",
    "MagneticFieldStrength": 3,
    "Manufacturer": "Siemens",
    "ManufacturersModelName": "TrioTim",
    "Modality": "MR",
    "PartialFourier": 1,
    "PatientPosition": "HFS",
    "PercentPhaseFOV": 100,
    "PhaseEncodingDirection": "j-",
    "PhaseEncodingSteps": 64,
    "PhaseResolution": 1,
    "PixelBandwidth": 2520,
    "ProcedureStepDescription": "BNU_cst_2019_Xu.Shan",
    "ProtocolName": "ge_func_pace_3x3x3.5_185",
    "PulseSequenceDetails": "%SiemensSeq%_ep2d_bold",
    "ReceiveCoilName": "HeadMatrix",
    "ReconMatrixPE": 64,
    "RepetitionTime": 2,
    "SAR": 0.140363,
    "ScanOptions": "FS",
    "ScanningSequence": "EP",
    "SequenceName": "_epfid2d1_64",
    "SequenceVariant": "SK",
    "SeriesDescription": "ge_func_pace_3x3x3.5_185",
    "SeriesNumber": 8,
    "ShimSetting": [
      -4500,
      -19381,
      -9883,
      817,
      -53,
      -90,
      -12,
      -11
    ],
    "SliceThickness": 3.5,
    "SliceTiming": [
      0,
      1.035,
      0.0625,
      1.095,
      0.1225,
      1.1575,
      0.1825,
      1.2175,
      0.245,
      1.2775,
      0.305,
      1.34,
      0.365,
      1.4,
      0.4275,
      1.46,
      0.4875,
      1.5225,
      0.5475,
      1.5825,
      0.61,
      1.6425,
      0.67,
      1.705,
      0.73,
      1.765,
      0.7925,
      1.825,
      0.8525,
      1.8875,
      0.9125,
      1.9475,
      0.975
    ],
    "SoftwareVersions": "syngo_MR_B17",
    "SpacingBetweenSlices": 4.2,
    "StationName": "MRC35193",
    "TotalReadoutTime": 0.0289803,
    "TxRefAmp": 304.558,
    "dataset": "ds003696",
    "modality": "bold",
    "run_id": 8,
    "session_id": "02",
    "subject_id": "137",
    "task_id": "affordance"
  },
  "dummy_trs": 0,
  "dvars_nstd": 23.552023431739116,
  "dvars_std": 1.0947424327173916,
  "dvars_vstd": 0.9765348898913043,
  "efc": 0.5275639389026481,
  "fber": 990.24658203125,
  "fd_mean": 0.20419489205077293,
  "fd_num": 72,
  "fd_perc": 38.91891891891892,
  "fwhm_avg": 2.024299285403083,
  "fwhm_x": 1.9732224,
  "fwhm_y": 2.2327968,
  "fwhm_z": 1.8668786562092488,
  "gcor": 0.0244423,
  "gsr_x": -0.005631420761346817,
  "gsr_y": 0.035296034067869186,
  "provenance": {
    "md5sum": "6c7f4b7f44ee686833178742ceba88b2",
    "settings": {
      "fd_thres": 0.2,
      "testing": false
    },
    "software": "mriqc",
    "version": "23.0.1",
    "webapi_port": null,
    "webapi_url": "https://mriqc.nimh.nih.gov/api/v1"
  },
  "size_t": 185,
  "size_x": 64,
  "size_y": 64,
  "size_z": 33,
  "snr": 5.914082928951294,
  "spacing_tr": 2.0,
  "spacing_x": 3.125,
  "spacing_y": 3.125,
  "spacing_z": 4.199999809265137,
  "summary_bg_k": 48.03442097721001,
  "summary_bg_mad": 12.894630555986542,
  "summary_bg_mean": 51.29564666748047,
  "summary_bg_median": 27.513513565063477,
  "summary_bg_n": 81440.0,
  "summary_bg_p05": 17.832433700561523,
  "summary_bg_p95": 159.70298309326174,
  "summary_bg_stdv": 73.59413146972656,
  "summary_fg_k": 0.878158836463395,
  "summary_fg_mad": 133.9871892991277,
  "summary_fg_mean": 894.018310546875,
  "summary_fg_median": 890.2540893554688,
  "summary_fg_n": 23299.0,
  "summary_fg_p05": 648.0902954101563,
  "summary_fg_p95": 1149.809191894531,
  "summary_fg_stdv": 150.52798461914062,
  "tsnr": 50.61002218630165
}