{
  "aor": 0.0013088888888888892,
  "aqi": 0.005291237575757575,
  "bids_meta": {
    "AcquisitionMatrixPE": 64,
    "AcquisitionNumber": 1,
    "AcquisitionTime": "15:25:40.885000",
    "BandwidthPerPixelPhaseEncode": 33.967,
    "BaseResolution": 64,
    "ConversionSoftware": "dcm2niix",
    "ConversionSoftwareVersion": "v1.0.20180622 GCC4.9.2",
    "DerivedVendorReportedEchoSpacing": 0.000460005,
    "DeviceSerialNumber": "35193",
    "DwellTime": 3.1e-06,
    "EchoTime": 0.03,
    "EffectiveEchoSpacing": 0.000460005,
    "FlipAngle": 90,
    "ImageOrientationPatientDICOM": [
      1,
      0,
      0,
      0,
      1,
      0
    ],
    "ImageType": [
      "ORIGINAL",
      "PRIMARY",
      "M",
      "ND",
      "MOSAIC"
    ],
    "InPlanePhaseEncodingDirectionDICOM": "COL",
    "InstitutionAddress": "Xinjiekouwai_Street_No_19_Beijing_Haidian_District_CN_100875",
    "InstitutionName": "BNU_MRI_Center",
    "InstitutionalDepartmentName": "Department",
    "MRAcquisitionType": "2D",
    "MagneticFieldStrength": 3,
    "Manufacturer": "Siemens",
    "ManufacturersModelName": "TrioTim",
    "Modality": "MR",
    "PartialFourier": 1,
    "PatientPosition": "HFS",
    "PercentPhaseFOV": 100,
    "PhaseEncodingDirection": "j-",
    "PhaseEncodingSteps": 64,
    "PhaseResolution": 1,
    "PixelBandwidth": 2520,
    "ProcedureStepDescription": "BNU_cst_2011_Liu.Jia",
    "ProtocolName": "ge_func_pace_3x3x3.5_99",
    "PulseSequenceDetails": "%SiemensSeq%_ep2d_bold",
    "ReceiveCoilName": "HeadMatrix",
    "ReconMatrixPE": 64,
    "RepetitionTime": 2,
    "SAR": 0.121494,
    "ScanOptions": "FS",
    "ScanningSequence": "EP",
    "SequenceName": "_epfid2d1_64",
    "SequenceVariant": "SK",
    "SeriesDescription": "ge_func_pace_3x3x3.5_99",
    "SeriesNumber": 14,
    "ShimSetting": [
      -4512,
      -19333,
      -9842,
      901,
      -162,
      122,
      55,
      -1
    ],
    "SliceThickness": 3.5,
    "SliceTiming": [
      0,
      1.035,
      0.0625,
      1.095,
      0.1225,
      1.1575,
      0.1825,
      1.2175,
      0.245,
      1.2775,
      0.305,
      1.34,
      0.365,
      1.4,
      0.4275,
      1.46,
      0.4875,
      1.5225,
      0.5475,
      1.5825,
      0.61,
      1.6425,
      0.67,
      1.705,
      0.73,
      1.765,
      0.7925,
      1.825,
      0.8525,
      1.8875,
      0.9125,
      1.9475,
      0.975
    ],
    "SoftwareVersions": "syngo_MR_B17",
    "SpacingBetweenSlices": 4.2,
    "StationName": "MRC35193",
    "TotalReadoutTime": 0.0289803,
    "TxRefAmp": 316.685,
    "dataset": "ds003696",
    "modality": "bold",
    "run_id": 3,
    "session_id": "01",
    "subject_id": "107",
    "task_id": "localizer"
  },
  "dummy_trs": 0,
  "dvars_nstd": 25.490913099183683,
  "dvars_std": 1.2786489809183674,
  "dvars_vstd": 1.0138320912244898,
  "efc": 0.524495727312635,
  "fber": 1039.5494384765625,
  "fd_mean": 0.10240713938877426,
  "fd_num": 0,
  "fd_perc": 0.0,
  "fwhm_avg": 2.0353067451438336,
  "fwhm_x": 2.0382112,
  "fwhm_y": 2.238928,
  "fwhm_z": 1.8287810354315002,
  "gcor": 0.0188225,
  "gsr_x": -0.001341923838481307,
  "gsr_y": 0.020854253321886063,
  "provenance": {
    "md5sum": "afb994edb9c3e4b68429e4d298c8de60",
    "settings": {
      "fd_thres": 0.2,
      "testing": false
    },
    "software": "mriqc",
    "version": "23.0.1",
    "webapi_port": null,
    "webapi_url": "https://mriqc.nimh.nih.gov/api/v1"
  },
  "size_t": 99,
  "size_x": 64,
  "size_y": 64,
  "size_z": 33,
  "snr": 5.416460293740382,
  "spacing_tr": 2.0,
  "spacing_x": 3.125,
  "spacing_y": 3.125,
  "spacing_z": 4.199999809265137,
  "summary_bg_k": 35.51254998958725,
  "summary_bg_mad": 12.684482505170912,
  "summary_bg_mean": 54.036399841308594,
  "summary_bg_median": 29.272727966308594,
  "summary_bg_n": 81233.0,
  "summary_bg_p05": 19.70707130432129,
  "summary_bg_p95": 166.23637084960933,
  "summary_bg_stdv": 74.9448013305664,
  "summary_fg_k": 2.247718910469901,
  "summary_fg_mad": 151.64476092383575,
  "summary_fg_mean": 984.4234619140625,
  "summary_fg_median": 967.5555419921875,
  "summary_fg_n": 23520.0,
  "summary_fg_p05": 728.5823394775391,
  "summary_fg_p95": 1293.4550903320312,
  "summary_fg_stdv": 178.62864685058594,
  "tsnr": 80.17079421225935
}