{
  "aor": 0.0005297267759562841,
  "aqi": 0.006271896229508196,
  "bids_meta": {
    "AcquisitionMatrixPE": 64,
    "AcquisitionNumber": 1,
    "AcquisitionTime": "15:02:26.727500",
    "BandwidthPerPixelPhaseEncode": 33.967,
    "BaseResolution": 64,
    "ConversionSoftware": "dcm2niix",
    "ConversionSoftwareVersion": "v1.0.20180622 GCC4.9.2",
    "DerivedVendorReportedEchoSpacing": 0.000460005,
    "DeviceSerialNumber": "35193",
    "DwellTime": 3.1e-06,
    "EchoTime": 0.03,
    "EffectiveEchoSpacing": 0.000460005,
    "FlipAngle": 90,
    "ImageOrientationPatientDICOM": [
      1,
      0,
      0,
      0,
      1,
      0
    ],
    "ImageType": [
      "ORIGINAL",
      "PRIMARY",
      "M",
      "ND",
      "MOSAIC"
    ],
    "InPlanePhaseEncodingDirectionDICOM": "COL",
    "InstitutionAddress": "Xinjiekouwai_Street_No_19_Beijing_Haidian_District_CN_100875",
    "InstitutionName": "BNU_MRI_Center",
    "InstitutionalDepartmentName": "Department",
    "MRAcquisitionType": "2D",
    "MagneticFieldStrength": 3,
    "Manufacturer": "Siemens",
    "ManufacturersModelName": "TrioTim",
    "Modality": "MR",
    "PartialFourier": 1,
    "PatientPosition": "HFS",
    "PercentPhaseFOV": 100,
    "PhaseEncodingDirection": "j-",
    "PhaseEncodingSteps": 64,
    "PhaseResolution": 1,
    "PixelBandwidth": 2520,
    "ProcedureStepDescription": "BNU_cst_2011_Liu.Jia",
    "ProtocolName": "ge_func_pace_3x3x3.5_185",
    "PulseSequenceDetails": "%SiemensSeq%_ep2d_bold",
    "ReceiveCoilName": "HeadMatrix",
    "ReconMatrixPE": 64,
    "RepetitionTime": 2,
    "SAR": 0.121907,
    "ScanOptions": "FS",
    "ScanningSequence": "EP",
    "SequenceName": "_epfid2d1_64",
    "SequenceVariant": "SK",
    "SeriesDescription": "ge_func_pace_3x3x3.5_185",
    "SeriesNumber": 6,
    "ShimSetting": [
      -4512,
      -19333,
      -9842,
      901,
      -162,
      122,
      55,
      -1
    ],
    "SliceThickness": 3.5,
    "SliceTiming": [
      0,
      1.0325,
      0.06,
      1.095,
      0.12,
      1.155,
      0.1825,
      1.215,
      0.2425,
      1.2775,
      0.3025,
      1.3375,
      0.365,
      1.3975,
      0.425,
      1.46,
      0.485,
      1.52,
      0.5475,
      1.58,
      0.6075,
      1.6425,
      0.6675,
      1.7025,
      0.73,
      1.7625,
      0.79,
      1.825,
      0.85,
      1.885,
      0.9125,
      1.945,
      0.9725
    ],
    "SoftwareVersions": "syngo_MR_B17",
    "SpacingBetweenSlices": 4.2,
    "StationName": "MRC35193",
    "TotalReadoutTime": 0.0289803,
    "TxRefAmp": 316.685,
    "dataset": "ds003696",
    "modality": "bold",
    "run_id": 3,
    "session_id": "01",
    "subject_id": "107",
    "task_id": "affordance"
  },
  "dummy_trs": 2,
  "dvars_nstd": 24.80511586719779,
  "dvars_std": 1.2403893464285713,
  "dvars_vstd": 0.9831766816483516,
  "efc": 0.5227645853051827,
  "fber": 1061.44921875,
  "fd_mean": 0.09833770636321057,
  "fd_num": 1,
  "fd_perc": 0.546448087431694,
  "fwhm_avg": 2.0419515450802552,
  "fwhm_x": 2.0574304,
  "fwhm_y": 2.2438432,
  "fwhm_z": 1.8245810352407654,
  "gcor": 0.0189997,
  "gsr_x": -0.0013189970050007105,
  "gsr_y": 0.02235276624560356,
  "provenance": {
    "md5sum": "651f1a65f7e28edc5960e66e0120fd3f",
    "settings": {
      "fd_thres": 0.2,
      "testing": false
    },
    "software": "mriqc",
    "version": "23.0.1",
    "webapi_port": null,
    "webapi_url": "https://mriqc.nimh.nih.gov/api/v1"
  },
  "size_t": 183,
  "size_x": 64,
  "size_y": 64,
  "size_z": 33,
  "snr": 5.488713420840216,
  "spacing_tr": 2.0,
  "spacing_x": 3.125,
  "spacing_y": 3.125,
  "spacing_z": 4.199999809265137,
  "summary_bg_k": 39.7733406421183,
  "summary_bg_mad": 12.403629987975552,
  "summary_bg_mean": 52.971656799316406,
  "summary_bg_median": 28.907102584838867,
  "summary_bg_n": 81303.0,
  "summary_bg_p05": 19.56830596923828,
  "summary_bg_p95": 159.82404174804682,
  "summary_bg_stdv": 74.76589965820312,
  "summary_fg_k": 2.0367486489956823,
  "summary_fg_mad": 150.3990637717393,
  "summary_fg_mean": 980.2567749023438,
  "summary_fg_median": 963.672119140625,
  "summary_fg_n": 23307.0,
  "summary_fg_p05": 726.6169250488281,
  "summary_fg_p95": 1284.4049072265625,
  "summary_fg_stdv": 175.56964111328125,
  "tsnr": 73.43680486339144
}