{
  "aor": 0.0019064285714285717,
  "aqi": 0.006247155,
  "bids_meta": {
    "AcquisitionMatrixPE": 64,
    "AcquisitionNumber": 1,
    "AcquisitionTime": "15:17:3.172500",
    "BandwidthPerPixelPhaseEncode": 33.967,
    "BaseResolution": 64,
    "ConversionSoftware": "dcm2niix",
    "ConversionSoftwareVersion": "v1.0.20180622 GCC4.9.2",
    "DerivedVendorReportedEchoSpacing": 0.000460005,
    "DeviceSerialNumber": "35193",
    "DwellTime": 3.1e-06,
    "EchoTime": 0.03,
    "EffectiveEchoSpacing": 0.000460005,
    "FlipAngle": 90,
    "ImageOrientationPatientDICOM": [
      1,
      0,
      0,
      0,
      1,
      0
    ],
    "ImageType": [
      "ORIGINAL",
      "PRIMARY",
      "M",
      "ND",
      "MOSAIC"
    ],
    "InPlanePhaseEncodingDirectionDICOM": "COL",
    "InstitutionAddress": "Xinjiekouwai_Street_No_19_Beijing_Haidian_District_CN_100875",
    "InstitutionName": "BNU_MRI_Center",
    "InstitutionalDepartmentName": "Department",
    "MRAcquisitionType": "2D",
    "MagneticFieldStrength": 3,
    "Manufacturer": "Siemens",
    "ManufacturersModelName": "TrioTim",
    "Modality": "MR",
    "PartialFourier": 1,
    "PatientPosition": "HFS",
    "PercentPhaseFOV": 100,
    "PhaseEncodingDirection": "j-",
    "PhaseEncodingSteps": 64,
    "PhaseResolution": 1,
    "PixelBandwidth": 2520,
    "ProcedureStepDescription": "BNU_cst_2011_Liu.Jia",
    "ProtocolName": "ge_func_pace_3x3x3.5_99",
    "PulseSequenceDetails": "%SiemensSeq%_ep2d_bold",
    "ReceiveCoilName": "HeadMatrix",
    "ReconMatrixPE": 64,
    "RepetitionTime": 2,
    "SAR": 0.121494,
    "ScanOptions": "FS",
    "ScanningSequence": "EP",
    "SequenceName": "_epfid2d1_64",
    "SequenceVariant": "SK",
    "SeriesDescription": "ge_func_pace_3x3x3.5_99",
    "SeriesNumber": 10,
    "ShimSetting": [
      -4512,
      -19333,
      -9842,
      901,
      -162,
      122,
      55,
      -1
    ],
    "SliceThickness": 3.5,
    "SliceTiming": [
      0,
      1.035,
      0.0625,
      1.095,
      0.1225,
      1.1575,
      0.1825,
      1.2175,
      0.245,
      1.2775,
      0.305,
      1.34,
      0.365,
      1.4,
      0.4275,
      1.46,
      0.4875,
      1.5225,
      0.5475,
      1.5825,
      0.61,
      1.6425,
      0.67,
      1.705,
      0.73,
      1.765,
      0.7925,
      1.825,
      0.8525,
      1.8875,
      0.9125,
      1.9475,
      0.975
    ],
    "SoftwareVersions": "syngo_MR_B17",
    "SpacingBetweenSlices": 4.2,
    "StationName": "MRC35193",
    "TotalReadoutTime": 0.0289803,
    "TxRefAmp": 316.685,
    "dataset": "ds003696",
    "modality": "bold",
    "run_id": 1,
    "session_id": "01",
    "subject_id": "107",
    "task_id": "localizer"
  },
  "dummy_trs": 1,
  "dvars_nstd": 24.845233346804125,
  "dvars_std": 1.266133896082474,
  "dvars_vstd": 1.0215247785567012,
  "efc": 0.5237718279031095,
  "fber": 1055.3216552734375,
  "fd_mean": 0.12814393527756565,
  "fd_num": 13,
  "fd_perc": 13.26530612244898,
  "fwhm_avg": 2.0384836972105704,
  "fwhm_x": 2.0587776,
  "fwhm_y": 2.2486496,
  "fwhm_z": 1.808023891631712,
  "gcor": 0.0114782,
  "gsr_x": -0.0008598239510320127,
  "gsr_y": 0.021667631343007088,
  "provenance": {
    "md5sum": "40be0b9b60d1cb20c9541616e141a0fa",
    "settings": {
      "fd_thres": 0.2,
      "testing": false
    },
    "software": "mriqc",
    "version": "23.0.1",
    "webapi_port": null,
    "webapi_url": "https://mriqc.nimh.nih.gov/api/v1"
  },
  "size_t": 98,
  "size_x": 64,
  "size_y": 64,
  "size_z": 33,
  "snr": 5.4583026536573,
  "spacing_tr": 2.0,
  "spacing_x": 3.125,
  "spacing_y": 3.125,
  "spacing_z": 4.199999809265137,
  "summary_bg_k": 37.41606464843562,
  "summary_bg_mad": 12.481090162477553,
  "summary_bg_mean": 53.569679260253906,
  "summary_bg_median": 29.06122398376465,
  "summary_bg_n": 81238.0,
  "summary_bg_p05": 19.64285659790039,
  "summary_bg_p95": 163.71887054443343,
  "summary_bg_stdv": 74.96060180664062,
  "summary_fg_k": 2.139151136352165,
  "summary_fg_mad": 150.4235867942744,
  "summary_fg_mean": 981.9375,
  "summary_fg_median": 966.1275634765625,
  "summary_fg_n": 23484.0,
  "summary_fg_p05": 726.5326354980468,
  "summary_fg_p95": 1286.1040710449217,
  "summary_fg_stdv": 176.99769592285156,
  "tsnr": 74.44286735448986
}