{
  "aor": 0.0004958695652173914,
  "aqi": 0.003884342826086957,
  "bids_meta": {
    "AcquisitionMatrixPE": 64,
    "AcquisitionNumber": 1,
    "AcquisitionTime": "13:47:19.787500",
    "BandwidthPerPixelPhaseEncode": 33.967,
    "BaseResolution": 64,
    "ConversionSoftware": "dcm2niix",
    "ConversionSoftwareVersion": "v1.0.20180622 GCC4.9.2",
    "DerivedVendorReportedEchoSpacing": 0.000460005,
    "DeviceSerialNumber": "35193",
    "DwellTime": 3.1e-06,
    "EchoTime": 0.03,
    "EffectiveEchoSpacing": 0.000460005,
    "FlipAngle": 90,
    "ImageOrientationPatientDICOM": [
      1,
      0,
      0,
      0,
      1,
      0
    ],
    "ImageType": [
      "ORIGINAL",
      "PRIMARY",
      "M",
      "ND",
      "MOSAIC"
    ],
    "InPlanePhaseEncodingDirectionDICOM": "COL",
    "InstitutionAddress": "Xinjiekouwai_Street_No_19_Beijing_Haidian_District_CN_100875",
    "InstitutionName": "BNU_MRI_Center",
    "InstitutionalDepartmentName": "Department",
    "MRAcquisitionType": "2D",
    "MagneticFieldStrength": 3,
    "Manufacturer": "Siemens",
    "ManufacturersModelName": "TrioTim",
    "Modality": "MR",
    "PartialFourier": 1,
    "PatientPosition": "HFS",
    "PercentPhaseFOV": 100,
    "PhaseEncodingDirection": "j-",
    "PhaseEncodingSteps": 64,
    "PhaseResolution": 1,
    "PixelBandwidth": 2520,
    "ProcedureStepDescription": "BNU_cst_2015_Liu.Jia",
    "ProtocolName": "ge_func_pace_3x3x3.5_185",
    "PulseSequenceDetails": "%SiemensSeq%_ep2d_bold",
    "ReceiveCoilName": "HeadMatrix",
    "ReconMatrixPE": 64,
    "RepetitionTime": 2,
    "SAR": 0.131105,
    "ScanOptions": "FS",
    "ScanningSequence": "EP",
    "SequenceName": "_epfid2d1_64",
    "SequenceVariant": "SK",
    "SeriesDescription": "ge_func_pace_3x3x3.5_185",
    "SeriesNumber": 4,
    "ShimSetting": [
      -4474,
      -19414,
      -9822,
      1185,
      -86,
      -191,
      129,
      -60
    ],
    "SliceThickness": 3.5,
    "SliceTiming": [
      0,
      1.0325,
      0.06,
      1.095,
      0.12,
      1.155,
      0.1825,
      1.215,
      0.2425,
      1.2775,
      0.3025,
      1.3375,
      0.365,
      1.3975,
      0.425,
      1.46,
      0.485,
      1.52,
      0.5475,
      1.58,
      0.6075,
      1.6425,
      0.6675,
      1.7025,
      0.73,
      1.7625,
      0.79,
      1.825,
      0.85,
      1.885,
      0.9125,
      1.945,
      0.9725
    ],
    "SoftwareVersions": "syngo_MR_B17",
    "SpacingBetweenSlices": 4.2,
    "StationName": "MRC35193",
    "TotalReadoutTime": 0.0289803,
    "TxRefAmp": 320.337,
    "dataset": "ds003696",
    "modality": "bold",
    "run_id": 7,
    "session_id": "02",
    "subject_id": "108",
    "task_id": "affordance"
  },
  "dummy_trs": 1,
  "dvars_nstd": 23.415238583934435,
  "dvars_std": 1.2589840828415289,
  "dvars_vstd": 0.993579100710382,
  "efc": 0.5167177572535662,
  "fber": 1143.159912109375,
  "fd_mean": 0.07270732138927156,
  "fd_num": 1,
  "fd_perc": 0.5434782608695652,
  "fwhm_avg": 2.08230314652212,
  "fwhm_x": 2.0175327999999997,
  "fwhm_y": 2.3095456,
  "fwhm_z": 1.9198310395663598,
  "gcor": 0.0246495,
  "gsr_x": -0.0007185863796621561,
  "gsr_y": 0.02451389655470848,
  "provenance": {
    "md5sum": "c81ea0679877d684373f0f16cab78bd8",
    "settings": {
      "fd_thres": 0.2,
      "testing": false
    },
    "software": "mriqc",
    "version": "23.0.1",
    "webapi_port": null,
    "webapi_url": "https://mriqc.nimh.nih.gov/api/v1"
  },
  "size_t": 184,
  "size_x": 64,
  "size_y": 64,
  "size_z": 33,
  "snr": 5.610274082224383,
  "spacing_tr": 2.0,
  "spacing_x": 3.125,
  "spacing_y": 3.125,
  "spacing_z": 4.199999809265137,
  "summary_bg_k": 39.17073373648504,
  "summary_bg_mad": 11.707721355398647,
  "summary_bg_mean": 53.49244689941406,
  "summary_bg_median": 28.29347801208496,
  "summary_bg_n": 82015.0,
  "summary_bg_p05": 19.701087951660156,
  "summary_bg_p95": 175.1141357421875,
  "summary_bg_stdv": 74.08654022216797,
  "summary_fg_k": 1.4659663729170047,
  "summary_fg_mad": 147.2772196594209,
  "summary_fg_mean": 981.0414428710938,
  "summary_fg_median": 976.1087036132812,
  "summary_fg_n": 22595.0,
  "summary_fg_p05": 697.0114318847657,
  "summary_fg_p95": 1275.0717407226562,
  "summary_fg_stdv": 173.98207092285156,
  "tsnr": 83.72165836207569
}