{
  "aor": 0.00101375,
  "aqi": 0.0047845903125,
  "bids_meta": {
    "AcquisitionMatrixPE": 64,
    "AcquisitionNumber": 1,
    "AcquisitionTime": "12:47:45.517500",
    "BandwidthPerPixelPhaseEncode": 33.967,
    "BaseResolution": 64,
    "ConversionSoftware": "dcm2niix",
    "ConversionSoftwareVersion": "v1.0.20180622 GCC4.9.2",
    "DerivedVendorReportedEchoSpacing": 0.000460005,
    "DeviceSerialNumber": "35193",
    "DwellTime": 3.1e-06,
    "EchoTime": 0.03,
    "EffectiveEchoSpacing": 0.000460005,
    "FlipAngle": 90,
    "ImageOrientationPatientDICOM": [
      1,
      0,
      0,
      0,
      1,
      0
    ],
    "ImageType": [
      "ORIGINAL",
      "PRIMARY",
      "M",
      "ND",
      "MOSAIC"
    ],
    "InPlanePhaseEncodingDirectionDICOM": "COL",
    "InstitutionAddress": "Xinjiekouwai_Street_No_19_Beijing_Haidian_District_CN_100875",
    "InstitutionName": "BNU_MRI_Center",
    "InstitutionalDepartmentName": "Department",
    "MRAcquisitionType": "2D",
    "MagneticFieldStrength": 3,
    "Manufacturer": "Siemens",
    "ManufacturersModelName": "TrioTim",
    "Modality": "MR",
    "PartialFourier": 1,
    "PatientPosition": "HFS",
    "PercentPhaseFOV": 100,
    "PhaseEncodingDirection": "j-",
    "PhaseEncodingSteps": 64,
    "PhaseResolution": 1,
    "PixelBandwidth": 2520,
    "ProcedureStepDescription": "BNU_cst_2015_Liu.Jia",
    "ProtocolName": "ge_func_pace_3x3x3.5_99",
    "PulseSequenceDetails": "%SiemensSeq%_ep2d_bold",
    "ReceiveCoilName": "HeadMatrix",
    "ReconMatrixPE": 64,
    "RepetitionTime": 2,
    "SAR": 0.143566,
    "ScanOptions": "FS",
    "ScanningSequence": "EP",
    "SequenceName": "_epfid2d1_64",
    "SequenceVariant": "SK",
    "SeriesDescription": "ge_func_pace_3x3x3.5_99",
    "SeriesNumber": 14,
    "ShimSetting": [
      -4501,
      -19398,
      -9710,
      1045,
      111,
      -224,
      -91,
      -23
    ],
    "SliceThickness": 3.5,
    "SliceTiming": [
      0,
      1.035,
      0.06,
      1.095,
      0.1225,
      1.155,
      0.1825,
      1.2175,
      0.2425,
      1.2775,
      0.305,
      1.3375,
      0.365,
      1.4,
      0.425,
      1.46,
      0.4875,
      1.52,
      0.5475,
      1.5825,
      0.6075,
      1.6425,
      0.67,
      1.7025,
      0.73,
      1.765,
      0.79,
      1.825,
      0.8525,
      1.885,
      0.9125,
      1.9475,
      0.9725
    ],
    "SoftwareVersions": "syngo_MR_B17",
    "SpacingBetweenSlices": 4.2,
    "StationName": "MRC35193",
    "TotalReadoutTime": 0.0289803,
    "TxRefAmp": 343.006,
    "dataset": "ds003696",
    "modality": "bold",
    "run_id": 1,
    "session_id": "01",
    "subject_id": "113",
    "task_id": "localizer"
  },
  "dummy_trs": 3,
  "dvars_nstd": 22.12745805073684,
  "dvars_std": 1.1687681105263152,
  "dvars_vstd": 0.9970870210526317,
  "efc": 0.5799190264326216,
  "fber": 715.0399169921875,
  "fd_mean": 0.1348128733294203,
  "fd_num": 0,
  "fd_perc": 0.0,
  "fwhm_avg": 1.8994564955151496,
  "fwhm_x": 1.894576,
  "fwhm_y": 2.1077696,
  "fwhm_z": 1.6960238865454487,
  "gcor": 0.0167886,
  "gsr_x": 0.020270289853215218,
  "gsr_y": 0.03288007527589798,
  "provenance": {
    "md5sum": "84f0b5eaef27430a778000abe242efef",
    "settings": {
      "fd_thres": 0.2,
      "testing": false
    },
    "software": "mriqc",
    "version": "23.0.1",
    "webapi_port": null,
    "webapi_url": "https://mriqc.nimh.nih.gov/api/v1"
  },
  "size_t": 96,
  "size_x": 64,
  "size_y": 64,
  "size_z": 33,
  "snr": 5.955540642319831,
  "spacing_tr": 2.0,
  "spacing_x": 3.125,
  "spacing_y": 3.125,
  "spacing_z": 4.199999809265137,
  "summary_bg_k": 27.821639831640276,
  "summary_bg_mad": 16.849154577165578,
  "summary_bg_mean": 64.35514831542969,
  "summary_bg_median": 33.0625,
  "summary_bg_n": 73108.0,
  "summary_bg_p05": 20.55208396911621,
  "summary_bg_p95": 235.6588607788083,
  "summary_bg_stdv": 88.10255432128906,
  "summary_fg_k": 1.8190688947578195,
  "summary_fg_mad": 127.60414515307373,
  "summary_fg_mean": 908.2317504882812,
  "summary_fg_median": 900.8021240234375,
  "summary_fg_n": 29374.0,
  "summary_fg_p05": 679.6317840576172,
  "summary_fg_p95": 1163.3615112304688,
  "summary_fg_stdv": 151.25189208984375,
  "tsnr": 78.41911291121505
}