{
  "aor": 0.0016325405405405405,
  "aqi": 0.005364487135135136,
  "bids_meta": {
    "AcquisitionMatrixPE": 64,
    "AcquisitionNumber": 1,
    "AcquisitionTime": "12:34:17.437500",
    "BandwidthPerPixelPhaseEncode": 33.967,
    "BaseResolution": 64,
    "ConversionSoftware": "dcm2niix",
    "ConversionSoftwareVersion": "v1.0.20180622 GCC4.9.2",
    "DerivedVendorReportedEchoSpacing": 0.000460005,
    "DeviceSerialNumber": "35193",
    "DwellTime": 3.1e-06,
    "EchoTime": 0.03,
    "EffectiveEchoSpacing": 0.000460005,
    "FlipAngle": 90,
    "ImageOrientationPatientDICOM": [
      1,
      0,
      0,
      0,
      1,
      0
    ],
    "ImageType": [
      "ORIGINAL",
      "PRIMARY",
      "M",
      "ND",
      "MOSAIC"
    ],
    "InPlanePhaseEncodingDirectionDICOM": "COL",
    "InstitutionAddress": "Xinjiekouwai_Street_No_19_Beijing_Haidian_District_CN_100875",
    "InstitutionName": "BNU_MRI_Center",
    "InstitutionalDepartmentName": "Department",
    "MRAcquisitionType": "2D",
    "MagneticFieldStrength": 3,
    "Manufacturer": "Siemens",
    "ManufacturersModelName": "TrioTim",
    "Modality": "MR",
    "PartialFourier": 1,
    "PatientPosition": "HFS",
    "PercentPhaseFOV": 100,
    "PhaseEncodingDirection": "j-",
    "PhaseEncodingSteps": 64,
    "PhaseResolution": 1,
    "PixelBandwidth": 2520,
    "ProcedureStepDescription": "BNU_cst_2015_Liu.Jia",
    "ProtocolName": "ge_func_pace_3x3x3.5_185",
    "PulseSequenceDetails": "%SiemensSeq%_ep2d_bold",
    "ReceiveCoilName": "HeadMatrix",
    "ReconMatrixPE": 64,
    "RepetitionTime": 2,
    "SAR": 0.144054,
    "ScanOptions": "FS",
    "ScanningSequence": "EP",
    "SequenceName": "_epfid2d1_64",
    "SequenceVariant": "SK",
    "SeriesDescription": "ge_func_pace_3x3x3.5_185",
    "SeriesNumber": 8,
    "ShimSetting": [
      -4501,
      -19398,
      -9710,
      1045,
      111,
      -224,
      -91,
      -23
    ],
    "SliceThickness": 3.5,
    "SliceTiming": [
      0,
      1.035,
      0.0625,
      1.095,
      0.1225,
      1.1575,
      0.1825,
      1.2175,
      0.245,
      1.2775,
      0.305,
      1.34,
      0.365,
      1.4,
      0.4275,
      1.46,
      0.4875,
      1.5225,
      0.5475,
      1.5825,
      0.61,
      1.6425,
      0.67,
      1.705,
      0.73,
      1.765,
      0.7925,
      1.825,
      0.8525,
      1.8875,
      0.9125,
      1.9475,
      0.975
    ],
    "SoftwareVersions": "syngo_MR_B17",
    "SpacingBetweenSlices": 4.2,
    "StationName": "MRC35193",
    "TotalReadoutTime": 0.0289803,
    "TxRefAmp": 343.006,
    "dataset": "ds003696",
    "modality": "bold",
    "run_id": 4,
    "session_id": "01",
    "subject_id": "113",
    "task_id": "affordance"
  },
  "dummy_trs": 0,
  "dvars_nstd": 20.918884380815214,
  "dvars_std": 1.1486137536413041,
  "dvars_vstd": 1.0065260474456514,
  "efc": 0.5789973882139717,
  "fber": 731.1187133789062,
  "fd_mean": 0.11126367312952123,
  "fd_num": 0,
  "fd_perc": 0.0,
  "fwhm_avg": 1.9000835623112433,
  "fwhm_x": 1.889392,
  "fwhm_y": 2.1062848,
  "fwhm_z": 1.7045738869337304,
  "gcor": 0.0319572,
  "gsr_x": 0.02201610617339611,
  "gsr_y": 0.03121357411146164,
  "provenance": {
    "md5sum": "6d72b050b9729d39f1853cca57a86ad6",
    "settings": {
      "fd_thres": 0.2,
      "testing": false
    },
    "software": "mriqc",
    "version": "23.0.1",
    "webapi_port": null,
    "webapi_url": "https://mriqc.nimh.nih.gov/api/v1"
  },
  "size_t": 185,
  "size_x": 64,
  "size_y": 64,
  "size_z": 33,
  "snr": 5.9546263614709805,
  "spacing_tr": 2.0,
  "spacing_x": 3.125,
  "spacing_y": 3.125,
  "spacing_z": 4.199999809265137,
  "summary_bg_k": 26.668349732885638,
  "summary_bg_mad": 16.66124182687964,
  "summary_bg_mean": 64.04451751708984,
  "summary_bg_median": 32.74594497680664,
  "summary_bg_n": 73123.0,
  "summary_bg_p05": 20.237838745117188,
  "summary_bg_p95": 233.17892303466738,
  "summary_bg_stdv": 88.58152770996094,
  "summary_fg_k": 1.7394844966898155,
  "summary_fg_mad": 128.83418738672526,
  "summary_fg_mean": 908.3619384765625,
  "summary_fg_median": 900.8648681640625,
  "summary_fg_n": 29285.0,
  "summary_fg_p05": 679.0648559570312,
  "summary_fg_p95": 1163.9686767578125,
  "summary_fg_stdv": 151.28564453125,
  "tsnr": 70.4598690122366
}