{
  "aor": 0.001070816326530612,
  "aqi": 0.005377289387755102,
  "bids_meta": {
    "AcquisitionMatrixPE": 64,
    "AcquisitionNumber": 1,
    "AcquisitionTime": "12:52:5.430000",
    "BandwidthPerPixelPhaseEncode": 33.967,
    "BaseResolution": 64,
    "ConversionSoftware": "dcm2niix",
    "ConversionSoftwareVersion": "v1.0.20180622 GCC4.9.2",
    "DerivedVendorReportedEchoSpacing": 0.000460005,
    "DeviceSerialNumber": "35193",
    "DwellTime": 3.1e-06,
    "EchoTime": 0.03,
    "EffectiveEchoSpacing": 0.000460005,
    "FlipAngle": 90,
    "ImageOrientationPatientDICOM": [
      1,
      0,
      0,
      0,
      1,
      0
    ],
    "ImageType": [
      "ORIGINAL",
      "PRIMARY",
      "M",
      "ND",
      "MOSAIC"
    ],
    "InPlanePhaseEncodingDirectionDICOM": "COL",
    "InstitutionAddress": "Xinjiekouwai_Street_No_19_Beijing_Haidian_District_CN_100875",
    "InstitutionName": "BNU_MRI_Center",
    "InstitutionalDepartmentName": "Department",
    "MRAcquisitionType": "2D",
    "MagneticFieldStrength": 3,
    "Manufacturer": "Siemens",
    "ManufacturersModelName": "TrioTim",
    "Modality": "MR",
    "PartialFourier": 1,
    "PatientPosition": "HFS",
    "PercentPhaseFOV": 100,
    "PhaseEncodingDirection": "j-",
    "PhaseEncodingSteps": 64,
    "PhaseResolution": 1,
    "PixelBandwidth": 2520,
    "ProcedureStepDescription": "BNU_cst_2015_Liu.Jia",
    "ProtocolName": "ge_func_pace_3x3x3.5_99",
    "PulseSequenceDetails": "%SiemensSeq%_ep2d_bold",
    "ReceiveCoilName": "HeadMatrix",
    "ReconMatrixPE": 64,
    "RepetitionTime": 2,
    "SAR": 0.143566,
    "ScanOptions": "FS",
    "ScanningSequence": "EP",
    "SequenceName": "_epfid2d1_64",
    "SequenceVariant": "SK",
    "SeriesDescription": "ge_func_pace_3x3x3.5_99",
    "SeriesNumber": 16,
    "ShimSetting": [
      -4501,
      -19398,
      -9710,
      1045,
      111,
      -224,
      -91,
      -23
    ],
    "SliceThickness": 3.5,
    "SliceTiming": [
      0,
      1.035,
      0.0625,
      1.095,
      0.1225,
      1.1575,
      0.1825,
      1.2175,
      0.245,
      1.2775,
      0.305,
      1.34,
      0.365,
      1.4,
      0.4275,
      1.46,
      0.4875,
      1.5225,
      0.5475,
      1.5825,
      0.61,
      1.6425,
      0.67,
      1.705,
      0.73,
      1.765,
      0.7925,
      1.825,
      0.8525,
      1.8875,
      0.9125,
      1.9475,
      0.975
    ],
    "SoftwareVersions": "syngo_MR_B17",
    "SpacingBetweenSlices": 4.2,
    "StationName": "MRC35193",
    "TotalReadoutTime": 0.0289803,
    "TxRefAmp": 343.006,
    "dataset": "ds003696",
    "modality": "bold",
    "run_id": 2,
    "session_id": "01",
    "subject_id": "113",
    "task_id": "localizer"
  },
  "dummy_trs": 1,
  "dvars_nstd": 22.368594710000004,
  "dvars_std": 1.1903324167010307,
  "dvars_vstd": 1.016320159690722,
  "efc": 0.5793306438703952,
  "fber": 720.4647216796875,
  "fd_mean": 0.14103928754357944,
  "fd_num": 4,
  "fd_perc": 4.081632653061225,
  "fwhm_avg": 1.9136970099114772,
  "fwhm_x": 1.9140704,
  "fwhm_y": 2.1236896,
  "fwhm_z": 1.7033310297344313,
  "gcor": 0.0215912,
  "gsr_x": 0.01954682357609272,
  "gsr_y": 0.032063569873571396,
  "provenance": {
    "md5sum": "6434628f9b48a635ec7e2a50ca874f45",
    "settings": {
      "fd_thres": 0.2,
      "testing": false
    },
    "software": "mriqc",
    "version": "23.0.1",
    "webapi_port": null,
    "webapi_url": "https://mriqc.nimh.nih.gov/api/v1"
  },
  "size_t": 98,
  "size_x": 64,
  "size_y": 64,
  "size_z": 33,
  "snr": 5.934201097835511,
  "spacing_tr": 2.0,
  "spacing_x": 3.125,
  "spacing_y": 3.125,
  "spacing_z": 4.199999809265137,
  "summary_bg_k": 28.869502230989987,
  "summary_bg_mad": 16.868383884503984,
  "summary_bg_mean": 63.770545959472656,
  "summary_bg_median": 32.98979568481445,
  "summary_bg_n": 73038.0,
  "summary_bg_p05": 20.40816307067871,
  "summary_bg_p95": 232.34999923706042,
  "summary_bg_stdv": 86.6827621459961,
  "summary_fg_k": 1.7144903332992643,
  "summary_fg_mad": 128.56280530339407,
  "summary_fg_mean": 908.8434448242188,
  "summary_fg_median": 901.551025390625,
  "summary_fg_n": 29379.0,
  "summary_fg_p05": 678.3765380859375,
  "summary_fg_p95": 1164.4080810546875,
  "summary_fg_stdv": 151.9219970703125,
  "tsnr": 73.95187328057364
}