{
  "bids_meta": {
    "AcquisitionMatrixPE": 192,
    "AcquisitionNumber": 1,
    "AcquisitionTime": "13:20:41.605000",
    "BaseResolution": 256,
    "ConversionSoftware": "dcm2niix",
    "ConversionSoftwareVersion": "v1.0.20180622 GCC4.9.2",
    "DeviceSerialNumber": "35193",
    "DwellTime": 1.03e-05,
    "EchoTime": 0.00339,
    "FlipAngle": 7,
    "ImageOrientationPatientDICOM": [
      0,
      1,
      0,
      0,
      0,
      -1
    ],
    "ImageType": [
      "ORIGINAL",
      "PRIMARY",
      "M",
      "ND",
      "NORM"
    ],
    "InPlanePhaseEncodingDirectionDICOM": "ROW",
    "InstitutionAddress": "Xinjiekouwai_Street_No_19_Beijing_Haidian_District_CN_100875",
    "InstitutionName": "BNU_MRI_Center",
    "InstitutionalDepartmentName": "Department",
    "InversionTime": 1.1,
    "MRAcquisitionType": "3D",
    "MagneticFieldStrength": 3,
    "Manufacturer": "Siemens",
    "ManufacturersModelName": "TrioTim",
    "Modality": "MR",
    "PartialFourier": 1,
    "PatientPosition": "HFS",
    "PercentPhaseFOV": 100,
    "PhaseEncodingSteps": 192,
    "PhaseResolution": 0.75,
    "PixelBandwidth": 190,
    "ProcedureStepDescription": "BNU_cst_2015_Liu.Jia",
    "ProtocolName": "t1_mprage_sag",
    "PulseSequenceDetails": "%SiemensSeq%_tfl",
    "ReceiveCoilName": "HeadMatrix",
    "ReconMatrixPE": 256,
    "RepetitionTime": 2.53,
    "SAR": 0.0464583,
    "ScanOptions": "IR",
    "ScanningSequence": "GR_IR",
    "SequenceName": "_tfl3d1_ns",
    "SequenceVariant": "SP_MP",
    "SeriesDescription": "t1_mprage_sag",
    "SeriesNumber": 6,
    "ShimSetting": [
      -4489,
      -19276,
      -10209,
      636,
      -133,
      80,
      82,
      -26
    ],
    "SliceThickness": 1.33,
    "SoftwareVersions": "syngo_MR_B17",
    "StationName": "MRC35193",
    "TxRefAmp": 313.626,
    "dataset": "ds003696",
    "modality": "T1w",
    "session_id": "02",
    "subject_id": "101"
  },
  "cjv": 0.28335464772435004,
  "cnr": 4.8047999767122445,
  "efc": 0.5440209985929622,
  "fber": 10873.173394848136,
  "fwhm_avg": 4.052548620469429,
  "fwhm_x": 3.500255861408289,
  "fwhm_y": 4.68847,
  "fwhm_z": 3.96892,
  "icvs_csf": 0.22644069786978338,
  "icvs_gm": 0.4540463476127054,
  "icvs_wm": 0.3195129545175112,
  "inu_med": 0.6505190134048462,
  "inu_range": 0.2491485238075255,
  "provenance": {
    "md5sum": "2cc364d16c48f2ac7d9dc5fe5d8b1af9",
    "settings": {
      "testing": false
    },
    "software": "mriqc",
    "version": "23.0.1",
    "warnings": {
      "large_rot_frame": true,
      "small_air_mask": false
    },
    "webapi_port": null,
    "webapi_url": "https://mriqc.nimh.nih.gov/api/v1"
  },
  "qi_1": 0.0,
  "qi_2": 0.004933507664644613,
  "rpve_csf": 24.78175793502003,
  "rpve_gm": 12.874242921618565,
  "rpve_wm": 20.862391566596756,
  "size_x": 128,
  "size_y": 256,
  "size_z": 256,
  "snr_csf": 1.5685094953986496,
  "snr_gm": 8.23487060152429,
  "snr_total": 10.901099943966939,
  "snr_wm": 22.899919734977875,
  "snrd_csf": 13.809850693199953,
  "snrd_gm": 51.865907681231306,
  "snrd_total": 51.02148100724943,
  "snrd_wm": 87.388684647317,
  "spacing_x": 1.3299942016601562,
  "spacing_y": 1.0,
  "spacing_z": 1.0,
  "summary_bg_k": 5.319722335755639,
  "summary_bg_mad": 0.0,
  "summary_bg_mean": 5.191626447331442,
  "summary_bg_median": 0.0,
  "summary_bg_n": 2106644.0,
  "summary_bg_p05": 0.0,
  "summary_bg_p95": 21.036397464573383,
  "summary_bg_stdv": 7.496719875861166,
  "summary_csf_k": 0.5808593323889775,
  "summary_csf_mad": 103.49759664071148,
  "summary_csf_mean": 171.62765370373967,
  "summary_csf_median": 158.02599607408047,
  "summary_csf_n": 22543.0,
  "summary_csf_p05": 32.099181056767705,
  "summary_csf_p95": 355.90789295732975,
  "summary_csf_stdv": 100.74691387486388,
  "summary_gm_k": -0.18401056228615076,
  "summary_gm_mad": 75.45285609429845,
  "summary_gm_mean": 594.9641060115293,
  "summary_gm_median": 593.5011105984449,
  "summary_gm_n": 26105.0,
  "summary_gm_p05": 478.7093691989779,
  "summary_gm_p95": 711.8832566052675,
  "summary_gm_stdv": 72.070317996781,
  "summary_wm_k": 0.6619389497578849,
  "summary_wm_mad": 39.727071958740474,
  "summary_wm_mean": 995.6538018410379,
  "summary_wm_median": 999.987924836576,
  "summary_wm_n": 106903.0,
  "summary_wm_p05": 915.6736582517624,
  "summary_wm_p95": 1059.579002648592,
  "summary_wm_stdv": 43.667543786954845,
  "tpm_overlap_csf": 0.14392059565645077,
  "tpm_overlap_gm": 0.48555255381930557,
  "tpm_overlap_wm": 0.488538558988893,
  "wm2max": 0.789634471583326
}