{
  "aor": 0.0033947474747474753,
  "aqi": 0.004993786161616162,
  "bids_meta": {
    "AcquisitionMatrixPE": 64,
    "AcquisitionNumber": 1,
    "AcquisitionTime": "11:07:35.292500",
    "BandwidthPerPixelPhaseEncode": 33.967,
    "BaseResolution": 64,
    "ConversionSoftware": "dcm2niix",
    "ConversionSoftwareVersion": "v1.0.20180622 GCC4.9.2",
    "DerivedVendorReportedEchoSpacing": 0.000460005,
    "DeviceSerialNumber": "35193",
    "DwellTime": 3.1e-06,
    "EchoTime": 0.03,
    "EffectiveEchoSpacing": 0.000460005,
    "FlipAngle": 90,
    "ImageOrientationPatientDICOM": [
      1,
      0,
      0,
      0,
      1,
      0
    ],
    "ImageType": [
      "ORIGINAL",
      "PRIMARY",
      "M",
      "ND",
      "MOSAIC"
    ],
    "InPlanePhaseEncodingDirectionDICOM": "COL",
    "InstitutionAddress": "Xinjiekouwai_Street_No_19_Beijing_Haidian_District_CN_100875",
    "InstitutionName": "BNU_MRI_Center",
    "InstitutionalDepartmentName": "Department",
    "MRAcquisitionType": "2D",
    "MagneticFieldStrength": 3,
    "Manufacturer": "Siemens",
    "ManufacturersModelName": "TrioTim",
    "Modality": "MR",
    "PartialFourier": 1,
    "PatientPosition": "HFS",
    "PercentPhaseFOV": 100,
    "PhaseEncodingDirection": "j-",
    "PhaseEncodingSteps": 64,
    "PhaseResolution": 1,
    "PixelBandwidth": 2520,
    "ProcedureStepDescription": "BNU_cst_2019_Xu.Shan",
    "ProtocolName": "ge_func_pace_3x3x3.5_99",
    "PulseSequenceDetails": "%SiemensSeq%_ep2d_bold",
    "ReceiveCoilName": "HeadMatrix",
    "ReconMatrixPE": 64,
    "RepetitionTime": 2,
    "SAR": 0.131417,
    "ScanOptions": "FS",
    "ScanningSequence": "EP",
    "SequenceName": "_epfid2d1_64",
    "SequenceVariant": "SK",
    "SeriesDescription": "ge_func_pace_3x3x3.5_99",
    "SeriesNumber": 18,
    "ShimSetting": [
      -4493,
      -19336,
      -9755,
      1139,
      83,
      -367,
      -211,
      -100
    ],
    "SliceThickness": 3.5,
    "SliceTiming": [
      0,
      1.035,
      0.0625,
      1.095,
      0.1225,
      1.1575,
      0.1825,
      1.2175,
      0.245,
      1.2775,
      0.305,
      1.34,
      0.365,
      1.4,
      0.4275,
      1.46,
      0.4875,
      1.5225,
      0.5475,
      1.5825,
      0.61,
      1.6425,
      0.67,
      1.705,
      0.73,
      1.765,
      0.7925,
      1.825,
      0.8525,
      1.8875,
      0.9125,
      1.9475,
      0.975
    ],
    "SoftwareVersions": "syngo_MR_B17",
    "SpacingBetweenSlices": 4.2,
    "StationName": "MRC35193",
    "TotalReadoutTime": 0.0289803,
    "TxRefAmp": 320.691,
    "dataset": "ds003696",
    "modality": "bold",
    "run_id": 2,
    "session_id": "01",
    "subject_id": "125",
    "task_id": "localizer"
  },
  "dummy_trs": 0,
  "dvars_nstd": 20.845575566326534,
  "dvars_std": 1.1380651090816327,
  "dvars_vstd": 1.0259330084693878,
  "efc": 0.5236305216591816,
  "fber": 1384.9239501953125,
  "fd_mean": 0.12216752356551888,
  "fd_num": 11,
  "fd_perc": 11.11111111111111,
  "fwhm_avg": 2.0101008217388103,
  "fwhm_x": 1.9598592,
  "fwhm_y": 2.2149408,
  "fwhm_z": 1.855502465216431,
  "gcor": 0.0218262,
  "gsr_x": 0.004261004738509655,
  "gsr_y": 0.035943832248449326,
  "provenance": {
    "md5sum": "4b703c18930bc875c1dd4709c91878f2",
    "settings": {
      "fd_thres": 0.2,
      "testing": false
    },
    "software": "mriqc",
    "version": "23.0.1",
    "webapi_port": null,
    "webapi_url": "https://mriqc.nimh.nih.gov/api/v1"
  },
  "size_t": 99,
  "size_x": 64,
  "size_y": 64,
  "size_z": 33,
  "snr": 5.98528401338551,
  "spacing_tr": 2.0,
  "spacing_x": 3.125,
  "spacing_y": 3.125,
  "spacing_z": 4.199999809265137,
  "summary_bg_k": 52.07401628871764,
  "summary_bg_mad": 9.644402538791134,
  "summary_bg_mean": 47.38423538208008,
  "summary_bg_median": 25.55555534362793,
  "summary_bg_n": 80031.0,
  "summary_bg_p05": 18.121212005615234,
  "summary_bg_p95": 135.01515197753906,
  "summary_bg_stdv": 70.41401672363281,
  "summary_fg_k": 0.9379826745324453,
  "summary_fg_mad": 148.97161573122315,
  "summary_fg_mean": 968.57568359375,
  "summary_fg_median": 963.4090576171875,
  "summary_fg_n": 24782.0,
  "summary_fg_p05": 712.8479736328126,
  "summary_fg_p95": 1238.866632080078,
  "summary_fg_stdv": 160.959716796875,
  "tsnr": 73.47251062165014
}