{
  "aor": 0.008434918032786886,
  "aqi": 0.006151304754098361,
  "bids_meta": {
    "AcquisitionMatrixPE": 64,
    "AcquisitionNumber": 1,
    "AcquisitionTime": "09:29:47.535000",
    "BandwidthPerPixelPhaseEncode": 33.967,
    "BaseResolution": 64,
    "ConversionSoftware": "dcm2niix",
    "ConversionSoftwareVersion": "v1.0.20180622 GCC4.9.2",
    "DerivedVendorReportedEchoSpacing": 0.000460005,
    "DeviceSerialNumber": "35193",
    "DwellTime": 3.1e-06,
    "EchoTime": 0.03,
    "EffectiveEchoSpacing": 0.000460005,
    "FlipAngle": 90,
    "ImageOrientationPatientDICOM": [
      1,
      0,
      0,
      0,
      1,
      0
    ],
    "ImageType": [
      "ORIGINAL",
      "PRIMARY",
      "M",
      "ND",
      "MOSAIC"
    ],
    "InPlanePhaseEncodingDirectionDICOM": "COL",
    "InstitutionAddress": "Xinjiekouwai_Street_No_19_Beijing_Haidian_District_CN_100875",
    "InstitutionName": "BNU_MRI_Center",
    "InstitutionalDepartmentName": "Department",
    "MRAcquisitionType": "2D",
    "MagneticFieldStrength": 3,
    "Manufacturer": "Siemens",
    "ManufacturersModelName": "TrioTim",
    "Modality": "MR",
    "PartialFourier": 1,
    "PatientPosition": "HFS",
    "PercentPhaseFOV": 100,
    "PhaseEncodingDirection": "j-",
    "PhaseEncodingSteps": 64,
    "PhaseResolution": 1,
    "PixelBandwidth": 2520,
    "ProcedureStepDescription": "BNU_cst_2019_Xu.Shan",
    "ProtocolName": "ge_func_pace_3x3x3.5_185",
    "PulseSequenceDetails": "%SiemensSeq%_ep2d_bold",
    "ReceiveCoilName": "HeadMatrix",
    "ReconMatrixPE": 64,
    "RepetitionTime": 2,
    "SAR": 0.118996,
    "ScanOptions": "FS",
    "ScanningSequence": "EP",
    "SequenceName": "_epfid2d1_64",
    "SequenceVariant": "SK",
    "SeriesDescription": "ge_func_pace_3x3x3.5_185",
    "SeriesNumber": 4,
    "ShimSetting": [
      -4466,
      -19372,
      -9846,
      920,
      -17,
      -539,
      -222,
      -20
    ],
    "SliceThickness": 3.5,
    "SliceTiming": [
      0,
      1.035,
      0.06,
      1.095,
      0.1225,
      1.155,
      0.1825,
      1.2175,
      0.2425,
      1.2775,
      0.305,
      1.3375,
      0.365,
      1.4,
      0.425,
      1.46,
      0.4875,
      1.52,
      0.5475,
      1.5825,
      0.6075,
      1.6425,
      0.67,
      1.7025,
      0.73,
      1.765,
      0.79,
      1.825,
      0.8525,
      1.885,
      0.9125,
      1.9475,
      0.9725
    ],
    "SoftwareVersions": "syngo_MR_B17",
    "SpacingBetweenSlices": 4.2,
    "StationName": "MRC35193",
    "TotalReadoutTime": 0.0289803,
    "TxRefAmp": 342.412,
    "dataset": "ds003696",
    "modality": "bold",
    "run_id": 4,
    "session_id": "01",
    "subject_id": "136",
    "task_id": "affordance"
  },
  "dummy_trs": 2,
  "dvars_nstd": 26.910994728571414,
  "dvars_std": 1.2530847593406595,
  "dvars_vstd": 1.0840311765934065,
  "efc": 0.5590851238598002,
  "fber": 689.0604858398438,
  "fd_mean": 0.14775263013012696,
  "fd_num": 32,
  "fd_perc": 17.48633879781421,
  "fwhm_avg": 2.217788145558016,
  "fwhm_x": 2.2089056,
  "fwhm_y": 2.3786016,
  "fwhm_z": 2.0658572366740473,
  "gcor": 0.0382816,
  "gsr_x": 0.015868766233325005,
  "gsr_y": 0.027050498872995377,
  "provenance": {
    "md5sum": "c79537e4a4163537c29fb4a7eace89ce",
    "settings": {
      "fd_thres": 0.2,
      "testing": false
    },
    "software": "mriqc",
    "version": "23.0.1",
    "webapi_port": null,
    "webapi_url": "https://mriqc.nimh.nih.gov/api/v1"
  },
  "size_t": 183,
  "size_x": 64,
  "size_y": 64,
  "size_z": 33,
  "snr": 4.876301011318538,
  "spacing_tr": 2.0,
  "spacing_x": 3.125,
  "spacing_y": 3.125,
  "spacing_z": 4.199999809265137,
  "summary_bg_k": 21.932596058002822,
  "summary_bg_mad": 18.585187755034113,
  "summary_bg_mean": 72.01692962646484,
  "summary_bg_median": 34.366119384765625,
  "summary_bg_n": 78952.0,
  "summary_bg_p05": 20.726776123046875,
  "summary_bg_p95": 264.11474304199186,
  "summary_bg_stdv": 98.45115661621094,
  "summary_fg_k": 2.186569630639731,
  "summary_fg_mad": 153.24273898637176,
  "summary_fg_mean": 931.4962768554688,
  "summary_fg_median": 917.874267578125,
  "summary_fg_n": 25225.0,
  "summary_fg_p05": 638.3846923828125,
  "summary_fg_p95": 1253.3146728515624,
  "summary_fg_stdv": 188.22793579101562,
  "tsnr": 57.29903221945278
}