{
  "aor": 0.0005852173913043478,
  "aqi": 0.005863524402173913,
  "bids_meta": {
    "AcquisitionMatrixPE": 64,
    "AcquisitionNumber": 1,
    "AcquisitionTime": "09:44:48.152500",
    "BandwidthPerPixelPhaseEncode": 33.967,
    "BaseResolution": 64,
    "ConversionSoftware": "dcm2niix",
    "ConversionSoftwareVersion": "v1.0.20180622 GCC4.9.2",
    "DerivedVendorReportedEchoSpacing": 0.000460005,
    "DeviceSerialNumber": "35193",
    "DwellTime": 3.1e-06,
    "EchoTime": 0.03,
    "EffectiveEchoSpacing": 0.000460005,
    "FlipAngle": 90,
    "ImageOrientationPatientDICOM": [
      1,
      0,
      0,
      0,
      1,
      0
    ],
    "ImageType": [
      "ORIGINAL",
      "PRIMARY",
      "M",
      "ND",
      "MOSAIC"
    ],
    "InPlanePhaseEncodingDirectionDICOM": "COL",
    "InstitutionAddress": "Xinjiekouwai_Street_No_19_Beijing_Haidian_District_CN_100875",
    "InstitutionName": "BNU_MRI_Center",
    "InstitutionalDepartmentName": "Department",
    "MRAcquisitionType": "2D",
    "MagneticFieldStrength": 3,
    "Manufacturer": "Siemens",
    "ManufacturersModelName": "TrioTim",
    "Modality": "MR",
    "PartialFourier": 1,
    "PatientPosition": "HFS",
    "PercentPhaseFOV": 100,
    "PhaseEncodingDirection": "j-",
    "PhaseEncodingSteps": 64,
    "PhaseResolution": 1,
    "PixelBandwidth": 2520,
    "ProcedureStepDescription": "BNU_cst_2019_Xu.Shan",
    "ProtocolName": "ge_func_pace_3x3x3.5_185",
    "PulseSequenceDetails": "%SiemensSeq%_ep2d_bold",
    "ReceiveCoilName": "HeadMatrix",
    "ReconMatrixPE": 64,
    "RepetitionTime": 2,
    "SAR": 0.118996,
    "ScanOptions": "FS",
    "ScanningSequence": "EP",
    "SequenceName": "_epfid2d1_64",
    "SequenceVariant": "SK",
    "SeriesDescription": "ge_func_pace_3x3x3.5_185",
    "SeriesNumber": 8,
    "ShimSetting": [
      -4466,
      -19372,
      -9846,
      920,
      -17,
      -539,
      -222,
      -20
    ],
    "SliceThickness": 3.5,
    "SliceTiming": [
      0,
      1.035,
      0.06,
      1.095,
      0.1225,
      1.155,
      0.1825,
      1.2175,
      0.2425,
      1.2775,
      0.305,
      1.3375,
      0.365,
      1.4,
      0.425,
      1.46,
      0.4875,
      1.52,
      0.5475,
      1.5825,
      0.6075,
      1.6425,
      0.67,
      1.7025,
      0.73,
      1.765,
      0.79,
      1.825,
      0.8525,
      1.885,
      0.9125,
      1.9475,
      0.9725
    ],
    "SoftwareVersions": "syngo_MR_B17",
    "SpacingBetweenSlices": 4.2,
    "StationName": "MRC35193",
    "TotalReadoutTime": 0.0289803,
    "TxRefAmp": 342.412,
    "dataset": "ds003696",
    "modality": "bold",
    "run_id": 2,
    "session_id": "01",
    "subject_id": "136",
    "task_id": "affordance"
  },
  "dummy_trs": 1,
  "dvars_nstd": 24.76244965049181,
  "dvars_std": 1.1557764364480883,
  "dvars_vstd": 0.9882186144808748,
  "efc": 0.5590476895087836,
  "fber": 695.4521484375,
  "fd_mean": 0.11829834931035474,
  "fd_num": 23,
  "fd_perc": 12.5,
  "fwhm_avg": 2.206285783132301,
  "fwhm_x": 2.1904544,
  "fwhm_y": 2.39696,
  "fwhm_z": 2.031442949396903,
  "gcor": 0.0383624,
  "gsr_x": 0.018090257421135902,
  "gsr_y": 0.02564329095184803,
  "provenance": {
    "md5sum": "72cbe388faf89b4c8956f2e26d58f0f6",
    "settings": {
      "fd_thres": 0.2,
      "testing": false
    },
    "software": "mriqc",
    "version": "23.0.1",
    "webapi_port": null,
    "webapi_url": "https://mriqc.nimh.nih.gov/api/v1"
  },
  "size_t": 184,
  "size_x": 64,
  "size_y": 64,
  "size_z": 33,
  "snr": 4.898171519731573,
  "spacing_tr": 2.0,
  "spacing_x": 3.125,
  "spacing_y": 3.125,
  "spacing_z": 4.199999809265137,
  "summary_bg_k": 21.290968563159616,
  "summary_bg_mad": 18.29080119887969,
  "summary_bg_mean": 72.89134979248047,
  "summary_bg_median": 34.364131927490234,
  "summary_bg_n": 79059.0,
  "summary_bg_p05": 20.91847801208496,
  "summary_bg_p95": 271.73533325195297,
  "summary_bg_stdv": 101.22013092041016,
  "summary_fg_k": 2.1540108572598253,
  "summary_fg_mad": 153.63062804945918,
  "summary_fg_mean": 934.9490966796875,
  "summary_fg_median": 920.9619750976562,
  "summary_fg_n": 25186.0,
  "summary_fg_p05": 642.1684875488281,
  "summary_fg_p95": 1257.1957092285156,
  "summary_fg_stdv": 188.01785278320312,
  "tsnr": 63.297279321122915
}