{
  "aor": 0.0018214285714285713,
  "aqi": 0.003833045918367347,
  "bids_meta": {
    "AcquisitionMatrixPE": 64,
    "AcquisitionNumber": 1,
    "AcquisitionTime": "10:21:21.102500",
    "BandwidthPerPixelPhaseEncode": 33.967,
    "BaseResolution": 64,
    "ConversionSoftware": "dcm2niix",
    "ConversionSoftwareVersion": "v1.0.20180622 GCC4.9.2",
    "DerivedVendorReportedEchoSpacing": 0.000460005,
    "DeviceSerialNumber": "35193",
    "DwellTime": 3.1e-06,
    "EchoTime": 0.03,
    "EffectiveEchoSpacing": 0.000460005,
    "FlipAngle": 90,
    "ImageOrientationPatientDICOM": [
      1,
      0,
      0,
      0,
      1,
      0
    ],
    "ImageType": [
      "ORIGINAL",
      "PRIMARY",
      "M",
      "ND",
      "MOSAIC"
    ],
    "InPlanePhaseEncodingDirectionDICOM": "COL",
    "InstitutionAddress": "Xinjiekouwai_Street_No_19_Beijing_Haidian_District_CN_100875",
    "InstitutionName": "BNU_MRI_Center",
    "InstitutionalDepartmentName": "Department",
    "MRAcquisitionType": "2D",
    "MagneticFieldStrength": 3,
    "Manufacturer": "Siemens",
    "ManufacturersModelName": "TrioTim",
    "Modality": "MR",
    "PartialFourier": 1,
    "PatientPosition": "HFS",
    "PercentPhaseFOV": 100,
    "PhaseEncodingDirection": "j-",
    "PhaseEncodingSteps": 64,
    "PhaseResolution": 1,
    "PixelBandwidth": 2520,
    "ProcedureStepDescription": "BNU_cst_2019_Xu.Shan",
    "ProtocolName": "ge_func_pace_3x3x3.5_99",
    "PulseSequenceDetails": "%SiemensSeq%_ep2d_bold",
    "ReceiveCoilName": "HeadMatrix",
    "ReconMatrixPE": 64,
    "RepetitionTime": 2,
    "SAR": 0.118593,
    "ScanOptions": "FS",
    "ScanningSequence": "EP",
    "SequenceName": "_epfid2d1_64",
    "SequenceVariant": "SK",
    "SeriesDescription": "ge_func_pace_3x3x3.5_99",
    "SeriesNumber": 20,
    "ShimSetting": [
      -4466,
      -19372,
      -9846,
      920,
      -17,
      -539,
      -222,
      -20
    ],
    "SliceThickness": 3.5,
    "SliceTiming": [
      0,
      1.035,
      0.0625,
      1.095,
      0.1225,
      1.1575,
      0.1825,
      1.2175,
      0.245,
      1.2775,
      0.305,
      1.34,
      0.365,
      1.4,
      0.4275,
      1.46,
      0.4875,
      1.5225,
      0.5475,
      1.5825,
      0.61,
      1.6425,
      0.67,
      1.705,
      0.73,
      1.765,
      0.7925,
      1.825,
      0.8525,
      1.8875,
      0.9125,
      1.9475,
      0.975
    ],
    "SoftwareVersions": "syngo_MR_B17",
    "SpacingBetweenSlices": 4.2,
    "StationName": "MRC35193",
    "TotalReadoutTime": 0.0289803,
    "TxRefAmp": 342.412,
    "dataset": "ds003696",
    "modality": "bold",
    "run_id": 3,
    "session_id": "01",
    "subject_id": "136",
    "task_id": "localizer"
  },
  "dummy_trs": 1,
  "dvars_nstd": 23.167662826391744,
  "dvars_std": 1.2314300104123714,
  "dvars_vstd": 1.0388912493814433,
  "efc": 0.5604337160278838,
  "fber": 676.1061401367188,
  "fd_mean": 0.06852053711469436,
  "fd_num": 0,
  "fd_perc": 0.0,
  "fwhm_avg": 2.167353687616213,
  "fwhm_x": 2.1568672,
  "fwhm_y": 2.3321152,
  "fwhm_z": 2.013078662848639,
  "gcor": 0.0218673,
  "gsr_x": 0.017814969643950462,
  "gsr_y": 0.02289818599820137,
  "provenance": {
    "md5sum": "0384a0803abc2db8a839478df6e90367",
    "settings": {
      "fd_thres": 0.2,
      "testing": false
    },
    "software": "mriqc",
    "version": "23.0.1",
    "webapi_port": null,
    "webapi_url": "https://mriqc.nimh.nih.gov/api/v1"
  },
  "size_t": 98,
  "size_x": 64,
  "size_y": 64,
  "size_z": 33,
  "snr": 4.954561873521779,
  "spacing_tr": 2.0,
  "spacing_x": 3.125,
  "spacing_y": 3.125,
  "spacing_z": 4.199999809265137,
  "summary_bg_k": 18.48548233881175,
  "summary_bg_mad": 18.774582293120837,
  "summary_bg_mean": 74.26384735107422,
  "summary_bg_median": 34.92856979370117,
  "summary_bg_n": 79198.0,
  "summary_bg_p05": 21.11224365234375,
  "summary_bg_p95": 280.7785705566405,
  "summary_bg_stdv": 101.1629867553711,
  "summary_fg_k": 2.1381664535517526,
  "summary_fg_mad": 151.2631609753837,
  "summary_fg_mean": 935.8016357421875,
  "summary_fg_median": 922.6632690429688,
  "summary_fg_n": 25072.0,
  "summary_fg_p05": 644.9974243164063,
  "summary_fg_p95": 1254.4887145996088,
  "summary_fg_stdv": 186.22128295898438,
  "tsnr": 75.30670505203307
}