{
  "aor": 0.0013515151515151515,
  "aqi": 0.003513108181818182,
  "bids_meta": {
    "AcquisitionMatrixPE": 64,
    "AcquisitionNumber": 1,
    "AcquisitionTime": "10:11:46.932500",
    "BandwidthPerPixelPhaseEncode": 33.967,
    "BaseResolution": 64,
    "ConversionSoftware": "dcm2niix",
    "ConversionSoftwareVersion": "v1.0.20180622 GCC4.9.2",
    "DerivedVendorReportedEchoSpacing": 0.000460005,
    "DeviceSerialNumber": "35193",
    "DwellTime": 3.1e-06,
    "EchoTime": 0.03,
    "EffectiveEchoSpacing": 0.000460005,
    "FlipAngle": 90,
    "ImageOrientationPatientDICOM": [
      1,
      0,
      0,
      0,
      1,
      0
    ],
    "ImageType": [
      "ORIGINAL",
      "PRIMARY",
      "M",
      "ND",
      "MOSAIC"
    ],
    "InPlanePhaseEncodingDirectionDICOM": "COL",
    "InstitutionAddress": "Xinjiekouwai_Street_No_19_Beijing_Haidian_District_CN_100875",
    "InstitutionName": "BNU_MRI_Center",
    "InstitutionalDepartmentName": "Department",
    "MRAcquisitionType": "2D",
    "MagneticFieldStrength": 3,
    "Manufacturer": "Siemens",
    "ManufacturersModelName": "TrioTim",
    "Modality": "MR",
    "PartialFourier": 1,
    "PatientPosition": "HFS",
    "PercentPhaseFOV": 100,
    "PhaseEncodingDirection": "j-",
    "PhaseEncodingSteps": 64,
    "PhaseResolution": 1,
    "PixelBandwidth": 2520,
    "ProcedureStepDescription": "BNU_cst_2019_Xu.Shan",
    "ProtocolName": "ge_func_pace_3x3x3.5_99",
    "PulseSequenceDetails": "%SiemensSeq%_ep2d_bold",
    "ReceiveCoilName": "HeadMatrix",
    "ReconMatrixPE": 64,
    "RepetitionTime": 2,
    "SAR": 0.118593,
    "ScanOptions": "FS",
    "ScanningSequence": "EP",
    "SequenceName": "_epfid2d1_64",
    "SequenceVariant": "SK",
    "SeriesDescription": "ge_func_pace_3x3x3.5_99",
    "SeriesNumber": 16,
    "ShimSetting": [
      -4466,
      -19372,
      -9846,
      920,
      -17,
      -539,
      -222,
      -20
    ],
    "SliceThickness": 3.5,
    "SliceTiming": [
      0,
      1.035,
      0.06,
      1.095,
      0.1225,
      1.155,
      0.1825,
      1.2175,
      0.2425,
      1.2775,
      0.305,
      1.3375,
      0.365,
      1.4,
      0.425,
      1.46,
      0.4875,
      1.52,
      0.5475,
      1.5825,
      0.6075,
      1.6425,
      0.67,
      1.7025,
      0.73,
      1.765,
      0.79,
      1.825,
      0.8525,
      1.885,
      0.9125,
      1.9475,
      0.9725
    ],
    "SoftwareVersions": "syngo_MR_B17",
    "SpacingBetweenSlices": 4.2,
    "StationName": "MRC35193",
    "TotalReadoutTime": 0.0289803,
    "TxRefAmp": 342.412,
    "dataset": "ds003696",
    "modality": "bold",
    "run_id": 1,
    "session_id": "01",
    "subject_id": "136",
    "task_id": "localizer"
  },
  "dummy_trs": 0,
  "dvars_nstd": 22.640023056122452,
  "dvars_std": 1.167527374693878,
  "dvars_vstd": 1.0163756242857145,
  "efc": 0.5597749613823647,
  "fber": 687.770751953125,
  "fd_mean": 0.07578503752762006,
  "fd_num": 0,
  "fd_perc": 0.0,
  "fwhm_avg": 2.1827548623413904,
  "fwhm_x": 2.1757152,
  "fwhm_y": 2.3514112,
  "fwhm_z": 2.0211381870241705,
  "gcor": 0.0173687,
  "gsr_x": 0.020136095583438873,
  "gsr_y": 0.022714687511324883,
  "provenance": {
    "md5sum": "d0d7e2838cbe756c3e6be93c44c809ee",
    "settings": {
      "fd_thres": 0.2,
      "testing": false
    },
    "software": "mriqc",
    "version": "23.0.1",
    "webapi_port": null,
    "webapi_url": "https://mriqc.nimh.nih.gov/api/v1"
  },
  "size_t": 99,
  "size_x": 64,
  "size_y": 64,
  "size_z": 33,
  "snr": 4.909693592980711,
  "spacing_tr": 2.0,
  "spacing_x": 3.125,
  "spacing_y": 3.125,
  "spacing_z": 4.199999809265137,
  "summary_bg_k": 19.20721155447203,
  "summary_bg_mad": 18.195573709964865,
  "summary_bg_mean": 72.89350891113281,
  "summary_bg_median": 34.3232307434082,
  "summary_bg_n": 78930.0,
  "summary_bg_p05": 20.939393997192383,
  "summary_bg_p95": 272.80908508300786,
  "summary_bg_stdv": 100.20140075683594,
  "summary_fg_k": 2.1294554246593203,
  "summary_fg_mad": 151.67471339785462,
  "summary_fg_mean": 930.5296630859375,
  "summary_fg_median": 917.065673828125,
  "summary_fg_n": 25088.0,
  "summary_fg_p05": 640.1191650390625,
  "summary_fg_p95": 1249.9121398925781,
  "summary_fg_stdv": 186.78302001953125,
  "tsnr": 75.99182082246989
}