{
  "aor": 0.0013418181818181819,
  "aqi": 0.004381451111111111,
  "bids_meta": {
    "AcquisitionMatrixPE": 64,
    "AcquisitionNumber": 1,
    "AcquisitionTime": "10:16:0.235000",
    "BandwidthPerPixelPhaseEncode": 33.967,
    "BaseResolution": 64,
    "ConversionSoftware": "dcm2niix",
    "ConversionSoftwareVersion": "v1.0.20180622 GCC4.9.2",
    "DerivedVendorReportedEchoSpacing": 0.000460005,
    "DeviceSerialNumber": "35193",
    "DwellTime": 3.1e-06,
    "EchoTime": 0.03,
    "EffectiveEchoSpacing": 0.000460005,
    "FlipAngle": 90,
    "ImageOrientationPatientDICOM": [
      1,
      0,
      0,
      0,
      1,
      0
    ],
    "ImageType": [
      "ORIGINAL",
      "PRIMARY",
      "M",
      "ND",
      "MOSAIC"
    ],
    "InPlanePhaseEncodingDirectionDICOM": "COL",
    "InstitutionAddress": "Xinjiekouwai_Street_No_19_Beijing_Haidian_District_CN_100875",
    "InstitutionName": "BNU_MRI_Center",
    "InstitutionalDepartmentName": "Department",
    "MRAcquisitionType": "2D",
    "MagneticFieldStrength": 3,
    "Manufacturer": "Siemens",
    "ManufacturersModelName": "TrioTim",
    "Modality": "MR",
    "PartialFourier": 1,
    "PatientPosition": "HFS",
    "PercentPhaseFOV": 100,
    "PhaseEncodingDirection": "j-",
    "PhaseEncodingSteps": 64,
    "PhaseResolution": 1,
    "PixelBandwidth": 2520,
    "ProcedureStepDescription": "BNU_cst_2019_Xu.Shan",
    "ProtocolName": "ge_func_pace_3x3x3.5_99",
    "PulseSequenceDetails": "%SiemensSeq%_ep2d_bold",
    "ReceiveCoilName": "HeadMatrix",
    "ReconMatrixPE": 64,
    "RepetitionTime": 2,
    "SAR": 0.118593,
    "ScanOptions": "FS",
    "ScanningSequence": "EP",
    "SequenceName": "_epfid2d1_64",
    "SequenceVariant": "SK",
    "SeriesDescription": "ge_func_pace_3x3x3.5_99",
    "SeriesNumber": 18,
    "ShimSetting": [
      -4466,
      -19372,
      -9846,
      920,
      -17,
      -539,
      -222,
      -20
    ],
    "SliceThickness": 3.5,
    "SliceTiming": [
      0,
      1.0325,
      0.06,
      1.095,
      0.12,
      1.155,
      0.1825,
      1.215,
      0.2425,
      1.2775,
      0.3025,
      1.3375,
      0.365,
      1.3975,
      0.425,
      1.46,
      0.485,
      1.52,
      0.5475,
      1.58,
      0.6075,
      1.6425,
      0.6675,
      1.7025,
      0.73,
      1.7625,
      0.79,
      1.825,
      0.85,
      1.885,
      0.9125,
      1.945,
      0.9725
    ],
    "SoftwareVersions": "syngo_MR_B17",
    "SpacingBetweenSlices": 4.2,
    "StationName": "MRC35193",
    "TotalReadoutTime": 0.0289803,
    "TxRefAmp": 342.412,
    "dataset": "ds003696",
    "modality": "bold",
    "run_id": 2,
    "session_id": "01",
    "subject_id": "136",
    "task_id": "localizer"
  },
  "dummy_trs": 0,
  "dvars_nstd": 24.086217140204084,
  "dvars_std": 1.1585952474489791,
  "dvars_vstd": 1.0075688351020409,
  "efc": 0.5605441080179692,
  "fber": 681.2482299804688,
  "fd_mean": 0.12118039453014327,
  "fd_num": 7,
  "fd_perc": 7.070707070707071,
  "fwhm_avg": 2.180697732231461,
  "fwhm_x": 2.1702719999999998,
  "fwhm_y": 2.3474592000000003,
  "fwhm_z": 2.024361996694383,
  "gcor": 0.0173884,
  "gsr_x": 0.02080937847495079,
  "gsr_y": 0.022787248715758324,
  "provenance": {
    "md5sum": "f76dcb5fcb866a1d7fe5b74bf3350706",
    "settings": {
      "fd_thres": 0.2,
      "testing": false
    },
    "software": "mriqc",
    "version": "23.0.1",
    "webapi_port": null,
    "webapi_url": "https://mriqc.nimh.nih.gov/api/v1"
  },
  "size_t": 99,
  "size_x": 64,
  "size_y": 64,
  "size_z": 33,
  "snr": 4.921491174088952,
  "spacing_tr": 2.0,
  "spacing_x": 3.125,
  "spacing_y": 3.125,
  "spacing_z": 4.199999809265137,
  "summary_bg_k": 18.92059466870369,
  "summary_bg_mad": 18.195573709964865,
  "summary_bg_mean": 72.97410583496094,
  "summary_bg_median": 34.37373733520508,
  "summary_bg_n": 78905.0,
  "summary_bg_p05": 20.939393997192383,
  "summary_bg_p95": 273.2949584960943,
  "summary_bg_stdv": 100.28587341308594,
  "summary_fg_k": 2.11521849219434,
  "summary_fg_mad": 151.71964210888294,
  "summary_fg_mean": 928.097900390625,
  "summary_fg_median": 914.742431640625,
  "summary_fg_n": 25084.0,
  "summary_fg_p05": 637.8621124267578,
  "summary_fg_p95": 1243.403564453125,
  "summary_fg_stdv": 185.86322021484375,
  "tsnr": 68.69457883760333
}