{
  "aor": 0.0005867391304347826,
  "aqi": 0.003588412282608696,
  "bids_meta": {
    "AcquisitionMatrixPE": 64,
    "AcquisitionNumber": 1,
    "AcquisitionTime": "09:53:35.715000",
    "BandwidthPerPixelPhaseEncode": 33.967,
    "BaseResolution": 64,
    "ConversionSoftware": "dcm2niix",
    "ConversionSoftwareVersion": "v1.0.20180622 GCC4.9.2",
    "DerivedVendorReportedEchoSpacing": 0.000460005,
    "DeviceSerialNumber": "35193",
    "DwellTime": 3.1e-06,
    "EchoTime": 0.03,
    "EffectiveEchoSpacing": 0.000460005,
    "FlipAngle": 90,
    "ImageOrientationPatientDICOM": [
      1,
      0,
      0,
      0,
      1,
      0
    ],
    "ImageType": [
      "ORIGINAL",
      "PRIMARY",
      "M",
      "ND",
      "MOSAIC"
    ],
    "InPlanePhaseEncodingDirectionDICOM": "COL",
    "InstitutionAddress": "Xinjiekouwai_Street_No_19_Beijing_Haidian_District_CN_100875",
    "InstitutionName": "BNU_MRI_Center",
    "InstitutionalDepartmentName": "Department",
    "MRAcquisitionType": "2D",
    "MagneticFieldStrength": 3,
    "Manufacturer": "Siemens",
    "ManufacturersModelName": "TrioTim",
    "Modality": "MR",
    "PartialFourier": 1,
    "PatientPosition": "HFS",
    "PercentPhaseFOV": 100,
    "PhaseEncodingDirection": "j-",
    "PhaseEncodingSteps": 64,
    "PhaseResolution": 1,
    "PixelBandwidth": 2520,
    "ProcedureStepDescription": "BNU_cst_2019_Xu.Shan",
    "ProtocolName": "ge_func_pace_3x3x3.5_185",
    "PulseSequenceDetails": "%SiemensSeq%_ep2d_bold",
    "ReceiveCoilName": "HeadMatrix",
    "ReconMatrixPE": 64,
    "RepetitionTime": 2,
    "SAR": 0.118996,
    "ScanOptions": "FS",
    "ScanningSequence": "EP",
    "SequenceName": "_epfid2d1_64",
    "SequenceVariant": "SK",
    "SeriesDescription": "ge_func_pace_3x3x3.5_185",
    "SeriesNumber": 10,
    "ShimSetting": [
      -4466,
      -19372,
      -9846,
      920,
      -17,
      -539,
      -222,
      -20
    ],
    "SliceThickness": 3.5,
    "SliceTiming": [
      0,
      1.0325,
      0.06,
      1.095,
      0.12,
      1.155,
      0.1825,
      1.215,
      0.2425,
      1.2775,
      0.3025,
      1.3375,
      0.365,
      1.3975,
      0.425,
      1.46,
      0.485,
      1.52,
      0.5475,
      1.58,
      0.6075,
      1.6425,
      0.6675,
      1.7025,
      0.73,
      1.7625,
      0.79,
      1.825,
      0.85,
      1.885,
      0.9125,
      1.945,
      0.9725
    ],
    "SoftwareVersions": "syngo_MR_B17",
    "SpacingBetweenSlices": 4.2,
    "StationName": "MRC35193",
    "TotalReadoutTime": 0.0289803,
    "TxRefAmp": 342.412,
    "dataset": "ds003696",
    "modality": "bold",
    "run_id": 1,
    "session_id": "01",
    "subject_id": "136",
    "task_id": "affordance"
  },
  "dummy_trs": 1,
  "dvars_nstd": 22.71407514076502,
  "dvars_std": 1.1682316055737705,
  "dvars_vstd": 0.9972806778142075,
  "efc": 0.5596873335246545,
  "fber": 687.370849609375,
  "fd_mean": 0.0787487194729451,
  "fd_num": 3,
  "fd_perc": 1.6304347826086956,
  "fwhm_avg": 2.191380151424294,
  "fwhm_x": 2.1790304000000003,
  "fwhm_y": 2.3611552000000002,
  "fwhm_z": 2.0339548542728814,
  "gcor": 0.0373212,
  "gsr_x": 0.020086515694856644,
  "gsr_y": 0.023760516196489334,
  "provenance": {
    "md5sum": "ea47c99832a8fa0d634943ea406c9ae0",
    "settings": {
      "fd_thres": 0.2,
      "testing": false
    },
    "software": "mriqc",
    "version": "23.0.1",
    "webapi_port": null,
    "webapi_url": "https://mriqc.nimh.nih.gov/api/v1"
  },
  "size_t": 184,
  "size_x": 64,
  "size_y": 64,
  "size_z": 33,
  "snr": 4.907998702904905,
  "spacing_tr": 2.0,
  "spacing_x": 3.125,
  "spacing_y": 3.125,
  "spacing_z": 4.199999809265137,
  "summary_bg_k": 20.258088565207547,
  "summary_bg_mad": 18.47209680516977,
  "summary_bg_mean": 72.68463897705078,
  "summary_bg_median": 34.47010803222656,
  "summary_bg_n": 78896.0,
  "summary_bg_p05": 20.83152198791504,
  "summary_bg_p95": 269.9089813232422,
  "summary_bg_stdv": 99.96803283691406,
  "summary_fg_k": 2.17213697700673,
  "summary_fg_mad": 153.47349067443264,
  "summary_fg_mean": 934.1551513671875,
  "summary_fg_median": 920.5108642578125,
  "summary_fg_n": 25132.0,
  "summary_fg_p05": 642.6483917236328,
  "summary_fg_p95": 1253.5082031249995,
  "summary_fg_stdv": 187.54946899414062,
  "tsnr": 71.94934040459339
}