{
  "aor": 0.0023341304347826086,
  "aqi": 0.008498300489130434,
  "bids_meta": {
    "AcquisitionMatrixPE": 64,
    "AcquisitionNumber": 1,
    "AcquisitionTime": "09:37:19.287500",
    "BandwidthPerPixelPhaseEncode": 33.967,
    "BaseResolution": 64,
    "ConversionSoftware": "dcm2niix",
    "ConversionSoftwareVersion": "v1.0.20180622 GCC4.9.2",
    "DerivedVendorReportedEchoSpacing": 0.000460005,
    "DeviceSerialNumber": "35193",
    "DwellTime": 3.1e-06,
    "EchoTime": 0.03,
    "EffectiveEchoSpacing": 0.000460005,
    "FlipAngle": 90,
    "ImageOrientationPatientDICOM": [
      1,
      0,
      0,
      0,
      1,
      0
    ],
    "ImageType": [
      "ORIGINAL",
      "PRIMARY",
      "M",
      "ND",
      "MOSAIC"
    ],
    "InPlanePhaseEncodingDirectionDICOM": "COL",
    "InstitutionAddress": "Xinjiekouwai_Street_No_19_Beijing_Haidian_District_CN_100875",
    "InstitutionName": "BNU_MRI_Center",
    "InstitutionalDepartmentName": "Department",
    "MRAcquisitionType": "2D",
    "MagneticFieldStrength": 3,
    "Manufacturer": "Siemens",
    "ManufacturersModelName": "TrioTim",
    "Modality": "MR",
    "PartialFourier": 1,
    "PatientPosition": "HFS",
    "PercentPhaseFOV": 100,
    "PhaseEncodingDirection": "j-",
    "PhaseEncodingSteps": 64,
    "PhaseResolution": 1,
    "PixelBandwidth": 2520,
    "ProcedureStepDescription": "BNU_cst_2019_Xu.Shan",
    "ProtocolName": "ge_func_pace_3x3x3.5_185",
    "PulseSequenceDetails": "%SiemensSeq%_ep2d_bold",
    "ReceiveCoilName": "HeadMatrix",
    "ReconMatrixPE": 64,
    "RepetitionTime": 2,
    "SAR": 0.118996,
    "ScanOptions": "FS",
    "ScanningSequence": "EP",
    "SequenceName": "_epfid2d1_64",
    "SequenceVariant": "SK",
    "SeriesDescription": "ge_func_pace_3x3x3.5_185",
    "SeriesNumber": 6,
    "ShimSetting": [
      -4466,
      -19372,
      -9846,
      920,
      -17,
      -539,
      -222,
      -20
    ],
    "SliceThickness": 3.5,
    "SliceTiming": [
      0,
      1.035,
      0.06,
      1.095,
      0.1225,
      1.155,
      0.1825,
      1.2175,
      0.2425,
      1.2775,
      0.305,
      1.3375,
      0.365,
      1.4,
      0.425,
      1.46,
      0.4875,
      1.52,
      0.5475,
      1.5825,
      0.6075,
      1.6425,
      0.67,
      1.7025,
      0.73,
      1.765,
      0.79,
      1.825,
      0.8525,
      1.885,
      0.9125,
      1.9475,
      0.9725
    ],
    "SoftwareVersions": "syngo_MR_B17",
    "SpacingBetweenSlices": 4.2,
    "StationName": "MRC35193",
    "TotalReadoutTime": 0.0289803,
    "TxRefAmp": 342.412,
    "dataset": "ds003696",
    "modality": "bold",
    "run_id": 3,
    "session_id": "01",
    "subject_id": "136",
    "task_id": "affordance"
  },
  "dummy_trs": 1,
  "dvars_nstd": 24.539942423879776,
  "dvars_std": 1.0823921623497264,
  "dvars_vstd": 0.9358277449726765,
  "efc": 0.5595999867056155,
  "fber": 690.2682495117188,
  "fd_mean": 0.11538316064575388,
  "fd_num": 19,
  "fd_perc": 10.326086956521738,
  "fwhm_avg": 2.221923999286409,
  "fwhm_x": 2.2065728,
  "fwhm_y": 2.4091872,
  "fwhm_z": 2.050011997859228,
  "gcor": 0.0265904,
  "gsr_x": 0.01825106330215931,
  "gsr_y": 0.02524983137845993,
  "provenance": {
    "md5sum": "cdc1523ea370796cc59b8b002a1f2f2d",
    "settings": {
      "fd_thres": 0.2,
      "testing": false
    },
    "software": "mriqc",
    "version": "23.0.1",
    "webapi_port": null,
    "webapi_url": "https://mriqc.nimh.nih.gov/api/v1"
  },
  "size_t": 184,
  "size_x": 64,
  "size_y": 64,
  "size_z": 33,
  "snr": 4.877688084802917,
  "spacing_tr": 2.0,
  "spacing_x": 3.125,
  "spacing_y": 3.125,
  "spacing_z": 4.199999809265137,
  "summary_bg_k": 20.037457898705945,
  "summary_bg_mad": 18.721881265736688,
  "summary_bg_mean": 73.55142974853516,
  "summary_bg_median": 34.51087188720703,
  "summary_bg_n": 79240.0,
  "summary_bg_p05": 20.673913955688477,
  "summary_bg_p95": 274.15898132324224,
  "summary_bg_stdv": 101.36068725585938,
  "summary_fg_k": 2.234773493498486,
  "summary_fg_mad": 151.99088845592703,
  "summary_fg_mean": 932.8651123046875,
  "summary_fg_median": 917.6793823242188,
  "summary_fg_n": 25155.0,
  "summary_fg_p05": 641.8695678710938,
  "summary_fg_p95": 1256.7951049804688,
  "summary_fg_stdv": 188.1344451904297,
  "tsnr": 54.107202804181725
}