{
  "aor": 0.002506467391304348,
  "aqi": 0.007305769076086956,
  "bids_meta": {
    "AcquisitionMatrixPE": 64,
    "AcquisitionNumber": 1,
    "AcquisitionTime": "11:28:21.627500",
    "BandwidthPerPixelPhaseEncode": 33.967,
    "BaseResolution": 64,
    "ConversionSoftware": "dcm2niix",
    "ConversionSoftwareVersion": "v1.0.20180622 GCC4.9.2",
    "DerivedVendorReportedEchoSpacing": 0.000460005,
    "DeviceSerialNumber": "35193",
    "DwellTime": 3.1e-06,
    "EchoTime": 0.03,
    "EffectiveEchoSpacing": 0.000460005,
    "FlipAngle": 90,
    "ImageOrientationPatientDICOM": [
      1,
      0,
      0,
      0,
      1,
      0
    ],
    "ImageType": [
      "ORIGINAL",
      "PRIMARY",
      "M",
      "ND",
      "MOSAIC"
    ],
    "InPlanePhaseEncodingDirectionDICOM": "COL",
    "InstitutionAddress": "Xinjiekouwai_Street_No_19_Beijing_Haidian_District_CN_100875",
    "InstitutionName": "BNU_MRI_Center",
    "InstitutionalDepartmentName": "Department",
    "MRAcquisitionType": "2D",
    "MagneticFieldStrength": 3,
    "Manufacturer": "Siemens",
    "ManufacturersModelName": "TrioTim",
    "Modality": "MR",
    "PartialFourier": 1,
    "PatientPosition": "HFS",
    "PercentPhaseFOV": 100,
    "PhaseEncodingDirection": "j-",
    "PhaseEncodingSteps": 64,
    "PhaseResolution": 1,
    "PixelBandwidth": 2520,
    "ProcedureStepDescription": "BNU_cst_2019_Xu.Shan",
    "ProtocolName": "ge_func_pace_3x3x3.5_185",
    "PulseSequenceDetails": "%SiemensSeq%_ep2d_bold",
    "ReceiveCoilName": "HeadMatrix",
    "ReconMatrixPE": 64,
    "RepetitionTime": 2,
    "SAR": 0.114411,
    "ScanOptions": "FS",
    "ScanningSequence": "EP",
    "SequenceName": "_epfid2d1_64",
    "SequenceVariant": "SK",
    "SeriesDescription": "ge_func_pace_3x3x3.5_185",
    "SeriesNumber": 4,
    "ShimSetting": [
      -4522,
      -19365,
      -9845,
      1133,
      -97,
      -447,
      155,
      27
    ],
    "SliceThickness": 3.5,
    "SliceTiming": [
      0,
      1.035,
      0.0625,
      1.095,
      0.1225,
      1.1575,
      0.1825,
      1.2175,
      0.245,
      1.2775,
      0.305,
      1.34,
      0.365,
      1.4,
      0.4275,
      1.46,
      0.4875,
      1.5225,
      0.5475,
      1.5825,
      0.61,
      1.6425,
      0.67,
      1.705,
      0.73,
      1.765,
      0.7925,
      1.825,
      0.8525,
      1.8875,
      0.9125,
      1.9475,
      0.975
    ],
    "SoftwareVersions": "syngo_MR_B17",
    "SpacingBetweenSlices": 4.2,
    "StationName": "MRC35193",
    "TotalReadoutTime": 0.0289803,
    "TxRefAmp": 318.58,
    "dataset": "ds003696",
    "modality": "bold",
    "run_id": 3,
    "session_id": "01",
    "subject_id": "138",
    "task_id": "affordance"
  },
  "dummy_trs": 1,
  "dvars_nstd": 20.92624358912568,
  "dvars_std": 1.1467066426775956,
  "dvars_vstd": 0.9958890224590166,
  "efc": 0.5256834529452685,
  "fber": 999.2811889648438,
  "fd_mean": 0.09593551768859594,
  "fd_num": 2,
  "fd_perc": 1.0869565217391304,
  "fwhm_avg": 1.9910722807786856,
  "fwhm_x": 1.9543264,
  "fwhm_y": 2.2477856,
  "fwhm_z": 1.7711048423360571,
  "gcor": 0.029773,
  "gsr_x": -0.0002743559598457068,
  "gsr_y": 0.03176950290799141,
  "provenance": {
    "md5sum": "97805f711ac54a2c9678ad84fe8d86f0",
    "settings": {
      "fd_thres": 0.2,
      "testing": false
    },
    "software": "mriqc",
    "version": "23.0.1",
    "webapi_port": null,
    "webapi_url": "https://mriqc.nimh.nih.gov/api/v1"
  },
  "size_t": 184,
  "size_x": 64,
  "size_y": 64,
  "size_z": 33,
  "snr": 6.377483803462246,
  "spacing_tr": 2.0,
  "spacing_x": 3.125,
  "spacing_y": 3.125,
  "spacing_z": 4.199999809265137,
  "summary_bg_k": 32.64349132451197,
  "summary_bg_mad": 12.755215249943786,
  "summary_bg_mean": 53.19882583618164,
  "summary_bg_median": 27.423913955688477,
  "summary_bg_n": 82082.0,
  "summary_bg_p05": 17.59782600402832,
  "summary_bg_p95": 177.54321517944334,
  "summary_bg_stdv": 77.34664154052734,
  "summary_fg_k": 1.1431446080178,
  "summary_fg_mad": 124.9656579590993,
  "summary_fg_mean": 880.1005249023438,
  "summary_fg_median": 882.85595703125,
  "summary_fg_n": 22238.0,
  "summary_fg_p05": 640.4040618896485,
  "summary_fg_p95": 1093.2378295898436,
  "summary_fg_stdv": 138.43016052246094,
  "tsnr": 63.56665060366504
}