{
  "aor": 0.0009384375,
  "aqi": 0.0042760146875,
  "bids_meta": {
    "AcquisitionMatrixPE": 64,
    "AcquisitionNumber": 1,
    "AcquisitionTime": "11:49:44.067500",
    "BandwidthPerPixelPhaseEncode": 33.967,
    "BaseResolution": 64,
    "ConversionSoftware": "dcm2niix",
    "ConversionSoftwareVersion": "v1.0.20180622 GCC4.9.2",
    "DerivedVendorReportedEchoSpacing": 0.000460005,
    "DeviceSerialNumber": "35193",
    "DwellTime": 3.1e-06,
    "EchoTime": 0.03,
    "EffectiveEchoSpacing": 0.000460005,
    "FlipAngle": 90,
    "ImageOrientationPatientDICOM": [
      1,
      0,
      0,
      0,
      1,
      0
    ],
    "ImageType": [
      "ORIGINAL",
      "PRIMARY",
      "M",
      "ND",
      "MOSAIC"
    ],
    "InPlanePhaseEncodingDirectionDICOM": "COL",
    "InstitutionAddress": "Xinjiekouwai_Street_No_19_Beijing_Haidian_District_CN_100875",
    "InstitutionName": "BNU_MRI_Center",
    "InstitutionalDepartmentName": "Department",
    "MRAcquisitionType": "2D",
    "MagneticFieldStrength": 3,
    "Manufacturer": "Siemens",
    "ManufacturersModelName": "TrioTim",
    "Modality": "MR",
    "PartialFourier": 1,
    "PatientPosition": "HFS",
    "PercentPhaseFOV": 100,
    "PhaseEncodingDirection": "j-",
    "PhaseEncodingSteps": 64,
    "PhaseResolution": 1,
    "PixelBandwidth": 2520,
    "ProcedureStepDescription": "BNU_cst_2019_Xu.Shan",
    "ProtocolName": "ge_func_pace_3x3x3.5_99",
    "PulseSequenceDetails": "%SiemensSeq%_ep2d_bold",
    "ReceiveCoilName": "HeadMatrix",
    "ReconMatrixPE": 64,
    "RepetitionTime": 2,
    "SAR": 0.114023,
    "ScanOptions": "FS",
    "ScanningSequence": "EP",
    "SequenceName": "_epfid2d1_64",
    "SequenceVariant": "SK",
    "SeriesDescription": "ge_func_pace_3x3x3.5_99",
    "SeriesNumber": 10,
    "ShimSetting": [
      -4522,
      -19365,
      -9845,
      1133,
      -97,
      -447,
      155,
      27
    ],
    "SliceThickness": 3.5,
    "SliceTiming": [
      0,
      1.0325,
      0.06,
      1.095,
      0.12,
      1.155,
      0.1825,
      1.215,
      0.2425,
      1.2775,
      0.3025,
      1.3375,
      0.365,
      1.3975,
      0.425,
      1.46,
      0.485,
      1.52,
      0.5475,
      1.58,
      0.6075,
      1.6425,
      0.6675,
      1.7025,
      0.73,
      1.7625,
      0.79,
      1.825,
      0.85,
      1.885,
      0.9125,
      1.945,
      0.9725
    ],
    "SoftwareVersions": "syngo_MR_B17",
    "SpacingBetweenSlices": 4.2,
    "StationName": "MRC35193",
    "TotalReadoutTime": 0.0289803,
    "TxRefAmp": 318.58,
    "dataset": "ds003696",
    "modality": "bold",
    "run_id": 1,
    "session_id": "01",
    "subject_id": "138",
    "task_id": "localizer"
  },
  "dummy_trs": 3,
  "dvars_nstd": 19.4822004016842,
  "dvars_std": 1.1121606809473683,
  "dvars_vstd": 0.989142626,
  "efc": 0.5264410207876156,
  "fber": 989.8919677734375,
  "fd_mean": 0.07904282157616005,
  "fd_num": 0,
  "fd_perc": 0.0,
  "fwhm_avg": 1.9805329790315014,
  "fwhm_x": 1.9625344,
  "fwhm_y": 2.2185216,
  "fwhm_z": 1.760542937094504,
  "gcor": 0.00801394,
  "gsr_x": -0.0003328659222461283,
  "gsr_y": 0.029694894328713417,
  "provenance": {
    "md5sum": "ac60a644f588dc706fbd8bf2dcd5e765",
    "settings": {
      "fd_thres": 0.2,
      "testing": false
    },
    "software": "mriqc",
    "version": "23.0.1",
    "webapi_port": null,
    "webapi_url": "https://mriqc.nimh.nih.gov/api/v1"
  },
  "size_t": 96,
  "size_x": 64,
  "size_y": 64,
  "size_z": 33,
  "snr": 6.396343967823475,
  "spacing_tr": 2.0,
  "spacing_x": 3.125,
  "spacing_y": 3.125,
  "spacing_z": 4.199999809265137,
  "summary_bg_k": 28.0919546093248,
  "summary_bg_mad": 12.57123319630496,
  "summary_bg_mean": 54.17364501953125,
  "summary_bg_median": 27.572917938232422,
  "summary_bg_n": 82165.0,
  "summary_bg_p05": 18.20833396911621,
  "summary_bg_p95": 184.87500610351577,
  "summary_bg_stdv": 78.21688842773438,
  "summary_fg_k": 1.147631456224964,
  "summary_fg_mad": 123.99034749089535,
  "summary_fg_mean": 886.5216064453125,
  "summary_fg_median": 889.046875,
  "summary_fg_n": 22154.0,
  "summary_fg_p05": 646.6692779541015,
  "summary_fg_p95": 1102.8578796386719,
  "summary_fg_stdv": 138.98983764648438,
  "tsnr": 80.9105158217717
}