{
  "aor": 0.0009730612244897961,
  "aqi": 0.004452181326530613,
  "bids_meta": {
    "AcquisitionMatrixPE": 64,
    "AcquisitionNumber": 1,
    "AcquisitionTime": "11:53:41.402500",
    "BandwidthPerPixelPhaseEncode": 33.967,
    "BaseResolution": 64,
    "ConversionSoftware": "dcm2niix",
    "ConversionSoftwareVersion": "v1.0.20180622 GCC4.9.2",
    "DerivedVendorReportedEchoSpacing": 0.000460005,
    "DeviceSerialNumber": "35193",
    "DwellTime": 3.1e-06,
    "EchoTime": 0.03,
    "EffectiveEchoSpacing": 0.000460005,
    "FlipAngle": 90,
    "ImageOrientationPatientDICOM": [
      1,
      0,
      0,
      0,
      1,
      0
    ],
    "ImageType": [
      "ORIGINAL",
      "PRIMARY",
      "M",
      "ND",
      "MOSAIC"
    ],
    "InPlanePhaseEncodingDirectionDICOM": "COL",
    "InstitutionAddress": "Xinjiekouwai_Street_No_19_Beijing_Haidian_District_CN_100875",
    "InstitutionName": "BNU_MRI_Center",
    "InstitutionalDepartmentName": "Department",
    "MRAcquisitionType": "2D",
    "MagneticFieldStrength": 3,
    "Manufacturer": "Siemens",
    "ManufacturersModelName": "TrioTim",
    "Modality": "MR",
    "PartialFourier": 1,
    "PatientPosition": "HFS",
    "PercentPhaseFOV": 100,
    "PhaseEncodingDirection": "j-",
    "PhaseEncodingSteps": 64,
    "PhaseResolution": 1,
    "PixelBandwidth": 2520,
    "ProcedureStepDescription": "BNU_cst_2019_Xu.Shan",
    "ProtocolName": "ge_func_pace_3x3x3.5_99",
    "PulseSequenceDetails": "%SiemensSeq%_ep2d_bold",
    "ReceiveCoilName": "HeadMatrix",
    "ReconMatrixPE": 64,
    "RepetitionTime": 2,
    "SAR": 0.114023,
    "ScanOptions": "FS",
    "ScanningSequence": "EP",
    "SequenceName": "_epfid2d1_64",
    "SequenceVariant": "SK",
    "SeriesDescription": "ge_func_pace_3x3x3.5_99",
    "SeriesNumber": 12,
    "ShimSetting": [
      -4522,
      -19365,
      -9845,
      1133,
      -97,
      -447,
      155,
      27
    ],
    "SliceThickness": 3.5,
    "SliceTiming": [
      0,
      1.035,
      0.06,
      1.095,
      0.1225,
      1.155,
      0.1825,
      1.2175,
      0.2425,
      1.2775,
      0.305,
      1.3375,
      0.365,
      1.4,
      0.425,
      1.46,
      0.4875,
      1.52,
      0.5475,
      1.5825,
      0.6075,
      1.6425,
      0.67,
      1.7025,
      0.73,
      1.765,
      0.79,
      1.825,
      0.8525,
      1.885,
      0.9125,
      1.9475,
      0.9725
    ],
    "SoftwareVersions": "syngo_MR_B17",
    "SpacingBetweenSlices": 4.2,
    "StationName": "MRC35193",
    "TotalReadoutTime": 0.0289803,
    "TxRefAmp": 318.58,
    "dataset": "ds003696",
    "modality": "bold",
    "run_id": 2,
    "session_id": "01",
    "subject_id": "138",
    "task_id": "localizer"
  },
  "dummy_trs": 1,
  "dvars_nstd": 20.291731077422682,
  "dvars_std": 1.1583666034020619,
  "dvars_vstd": 1.016238953608248,
  "efc": 0.5269041725179122,
  "fber": 977.6370849609375,
  "fd_mean": 0.08184110933826777,
  "fd_num": 0,
  "fd_perc": 0.0,
  "fwhm_avg": 1.973748242551966,
  "fwhm_x": 1.9438816,
  "fwhm_y": 2.214944,
  "fwhm_z": 1.762419127655898,
  "gcor": 0.0132845,
  "gsr_x": -0.0005504427826963365,
  "gsr_y": 0.02940712310373783,
  "provenance": {
    "md5sum": "f5eeebf408404f1124f481b8111b6129",
    "settings": {
      "fd_thres": 0.2,
      "testing": false
    },
    "software": "mriqc",
    "version": "23.0.1",
    "webapi_port": null,
    "webapi_url": "https://mriqc.nimh.nih.gov/api/v1"
  },
  "size_t": 98,
  "size_x": 64,
  "size_y": 64,
  "size_z": 33,
  "snr": 6.425894944452321,
  "spacing_tr": 2.0,
  "spacing_x": 3.125,
  "spacing_y": 3.125,
  "spacing_z": 4.199999809265137,
  "summary_bg_k": 27.836513201672854,
  "summary_bg_mad": 12.844176246937742,
  "summary_bg_mean": 54.63026428222656,
  "summary_bg_median": 27.806121826171875,
  "summary_bg_n": 82198.0,
  "summary_bg_p05": 18.214284896850586,
  "summary_bg_p95": 188.05560379028302,
  "summary_bg_stdv": 78.77165222167969,
  "summary_fg_k": 1.0198650822838777,
  "summary_fg_mad": 123.7897292585695,
  "summary_fg_mean": 888.8089599609375,
  "summary_fg_median": 891.403076171875,
  "summary_fg_n": 22088.0,
  "summary_fg_p05": 646.8550994873046,
  "summary_fg_p95": 1105.3637634277343,
  "summary_fg_stdv": 138.71731567382812,
  "tsnr": 79.40341143473051
}