{
  "aor": 0.0004891304347826087,
  "aqi": 0.005104747391304348,
  "bids_meta": {
    "AcquisitionMatrixPE": 64,
    "AcquisitionNumber": 1,
    "AcquisitionTime": "11:42:28.142500",
    "BandwidthPerPixelPhaseEncode": 33.967,
    "BaseResolution": 64,
    "ConversionSoftware": "dcm2niix",
    "ConversionSoftwareVersion": "v1.0.20180622 GCC4.9.2",
    "DerivedVendorReportedEchoSpacing": 0.000460005,
    "DeviceSerialNumber": "35193",
    "DwellTime": 3.1e-06,
    "EchoTime": 0.03,
    "EffectiveEchoSpacing": 0.000460005,
    "FlipAngle": 90,
    "ImageOrientationPatientDICOM": [
      1,
      0,
      0,
      0,
      1,
      0
    ],
    "ImageType": [
      "ORIGINAL",
      "PRIMARY",
      "M",
      "ND",
      "MOSAIC"
    ],
    "InPlanePhaseEncodingDirectionDICOM": "COL",
    "InstitutionAddress": "Xinjiekouwai_Street_No_19_Beijing_Haidian_District_CN_100875",
    "InstitutionName": "BNU_MRI_Center",
    "InstitutionalDepartmentName": "Department",
    "MRAcquisitionType": "2D",
    "MagneticFieldStrength": 3,
    "Manufacturer": "Siemens",
    "ManufacturersModelName": "TrioTim",
    "Modality": "MR",
    "PartialFourier": 1,
    "PatientPosition": "HFS",
    "PercentPhaseFOV": 100,
    "PhaseEncodingDirection": "j-",
    "PhaseEncodingSteps": 64,
    "PhaseResolution": 1,
    "PixelBandwidth": 2520,
    "ProcedureStepDescription": "BNU_cst_2019_Xu.Shan",
    "ProtocolName": "ge_func_pace_3x3x3.5_185",
    "PulseSequenceDetails": "%SiemensSeq%_ep2d_bold",
    "ReceiveCoilName": "HeadMatrix",
    "ReconMatrixPE": 64,
    "RepetitionTime": 2,
    "SAR": 0.114411,
    "ScanOptions": "FS",
    "ScanningSequence": "EP",
    "SequenceName": "_epfid2d1_64",
    "SequenceVariant": "SK",
    "SeriesDescription": "ge_func_pace_3x3x3.5_185",
    "SeriesNumber": 8,
    "ShimSetting": [
      -4522,
      -19365,
      -9845,
      1133,
      -97,
      -447,
      155,
      27
    ],
    "SliceThickness": 3.5,
    "SliceTiming": [
      0,
      1.035,
      0.0625,
      1.095,
      0.1225,
      1.1575,
      0.1825,
      1.2175,
      0.245,
      1.2775,
      0.305,
      1.34,
      0.365,
      1.4,
      0.4275,
      1.46,
      0.4875,
      1.5225,
      0.5475,
      1.5825,
      0.61,
      1.6425,
      0.67,
      1.705,
      0.73,
      1.765,
      0.7925,
      1.825,
      0.8525,
      1.8875,
      0.9125,
      1.9475,
      0.975
    ],
    "SoftwareVersions": "syngo_MR_B17",
    "SpacingBetweenSlices": 4.2,
    "StationName": "MRC35193",
    "TotalReadoutTime": 0.0289803,
    "TxRefAmp": 318.58,
    "dataset": "ds003696",
    "modality": "bold",
    "run_id": 1,
    "session_id": "01",
    "subject_id": "138",
    "task_id": "affordance"
  },
  "dummy_trs": 1,
  "dvars_nstd": 20.2284999495082,
  "dvars_std": 1.139065502896175,
  "dvars_vstd": 0.990332989781421,
  "efc": 0.5265074021217758,
  "fber": 980.93017578125,
  "fd_mean": 0.07061601249845723,
  "fd_num": 0,
  "fd_perc": 0.0,
  "fwhm_avg": 1.9757679311822525,
  "fwhm_x": 1.9563679999999999,
  "fwhm_y": 2.2256,
  "fwhm_z": 1.745335793546758,
  "gcor": 0.0277019,
  "gsr_x": -0.0003531385737005621,
  "gsr_y": 0.030390609055757523,
  "provenance": {
    "md5sum": "778bf9333de0c277bdaf32778269b9d2",
    "settings": {
      "fd_thres": 0.2,
      "testing": false
    },
    "software": "mriqc",
    "version": "23.0.1",
    "webapi_port": null,
    "webapi_url": "https://mriqc.nimh.nih.gov/api/v1"
  },
  "size_t": 184,
  "size_x": 64,
  "size_y": 64,
  "size_z": 33,
  "snr": 6.371796340676563,
  "spacing_tr": 2.0,
  "spacing_x": 3.125,
  "spacing_y": 3.125,
  "spacing_z": 4.199999809265137,
  "summary_bg_k": 31.107453905189395,
  "summary_bg_mad": 12.714924195391196,
  "summary_bg_mean": 54.18433380126953,
  "summary_bg_median": 27.58152198791504,
  "summary_bg_n": 82174.0,
  "summary_bg_p05": 18.163043975830078,
  "summary_bg_p95": 184.26087036132716,
  "summary_bg_stdv": 79.051025390625,
  "summary_fg_k": 1.2649746572742337,
  "summary_fg_mad": 123.62806734063979,
  "summary_fg_mean": 883.78515625,
  "summary_fg_median": 886.2119750976562,
  "summary_fg_n": 22155.0,
  "summary_fg_p05": 643.4282775878906,
  "summary_fg_p95": 1098.1538330078124,
  "summary_fg_stdv": 139.0803985595703,
  "tsnr": 79.73418948682956
}