{
  "aor": 0.0007086956521739131,
  "aqi": 0.01126924152173913,
  "bids_meta": {
    "AcquisitionMatrixPE": 64,
    "AcquisitionNumber": 1,
    "AcquisitionTime": "11:21:30.022500",
    "BandwidthPerPixelPhaseEncode": 33.967,
    "BaseResolution": 64,
    "ConversionSoftware": "dcm2niix",
    "ConversionSoftwareVersion": "v1.0.20180622 GCC4.9.2",
    "DerivedVendorReportedEchoSpacing": 0.000460005,
    "DeviceSerialNumber": "35193",
    "DwellTime": 3.1e-06,
    "EchoTime": 0.03,
    "EffectiveEchoSpacing": 0.000460005,
    "FlipAngle": 90,
    "ImageOrientationPatientDICOM": [
      1,
      0,
      0,
      0,
      1,
      0
    ],
    "ImageType": [
      "ORIGINAL",
      "PRIMARY",
      "M",
      "ND",
      "MOSAIC"
    ],
    "InPlanePhaseEncodingDirectionDICOM": "COL",
    "InstitutionAddress": "Xinjiekouwai_Street_No_19_Beijing_Haidian_District_CN_100875",
    "InstitutionName": "BNU_MRI_Center",
    "InstitutionalDepartmentName": "Department",
    "MRAcquisitionType": "2D",
    "MagneticFieldStrength": 3,
    "Manufacturer": "Siemens",
    "ManufacturersModelName": "TrioTim",
    "Modality": "MR",
    "PartialFourier": 1,
    "PatientPosition": "HFS",
    "PercentPhaseFOV": 100,
    "PhaseEncodingDirection": "j-",
    "PhaseEncodingSteps": 64,
    "PhaseResolution": 1,
    "PixelBandwidth": 2520,
    "ProcedureStepDescription": "BNU_cst_2019_Xu.Shan",
    "ProtocolName": "ge_func_pace_3x3x3.5_185",
    "PulseSequenceDetails": "%SiemensSeq%_ep2d_bold",
    "ReceiveCoilName": "HeadMatrix",
    "ReconMatrixPE": 64,
    "RepetitionTime": 2,
    "SAR": 0.114411,
    "ScanOptions": "FS",
    "ScanningSequence": "EP",
    "SequenceName": "_epfid2d1_64",
    "SequenceVariant": "SK",
    "SeriesDescription": "ge_func_pace_3x3x3.5_185",
    "SeriesNumber": 2,
    "ShimSetting": [
      -4522,
      -19365,
      -9845,
      1133,
      -97,
      -447,
      155,
      27
    ],
    "SliceThickness": 3.5,
    "SliceTiming": [
      0,
      1.035,
      0.06,
      1.095,
      0.1225,
      1.155,
      0.1825,
      1.2175,
      0.2425,
      1.2775,
      0.305,
      1.3375,
      0.365,
      1.4,
      0.425,
      1.46,
      0.4875,
      1.52,
      0.5475,
      1.5825,
      0.6075,
      1.6425,
      0.67,
      1.7025,
      0.73,
      1.765,
      0.79,
      1.825,
      0.8525,
      1.885,
      0.9125,
      1.9475,
      0.9725
    ],
    "SoftwareVersions": "syngo_MR_B17",
    "SpacingBetweenSlices": 4.2,
    "StationName": "MRC35193",
    "TotalReadoutTime": 0.0289803,
    "TxRefAmp": 318.58,
    "dataset": "ds003696",
    "modality": "bold",
    "run_id": 4,
    "session_id": "01",
    "subject_id": "138",
    "task_id": "affordance"
  },
  "dummy_trs": 1,
  "dvars_nstd": 21.79583404633879,
  "dvars_std": 1.0469034251912563,
  "dvars_vstd": 0.924126520327869,
  "efc": 0.5248636069333623,
  "fber": 996.6058349609375,
  "fd_mean": 0.11507922244878445,
  "fd_num": 5,
  "fd_perc": 2.717391304347826,
  "fwhm_avg": 2.0093287951265726,
  "fwhm_x": 1.9731872000000001,
  "fwhm_y": 2.2795872,
  "fwhm_z": 1.775211985379718,
  "gcor": 0.010886,
  "gsr_x": 0.0004085644904989749,
  "gsr_y": 0.033793505281209946,
  "provenance": {
    "md5sum": "542641c0cd4884f07d7eb238adcaffec",
    "settings": {
      "fd_thres": 0.2,
      "testing": false
    },
    "software": "mriqc",
    "version": "23.0.1",
    "webapi_port": null,
    "webapi_url": "https://mriqc.nimh.nih.gov/api/v1"
  },
  "size_t": 184,
  "size_x": 64,
  "size_y": 64,
  "size_z": 33,
  "snr": 6.387367261885692,
  "spacing_tr": 2.0,
  "spacing_x": 3.125,
  "spacing_y": 3.125,
  "spacing_z": 4.199999809265137,
  "summary_bg_k": 33.39723056824858,
  "summary_bg_mad": 12.598090600194151,
  "summary_bg_mean": 52.001949310302734,
  "summary_bg_median": 27.1875,
  "summary_bg_n": 82098.0,
  "summary_bg_p05": 17.48369598388672,
  "summary_bg_p95": 171.891846466064,
  "summary_bg_stdv": 75.25756072998047,
  "summary_fg_k": 0.9219771607291616,
  "summary_fg_mad": 125.43702483874992,
  "summary_fg_mean": 873.5314331054688,
  "summary_fg_median": 875.9212646484375,
  "summary_fg_n": 22332.0,
  "summary_fg_p05": 635.2834411621094,
  "summary_fg_p95": 1086.5280029296875,
  "summary_fg_stdv": 137.13031005859375,
  "tsnr": 55.635895661311224
}