{
  "aor": 0.0004904891304347826,
  "aqi": 0.0065187229347826075,
  "bids_meta": {
    "AcquisitionMatrixPE": 64,
    "AcquisitionNumber": 1,
    "AcquisitionTime": "15:19:21.932500",
    "BandwidthPerPixelPhaseEncode": 33.967,
    "BaseResolution": 64,
    "ConversionSoftware": "dcm2niix",
    "ConversionSoftwareVersion": "v1.0.20180622 GCC4.9.2",
    "DerivedVendorReportedEchoSpacing": 0.000460005,
    "DeviceSerialNumber": "35193",
    "DwellTime": 3.1e-06,
    "EchoTime": 0.03,
    "EffectiveEchoSpacing": 0.000460005,
    "FlipAngle": 90,
    "ImageOrientationPatientDICOM": [
      1,
      0,
      0,
      0,
      1,
      0
    ],
    "ImageType": [
      "ORIGINAL",
      "PRIMARY",
      "M",
      "ND",
      "MOSAIC"
    ],
    "InPlanePhaseEncodingDirectionDICOM": "COL",
    "InstitutionAddress": "Xinjiekouwai_Street_No_19_Beijing_Haidian_District_CN_100875",
    "InstitutionName": "Beijing_Normal_Universtiy_7C3C54",
    "InstitutionalDepartmentName": "Department",
    "MRAcquisitionType": "2D",
    "MagneticFieldStrength": 3,
    "Manufacturer": "Siemens",
    "ManufacturersModelName": "TrioTim",
    "Modality": "MR",
    "PartialFourier": 1,
    "PatientPosition": "HFS",
    "PercentPhaseFOV": 100,
    "PhaseEncodingDirection": "j-",
    "PhaseEncodingSteps": 64,
    "PhaseResolution": 1,
    "PixelBandwidth": 2520,
    "ProcedureStepDescription": "BNU_cst_2015_Liu.Jia",
    "ProtocolName": "ge_func_pace_3x3x3.5_185",
    "PulseSequenceDetails": "%SiemensSeq%_ep2d_bold",
    "ReceiveCoilName": "HeadMatrix",
    "ReconMatrixPE": 64,
    "RepetitionTime": 2,
    "SAR": 0.150715,
    "ScanOptions": "FS",
    "ScanningSequence": "EP",
    "SequenceName": "_epfid2d1_64",
    "SequenceVariant": "SK",
    "SeriesDescription": "ge_func_pace_3x3x3.5_185",
    "SeriesNumber": 2,
    "ShimSetting": [
      -4497,
      -19394,
      -9789,
      1276,
      -219,
      -254,
      -256,
      -135
    ],
    "SliceThickness": 3.5,
    "SliceTiming": [
      0,
      1.0325,
      0.06,
      1.095,
      0.12,
      1.155,
      0.1825,
      1.215,
      0.2425,
      1.2775,
      0.3025,
      1.3375,
      0.365,
      1.3975,
      0.425,
      1.46,
      0.485,
      1.52,
      0.5475,
      1.58,
      0.6075,
      1.6425,
      0.6675,
      1.7025,
      0.73,
      1.7625,
      0.79,
      1.825,
      0.85,
      1.885,
      0.9125,
      1.945,
      0.9725
    ],
    "SoftwareVersions": "syngo_MR_B17",
    "SpacingBetweenSlices": 4.2,
    "StationName": "MRC35193",
    "TotalReadoutTime": 0.0289803,
    "TxRefAmp": 318.906,
    "dataset": "ds003696",
    "modality": "bold",
    "run_id": 1,
    "session_id": "01",
    "subject_id": "103",
    "task_id": "affordance"
  },
  "dummy_trs": 1,
  "dvars_nstd": 19.68294466765026,
  "dvars_std": 1.0843088045355187,
  "dvars_vstd": 0.9612991173770492,
  "efc": 0.5373641508248984,
  "fber": 950.6982421875,
  "fd_mean": 0.0980927259139422,
  "fd_num": 1,
  "fd_perc": 0.5434782608695652,
  "fwhm_avg": 1.9870056778883107,
  "fwhm_x": 1.9388416000000002,
  "fwhm_y": 2.2322944000000002,
  "fwhm_z": 1.789881033664932,
  "gcor": 0.0242432,
  "gsr_x": 0.0033571652602404356,
  "gsr_y": 0.028970569372177124,
  "provenance": {
    "md5sum": "c533e0cf419244450ca33ceeb481c5ae",
    "settings": {
      "fd_thres": 0.2,
      "testing": false
    },
    "software": "mriqc",
    "version": "23.0.1",
    "webapi_port": null,
    "webapi_url": "https://mriqc.nimh.nih.gov/api/v1"
  },
  "size_t": 184,
  "size_x": 64,
  "size_y": 64,
  "size_z": 33,
  "snr": 5.970484388669898,
  "spacing_tr": 2.0,
  "spacing_x": 3.125,
  "spacing_y": 3.125,
  "spacing_z": 4.199999809265137,
  "summary_bg_k": 33.743720352771106,
  "summary_bg_mad": 13.585149326830065,
  "summary_bg_mean": 56.93964385986328,
  "summary_bg_median": 29.1358699798584,
  "summary_bg_n": 80201.0,
  "summary_bg_p05": 18.782609939575195,
  "summary_bg_p95": 179.50543212890625,
  "summary_bg_stdv": 83.66441345214844,
  "summary_fg_k": 1.1828074842943401,
  "summary_fg_mad": 138.49435795753388,
  "summary_fg_mean": 922.056396484375,
  "summary_fg_median": 917.978271484375,
  "summary_fg_n": 23891.0,
  "summary_fg_p05": 672.3505554199219,
  "summary_fg_p95": 1175.5136108398438,
  "summary_fg_stdv": 153.74951171875,
  "tsnr": 66.07983537612017
}