{
  "aor": 0.0029309183673469387,
  "aqi": 0.005989772857142857,
  "bids_meta": {
    "AcquisitionMatrixPE": 64,
    "AcquisitionNumber": 1,
    "AcquisitionTime": "14:44:7.430000",
    "BandwidthPerPixelPhaseEncode": 33.967,
    "BaseResolution": 64,
    "ConversionSoftware": "dcm2niix",
    "ConversionSoftwareVersion": "v1.0.20180622 GCC4.9.2",
    "DerivedVendorReportedEchoSpacing": 0.000460005,
    "DeviceSerialNumber": "35193",
    "DwellTime": 3.1e-06,
    "EchoTime": 0.03,
    "EffectiveEchoSpacing": 0.000460005,
    "FlipAngle": 90,
    "ImageOrientationPatientDICOM": [
      1,
      0,
      0,
      0,
      1,
      0
    ],
    "ImageType": [
      "ORIGINAL",
      "PRIMARY",
      "M",
      "ND",
      "MOSAIC"
    ],
    "InPlanePhaseEncodingDirectionDICOM": "COL",
    "InstitutionAddress": "Xinjiekouwai_Street_No_19_Beijing_Haidian_District_CN_100875",
    "InstitutionName": "Beijing_Normal_Universtiy_7C3C54",
    "InstitutionalDepartmentName": "Department",
    "MRAcquisitionType": "2D",
    "MagneticFieldStrength": 3,
    "Manufacturer": "Siemens",
    "ManufacturersModelName": "TrioTim",
    "Modality": "MR",
    "PartialFourier": 1,
    "PatientPosition": "HFS",
    "PercentPhaseFOV": 100,
    "PhaseEncodingDirection": "j-",
    "PhaseEncodingSteps": 64,
    "PhaseResolution": 1,
    "PixelBandwidth": 2520,
    "ProcedureStepDescription": "BNU_cst_2019_Xu.Shan",
    "ProtocolName": "ge_func_pace_3x3x3.5_99",
    "PulseSequenceDetails": "%SiemensSeq%_ep2d_bold",
    "ReceiveCoilName": "HeadMatrix",
    "ReconMatrixPE": 64,
    "RepetitionTime": 2,
    "SAR": 0.120612,
    "ScanOptions": "FS",
    "ScanningSequence": "EP",
    "SequenceName": "_epfid2d1_64",
    "SequenceVariant": "SK",
    "SeriesDescription": "ge_func_pace_3x3x3.5_99",
    "SeriesNumber": 12,
    "ShimSetting": [
      -4477,
      -19312,
      -9815,
      1085,
      -50,
      -331,
      -207,
      -113
    ],
    "SliceThickness": 3.5,
    "SliceTiming": [
      0,
      1.0325,
      0.06,
      1.095,
      0.12,
      1.155,
      0.1825,
      1.215,
      0.2425,
      1.2775,
      0.3025,
      1.3375,
      0.365,
      1.3975,
      0.425,
      1.46,
      0.485,
      1.52,
      0.5475,
      1.58,
      0.6075,
      1.6425,
      0.6675,
      1.7025,
      0.73,
      1.7625,
      0.79,
      1.825,
      0.85,
      1.885,
      0.9125,
      1.945,
      0.9725
    ],
    "SoftwareVersions": "syngo_MR_B17",
    "SpacingBetweenSlices": 4.2,
    "StationName": "MRC35193",
    "TotalReadoutTime": 0.0289803,
    "TxRefAmp": 330.527,
    "dataset": "ds003696",
    "modality": "bold",
    "run_id": 1,
    "session_id": "01",
    "subject_id": "133",
    "task_id": "localizer"
  },
  "dummy_trs": 1,
  "dvars_nstd": 27.150283400824733,
  "dvars_std": 1.3397053663917526,
  "dvars_vstd": 1.0509081110309282,
  "efc": 0.5857032519497787,
  "fber": 671.5527954101562,
  "fd_mean": 0.09152627188743322,
  "fd_num": 6,
  "fd_perc": 6.122448979591836,
  "fwhm_avg": 2.0289708218303932,
  "fwhm_x": 1.9768704,
  "fwhm_y": 2.2484896,
  "fwhm_z": 1.86155246549118,
  "gcor": 0.0230203,
  "gsr_x": -0.008098633028566837,
  "gsr_y": 0.0853138342499733,
  "provenance": {
    "md5sum": "24079dce605785c5196ac2ef5f6cacbf",
    "settings": {
      "fd_thres": 0.2,
      "testing": false
    },
    "software": "mriqc",
    "version": "23.0.1",
    "webapi_port": null,
    "webapi_url": "https://mriqc.nimh.nih.gov/api/v1"
  },
  "size_t": 98,
  "size_x": 64,
  "size_y": 64,
  "size_z": 33,
  "snr": 5.7739513045180795,
  "spacing_tr": 2.0,
  "spacing_x": 3.125,
  "spacing_y": 3.125,
  "spacing_z": 4.199999809265137,
  "summary_bg_k": 25.175361766077344,
  "summary_bg_mad": 21.37670064567185,
  "summary_bg_mean": 84.63343811035156,
  "summary_bg_median": 35.7244873046875,
  "summary_bg_n": 74881.0,
  "summary_bg_p05": 20.316326141357422,
  "summary_bg_p95": 323.8163146972656,
  "summary_bg_stdv": 135.77943420410156,
  "summary_fg_k": 1.4588750373552468,
  "summary_fg_mad": 140.03025929143865,
  "summary_fg_mean": 941.1908569335938,
  "summary_fg_median": 934.392822265625,
  "summary_fg_n": 28822.0,
  "summary_fg_p05": 691.8703704833985,
  "summary_fg_p95": 1221.0591186523436,
  "summary_fg_stdv": 161.82620239257812,
  "tsnr": 74.67291037552059
}