{
  "aor": 0.0008335135135135136,
  "aqi": 0.007341445675675676,
  "bids_meta": {
    "AcquisitionMatrixPE": 64,
    "AcquisitionNumber": 1,
    "AcquisitionTime": "14:23:36.027500",
    "BandwidthPerPixelPhaseEncode": 33.967,
    "BaseResolution": 64,
    "ConversionSoftware": "dcm2niix",
    "ConversionSoftwareVersion": "v1.0.20180622 GCC4.9.2",
    "DerivedVendorReportedEchoSpacing": 0.000460005,
    "DeviceSerialNumber": "35193",
    "DwellTime": 3.1e-06,
    "EchoTime": 0.03,
    "EffectiveEchoSpacing": 0.000460005,
    "FlipAngle": 90,
    "ImageOrientationPatientDICOM": [
      1,
      0,
      0,
      0,
      1,
      0
    ],
    "ImageType": [
      "ORIGINAL",
      "PRIMARY",
      "M",
      "ND",
      "MOSAIC"
    ],
    "InPlanePhaseEncodingDirectionDICOM": "COL",
    "InstitutionAddress": "Xinjiekouwai_Street_No_19_Beijing_Haidian_District_CN_100875",
    "InstitutionName": "Beijing_Normal_Universtiy_7C3C54",
    "InstitutionalDepartmentName": "Department",
    "MRAcquisitionType": "2D",
    "MagneticFieldStrength": 3,
    "Manufacturer": "Siemens",
    "ManufacturersModelName": "TrioTim",
    "Modality": "MR",
    "PartialFourier": 1,
    "PatientPosition": "HFS",
    "PercentPhaseFOV": 100,
    "PhaseEncodingDirection": "j-",
    "PhaseEncodingSteps": 64,
    "PhaseResolution": 1,
    "PixelBandwidth": 2520,
    "ProcedureStepDescription": "BNU_cst_2019_Xu.Shan",
    "ProtocolName": "ge_func_pace_3x3x3.5_185",
    "PulseSequenceDetails": "%SiemensSeq%_ep2d_bold",
    "ReceiveCoilName": "HeadMatrix",
    "ReconMatrixPE": 64,
    "RepetitionTime": 2,
    "SAR": 0.121022,
    "ScanOptions": "FS",
    "ScanningSequence": "EP",
    "SequenceName": "_epfid2d1_64",
    "SequenceVariant": "SK",
    "SeriesDescription": "ge_func_pace_3x3x3.5_185",
    "SeriesNumber": 6,
    "ShimSetting": [
      -4477,
      -19312,
      -9815,
      1085,
      -50,
      -331,
      -207,
      -113
    ],
    "SliceThickness": 3.5,
    "SliceTiming": [
      0,
      1.035,
      0.06,
      1.095,
      0.1225,
      1.155,
      0.1825,
      1.2175,
      0.2425,
      1.2775,
      0.305,
      1.3375,
      0.365,
      1.4,
      0.425,
      1.46,
      0.4875,
      1.52,
      0.5475,
      1.5825,
      0.6075,
      1.6425,
      0.67,
      1.7025,
      0.73,
      1.765,
      0.79,
      1.825,
      0.8525,
      1.885,
      0.9125,
      1.9475,
      0.9725
    ],
    "SoftwareVersions": "syngo_MR_B17",
    "SpacingBetweenSlices": 4.2,
    "StationName": "MRC35193",
    "TotalReadoutTime": 0.0289803,
    "TxRefAmp": 330.527,
    "dataset": "ds003696",
    "modality": "bold",
    "run_id": 2,
    "session_id": "01",
    "subject_id": "133",
    "task_id": "affordance"
  },
  "dummy_trs": 0,
  "dvars_nstd": 28.13267089989131,
  "dvars_std": 1.305073229347826,
  "dvars_vstd": 0.9968045253260871,
  "efc": 0.5833319038491126,
  "fber": 674.8742065429688,
  "fd_mean": 0.09286328367546141,
  "fd_num": 8,
  "fd_perc": 4.324324324324325,
  "fwhm_avg": 2.0576994002754905,
  "fwhm_x": 1.9942912000000002,
  "fwhm_y": 2.2731711999999997,
  "fwhm_z": 1.9056358008264722,
  "gcor": 0.0335054,
  "gsr_x": -0.007858870550990105,
  "gsr_y": 0.07017448544502258,
  "provenance": {
    "md5sum": "a45052cb2dcd7f4376d696d74e6c7f78",
    "settings": {
      "fd_thres": 0.2,
      "testing": false
    },
    "software": "mriqc",
    "version": "23.0.1",
    "webapi_port": null,
    "webapi_url": "https://mriqc.nimh.nih.gov/api/v1"
  },
  "size_t": 185,
  "size_x": 64,
  "size_y": 64,
  "size_z": 33,
  "snr": 5.6685401312186645,
  "spacing_tr": 2.0,
  "spacing_x": 3.125,
  "spacing_y": 3.125,
  "spacing_z": 4.199999809265137,
  "summary_bg_k": 26.979729525810278,
  "summary_bg_mad": 21.044937123378403,
  "summary_bg_mean": 80.91569519042969,
  "summary_bg_median": 35.70000457763672,
  "summary_bg_n": 74560.0,
  "summary_bg_p05": 20.45405387878418,
  "summary_bg_p95": 301.2726974487306,
  "summary_bg_stdv": 126.5237808227539,
  "summary_fg_k": 1.39904721649346,
  "summary_fg_mad": 145.00653255804386,
  "summary_fg_mean": 946.5155029296875,
  "summary_fg_median": 940.2811279296875,
  "summary_fg_n": 28893.0,
  "summary_fg_p05": 690.729736328125,
  "summary_fg_p95": 1232.6951416015618,
  "summary_fg_stdv": 165.87425231933594,
  "tsnr": 71.14570477290545
}