{
  "aor": 0.001867551020408163,
  "aqi": 0.0064296325510204075,
  "bids_meta": {
    "AcquisitionMatrixPE": 64,
    "AcquisitionNumber": 1,
    "AcquisitionTime": "14:48:5.987500",
    "BandwidthPerPixelPhaseEncode": 33.967,
    "BaseResolution": 64,
    "ConversionSoftware": "dcm2niix",
    "ConversionSoftwareVersion": "v1.0.20180622 GCC4.9.2",
    "DerivedVendorReportedEchoSpacing": 0.000460005,
    "DeviceSerialNumber": "35193",
    "DwellTime": 3.1e-06,
    "EchoTime": 0.03,
    "EffectiveEchoSpacing": 0.000460005,
    "FlipAngle": 90,
    "ImageOrientationPatientDICOM": [
      1,
      0,
      0,
      0,
      1,
      0
    ],
    "ImageType": [
      "ORIGINAL",
      "PRIMARY",
      "M",
      "ND",
      "MOSAIC"
    ],
    "InPlanePhaseEncodingDirectionDICOM": "COL",
    "InstitutionAddress": "Xinjiekouwai_Street_No_19_Beijing_Haidian_District_CN_100875",
    "InstitutionName": "Beijing_Normal_Universtiy_7C3C54",
    "InstitutionalDepartmentName": "Department",
    "MRAcquisitionType": "2D",
    "MagneticFieldStrength": 3,
    "Manufacturer": "Siemens",
    "ManufacturersModelName": "TrioTim",
    "Modality": "MR",
    "PartialFourier": 1,
    "PatientPosition": "HFS",
    "PercentPhaseFOV": 100,
    "PhaseEncodingDirection": "j-",
    "PhaseEncodingSteps": 64,
    "PhaseResolution": 1,
    "PixelBandwidth": 2520,
    "ProcedureStepDescription": "BNU_cst_2019_Xu.Shan",
    "ProtocolName": "ge_func_pace_3x3x3.5_99",
    "PulseSequenceDetails": "%SiemensSeq%_ep2d_bold",
    "ReceiveCoilName": "HeadMatrix",
    "ReconMatrixPE": 64,
    "RepetitionTime": 2,
    "SAR": 0.120612,
    "ScanOptions": "FS",
    "ScanningSequence": "EP",
    "SequenceName": "_epfid2d1_64",
    "SequenceVariant": "SK",
    "SeriesDescription": "ge_func_pace_3x3x3.5_99",
    "SeriesNumber": 14,
    "ShimSetting": [
      -4477,
      -19312,
      -9815,
      1085,
      -50,
      -331,
      -207,
      -113
    ],
    "SliceThickness": 3.5,
    "SliceTiming": [
      0,
      1.035,
      0.0625,
      1.095,
      0.1225,
      1.1575,
      0.1825,
      1.2175,
      0.245,
      1.2775,
      0.305,
      1.34,
      0.365,
      1.4,
      0.4275,
      1.46,
      0.4875,
      1.5225,
      0.5475,
      1.5825,
      0.61,
      1.6425,
      0.67,
      1.705,
      0.73,
      1.765,
      0.7925,
      1.825,
      0.8525,
      1.8875,
      0.9125,
      1.9475,
      0.975
    ],
    "SoftwareVersions": "syngo_MR_B17",
    "SpacingBetweenSlices": 4.2,
    "StationName": "MRC35193",
    "TotalReadoutTime": 0.0289803,
    "TxRefAmp": 330.527,
    "dataset": "ds003696",
    "modality": "bold",
    "run_id": 2,
    "session_id": "01",
    "subject_id": "133",
    "task_id": "localizer"
  },
  "dummy_trs": 1,
  "dvars_nstd": 26.665668094948465,
  "dvars_std": 1.3143344249484532,
  "dvars_vstd": 1.0396759426804123,
  "efc": 0.5860549999507734,
  "fber": 664.0712890625,
  "fd_mean": 0.09311123139710431,
  "fd_num": 5,
  "fd_perc": 5.1020408163265305,
  "fwhm_avg": 2.0254669677175023,
  "fwhm_x": 1.9846207999999999,
  "fwhm_y": 2.2397824,
  "fwhm_z": 1.8519977031525068,
  "gcor": 0.0206173,
  "gsr_x": -0.009218213148415089,
  "gsr_y": 0.08574847131967545,
  "provenance": {
    "md5sum": "8e14bf99db64595c210cdefa2ee8dbc1",
    "settings": {
      "fd_thres": 0.2,
      "testing": false
    },
    "software": "mriqc",
    "version": "23.0.1",
    "webapi_port": null,
    "webapi_url": "https://mriqc.nimh.nih.gov/api/v1"
  },
  "size_t": 98,
  "size_x": 64,
  "size_y": 64,
  "size_z": 33,
  "snr": 5.766021427496425,
  "spacing_tr": 2.0,
  "spacing_x": 3.125,
  "spacing_y": 3.125,
  "spacing_z": 4.199999809265137,
  "summary_bg_k": 25.29615936109537,
  "summary_bg_mad": 21.37670064567185,
  "summary_bg_mean": 84.63362121582031,
  "summary_bg_median": 35.7244873046875,
  "summary_bg_n": 74769.0,
  "summary_bg_p05": 20.306121826171875,
  "summary_bg_p95": 320.6775329589836,
  "summary_bg_stdv": 135.663330078125,
  "summary_fg_k": 1.4609470294108986,
  "summary_fg_mad": 139.44016840600926,
  "summary_fg_mean": 938.9339599609375,
  "summary_fg_median": 932.2142944335938,
  "summary_fg_n": 28833.0,
  "summary_fg_p05": 690.9224487304688,
  "summary_fg_p95": 1219.844873046875,
  "summary_fg_stdv": 161.6709442138672,
  "tsnr": 73.73047799430788
}