{
  "aor": 0.002289891891891892,
  "aqi": 0.008567784108108108,
  "bids_meta": {
    "AcquisitionMatrixPE": 64,
    "AcquisitionNumber": 1,
    "AcquisitionTime": "14:37:11.827500",
    "BandwidthPerPixelPhaseEncode": 33.967,
    "BaseResolution": 64,
    "ConversionSoftware": "dcm2niix",
    "ConversionSoftwareVersion": "v1.0.20180622 GCC4.9.2",
    "DerivedVendorReportedEchoSpacing": 0.000460005,
    "DeviceSerialNumber": "35193",
    "DwellTime": 3.1e-06,
    "EchoTime": 0.03,
    "EffectiveEchoSpacing": 0.000460005,
    "FlipAngle": 90,
    "ImageOrientationPatientDICOM": [
      1,
      0,
      0,
      0,
      1,
      0
    ],
    "ImageType": [
      "ORIGINAL",
      "PRIMARY",
      "M",
      "ND",
      "MOSAIC"
    ],
    "InPlanePhaseEncodingDirectionDICOM": "COL",
    "InstitutionAddress": "Xinjiekouwai_Street_No_19_Beijing_Haidian_District_CN_100875",
    "InstitutionName": "Beijing_Normal_Universtiy_7C3C54",
    "InstitutionalDepartmentName": "Department",
    "MRAcquisitionType": "2D",
    "MagneticFieldStrength": 3,
    "Manufacturer": "Siemens",
    "ManufacturersModelName": "TrioTim",
    "Modality": "MR",
    "PartialFourier": 1,
    "PatientPosition": "HFS",
    "PercentPhaseFOV": 100,
    "PhaseEncodingDirection": "j-",
    "PhaseEncodingSteps": 64,
    "PhaseResolution": 1,
    "PixelBandwidth": 2520,
    "ProcedureStepDescription": "BNU_cst_2019_Xu.Shan",
    "ProtocolName": "ge_func_pace_3x3x3.5_185",
    "PulseSequenceDetails": "%SiemensSeq%_ep2d_bold",
    "ReceiveCoilName": "HeadMatrix",
    "ReconMatrixPE": 64,
    "RepetitionTime": 2,
    "SAR": 0.121022,
    "ScanOptions": "FS",
    "ScanningSequence": "EP",
    "SequenceName": "_epfid2d1_64",
    "SequenceVariant": "SK",
    "SeriesDescription": "ge_func_pace_3x3x3.5_185",
    "SeriesNumber": 10,
    "ShimSetting": [
      -4477,
      -19312,
      -9815,
      1085,
      -50,
      -331,
      -207,
      -113
    ],
    "SliceThickness": 3.5,
    "SliceTiming": [
      0,
      1.035,
      0.06,
      1.095,
      0.1225,
      1.155,
      0.1825,
      1.2175,
      0.2425,
      1.2775,
      0.305,
      1.3375,
      0.365,
      1.4,
      0.425,
      1.46,
      0.4875,
      1.52,
      0.5475,
      1.5825,
      0.6075,
      1.6425,
      0.67,
      1.7025,
      0.73,
      1.765,
      0.79,
      1.825,
      0.8525,
      1.885,
      0.9125,
      1.9475,
      0.9725
    ],
    "SoftwareVersions": "syngo_MR_B17",
    "SpacingBetweenSlices": 4.2,
    "StationName": "MRC35193",
    "TotalReadoutTime": 0.0289803,
    "TxRefAmp": 330.527,
    "dataset": "ds003696",
    "modality": "bold",
    "run_id": 4,
    "session_id": "01",
    "subject_id": "133",
    "task_id": "affordance"
  },
  "dummy_trs": 0,
  "dvars_nstd": 28.799646439565212,
  "dvars_std": 1.3527279547826097,
  "dvars_vstd": 1.0229494990760875,
  "efc": 0.5858836225690168,
  "fber": 658.1749267578125,
  "fd_mean": 0.09473699718755757,
  "fd_num": 13,
  "fd_perc": 7.027027027027027,
  "fwhm_avg": 2.0319486056369267,
  "fwhm_x": 1.9767456,
  "fwhm_y": 2.2787167999999998,
  "fwhm_z": 1.840383416910781,
  "gcor": 0.0200835,
  "gsr_x": -0.009058501571416855,
  "gsr_y": 0.08142966032028198,
  "provenance": {
    "md5sum": "38feb7d45573da0e8e346e41f6f06f91",
    "settings": {
      "fd_thres": 0.2,
      "testing": false
    },
    "software": "mriqc",
    "version": "23.0.1",
    "webapi_port": null,
    "webapi_url": "https://mriqc.nimh.nih.gov/api/v1"
  },
  "size_t": 185,
  "size_x": 64,
  "size_y": 64,
  "size_z": 33,
  "snr": 5.754951818143612,
  "spacing_tr": 2.0,
  "spacing_x": 3.125,
  "spacing_y": 3.125,
  "spacing_z": 4.199999809265137,
  "summary_bg_k": 25.159872864594515,
  "summary_bg_mad": 22.295131953904512,
  "summary_bg_mean": 84.53348541259766,
  "summary_bg_median": 36.297298431396484,
  "summary_bg_n": 74708.0,
  "summary_bg_p05": 19.99459457397461,
  "summary_bg_p95": 321.400823974609,
  "summary_bg_stdv": 134.6454620361328,
  "summary_fg_k": 1.4093401210781344,
  "summary_fg_mad": 140.86331813076742,
  "summary_fg_mean": 944.2633056640625,
  "summary_fg_median": 937.84326171875,
  "summary_fg_n": 28813.0,
  "summary_fg_p05": 693.04326171875,
  "summary_fg_p95": 1224.7016845703124,
  "summary_fg_stdv": 162.9600067138672,
  "tsnr": 63.293984435964376
}