{
  "aor": 0.0010629591836734693,
  "aqi": 0.0039396816326530614,
  "bids_meta": {
    "AcquisitionMatrixPE": 64,
    "AcquisitionNumber": 1,
    "AcquisitionTime": "15:33:47.062500",
    "BandwidthPerPixelPhaseEncode": 33.967,
    "BaseResolution": 64,
    "ConversionSoftware": "dcm2niix",
    "ConversionSoftwareVersion": "v1.0.20180622 GCC4.9.2",
    "DerivedVendorReportedEchoSpacing": 0.000460005,
    "DeviceSerialNumber": "35193",
    "DwellTime": 3.1e-06,
    "EchoTime": 0.03,
    "EffectiveEchoSpacing": 0.000460005,
    "FlipAngle": 90,
    "ImageOrientationPatientDICOM": [
      1,
      0,
      0,
      0,
      1,
      0
    ],
    "ImageType": [
      "ORIGINAL",
      "PRIMARY",
      "M",
      "ND",
      "MOSAIC"
    ],
    "InPlanePhaseEncodingDirectionDICOM": "COL",
    "InstitutionAddress": "Xinjiekouwai_Street_No_19_Beijing_Haidian_District_CN_100875",
    "InstitutionName": "BNU_MRI_Center",
    "InstitutionalDepartmentName": "Department",
    "MRAcquisitionType": "2D",
    "MagneticFieldStrength": 3,
    "Manufacturer": "Siemens",
    "ManufacturersModelName": "TrioTim",
    "Modality": "MR",
    "PartialFourier": 1,
    "PatientPosition": "HFS",
    "PercentPhaseFOV": 100,
    "PhaseEncodingDirection": "j-",
    "PhaseEncodingSteps": 64,
    "PhaseResolution": 1,
    "PixelBandwidth": 2520,
    "ProcedureStepDescription": "BNU_cst_2015_Liu.Jia",
    "ProtocolName": "ge_func_pace_3x3x3.5_99",
    "PulseSequenceDetails": "%SiemensSeq%_ep2d_bold",
    "ReceiveCoilName": "HeadMatrix",
    "ReconMatrixPE": 64,
    "RepetitionTime": 2,
    "SAR": 0.1305,
    "ScanOptions": "FS",
    "ScanningSequence": "EP",
    "SequenceName": "_epfid2d1_64",
    "SequenceVariant": "SK",
    "SeriesDescription": "ge_func_pace_3x3x3.5_99",
    "SeriesNumber": 10,
    "ShimSetting": [
      -4567,
      -19356,
      -9753,
      1228,
      -288,
      -185,
      29,
      -38
    ],
    "SliceThickness": 3.5,
    "SliceTiming": [
      0,
      1.035,
      0.06,
      1.095,
      0.1225,
      1.155,
      0.1825,
      1.2175,
      0.2425,
      1.2775,
      0.305,
      1.3375,
      0.365,
      1.4,
      0.425,
      1.46,
      0.4875,
      1.52,
      0.5475,
      1.5825,
      0.6075,
      1.6425,
      0.67,
      1.7025,
      0.73,
      1.765,
      0.79,
      1.825,
      0.8525,
      1.885,
      0.9125,
      1.9475,
      0.9725
    ],
    "SoftwareVersions": "syngo_MR_B17",
    "SpacingBetweenSlices": 4.2,
    "StationName": "MRC35193",
    "TotalReadoutTime": 0.0289803,
    "TxRefAmp": 311.145,
    "dataset": "ds003696",
    "modality": "bold",
    "run_id": 1,
    "session_id": "01",
    "subject_id": "121",
    "task_id": "localizer"
  },
  "dummy_trs": 1,
  "dvars_nstd": 24.43888849092783,
  "dvars_std": 1.3271675838144328,
  "dvars_vstd": 1.0269655773195874,
  "efc": 0.530596177542735,
  "fber": 1158.373046875,
  "fd_mean": 0.0810445133808216,
  "fd_num": 2,
  "fd_perc": 2.0408163265306123,
  "fwhm_avg": 2.0116596025315965,
  "fwhm_x": 2.0097312,
  "fwhm_y": 2.180288,
  "fwhm_z": 1.84495960759479,
  "gcor": 0.02027,
  "gsr_x": 6.37239936622791e-05,
  "gsr_y": 0.023454491049051285,
  "provenance": {
    "md5sum": "373fd7963e674347ae37fbbfdd946813",
    "settings": {
      "fd_thres": 0.2,
      "testing": false
    },
    "software": "mriqc",
    "version": "23.0.1",
    "webapi_port": null,
    "webapi_url": "https://mriqc.nimh.nih.gov/api/v1"
  },
  "size_t": 98,
  "size_x": 64,
  "size_y": 64,
  "size_z": 33,
  "snr": 5.48317331545505,
  "spacing_tr": 2.0,
  "spacing_x": 3.125,
  "spacing_y": 3.125,
  "spacing_z": 4.199999809265137,
  "summary_bg_k": 38.6182854196981,
  "summary_bg_mad": 11.512857776077734,
  "summary_bg_mean": 54.119014739990234,
  "summary_bg_median": 28.102039337158203,
  "summary_bg_n": 79485.0,
  "summary_bg_p05": 19.46938705444336,
  "summary_bg_p95": 172.3755065917969,
  "summary_bg_stdv": 79.30366516113281,
  "summary_fg_k": 1.2088412674752957,
  "summary_fg_mad": 159.8486621158351,
  "summary_fg_mean": 995.7978515625,
  "summary_fg_median": 979.9795532226562,
  "summary_fg_n": 24979.0,
  "summary_fg_p05": 734.3857116699219,
  "summary_fg_p95": 1314.3765136718746,
  "summary_fg_stdv": 178.7213134765625,
  "tsnr": 88.26368522713892
}