{
  "aor": 0.00048027322404371585,
  "aqi": 0.0041622528961748635,
  "bids_meta": {
    "AcquisitionMatrixPE": 64,
    "AcquisitionNumber": 1,
    "AcquisitionTime": "15:10:54.152500",
    "BandwidthPerPixelPhaseEncode": 33.967,
    "BaseResolution": 64,
    "ConversionSoftware": "dcm2niix",
    "ConversionSoftwareVersion": "v1.0.20180622 GCC4.9.2",
    "DerivedVendorReportedEchoSpacing": 0.000460005,
    "DeviceSerialNumber": "35193",
    "DwellTime": 3.1e-06,
    "EchoTime": 0.03,
    "EffectiveEchoSpacing": 0.000460005,
    "FlipAngle": 90,
    "ImageOrientationPatientDICOM": [
      1,
      0,
      0,
      0,
      1,
      0
    ],
    "ImageType": [
      "ORIGINAL",
      "PRIMARY",
      "M",
      "ND",
      "MOSAIC"
    ],
    "InPlanePhaseEncodingDirectionDICOM": "COL",
    "InstitutionAddress": "Xinjiekouwai_Street_No_19_Beijing_Haidian_District_CN_100875",
    "InstitutionName": "BNU_MRI_Center",
    "InstitutionalDepartmentName": "Department",
    "MRAcquisitionType": "2D",
    "MagneticFieldStrength": 3,
    "Manufacturer": "Siemens",
    "ManufacturersModelName": "TrioTim",
    "Modality": "MR",
    "PartialFourier": 1,
    "PatientPosition": "HFS",
    "PercentPhaseFOV": 100,
    "PhaseEncodingDirection": "j-",
    "PhaseEncodingSteps": 64,
    "PhaseResolution": 1,
    "PixelBandwidth": 2520,
    "ProcedureStepDescription": "BNU_cst_2015_Liu.Jia",
    "ProtocolName": "ge_func_pace_3x3x3.5_185",
    "PulseSequenceDetails": "%SiemensSeq%_ep2d_bold",
    "ReceiveCoilName": "HeadMatrix",
    "ReconMatrixPE": 64,
    "RepetitionTime": 2,
    "SAR": 0.130944,
    "ScanOptions": "FS",
    "ScanningSequence": "EP",
    "SequenceName": "_epfid2d1_64",
    "SequenceVariant": "SK",
    "SeriesDescription": "ge_func_pace_3x3x3.5_185",
    "SeriesNumber": 4,
    "ShimSetting": [
      -4567,
      -19356,
      -9753,
      1228,
      -288,
      -185,
      29,
      -38
    ],
    "SliceThickness": 3.5,
    "SliceTiming": [
      0,
      1.035,
      0.0625,
      1.095,
      0.1225,
      1.1575,
      0.1825,
      1.2175,
      0.245,
      1.2775,
      0.305,
      1.34,
      0.365,
      1.4,
      0.4275,
      1.46,
      0.4875,
      1.5225,
      0.5475,
      1.5825,
      0.61,
      1.6425,
      0.67,
      1.705,
      0.73,
      1.765,
      0.7925,
      1.825,
      0.8525,
      1.8875,
      0.9125,
      1.9475,
      0.975
    ],
    "SoftwareVersions": "syngo_MR_B17",
    "SpacingBetweenSlices": 4.2,
    "StationName": "MRC35193",
    "TotalReadoutTime": 0.0289803,
    "TxRefAmp": 311.145,
    "dataset": "ds003696",
    "modality": "bold",
    "run_id": 2,
    "session_id": "01",
    "subject_id": "121",
    "task_id": "affordance"
  },
  "dummy_trs": 2,
  "dvars_nstd": 25.098992641153874,
  "dvars_std": 1.3245803706043957,
  "dvars_vstd": 0.9977956499999994,
  "efc": 0.5284579791237766,
  "fber": 1198.9058837890625,
  "fd_mean": 0.07630163020791714,
  "fd_num": 0,
  "fd_perc": 0.0,
  "fwhm_avg": 2.018810262909644,
  "fwhm_x": 2.0331296,
  "fwhm_y": 2.1743392,
  "fwhm_z": 1.8489619887289315,
  "gcor": 0.0255078,
  "gsr_x": 0.00010716658289311454,
  "gsr_y": 0.02568811923265457,
  "provenance": {
    "md5sum": "0173a719c4e8202d5f4d4a8caa0876da",
    "settings": {
      "fd_thres": 0.2,
      "testing": false
    },
    "software": "mriqc",
    "version": "23.0.1",
    "webapi_port": null,
    "webapi_url": "https://mriqc.nimh.nih.gov/api/v1"
  },
  "size_t": 183,
  "size_x": 64,
  "size_y": 64,
  "size_z": 33,
  "snr": 5.522902914344956,
  "spacing_tr": 2.0,
  "spacing_x": 3.125,
  "spacing_y": 3.125,
  "spacing_z": 4.199999809265137,
  "summary_bg_k": 43.60730912827266,
  "summary_bg_mad": 11.083057306510534,
  "summary_bg_mean": 52.46103286743164,
  "summary_bg_median": 27.59016227722168,
  "summary_bg_n": 79609.0,
  "summary_bg_p05": 19.300546646118164,
  "summary_bg_p95": 163.0218505859375,
  "summary_bg_stdv": 77.51298522949219,
  "summary_fg_k": 1.1992952347655281,
  "summary_fg_mad": 156.63325045627948,
  "summary_fg_mean": 991.7927856445312,
  "summary_fg_median": 975.6666259765625,
  "summary_fg_n": 24932.0,
  "summary_fg_p05": 732.5638977050781,
  "summary_fg_p95": 1310.6832702636718,
  "summary_fg_stdv": 176.65475463867188,
  "tsnr": 85.79331733798608
}