{
  "aor": 0.00479679347826087,
  "aqi": 0.0037759953804347825,
  "bids_meta": {
    "AcquisitionMatrixPE": 64,
    "AcquisitionNumber": 1,
    "AcquisitionTime": "14:36:10.582500",
    "BandwidthPerPixelPhaseEncode": 33.967,
    "BaseResolution": 64,
    "ConversionSoftware": "dcm2niix",
    "ConversionSoftwareVersion": "v1.0.20180622 GCC4.9.2",
    "DerivedVendorReportedEchoSpacing": 0.000460005,
    "DeviceSerialNumber": "35193",
    "DwellTime": 3.1e-06,
    "EchoTime": 0.03,
    "EffectiveEchoSpacing": 0.000460005,
    "FlipAngle": 90,
    "ImageOrientationPatientDICOM": [
      1,
      0,
      0,
      0,
      1,
      0
    ],
    "ImageType": [
      "ORIGINAL",
      "PRIMARY",
      "M",
      "ND",
      "MOSAIC"
    ],
    "InPlanePhaseEncodingDirectionDICOM": "COL",
    "InstitutionAddress": "Xinjiekouwai_Street_No_19_Beijing_Haidian_District_CN_100875",
    "InstitutionName": "BNU_MRI_Center",
    "InstitutionalDepartmentName": "Department",
    "MRAcquisitionType": "2D",
    "MagneticFieldStrength": 3,
    "Manufacturer": "Siemens",
    "ManufacturersModelName": "TrioTim",
    "Modality": "MR",
    "PartialFourier": 1,
    "PatientPosition": "HFS",
    "PercentPhaseFOV": 100,
    "PhaseEncodingDirection": "j-",
    "PhaseEncodingSteps": 64,
    "PhaseResolution": 1,
    "PixelBandwidth": 2520,
    "ProcedureStepDescription": "BNU_cst_2019_Xu.Shan",
    "ProtocolName": "ge_func_pace_3x3x3.5_185",
    "PulseSequenceDetails": "%SiemensSeq%_ep2d_bold",
    "ReceiveCoilName": "HeadMatrix",
    "ReconMatrixPE": 64,
    "RepetitionTime": 2,
    "SAR": 0.101654,
    "ScanOptions": "FS",
    "ScanningSequence": "EP",
    "SequenceName": "_epfid2d1_64",
    "SequenceVariant": "SK",
    "SeriesDescription": "ge_func_pace_3x3x3.5_185",
    "SeriesNumber": 6,
    "ShimSetting": [
      -4505,
      -19264,
      -9942,
      999,
      -162,
      -252,
      -121,
      -70
    ],
    "SliceThickness": 3.5,
    "SliceTiming": [
      0,
      1.035,
      0.06,
      1.095,
      0.1225,
      1.155,
      0.1825,
      1.2175,
      0.2425,
      1.2775,
      0.305,
      1.3375,
      0.365,
      1.4,
      0.425,
      1.46,
      0.4875,
      1.52,
      0.5475,
      1.5825,
      0.6075,
      1.6425,
      0.67,
      1.7025,
      0.73,
      1.765,
      0.79,
      1.825,
      0.8525,
      1.885,
      0.9125,
      1.9475,
      0.9725
    ],
    "SoftwareVersions": "syngo_MR_B17",
    "SpacingBetweenSlices": 4.2,
    "StationName": "MRC35193",
    "TotalReadoutTime": 0.0289803,
    "TxRefAmp": 325.117,
    "dataset": "ds003696",
    "modality": "bold",
    "run_id": 7,
    "session_id": "02",
    "subject_id": "129",
    "task_id": "affordance"
  },
  "dummy_trs": 1,
  "dvars_nstd": 17.504722314098363,
  "dvars_std": 1.0809512266666668,
  "dvars_vstd": 1.0362035250273216,
  "efc": 0.509740691199958,
  "fber": 1024.204833984375,
  "fd_mean": 0.06936142440158101,
  "fd_num": 0,
  "fd_perc": 0.0,
  "fwhm_avg": 2.2227807161598627,
  "fwhm_x": 2.128336,
  "fwhm_y": 2.525392,
  "fwhm_z": 2.0146141484795876,
  "gcor": 0.012733,
  "gsr_x": 0.0012145342770963907,
  "gsr_y": 0.025474729016423225,
  "provenance": {
    "md5sum": "6e3b4440d5c2f29dbbfc0bc0edcdb427",
    "settings": {
      "fd_thres": 0.2,
      "testing": false
    },
    "software": "mriqc",
    "version": "23.0.1",
    "webapi_port": null,
    "webapi_url": "https://mriqc.nimh.nih.gov/api/v1"
  },
  "size_t": 184,
  "size_x": 64,
  "size_y": 64,
  "size_z": 33,
  "snr": 5.581032887338543,
  "spacing_tr": 2.0,
  "spacing_x": 3.125,
  "spacing_y": 3.125,
  "spacing_z": 4.200000286102295,
  "summary_bg_k": 31.916473389562654,
  "summary_bg_mad": 13.190323573904248,
  "summary_bg_mean": 54.321388244628906,
  "summary_bg_median": 27.32065200805664,
  "summary_bg_n": 85776.0,
  "summary_bg_p05": 17.11277151107788,
  "summary_bg_p95": 188.9198455810547,
  "summary_bg_stdv": 75.84064483642578,
  "summary_fg_k": 0.6548043945231283,
  "summary_fg_mad": 147.10800175484292,
  "summary_fg_mean": 883.6803588867188,
  "summary_fg_median": 885.4837036132812,
  "summary_fg_n": 20009.0,
  "summary_fg_p05": 613.6087036132812,
  "summary_fg_p95": 1139.2673828124998,
  "summary_fg_stdv": 158.65550231933594,
  "tsnr": 74.03132860607002
}