{
  "aor": 0.0008568648648648649,
  "aqi": 0.005466140270270271,
  "bids_meta": {
    "AcquisitionMatrixPE": 64,
    "AcquisitionNumber": 1,
    "AcquisitionTime": "15:01:28.150000",
    "BandwidthPerPixelPhaseEncode": 33.967,
    "BaseResolution": 64,
    "ConversionSoftware": "dcm2niix",
    "ConversionSoftwareVersion": "v1.0.20180622 GCC4.9.2",
    "DerivedVendorReportedEchoSpacing": 0.000460005,
    "DeviceSerialNumber": "35193",
    "DwellTime": 3.1e-06,
    "EchoTime": 0.03,
    "EffectiveEchoSpacing": 0.000460005,
    "FlipAngle": 90,
    "ImageOrientationPatientDICOM": [
      1,
      0,
      0,
      0,
      1,
      0
    ],
    "ImageType": [
      "ORIGINAL",
      "PRIMARY",
      "M",
      "ND",
      "MOSAIC"
    ],
    "InPlanePhaseEncodingDirectionDICOM": "COL",
    "InstitutionAddress": "Xinjiekouwai_Street_No_19_Beijing_Haidian_District_CN_100875",
    "InstitutionName": "BNU_MRI_Center",
    "InstitutionalDepartmentName": "Department",
    "MRAcquisitionType": "2D",
    "MagneticFieldStrength": 3,
    "Manufacturer": "Siemens",
    "ManufacturersModelName": "TrioTim",
    "Modality": "MR",
    "PartialFourier": 1,
    "PatientPosition": "HFS",
    "PercentPhaseFOV": 100,
    "PhaseEncodingDirection": "j-",
    "PhaseEncodingSteps": 64,
    "PhaseResolution": 1,
    "PixelBandwidth": 2520,
    "ProcedureStepDescription": "BNU_cst_2015_Liu.Jia",
    "ProtocolName": "ge_func_pace_3x3x3.5_185",
    "PulseSequenceDetails": "%SiemensSeq%_ep2d_bold",
    "ReceiveCoilName": "HeadMatrix",
    "ReconMatrixPE": 64,
    "RepetitionTime": 2,
    "SAR": 0.136801,
    "ScanOptions": "FS",
    "ScanningSequence": "EP",
    "SequenceName": "_epfid2d1_64",
    "SequenceVariant": "SK",
    "SeriesDescription": "ge_func_pace_3x3x3.5_185",
    "SeriesNumber": 6,
    "ShimSetting": [
      -4525,
      -19371,
      -9836,
      1173,
      -253,
      -274,
      -310,
      -70
    ],
    "SliceThickness": 3.5,
    "SliceTiming": [
      0,
      1.035,
      0.06,
      1.095,
      0.1225,
      1.155,
      0.1825,
      1.2175,
      0.2425,
      1.2775,
      0.305,
      1.3375,
      0.365,
      1.4,
      0.425,
      1.46,
      0.4875,
      1.52,
      0.5475,
      1.5825,
      0.6075,
      1.6425,
      0.67,
      1.7025,
      0.73,
      1.765,
      0.79,
      1.825,
      0.8525,
      1.885,
      0.9125,
      1.9475,
      0.9725
    ],
    "SoftwareVersions": "syngo_MR_B17",
    "SpacingBetweenSlices": 4.2,
    "StationName": "MRC35193",
    "TotalReadoutTime": 0.0289803,
    "TxRefAmp": 316.82,
    "dataset": "ds003696",
    "modality": "bold",
    "run_id": 7,
    "session_id": "02",
    "subject_id": "103",
    "task_id": "affordance"
  },
  "dummy_trs": 0,
  "dvars_nstd": 20.108120296141305,
  "dvars_std": 1.1304567289130443,
  "dvars_vstd": 0.9950933265760868,
  "efc": 0.5403110661243797,
  "fber": 916.6244506835938,
  "fd_mean": 0.12736857792328402,
  "fd_num": 7,
  "fd_perc": 3.7837837837837838,
  "fwhm_avg": 1.9720988844441105,
  "fwhm_x": 1.937952,
  "fwhm_y": 2.174816,
  "fwhm_z": 1.8035286533323311,
  "gcor": 0.0387091,
  "gsr_x": 1.5768928278703243e-05,
  "gsr_y": 0.02947324328124523,
  "provenance": {
    "md5sum": "5f9b428f53c0ecbff18c6da0a502a417",
    "settings": {
      "fd_thres": 0.2,
      "testing": false
    },
    "software": "mriqc",
    "version": "23.0.1",
    "webapi_port": null,
    "webapi_url": "https://mriqc.nimh.nih.gov/api/v1"
  },
  "size_t": 185,
  "size_x": 64,
  "size_y": 64,
  "size_z": 33,
  "snr": 5.953445527256887,
  "spacing_tr": 2.0,
  "spacing_x": 3.125,
  "spacing_y": 3.125,
  "spacing_z": 4.199999809265137,
  "summary_bg_k": 39.18767973069588,
  "summary_bg_mad": 14.297091808320024,
  "summary_bg_mean": 59.418392181396484,
  "summary_bg_median": 29.497297286987305,
  "summary_bg_n": 80089.0,
  "summary_bg_p05": 18.886486053466797,
  "summary_bg_p95": 196.9286529541014,
  "summary_bg_stdv": 88.60443115234375,
  "summary_fg_k": 0.9931724332089984,
  "summary_fg_mad": 137.32503508964268,
  "summary_fg_mean": 917.7319946289062,
  "summary_fg_median": 912.143310546875,
  "summary_fg_n": 24042.0,
  "summary_fg_p05": 670.0954315185547,
  "summary_fg_p95": 1171.772412109375,
  "summary_fg_stdv": 153.20948791503906,
  "tsnr": 72.8261107953731
}