{
  "aor": 0.0008545945945945946,
  "aqi": 0.006045763405405406,
  "bids_meta": {
    "AcquisitionMatrixPE": 64,
    "AcquisitionNumber": 1,
    "AcquisitionTime": "15:09:54.812500",
    "BandwidthPerPixelPhaseEncode": 33.967,
    "BaseResolution": 64,
    "ConversionSoftware": "dcm2niix",
    "ConversionSoftwareVersion": "v1.0.20180622 GCC4.9.2",
    "DerivedVendorReportedEchoSpacing": 0.000460005,
    "DeviceSerialNumber": "35193",
    "DwellTime": 3.1e-06,
    "EchoTime": 0.03,
    "EffectiveEchoSpacing": 0.000460005,
    "FlipAngle": 90,
    "ImageOrientationPatientDICOM": [
      1,
      0,
      0,
      0,
      1,
      0
    ],
    "ImageType": [
      "ORIGINAL",
      "PRIMARY",
      "M",
      "ND",
      "MOSAIC"
    ],
    "InPlanePhaseEncodingDirectionDICOM": "COL",
    "InstitutionAddress": "Xinjiekouwai_Street_No_19_Beijing_Haidian_District_CN_100875",
    "InstitutionName": "BNU_MRI_Center",
    "InstitutionalDepartmentName": "Department",
    "MRAcquisitionType": "2D",
    "MagneticFieldStrength": 3,
    "Manufacturer": "Siemens",
    "ManufacturersModelName": "TrioTim",
    "Modality": "MR",
    "PartialFourier": 1,
    "PatientPosition": "HFS",
    "PercentPhaseFOV": 100,
    "PhaseEncodingDirection": "j-",
    "PhaseEncodingSteps": 64,
    "PhaseResolution": 1,
    "PixelBandwidth": 2520,
    "ProcedureStepDescription": "BNU_cst_2015_Liu.Jia",
    "ProtocolName": "ge_func_pace_3x3x3.5_185",
    "PulseSequenceDetails": "%SiemensSeq%_ep2d_bold",
    "ReceiveCoilName": "HeadMatrix",
    "ReconMatrixPE": 64,
    "RepetitionTime": 2,
    "SAR": 0.136801,
    "ScanOptions": "FS",
    "ScanningSequence": "EP",
    "SequenceName": "_epfid2d1_64",
    "SequenceVariant": "SK",
    "SeriesDescription": "ge_func_pace_3x3x3.5_185",
    "SeriesNumber": 8,
    "ShimSetting": [
      -4525,
      -19371,
      -9836,
      1173,
      -253,
      -274,
      -310,
      -70
    ],
    "SliceThickness": 3.5,
    "SliceTiming": [
      0,
      1.035,
      0.06,
      1.095,
      0.1225,
      1.155,
      0.1825,
      1.2175,
      0.2425,
      1.2775,
      0.305,
      1.3375,
      0.365,
      1.4,
      0.425,
      1.46,
      0.4875,
      1.52,
      0.5475,
      1.5825,
      0.6075,
      1.6425,
      0.67,
      1.7025,
      0.73,
      1.765,
      0.79,
      1.825,
      0.8525,
      1.885,
      0.9125,
      1.9475,
      0.9725
    ],
    "SoftwareVersions": "syngo_MR_B17",
    "SpacingBetweenSlices": 4.2,
    "StationName": "MRC35193",
    "TotalReadoutTime": 0.0289803,
    "TxRefAmp": 316.82,
    "dataset": "ds003696",
    "modality": "bold",
    "run_id": 8,
    "session_id": "02",
    "subject_id": "103",
    "task_id": "affordance"
  },
  "dummy_trs": 0,
  "dvars_nstd": 19.981238209673915,
  "dvars_std": 1.1012352720108693,
  "dvars_vstd": 0.9874975307608693,
  "efc": 0.5415904665715902,
  "fber": 900.3945922851562,
  "fd_mean": 0.13156381661865466,
  "fd_num": 18,
  "fd_perc": 9.72972972972973,
  "fwhm_avg": 1.9721648527323188,
  "fwhm_x": 1.9318047999999999,
  "fwhm_y": 2.1788992,
  "fwhm_z": 1.805790558196956,
  "gcor": 0.0363329,
  "gsr_x": 0.0008909275638870895,
  "gsr_y": 0.029184067621827126,
  "provenance": {
    "md5sum": "59adac43c25cc23e5baabfeea6b7e3dc",
    "settings": {
      "fd_thres": 0.2,
      "testing": false
    },
    "software": "mriqc",
    "version": "23.0.1",
    "webapi_port": null,
    "webapi_url": "https://mriqc.nimh.nih.gov/api/v1"
  },
  "size_t": 185,
  "size_x": 64,
  "size_y": 64,
  "size_z": 33,
  "snr": 5.97046275349136,
  "spacing_tr": 2.0,
  "spacing_x": 3.125,
  "spacing_y": 3.125,
  "spacing_z": 4.199999809265137,
  "summary_bg_k": 37.01193556428924,
  "summary_bg_mad": 14.369221505714247,
  "summary_bg_mean": 60.43303298950195,
  "summary_bg_median": 29.79459571838379,
  "summary_bg_n": 80082.0,
  "summary_bg_p05": 19.237838745117188,
  "summary_bg_p95": 203.4062141418451,
  "summary_bg_stdv": 89.76055145263672,
  "summary_fg_k": 0.9888704504758414,
  "summary_fg_mad": 137.21282642564447,
  "summary_fg_mean": 918.7295532226562,
  "summary_fg_median": 913.4378662109375,
  "summary_fg_n": 24020.0,
  "summary_fg_p05": 671.0700408935547,
  "summary_fg_p95": 1173.1854919433592,
  "summary_fg_stdv": 152.9896240234375,
  "tsnr": 68.23777528642677
}