{
  "bids_meta": {
    "AcquisitionMatrixPE": 192,
    "AcquisitionNumber": 1,
    "AcquisitionTime": "09:59:15.267500",
    "BaseResolution": 256,
    "ConversionSoftware": "dcm2niix",
    "ConversionSoftwareVersion": "v1.0.20180622 GCC4.9.2",
    "DeviceSerialNumber": "35193",
    "DwellTime": 1.03e-05,
    "EchoTime": 0.00339,
    "FlipAngle": 7,
    "ImageOrientationPatientDICOM": [
      -0.0418756,
      0.999123,
      1.84207e-08,
      0.00523137,
      0.000219278,
      -0.999986
    ],
    "ImageType": [
      "ORIGINAL",
      "PRIMARY",
      "M",
      "ND",
      "NORM"
    ],
    "InPlanePhaseEncodingDirectionDICOM": "ROW",
    "InstitutionAddress": "Xinjiekouwai_Street_No_19_Beijing_Haidian_District_CN_100875",
    "InstitutionName": "Beijing_Normal_Universtiy_7C3C54",
    "InstitutionalDepartmentName": "Department",
    "InversionTime": 1.1,
    "MRAcquisitionType": "3D",
    "MagneticFieldStrength": 3,
    "Manufacturer": "Siemens",
    "ManufacturersModelName": "TrioTim",
    "Modality": "MR",
    "PartialFourier": 1,
    "PatientPosition": "HFS",
    "PercentPhaseFOV": 100,
    "PhaseEncodingSteps": 192,
    "PhaseResolution": 0.75,
    "PixelBandwidth": 190,
    "ProcedureStepDescription": "BNU_cst_2015_Liu.Jia",
    "ProtocolName": "t1_mprage_sag",
    "PulseSequenceDetails": "%SiemensSeq%_tfl",
    "ReceiveCoilName": "HeadMatrix",
    "ReconMatrixPE": 256,
    "RepetitionTime": 2.53,
    "SAR": 0.0543856,
    "ScanOptions": "IR",
    "ScanningSequence": "GR_IR",
    "SequenceName": "_tfl3d1_ns",
    "SequenceVariant": "SP_MP",
    "SeriesDescription": "t1_mprage_sag",
    "SeriesNumber": 10,
    "ShimSetting": [
      -4489,
      -19276,
      -10209,
      636,
      -133,
      80,
      82,
      -26
    ],
    "SliceThickness": 1.33,
    "SoftwareVersions": "syngo_MR_B17",
    "StationName": "MRC35193",
    "TxRefAmp": 328.859,
    "dataset": "ds003696",
    "modality": "T1w",
    "session_id": "02",
    "subject_id": "115"
  },
  "cjv": 0.3130538629595372,
  "cnr": 4.300573930972638,
  "efc": 0.5806637041241269,
  "fber": 10136.036450628699,
  "fwhm_avg": 4.3245283788699425,
  "fwhm_x": 3.7407851366098273,
  "fwhm_y": 5.09552,
  "fwhm_z": 4.13728,
  "icvs_csf": 0.260416082223239,
  "icvs_gm": 0.4138004708290465,
  "icvs_wm": 0.32578344694771455,
  "inu_med": 0.618778258562088,
  "inu_range": 0.2406160190701485,
  "provenance": {
    "md5sum": "77cca26b8e6385b0391432dbf97fa7b4",
    "settings": {
      "testing": false
    },
    "software": "mriqc",
    "version": "23.0.1",
    "warnings": {
      "large_rot_frame": true,
      "small_air_mask": false
    },
    "webapi_port": null,
    "webapi_url": "https://mriqc.nimh.nih.gov/api/v1"
  },
  "qi_1": 0.0,
  "qi_2": 0.004574043745578542,
  "rpve_csf": 21.145568848431573,
  "rpve_gm": 12.920376470294238,
  "rpve_wm": 19.6229706321225,
  "size_x": 128,
  "size_y": 256,
  "size_z": 256,
  "snr_csf": 1.2638814512139438,
  "snr_gm": 8.206527345390132,
  "snr_total": 11.683496566442892,
  "snr_wm": 25.5800809027246,
  "snrd_csf": 14.342417772230515,
  "snrd_gm": 77.80025170123754,
  "snrd_total": 71.96239283623514,
  "snrd_wm": 123.74450903523736,
  "spacing_x": 1.3300042152404785,
  "spacing_y": 1.0,
  "spacing_z": 1.0,
  "summary_bg_k": 244.78852382005343,
  "summary_bg_mad": 5.294266509371259,
  "summary_bg_mean": 5.124783069730437,
  "summary_bg_median": 3.570928495377302,
  "summary_bg_n": 1549598.0,
  "summary_bg_p05": 0.0,
  "summary_bg_p95": 19.861831042915583,
  "summary_bg_stdv": 7.489455168909869,
  "summary_csf_k": 1.4047860608280374,
  "summary_csf_mad": 75.84988358524052,
  "summary_csf_mean": 137.91159538147562,
  "summary_csf_median": 115.90346998721361,
  "summary_csf_n": 35763.0,
  "summary_csf_p05": 29.524343442171812,
  "summary_csf_p95": 324.8774730529637,
  "summary_csf_stdv": 91.70310192167268,
  "summary_gm_k": -0.05513380334075091,
  "summary_gm_mad": 78.5835244626283,
  "summary_gm_mean": 628.6894541171639,
  "summary_gm_median": 628.7168092057109,
  "summary_gm_n": 23812.0,
  "summary_gm_p05": 504.06339743472637,
  "summary_gm_p95": 753.7693247497082,
  "summary_gm_stdv": 76.61018856413718,
  "summary_wm_k": 0.3325815152095193,
  "summary_wm_mad": 37.6481173999734,
  "summary_wm_mean": 999.098756947509,
  "summary_wm_median": 1000.000015117228,
  "summary_wm_n": 129758.0,
  "summary_wm_p05": 933.366022605449,
  "summary_wm_p95": 1061.4526604004204,
  "summary_wm_stdv": 39.09276775103049,
  "tpm_overlap_csf": 0.16061368575018664,
  "tpm_overlap_gm": 0.46996566997583944,
  "tpm_overlap_wm": 0.5140756262798288,
  "wm2max": 0.842546162468291
}