{
  "bids_meta": {
    "AcquisitionMatrixPE": 192,
    "AcquisitionNumber": 1,
    "AcquisitionTime": "10:42:28.952500",
    "BaseResolution": 256,
    "ConversionSoftware": "dcm2niix",
    "ConversionSoftwareVersion": "v1.0.20180622 GCC4.9.2",
    "DeviceSerialNumber": "35193",
    "DwellTime": 1.03e-05,
    "EchoTime": 0.00339,
    "FlipAngle": 7,
    "ImageOrientationPatientDICOM": [
      0,
      1,
      0,
      0,
      0,
      -1
    ],
    "ImageType": [
      "ORIGINAL",
      "PRIMARY",
      "M",
      "ND",
      "NORM"
    ],
    "InPlanePhaseEncodingDirectionDICOM": "ROW",
    "InstitutionAddress": "Xinjiekouwai_Street_No_19_Beijing_Haidian_District_CN_100875",
    "InstitutionName": "BNU_MRI_Center",
    "InstitutionalDepartmentName": "Department",
    "InversionTime": 1.1,
    "MRAcquisitionType": "3D",
    "MagneticFieldStrength": 3,
    "Manufacturer": "Siemens",
    "ManufacturersModelName": "TrioTim",
    "Modality": "MR",
    "PartialFourier": 1,
    "PatientPosition": "HFS",
    "PercentPhaseFOV": 100,
    "PhaseEncodingSteps": 192,
    "PhaseResolution": 0.75,
    "PixelBandwidth": 190,
    "ProcedureStepDescription": "BNU_cst_2019_Xu.Shan",
    "ProtocolName": "t1_mprage_sag",
    "PulseSequenceDetails": "%SiemensSeq%_tfl",
    "ReceiveCoilName": "HeadMatrix",
    "ReconMatrixPE": 256,
    "RepetitionTime": 2.53,
    "SAR": 0.0459424,
    "ScanOptions": "IR",
    "ScanningSequence": "GR_IR",
    "SequenceName": "_tfl3d1_ns",
    "SequenceVariant": "SP_MP",
    "SeriesDescription": "t1_mprage_sag",
    "SeriesNumber": 10,
    "ShimSetting": [
      -4489,
      -19276,
      -10209,
      636,
      -133,
      80,
      82,
      -26
    ],
    "SliceThickness": 1.33,
    "SoftwareVersions": "syngo_MR_B17",
    "StationName": "MRC35193",
    "TxRefAmp": 330.764,
    "dataset": "ds003696",
    "modality": "T1w",
    "session_id": "02",
    "subject_id": "130"
  },
  "cjv": 0.30618044561452246,
  "cnr": 4.234231852488907,
  "efc": 0.56096786053891,
  "fber": 12383.88980368828,
  "fwhm_avg": 3.992285711100658,
  "fwhm_x": 3.5568071333019744,
  "fwhm_y": 4.61332,
  "fwhm_z": 3.80673,
  "icvs_csf": 0.23461692231816259,
  "icvs_gm": 0.43875385751858986,
  "icvs_wm": 0.3266292201632476,
  "inu_med": 0.5860105156898499,
  "inu_range": 0.2509970545768737,
  "provenance": {
    "md5sum": "767fee58dbe5ae493843c8f46985694c",
    "settings": {
      "testing": false
    },
    "software": "mriqc",
    "version": "23.0.1",
    "warnings": {
      "large_rot_frame": true,
      "small_air_mask": false
    },
    "webapi_port": null,
    "webapi_url": "https://mriqc.nimh.nih.gov/api/v1"
  },
  "qi_1": 0.0,
  "qi_2": 0.012055628875319075,
  "rpve_csf": 19.277028248954345,
  "rpve_gm": 10.499831465033129,
  "rpve_wm": 16.474888030765822,
  "size_x": 128,
  "size_y": 256,
  "size_z": 256,
  "snr_csf": 1.2692959069477285,
  "snr_gm": 7.810398607366104,
  "snr_total": 11.552066177825417,
  "snr_wm": 25.576504019162417,
  "snrd_csf": 12.998072616989544,
  "snrd_gm": 71.410584042584,
  "snrd_total": 66.362956107822,
  "snrd_wm": 114.68021166389245,
  "spacing_x": 1.3300018310546875,
  "spacing_y": 1.0,
  "spacing_z": 1.0,
  "summary_bg_k": 13.942269573518129,
  "summary_bg_mad": 5.712724043221041,
  "summary_bg_mean": 5.365221825965814,
  "summary_bg_median": 3.8531738128513098,
  "summary_bg_n": 2346845.0,
  "summary_bg_p05": 0.0,
  "summary_bg_p95": 20.5727935153991,
  "summary_bg_stdv": 7.460793298065705,
  "summary_csf_k": 2.5279071563549778,
  "summary_csf_mad": 64.44353613668648,
  "summary_csf_mean": 135.00847874886844,
  "summary_csf_median": 113.341896366328,
  "summary_csf_n": 36116.0,
  "summary_csf_p05": 31.540818973910064,
  "summary_csf_p95": 325.5424875305034,
  "summary_csf_stdv": 89.2938570101576,
  "summary_gm_k": 0.08004515055827133,
  "summary_gm_mad": 78.20752622912548,
  "summary_gm_mean": 624.0508540674153,
  "summary_gm_median": 622.6931680189446,
  "summary_gm_n": 26374.0,
  "summary_gm_p05": 494.4072665492073,
  "summary_gm_p95": 758.66964388825,
  "summary_gm_stdv": 79.72465864448665,
  "summary_wm_k": 0.4453477805641004,
  "summary_wm_mad": 37.31644886712224,
  "summary_wm_mean": 998.3050710419765,
  "summary_wm_median": 1000.0000037457794,
  "summary_wm_n": 146059.0,
  "summary_wm_p05": 931.3842167427764,
  "summary_wm_p95": 1059.6453317143023,
  "summary_wm_stdv": 39.09825125891068,
  "tpm_overlap_csf": 0.17411402576610058,
  "tpm_overlap_gm": 0.4639854326488309,
  "tpm_overlap_wm": 0.48323124132001705,
  "wm2max": 0.8442626881910515
}