{
  "bids_meta": {
    "AcquisitionMatrixPE": 192,
    "AcquisitionNumber": 1,
    "AcquisitionTime": "15:58:26.405000",
    "BaseResolution": 256,
    "ConversionSoftware": "dcm2niix",
    "ConversionSoftwareVersion": "v1.0.20180622 GCC4.9.2",
    "DeviceSerialNumber": "35193",
    "DwellTime": 1.03e-05,
    "EchoTime": 0.00339,
    "FlipAngle": 7,
    "ImageOrientationPatientDICOM": [
      0,
      1,
      0,
      0,
      0,
      -1
    ],
    "ImageType": [
      "ORIGINAL",
      "PRIMARY",
      "M",
      "ND",
      "NORM"
    ],
    "InPlanePhaseEncodingDirectionDICOM": "ROW",
    "InstitutionAddress": "Xinjiekouwai_Street_No_19_Beijing_Haidian_District_CN_100875",
    "InstitutionName": "BNU_MRI_Center",
    "InstitutionalDepartmentName": "Department",
    "InversionTime": 1.1,
    "MRAcquisitionType": "3D",
    "MagneticFieldStrength": 3,
    "Manufacturer": "Siemens",
    "ManufacturersModelName": "TrioTim",
    "Modality": "MR",
    "PartialFourier": 1,
    "PatientPosition": "HFS",
    "PercentPhaseFOV": 100,
    "PhaseEncodingSteps": 192,
    "PhaseResolution": 0.75,
    "PixelBandwidth": 190,
    "ProcedureStepDescription": "BNU_cst_2015_Liu.Jia",
    "ProtocolName": "t1_mprage_sag",
    "PulseSequenceDetails": "%SiemensSeq%_tfl",
    "ReceiveCoilName": "HeadMatrix",
    "ReconMatrixPE": 256,
    "RepetitionTime": 2.53,
    "SAR": 0.0579144,
    "ScanOptions": "IR",
    "ScanningSequence": "GR_IR",
    "SequenceName": "_tfl3d1_ns",
    "SequenceVariant": "SP_MP",
    "SeriesDescription": "t1_mprage_sag",
    "SeriesNumber": 10,
    "ShimSetting": [
      -4489,
      -19276,
      -10209,
      636,
      -133,
      80,
      82,
      -26
    ],
    "SliceThickness": 1.33,
    "SoftwareVersions": "syngo_MR_B17",
    "StationName": "MRC35193",
    "TxRefAmp": 320.241,
    "dataset": "ds003696",
    "modality": "T1w",
    "session_id": "02",
    "subject_id": "104"
  },
  "cjv": 0.30753135660908193,
  "cnr": 4.4025160113180215,
  "efc": 0.5721002119792403,
  "fber": 10651.321599511833,
  "fwhm_avg": 3.9411182224771735,
  "fwhm_x": 3.4678346674315215,
  "fwhm_y": 4.61151,
  "fwhm_z": 3.74401,
  "icvs_csf": 0.22683322686235924,
  "icvs_gm": 0.43612926646314126,
  "icvs_wm": 0.3370375066744995,
  "inu_med": 0.5321692228317261,
  "inu_range": 0.19750487804412842,
  "provenance": {
    "md5sum": "33e63b537206ea86c985fc3dd834b5e2",
    "settings": {
      "testing": false
    },
    "software": "mriqc",
    "version": "23.0.1",
    "warnings": {
      "large_rot_frame": true,
      "small_air_mask": false
    },
    "webapi_port": null,
    "webapi_url": "https://mriqc.nimh.nih.gov/api/v1"
  },
  "qi_1": 0.0,
  "qi_2": 0.006799248630512812,
  "rpve_csf": 21.263005004334364,
  "rpve_gm": 11.509018267862691,
  "rpve_wm": 17.765500367799916,
  "size_x": 128,
  "size_y": 256,
  "size_z": 256,
  "snr_csf": 1.38212304105112,
  "snr_gm": 8.33304854893579,
  "snr_total": 11.680655772939398,
  "snr_wm": 25.326795728831286,
  "snrd_csf": 15.860186495722388,
  "snrd_gm": 62.4045008837978,
  "snrd_total": 59.34418150119418,
  "snrd_wm": 99.76785712406235,
  "spacing_x": 1.3299942016601562,
  "spacing_y": 1.0,
  "spacing_z": 1.0,
  "summary_bg_k": 6.0964467275507435,
  "summary_bg_mad": 0.0,
  "summary_bg_mean": 4.455706324715878,
  "summary_bg_median": 0.0,
  "summary_bg_n": 1926483.0,
  "summary_bg_p05": 0.0,
  "summary_bg_p95": 18.27386961877346,
  "summary_bg_stdv": 6.566465443815035,
  "summary_csf_k": 0.1266933620441364,
  "summary_csf_mad": 110.72321916052772,
  "summary_csf_mean": 184.26016387088364,
  "summary_csf_median": 158.9674555659294,
  "summary_csf_n": 20683.0,
  "summary_csf_p05": 35.09408658891917,
  "summary_csf_p95": 405.7146715193986,
  "summary_csf_stdv": 115.01408184970695,
  "summary_gm_k": -0.11372437648615019,
  "summary_gm_mad": 78.44371214893366,
  "summary_gm_mean": 626.3266667906533,
  "summary_gm_median": 625.4834849536419,
  "summary_gm_n": 22185.0,
  "summary_gm_p05": 505.3757064700127,
  "summary_gm_p95": 748.7462763607501,
  "summary_gm_stdv": 75.05889160861642,
  "summary_wm_k": 0.4509356379479956,
  "summary_wm_mad": 36.72518761798126,
  "summary_wm_mean": 998.26749580305,
  "summary_wm_median": 999.9783040732145,
  "summary_wm_n": 138794.0,
  "summary_wm_p05": 928.8525358013809,
  "summary_wm_p95": 1059.3629481494427,
  "summary_wm_stdv": 39.48287467511498,
  "tpm_overlap_csf": 0.1616853247670291,
  "tpm_overlap_gm": 0.48291576319856333,
  "tpm_overlap_wm": 0.5160215633198981,
  "wm2max": 0.89181071234788
}