{
  "aor": 0.0007115675675675676,
  "aqi": 0.003826066648648649,
  "bids_meta": {
    "AcquisitionMatrixPE": 64,
    "AcquisitionNumber": 1,
    "AcquisitionTime": "13:20:2.767500",
    "BandwidthPerPixelPhaseEncode": 33.967,
    "BaseResolution": 64,
    "ConversionSoftware": "dcm2niix",
    "ConversionSoftwareVersion": "v1.0.20180622 GCC4.9.2",
    "DerivedVendorReportedEchoSpacing": 0.000460005,
    "DeviceSerialNumber": "35193",
    "DwellTime": 3.1e-06,
    "EchoTime": 0.03,
    "EffectiveEchoSpacing": 0.000460005,
    "FlipAngle": 90,
    "ImageOrientationPatientDICOM": [
      1,
      0,
      0,
      0,
      1,
      0
    ],
    "ImageType": [
      "ORIGINAL",
      "PRIMARY",
      "M",
      "ND",
      "MOSAIC"
    ],
    "InPlanePhaseEncodingDirectionDICOM": "COL",
    "InstitutionAddress": "Xinjiekouwai_Street_No_19_Beijing_Haidian_District_CN_100875",
    "InstitutionName": "BNU_MRI_Center",
    "InstitutionalDepartmentName": "Department",
    "MRAcquisitionType": "2D",
    "MagneticFieldStrength": 3,
    "Manufacturer": "Siemens",
    "ManufacturersModelName": "TrioTim",
    "Modality": "MR",
    "PartialFourier": 1,
    "PatientPosition": "HFS",
    "PercentPhaseFOV": 100,
    "PhaseEncodingDirection": "j-",
    "PhaseEncodingSteps": 64,
    "PhaseResolution": 1,
    "PixelBandwidth": 2520,
    "ProcedureStepDescription": "BNU_cst_2015_Liu.Jia",
    "ProtocolName": "ge_func_pace_3x3x3.5_185",
    "PulseSequenceDetails": "%SiemensSeq%_ep2d_bold",
    "ReceiveCoilName": "HeadMatrix",
    "ReconMatrixPE": 64,
    "RepetitionTime": 2,
    "SAR": 0.124747,
    "ScanOptions": "FS",
    "ScanningSequence": "EP",
    "SequenceName": "_epfid2d1_64",
    "SequenceVariant": "SK",
    "SeriesDescription": "ge_func_pace_3x3x3.5_185",
    "SeriesNumber": 8,
    "ShimSetting": [
      -4508,
      -19384,
      -9790,
      1169,
      -194,
      -207,
      -25,
      -31
    ],
    "SliceThickness": 3.5,
    "SliceTiming": [
      0,
      1.0325,
      0.06,
      1.095,
      0.12,
      1.155,
      0.1825,
      1.215,
      0.2425,
      1.2775,
      0.3025,
      1.3375,
      0.365,
      1.3975,
      0.425,
      1.46,
      0.485,
      1.52,
      0.5475,
      1.58,
      0.6075,
      1.6425,
      0.6675,
      1.7025,
      0.73,
      1.7625,
      0.79,
      1.825,
      0.85,
      1.885,
      0.9125,
      1.945,
      0.9725
    ],
    "SoftwareVersions": "syngo_MR_B17",
    "SpacingBetweenSlices": 4.2,
    "StationName": "MRC35193",
    "TotalReadoutTime": 0.0289803,
    "TxRefAmp": 313.495,
    "dataset": "ds003696",
    "modality": "bold",
    "run_id": 5,
    "session_id": "02",
    "subject_id": "106",
    "task_id": "affordance"
  },
  "dummy_trs": 0,
  "dvars_nstd": 17.927795710217403,
  "dvars_std": 1.105267583858695,
  "dvars_vstd": 1.0011759633695656,
  "efc": 0.5127349334116857,
  "fber": 1338.978759765625,
  "fd_mean": 0.08774120550700167,
  "fd_num": 1,
  "fd_perc": 0.5405405405405406,
  "fwhm_avg": 2.0773049361283262,
  "fwhm_x": 2.0412512,
  "fwhm_y": 2.328304,
  "fwhm_z": 1.8623596083849774,
  "gcor": 0.0372953,
  "gsr_x": -0.007828048430383205,
  "gsr_y": 0.023337891325354576,
  "provenance": {
    "md5sum": "0dbcb784e6dda0a97ffd15846e05873d",
    "settings": {
      "fd_thres": 0.2,
      "testing": false
    },
    "software": "mriqc",
    "version": "23.0.1",
    "webapi_port": null,
    "webapi_url": "https://mriqc.nimh.nih.gov/api/v1"
  },
  "size_t": 185,
  "size_x": 64,
  "size_y": 64,
  "size_z": 33,
  "snr": 6.064202286140028,
  "spacing_tr": 2.0,
  "spacing_x": 3.125,
  "spacing_y": 3.125,
  "spacing_z": 4.199999809265137,
  "summary_bg_k": 27.664920752208616,
  "summary_bg_mad": 9.44057188100403,
  "summary_bg_mean": 52.188358306884766,
  "summary_bg_median": 26.35135269165039,
  "summary_bg_n": 82970.0,
  "summary_bg_p05": 19.394594192504883,
  "summary_bg_p95": 179.04595413208023,
  "summary_bg_stdv": 73.49620819091797,
  "summary_fg_k": 1.5923481327782794,
  "summary_fg_mad": 137.38521151025463,
  "summary_fg_mean": 983.6480712890625,
  "summary_fg_median": 981.4432373046875,
  "summary_fg_n": 22105.0,
  "summary_fg_p05": 718.8443481445313,
  "summary_fg_p95": 1248.670263671875,
  "summary_fg_stdv": 161.83843994140625,
  "tsnr": 83.80711754469667
}