{
  "aor": 0.0005160869565217391,
  "aqi": 0.003844166956521739,
  "bids_meta": {
    "AcquisitionMatrixPE": 64,
    "AcquisitionNumber": 1,
    "AcquisitionTime": "13:12:52.082500",
    "BandwidthPerPixelPhaseEncode": 33.967,
    "BaseResolution": 64,
    "ConversionSoftware": "dcm2niix",
    "ConversionSoftwareVersion": "v1.0.20180622 GCC4.9.2",
    "DerivedVendorReportedEchoSpacing": 0.000460005,
    "DeviceSerialNumber": "35193",
    "DwellTime": 3.1e-06,
    "EchoTime": 0.03,
    "EffectiveEchoSpacing": 0.000460005,
    "FlipAngle": 90,
    "ImageOrientationPatientDICOM": [
      1,
      0,
      0,
      0,
      1,
      0
    ],
    "ImageType": [
      "ORIGINAL",
      "PRIMARY",
      "M",
      "ND",
      "MOSAIC"
    ],
    "InPlanePhaseEncodingDirectionDICOM": "COL",
    "InstitutionAddress": "Xinjiekouwai_Street_No_19_Beijing_Haidian_District_CN_100875",
    "InstitutionName": "BNU_MRI_Center",
    "InstitutionalDepartmentName": "Department",
    "MRAcquisitionType": "2D",
    "MagneticFieldStrength": 3,
    "Manufacturer": "Siemens",
    "ManufacturersModelName": "TrioTim",
    "Modality": "MR",
    "PartialFourier": 1,
    "PatientPosition": "HFS",
    "PercentPhaseFOV": 100,
    "PhaseEncodingDirection": "j-",
    "PhaseEncodingSteps": 64,
    "PhaseResolution": 1,
    "PixelBandwidth": 2520,
    "ProcedureStepDescription": "BNU_cst_2015_Liu.Jia",
    "ProtocolName": "ge_func_pace_3x3x3.5_185",
    "PulseSequenceDetails": "%SiemensSeq%_ep2d_bold",
    "ReceiveCoilName": "HeadMatrix",
    "ReconMatrixPE": 64,
    "RepetitionTime": 2,
    "SAR": 0.124747,
    "ScanOptions": "FS",
    "ScanningSequence": "EP",
    "SequenceName": "_epfid2d1_64",
    "SequenceVariant": "SK",
    "SeriesDescription": "ge_func_pace_3x3x3.5_185",
    "SeriesNumber": 6,
    "ShimSetting": [
      -4508,
      -19384,
      -9790,
      1169,
      -194,
      -207,
      -25,
      -31
    ],
    "SliceThickness": 3.5,
    "SliceTiming": [
      0,
      1.035,
      0.0625,
      1.095,
      0.1225,
      1.1575,
      0.1825,
      1.2175,
      0.245,
      1.2775,
      0.305,
      1.34,
      0.365,
      1.4,
      0.4275,
      1.46,
      0.4875,
      1.5225,
      0.5475,
      1.5825,
      0.61,
      1.6425,
      0.67,
      1.705,
      0.73,
      1.765,
      0.7925,
      1.825,
      0.8525,
      1.8875,
      0.9125,
      1.9475,
      0.975
    ],
    "SoftwareVersions": "syngo_MR_B17",
    "SpacingBetweenSlices": 4.2,
    "StationName": "MRC35193",
    "TotalReadoutTime": 0.0289803,
    "TxRefAmp": 313.495,
    "dataset": "ds003696",
    "modality": "bold",
    "run_id": 6,
    "session_id": "02",
    "subject_id": "106",
    "task_id": "affordance"
  },
  "dummy_trs": 1,
  "dvars_nstd": 16.94284143601093,
  "dvars_std": 1.0701593666120222,
  "dvars_vstd": 0.9900025933333328,
  "efc": 0.5122506475733075,
  "fber": 1347.131103515625,
  "fd_mean": 0.09260919421234387,
  "fd_num": 0,
  "fd_perc": 0.0,
  "fwhm_avg": 2.079563716916571,
  "fwhm_x": 2.055392,
  "fwhm_y": 2.3317824,
  "fwhm_z": 1.851516750749713,
  "gcor": 0.0226372,
  "gsr_x": -0.007279470097273588,
  "gsr_y": 0.02384326420724392,
  "provenance": {
    "md5sum": "5946630dd696afbb6c1080c92931b758",
    "settings": {
      "fd_thres": 0.2,
      "testing": false
    },
    "software": "mriqc",
    "version": "23.0.1",
    "webapi_port": null,
    "webapi_url": "https://mriqc.nimh.nih.gov/api/v1"
  },
  "size_t": 184,
  "size_x": 64,
  "size_y": 64,
  "size_z": 33,
  "snr": 6.046261035395053,
  "spacing_tr": 2.0,
  "spacing_x": 3.125,
  "spacing_y": 3.125,
  "spacing_z": 4.199999809265137,
  "summary_bg_k": 28.76378192579114,
  "summary_bg_mad": 9.411300916259938,
  "summary_bg_mean": 51.66984176635742,
  "summary_bg_median": 26.2391300201416,
  "summary_bg_n": 82950.0,
  "summary_bg_p05": 19.244565963745117,
  "summary_bg_p95": 175.5203788757325,
  "summary_bg_stdv": 72.7924575805664,
  "summary_fg_k": 1.5861998590088717,
  "summary_fg_mad": 139.14706851674293,
  "summary_fg_mean": 980.6613159179688,
  "summary_fg_median": 978.934814453125,
  "summary_fg_n": 22123.0,
  "summary_fg_p05": 716.5114196777344,
  "summary_fg_p95": 1243.8701049804686,
  "summary_fg_stdv": 161.90380859375,
  "tsnr": 82.87373659666628
}