{
  "aor": 0.0006475675675675675,
  "aqi": 0.005302992648648649,
  "bids_meta": {
    "AcquisitionMatrixPE": 64,
    "AcquisitionNumber": 1,
    "AcquisitionTime": "12:58:26.417500",
    "BandwidthPerPixelPhaseEncode": 33.967,
    "BaseResolution": 64,
    "ConversionSoftware": "dcm2niix",
    "ConversionSoftwareVersion": "v1.0.20180622 GCC4.9.2",
    "DerivedVendorReportedEchoSpacing": 0.000460005,
    "DeviceSerialNumber": "35193",
    "DwellTime": 3.1e-06,
    "EchoTime": 0.03,
    "EffectiveEchoSpacing": 0.000460005,
    "FlipAngle": 90,
    "ImageOrientationPatientDICOM": [
      1,
      0,
      0,
      0,
      1,
      0
    ],
    "ImageType": [
      "ORIGINAL",
      "PRIMARY",
      "M",
      "ND",
      "MOSAIC"
    ],
    "InPlanePhaseEncodingDirectionDICOM": "COL",
    "InstitutionAddress": "Xinjiekouwai_Street_No_19_Beijing_Haidian_District_CN_100875",
    "InstitutionName": "BNU_MRI_Center",
    "InstitutionalDepartmentName": "Department",
    "MRAcquisitionType": "2D",
    "MagneticFieldStrength": 3,
    "Manufacturer": "Siemens",
    "ManufacturersModelName": "TrioTim",
    "Modality": "MR",
    "PartialFourier": 1,
    "PatientPosition": "HFS",
    "PercentPhaseFOV": 100,
    "PhaseEncodingDirection": "j-",
    "PhaseEncodingSteps": 64,
    "PhaseResolution": 1,
    "PixelBandwidth": 2520,
    "ProcedureStepDescription": "BNU_cst_2015_Liu.Jia",
    "ProtocolName": "ge_func_pace_3x3x3.5_185",
    "PulseSequenceDetails": "%SiemensSeq%_ep2d_bold",
    "ReceiveCoilName": "HeadMatrix",
    "ReconMatrixPE": 64,
    "RepetitionTime": 2,
    "SAR": 0.124747,
    "ScanOptions": "FS",
    "ScanningSequence": "EP",
    "SequenceName": "_epfid2d1_64",
    "SequenceVariant": "SK",
    "SeriesDescription": "ge_func_pace_3x3x3.5_185",
    "SeriesNumber": 2,
    "ShimSetting": [
      -4508,
      -19384,
      -9790,
      1169,
      -194,
      -207,
      -25,
      -31
    ],
    "SliceThickness": 3.5,
    "SliceTiming": [
      0,
      1.0325,
      0.06,
      1.095,
      0.12,
      1.155,
      0.1825,
      1.215,
      0.2425,
      1.2775,
      0.3025,
      1.3375,
      0.365,
      1.3975,
      0.425,
      1.46,
      0.485,
      1.52,
      0.5475,
      1.58,
      0.6075,
      1.6425,
      0.6675,
      1.7025,
      0.73,
      1.7625,
      0.79,
      1.825,
      0.85,
      1.885,
      0.9125,
      1.945,
      0.9725
    ],
    "SoftwareVersions": "syngo_MR_B17",
    "SpacingBetweenSlices": 4.2,
    "StationName": "MRC35193",
    "TotalReadoutTime": 0.0289803,
    "TxRefAmp": 313.495,
    "dataset": "ds003696",
    "modality": "bold",
    "run_id": 8,
    "session_id": "02",
    "subject_id": "106",
    "task_id": "affordance"
  },
  "dummy_trs": 0,
  "dvars_nstd": 18.46976469396738,
  "dvars_std": 1.0802905487500003,
  "dvars_vstd": 0.9802877204891298,
  "efc": 0.511935378391847,
  "fber": 1340.1513671875,
  "fd_mean": 0.1067973876431455,
  "fd_num": 9,
  "fd_perc": 4.864864864864865,
  "fwhm_avg": 2.0639550948492578,
  "fwhm_x": 2.0276544000000003,
  "fwhm_y": 2.3024608,
  "fwhm_z": 1.8617500845477732,
  "gcor": 0.035766,
  "gsr_x": -0.007594235707074404,
  "gsr_y": 0.024685310199856758,
  "provenance": {
    "md5sum": "6d9566b1f87a8039adbe4ce23ea76f55",
    "settings": {
      "fd_thres": 0.2,
      "testing": false
    },
    "software": "mriqc",
    "version": "23.0.1",
    "webapi_port": null,
    "webapi_url": "https://mriqc.nimh.nih.gov/api/v1"
  },
  "size_t": 185,
  "size_x": 64,
  "size_y": 64,
  "size_z": 33,
  "snr": 6.083648471753362,
  "spacing_tr": 2.0,
  "spacing_x": 3.125,
  "spacing_y": 3.125,
  "spacing_z": 4.199999809265137,
  "summary_bg_k": 29.99571660961883,
  "summary_bg_mad": 9.552766405805686,
  "summary_bg_mean": 50.93196487426758,
  "summary_bg_median": 26.16756820678711,
  "summary_bg_n": 82933.0,
  "summary_bg_p05": 18.90810775756836,
  "summary_bg_p95": 170.64973754882678,
  "summary_bg_stdv": 71.55846405029297,
  "summary_fg_k": 1.4290688925700374,
  "summary_fg_mad": 137.1367236140134,
  "summary_fg_mean": 974.8973388671875,
  "summary_fg_median": 973.108154296875,
  "summary_fg_n": 22201.0,
  "summary_fg_p05": 712.5621948242188,
  "summary_fg_p95": 1238.875732421875,
  "summary_fg_stdv": 159.9510955810547,
  "tsnr": 73.07375784032047
}