{
  "aor": 0.000552864864864865,
  "aqi": 0.015274524648648646,
  "bids_meta": {
    "AcquisitionMatrixPE": 64,
    "AcquisitionNumber": 1,
    "AcquisitionTime": "13:40:15.487500",
    "BandwidthPerPixelPhaseEncode": 33.967,
    "BaseResolution": 64,
    "ConversionSoftware": "dcm2niix",
    "ConversionSoftwareVersion": "v1.0.20180622 GCC4.9.2",
    "DerivedVendorReportedEchoSpacing": 0.000460005,
    "DeviceSerialNumber": "35193",
    "DwellTime": 3.1e-06,
    "EchoTime": 0.03,
    "EffectiveEchoSpacing": 0.000460005,
    "FlipAngle": 90,
    "ImageOrientationPatientDICOM": [
      0.999657,
      -1e-16,
      0.0261769,
      1e-16,
      1,
      0
    ],
    "ImageType": [
      "ORIGINAL",
      "PRIMARY",
      "M",
      "ND",
      "MOSAIC"
    ],
    "InPlanePhaseEncodingDirectionDICOM": "COL",
    "InstitutionAddress": "Xinjiekouwai_Street_No_19_Beijing_Haidian_District_CN_100875",
    "InstitutionName": "Beijing_Normal_Universtiy_7C3C54",
    "InstitutionalDepartmentName": "Department",
    "MRAcquisitionType": "2D",
    "MagneticFieldStrength": 3,
    "Manufacturer": "Siemens",
    "ManufacturersModelName": "TrioTim",
    "Modality": "MR",
    "PartialFourier": 1,
    "PatientPosition": "HFS",
    "PercentPhaseFOV": 100,
    "PhaseEncodingDirection": "j-",
    "PhaseEncodingSteps": 64,
    "PhaseResolution": 1,
    "PixelBandwidth": 2520,
    "ProcedureStepDescription": "BNU_cst_2019_Xu.Shan",
    "ProtocolName": "ge_func_pace_3x3x3.5_185",
    "PulseSequenceDetails": "%SiemensSeq%_ep2d_bold",
    "ReceiveCoilName": "HeadMatrix",
    "ReconMatrixPE": 64,
    "RepetitionTime": 2,
    "SAR": 0.120796,
    "ScanOptions": "FS",
    "ScanningSequence": "EP",
    "SequenceName": "_epfid2d1_64",
    "SequenceVariant": "SK",
    "SeriesDescription": "ge_func_pace_3x3x3.5_185",
    "SeriesNumber": 10,
    "ShimSetting": [
      -4480,
      -19353,
      -9784,
      1048,
      -1,
      -203,
      -66,
      -125
    ],
    "SliceThickness": 3.5,
    "SliceTiming": [
      0,
      1.035,
      0.0625,
      1.095,
      0.1225,
      1.1575,
      0.1825,
      1.2175,
      0.245,
      1.2775,
      0.305,
      1.34,
      0.365,
      1.4,
      0.4275,
      1.46,
      0.4875,
      1.5225,
      0.5475,
      1.5825,
      0.61,
      1.6425,
      0.67,
      1.705,
      0.73,
      1.765,
      0.7925,
      1.825,
      0.8525,
      1.8875,
      0.9125,
      1.9475,
      0.975
    ],
    "SoftwareVersions": "syngo_MR_B17",
    "SpacingBetweenSlices": 4.2,
    "StationName": "MRC35193",
    "TotalReadoutTime": 0.0289803,
    "TxRefAmp": 328.846,
    "dataset": "ds003696",
    "modality": "bold",
    "run_id": 5,
    "session_id": "02",
    "subject_id": "132",
    "task_id": "affordance"
  },
  "dummy_trs": 0,
  "dvars_nstd": 21.71734202407609,
  "dvars_std": 1.0120211628804352,
  "dvars_vstd": 0.9120977669565213,
  "efc": 0.5381912476345242,
  "fber": 818.0608520507812,
  "fd_mean": 0.13052031066703837,
  "fd_num": 31,
  "fd_perc": 16.756756756756758,
  "fwhm_avg": 1.9240651997658047,
  "fwhm_x": 1.9158176,
  "fwhm_y": 2.1683424,
  "fwhm_z": 1.6880355992974148,
  "gcor": 0.0150897,
  "gsr_x": 0.007000362034887075,
  "gsr_y": 0.02896655723452568,
  "provenance": {
    "md5sum": "6ab732cefe5018491cec480a18a5750b",
    "settings": {
      "fd_thres": 0.2,
      "testing": false
    },
    "software": "mriqc",
    "version": "23.0.1",
    "webapi_port": null,
    "webapi_url": "https://mriqc.nimh.nih.gov/api/v1"
  },
  "size_t": 185,
  "size_x": 64,
  "size_y": 64,
  "size_z": 33,
  "snr": 6.329196201981602,
  "spacing_tr": 2.0,
  "spacing_x": 3.125,
  "spacing_y": 3.125,
  "spacing_z": 4.200000286102295,
  "summary_bg_k": 26.073890654485492,
  "summary_bg_mad": 16.18841295430344,
  "summary_bg_mean": 57.888790130615234,
  "summary_bg_median": 30.55135154724121,
  "summary_bg_n": 81135.0,
  "summary_bg_p05": 17.80000114440918,
  "summary_bg_p95": 193.11892700195312,
  "summary_bg_stdv": 81.02404022216797,
  "summary_fg_k": 1.4932200787705847,
  "summary_fg_mad": 124.41036080859517,
  "summary_fg_mean": 884.9253540039062,
  "summary_fg_median": 881.76220703125,
  "summary_fg_n": 23429.0,
  "summary_fg_p05": 668.2010986328125,
  "summary_fg_p95": 1115.5135498046873,
  "summary_fg_stdv": 139.3136444091797,
  "tsnr": 48.86849530390464
}