{
  "bids_meta": {
    "AcquisitionMatrixPE": 192,
    "AcquisitionNumber": 1,
    "AcquisitionTime": "12:57:16.175000",
    "BaseResolution": 256,
    "ConversionSoftware": "dcm2niix",
    "ConversionSoftwareVersion": "v1.0.20180622 GCC4.9.2",
    "DeviceSerialNumber": "35193",
    "DwellTime": 1.03e-05,
    "EchoTime": 0.00339,
    "FlipAngle": 7,
    "ImageOrientationPatientDICOM": [
      0.026177,
      0.999657,
      0,
      0,
      0,
      -1
    ],
    "ImageType": [
      "ORIGINAL",
      "PRIMARY",
      "M",
      "ND",
      "NORM"
    ],
    "InPlanePhaseEncodingDirectionDICOM": "ROW",
    "InstitutionAddress": "Xinjiekouwai_Street_No_19_Beijing_Haidian_District_CN_100875",
    "InstitutionName": "Beijing_Normal_Universtiy_7C3C54",
    "InstitutionalDepartmentName": "Department",
    "InversionTime": 1.1,
    "MRAcquisitionType": "3D",
    "MagneticFieldStrength": 3,
    "Manufacturer": "Siemens",
    "ManufacturersModelName": "TrioTim",
    "Modality": "MR",
    "PartialFourier": 1,
    "PatientPosition": "HFS",
    "PercentPhaseFOV": 100,
    "PhaseEncodingSteps": 192,
    "PhaseResolution": 0.75,
    "PixelBandwidth": 190,
    "ProcedureStepDescription": "BNU_cst_2015_Liu.Jia",
    "ProtocolName": "t1_mprage_sag",
    "PulseSequenceDetails": "%SiemensSeq%_tfl",
    "ReceiveCoilName": "HeadMatrix",
    "ReconMatrixPE": 256,
    "RepetitionTime": 2.53,
    "SAR": 0.0501561,
    "ScanOptions": "IR",
    "ScanningSequence": "GR_IR",
    "SequenceName": "_tfl3d1_ns",
    "SequenceVariant": "SP_MP",
    "SeriesDescription": "t1_mprage_sag",
    "SeriesNumber": 10,
    "ShimSetting": [
      -4489,
      -19276,
      -10209,
      636,
      -133,
      80,
      82,
      -26
    ],
    "SliceThickness": 1.33,
    "SoftwareVersions": "syngo_MR_B17",
    "StationName": "MRC35193",
    "TxRefAmp": 319.82,
    "dataset": "ds003696",
    "modality": "T1w",
    "session_id": "02",
    "subject_id": "118"
  },
  "cjv": 0.33733816043691345,
  "cnr": 3.851314918977852,
  "efc": 0.5849091058549838,
  "fber": 10877.981225461037,
  "fwhm_avg": 3.8863992394363236,
  "fwhm_x": 3.4780077183089704,
  "fwhm_y": 4.44359,
  "fwhm_z": 3.7376,
  "icvs_csf": 0.246104211416631,
  "icvs_gm": 0.4212522362929778,
  "icvs_wm": 0.3326435522903912,
  "inu_med": 0.6771539449691772,
  "inu_range": 0.3037649810314179,
  "provenance": {
    "md5sum": "0587b4cf5533cfa95201bf49c3dcd31e",
    "settings": {
      "testing": false
    },
    "software": "mriqc",
    "version": "23.0.1",
    "warnings": {
      "large_rot_frame": true,
      "small_air_mask": false
    },
    "webapi_port": null,
    "webapi_url": "https://mriqc.nimh.nih.gov/api/v1"
  },
  "qi_1": 0.0,
  "qi_2": 0.006753989188010659,
  "rpve_csf": 22.04312285478198,
  "rpve_gm": 12.586529679670234,
  "rpve_wm": 19.030881197705433,
  "size_x": 128,
  "size_y": 256,
  "size_z": 256,
  "snr_csf": 1.4337382181845417,
  "snr_gm": 7.68860700634686,
  "snr_total": 11.505816932252545,
  "snr_wm": 25.395105572226235,
  "snrd_csf": 13.511366894686125,
  "snrd_gm": 53.58400553267692,
  "snrd_total": 50.15158769365897,
  "snrd_wm": 83.35939065361387,
  "spacing_x": 1.3299999237060547,
  "spacing_y": 1.0,
  "spacing_z": 1.0,
  "summary_bg_k": 4.82397331486016,
  "summary_bg_mad": 0.0,
  "summary_bg_mean": 5.257991305331743,
  "summary_bg_median": 0.0,
  "summary_bg_n": 1732298.0,
  "summary_bg_p05": 0.0,
  "summary_bg_p95": 21.63560259155929,
  "summary_bg_stdv": 7.859179087847534,
  "summary_csf_k": -0.08466714555447563,
  "summary_csf_mad": 107.87904706912131,
  "summary_csf_mean": 188.29843540483975,
  "summary_csf_median": 162.08571550436318,
  "summary_csf_n": 25792.0,
  "summary_csf_p05": 40.97468870691955,
  "summary_csf_p95": 403.3166409358382,
  "summary_csf_stdv": 113.0489312817427,
  "summary_gm_k": 0.02539742482288343,
  "summary_gm_mad": 82.75505637295718,
  "summary_gm_mean": 640.9704607312116,
  "summary_gm_median": 642.8070486169308,
  "summary_gm_n": 17165.0,
  "summary_gm_p05": 497.74939843714236,
  "summary_gm_p95": 775.0525542452931,
  "summary_gm_stdv": 83.60270247397246,
  "summary_wm_k": 0.3951917529233091,
  "summary_wm_mad": 37.739746366705894,
  "summary_wm_mean": 999.1827638443747,
  "summary_wm_median": 999.9999691676348,
  "summary_wm_n": 118043.0,
  "summary_wm_p05": 933.0867312084883,
  "summary_wm_p95": 1062.5135650355369,
  "summary_wm_stdv": 39.37749857231759,
  "tpm_overlap_csf": 0.1528110309518171,
  "tpm_overlap_gm": 0.46317079566243186,
  "tpm_overlap_wm": 0.48621149603311603,
  "wm2max": 0.8033098455130044
}