{
  "aor": 0.0016478571428571427,
  "aqi": 0.0043093888775510205,
  "bids_meta": {
    "AcquisitionMatrixPE": 64,
    "AcquisitionNumber": 1,
    "AcquisitionTime": "16:37:24.820000",
    "BandwidthPerPixelPhaseEncode": 33.967,
    "BaseResolution": 64,
    "ConversionSoftware": "dcm2niix",
    "ConversionSoftwareVersion": "v1.0.20180622 GCC4.9.2",
    "DerivedVendorReportedEchoSpacing": 0.000460005,
    "DeviceSerialNumber": "35193",
    "DwellTime": 3.1e-06,
    "EchoTime": 0.03,
    "EffectiveEchoSpacing": 0.000460005,
    "FlipAngle": 90,
    "ImageOrientationPatientDICOM": [
      1,
      0,
      0,
      0,
      1,
      0
    ],
    "ImageType": [
      "ORIGINAL",
      "PRIMARY",
      "M",
      "ND",
      "MOSAIC"
    ],
    "InPlanePhaseEncodingDirectionDICOM": "COL",
    "InstitutionAddress": "Xinjiekouwai_Street_No_19_Beijing_Haidian_District_CN_100875",
    "InstitutionName": "BNU_MRI_Center",
    "InstitutionalDepartmentName": "Department",
    "MRAcquisitionType": "2D",
    "MagneticFieldStrength": 3,
    "Manufacturer": "Siemens",
    "ManufacturersModelName": "TrioTim",
    "Modality": "MR",
    "PartialFourier": 1,
    "PatientPosition": "HFS",
    "PercentPhaseFOV": 100,
    "PhaseEncodingDirection": "j-",
    "PhaseEncodingSteps": 64,
    "PhaseResolution": 1,
    "PixelBandwidth": 2520,
    "ProcedureStepDescription": "BNU_cst_2019_Xu.Shan",
    "ProtocolName": "ge_func_pace_3x3x3.5_99",
    "PulseSequenceDetails": "%SiemensSeq%_ep2d_bold",
    "ReceiveCoilName": "HeadMatrix",
    "ReconMatrixPE": 64,
    "RepetitionTime": 2,
    "SAR": 0.157291,
    "ScanOptions": "FS",
    "ScanningSequence": "EP",
    "SequenceName": "_epfid2d1_64",
    "SequenceVariant": "SK",
    "SeriesDescription": "ge_func_pace_3x3x3.5_99",
    "SeriesNumber": 10,
    "ShimSetting": [
      -4506,
      -19421,
      -9753,
      1399,
      60,
      -334,
      -124,
      -95
    ],
    "SliceThickness": 3.5,
    "SliceTiming": [
      0,
      1.035,
      0.06,
      1.095,
      0.1225,
      1.155,
      0.1825,
      1.2175,
      0.2425,
      1.2775,
      0.305,
      1.3375,
      0.365,
      1.4,
      0.425,
      1.46,
      0.4875,
      1.52,
      0.5475,
      1.5825,
      0.6075,
      1.6425,
      0.67,
      1.7025,
      0.73,
      1.765,
      0.79,
      1.825,
      0.8525,
      1.885,
      0.9125,
      1.9475,
      0.9725
    ],
    "SoftwareVersions": "syngo_MR_B17",
    "SpacingBetweenSlices": 4.2,
    "StationName": "MRC35193",
    "TotalReadoutTime": 0.0289803,
    "TxRefAmp": 316.175,
    "dataset": "ds003696",
    "modality": "bold",
    "run_id": 1,
    "session_id": "01",
    "subject_id": "131",
    "task_id": "localizer"
  },
  "dummy_trs": 1,
  "dvars_nstd": 20.574816949484532,
  "dvars_std": 1.1811998848453613,
  "dvars_vstd": 1.0264401862886596,
  "efc": 0.5311355469606873,
  "fber": 1107.9423828125,
  "fd_mean": 0.1456437477056772,
  "fd_num": 23,
  "fd_perc": 23.46938775510204,
  "fwhm_avg": 2.078695952750189,
  "fwhm_x": 2.0312928,
  "fwhm_y": 2.2929664,
  "fwhm_z": 1.9118286582505664,
  "gcor": 0.00855507,
  "gsr_x": -0.009018092416226864,
  "gsr_y": 0.02767026610672474,
  "provenance": {
    "md5sum": "7937a4a7515c77bc7b3f5dd7891fdd71",
    "settings": {
      "fd_thres": 0.2,
      "testing": false
    },
    "software": "mriqc",
    "version": "23.0.1",
    "webapi_port": null,
    "webapi_url": "https://mriqc.nimh.nih.gov/api/v1"
  },
  "size_t": 98,
  "size_x": 64,
  "size_y": 64,
  "size_z": 33,
  "snr": 5.879850881640079,
  "spacing_tr": 2.0,
  "spacing_x": 3.125,
  "spacing_y": 3.125,
  "spacing_z": 4.199999809265137,
  "summary_bg_k": 59.45437140722264,
  "summary_bg_mad": 11.75491516571786,
  "summary_bg_mean": 49.01613235473633,
  "summary_bg_median": 26.989795684814453,
  "summary_bg_n": 79273.0,
  "summary_bg_p05": 18.020408630371094,
  "summary_bg_p95": 149.16122131347643,
  "summary_bg_stdv": 68.76241302490234,
  "summary_fg_k": 1.1295574144049354,
  "summary_fg_mad": 139.01667119027402,
  "summary_fg_mean": 920.0143432617188,
  "summary_fg_median": 918.1224365234375,
  "summary_fg_n": 24723.0,
  "summary_fg_p05": 668.0897705078125,
  "summary_fg_p95": 1183.5591186523436,
  "summary_fg_stdv": 156.14407348632812,
  "tsnr": 80.57674525550101
}