{
  "aor": 0.0023203783783783782,
  "aqi": 0.004268692918918919,
  "bids_meta": {
    "AcquisitionMatrixPE": 64,
    "AcquisitionNumber": 1,
    "AcquisitionTime": "15:10:38.737500",
    "BandwidthPerPixelPhaseEncode": 33.967,
    "BaseResolution": 64,
    "ConversionSoftware": "dcm2niix",
    "ConversionSoftwareVersion": "v1.0.20180622 GCC4.9.2",
    "DerivedVendorReportedEchoSpacing": 0.000460005,
    "DeviceSerialNumber": "35193",
    "DwellTime": 3.1e-06,
    "EchoTime": 0.03,
    "EffectiveEchoSpacing": 0.000460005,
    "FlipAngle": 90,
    "ImageOrientationPatientDICOM": [
      1,
      0,
      0,
      0,
      1,
      0
    ],
    "ImageType": [
      "ORIGINAL",
      "PRIMARY",
      "M",
      "ND",
      "MOSAIC"
    ],
    "InPlanePhaseEncodingDirectionDICOM": "COL",
    "InstitutionAddress": "Xinjiekouwai_Street_No_19_Beijing_Haidian_District_CN_100875",
    "InstitutionName": "Beijing_Normal_Universtiy_7C3C54",
    "InstitutionalDepartmentName": "Department",
    "MRAcquisitionType": "2D",
    "MagneticFieldStrength": 3,
    "Manufacturer": "Siemens",
    "ManufacturersModelName": "TrioTim",
    "Modality": "MR",
    "PartialFourier": 1,
    "PatientPosition": "HFS",
    "PercentPhaseFOV": 100,
    "PhaseEncodingDirection": "j-",
    "PhaseEncodingSteps": 64,
    "PhaseResolution": 1,
    "PixelBandwidth": 2520,
    "ProcedureStepDescription": "BNU_cst_2019_Xu.Shan",
    "ProtocolName": "ge_func_pace_3x3x3.5_185",
    "PulseSequenceDetails": "%SiemensSeq%_ep2d_bold",
    "ReceiveCoilName": "HeadMatrix",
    "ReconMatrixPE": 64,
    "RepetitionTime": 2,
    "SAR": 0.146596,
    "ScanOptions": "FS",
    "ScanningSequence": "EP",
    "SequenceName": "_epfid2d1_64",
    "SequenceVariant": "SK",
    "SeriesDescription": "ge_func_pace_3x3x3.5_185",
    "SeriesNumber": 4,
    "ShimSetting": [
      -4520,
      -19429,
      -9814,
      1097,
      -276,
      -131,
      324,
      -81
    ],
    "SliceThickness": 3.5,
    "SliceTiming": [
      0,
      1.035,
      0.0625,
      1.095,
      0.1225,
      1.1575,
      0.1825,
      1.2175,
      0.245,
      1.2775,
      0.305,
      1.34,
      0.365,
      1.4,
      0.4275,
      1.46,
      0.4875,
      1.5225,
      0.5475,
      1.5825,
      0.61,
      1.6425,
      0.67,
      1.705,
      0.73,
      1.765,
      0.7925,
      1.825,
      0.8525,
      1.8875,
      0.9125,
      1.9475,
      0.975
    ],
    "SoftwareVersions": "syngo_MR_B17",
    "SpacingBetweenSlices": 4.2,
    "StationName": "MRC35193",
    "TotalReadoutTime": 0.0289803,
    "TxRefAmp": 312.293,
    "dataset": "ds003696",
    "modality": "bold",
    "run_id": 7,
    "session_id": "02",
    "subject_id": "134",
    "task_id": "affordance"
  },
  "dummy_trs": 0,
  "dvars_nstd": 20.69511755625,
  "dvars_std": 1.2203828518478257,
  "dvars_vstd": 1.0271364844021738,
  "efc": 0.5235911762452,
  "fber": 1257.0216064453125,
  "fd_mean": 0.04133744446610813,
  "fd_num": 1,
  "fd_perc": 0.5405405405405406,
  "fwhm_avg": 2.007584199252183,
  "fwhm_x": 1.9562495999999998,
  "fwhm_y": 2.2284672,
  "fwhm_z": 1.8380357977565493,
  "gcor": 0.0214399,
  "gsr_x": -0.005325362551957369,
  "gsr_y": 0.022970085963606834,
  "provenance": {
    "md5sum": "1b5f34e689d05d3b8c0e73997db87b40",
    "settings": {
      "fd_thres": 0.2,
      "testing": false
    },
    "software": "mriqc",
    "version": "23.0.1",
    "webapi_port": null,
    "webapi_url": "https://mriqc.nimh.nih.gov/api/v1"
  },
  "size_t": 185,
  "size_x": 64,
  "size_y": 64,
  "size_z": 33,
  "snr": 6.240566272083103,
  "spacing_tr": 2.0,
  "spacing_x": 3.125,
  "spacing_y": 3.125,
  "spacing_z": 4.199999809265137,
  "summary_bg_k": 21.845920245570763,
  "summary_bg_mad": 10.073682685924469,
  "summary_bg_mean": 49.97690963745117,
  "summary_bg_median": 25.89729881286621,
  "summary_bg_n": 81048.0,
  "summary_bg_p05": 18.200000762939453,
  "summary_bg_p95": 170.95649642944326,
  "summary_bg_stdv": 65.62535858154297,
  "summary_fg_k": 0.9183056999374175,
  "summary_fg_mad": 136.34339026137434,
  "summary_fg_mean": 940.122314453125,
  "summary_fg_median": 938.4324340820312,
  "summary_fg_n": 23525.0,
  "summary_fg_p05": 698.574072265625,
  "summary_fg_p95": 1193.5892333984375,
  "summary_fg_stdv": 150.3729705810547,
  "tsnr": 81.18097341433167
}