{
  "bids_meta": {
    "AcquisitionMatrixPE": 192,
    "AcquisitionNumber": 1,
    "AcquisitionTime": "10:40:2.952500",
    "BaseResolution": 256,
    "ConversionSoftware": "dcm2niix",
    "ConversionSoftwareVersion": "v1.0.20180622 GCC4.9.2",
    "DeviceSerialNumber": "35193",
    "DwellTime": 1.03e-05,
    "EchoTime": 0.00339,
    "FlipAngle": 7,
    "ImageOrientationPatientDICOM": [
      0,
      1,
      0,
      0,
      0,
      -1
    ],
    "ImageType": [
      "ORIGINAL",
      "PRIMARY",
      "M",
      "ND",
      "NORM"
    ],
    "InPlanePhaseEncodingDirectionDICOM": "ROW",
    "InstitutionAddress": "Xinjiekouwai_Street_No_19_Beijing_Haidian_District_CN_100875",
    "InstitutionName": "BNU_MRI_Center",
    "InstitutionalDepartmentName": "Department",
    "InversionTime": 1.1,
    "MRAcquisitionType": "3D",
    "MagneticFieldStrength": 3,
    "Manufacturer": "Siemens",
    "ManufacturersModelName": "TrioTim",
    "Modality": "MR",
    "PartialFourier": 1,
    "PatientPosition": "HFS",
    "PercentPhaseFOV": 100,
    "PhaseEncodingSteps": 192,
    "PhaseResolution": 0.75,
    "PixelBandwidth": 190,
    "ProcedureStepDescription": "BNU_cst_2015_Liu.Jia",
    "ProtocolName": "t1_mprage_sag",
    "PulseSequenceDetails": "%SiemensSeq%_tfl",
    "ReceiveCoilName": "HeadMatrix",
    "ReconMatrixPE": 256,
    "RepetitionTime": 2.53,
    "SAR": 0.0488257,
    "ScanOptions": "IR",
    "ScanningSequence": "GR_IR",
    "SequenceName": "_tfl3d1_ns",
    "SequenceVariant": "SP_MP",
    "SeriesDescription": "t1_mprage_sag",
    "SeriesNumber": 10,
    "ShimSetting": [
      -4489,
      -19276,
      -10209,
      636,
      -133,
      80,
      82,
      -26
    ],
    "SliceThickness": 1.33,
    "SoftwareVersions": "syngo_MR_B17",
    "StationName": "MRC35193",
    "TxRefAmp": 332.142,
    "dataset": "ds003696",
    "modality": "T1w",
    "session_id": "02",
    "subject_id": "116"
  },
  "cjv": 0.30932778495517943,
  "cnr": 4.27553484155836,
  "efc": 0.5779182121547732,
  "fber": 13919.15939513478,
  "fwhm_avg": 3.850271658616615,
  "fwhm_x": 3.4308749758498442,
  "fwhm_y": 4.44904,
  "fwhm_z": 3.6709,
  "icvs_csf": 0.25328353457495456,
  "icvs_gm": 0.4289405039560728,
  "icvs_wm": 0.31777596146897263,
  "inu_med": 0.5720428824424744,
  "inu_range": 0.1954546928405762,
  "provenance": {
    "md5sum": "3f7b58a97cf0246e8024507aac820363",
    "settings": {
      "testing": false
    },
    "software": "mriqc",
    "version": "23.0.1",
    "warnings": {
      "large_rot_frame": true,
      "small_air_mask": false
    },
    "webapi_port": null,
    "webapi_url": "https://mriqc.nimh.nih.gov/api/v1"
  },
  "qi_1": 0.0,
  "qi_2": 0.00690708834498259,
  "rpve_csf": 20.90631657488544,
  "rpve_gm": 12.244234128864148,
  "rpve_wm": 19.54356734605845,
  "size_x": 128,
  "size_y": 256,
  "size_z": 256,
  "snr_csf": 1.3113293302888558,
  "snr_gm": 7.758513655733539,
  "snr_total": 11.411733912079379,
  "snr_wm": 25.165358750215745,
  "snrd_csf": 16.93338481686714,
  "snrd_gm": 80.53586556224398,
  "snrd_total": 75.91246233019022,
  "snrd_wm": 130.26813661145954,
  "spacing_x": 1.3300018310546875,
  "spacing_y": 1.0,
  "spacing_z": 1.0,
  "summary_bg_k": 6.096591249751928,
  "summary_bg_mad": 5.029032369634671,
  "summary_bg_mean": 4.663025177518856,
  "summary_bg_median": 3.3920307867228985,
  "summary_bg_n": 1825873.0,
  "summary_bg_p05": 0.0,
  "summary_bg_p95": 18.907430866733193,
  "summary_bg_stdv": 6.678981760811691,
  "summary_csf_k": 1.0773860396142316,
  "summary_csf_mad": 84.18972707684709,
  "summary_csf_mean": 151.57552636650226,
  "summary_csf_median": 129.9859699010849,
  "summary_csf_n": 25973.0,
  "summary_csf_p05": 27.065055524185304,
  "summary_csf_p95": 352.21842643171533,
  "summary_csf_stdv": 99.12343493423091,
  "summary_gm_k": -0.027850176544160554,
  "summary_gm_mad": 81.1164295176259,
  "summary_gm_mean": 618.0767845987131,
  "summary_gm_median": 618.2185493418947,
  "summary_gm_n": 23634.0,
  "summary_gm_p05": 487.0704948194325,
  "summary_gm_p95": 747.7271223174407,
  "summary_gm_stdv": 79.68091539527104,
  "summary_wm_k": 0.5897829816416023,
  "summary_wm_mad": 36.97270093972157,
  "summary_wm_mean": 997.3150652867005,
  "summary_wm_median": 999.979051310569,
  "summary_wm_n": 123706.0,
  "summary_wm_p05": 927.0713278576732,
  "summary_wm_p95": 1057.434190068394,
  "summary_wm_stdv": 39.736171435956976,
  "tpm_overlap_csf": 0.16269528207445833,
  "tpm_overlap_gm": 0.47575249486986504,
  "tpm_overlap_wm": 0.5059399658020056,
  "wm2max": 0.8759239220145627
}