{
  "aor": 0.0015182828282828283,
  "aqi": 0.006059478585858586,
  "bids_meta": {
    "AcquisitionMatrixPE": 64,
    "AcquisitionNumber": 1,
    "AcquisitionTime": "15:03:39.032500",
    "BandwidthPerPixelPhaseEncode": 33.967,
    "BaseResolution": 64,
    "ConversionSoftware": "dcm2niix",
    "ConversionSoftwareVersion": "v1.0.20180622 GCC4.9.2",
    "DerivedVendorReportedEchoSpacing": 0.000460005,
    "DeviceSerialNumber": "35193",
    "DwellTime": 3.1e-06,
    "EchoTime": 0.03,
    "EffectiveEchoSpacing": 0.000460005,
    "FlipAngle": 90,
    "ImageOrientationPatientDICOM": [
      1,
      0,
      0,
      0,
      1,
      0
    ],
    "ImageType": [
      "ORIGINAL",
      "PRIMARY",
      "M",
      "ND",
      "MOSAIC"
    ],
    "InPlanePhaseEncodingDirectionDICOM": "COL",
    "InstitutionAddress": "Xinjiekouwai_Street_No_19_Beijing_Haidian_District_CN_100875",
    "InstitutionName": "BNU_MRI_Center",
    "InstitutionalDepartmentName": "Department",
    "MRAcquisitionType": "2D",
    "MagneticFieldStrength": 3,
    "Manufacturer": "Siemens",
    "ManufacturersModelName": "TrioTim",
    "Modality": "MR",
    "PartialFourier": 1,
    "PatientPosition": "HFS",
    "PercentPhaseFOV": 100,
    "PhaseEncodingDirection": "j-",
    "PhaseEncodingSteps": 64,
    "PhaseResolution": 1,
    "PixelBandwidth": 2520,
    "ProcedureStepDescription": "BNU_cst_2015_Liu.Jia",
    "ProtocolName": "ge_func_pace_3x3x3.5_99",
    "PulseSequenceDetails": "%SiemensSeq%_ep2d_bold",
    "ReceiveCoilName": "HeadMatrix",
    "ReconMatrixPE": 64,
    "RepetitionTime": 2,
    "SAR": 0.150132,
    "ScanOptions": "FS",
    "ScanningSequence": "EP",
    "SequenceName": "_epfid2d1_64",
    "SequenceVariant": "SK",
    "SeriesDescription": "ge_func_pace_3x3x3.5_99",
    "SeriesNumber": 14,
    "ShimSetting": [
      -4505,
      -19394,
      -9769,
      1256,
      -79,
      -234,
      -9,
      -115
    ],
    "SliceThickness": 3.5,
    "SliceTiming": [
      0,
      1.035,
      0.0625,
      1.095,
      0.1225,
      1.1575,
      0.1825,
      1.2175,
      0.245,
      1.2775,
      0.305,
      1.34,
      0.365,
      1.4,
      0.4275,
      1.46,
      0.4875,
      1.5225,
      0.5475,
      1.5825,
      0.61,
      1.6425,
      0.67,
      1.705,
      0.73,
      1.765,
      0.7925,
      1.825,
      0.8525,
      1.8875,
      0.9125,
      1.9475,
      0.975
    ],
    "SoftwareVersions": "syngo_MR_B17",
    "SpacingBetweenSlices": 4.2,
    "StationName": "MRC35193",
    "TotalReadoutTime": 0.0289803,
    "TxRefAmp": 313.304,
    "dataset": "ds003696",
    "modality": "bold",
    "run_id": 3,
    "session_id": "01",
    "subject_id": "102",
    "task_id": "localizer"
  },
  "dummy_trs": 0,
  "dvars_nstd": 24.096541969489802,
  "dvars_std": 1.2378988579591836,
  "dvars_vstd": 1.0190259943877553,
  "efc": 0.5253388433265247,
  "fber": 1216.0128173828125,
  "fd_mean": 0.08390297462103279,
  "fd_num": 0,
  "fd_perc": 0.0,
  "fwhm_avg": 2.082182530681362,
  "fwhm_x": 1.9788032000000002,
  "fwhm_y": 2.3457824,
  "fwhm_z": 1.9219619920440854,
  "gcor": 0.0863618,
  "gsr_x": -0.002685330808162689,
  "gsr_y": 0.03649796545505524,
  "provenance": {
    "md5sum": "bc1d0c27badde80c5ff1a79ff834ea1d",
    "settings": {
      "fd_thres": 0.2,
      "testing": false
    },
    "software": "mriqc",
    "version": "23.0.1",
    "webapi_port": null,
    "webapi_url": "https://mriqc.nimh.nih.gov/api/v1"
  },
  "size_t": 99,
  "size_x": 64,
  "size_y": 64,
  "size_z": 33,
  "snr": 5.735643475135164,
  "spacing_tr": 2.0,
  "spacing_x": 3.125,
  "spacing_y": 3.125,
  "spacing_z": 4.199999809265137,
  "summary_bg_k": 31.490994088843195,
  "summary_bg_mad": 10.363242120369087,
  "summary_bg_mean": 54.52105712890625,
  "summary_bg_median": 26.959596633911133,
  "summary_bg_n": 81094.0,
  "summary_bg_p05": 19.303030014038086,
  "summary_bg_p95": 173.0813156127927,
  "summary_bg_stdv": 80.41502380371094,
  "summary_fg_k": 1.153257786040296,
  "summary_fg_mad": 150.30436508877628,
  "summary_fg_mean": 966.7978515625,
  "summary_fg_median": 959.449462890625,
  "summary_fg_n": 23576.0,
  "summary_fg_p05": 704.0100708007812,
  "summary_fg_p95": 1252.2676696777344,
  "summary_fg_stdv": 167.27488708496094,
  "tsnr": 76.19172823638655
}