{
  "aor": 0.0006416216216216218,
  "aqi": 0.005335477189189189,
  "bids_meta": {
    "AcquisitionMatrixPE": 64,
    "AcquisitionNumber": 1,
    "AcquisitionTime": "14:12:49.167500",
    "BandwidthPerPixelPhaseEncode": 33.967,
    "BaseResolution": 64,
    "ConversionSoftware": "dcm2niix",
    "ConversionSoftwareVersion": "v1.0.20180622 GCC4.9.2",
    "DerivedVendorReportedEchoSpacing": 0.000460005,
    "DeviceSerialNumber": "35193",
    "DwellTime": 3.1e-06,
    "EchoTime": 0.03,
    "EffectiveEchoSpacing": 0.000460005,
    "FlipAngle": 90,
    "ImageOrientationPatientDICOM": [
      1,
      0,
      0,
      0,
      1,
      0
    ],
    "ImageType": [
      "ORIGINAL",
      "PRIMARY",
      "M",
      "ND",
      "MOSAIC"
    ],
    "InPlanePhaseEncodingDirectionDICOM": "COL",
    "InstitutionAddress": "Xinjiekouwai_Street_No_19_Beijing_Haidian_District_CN_100875",
    "InstitutionName": "BNU_MRI_Center",
    "InstitutionalDepartmentName": "Department",
    "MRAcquisitionType": "2D",
    "MagneticFieldStrength": 3,
    "Manufacturer": "Siemens",
    "ManufacturersModelName": "TrioTim",
    "Modality": "MR",
    "PartialFourier": 1,
    "PatientPosition": "HFS",
    "PercentPhaseFOV": 100,
    "PhaseEncodingDirection": "j-",
    "PhaseEncodingSteps": 64,
    "PhaseResolution": 1,
    "PixelBandwidth": 2520,
    "ProcedureStepDescription": "BNU_cst_2015_Liu.Jia",
    "ProtocolName": "ge_func_pace_3x3x3.5_185",
    "PulseSequenceDetails": "%SiemensSeq%_ep2d_bold",
    "ReceiveCoilName": "HeadMatrix",
    "ReconMatrixPE": 64,
    "RepetitionTime": 2,
    "SAR": 0.146187,
    "ScanOptions": "FS",
    "ScanningSequence": "EP",
    "SequenceName": "_epfid2d1_64",
    "SequenceVariant": "SK",
    "SeriesDescription": "ge_func_pace_3x3x3.5_185",
    "SeriesNumber": 8,
    "ShimSetting": [
      -4497,
      -19400,
      -9830,
      1169,
      -126,
      -313,
      44,
      -34
    ],
    "SliceThickness": 3.5,
    "SliceTiming": [
      0,
      1.035,
      0.0625,
      1.095,
      0.1225,
      1.1575,
      0.1825,
      1.2175,
      0.245,
      1.2775,
      0.305,
      1.34,
      0.365,
      1.4,
      0.4275,
      1.46,
      0.4875,
      1.5225,
      0.5475,
      1.5825,
      0.61,
      1.6425,
      0.67,
      1.705,
      0.73,
      1.765,
      0.7925,
      1.825,
      0.8525,
      1.8875,
      0.9125,
      1.9475,
      0.975
    ],
    "SoftwareVersions": "syngo_MR_B17",
    "SpacingBetweenSlices": 4.2,
    "StationName": "MRC35193",
    "TotalReadoutTime": 0.0289803,
    "TxRefAmp": 311.822,
    "dataset": "ds003696",
    "modality": "bold",
    "run_id": 1,
    "session_id": "01",
    "subject_id": "102",
    "task_id": "affordance"
  },
  "dummy_trs": 0,
  "dvars_nstd": 22.49165163864131,
  "dvars_std": 1.1974069379891308,
  "dvars_vstd": 0.9962274242934788,
  "efc": 0.5282300005536208,
  "fber": 1149.4083251953125,
  "fd_mean": 0.06887512649728234,
  "fd_num": 2,
  "fd_perc": 1.0810810810810811,
  "fwhm_avg": 2.0548581305110627,
  "fwhm_x": 1.9623424,
  "fwhm_y": 2.29152,
  "fwhm_z": 1.9107119915331885,
  "gcor": 0.0704675,
  "gsr_x": -0.004783609416335821,
  "gsr_y": 0.034572139382362366,
  "provenance": {
    "md5sum": "5f89998767fd48f3f5787937189410f5",
    "settings": {
      "fd_thres": 0.2,
      "testing": false
    },
    "software": "mriqc",
    "version": "23.0.1",
    "webapi_port": null,
    "webapi_url": "https://mriqc.nimh.nih.gov/api/v1"
  },
  "size_t": 185,
  "size_x": 64,
  "size_y": 64,
  "size_z": 33,
  "snr": 5.871018922382668,
  "spacing_tr": 2.0,
  "spacing_x": 3.125,
  "spacing_y": 3.125,
  "spacing_z": 4.199999809265137,
  "summary_bg_k": 29.32601659237322,
  "summary_bg_mad": 11.147568804791572,
  "summary_bg_mean": 54.84107208251953,
  "summary_bg_median": 27.410812377929688,
  "summary_bg_n": 80772.0,
  "summary_bg_p05": 19.143514060974123,
  "summary_bg_p95": 179.81892242431624,
  "summary_bg_stdv": 79.13044738769531,
  "summary_fg_k": 1.0850896616323746,
  "summary_fg_mad": 145.07865377192016,
  "summary_fg_mean": 954.6217651367188,
  "summary_fg_median": 948.4378662109375,
  "summary_fg_n": 23733.0,
  "summary_fg_p05": 698.0443481445312,
  "summary_fg_p95": 1228.4076171875,
  "summary_fg_stdv": 161.54229736328125,
  "tsnr": 78.18980963435024
}