{
  "aor": 0.0019159595959595955,
  "aqi": 0.005996433939393939,
  "bids_meta": {
    "AcquisitionMatrixPE": 64,
    "AcquisitionNumber": 1,
    "AcquisitionTime": "14:55:1.342500",
    "BandwidthPerPixelPhaseEncode": 33.967,
    "BaseResolution": 64,
    "ConversionSoftware": "dcm2niix",
    "ConversionSoftwareVersion": "v1.0.20180622 GCC4.9.2",
    "DerivedVendorReportedEchoSpacing": 0.000460005,
    "DeviceSerialNumber": "35193",
    "DwellTime": 3.1e-06,
    "EchoTime": 0.03,
    "EffectiveEchoSpacing": 0.000460005,
    "FlipAngle": 90,
    "ImageOrientationPatientDICOM": [
      1,
      0,
      0,
      0,
      1,
      0
    ],
    "ImageType": [
      "ORIGINAL",
      "PRIMARY",
      "M",
      "ND",
      "MOSAIC"
    ],
    "InPlanePhaseEncodingDirectionDICOM": "COL",
    "InstitutionAddress": "Xinjiekouwai_Street_No_19_Beijing_Haidian_District_CN_100875",
    "InstitutionName": "BNU_MRI_Center",
    "InstitutionalDepartmentName": "Department",
    "MRAcquisitionType": "2D",
    "MagneticFieldStrength": 3,
    "Manufacturer": "Siemens",
    "ManufacturersModelName": "TrioTim",
    "Modality": "MR",
    "PartialFourier": 1,
    "PatientPosition": "HFS",
    "PercentPhaseFOV": 100,
    "PhaseEncodingDirection": "j-",
    "PhaseEncodingSteps": 64,
    "PhaseResolution": 1,
    "PixelBandwidth": 2520,
    "ProcedureStepDescription": "BNU_cst_2015_Liu.Jia",
    "ProtocolName": "ge_func_pace_3x3x3.5_99",
    "PulseSequenceDetails": "%SiemensSeq%_ep2d_bold",
    "ReceiveCoilName": "HeadMatrix",
    "ReconMatrixPE": 64,
    "RepetitionTime": 2,
    "SAR": 0.150132,
    "ScanOptions": "FS",
    "ScanningSequence": "EP",
    "SequenceName": "_epfid2d1_64",
    "SequenceVariant": "SK",
    "SeriesDescription": "ge_func_pace_3x3x3.5_99",
    "SeriesNumber": 10,
    "ShimSetting": [
      -4505,
      -19394,
      -9769,
      1256,
      -79,
      -234,
      -9,
      -115
    ],
    "SliceThickness": 3.5,
    "SliceTiming": [
      0,
      1.035,
      0.0625,
      1.095,
      0.1225,
      1.1575,
      0.1825,
      1.2175,
      0.245,
      1.2775,
      0.305,
      1.34,
      0.365,
      1.4,
      0.4275,
      1.46,
      0.4875,
      1.5225,
      0.5475,
      1.5825,
      0.61,
      1.6425,
      0.67,
      1.705,
      0.73,
      1.765,
      0.7925,
      1.825,
      0.8525,
      1.8875,
      0.9125,
      1.9475,
      0.975
    ],
    "SoftwareVersions": "syngo_MR_B17",
    "SpacingBetweenSlices": 4.2,
    "StationName": "MRC35193",
    "TotalReadoutTime": 0.0289803,
    "TxRefAmp": 313.304,
    "dataset": "ds003696",
    "modality": "bold",
    "run_id": 1,
    "session_id": "01",
    "subject_id": "102",
    "task_id": "localizer"
  },
  "dummy_trs": 0,
  "dvars_nstd": 22.943014923673463,
  "dvars_std": 1.2172879108163261,
  "dvars_vstd": 1.0125095048979595,
  "efc": 0.5246487809730233,
  "fber": 1225.4693603515625,
  "fd_mean": 0.0830705676719623,
  "fd_num": 3,
  "fd_perc": 3.0303030303030303,
  "fwhm_avg": 2.0756114575830242,
  "fwhm_x": 1.9692576,
  "fwhm_y": 2.3410624,
  "fwhm_z": 1.916514372749073,
  "gcor": 0.0654476,
  "gsr_x": -0.0033636302687227726,
  "gsr_y": 0.0361686572432518,
  "provenance": {
    "md5sum": "1aed60db6484dc2090eb83b4683d5f33",
    "settings": {
      "fd_thres": 0.2,
      "testing": false
    },
    "software": "mriqc",
    "version": "23.0.1",
    "webapi_port": null,
    "webapi_url": "https://mriqc.nimh.nih.gov/api/v1"
  },
  "size_t": 99,
  "size_x": 64,
  "size_y": 64,
  "size_z": 33,
  "snr": 5.728997014072105,
  "spacing_tr": 2.0,
  "spacing_x": 3.125,
  "spacing_y": 3.125,
  "spacing_z": 4.199999809265137,
  "summary_bg_k": 31.93612542249104,
  "summary_bg_mad": 10.333286818510892,
  "summary_bg_mean": 54.0003776550293,
  "summary_bg_median": 26.929292678833008,
  "summary_bg_n": 81087.0,
  "summary_bg_p05": 19.303030014038086,
  "summary_bg_p95": 171.87575378417966,
  "summary_bg_stdv": 79.10063934326172,
  "summary_fg_k": 1.172514711239164,
  "summary_fg_mad": 151.45011508814204,
  "summary_fg_mean": 969.26318359375,
  "summary_fg_median": 961.5858764648438,
  "summary_fg_n": 23599.0,
  "summary_fg_p05": 706.0292663574219,
  "summary_fg_p95": 1256.4636718749998,
  "summary_fg_stdv": 167.84185791015625,
  "tsnr": 74.61670810170472
}