{
  "aor": 0.0009816304347826086,
  "aqi": 0.004408211195652174,
  "bids_meta": {
    "AcquisitionMatrixPE": 64,
    "AcquisitionNumber": 1,
    "AcquisitionTime": "09:16:19.635000",
    "BandwidthPerPixelPhaseEncode": 33.967,
    "BaseResolution": 64,
    "ConversionSoftware": "dcm2niix",
    "ConversionSoftwareVersion": "v1.0.20180622 GCC4.9.2",
    "DerivedVendorReportedEchoSpacing": 0.000460005,
    "DeviceSerialNumber": "35193",
    "DwellTime": 3.1e-06,
    "EchoTime": 0.03,
    "EffectiveEchoSpacing": 0.000460005,
    "FlipAngle": 90,
    "ImageOrientationPatientDICOM": [
      1,
      0,
      0,
      0,
      1,
      0
    ],
    "ImageType": [
      "ORIGINAL",
      "PRIMARY",
      "M",
      "ND",
      "MOSAIC"
    ],
    "InPlanePhaseEncodingDirectionDICOM": "COL",
    "InstitutionAddress": "Xinjiekouwai_Street_No_19_Beijing_Haidian_District_CN_100875",
    "InstitutionName": "Beijing_Normal_Universtiy_7C3C54",
    "InstitutionalDepartmentName": "Department",
    "MRAcquisitionType": "2D",
    "MagneticFieldStrength": 3,
    "Manufacturer": "Siemens",
    "ManufacturersModelName": "TrioTim",
    "Modality": "MR",
    "PartialFourier": 1,
    "PatientPosition": "HFS",
    "PercentPhaseFOV": 100,
    "PhaseEncodingDirection": "j-",
    "PhaseEncodingSteps": 64,
    "PhaseResolution": 1,
    "PixelBandwidth": 2520,
    "ProcedureStepDescription": "BNU_cst_2019_Shu.Hua",
    "ProtocolName": "ge_func_pace_3x3x3.5_185",
    "PulseSequenceDetails": "%SiemensSeq%_ep2d_bold",
    "ReceiveCoilName": "HeadMatrix",
    "ReconMatrixPE": 64,
    "RepetitionTime": 2,
    "SAR": 0.134832,
    "ScanOptions": "FS",
    "ScanningSequence": "EP",
    "SequenceName": "_epfid2d1_64",
    "SequenceVariant": "SK",
    "SeriesDescription": "ge_func_pace_3x3x3.5_185",
    "SeriesNumber": 4,
    "ShimSetting": [
      -4492,
      -19426,
      -9774,
      1161,
      -100,
      -234,
      9,
      -151
    ],
    "SliceThickness": 3.5,
    "SliceTiming": [
      0,
      1.035,
      0.0625,
      1.095,
      0.1225,
      1.1575,
      0.1825,
      1.2175,
      0.245,
      1.2775,
      0.305,
      1.34,
      0.365,
      1.4,
      0.4275,
      1.46,
      0.4875,
      1.5225,
      0.5475,
      1.5825,
      0.61,
      1.6425,
      0.67,
      1.705,
      0.73,
      1.765,
      0.7925,
      1.825,
      0.8525,
      1.8875,
      0.9125,
      1.9475,
      0.975
    ],
    "SoftwareVersions": "syngo_MR_B17",
    "SpacingBetweenSlices": 4.2,
    "StationName": "MRC35193",
    "TotalReadoutTime": 0.0289803,
    "TxRefAmp": 329.259,
    "dataset": "ds003696",
    "modality": "bold",
    "run_id": 2,
    "session_id": "01",
    "subject_id": "115",
    "task_id": "affordance"
  },
  "dummy_trs": 1,
  "dvars_nstd": 19.43570264153007,
  "dvars_std": 1.1105690946994538,
  "dvars_vstd": 0.9985072204371584,
  "efc": 0.5256234230850796,
  "fber": 959.0445556640625,
  "fd_mean": 0.06361217185049578,
  "fd_num": 2,
  "fd_perc": 1.0869565217391304,
  "fwhm_avg": 1.9874309669076358,
  "fwhm_x": 1.9711616,
  "fwhm_y": 2.1926336,
  "fwhm_z": 1.7984977007229077,
  "gcor": 0.0361396,
  "gsr_x": -0.005618616938591003,
  "gsr_y": 0.02770247310400009,
  "provenance": {
    "md5sum": "7625b1077fbe8aea4f5ff7bf1c577b2d",
    "settings": {
      "fd_thres": 0.2,
      "testing": false
    },
    "software": "mriqc",
    "version": "23.0.1",
    "webapi_port": null,
    "webapi_url": "https://mriqc.nimh.nih.gov/api/v1"
  },
  "size_t": 184,
  "size_x": 64,
  "size_y": 64,
  "size_z": 33,
  "snr": 5.393129470803003,
  "spacing_tr": 2.0,
  "spacing_x": 3.125,
  "spacing_y": 3.125,
  "spacing_z": 4.199999809265137,
  "summary_bg_k": 68.44633457908974,
  "summary_bg_mad": 12.320101270304693,
  "summary_bg_mean": 51.00954055786133,
  "summary_bg_median": 28.26630401611328,
  "summary_bg_n": 81408.0,
  "summary_bg_p05": 18.853261947631836,
  "summary_bg_p95": 152.62119750976555,
  "summary_bg_stdv": 68.72334289550781,
  "summary_fg_k": 1.4092550831795396,
  "summary_fg_mad": 143.5304456813188,
  "summary_fg_mean": 898.1589965820312,
  "summary_fg_median": 890.3206787109375,
  "summary_fg_n": 23045.0,
  "summary_fg_p05": 635.2728271484375,
  "summary_fg_p95": 1168.9848144531247,
  "summary_fg_stdv": 165.08065795898438,
  "tsnr": 73.34500775672495
}