{
  "aor": 0.0004917486338797815,
  "aqi": 0.00464860043715847,
  "bids_meta": {
    "AcquisitionMatrixPE": 64,
    "AcquisitionNumber": 1,
    "AcquisitionTime": "14:58:44.320000",
    "BandwidthPerPixelPhaseEncode": 33.967,
    "BaseResolution": 64,
    "ConversionSoftware": "dcm2niix",
    "ConversionSoftwareVersion": "v1.0.20180622 GCC4.9.2",
    "DerivedVendorReportedEchoSpacing": 0.000460005,
    "DeviceSerialNumber": "35193",
    "DwellTime": 3.1e-06,
    "EchoTime": 0.03,
    "EffectiveEchoSpacing": 0.000460005,
    "FlipAngle": 90,
    "ImageOrientationPatientDICOM": [
      1,
      0,
      0,
      0,
      1,
      0
    ],
    "ImageType": [
      "ORIGINAL",
      "PRIMARY",
      "M",
      "ND",
      "MOSAIC"
    ],
    "InPlanePhaseEncodingDirectionDICOM": "COL",
    "InstitutionAddress": "Xinjiekouwai_Street_No_19_Beijing_Haidian_District_CN_100875",
    "InstitutionName": "Beijing_Normal_Universtiy_7C3C54",
    "InstitutionalDepartmentName": "Department",
    "MRAcquisitionType": "2D",
    "MagneticFieldStrength": 3,
    "Manufacturer": "Siemens",
    "ManufacturersModelName": "TrioTim",
    "Modality": "MR",
    "PartialFourier": 1,
    "PatientPosition": "HFS",
    "PercentPhaseFOV": 100,
    "PhaseEncodingDirection": "j-",
    "PhaseEncodingSteps": 64,
    "PhaseResolution": 1,
    "PixelBandwidth": 2520,
    "ProcedureStepDescription": "BNU_cst_2015_Liu.Jia",
    "ProtocolName": "ge_func_pace_3x3x3.5_185",
    "PulseSequenceDetails": "%SiemensSeq%_ep2d_bold",
    "ReceiveCoilName": "HeadMatrix",
    "ReconMatrixPE": 64,
    "RepetitionTime": 2,
    "SAR": 0.127229,
    "ScanOptions": "FS",
    "ScanningSequence": "EP",
    "SequenceName": "_epfid2d1_64",
    "SequenceVariant": "SK",
    "SeriesDescription": "ge_func_pace_3x3x3.5_185",
    "SeriesNumber": 2,
    "ShimSetting": [
      -4568,
      -19349,
      -9740,
      1321,
      -291,
      -235,
      147,
      0
    ],
    "SliceThickness": 3.5,
    "SliceTiming": [
      0,
      1.035,
      0.0625,
      1.095,
      0.1225,
      1.1575,
      0.1825,
      1.2175,
      0.245,
      1.2775,
      0.305,
      1.34,
      0.365,
      1.4,
      0.4275,
      1.46,
      0.4875,
      1.5225,
      0.5475,
      1.5825,
      0.61,
      1.6425,
      0.67,
      1.705,
      0.73,
      1.765,
      0.7925,
      1.825,
      0.8525,
      1.8875,
      0.9125,
      1.9475,
      0.975
    ],
    "SoftwareVersions": "syngo_MR_B17",
    "SpacingBetweenSlices": 4.2,
    "StationName": "MRC35193",
    "TotalReadoutTime": 0.0289803,
    "TxRefAmp": 311.937,
    "dataset": "ds003696",
    "modality": "bold",
    "run_id": 5,
    "session_id": "02",
    "subject_id": "121",
    "task_id": "affordance"
  },
  "dummy_trs": 2,
  "dvars_nstd": 26.366469027527483,
  "dvars_std": 1.3620500766483516,
  "dvars_vstd": 0.9955592467032973,
  "efc": 0.527467261599722,
  "fber": 1205.1463623046875,
  "fd_mean": 0.07407142713497447,
  "fd_num": 0,
  "fd_perc": 0.0,
  "fwhm_avg": 1.9999768276913732,
  "fwhm_x": 2.0115808,
  "fwhm_y": 2.1590496,
  "fwhm_z": 1.8293000830741193,
  "gcor": 0.0251425,
  "gsr_x": 0.0016633078921586275,
  "gsr_y": 0.026626937091350555,
  "provenance": {
    "md5sum": "02d1c53d176c887d2326872179815358",
    "settings": {
      "fd_thres": 0.2,
      "testing": false
    },
    "software": "mriqc",
    "version": "23.0.1",
    "webapi_port": null,
    "webapi_url": "https://mriqc.nimh.nih.gov/api/v1"
  },
  "size_t": 183,
  "size_x": 64,
  "size_y": 64,
  "size_z": 33,
  "snr": 5.419096666102311,
  "spacing_tr": 2.0,
  "spacing_x": 3.125,
  "spacing_y": 3.125,
  "spacing_z": 4.199999809265137,
  "summary_bg_k": 43.55573728332109,
  "summary_bg_mad": 11.698785383164916,
  "summary_bg_mean": 53.25589370727539,
  "summary_bg_median": 28.2568302154541,
  "summary_bg_n": 79554.0,
  "summary_bg_p05": 19.43169403076172,
  "summary_bg_p95": 162.22103042602507,
  "summary_bg_stdv": 79.03511047363281,
  "summary_fg_k": 1.6733187714412985,
  "summary_fg_mad": 161.7049010872832,
  "summary_fg_mean": 1015.605712890625,
  "summary_fg_median": 999.931640625,
  "summary_fg_n": 25006.0,
  "summary_fg_p05": 750.0764770507812,
  "summary_fg_p95": 1343.3182983398438,
  "summary_fg_stdv": 184.51629638671875,
  "tsnr": 80.88128002360463
}