{
  "aor": 0.0005322826086956522,
  "aqi": 0.0037884953260869567,
  "bids_meta": {
    "AcquisitionMatrixPE": 64,
    "AcquisitionNumber": 1,
    "AcquisitionTime": "15:13:14.867500",
    "BandwidthPerPixelPhaseEncode": 33.967,
    "BaseResolution": 64,
    "ConversionSoftware": "dcm2niix",
    "ConversionSoftwareVersion": "v1.0.20180622 GCC4.9.2",
    "DerivedVendorReportedEchoSpacing": 0.000460005,
    "DeviceSerialNumber": "35193",
    "DwellTime": 3.1e-06,
    "EchoTime": 0.03,
    "EffectiveEchoSpacing": 0.000460005,
    "FlipAngle": 90,
    "ImageOrientationPatientDICOM": [
      1,
      0,
      0,
      0,
      1,
      0
    ],
    "ImageType": [
      "ORIGINAL",
      "PRIMARY",
      "M",
      "ND",
      "MOSAIC"
    ],
    "InPlanePhaseEncodingDirectionDICOM": "COL",
    "InstitutionAddress": "Xinjiekouwai_Street_No_19_Beijing_Haidian_District_CN_100875",
    "InstitutionName": "Beijing_Normal_Universtiy_7C3C54",
    "InstitutionalDepartmentName": "Department",
    "MRAcquisitionType": "2D",
    "MagneticFieldStrength": 3,
    "Manufacturer": "Siemens",
    "ManufacturersModelName": "TrioTim",
    "Modality": "MR",
    "PartialFourier": 1,
    "PatientPosition": "HFS",
    "PercentPhaseFOV": 100,
    "PhaseEncodingDirection": "j-",
    "PhaseEncodingSteps": 64,
    "PhaseResolution": 1,
    "PixelBandwidth": 2520,
    "ProcedureStepDescription": "BNU_cst_2015_Liu.Jia",
    "ProtocolName": "ge_func_pace_3x3x3.5_185",
    "PulseSequenceDetails": "%SiemensSeq%_ep2d_bold",
    "ReceiveCoilName": "HeadMatrix",
    "ReconMatrixPE": 64,
    "RepetitionTime": 2,
    "SAR": 0.127229,
    "ScanOptions": "FS",
    "ScanningSequence": "EP",
    "SequenceName": "_epfid2d1_64",
    "SequenceVariant": "SK",
    "SeriesDescription": "ge_func_pace_3x3x3.5_185",
    "SeriesNumber": 6,
    "ShimSetting": [
      -4568,
      -19349,
      -9740,
      1321,
      -291,
      -235,
      147,
      0
    ],
    "SliceThickness": 3.5,
    "SliceTiming": [
      0,
      1.0325,
      0.06,
      1.095,
      0.12,
      1.155,
      0.1825,
      1.215,
      0.2425,
      1.2775,
      0.3025,
      1.3375,
      0.365,
      1.3975,
      0.425,
      1.46,
      0.485,
      1.52,
      0.5475,
      1.58,
      0.6075,
      1.6425,
      0.6675,
      1.7025,
      0.73,
      1.7625,
      0.79,
      1.825,
      0.85,
      1.885,
      0.9125,
      1.945,
      0.9725
    ],
    "SoftwareVersions": "syngo_MR_B17",
    "SpacingBetweenSlices": 4.2,
    "StationName": "MRC35193",
    "TotalReadoutTime": 0.0289803,
    "TxRefAmp": 311.937,
    "dataset": "ds003696",
    "modality": "bold",
    "run_id": 7,
    "session_id": "02",
    "subject_id": "121",
    "task_id": "affordance"
  },
  "dummy_trs": 1,
  "dvars_nstd": 25.93250531060109,
  "dvars_std": 1.3756811172131147,
  "dvars_vstd": 0.996988058251366,
  "efc": 0.5281629447266495,
  "fber": 1189.19873046875,
  "fd_mean": 0.06726567903248891,
  "fd_num": 0,
  "fd_perc": 0.0,
  "fwhm_avg": 2.007721773728345,
  "fwhm_x": 2.0285664,
  "fwhm_y": 2.1649536,
  "fwhm_z": 1.8296453211850359,
  "gcor": 0.0214371,
  "gsr_x": 0.0030181221663951874,
  "gsr_y": 0.025130199268460274,
  "provenance": {
    "md5sum": "a90849bb834d8e3982e4fc15dd9c730c",
    "settings": {
      "fd_thres": 0.2,
      "testing": false
    },
    "software": "mriqc",
    "version": "23.0.1",
    "webapi_port": null,
    "webapi_url": "https://mriqc.nimh.nih.gov/api/v1"
  },
  "size_t": 184,
  "size_x": 64,
  "size_y": 64,
  "size_z": 33,
  "snr": 5.395843949184812,
  "spacing_tr": 2.0,
  "spacing_x": 3.125,
  "spacing_y": 3.125,
  "spacing_z": 4.199999809265137,
  "summary_bg_k": 40.10908624754655,
  "summary_bg_mad": 11.840673634688178,
  "summary_bg_mean": 54.580177307128906,
  "summary_bg_median": 28.60869598388672,
  "summary_bg_n": 79616.0,
  "summary_bg_p05": 19.755435943603516,
  "summary_bg_p95": 168.40353393554688,
  "summary_bg_stdv": 81.83683013916016,
  "summary_fg_k": 1.5866491030567165,
  "summary_fg_mad": 164.51247044954852,
  "summary_fg_mean": 1023.7725219726562,
  "summary_fg_median": 1007.5326538085938,
  "summary_fg_n": 24975.0,
  "summary_fg_p05": 754.7380493164062,
  "summary_fg_p95": 1356.289111328125,
  "summary_fg_stdv": 186.7200927734375,
  "tsnr": 89.3097386918962
}