{
  "aor": 0.0007705405405405406,
  "aqi": 0.0038884104324324324,
  "bids_meta": {
    "AcquisitionMatrixPE": 64,
    "AcquisitionNumber": 1,
    "AcquisitionTime": "15:05:58.615000",
    "BandwidthPerPixelPhaseEncode": 33.967,
    "BaseResolution": 64,
    "ConversionSoftware": "dcm2niix",
    "ConversionSoftwareVersion": "v1.0.20180622 GCC4.9.2",
    "DerivedVendorReportedEchoSpacing": 0.000460005,
    "DeviceSerialNumber": "35193",
    "DwellTime": 3.1e-06,
    "EchoTime": 0.03,
    "EffectiveEchoSpacing": 0.000460005,
    "FlipAngle": 90,
    "ImageOrientationPatientDICOM": [
      1,
      0,
      0,
      0,
      1,
      0
    ],
    "ImageType": [
      "ORIGINAL",
      "PRIMARY",
      "M",
      "ND",
      "MOSAIC"
    ],
    "InPlanePhaseEncodingDirectionDICOM": "COL",
    "InstitutionAddress": "Xinjiekouwai_Street_No_19_Beijing_Haidian_District_CN_100875",
    "InstitutionName": "Beijing_Normal_Universtiy_7C3C54",
    "InstitutionalDepartmentName": "Department",
    "MRAcquisitionType": "2D",
    "MagneticFieldStrength": 3,
    "Manufacturer": "Siemens",
    "ManufacturersModelName": "TrioTim",
    "Modality": "MR",
    "PartialFourier": 1,
    "PatientPosition": "HFS",
    "PercentPhaseFOV": 100,
    "PhaseEncodingDirection": "j-",
    "PhaseEncodingSteps": 64,
    "PhaseResolution": 1,
    "PixelBandwidth": 2520,
    "ProcedureStepDescription": "BNU_cst_2015_Liu.Jia",
    "ProtocolName": "ge_func_pace_3x3x3.5_185",
    "PulseSequenceDetails": "%SiemensSeq%_ep2d_bold",
    "ReceiveCoilName": "HeadMatrix",
    "ReconMatrixPE": 64,
    "RepetitionTime": 2,
    "SAR": 0.127229,
    "ScanOptions": "FS",
    "ScanningSequence": "EP",
    "SequenceName": "_epfid2d1_64",
    "SequenceVariant": "SK",
    "SeriesDescription": "ge_func_pace_3x3x3.5_185",
    "SeriesNumber": 4,
    "ShimSetting": [
      -4568,
      -19349,
      -9740,
      1321,
      -291,
      -235,
      147,
      0
    ],
    "SliceThickness": 3.5,
    "SliceTiming": [
      0,
      1.035,
      0.06,
      1.095,
      0.1225,
      1.155,
      0.1825,
      1.2175,
      0.2425,
      1.2775,
      0.305,
      1.3375,
      0.365,
      1.4,
      0.425,
      1.46,
      0.4875,
      1.52,
      0.5475,
      1.5825,
      0.6075,
      1.6425,
      0.67,
      1.7025,
      0.73,
      1.765,
      0.79,
      1.825,
      0.8525,
      1.885,
      0.9125,
      1.9475,
      0.9725
    ],
    "SoftwareVersions": "syngo_MR_B17",
    "SpacingBetweenSlices": 4.2,
    "StationName": "MRC35193",
    "TotalReadoutTime": 0.0289803,
    "TxRefAmp": 311.937,
    "dataset": "ds003696",
    "modality": "bold",
    "run_id": 6,
    "session_id": "02",
    "subject_id": "121",
    "task_id": "affordance"
  },
  "dummy_trs": 0,
  "dvars_nstd": 25.40463372967392,
  "dvars_std": 1.3535113287500005,
  "dvars_vstd": 1.001279147173913,
  "efc": 0.5276848417390398,
  "fber": 1193.809814453125,
  "fd_mean": 0.06398694211140413,
  "fd_num": 0,
  "fd_perc": 0.0,
  "fwhm_avg": 1.996533481543896,
  "fwhm_x": 2.0123936000000002,
  "fwhm_y": 2.155552,
  "fwhm_z": 1.8216548446316876,
  "gcor": 0.0271834,
  "gsr_x": 0.002471317769959569,
  "gsr_y": 0.0251434575766325,
  "provenance": {
    "md5sum": "5e1f43dd451e02fb3cfe338607496a72",
    "settings": {
      "fd_thres": 0.2,
      "testing": false
    },
    "software": "mriqc",
    "version": "23.0.1",
    "webapi_port": null,
    "webapi_url": "https://mriqc.nimh.nih.gov/api/v1"
  },
  "size_t": 185,
  "size_x": 64,
  "size_y": 64,
  "size_z": 33,
  "snr": 5.407950655216516,
  "spacing_tr": 2.0,
  "spacing_x": 3.125,
  "spacing_y": 3.125,
  "spacing_z": 4.199999809265137,
  "summary_bg_k": 40.721290358697026,
  "summary_bg_mad": 11.732592202169423,
  "summary_bg_mean": 54.06819152832031,
  "summary_bg_median": 28.486486434936523,
  "summary_bg_n": 79612.0,
  "summary_bg_p05": 19.7297306060791,
  "summary_bg_p95": 165.51513671874977,
  "summary_bg_stdv": 80.91830444335938,
  "summary_fg_k": 1.5873047261813973,
  "summary_fg_mad": 163.206415895124,
  "summary_fg_mean": 1021.6520385742188,
  "summary_fg_median": 1005.1027221679688,
  "summary_fg_n": 24973.0,
  "summary_fg_p05": 754.3794921875,
  "summary_fg_p95": 1352.1124999999997,
  "summary_fg_stdv": 185.85276794433594,
  "tsnr": 85.9852943290025
}