{
  "aor": 0.0004133152173913044,
  "aqi": 0.003311460108695652,
  "bids_meta": {
    "AcquisitionMatrixPE": 64,
    "AcquisitionNumber": 1,
    "AcquisitionTime": "09:40:26.115000",
    "BandwidthPerPixelPhaseEncode": 33.967,
    "BaseResolution": 64,
    "ConversionSoftware": "dcm2niix",
    "ConversionSoftwareVersion": "v1.0.20180622 GCC4.9.2",
    "DerivedVendorReportedEchoSpacing": 0.000460005,
    "DeviceSerialNumber": "35193",
    "DwellTime": 3.1e-06,
    "EchoTime": 0.03,
    "EffectiveEchoSpacing": 0.000460005,
    "FlipAngle": 90,
    "ImageOrientationPatientDICOM": [
      1,
      0,
      0,
      0,
      1,
      0
    ],
    "ImageType": [
      "ORIGINAL",
      "PRIMARY",
      "M",
      "ND",
      "MOSAIC"
    ],
    "InPlanePhaseEncodingDirectionDICOM": "COL",
    "InstitutionAddress": "Xinjiekouwai_Street_No_19_Beijing_Haidian_District_CN_100875",
    "InstitutionName": "BNU_MRI_Center",
    "InstitutionalDepartmentName": "Department",
    "MRAcquisitionType": "2D",
    "MagneticFieldStrength": 3,
    "Manufacturer": "Siemens",
    "ManufacturersModelName": "TrioTim",
    "Modality": "MR",
    "PartialFourier": 1,
    "PatientPosition": "HFS",
    "PercentPhaseFOV": 100,
    "PhaseEncodingDirection": "j-",
    "PhaseEncodingSteps": 64,
    "PhaseResolution": 1,
    "PixelBandwidth": 2520,
    "ProcedureStepDescription": "BNU_cst_2019_Xu.Shan",
    "ProtocolName": "ge_func_pace_3x3x3.5_185",
    "PulseSequenceDetails": "%SiemensSeq%_ep2d_bold",
    "ReceiveCoilName": "HeadMatrix",
    "ReconMatrixPE": 64,
    "RepetitionTime": 2,
    "SAR": 0.134422,
    "ScanOptions": "FS",
    "ScanningSequence": "EP",
    "SequenceName": "_epfid2d1_64",
    "SequenceVariant": "SK",
    "SeriesDescription": "ge_func_pace_3x3x3.5_185",
    "SeriesNumber": 10,
    "ShimSetting": [
      -4506,
      -19280,
      -9792,
      1229,
      -99,
      -64,
      -311,
      -168
    ],
    "SliceThickness": 3.5,
    "SliceTiming": [
      0,
      1.035,
      0.0625,
      1.095,
      0.1225,
      1.1575,
      0.1825,
      1.2175,
      0.245,
      1.2775,
      0.305,
      1.34,
      0.365,
      1.4,
      0.4275,
      1.46,
      0.4875,
      1.5225,
      0.5475,
      1.5825,
      0.61,
      1.6425,
      0.67,
      1.705,
      0.73,
      1.765,
      0.7925,
      1.825,
      0.8525,
      1.8875,
      0.9125,
      1.9475,
      0.975
    ],
    "SoftwareVersions": "syngo_MR_B17",
    "SpacingBetweenSlices": 4.2,
    "StationName": "MRC35193",
    "TotalReadoutTime": 0.0289803,
    "TxRefAmp": 328.173,
    "dataset": "ds003696",
    "modality": "bold",
    "run_id": 6,
    "session_id": "02",
    "subject_id": "124",
    "task_id": "affordance"
  },
  "dummy_trs": 1,
  "dvars_nstd": 20.786388199234974,
  "dvars_std": 1.139523958579235,
  "dvars_vstd": 0.9934335313114752,
  "efc": 0.5498905502741939,
  "fber": 888.2478637695312,
  "fd_mean": 0.07241838411397257,
  "fd_num": 0,
  "fd_perc": 0.0,
  "fwhm_avg": 2.119725997892985,
  "fwhm_x": 2.0934336,
  "fwhm_y": 2.3077824000000002,
  "fwhm_z": 1.9579619936789556,
  "gcor": 0.0285815,
  "gsr_x": -0.005910729058086872,
  "gsr_y": 0.04031391814351082,
  "provenance": {
    "md5sum": "4e76c69167a7343daf707aa7c0d7a5fe",
    "settings": {
      "fd_thres": 0.2,
      "testing": false
    },
    "software": "mriqc",
    "version": "23.0.1",
    "webapi_port": null,
    "webapi_url": "https://mriqc.nimh.nih.gov/api/v1"
  },
  "size_t": 184,
  "size_x": 64,
  "size_y": 64,
  "size_z": 33,
  "snr": 5.363597486180967,
  "spacing_tr": 2.0,
  "spacing_x": 3.125,
  "spacing_y": 3.125,
  "spacing_z": 4.199999809265137,
  "summary_bg_k": 43.759166561978205,
  "summary_bg_mad": 13.947743367249537,
  "summary_bg_mean": 51.6156120300293,
  "summary_bg_median": 28.461957931518555,
  "summary_bg_n": 76511.0,
  "summary_bg_p05": 18.244565963745117,
  "summary_bg_p95": 157.97554779052734,
  "summary_bg_stdv": 68.21170043945312,
  "summary_fg_k": 1.1692789561851074,
  "summary_fg_mad": 139.25176643952193,
  "summary_fg_mean": 882.5396118164062,
  "summary_fg_median": 875.7011108398438,
  "summary_fg_n": 26568.0,
  "summary_fg_p05": 612.5690490722657,
  "summary_fg_p95": 1159.591632080078,
  "summary_fg_stdv": 163.26441955566406,
  "tsnr": 80.21831576130353
}