{
  "aor": 0.0004490760869565218,
  "aqi": 0.005175408695652174,
  "bids_meta": {
    "AcquisitionMatrixPE": 64,
    "AcquisitionNumber": 1,
    "AcquisitionTime": "16:01:58.325000",
    "BandwidthPerPixelPhaseEncode": 33.967,
    "BaseResolution": 64,
    "ConversionSoftware": "dcm2niix",
    "ConversionSoftwareVersion": "v1.0.20180622 GCC4.9.2",
    "DerivedVendorReportedEchoSpacing": 0.000460005,
    "DeviceSerialNumber": "35193",
    "DwellTime": 3.1e-06,
    "EchoTime": 0.03,
    "EffectiveEchoSpacing": 0.000460005,
    "FlipAngle": 90,
    "ImageOrientationPatientDICOM": [
      0.999781,
      -1e-16,
      -0.0209424,
      1e-16,
      1,
      0
    ],
    "ImageType": [
      "ORIGINAL",
      "PRIMARY",
      "M",
      "ND",
      "MOSAIC"
    ],
    "InPlanePhaseEncodingDirectionDICOM": "COL",
    "InstitutionAddress": "Xinjiekouwai_Street_No_19_Beijing_Haidian_District_CN_100875",
    "InstitutionName": "Beijing_Normal_Universtiy_7C3C54",
    "InstitutionalDepartmentName": "Department",
    "MRAcquisitionType": "2D",
    "MagneticFieldStrength": 3,
    "Manufacturer": "Siemens",
    "ManufacturersModelName": "TrioTim",
    "Modality": "MR",
    "PartialFourier": 1,
    "PatientPosition": "HFS",
    "PercentPhaseFOV": 100,
    "PhaseEncodingDirection": "j-",
    "PhaseEncodingSteps": 64,
    "PhaseResolution": 1,
    "PixelBandwidth": 2520,
    "ProcedureStepDescription": "BNU_cst_2015_Liu.Jia",
    "ProtocolName": "ge_func_pace_3x3x3.5_185",
    "PulseSequenceDetails": "%SiemensSeq%_ep2d_bold",
    "ReceiveCoilName": "HeadMatrix",
    "ReconMatrixPE": 64,
    "RepetitionTime": 2,
    "SAR": 0.166335,
    "ScanOptions": "FS",
    "ScanningSequence": "EP",
    "SequenceName": "_epfid2d1_64",
    "SequenceVariant": "SK",
    "SeriesDescription": "ge_func_pace_3x3x3.5_185",
    "SeriesNumber": 4,
    "ShimSetting": [
      -4536,
      -19392,
      -9735,
      1193,
      -63,
      -245,
      226,
      -37
    ],
    "SliceThickness": 3.5,
    "SliceTiming": [
      0,
      1.0325,
      0.06,
      1.095,
      0.12,
      1.155,
      0.1825,
      1.215,
      0.2425,
      1.2775,
      0.3025,
      1.3375,
      0.365,
      1.3975,
      0.425,
      1.46,
      0.485,
      1.52,
      0.5475,
      1.58,
      0.6075,
      1.6425,
      0.6675,
      1.7025,
      0.73,
      1.7625,
      0.79,
      1.825,
      0.85,
      1.885,
      0.9125,
      1.945,
      0.9725
    ],
    "SoftwareVersions": "syngo_MR_B17",
    "SpacingBetweenSlices": 4.2,
    "StationName": "MRC35193",
    "TotalReadoutTime": 0.0289803,
    "TxRefAmp": 321.386,
    "dataset": "ds003696",
    "modality": "bold",
    "run_id": 7,
    "session_id": "02",
    "subject_id": "122",
    "task_id": "affordance"
  },
  "dummy_trs": 1,
  "dvars_nstd": 21.048567746065576,
  "dvars_std": 1.1454296594535516,
  "dvars_vstd": 0.9807356686885246,
  "efc": 0.5154019341945557,
  "fber": 1070.9244384765625,
  "fd_mean": 0.07431436856492828,
  "fd_num": 0,
  "fd_perc": 0.0,
  "fwhm_avg": 1.8925886962396359,
  "fwhm_x": 1.812192,
  "fwhm_y": 2.0921504,
  "fwhm_z": 1.7734236887189079,
  "gcor": 0.0303731,
  "gsr_x": -0.006676031742244959,
  "gsr_y": 0.02209588512778282,
  "provenance": {
    "md5sum": "00ab0bc49fa82f1038a9f9361c5ae1d5",
    "settings": {
      "fd_thres": 0.2,
      "testing": false
    },
    "software": "mriqc",
    "version": "23.0.1",
    "webapi_port": null,
    "webapi_url": "https://mriqc.nimh.nih.gov/api/v1"
  },
  "size_t": 184,
  "size_x": 64,
  "size_y": 64,
  "size_z": 33,
  "snr": 6.198809616083912,
  "spacing_tr": 2.0,
  "spacing_x": 3.125,
  "spacing_y": 3.125,
  "spacing_z": 4.200000286102295,
  "summary_bg_k": 46.18815731991668,
  "summary_bg_mad": 11.006711300698434,
  "summary_bg_mean": 51.15654373168945,
  "summary_bg_median": 27.217391967773438,
  "summary_bg_n": 83133.0,
  "summary_bg_p05": 18.978261947631836,
  "summary_bg_p95": 154.74348144531243,
  "summary_bg_stdv": 73.32791900634766,
  "summary_fg_k": 1.5896954372599428,
  "summary_fg_mad": 125.29608532731666,
  "summary_fg_mean": 914.8930053710938,
  "summary_fg_median": 906.9130859375,
  "summary_fg_n": 21913.0,
  "summary_fg_p05": 696.228271484375,
  "summary_fg_p95": 1167.4859130859375,
  "summary_fg_stdv": 146.30105590820312,
  "tsnr": 76.0335483471863
}