{
  "aor": 0.003920510204081632,
  "aqi": 0.010287761734693878,
  "bids_meta": {
    "AcquisitionMatrixPE": 64,
    "AcquisitionNumber": 1,
    "AcquisitionTime": "13:38:55.572500",
    "BandwidthPerPixelPhaseEncode": 33.967,
    "BaseResolution": 64,
    "ConversionSoftware": "dcm2niix",
    "ConversionSoftwareVersion": "v1.0.20180622 GCC4.9.2",
    "DerivedVendorReportedEchoSpacing": 0.000460005,
    "DeviceSerialNumber": "35193",
    "DwellTime": 3.1e-06,
    "EchoTime": 0.03,
    "EffectiveEchoSpacing": 0.000460005,
    "FlipAngle": 90,
    "ImageOrientationPatientDICOM": [
      1,
      0,
      0,
      0,
      1,
      0
    ],
    "ImageType": [
      "ORIGINAL",
      "PRIMARY",
      "M",
      "ND",
      "MOSAIC"
    ],
    "InPlanePhaseEncodingDirectionDICOM": "COL",
    "InstitutionAddress": "Xinjiekouwai_Street_No_19_Beijing_Haidian_District_CN_100875",
    "InstitutionName": "BNU_MRI_Center",
    "InstitutionalDepartmentName": "Department",
    "MRAcquisitionType": "2D",
    "MagneticFieldStrength": 3,
    "Manufacturer": "Siemens",
    "ManufacturersModelName": "TrioTim",
    "Modality": "MR",
    "PartialFourier": 1,
    "PatientPosition": "HFS",
    "PercentPhaseFOV": 100,
    "PhaseEncodingDirection": "j-",
    "PhaseEncodingSteps": 64,
    "PhaseResolution": 1,
    "PixelBandwidth": 2520,
    "ProcedureStepDescription": "BNU_cst_2015_Liu.Jia",
    "ProtocolName": "ge_func_pace_3x3x3.5_99",
    "PulseSequenceDetails": "%SiemensSeq%_ep2d_bold",
    "ReceiveCoilName": "HeadMatrix",
    "ReconMatrixPE": 64,
    "RepetitionTime": 2,
    "SAR": 0.114541,
    "ScanOptions": "FS",
    "ScanningSequence": "EP",
    "SequenceName": "_epfid2d1_64",
    "SequenceVariant": "SK",
    "SeriesDescription": "ge_func_pace_3x3x3.5_99",
    "SeriesNumber": 16,
    "ShimSetting": [
      -4518,
      -19306,
      -9807,
      994,
      -16,
      -97,
      15,
      -40
    ],
    "SliceThickness": 3.5,
    "SliceTiming": [
      0,
      1.035,
      0.06,
      1.095,
      0.1225,
      1.155,
      0.1825,
      1.2175,
      0.2425,
      1.2775,
      0.305,
      1.3375,
      0.365,
      1.4,
      0.425,
      1.46,
      0.4875,
      1.52,
      0.5475,
      1.5825,
      0.6075,
      1.6425,
      0.67,
      1.7025,
      0.73,
      1.765,
      0.79,
      1.825,
      0.8525,
      1.885,
      0.9125,
      1.9475,
      0.9725
    ],
    "SoftwareVersions": "syngo_MR_B17",
    "SpacingBetweenSlices": 4.2,
    "StationName": "MRC35193",
    "TotalReadoutTime": 0.0289803,
    "TxRefAmp": 328.781,
    "dataset": "ds003696",
    "modality": "bold",
    "run_id": 2,
    "session_id": "01",
    "subject_id": "105",
    "task_id": "localizer"
  },
  "dummy_trs": 1,
  "dvars_nstd": 27.612936767525778,
  "dvars_std": 1.184723870618557,
  "dvars_vstd": 0.9970216515463913,
  "efc": 0.5618248012430676,
  "fber": 733.258056640625,
  "fd_mean": 0.1688601569513672,
  "fd_num": 16,
  "fd_perc": 16.3265306122449,
  "fwhm_avg": 1.9599807565516862,
  "fwhm_x": 1.956832,
  "fwhm_y": 2.179584,
  "fwhm_z": 1.7435262696550582,
  "gcor": 0.0215822,
  "gsr_x": 0.015608314424753189,
  "gsr_y": 0.038530319929122925,
  "provenance": {
    "md5sum": "cc1f216f16717dc94eb1ca0220f8f9fd",
    "settings": {
      "fd_thres": 0.2,
      "testing": false
    },
    "software": "mriqc",
    "version": "23.0.1",
    "webapi_port": null,
    "webapi_url": "https://mriqc.nimh.nih.gov/api/v1"
  },
  "size_t": 98,
  "size_x": 64,
  "size_y": 64,
  "size_z": 33,
  "snr": 5.757438217378647,
  "spacing_tr": 2.0,
  "spacing_x": 3.125,
  "spacing_y": 3.125,
  "spacing_z": 4.199999809265137,
  "summary_bg_k": 24.760672346726505,
  "summary_bg_mad": 17.776100509574114,
  "summary_bg_mean": 70.50365447998047,
  "summary_bg_median": 33.21428680419922,
  "summary_bg_n": 78738.0,
  "summary_bg_p05": 19.193876266479492,
  "summary_bg_p95": 264.7449035644531,
  "summary_bg_stdv": 103.01734924316406,
  "summary_fg_k": 1.4341514157868795,
  "summary_fg_mad": 142.50378165116408,
  "summary_fg_mean": 916.906494140625,
  "summary_fg_median": 911.19384765625,
  "summary_fg_n": 25536.0,
  "summary_fg_p05": 670.9642639160156,
  "summary_fg_p95": 1177.1555480957031,
  "summary_fg_stdv": 158.2606658935547,
  "tsnr": 51.67046991060488
}