{
  "aor": 0.0026393877551020408,
  "aqi": 0.012717311326530614,
  "bids_meta": {
    "AcquisitionMatrixPE": 64,
    "AcquisitionNumber": 1,
    "AcquisitionTime": "13:43:6.805000",
    "BandwidthPerPixelPhaseEncode": 33.967,
    "BaseResolution": 64,
    "ConversionSoftware": "dcm2niix",
    "ConversionSoftwareVersion": "v1.0.20180622 GCC4.9.2",
    "DerivedVendorReportedEchoSpacing": 0.000460005,
    "DeviceSerialNumber": "35193",
    "DwellTime": 3.1e-06,
    "EchoTime": 0.03,
    "EffectiveEchoSpacing": 0.000460005,
    "FlipAngle": 90,
    "ImageOrientationPatientDICOM": [
      1,
      0,
      0,
      0,
      1,
      0
    ],
    "ImageType": [
      "ORIGINAL",
      "PRIMARY",
      "M",
      "ND",
      "MOSAIC"
    ],
    "InPlanePhaseEncodingDirectionDICOM": "COL",
    "InstitutionAddress": "Xinjiekouwai_Street_No_19_Beijing_Haidian_District_CN_100875",
    "InstitutionName": "BNU_MRI_Center",
    "InstitutionalDepartmentName": "Department",
    "MRAcquisitionType": "2D",
    "MagneticFieldStrength": 3,
    "Manufacturer": "Siemens",
    "ManufacturersModelName": "TrioTim",
    "Modality": "MR",
    "PartialFourier": 1,
    "PatientPosition": "HFS",
    "PercentPhaseFOV": 100,
    "PhaseEncodingDirection": "j-",
    "PhaseEncodingSteps": 64,
    "PhaseResolution": 1,
    "PixelBandwidth": 2520,
    "ProcedureStepDescription": "BNU_cst_2015_Liu.Jia",
    "ProtocolName": "ge_func_pace_3x3x3.5_99",
    "PulseSequenceDetails": "%SiemensSeq%_ep2d_bold",
    "ReceiveCoilName": "HeadMatrix",
    "ReconMatrixPE": 64,
    "RepetitionTime": 2,
    "SAR": 0.114541,
    "ScanOptions": "FS",
    "ScanningSequence": "EP",
    "SequenceName": "_epfid2d1_64",
    "SequenceVariant": "SK",
    "SeriesDescription": "ge_func_pace_3x3x3.5_99",
    "SeriesNumber": 18,
    "ShimSetting": [
      -4518,
      -19306,
      -9807,
      994,
      -16,
      -97,
      15,
      -40
    ],
    "SliceThickness": 3.5,
    "SliceTiming": [
      0,
      1.035,
      0.0625,
      1.095,
      0.1225,
      1.1575,
      0.1825,
      1.2175,
      0.245,
      1.2775,
      0.305,
      1.34,
      0.365,
      1.4,
      0.4275,
      1.46,
      0.4875,
      1.5225,
      0.5475,
      1.5825,
      0.61,
      1.6425,
      0.67,
      1.705,
      0.73,
      1.765,
      0.7925,
      1.825,
      0.8525,
      1.8875,
      0.9125,
      1.9475,
      0.975
    ],
    "SoftwareVersions": "syngo_MR_B17",
    "SpacingBetweenSlices": 4.2,
    "StationName": "MRC35193",
    "TotalReadoutTime": 0.0289803,
    "TxRefAmp": 328.781,
    "dataset": "ds003696",
    "modality": "bold",
    "run_id": 3,
    "session_id": "01",
    "subject_id": "105",
    "task_id": "localizer"
  },
  "dummy_trs": 1,
  "dvars_nstd": 25.845871443402068,
  "dvars_std": 1.1438432875257731,
  "dvars_vstd": 0.9569072648453607,
  "efc": 0.5623317950060865,
  "fber": 736.17529296875,
  "fd_mean": 0.1435527410388517,
  "fd_num": 16,
  "fd_perc": 16.3265306122449,
  "fwhm_avg": 1.9546477593232303,
  "fwhm_x": 1.95936,
  "fwhm_y": 2.1876832,
  "fwhm_z": 1.7169000779696908,
  "gcor": 0.00786146,
  "gsr_x": 0.01587504707276821,
  "gsr_y": 0.03922325745224953,
  "provenance": {
    "md5sum": "e165a63abe190c3b56869f3b94827976",
    "settings": {
      "fd_thres": 0.2,
      "testing": false
    },
    "software": "mriqc",
    "version": "23.0.1",
    "webapi_port": null,
    "webapi_url": "https://mriqc.nimh.nih.gov/api/v1"
  },
  "size_t": 98,
  "size_x": 64,
  "size_y": 64,
  "size_z": 33,
  "snr": 5.747201462525055,
  "spacing_tr": 2.0,
  "spacing_x": 3.125,
  "spacing_y": 3.125,
  "spacing_z": 4.199999809265137,
  "summary_bg_k": 24.677808657461473,
  "summary_bg_mad": 18.2904703416799,
  "summary_bg_mean": 70.7802734375,
  "summary_bg_median": 33.28571319580078,
  "summary_bg_n": 78621.0,
  "summary_bg_p05": 18.540815353393555,
  "summary_bg_p95": 264.9285583496094,
  "summary_bg_stdv": 103.2823257446289,
  "summary_fg_k": 1.3909751075412622,
  "summary_fg_mad": 142.2390506459005,
  "summary_fg_mean": 915.8267822265625,
  "summary_fg_median": 909.5255126953125,
  "summary_fg_n": 25654.0,
  "summary_fg_p05": 670.4209228515625,
  "summary_fg_p95": 1178.968322753906,
  "summary_fg_stdv": 158.25228881835938,
  "tsnr": 48.945974063593894
}