{
  "aor": 0.0018567567567567569,
  "aqi": 0.012284054972972974,
  "bids_meta": {
    "AcquisitionMatrixPE": 64,
    "AcquisitionNumber": 1,
    "AcquisitionTime": "12:59:19.242500",
    "BandwidthPerPixelPhaseEncode": 33.967,
    "BaseResolution": 64,
    "ConversionSoftware": "dcm2niix",
    "ConversionSoftwareVersion": "v1.0.20180622 GCC4.9.2",
    "DerivedVendorReportedEchoSpacing": 0.000460005,
    "DeviceSerialNumber": "35193",
    "DwellTime": 3.1e-06,
    "EchoTime": 0.03,
    "EffectiveEchoSpacing": 0.000460005,
    "FlipAngle": 90,
    "ImageOrientationPatientDICOM": [
      1,
      0,
      0,
      0,
      1,
      0
    ],
    "ImageType": [
      "ORIGINAL",
      "PRIMARY",
      "M",
      "ND",
      "MOSAIC"
    ],
    "InPlanePhaseEncodingDirectionDICOM": "COL",
    "InstitutionAddress": "Xinjiekouwai_Street_No_19_Beijing_Haidian_District_CN_100875",
    "InstitutionName": "BNU_MRI_Center",
    "InstitutionalDepartmentName": "Department",
    "MRAcquisitionType": "2D",
    "MagneticFieldStrength": 3,
    "Manufacturer": "Siemens",
    "ManufacturersModelName": "TrioTim",
    "Modality": "MR",
    "PartialFourier": 1,
    "PatientPosition": "HFS",
    "PercentPhaseFOV": 100,
    "PhaseEncodingDirection": "j-",
    "PhaseEncodingSteps": 64,
    "PhaseResolution": 1,
    "PixelBandwidth": 2520,
    "ProcedureStepDescription": "BNU_cst_2015_Liu.Jia",
    "ProtocolName": "ge_func_pace_3x3x3.5_185",
    "PulseSequenceDetails": "%SiemensSeq%_ep2d_bold",
    "ReceiveCoilName": "HeadMatrix",
    "ReconMatrixPE": 64,
    "RepetitionTime": 2,
    "SAR": 0.114931,
    "ScanOptions": "FS",
    "ScanningSequence": "EP",
    "SequenceName": "_epfid2d1_64",
    "SequenceVariant": "SK",
    "SeriesDescription": "ge_func_pace_3x3x3.5_185",
    "SeriesNumber": 2,
    "ShimSetting": [
      -4518,
      -19306,
      -9807,
      994,
      -16,
      -97,
      15,
      -40
    ],
    "SliceThickness": 3.5,
    "SliceTiming": [
      0,
      1.035,
      0.06,
      1.095,
      0.1225,
      1.155,
      0.1825,
      1.2175,
      0.2425,
      1.2775,
      0.305,
      1.3375,
      0.365,
      1.4,
      0.425,
      1.46,
      0.4875,
      1.52,
      0.5475,
      1.5825,
      0.6075,
      1.6425,
      0.67,
      1.7025,
      0.73,
      1.765,
      0.79,
      1.825,
      0.8525,
      1.885,
      0.9125,
      1.9475,
      0.9725
    ],
    "SoftwareVersions": "syngo_MR_B17",
    "SpacingBetweenSlices": 4.2,
    "StationName": "MRC35193",
    "TotalReadoutTime": 0.0289803,
    "TxRefAmp": 328.781,
    "dataset": "ds003696",
    "modality": "bold",
    "run_id": 4,
    "session_id": "01",
    "subject_id": "105",
    "task_id": "affordance"
  },
  "dummy_trs": 0,
  "dvars_nstd": 25.710114313206528,
  "dvars_std": 1.127037373315218,
  "dvars_vstd": 0.9602646314130432,
  "efc": 0.5611996026149012,
  "fber": 737.1351318359375,
  "fd_mean": 0.12147148791756897,
  "fd_num": 9,
  "fd_perc": 4.864864864864865,
  "fwhm_avg": 1.9780455824797,
  "fwhm_x": 1.9682464,
  "fwhm_y": 2.1872736,
  "fwhm_z": 1.7786167474391004,
  "gcor": 0.0124476,
  "gsr_x": 0.014009215869009495,
  "gsr_y": 0.038071926683187485,
  "provenance": {
    "md5sum": "9acdea3adb8f274b6c2a49d29328bc37",
    "settings": {
      "fd_thres": 0.2,
      "testing": false
    },
    "software": "mriqc",
    "version": "23.0.1",
    "webapi_port": null,
    "webapi_url": "https://mriqc.nimh.nih.gov/api/v1"
  },
  "size_t": 185,
  "size_x": 64,
  "size_y": 64,
  "size_z": 33,
  "snr": 5.72077963953433,
  "spacing_tr": 2.0,
  "spacing_x": 3.125,
  "spacing_y": 3.125,
  "spacing_z": 4.199999809265137,
  "summary_bg_k": 27.065885244029502,
  "summary_bg_mad": 17.286338535182864,
  "summary_bg_mean": 68.57894134521484,
  "summary_bg_median": 32.84864807128906,
  "summary_bg_n": 78395.0,
  "summary_bg_p05": 19.129730224609375,
  "summary_bg_p95": 253.4783813476565,
  "summary_bg_stdv": 100.84765625,
  "summary_fg_k": 1.2274204226165892,
  "summary_fg_mad": 144.52566413829663,
  "summary_fg_mean": 912.4927368164062,
  "summary_fg_median": 906.032470703125,
  "summary_fg_n": 25721.0,
  "summary_fg_p05": 666.113525390625,
  "summary_fg_p95": 1173.5242919921875,
  "summary_fg_stdv": 158.37261962890625,
  "tsnr": 49.27955828444101
}