{
  "aor": 0.0005084324324324325,
  "aqi": 0.0036870596756756755,
  "bids_meta": {
    "AcquisitionMatrixPE": 64,
    "AcquisitionNumber": 1,
    "AcquisitionTime": "10:00:0.740000",
    "BandwidthPerPixelPhaseEncode": 33.967,
    "BaseResolution": 64,
    "ConversionSoftware": "dcm2niix",
    "ConversionSoftwareVersion": "v1.0.20180622 GCC4.9.2",
    "DerivedVendorReportedEchoSpacing": 0.000460005,
    "DeviceSerialNumber": "35193",
    "DwellTime": 3.1e-06,
    "EchoTime": 0.03,
    "EffectiveEchoSpacing": 0.000460005,
    "FlipAngle": 90,
    "ImageOrientationPatientDICOM": [
      1,
      0,
      0,
      0,
      1,
      0
    ],
    "ImageType": [
      "ORIGINAL",
      "PRIMARY",
      "M",
      "ND",
      "MOSAIC"
    ],
    "InPlanePhaseEncodingDirectionDICOM": "COL",
    "InstitutionAddress": "Xinjiekouwai_Street_No_19_Beijing_Haidian_District_CN_100875",
    "InstitutionName": "BNU_MRI_Center",
    "InstitutionalDepartmentName": "Department",
    "MRAcquisitionType": "2D",
    "MagneticFieldStrength": 3,
    "Manufacturer": "Siemens",
    "ManufacturersModelName": "TrioTim",
    "Modality": "MR",
    "PartialFourier": 1,
    "PatientPosition": "HFS",
    "PercentPhaseFOV": 100,
    "PhaseEncodingDirection": "j-",
    "PhaseEncodingSteps": 64,
    "PhaseResolution": 1,
    "PixelBandwidth": 2520,
    "ProcedureStepDescription": "BNU_cst_2019_Xu.Shan",
    "ProtocolName": "ge_func_pace_3x3x3.5_185",
    "PulseSequenceDetails": "%SiemensSeq%_ep2d_bold",
    "ReceiveCoilName": "HeadMatrix",
    "ReconMatrixPE": 64,
    "RepetitionTime": 2,
    "SAR": 0.11712,
    "ScanOptions": "FS",
    "ScanningSequence": "EP",
    "SequenceName": "_epfid2d1_64",
    "SequenceVariant": "SK",
    "SeriesDescription": "ge_func_pace_3x3x3.5_185",
    "SeriesNumber": 8,
    "ShimSetting": [
      -4520,
      -19250,
      -9811,
      1152,
      -192,
      -135,
      -363,
      -152
    ],
    "SliceThickness": 3.5,
    "SliceTiming": [
      0,
      1.035,
      0.06,
      1.095,
      0.1225,
      1.155,
      0.1825,
      1.2175,
      0.2425,
      1.2775,
      0.305,
      1.3375,
      0.365,
      1.4,
      0.425,
      1.46,
      0.4875,
      1.52,
      0.5475,
      1.5825,
      0.6075,
      1.6425,
      0.67,
      1.7025,
      0.73,
      1.765,
      0.79,
      1.825,
      0.8525,
      1.885,
      0.9125,
      1.9475,
      0.9725
    ],
    "SoftwareVersions": "syngo_MR_B17",
    "SpacingBetweenSlices": 4.2,
    "StationName": "MRC35193",
    "TotalReadoutTime": 0.0289803,
    "TxRefAmp": 335.977,
    "dataset": "ds003696",
    "modality": "bold",
    "run_id": 1,
    "session_id": "01",
    "subject_id": "124",
    "task_id": "affordance"
  },
  "dummy_trs": 0,
  "dvars_nstd": 19.115038965163027,
  "dvars_std": 1.0892673247282618,
  "dvars_vstd": 0.9929361805434784,
  "efc": 0.5510000347407384,
  "fber": 849.7353515625,
  "fd_mean": 0.06048457285847233,
  "fd_num": 0,
  "fd_perc": 0.0,
  "fwhm_avg": 2.1653573383058826,
  "fwhm_x": 2.1222752,
  "fwhm_y": 2.3675872,
  "fwhm_z": 2.006209614917647,
  "gcor": 0.0357038,
  "gsr_x": -0.007128888741135597,
  "gsr_y": 0.04229192063212395,
  "provenance": {
    "md5sum": "f788561597a68bd68ec6c28ecf8ca89a",
    "settings": {
      "fd_thres": 0.2,
      "testing": false
    },
    "software": "mriqc",
    "version": "23.0.1",
    "webapi_port": null,
    "webapi_url": "https://mriqc.nimh.nih.gov/api/v1"
  },
  "size_t": 185,
  "size_x": 64,
  "size_y": 64,
  "size_z": 33,
  "snr": 5.212433170866181,
  "spacing_tr": 2.0,
  "spacing_x": 3.125,
  "spacing_y": 3.125,
  "spacing_z": 4.199999809265137,
  "summary_bg_k": 38.54593810770291,
  "summary_bg_mad": 15.383001899952257,
  "summary_bg_mean": 55.31117248535156,
  "summary_bg_median": 30.181081771850586,
  "summary_bg_n": 76568.0,
  "summary_bg_p05": 18.843244552612305,
  "summary_bg_p95": 173.87163009643538,
  "summary_bg_stdv": 73.51288604736328,
  "summary_fg_k": 1.0613792297379199,
  "summary_fg_mad": 149.3060699426243,
  "summary_fg_mean": 914.5079956054688,
  "summary_fg_median": 906.9783935546875,
  "summary_fg_n": 26536.0,
  "summary_fg_p05": 630.0608215332031,
  "summary_fg_p95": 1211.3392028808594,
  "summary_fg_stdv": 173.99960327148438,
  "tsnr": 75.88293875928503
}