{
  "aor": 0.0014309183673469384,
  "aqi": 0.003369622551020408,
  "bids_meta": {
    "AcquisitionMatrixPE": 64,
    "AcquisitionNumber": 1,
    "AcquisitionTime": "09:56:7.565000",
    "BandwidthPerPixelPhaseEncode": 33.967,
    "BaseResolution": 64,
    "ConversionSoftware": "dcm2niix",
    "ConversionSoftwareVersion": "v1.0.20180622 GCC4.9.2",
    "DerivedVendorReportedEchoSpacing": 0.000460005,
    "DeviceSerialNumber": "35193",
    "DwellTime": 3.1e-06,
    "EchoTime": 0.03,
    "EffectiveEchoSpacing": 0.000460005,
    "FlipAngle": 90,
    "ImageOrientationPatientDICOM": [
      1,
      0,
      0,
      0,
      1,
      0
    ],
    "ImageType": [
      "ORIGINAL",
      "PRIMARY",
      "M",
      "ND",
      "MOSAIC"
    ],
    "InPlanePhaseEncodingDirectionDICOM": "COL",
    "InstitutionAddress": "Xinjiekouwai_Street_No_19_Beijing_Haidian_District_CN_100875",
    "InstitutionName": "BNU_MRI_Center",
    "InstitutionalDepartmentName": "Department",
    "MRAcquisitionType": "2D",
    "MagneticFieldStrength": 3,
    "Manufacturer": "Siemens",
    "ManufacturersModelName": "TrioTim",
    "Modality": "MR",
    "PartialFourier": 1,
    "PatientPosition": "HFS",
    "PercentPhaseFOV": 100,
    "PhaseEncodingDirection": "j-",
    "PhaseEncodingSteps": 64,
    "PhaseResolution": 1,
    "PixelBandwidth": 2520,
    "ProcedureStepDescription": "BNU_cst_2019_Xu.Shan",
    "ProtocolName": "ge_func_pace_3x3x3.5_99",
    "PulseSequenceDetails": "%SiemensSeq%_ep2d_bold",
    "ReceiveCoilName": "HeadMatrix",
    "ReconMatrixPE": 64,
    "RepetitionTime": 2,
    "SAR": 0.133966,
    "ScanOptions": "FS",
    "ScanningSequence": "EP",
    "SequenceName": "_epfid2d1_64",
    "SequenceVariant": "SK",
    "SeriesDescription": "ge_func_pace_3x3x3.5_99",
    "SeriesNumber": 14,
    "ShimSetting": [
      -4506,
      -19280,
      -9792,
      1229,
      -99,
      -64,
      -311,
      -168
    ],
    "SliceThickness": 3.5,
    "SliceTiming": [
      0,
      1.035,
      0.06,
      1.095,
      0.1225,
      1.155,
      0.1825,
      1.2175,
      0.2425,
      1.2775,
      0.305,
      1.3375,
      0.365,
      1.4,
      0.425,
      1.46,
      0.4875,
      1.52,
      0.5475,
      1.5825,
      0.6075,
      1.6425,
      0.67,
      1.7025,
      0.73,
      1.765,
      0.79,
      1.825,
      0.8525,
      1.885,
      0.9125,
      1.9475,
      0.9725
    ],
    "SoftwareVersions": "syngo_MR_B17",
    "SpacingBetweenSlices": 4.2,
    "StationName": "MRC35193",
    "TotalReadoutTime": 0.0289803,
    "TxRefAmp": 328.173,
    "dataset": "ds003696",
    "modality": "bold",
    "run_id": 1,
    "session_id": "01",
    "subject_id": "124",
    "task_id": "localizer"
  },
  "dummy_trs": 1,
  "dvars_nstd": 18.030890238453605,
  "dvars_std": 1.0902963213402055,
  "dvars_vstd": 1.0231820844329893,
  "efc": 0.5509255032851106,
  "fber": 882.1774291992188,
  "fd_mean": 0.08682928864566505,
  "fd_num": 0,
  "fd_perc": 0.0,
  "fwhm_avg": 2.110788600915058,
  "fwhm_x": 2.0729024000000003,
  "fwhm_y": 2.3115776,
  "fwhm_z": 1.9478858027451744,
  "gcor": 0.00831463,
  "gsr_x": -0.006046441849321127,
  "gsr_y": 0.040730081498622894,
  "provenance": {
    "md5sum": "c4b26d6089b45a5f7f5179779bb4ea39",
    "settings": {
      "fd_thres": 0.2,
      "testing": false
    },
    "software": "mriqc",
    "version": "23.0.1",
    "webapi_port": null,
    "webapi_url": "https://mriqc.nimh.nih.gov/api/v1"
  },
  "size_t": 98,
  "size_x": 64,
  "size_y": 64,
  "size_z": 33,
  "snr": 5.405354302731235,
  "spacing_tr": 2.0,
  "spacing_x": 3.125,
  "spacing_y": 3.125,
  "spacing_z": 4.199999809265137,
  "summary_bg_k": 42.03048411453515,
  "summary_bg_mad": 14.440242690097197,
  "summary_bg_mean": 51.957069396972656,
  "summary_bg_median": 28.668367385864258,
  "summary_bg_n": 76486.0,
  "summary_bg_p05": 17.632652282714844,
  "summary_bg_p95": 160.41581344604492,
  "summary_bg_stdv": 68.11438751220703,
  "summary_fg_k": 1.1254973857622614,
  "summary_fg_mad": 138.09384541974666,
  "summary_fg_mean": 883.2271118164062,
  "summary_fg_median": 876.8673095703125,
  "summary_fg_n": 26703.0,
  "summary_fg_p05": 615.2152648925781,
  "summary_fg_p95": 1160.2418090820313,
  "summary_fg_stdv": 162.2189483642578,
  "tsnr": 79.85278109833598
}