{
  "aor": 0.0006422702702702703,
  "aqi": 0.0035411331351351345,
  "bids_meta": {
    "AcquisitionMatrixPE": 64,
    "AcquisitionNumber": 1,
    "AcquisitionTime": "09:31:8.982500",
    "BandwidthPerPixelPhaseEncode": 33.967,
    "BaseResolution": 64,
    "ConversionSoftware": "dcm2niix",
    "ConversionSoftwareVersion": "v1.0.20180622 GCC4.9.2",
    "DerivedVendorReportedEchoSpacing": 0.000460005,
    "DeviceSerialNumber": "35193",
    "DwellTime": 3.1e-06,
    "EchoTime": 0.03,
    "EffectiveEchoSpacing": 0.000460005,
    "FlipAngle": 90,
    "ImageOrientationPatientDICOM": [
      1,
      0,
      0,
      0,
      1,
      0
    ],
    "ImageType": [
      "ORIGINAL",
      "PRIMARY",
      "M",
      "ND",
      "MOSAIC"
    ],
    "InPlanePhaseEncodingDirectionDICOM": "COL",
    "InstitutionAddress": "Xinjiekouwai_Street_No_19_Beijing_Haidian_District_CN_100875",
    "InstitutionName": "BNU_MRI_Center",
    "InstitutionalDepartmentName": "Department",
    "MRAcquisitionType": "2D",
    "MagneticFieldStrength": 3,
    "Manufacturer": "Siemens",
    "ManufacturersModelName": "TrioTim",
    "Modality": "MR",
    "PartialFourier": 1,
    "PatientPosition": "HFS",
    "PercentPhaseFOV": 100,
    "PhaseEncodingDirection": "j-",
    "PhaseEncodingSteps": 64,
    "PhaseResolution": 1,
    "PixelBandwidth": 2520,
    "ProcedureStepDescription": "BNU_cst_2019_Xu.Shan",
    "ProtocolName": "ge_func_pace_3x3x3.5_185",
    "PulseSequenceDetails": "%SiemensSeq%_ep2d_bold",
    "ReceiveCoilName": "HeadMatrix",
    "ReconMatrixPE": 64,
    "RepetitionTime": 2,
    "SAR": 0.11712,
    "ScanOptions": "FS",
    "ScanningSequence": "EP",
    "SequenceName": "_epfid2d1_64",
    "SequenceVariant": "SK",
    "SeriesDescription": "ge_func_pace_3x3x3.5_185",
    "SeriesNumber": 2,
    "ShimSetting": [
      -4520,
      -19250,
      -9811,
      1152,
      -192,
      -135,
      -363,
      -152
    ],
    "SliceThickness": 3.5,
    "SliceTiming": [
      0,
      1.0325,
      0.06,
      1.095,
      0.12,
      1.155,
      0.1825,
      1.215,
      0.2425,
      1.2775,
      0.3025,
      1.3375,
      0.365,
      1.3975,
      0.425,
      1.46,
      0.485,
      1.52,
      0.5475,
      1.58,
      0.6075,
      1.6425,
      0.6675,
      1.7025,
      0.73,
      1.7625,
      0.79,
      1.825,
      0.85,
      1.885,
      0.9125,
      1.945,
      0.9725
    ],
    "SoftwareVersions": "syngo_MR_B17",
    "SpacingBetweenSlices": 4.2,
    "StationName": "MRC35193",
    "TotalReadoutTime": 0.0289803,
    "TxRefAmp": 335.977,
    "dataset": "ds003696",
    "modality": "bold",
    "run_id": 4,
    "session_id": "01",
    "subject_id": "124",
    "task_id": "affordance"
  },
  "dummy_trs": 0,
  "dvars_nstd": 20.217280341304345,
  "dvars_std": 1.135036208695652,
  "dvars_vstd": 0.9964153082608703,
  "efc": 0.5491271368274839,
  "fber": 888.8373413085938,
  "fd_mean": 0.05756669333571107,
  "fd_num": 0,
  "fd_perc": 0.0,
  "fwhm_avg": 2.1890581195384184,
  "fwhm_x": 2.1527488,
  "fwhm_y": 2.3897087999999997,
  "fwhm_z": 2.0247167586152557,
  "gcor": 0.040704,
  "gsr_x": -0.007595289032906294,
  "gsr_y": 0.04205503314733505,
  "provenance": {
    "md5sum": "3388f5906662dd15b849b4c7d40438f0",
    "settings": {
      "fd_thres": 0.2,
      "testing": false
    },
    "software": "mriqc",
    "version": "23.0.1",
    "webapi_port": null,
    "webapi_url": "https://mriqc.nimh.nih.gov/api/v1"
  },
  "size_t": 185,
  "size_x": 64,
  "size_y": 64,
  "size_z": 33,
  "snr": 5.209455029939629,
  "spacing_tr": 2.0,
  "spacing_x": 3.125,
  "spacing_y": 3.125,
  "spacing_z": 4.199999809265137,
  "summary_bg_k": 41.84617430154619,
  "summary_bg_mad": 14.713824832415051,
  "summary_bg_mean": 53.193241119384766,
  "summary_bg_median": 29.45405387878418,
  "summary_bg_n": 76560.0,
  "summary_bg_p05": 18.55135154724121,
  "summary_bg_p95": 163.60027618408205,
  "summary_bg_stdv": 69.92082977294922,
  "summary_fg_k": 1.043282847643975,
  "summary_fg_mad": 148.0358950134218,
  "summary_fg_mean": 908.9535522460938,
  "summary_fg_median": 902.654052734375,
  "summary_fg_n": 26543.0,
  "summary_fg_p05": 622.6940551757813,
  "summary_fg_p95": 1203.7508056640625,
  "summary_fg_stdv": 173.2689971923828,
  "tsnr": 74.77293451339938
}