{
  "aor": 0.00147875,
  "aqi": 0.003245525625,
  "bids_meta": {
    "AcquisitionMatrixPE": 64,
    "AcquisitionNumber": 1,
    "AcquisitionTime": "10:04:22.525000",
    "BandwidthPerPixelPhaseEncode": 33.967,
    "BaseResolution": 64,
    "ConversionSoftware": "dcm2niix",
    "ConversionSoftwareVersion": "v1.0.20180622 GCC4.9.2",
    "DerivedVendorReportedEchoSpacing": 0.000460005,
    "DeviceSerialNumber": "35193",
    "DwellTime": 3.1e-06,
    "EchoTime": 0.03,
    "EffectiveEchoSpacing": 0.000460005,
    "FlipAngle": 90,
    "ImageOrientationPatientDICOM": [
      1,
      0,
      0,
      0,
      1,
      0
    ],
    "ImageType": [
      "ORIGINAL",
      "PRIMARY",
      "M",
      "ND",
      "MOSAIC"
    ],
    "InPlanePhaseEncodingDirectionDICOM": "COL",
    "InstitutionAddress": "Xinjiekouwai_Street_No_19_Beijing_Haidian_District_CN_100875",
    "InstitutionName": "BNU_MRI_Center",
    "InstitutionalDepartmentName": "Department",
    "MRAcquisitionType": "2D",
    "MagneticFieldStrength": 3,
    "Manufacturer": "Siemens",
    "ManufacturersModelName": "TrioTim",
    "Modality": "MR",
    "PartialFourier": 1,
    "PatientPosition": "HFS",
    "PercentPhaseFOV": 100,
    "PhaseEncodingDirection": "j-",
    "PhaseEncodingSteps": 64,
    "PhaseResolution": 1,
    "PixelBandwidth": 2520,
    "ProcedureStepDescription": "BNU_cst_2019_Xu.Shan",
    "ProtocolName": "ge_func_pace_3x3x3.5_99",
    "PulseSequenceDetails": "%SiemensSeq%_ep2d_bold",
    "ReceiveCoilName": "HeadMatrix",
    "ReconMatrixPE": 64,
    "RepetitionTime": 2,
    "SAR": 0.133966,
    "ScanOptions": "FS",
    "ScanningSequence": "EP",
    "SequenceName": "_epfid2d1_64",
    "SequenceVariant": "SK",
    "SeriesDescription": "ge_func_pace_3x3x3.5_99",
    "SeriesNumber": 18,
    "ShimSetting": [
      -4506,
      -19280,
      -9792,
      1229,
      -99,
      -64,
      -311,
      -168
    ],
    "SliceThickness": 3.5,
    "SliceTiming": [
      0,
      1.035,
      0.06,
      1.095,
      0.1225,
      1.155,
      0.1825,
      1.2175,
      0.2425,
      1.2775,
      0.305,
      1.3375,
      0.365,
      1.4,
      0.425,
      1.46,
      0.4875,
      1.52,
      0.5475,
      1.5825,
      0.6075,
      1.6425,
      0.67,
      1.7025,
      0.73,
      1.765,
      0.79,
      1.825,
      0.8525,
      1.885,
      0.9125,
      1.9475,
      0.9725
    ],
    "SoftwareVersions": "syngo_MR_B17",
    "SpacingBetweenSlices": 4.2,
    "StationName": "MRC35193",
    "TotalReadoutTime": 0.0289803,
    "TxRefAmp": 328.173,
    "dataset": "ds003696",
    "modality": "bold",
    "run_id": 3,
    "session_id": "01",
    "subject_id": "124",
    "task_id": "localizer"
  },
  "dummy_trs": 3,
  "dvars_nstd": 18.881345608,
  "dvars_std": 1.0935770556842113,
  "dvars_vstd": 1.0037387737894734,
  "efc": 0.5516309665577992,
  "fber": 869.2620849609375,
  "fd_mean": 0.07619598616943807,
  "fd_num": 0,
  "fd_perc": 0.0,
  "fwhm_avg": 2.117460423192785,
  "fwhm_x": 2.0891264,
  "fwhm_y": 2.3117024,
  "fwhm_z": 1.9515524695783555,
  "gcor": 0.0151857,
  "gsr_x": -0.005361756309866905,
  "gsr_y": 0.03963379189372063,
  "provenance": {
    "md5sum": "3225ebd08c842c86ef53f56dd66167a3",
    "settings": {
      "fd_thres": 0.2,
      "testing": false
    },
    "software": "mriqc",
    "version": "23.0.1",
    "webapi_port": null,
    "webapi_url": "https://mriqc.nimh.nih.gov/api/v1"
  },
  "size_t": 96,
  "size_x": 64,
  "size_y": 64,
  "size_z": 33,
  "snr": 5.404386992939919,
  "spacing_tr": 2.0,
  "spacing_x": 3.125,
  "spacing_y": 3.125,
  "spacing_z": 4.199999809265137,
  "summary_bg_k": 41.32713330405682,
  "summary_bg_mad": 14.362708991773019,
  "summary_bg_mean": 52.263336181640625,
  "summary_bg_median": 28.77083396911621,
  "summary_bg_n": 76455.0,
  "summary_bg_p05": 18.03125,
  "summary_bg_p95": 161.6343750000001,
  "summary_bg_stdv": 67.96363067626953,
  "summary_fg_k": 1.1178186421223275,
  "summary_fg_mad": 137.3491509033165,
  "summary_fg_mean": 879.9060668945312,
  "summary_fg_median": 873.4375,
  "summary_fg_n": 26674.0,
  "summary_fg_p05": 613.8390960693359,
  "summary_fg_p95": 1155.6755737304686,
  "summary_fg_stdv": 161.6133575439453,
  "tsnr": 81.37541021732613
}