{
  "aor": 0.0015599453551912571,
  "aqi": 0.007128070327868852,
  "bids_meta": {
    "AcquisitionMatrixPE": 64,
    "AcquisitionNumber": 1,
    "AcquisitionTime": "14:39:47.357500",
    "BandwidthPerPixelPhaseEncode": 33.967,
    "BaseResolution": 64,
    "ConversionSoftware": "dcm2niix",
    "ConversionSoftwareVersion": "v1.0.20180622 GCC4.9.2",
    "DerivedVendorReportedEchoSpacing": 0.000460005,
    "DeviceSerialNumber": "35193",
    "DwellTime": 3.1e-06,
    "EchoTime": 0.03,
    "EffectiveEchoSpacing": 0.000460005,
    "FlipAngle": 90,
    "ImageOrientationPatientDICOM": [
      1,
      0,
      0,
      0,
      1,
      0
    ],
    "ImageType": [
      "ORIGINAL",
      "PRIMARY",
      "M",
      "ND",
      "MOSAIC"
    ],
    "InPlanePhaseEncodingDirectionDICOM": "COL",
    "InstitutionAddress": "Xinjiekouwai_Street_No_19_Beijing_Haidian_District_CN_100875",
    "InstitutionName": "BNU_MRI_Center",
    "InstitutionalDepartmentName": "Department",
    "MRAcquisitionType": "2D",
    "MagneticFieldStrength": 3,
    "Manufacturer": "Siemens",
    "ManufacturersModelName": "TrioTim",
    "Modality": "MR",
    "PartialFourier": 1,
    "PatientPosition": "HFS",
    "PercentPhaseFOV": 100,
    "PhaseEncodingDirection": "j-",
    "PhaseEncodingSteps": 64,
    "PhaseResolution": 1,
    "PixelBandwidth": 2520,
    "ProcedureStepDescription": "BNU_cst_2015_Liu.Jia",
    "ProtocolName": "ge_func_pace_3x3x3.5_185",
    "PulseSequenceDetails": "%SiemensSeq%_ep2d_bold",
    "ReceiveCoilName": "HeadMatrix",
    "ReconMatrixPE": 64,
    "RepetitionTime": 2,
    "SAR": 0.11773,
    "ScanOptions": "FS",
    "ScanningSequence": "EP",
    "SequenceName": "_epfid2d1_64",
    "SequenceVariant": "SK",
    "SeriesDescription": "ge_func_pace_3x3x3.5_185",
    "SeriesNumber": 2,
    "ShimSetting": [
      -4510,
      -19314,
      -9831,
      1007,
      -129,
      238,
      -16,
      -32
    ],
    "SliceThickness": 3.5,
    "SliceTiming": [
      0,
      1.0325,
      0.06,
      1.095,
      0.12,
      1.155,
      0.1825,
      1.215,
      0.2425,
      1.2775,
      0.3025,
      1.3375,
      0.365,
      1.3975,
      0.425,
      1.46,
      0.485,
      1.52,
      0.5475,
      1.58,
      0.6075,
      1.6425,
      0.6675,
      1.7025,
      0.73,
      1.7625,
      0.79,
      1.825,
      0.85,
      1.885,
      0.9125,
      1.945,
      0.9725
    ],
    "SoftwareVersions": "syngo_MR_B17",
    "SpacingBetweenSlices": 4.2,
    "StationName": "MRC35193",
    "TotalReadoutTime": 0.0289803,
    "TxRefAmp": 318.986,
    "dataset": "ds003696",
    "modality": "bold",
    "run_id": 5,
    "session_id": "02",
    "subject_id": "107",
    "task_id": "affordance"
  },
  "dummy_trs": 2,
  "dvars_nstd": 20.97088789686813,
  "dvars_std": 1.1958301078021984,
  "dvars_vstd": 0.9918390651098898,
  "efc": 0.5254846461891934,
  "fber": 1033.7435302734375,
  "fd_mean": 0.06512563816529675,
  "fd_num": 1,
  "fd_perc": 0.546448087431694,
  "fwhm_avg": 1.9536013912734405,
  "fwhm_x": 1.9733248,
  "fwhm_y": 2.1570912,
  "fwhm_z": 1.7303881738203217,
  "gcor": 0.0295069,
  "gsr_x": -0.0030491200741380453,
  "gsr_y": 0.02029632031917572,
  "provenance": {
    "md5sum": "f86f09a9c353cf7d3b78ebd2e1006bbb",
    "settings": {
      "fd_thres": 0.2,
      "testing": false
    },
    "software": "mriqc",
    "version": "23.0.1",
    "webapi_port": null,
    "webapi_url": "https://mriqc.nimh.nih.gov/api/v1"
  },
  "size_t": 183,
  "size_x": 64,
  "size_y": 64,
  "size_z": 33,
  "snr": 5.885595049549504,
  "spacing_tr": 2.0,
  "spacing_x": 3.125,
  "spacing_y": 3.125,
  "spacing_z": 4.199999809265137,
  "summary_bg_k": 36.89271234969389,
  "summary_bg_mad": 12.630476429943137,
  "summary_bg_mean": 52.08388900756836,
  "summary_bg_median": 28.267759323120117,
  "summary_bg_n": 81401.0,
  "summary_bg_p05": 18.622949600219727,
  "summary_bg_p95": 159.4644775390625,
  "summary_bg_stdv": 73.17515563964844,
  "summary_fg_k": 2.0340402732206595,
  "summary_fg_mad": 134.0256479138045,
  "summary_fg_mean": 939.547119140625,
  "summary_fg_median": 929.2759399414062,
  "summary_fg_n": 23132.0,
  "summary_fg_p05": 711.7281280517578,
  "summary_fg_p95": 1210.2048767089846,
  "summary_fg_stdv": 157.886474609375,
  "tsnr": 68.28895503096282
}