{
  "aor": 0.0003888648648648649,
  "aqi": 0.004966273675675676,
  "bids_meta": {
    "AcquisitionMatrixPE": 64,
    "AcquisitionNumber": 1,
    "AcquisitionTime": "11:20:47.072500",
    "BandwidthPerPixelPhaseEncode": 33.967,
    "BaseResolution": 64,
    "ConversionSoftware": "dcm2niix",
    "ConversionSoftwareVersion": "v1.0.20180622 GCC4.9.2",
    "DerivedVendorReportedEchoSpacing": 0.000460005,
    "DeviceSerialNumber": "35193",
    "DwellTime": 3.1e-06,
    "EchoTime": 0.03,
    "EffectiveEchoSpacing": 0.000460005,
    "FlipAngle": 90,
    "ImageOrientationPatientDICOM": [
      1,
      0,
      0,
      0,
      1,
      0
    ],
    "ImageType": [
      "ORIGINAL",
      "PRIMARY",
      "M",
      "ND",
      "MOSAIC"
    ],
    "InPlanePhaseEncodingDirectionDICOM": "COL",
    "InstitutionAddress": "Xinjiekouwai_Street_No_19_Beijing_Haidian_District_CN_100875",
    "InstitutionName": "Beijing_Normal_Universtiy_7C3C54",
    "InstitutionalDepartmentName": "Department",
    "MRAcquisitionType": "2D",
    "MagneticFieldStrength": 3,
    "Manufacturer": "Siemens",
    "ManufacturersModelName": "TrioTim",
    "Modality": "MR",
    "PartialFourier": 1,
    "PatientPosition": "HFS",
    "PercentPhaseFOV": 100,
    "PhaseEncodingDirection": "j-",
    "PhaseEncodingSteps": 64,
    "PhaseResolution": 1,
    "PixelBandwidth": 2520,
    "ProcedureStepDescription": "BNU_cst_2019_Xu.Shan",
    "ProtocolName": "ge_func_pace_3x3x3.5_185",
    "PulseSequenceDetails": "%SiemensSeq%_ep2d_bold",
    "ReceiveCoilName": "HeadMatrix",
    "ReconMatrixPE": 64,
    "RepetitionTime": 2,
    "SAR": 0.114553,
    "ScanOptions": "FS",
    "ScanningSequence": "EP",
    "SequenceName": "_epfid2d1_64",
    "SequenceVariant": "SK",
    "SeriesDescription": "ge_func_pace_3x3x3.5_185",
    "SeriesNumber": 8,
    "ShimSetting": [
      -4530,
      -19343,
      -9833,
      1095,
      -146,
      -319,
      132,
      48
    ],
    "SliceThickness": 3.5,
    "SliceTiming": [
      0,
      1.0325,
      0.06,
      1.095,
      0.12,
      1.155,
      0.1825,
      1.215,
      0.2425,
      1.2775,
      0.3025,
      1.3375,
      0.365,
      1.3975,
      0.425,
      1.46,
      0.485,
      1.52,
      0.5475,
      1.58,
      0.6075,
      1.6425,
      0.6675,
      1.7025,
      0.73,
      1.7625,
      0.79,
      1.825,
      0.85,
      1.885,
      0.9125,
      1.945,
      0.9725
    ],
    "SoftwareVersions": "syngo_MR_B17",
    "SpacingBetweenSlices": 4.2,
    "StationName": "MRC35193",
    "TotalReadoutTime": 0.0289803,
    "TxRefAmp": 320.993,
    "dataset": "ds003696",
    "modality": "bold",
    "run_id": 5,
    "session_id": "02",
    "subject_id": "138",
    "task_id": "affordance"
  },
  "dummy_trs": 0,
  "dvars_nstd": 22.189280250815226,
  "dvars_std": 1.1580554091304347,
  "dvars_vstd": 0.9818927669565214,
  "efc": 0.5258295368466085,
  "fber": 979.3157958984375,
  "fd_mean": 0.10043289589979502,
  "fd_num": 2,
  "fd_perc": 1.0810810810810811,
  "fwhm_avg": 2.0314445730902917,
  "fwhm_x": 2.007424,
  "fwhm_y": 2.2994144,
  "fwhm_z": 1.7874953192708751,
  "gcor": 0.0277085,
  "gsr_x": 0.000649021181743592,
  "gsr_y": 0.03700516000390053,
  "provenance": {
    "md5sum": "93af07421afa208f4e683e0d75b60477",
    "settings": {
      "fd_thres": 0.2,
      "testing": false
    },
    "software": "mriqc",
    "version": "23.0.1",
    "webapi_port": null,
    "webapi_url": "https://mriqc.nimh.nih.gov/api/v1"
  },
  "size_t": 185,
  "size_x": 64,
  "size_y": 64,
  "size_z": 33,
  "snr": 6.160376148337023,
  "spacing_tr": 2.0,
  "spacing_x": 3.125,
  "spacing_y": 3.125,
  "spacing_z": 4.199999809265137,
  "summary_bg_k": 33.3252661482629,
  "summary_bg_mad": 13.367462256402053,
  "summary_bg_mean": 55.36228942871094,
  "summary_bg_median": 28.129730224609375,
  "summary_bg_n": 82242.0,
  "summary_bg_p05": 18.17837905883789,
  "summary_bg_p95": 187.3940521240234,
  "summary_bg_stdv": 81.68550872802734,
  "summary_fg_k": 1.1246642256826522,
  "summary_fg_mad": 132.13592732487308,
  "summary_fg_mean": 894.4733276367188,
  "summary_fg_median": 897.7351684570312,
  "summary_fg_n": 22179.0,
  "summary_fg_p05": 646.814599609375,
  "summary_fg_p95": 1121.13408203125,
  "summary_fg_stdv": 145.7240447998047,
  "tsnr": 73.19890387635678
}