{
  "aor": 0.0005095675675675676,
  "aqi": 0.005601314108108108,
  "bids_meta": {
    "AcquisitionMatrixPE": 64,
    "AcquisitionNumber": 1,
    "AcquisitionTime": "11:00:13.242500",
    "BandwidthPerPixelPhaseEncode": 33.967,
    "BaseResolution": 64,
    "ConversionSoftware": "dcm2niix",
    "ConversionSoftwareVersion": "v1.0.20180622 GCC4.9.2",
    "DerivedVendorReportedEchoSpacing": 0.000460005,
    "DeviceSerialNumber": "35193",
    "DwellTime": 3.1e-06,
    "EchoTime": 0.03,
    "EffectiveEchoSpacing": 0.000460005,
    "FlipAngle": 90,
    "ImageOrientationPatientDICOM": [
      1,
      0,
      0,
      0,
      1,
      0
    ],
    "ImageType": [
      "ORIGINAL",
      "PRIMARY",
      "M",
      "ND",
      "MOSAIC"
    ],
    "InPlanePhaseEncodingDirectionDICOM": "COL",
    "InstitutionAddress": "Xinjiekouwai_Street_No_19_Beijing_Haidian_District_CN_100875",
    "InstitutionName": "Beijing_Normal_Universtiy_7C3C54",
    "InstitutionalDepartmentName": "Department",
    "MRAcquisitionType": "2D",
    "MagneticFieldStrength": 3,
    "Manufacturer": "Siemens",
    "ManufacturersModelName": "TrioTim",
    "Modality": "MR",
    "PartialFourier": 1,
    "PatientPosition": "HFS",
    "PercentPhaseFOV": 100,
    "PhaseEncodingDirection": "j-",
    "PhaseEncodingSteps": 64,
    "PhaseResolution": 1,
    "PixelBandwidth": 2520,
    "ProcedureStepDescription": "BNU_cst_2019_Xu.Shan",
    "ProtocolName": "ge_func_pace_3x3x3.5_185",
    "PulseSequenceDetails": "%SiemensSeq%_ep2d_bold",
    "ReceiveCoilName": "HeadMatrix",
    "ReconMatrixPE": 64,
    "RepetitionTime": 2,
    "SAR": 0.114553,
    "ScanOptions": "FS",
    "ScanningSequence": "EP",
    "SequenceName": "_epfid2d1_64",
    "SequenceVariant": "SK",
    "SeriesDescription": "ge_func_pace_3x3x3.5_185",
    "SeriesNumber": 2,
    "ShimSetting": [
      -4530,
      -19343,
      -9833,
      1095,
      -146,
      -319,
      132,
      48
    ],
    "SliceThickness": 3.5,
    "SliceTiming": [
      0,
      1.035,
      0.06,
      1.095,
      0.1225,
      1.155,
      0.1825,
      1.2175,
      0.2425,
      1.2775,
      0.305,
      1.3375,
      0.365,
      1.4,
      0.425,
      1.46,
      0.4875,
      1.52,
      0.5475,
      1.5825,
      0.6075,
      1.6425,
      0.67,
      1.7025,
      0.73,
      1.765,
      0.79,
      1.825,
      0.8525,
      1.885,
      0.9125,
      1.9475,
      0.9725
    ],
    "SoftwareVersions": "syngo_MR_B17",
    "SpacingBetweenSlices": 4.2,
    "StationName": "MRC35193",
    "TotalReadoutTime": 0.0289803,
    "TxRefAmp": 320.993,
    "dataset": "ds003696",
    "modality": "bold",
    "run_id": 8,
    "session_id": "02",
    "subject_id": "138",
    "task_id": "affordance"
  },
  "dummy_trs": 0,
  "dvars_nstd": 23.05942789358697,
  "dvars_std": 1.1349465886956522,
  "dvars_vstd": 0.9827471749999998,
  "efc": 0.523666157362702,
  "fber": 1010.2985229492188,
  "fd_mean": 0.13820523012193997,
  "fd_num": 24,
  "fd_perc": 12.972972972972974,
  "fwhm_avg": 2.043831627469606,
  "fwhm_x": 2.0089792,
  "fwhm_y": 2.3078656,
  "fwhm_z": 1.8146500824088179,
  "gcor": 0.0319054,
  "gsr_x": -0.00013744377065449953,
  "gsr_y": 0.03805464878678322,
  "provenance": {
    "md5sum": "29bbdbe216b0f6159fcc080568b234be",
    "settings": {
      "fd_thres": 0.2,
      "testing": false
    },
    "software": "mriqc",
    "version": "23.0.1",
    "webapi_port": null,
    "webapi_url": "https://mriqc.nimh.nih.gov/api/v1"
  },
  "size_t": 185,
  "size_x": 64,
  "size_y": 64,
  "size_z": 33,
  "snr": 6.139156362875797,
  "spacing_tr": 2.0,
  "spacing_x": 3.125,
  "spacing_y": 3.125,
  "spacing_z": 4.199999809265137,
  "summary_bg_k": 36.28007949188951,
  "summary_bg_mad": 12.702295065012768,
  "summary_bg_mean": 52.991676330566406,
  "summary_bg_median": 27.286487579345703,
  "summary_bg_n": 82288.0,
  "summary_bg_p05": 17.854055404663086,
  "summary_bg_p95": 172.84271087646465,
  "summary_bg_stdv": 77.9906997680664,
  "summary_fg_k": 0.9009257864797298,
  "summary_fg_mad": 131.35861085411116,
  "summary_fg_mean": 883.9768676757812,
  "summary_fg_median": 887.99462890625,
  "summary_fg_n": 22063.0,
  "summary_fg_p05": 631.9908264160157,
  "summary_fg_p95": 1109.8059326171874,
  "summary_fg_stdv": 144.64112854003906,
  "tsnr": 69.60946645447984
}