{
  "aor": 0.0018602185792349723,
  "aqi": 0.0071774483606557365,
  "bids_meta": {
    "AcquisitionMatrixPE": 64,
    "AcquisitionNumber": 1,
    "AcquisitionTime": "11:34:18.887500",
    "BandwidthPerPixelPhaseEncode": 33.967,
    "BaseResolution": 64,
    "ConversionSoftware": "dcm2niix",
    "ConversionSoftwareVersion": "v1.0.20180622 GCC4.9.2",
    "DerivedVendorReportedEchoSpacing": 0.000460005,
    "DeviceSerialNumber": "35193",
    "DwellTime": 3.1e-06,
    "EchoTime": 0.03,
    "EffectiveEchoSpacing": 0.000460005,
    "FlipAngle": 90,
    "ImageOrientationPatientDICOM": [
      0.999657,
      0.0157073,
      -0.0209398,
      -0.0157039,
      0.999877,
      0.000328949
    ],
    "ImageType": [
      "ORIGINAL",
      "PRIMARY",
      "M",
      "ND",
      "MOSAIC"
    ],
    "InPlanePhaseEncodingDirectionDICOM": "COL",
    "InstitutionAddress": "Xinjiekouwai_Street_No_19_Beijing_Haidian_District_CN_100875",
    "InstitutionName": "Beijing_Normal_Universtiy_7C3C54",
    "InstitutionalDepartmentName": "Department",
    "MRAcquisitionType": "2D",
    "MagneticFieldStrength": 3,
    "Manufacturer": "Siemens",
    "ManufacturersModelName": "TrioTim",
    "Modality": "MR",
    "PartialFourier": 1,
    "PatientPosition": "HFS",
    "PercentPhaseFOV": 100,
    "PhaseEncodingDirection": "j-",
    "PhaseEncodingSteps": 64,
    "PhaseResolution": 1,
    "PixelBandwidth": 2520,
    "ProcedureStepDescription": "BNU_cst_2015_Liu.Jia",
    "ProtocolName": "ge_func_pace_3x3x3.5_185",
    "PulseSequenceDetails": "%SiemensSeq%_ep2d_bold",
    "ReceiveCoilName": "HeadMatrix",
    "ReconMatrixPE": 64,
    "RepetitionTime": 2,
    "SAR": 0.125523,
    "ScanOptions": "FS",
    "ScanningSequence": "EP",
    "SequenceName": "_epfid2d1_64",
    "SequenceVariant": "SK",
    "SeriesDescription": "ge_func_pace_3x3x3.5_185",
    "SeriesNumber": 2,
    "ShimSetting": [
      -4494,
      -19446,
      -9828,
      1103,
      89,
      -542,
      24,
      -53
    ],
    "SliceThickness": 3.5,
    "SliceTiming": [
      0,
      1.035,
      0.06,
      1.095,
      0.1225,
      1.155,
      0.1825,
      1.2175,
      0.2425,
      1.2775,
      0.305,
      1.3375,
      0.365,
      1.4,
      0.425,
      1.46,
      0.4875,
      1.52,
      0.5475,
      1.5825,
      0.6075,
      1.6425,
      0.67,
      1.7025,
      0.73,
      1.765,
      0.79,
      1.825,
      0.8525,
      1.885,
      0.9125,
      1.9475,
      0.9725
    ],
    "SoftwareVersions": "syngo_MR_B17",
    "SpacingBetweenSlices": 4.2,
    "StationName": "MRC35193",
    "TotalReadoutTime": 0.0289803,
    "TxRefAmp": 316.498,
    "dataset": "ds003696",
    "modality": "bold",
    "run_id": 1,
    "session_id": "01",
    "subject_id": "111",
    "task_id": "affordance"
  },
  "dummy_trs": 2,
  "dvars_nstd": 17.59891953302198,
  "dvars_std": 1.032632668406594,
  "dvars_vstd": 0.9594494371428571,
  "efc": 0.5250459448232995,
  "fber": 1255.3690185546875,
  "fd_mean": 0.06379519870302372,
  "fd_num": 6,
  "fd_perc": 3.278688524590164,
  "fwhm_avg": 2.1318368163266626,
  "fwhm_x": 2.1101216,
  "fwhm_y": 2.367984,
  "fwhm_z": 1.9174048489799886,
  "gcor": 0.0240783,
  "gsr_x": -0.013147265650331974,
  "gsr_y": 0.030365178361535072,
  "provenance": {
    "md5sum": "f8f054644b6d1651e0d59cc6ac6bb3dc",
    "settings": {
      "fd_thres": 0.2,
      "testing": false
    },
    "software": "mriqc",
    "version": "23.0.1",
    "webapi_port": null,
    "webapi_url": "https://mriqc.nimh.nih.gov/api/v1"
  },
  "size_t": 183,
  "size_x": 64,
  "size_y": 64,
  "size_z": 33,
  "snr": 5.727873129994625,
  "spacing_tr": 2.0,
  "spacing_x": 3.125,
  "spacing_y": 3.125,
  "spacing_z": 4.199999809265137,
  "summary_bg_k": 33.735309427270096,
  "summary_bg_mad": 10.66987322075517,
  "summary_bg_mean": 46.97804641723633,
  "summary_bg_median": 27.196720123291016,
  "summary_bg_n": 78985.0,
  "summary_bg_p05": 18.693988800048828,
  "summary_bg_p95": 138.24808044433598,
  "summary_bg_stdv": 58.181182861328125,
  "summary_fg_k": 1.1822174138031842,
  "summary_fg_mad": 151.2658757011256,
  "summary_fg_mean": 997.5131225585938,
  "summary_fg_median": 988.9562377929688,
  "summary_fg_n": 24819.0,
  "summary_fg_p05": 721.9442443847656,
  "summary_fg_p95": 1291.9442749023435,
  "summary_fg_stdv": 172.6533203125,
  "tsnr": 65.152268742444
}