{
  "aor": 0.004708641304347826,
  "aqi": 0.00839603972826087,
  "bids_meta": {
    "AcquisitionMatrixPE": 64,
    "AcquisitionNumber": 1,
    "AcquisitionTime": "11:41:10.455000",
    "BandwidthPerPixelPhaseEncode": 33.967,
    "BaseResolution": 64,
    "ConversionSoftware": "dcm2niix",
    "ConversionSoftwareVersion": "v1.0.20180622 GCC4.9.2",
    "DerivedVendorReportedEchoSpacing": 0.000460005,
    "DeviceSerialNumber": "35193",
    "DwellTime": 3.1e-06,
    "EchoTime": 0.03,
    "EffectiveEchoSpacing": 0.000460005,
    "FlipAngle": 90,
    "ImageOrientationPatientDICOM": [
      0.999657,
      0.0157073,
      -0.0209398,
      -0.0157039,
      0.999877,
      0.000328949
    ],
    "ImageType": [
      "ORIGINAL",
      "PRIMARY",
      "M",
      "ND",
      "MOSAIC"
    ],
    "InPlanePhaseEncodingDirectionDICOM": "COL",
    "InstitutionAddress": "Xinjiekouwai_Street_No_19_Beijing_Haidian_District_CN_100875",
    "InstitutionName": "Beijing_Normal_Universtiy_7C3C54",
    "InstitutionalDepartmentName": "Department",
    "MRAcquisitionType": "2D",
    "MagneticFieldStrength": 3,
    "Manufacturer": "Siemens",
    "ManufacturersModelName": "TrioTim",
    "Modality": "MR",
    "PartialFourier": 1,
    "PatientPosition": "HFS",
    "PercentPhaseFOV": 100,
    "PhaseEncodingDirection": "j-",
    "PhaseEncodingSteps": 64,
    "PhaseResolution": 1,
    "PixelBandwidth": 2520,
    "ProcedureStepDescription": "BNU_cst_2015_Liu.Jia",
    "ProtocolName": "ge_func_pace_3x3x3.5_185",
    "PulseSequenceDetails": "%SiemensSeq%_ep2d_bold",
    "ReceiveCoilName": "HeadMatrix",
    "ReconMatrixPE": 64,
    "RepetitionTime": 2,
    "SAR": 0.125523,
    "ScanOptions": "FS",
    "ScanningSequence": "EP",
    "SequenceName": "_epfid2d1_64",
    "SequenceVariant": "SK",
    "SeriesDescription": "ge_func_pace_3x3x3.5_185",
    "SeriesNumber": 4,
    "ShimSetting": [
      -4494,
      -19446,
      -9828,
      1103,
      89,
      -542,
      24,
      -53
    ],
    "SliceThickness": 3.5,
    "SliceTiming": [
      0,
      1.0325,
      0.06,
      1.095,
      0.12,
      1.155,
      0.1825,
      1.215,
      0.2425,
      1.2775,
      0.3025,
      1.3375,
      0.365,
      1.3975,
      0.425,
      1.46,
      0.485,
      1.52,
      0.5475,
      1.58,
      0.6075,
      1.6425,
      0.6675,
      1.7025,
      0.73,
      1.7625,
      0.79,
      1.825,
      0.85,
      1.885,
      0.9125,
      1.945,
      0.9725
    ],
    "SoftwareVersions": "syngo_MR_B17",
    "SpacingBetweenSlices": 4.2,
    "StationName": "MRC35193",
    "TotalReadoutTime": 0.0289803,
    "TxRefAmp": 316.498,
    "dataset": "ds003696",
    "modality": "bold",
    "run_id": 2,
    "session_id": "01",
    "subject_id": "111",
    "task_id": "affordance"
  },
  "dummy_trs": 1,
  "dvars_nstd": 18.528156092732246,
  "dvars_std": 1.1014239361202185,
  "dvars_vstd": 1.0161591131693986,
  "efc": 0.5251254225595422,
  "fber": 1258.2742919921875,
  "fd_mean": 0.10520318222964602,
  "fd_num": 14,
  "fd_perc": 7.608695652173913,
  "fwhm_avg": 2.1231095717855895,
  "fwhm_x": 2.0970560000000003,
  "fwhm_y": 2.3612512,
  "fwhm_z": 1.9110215153567682,
  "gcor": 0.0265919,
  "gsr_x": -0.01387808471918106,
  "gsr_y": 0.02922358736395836,
  "provenance": {
    "md5sum": "53fe9fd888b2626e586123b1f1f95272",
    "settings": {
      "fd_thres": 0.2,
      "testing": false
    },
    "software": "mriqc",
    "version": "23.0.1",
    "webapi_port": null,
    "webapi_url": "https://mriqc.nimh.nih.gov/api/v1"
  },
  "size_t": 184,
  "size_x": 64,
  "size_y": 64,
  "size_z": 33,
  "snr": 5.768877666136353,
  "spacing_tr": 2.0,
  "spacing_x": 3.125,
  "spacing_y": 3.125,
  "spacing_z": 4.199999809265137,
  "summary_bg_k": 33.016215141706446,
  "summary_bg_mad": 11.07117189787181,
  "summary_bg_mean": 47.67644119262695,
  "summary_bg_median": 27.42934799194336,
  "summary_bg_n": 78945.0,
  "summary_bg_p05": 18.22282600402832,
  "summary_bg_p95": 141.3826141357423,
  "summary_bg_stdv": 59.96465301513672,
  "summary_fg_k": 1.220595250183779,
  "summary_fg_mad": 152.1117389968703,
  "summary_fg_mean": 1004.5753784179688,
  "summary_fg_median": 995.9022216796875,
  "summary_fg_n": 24836.0,
  "summary_fg_p05": 731.1399383544922,
  "summary_fg_p95": 1300.2717590332031,
  "summary_fg_stdv": 172.63014221191406,
  "tsnr": 59.747503727674484
}