{
  "aor": 0.003077551020408163,
  "aqi": 0.004687258469387755,
  "bids_meta": {
    "AcquisitionMatrixPE": 64,
    "AcquisitionNumber": 1,
    "AcquisitionTime": "12:07:14.010000",
    "BandwidthPerPixelPhaseEncode": 33.967,
    "BaseResolution": 64,
    "ConversionSoftware": "dcm2niix",
    "ConversionSoftwareVersion": "v1.0.20180622 GCC4.9.2",
    "DerivedVendorReportedEchoSpacing": 0.000460005,
    "DeviceSerialNumber": "35193",
    "DwellTime": 3.1e-06,
    "EchoTime": 0.03,
    "EffectiveEchoSpacing": 0.000460005,
    "FlipAngle": 90,
    "ImageOrientationPatientDICOM": [
      0.999657,
      0.0157073,
      -0.0209398,
      -0.0157039,
      0.999877,
      0.000328949
    ],
    "ImageType": [
      "ORIGINAL",
      "PRIMARY",
      "M",
      "ND",
      "MOSAIC"
    ],
    "InPlanePhaseEncodingDirectionDICOM": "COL",
    "InstitutionAddress": "Xinjiekouwai_Street_No_19_Beijing_Haidian_District_CN_100875",
    "InstitutionName": "Beijing_Normal_Universtiy_7C3C54",
    "InstitutionalDepartmentName": "Department",
    "MRAcquisitionType": "2D",
    "MagneticFieldStrength": 3,
    "Manufacturer": "Siemens",
    "ManufacturersModelName": "TrioTim",
    "Modality": "MR",
    "PartialFourier": 1,
    "PatientPosition": "HFS",
    "PercentPhaseFOV": 100,
    "PhaseEncodingDirection": "j-",
    "PhaseEncodingSteps": 64,
    "PhaseResolution": 1,
    "PixelBandwidth": 2520,
    "ProcedureStepDescription": "BNU_cst_2015_Liu.Jia",
    "ProtocolName": "ge_func_pace_3x3x3.5_99",
    "PulseSequenceDetails": "%SiemensSeq%_ep2d_bold",
    "ReceiveCoilName": "HeadMatrix",
    "ReconMatrixPE": 64,
    "RepetitionTime": 2,
    "SAR": 0.125097,
    "ScanOptions": "FS",
    "ScanningSequence": "EP",
    "SequenceName": "_epfid2d1_64",
    "SequenceVariant": "SK",
    "SeriesDescription": "ge_func_pace_3x3x3.5_99",
    "SeriesNumber": 12,
    "ShimSetting": [
      -4494,
      -19446,
      -9828,
      1103,
      89,
      -542,
      24,
      -53
    ],
    "SliceThickness": 3.5,
    "SliceTiming": [
      0,
      1.035,
      0.06,
      1.095,
      0.1225,
      1.155,
      0.1825,
      1.2175,
      0.2425,
      1.2775,
      0.305,
      1.3375,
      0.365,
      1.4,
      0.425,
      1.46,
      0.4875,
      1.52,
      0.5475,
      1.5825,
      0.6075,
      1.6425,
      0.67,
      1.7025,
      0.73,
      1.765,
      0.79,
      1.825,
      0.8525,
      1.885,
      0.9125,
      1.9475,
      0.9725
    ],
    "SoftwareVersions": "syngo_MR_B17",
    "SpacingBetweenSlices": 4.2,
    "StationName": "MRC35193",
    "TotalReadoutTime": 0.0289803,
    "TxRefAmp": 316.498,
    "dataset": "ds003696",
    "modality": "bold",
    "run_id": 2,
    "session_id": "01",
    "subject_id": "111",
    "task_id": "localizer"
  },
  "dummy_trs": 1,
  "dvars_nstd": 18.802366060309286,
  "dvars_std": 1.1520948747422681,
  "dvars_vstd": 1.0321785520618558,
  "efc": 0.5258589334916262,
  "fber": 1281.46533203125,
  "fd_mean": 0.08563606917630878,
  "fd_num": 3,
  "fd_perc": 3.061224489795918,
  "fwhm_avg": 2.0920554063612653,
  "fwhm_x": 2.0686815999999997,
  "fwhm_y": 2.3192512,
  "fwhm_z": 1.888233419083796,
  "gcor": 0.0168384,
  "gsr_x": -0.01501667033880949,
  "gsr_y": 0.029704026877880096,
  "provenance": {
    "md5sum": "990a14bea21fffcc4ebfeeaa522fec30",
    "settings": {
      "fd_thres": 0.2,
      "testing": false
    },
    "software": "mriqc",
    "version": "23.0.1",
    "webapi_port": null,
    "webapi_url": "https://mriqc.nimh.nih.gov/api/v1"
  },
  "size_t": 98,
  "size_x": 64,
  "size_y": 64,
  "size_z": 33,
  "snr": 5.813524039908757,
  "spacing_tr": 2.0,
  "spacing_x": 3.125,
  "spacing_y": 3.125,
  "spacing_z": 4.199999809265137,
  "summary_bg_k": 29.574661571011063,
  "summary_bg_mad": 10.741301613999402,
  "summary_bg_mean": 49.19441223144531,
  "summary_bg_median": 27.397958755493164,
  "summary_bg_n": 79173.0,
  "summary_bg_p05": 18.806121826171875,
  "summary_bg_p95": 150.0653015136718,
  "summary_bg_stdv": 62.90342712402344,
  "summary_fg_k": 1.313218539970678,
  "summary_fg_mad": 152.25421685289064,
  "summary_fg_mean": 1012.5031127929688,
  "summary_fg_median": 1004.5,
  "summary_fg_n": 24801.0,
  "summary_fg_p05": 737.3367309570312,
  "summary_fg_p95": 1307.98974609375,
  "summary_fg_stdv": 172.7832794189453,
  "tsnr": 79.86350660026073
}