{
  "bids_meta": {
    "AcquisitionMatrixPE": 192,
    "AcquisitionNumber": 1,
    "AcquisitionTime": "16:01:31.810000",
    "BaseResolution": 256,
    "ConversionSoftware": "dcm2niix",
    "ConversionSoftwareVersion": "v1.0.20180622 GCC4.9.2",
    "DeviceSerialNumber": "35193",
    "DwellTime": 1.03e-05,
    "EchoTime": 0.00339,
    "FlipAngle": 7,
    "ImageOrientationPatientDICOM": [
      0,
      1,
      0,
      0,
      0,
      -1
    ],
    "ImageType": [
      "ORIGINAL",
      "PRIMARY",
      "M",
      "ND",
      "NORM"
    ],
    "InPlanePhaseEncodingDirectionDICOM": "ROW",
    "InstitutionAddress": "Xinjiekouwai_Street_No_19_Beijing_Haidian_District_CN_100875",
    "InstitutionName": "BNU_MRI_Center",
    "InstitutionalDepartmentName": "Department",
    "InversionTime": 1.1,
    "MRAcquisitionType": "3D",
    "MagneticFieldStrength": 3,
    "Manufacturer": "Siemens",
    "ManufacturersModelName": "TrioTim",
    "Modality": "MR",
    "PartialFourier": 1,
    "PatientPosition": "HFS",
    "PercentPhaseFOV": 100,
    "PhaseEncodingSteps": 192,
    "PhaseResolution": 0.75,
    "PixelBandwidth": 190,
    "ProcedureStepDescription": "BNU_cst_2015_Liu.Jia",
    "ProtocolName": "t1_mprage_sag",
    "PulseSequenceDetails": "%SiemensSeq%_tfl",
    "ReceiveCoilName": "HeadMatrix",
    "ReconMatrixPE": 256,
    "RepetitionTime": 2.53,
    "SAR": 0.0431444,
    "ScanOptions": "IR",
    "ScanningSequence": "GR_IR",
    "SequenceName": "_tfl3d1_ns",
    "SequenceVariant": "SP_MP",
    "SeriesDescription": "t1_mprage_sag",
    "SeriesNumber": 10,
    "ShimSetting": [
      -4489,
      -19276,
      -10209,
      636,
      -133,
      80,
      82,
      -26
    ],
    "SliceThickness": 1.33,
    "SoftwareVersions": "syngo_MR_B17",
    "StationName": "MRC35193",
    "TxRefAmp": 328.463,
    "dataset": "ds003696",
    "modality": "T1w",
    "session_id": "02",
    "subject_id": "105"
  },
  "cjv": 0.3049971591330425,
  "cnr": 4.294098798135631,
  "efc": 0.5623075178715193,
  "fber": 11035.697037894375,
  "fwhm_avg": 4.041656008853195,
  "fwhm_x": 3.582978026559587,
  "fwhm_y": 4.67805,
  "fwhm_z": 3.86394,
  "icvs_csf": 0.23551442517538987,
  "icvs_gm": 0.4414724332658273,
  "icvs_wm": 0.32301314155878286,
  "inu_med": 0.526417076587677,
  "inu_range": 0.1931576609611511,
  "provenance": {
    "md5sum": "920b522d7acf1792f50b728ecd4f59fe",
    "settings": {
      "testing": false
    },
    "software": "mriqc",
    "version": "23.0.1",
    "warnings": {
      "large_rot_frame": true,
      "small_air_mask": false
    },
    "webapi_port": null,
    "webapi_url": "https://mriqc.nimh.nih.gov/api/v1"
  },
  "qi_1": 0.0,
  "qi_2": 0.007939332543808292,
  "rpve_csf": 20.111113127427142,
  "rpve_gm": 11.038526381934743,
  "rpve_wm": 17.83454202190623,
  "size_x": 128,
  "size_y": 256,
  "size_z": 256,
  "snr_csf": 1.30238621031309,
  "snr_gm": 7.816980067848885,
  "snr_total": 11.82907003460972,
  "snr_wm": 26.36784382566718,
  "snrd_csf": 15.2822078904824,
  "snrd_gm": 75.81629605043727,
  "snrd_total": 71.06562791155345,
  "snrd_wm": 122.09837979374069,
  "spacing_x": 1.3299942016601562,
  "spacing_y": 1.0,
  "spacing_z": 1.0,
  "summary_bg_k": 5.565369282861308,
  "summary_bg_mad": 5.365417945579509,
  "summary_bg_mean": 5.21497451520228,
  "summary_bg_median": 3.6189194098114967,
  "summary_bg_n": 2257738.0,
  "summary_bg_p05": 0.0,
  "summary_bg_p95": 19.104528047144413,
  "summary_bg_stdv": 6.648579113605275,
  "summary_csf_k": 1.7244505833227137,
  "summary_csf_mad": 74.97547693139738,
  "summary_csf_mean": 150.62070148375867,
  "summary_csf_median": 125.1578029608354,
  "summary_csf_n": 32752.0,
  "summary_csf_p05": 36.946642346680164,
  "summary_csf_p95": 347.2574096119962,
  "summary_csf_stdv": 96.09737208956993,
  "summary_gm_k": -0.051613203937900476,
  "summary_gm_mad": 80.01335482797349,
  "summary_gm_mean": 620.8126582721189,
  "summary_gm_median": 620.9182017613202,
  "summary_gm_n": 26489.0,
  "summary_gm_p05": 489.20215938165785,
  "summary_gm_p95": 751.127763735503,
  "summary_gm_stdv": 79.43048030807721,
  "summary_wm_k": 0.4768463935094145,
  "summary_wm_mad": 35.59268532503616,
  "summary_wm_mean": 996.7746481661528,
  "summary_wm_median": 999.9579294808209,
  "summary_wm_n": 137183.0,
  "summary_wm_p05": 928.8629952613264,
  "summary_wm_p95": 1054.0081740846856,
  "summary_wm_stdv": 37.92324816061196,
  "tpm_overlap_csf": 0.1698554504348815,
  "tpm_overlap_gm": 0.48235285256444654,
  "tpm_overlap_wm": 0.49964285992776486,
  "wm2max": 0.8849949722542922
}