{
  "aor": 0.0016881632653061225,
  "aqi": 0.005030370204081632,
  "bids_meta": {
    "AcquisitionMatrixPE": 64,
    "AcquisitionNumber": 1,
    "AcquisitionTime": "11:08:8.017500",
    "BandwidthPerPixelPhaseEncode": 33.967,
    "BaseResolution": 64,
    "ConversionSoftware": "dcm2niix",
    "ConversionSoftwareVersion": "v1.0.20180622 GCC4.9.2",
    "DerivedVendorReportedEchoSpacing": 0.000460005,
    "DeviceSerialNumber": "35193",
    "DwellTime": 3.1e-06,
    "EchoTime": 0.03,
    "EffectiveEchoSpacing": 0.000460005,
    "FlipAngle": 90,
    "ImageOrientationPatientDICOM": [
      1,
      0,
      0,
      0,
      1,
      0
    ],
    "ImageType": [
      "ORIGINAL",
      "PRIMARY",
      "M",
      "ND",
      "MOSAIC"
    ],
    "InPlanePhaseEncodingDirectionDICOM": "COL",
    "InstitutionAddress": "Xinjiekouwai_Street_No_19_Beijing_Haidian_District_CN_100875",
    "InstitutionName": "BNU_MRI_Center",
    "InstitutionalDepartmentName": "Department",
    "MRAcquisitionType": "2D",
    "MagneticFieldStrength": 3,
    "Manufacturer": "Siemens",
    "ManufacturersModelName": "TrioTim",
    "Modality": "MR",
    "PartialFourier": 1,
    "PatientPosition": "HFS",
    "PercentPhaseFOV": 100,
    "PhaseEncodingDirection": "j-",
    "PhaseEncodingSteps": 64,
    "PhaseResolution": 1,
    "PixelBandwidth": 2520,
    "ProcedureStepDescription": "BNU_cst_2019_Xu.Shan",
    "ProtocolName": "ge_func_pace_3x3x3.5_99",
    "PulseSequenceDetails": "%SiemensSeq%_ep2d_bold",
    "ReceiveCoilName": "HeadMatrix",
    "ReconMatrixPE": 64,
    "RepetitionTime": 2,
    "SAR": 0.115728,
    "ScanOptions": "FS",
    "ScanningSequence": "EP",
    "SequenceName": "_epfid2d1_64",
    "SequenceVariant": "SK",
    "SeriesDescription": "ge_func_pace_3x3x3.5_99",
    "SeriesNumber": 12,
    "ShimSetting": [
      -4529,
      -19333,
      -9914,
      879,
      -149,
      -224,
      -31,
      70
    ],
    "SliceThickness": 3.5,
    "SliceTiming": [
      0,
      1.035,
      0.0625,
      1.095,
      0.1225,
      1.1575,
      0.1825,
      1.2175,
      0.245,
      1.2775,
      0.305,
      1.34,
      0.365,
      1.4,
      0.4275,
      1.46,
      0.4875,
      1.5225,
      0.5475,
      1.5825,
      0.61,
      1.6425,
      0.67,
      1.705,
      0.73,
      1.765,
      0.7925,
      1.825,
      0.8525,
      1.8875,
      0.9125,
      1.9475,
      0.975
    ],
    "SoftwareVersions": "syngo_MR_B17",
    "SpacingBetweenSlices": 4.2,
    "StationName": "MRC35193",
    "TotalReadoutTime": 0.0289803,
    "TxRefAmp": 316.947,
    "dataset": "ds003696",
    "modality": "bold",
    "run_id": 2,
    "session_id": "01",
    "subject_id": "137",
    "task_id": "localizer"
  },
  "dummy_trs": 1,
  "dvars_nstd": 19.496569210618553,
  "dvars_std": 1.1218799467010305,
  "dvars_vstd": 1.0284636007216499,
  "efc": 0.5249396559978151,
  "fber": 1046.91552734375,
  "fd_mean": 0.12181175666281643,
  "fd_num": 13,
  "fd_perc": 13.26530612244898,
  "fwhm_avg": 2.032552232192398,
  "fwhm_x": 1.9633568,
  "fwhm_y": 2.217376,
  "fwhm_z": 1.9169238965771949,
  "gcor": 0.0297049,
  "gsr_x": -0.0071856118738651276,
  "gsr_y": 0.03514392673969269,
  "provenance": {
    "md5sum": "35df8cd60cc335fa7288649dc154c33e",
    "settings": {
      "fd_thres": 0.2,
      "testing": false
    },
    "software": "mriqc",
    "version": "23.0.1",
    "webapi_port": null,
    "webapi_url": "https://mriqc.nimh.nih.gov/api/v1"
  },
  "size_t": 98,
  "size_x": 64,
  "size_y": 64,
  "size_z": 33,
  "snr": 5.961129579906242,
  "spacing_tr": 2.0,
  "spacing_x": 3.125,
  "spacing_y": 3.125,
  "spacing_z": 4.199999809265137,
  "summary_bg_k": 45.3474592660612,
  "summary_bg_mad": 11.497731663584625,
  "summary_bg_mean": 48.530338287353516,
  "summary_bg_median": 25.714284896850586,
  "summary_bg_n": 81677.0,
  "summary_bg_p05": 17.183673858642578,
  "summary_bg_p95": 156.52448425292962,
  "summary_bg_stdv": 68.93077087402344,
  "summary_fg_k": 0.6624154808591052,
  "summary_fg_mad": 130.19670823658115,
  "summary_fg_mean": 858.7579345703125,
  "summary_fg_median": 851.6224365234375,
  "summary_fg_n": 23293.0,
  "summary_fg_p05": 636.0081665039063,
  "summary_fg_p95": 1111.2979003906244,
  "summary_fg_stdv": 142.85952758789062,
  "tsnr": 78.04900455102324
}