{
  "aor": 0.0033167567567567568,
  "aqi": 0.01915305189189189,
  "bids_meta": {
    "AcquisitionMatrixPE": 64,
    "AcquisitionNumber": 1,
    "AcquisitionTime": "10:55:43.552500",
    "BandwidthPerPixelPhaseEncode": 33.967,
    "BaseResolution": 64,
    "ConversionSoftware": "dcm2niix",
    "ConversionSoftwareVersion": "v1.0.20180622 GCC4.9.2",
    "DerivedVendorReportedEchoSpacing": 0.000460005,
    "DeviceSerialNumber": "35193",
    "DwellTime": 3.1e-06,
    "EchoTime": 0.03,
    "EffectiveEchoSpacing": 0.000460005,
    "FlipAngle": 90,
    "ImageOrientationPatientDICOM": [
      1,
      0,
      0,
      0,
      1,
      0
    ],
    "ImageType": [
      "ORIGINAL",
      "PRIMARY",
      "M",
      "ND",
      "MOSAIC"
    ],
    "InPlanePhaseEncodingDirectionDICOM": "COL",
    "InstitutionAddress": "Xinjiekouwai_Street_No_19_Beijing_Haidian_District_CN_100875",
    "InstitutionName": "BNU_MRI_Center",
    "InstitutionalDepartmentName": "Department",
    "MRAcquisitionType": "2D",
    "MagneticFieldStrength": 3,
    "Manufacturer": "Siemens",
    "ManufacturersModelName": "TrioTim",
    "Modality": "MR",
    "PartialFourier": 1,
    "PatientPosition": "HFS",
    "PercentPhaseFOV": 100,
    "PhaseEncodingDirection": "j-",
    "PhaseEncodingSteps": 64,
    "PhaseResolution": 1,
    "PixelBandwidth": 2520,
    "ProcedureStepDescription": "BNU_cst_2019_Xu.Shan",
    "ProtocolName": "ge_func_pace_3x3x3.5_185",
    "PulseSequenceDetails": "%SiemensSeq%_ep2d_bold",
    "ReceiveCoilName": "HeadMatrix",
    "ReconMatrixPE": 64,
    "RepetitionTime": 2,
    "SAR": 0.116122,
    "ScanOptions": "FS",
    "ScanningSequence": "EP",
    "SequenceName": "_epfid2d1_64",
    "SequenceVariant": "SK",
    "SeriesDescription": "ge_func_pace_3x3x3.5_185",
    "SeriesNumber": 8,
    "ShimSetting": [
      -4529,
      -19333,
      -9914,
      879,
      -149,
      -224,
      -31,
      70
    ],
    "SliceThickness": 3.5,
    "SliceTiming": [
      0,
      1.035,
      0.0625,
      1.095,
      0.1225,
      1.1575,
      0.1825,
      1.2175,
      0.245,
      1.2775,
      0.305,
      1.34,
      0.365,
      1.4,
      0.4275,
      1.46,
      0.4875,
      1.5225,
      0.5475,
      1.5825,
      0.61,
      1.6425,
      0.67,
      1.705,
      0.73,
      1.765,
      0.7925,
      1.825,
      0.8525,
      1.8875,
      0.9125,
      1.9475,
      0.975
    ],
    "SoftwareVersions": "syngo_MR_B17",
    "SpacingBetweenSlices": 4.2,
    "StationName": "MRC35193",
    "TotalReadoutTime": 0.0289803,
    "TxRefAmp": 316.947,
    "dataset": "ds003696",
    "modality": "bold",
    "run_id": 4,
    "session_id": "01",
    "subject_id": "137",
    "task_id": "affordance"
  },
  "dummy_trs": 0,
  "dvars_nstd": 18.135928133641297,
  "dvars_std": 0.938156567119566,
  "dvars_vstd": 0.9005565260869567,
  "efc": 0.5254938642576119,
  "fber": 1003.1837158203125,
  "fd_mean": 0.1069187280469085,
  "fd_num": 15,
  "fd_perc": 8.108108108108109,
  "fwhm_avg": 2.102439947123086,
  "fwhm_x": 2.02536,
  "fwhm_y": 2.3224288,
  "fwhm_z": 1.9595310413692582,
  "gcor": 0.0239201,
  "gsr_x": -0.007318461313843727,
  "gsr_y": 0.035552363842725754,
  "provenance": {
    "md5sum": "8c740e794edfbb12def0de8df43b7183",
    "settings": {
      "fd_thres": 0.2,
      "testing": false
    },
    "software": "mriqc",
    "version": "23.0.1",
    "webapi_port": null,
    "webapi_url": "https://mriqc.nimh.nih.gov/api/v1"
  },
  "size_t": 185,
  "size_x": 64,
  "size_y": 64,
  "size_z": 33,
  "snr": 5.938494873911124,
  "spacing_tr": 2.0,
  "spacing_x": 3.125,
  "spacing_y": 3.125,
  "spacing_z": 4.199999809265137,
  "summary_bg_k": 50.173818582513846,
  "summary_bg_mad": 12.50194547742178,
  "summary_bg_mean": 48.4889030456543,
  "summary_bg_median": 26.383785247802734,
  "summary_bg_n": 81508.0,
  "summary_bg_p05": 16.675676345825195,
  "summary_bg_p95": 151.74595642089844,
  "summary_bg_stdv": 67.70756530761719,
  "summary_fg_k": 0.6363825820635509,
  "summary_fg_mad": 130.93384676636305,
  "summary_fg_mean": 859.8295288085938,
  "summary_fg_median": 853.1729736328125,
  "summary_fg_n": 23386.0,
  "summary_fg_p05": 635.6838073730469,
  "summary_fg_p95": 1113.2257385253906,
  "summary_fg_stdv": 143.66514587402344,
  "tsnr": 41.452715545892715
}