{
  "aor": 0.005018080808080809,
  "aqi": 0.0049577712121212135,
  "bids_meta": {
    "AcquisitionMatrixPE": 64,
    "AcquisitionNumber": 1,
    "AcquisitionTime": "11:11:57.095000",
    "BandwidthPerPixelPhaseEncode": 33.967,
    "BaseResolution": 64,
    "ConversionSoftware": "dcm2niix",
    "ConversionSoftwareVersion": "v1.0.20180622 GCC4.9.2",
    "DerivedVendorReportedEchoSpacing": 0.000460005,
    "DeviceSerialNumber": "35193",
    "DwellTime": 3.1e-06,
    "EchoTime": 0.03,
    "EffectiveEchoSpacing": 0.000460005,
    "FlipAngle": 90,
    "ImageOrientationPatientDICOM": [
      1,
      0,
      0,
      0,
      1,
      0
    ],
    "ImageType": [
      "ORIGINAL",
      "PRIMARY",
      "M",
      "ND",
      "MOSAIC"
    ],
    "InPlanePhaseEncodingDirectionDICOM": "COL",
    "InstitutionAddress": "Xinjiekouwai_Street_No_19_Beijing_Haidian_District_CN_100875",
    "InstitutionName": "BNU_MRI_Center",
    "InstitutionalDepartmentName": "Department",
    "MRAcquisitionType": "2D",
    "MagneticFieldStrength": 3,
    "Manufacturer": "Siemens",
    "ManufacturersModelName": "TrioTim",
    "Modality": "MR",
    "PartialFourier": 1,
    "PatientPosition": "HFS",
    "PercentPhaseFOV": 100,
    "PhaseEncodingDirection": "j-",
    "PhaseEncodingSteps": 64,
    "PhaseResolution": 1,
    "PixelBandwidth": 2520,
    "ProcedureStepDescription": "BNU_cst_2019_Xu.Shan",
    "ProtocolName": "ge_func_pace_3x3x3.5_99",
    "PulseSequenceDetails": "%SiemensSeq%_ep2d_bold",
    "ReceiveCoilName": "HeadMatrix",
    "ReconMatrixPE": 64,
    "RepetitionTime": 2,
    "SAR": 0.115728,
    "ScanOptions": "FS",
    "ScanningSequence": "EP",
    "SequenceName": "_epfid2d1_64",
    "SequenceVariant": "SK",
    "SeriesDescription": "ge_func_pace_3x3x3.5_99",
    "SeriesNumber": 14,
    "ShimSetting": [
      -4529,
      -19333,
      -9914,
      879,
      -149,
      -224,
      -31,
      70
    ],
    "SliceThickness": 3.5,
    "SliceTiming": [
      0,
      1.035,
      0.0625,
      1.095,
      0.1225,
      1.1575,
      0.1825,
      1.2175,
      0.245,
      1.2775,
      0.305,
      1.34,
      0.365,
      1.4,
      0.4275,
      1.46,
      0.4875,
      1.5225,
      0.5475,
      1.5825,
      0.61,
      1.6425,
      0.67,
      1.705,
      0.73,
      1.765,
      0.7925,
      1.825,
      0.8525,
      1.8875,
      0.9125,
      1.9475,
      0.975
    ],
    "SoftwareVersions": "syngo_MR_B17",
    "SpacingBetweenSlices": 4.2,
    "StationName": "MRC35193",
    "TotalReadoutTime": 0.0289803,
    "TxRefAmp": 316.947,
    "dataset": "ds003696",
    "modality": "bold",
    "run_id": 3,
    "session_id": "01",
    "subject_id": "137",
    "task_id": "localizer"
  },
  "dummy_trs": 0,
  "dvars_nstd": 19.029644635102038,
  "dvars_std": 1.1183682191836735,
  "dvars_vstd": 1.0382454437755098,
  "efc": 0.5245246742957786,
  "fber": 1065.42041015625,
  "fd_mean": 0.1058756122971692,
  "fd_num": 16,
  "fd_perc": 16.161616161616163,
  "fwhm_avg": 2.039127565422038,
  "fwhm_x": 1.9778752,
  "fwhm_y": 2.2294336,
  "fwhm_z": 1.910073896266115,
  "gcor": 0.0378308,
  "gsr_x": -0.006904413923621178,
  "gsr_y": 0.03489242494106293,
  "provenance": {
    "md5sum": "6fbc091b5d20f2bf64e64769d5875398",
    "settings": {
      "fd_thres": 0.2,
      "testing": false
    },
    "software": "mriqc",
    "version": "23.0.1",
    "webapi_port": null,
    "webapi_url": "https://mriqc.nimh.nih.gov/api/v1"
  },
  "size_t": 99,
  "size_x": 64,
  "size_y": 64,
  "size_z": 33,
  "snr": 5.936681598075886,
  "spacing_tr": 2.0,
  "spacing_x": 3.125,
  "spacing_y": 3.125,
  "spacing_z": 4.199999809265137,
  "summary_bg_k": 44.42962720788521,
  "summary_bg_mad": 11.606230202402266,
  "summary_bg_mean": 48.2198371887207,
  "summary_bg_median": 25.616161346435547,
  "summary_bg_n": 81646.0,
  "summary_bg_p05": 16.75757598876953,
  "summary_bg_p95": 154.2020263671875,
  "summary_bg_stdv": 67.70195007324219,
  "summary_fg_k": 0.6361431791907122,
  "summary_fg_mad": 131.5847022629818,
  "summary_fg_mean": 859.90185546875,
  "summary_fg_median": 852.2979736328125,
  "summary_fg_n": 23306.0,
  "summary_fg_p05": 636.2904052734375,
  "summary_fg_p95": 1113.1893615722656,
  "summary_fg_stdv": 143.56163024902344,
  "tsnr": 76.39777175104246
}