{
  "aor": 0.0004687431693989071,
  "aqi": 0.004650525355191257,
  "bids_meta": {
    "AcquisitionMatrixPE": 64,
    "AcquisitionNumber": 1,
    "AcquisitionTime": "15:03:45.002500",
    "BandwidthPerPixelPhaseEncode": 33.967,
    "BaseResolution": 64,
    "ConversionSoftware": "dcm2niix",
    "ConversionSoftwareVersion": "v1.0.20180622 GCC4.9.2",
    "DerivedVendorReportedEchoSpacing": 0.000460005,
    "DeviceSerialNumber": "35193",
    "DwellTime": 3.1e-06,
    "EchoTime": 0.03,
    "EffectiveEchoSpacing": 0.000460005,
    "FlipAngle": 90,
    "ImageOrientationPatientDICOM": [
      1,
      0,
      0,
      0,
      1,
      0
    ],
    "ImageType": [
      "ORIGINAL",
      "PRIMARY",
      "M",
      "ND",
      "MOSAIC"
    ],
    "InPlanePhaseEncodingDirectionDICOM": "COL",
    "InstitutionAddress": "Xinjiekouwai_Street_No_19_Beijing_Haidian_District_CN_100875",
    "InstitutionName": "BNU_MRI_Center",
    "InstitutionalDepartmentName": "Department",
    "MRAcquisitionType": "2D",
    "MagneticFieldStrength": 3,
    "Manufacturer": "Siemens",
    "ManufacturersModelName": "TrioTim",
    "Modality": "MR",
    "PartialFourier": 1,
    "PatientPosition": "HFS",
    "PercentPhaseFOV": 100,
    "PhaseEncodingDirection": "j-",
    "PhaseEncodingSteps": 64,
    "PhaseResolution": 1,
    "PixelBandwidth": 2520,
    "ProcedureStepDescription": "BNU_cst_2015_Liu.Jia",
    "ProtocolName": "ge_func_pace_3x3x3.5_185",
    "PulseSequenceDetails": "%SiemensSeq%_ep2d_bold",
    "ReceiveCoilName": "HeadMatrix",
    "ReconMatrixPE": 64,
    "RepetitionTime": 2,
    "SAR": 0.130944,
    "ScanOptions": "FS",
    "ScanningSequence": "EP",
    "SequenceName": "_epfid2d1_64",
    "SequenceVariant": "SK",
    "SeriesDescription": "ge_func_pace_3x3x3.5_185",
    "SeriesNumber": 2,
    "ShimSetting": [
      -4567,
      -19356,
      -9753,
      1228,
      -288,
      -185,
      29,
      -38
    ],
    "SliceThickness": 3.5,
    "SliceTiming": [
      0,
      1.035,
      0.06,
      1.095,
      0.1225,
      1.155,
      0.1825,
      1.2175,
      0.2425,
      1.2775,
      0.305,
      1.3375,
      0.365,
      1.4,
      0.425,
      1.46,
      0.4875,
      1.52,
      0.5475,
      1.5825,
      0.6075,
      1.6425,
      0.67,
      1.7025,
      0.73,
      1.765,
      0.79,
      1.825,
      0.8525,
      1.885,
      0.9125,
      1.9475,
      0.9725
    ],
    "SoftwareVersions": "syngo_MR_B17",
    "SpacingBetweenSlices": 4.2,
    "StationName": "MRC35193",
    "TotalReadoutTime": 0.0289803,
    "TxRefAmp": 311.145,
    "dataset": "ds003696",
    "modality": "bold",
    "run_id": 1,
    "session_id": "01",
    "subject_id": "121",
    "task_id": "affordance"
  },
  "dummy_trs": 2,
  "dvars_nstd": 25.410821254340654,
  "dvars_std": 1.3179128545054948,
  "dvars_vstd": 0.9930094444505492,
  "efc": 0.5278837047028493,
  "fber": 1212.060302734375,
  "fd_mean": 0.08364919575941743,
  "fd_num": 0,
  "fd_perc": 0.0,
  "fwhm_avg": 2.000278910160197,
  "fwhm_x": 2.0153536,
  "fwhm_y": 2.160864,
  "fwhm_z": 1.8246191304805905,
  "gcor": 0.024461,
  "gsr_x": -8.649390656501055e-05,
  "gsr_y": 0.02629288285970688,
  "provenance": {
    "md5sum": "571068e0862f1ac1ad5179095a09c64d",
    "settings": {
      "fd_thres": 0.2,
      "testing": false
    },
    "software": "mriqc",
    "version": "23.0.1",
    "webapi_port": null,
    "webapi_url": "https://mriqc.nimh.nih.gov/api/v1"
  },
  "size_t": 183,
  "size_x": 64,
  "size_y": 64,
  "size_z": 33,
  "snr": 5.519961222699202,
  "spacing_tr": 2.0,
  "spacing_x": 3.125,
  "spacing_y": 3.125,
  "spacing_z": 4.199999809265137,
  "summary_bg_k": 45.29907732424281,
  "summary_bg_mad": 10.896719662722754,
  "summary_bg_mean": 51.785545349121094,
  "summary_bg_median": 27.333332061767578,
  "summary_bg_n": 79595.0,
  "summary_bg_p05": 19.1639347076416,
  "summary_bg_p95": 159.20764617919937,
  "summary_bg_stdv": 76.6239013671875,
  "summary_fg_k": 1.2299850237823975,
  "summary_fg_mad": 156.10261206459754,
  "summary_fg_mean": 987.69384765625,
  "summary_fg_median": 972.6229248046875,
  "summary_fg_n": 24935.0,
  "summary_fg_p05": 730.9021789550782,
  "summary_fg_p95": 1305.4349365234375,
  "summary_fg_stdv": 176.197509765625,
  "tsnr": 80.27250936627388
}