{
  "aor": 0.0010879166666666667,
  "aqi": 0.004122015729166667,
  "bids_meta": {
    "AcquisitionMatrixPE": 64,
    "AcquisitionNumber": 1,
    "AcquisitionTime": "15:38:0.150000",
    "BandwidthPerPixelPhaseEncode": 33.967,
    "BaseResolution": 64,
    "ConversionSoftware": "dcm2niix",
    "ConversionSoftwareVersion": "v1.0.20180622 GCC4.9.2",
    "DerivedVendorReportedEchoSpacing": 0.000460005,
    "DeviceSerialNumber": "35193",
    "DwellTime": 3.1e-06,
    "EchoTime": 0.03,
    "EffectiveEchoSpacing": 0.000460005,
    "FlipAngle": 90,
    "ImageOrientationPatientDICOM": [
      1,
      0,
      0,
      0,
      1,
      0
    ],
    "ImageType": [
      "ORIGINAL",
      "PRIMARY",
      "M",
      "ND",
      "MOSAIC"
    ],
    "InPlanePhaseEncodingDirectionDICOM": "COL",
    "InstitutionAddress": "Xinjiekouwai_Street_No_19_Beijing_Haidian_District_CN_100875",
    "InstitutionName": "BNU_MRI_Center",
    "InstitutionalDepartmentName": "Department",
    "MRAcquisitionType": "2D",
    "MagneticFieldStrength": 3,
    "Manufacturer": "Siemens",
    "ManufacturersModelName": "TrioTim",
    "Modality": "MR",
    "PartialFourier": 1,
    "PatientPosition": "HFS",
    "PercentPhaseFOV": 100,
    "PhaseEncodingDirection": "j-",
    "PhaseEncodingSteps": 64,
    "PhaseResolution": 1,
    "PixelBandwidth": 2520,
    "ProcedureStepDescription": "BNU_cst_2015_Liu.Jia",
    "ProtocolName": "ge_func_pace_3x3x3.5_99",
    "PulseSequenceDetails": "%SiemensSeq%_ep2d_bold",
    "ReceiveCoilName": "HeadMatrix",
    "ReconMatrixPE": 64,
    "RepetitionTime": 2,
    "SAR": 0.1305,
    "ScanOptions": "FS",
    "ScanningSequence": "EP",
    "SequenceName": "_epfid2d1_64",
    "SequenceVariant": "SK",
    "SeriesDescription": "ge_func_pace_3x3x3.5_99",
    "SeriesNumber": 12,
    "ShimSetting": [
      -4567,
      -19356,
      -9753,
      1228,
      -288,
      -185,
      29,
      -38
    ],
    "SliceThickness": 3.5,
    "SliceTiming": [
      0,
      1.035,
      0.06,
      1.095,
      0.1225,
      1.155,
      0.1825,
      1.2175,
      0.2425,
      1.2775,
      0.305,
      1.3375,
      0.365,
      1.4,
      0.425,
      1.46,
      0.4875,
      1.52,
      0.5475,
      1.5825,
      0.6075,
      1.6425,
      0.67,
      1.7025,
      0.73,
      1.765,
      0.79,
      1.825,
      0.8525,
      1.885,
      0.9125,
      1.9475,
      0.9725
    ],
    "SoftwareVersions": "syngo_MR_B17",
    "SpacingBetweenSlices": 4.2,
    "StationName": "MRC35193",
    "TotalReadoutTime": 0.0289803,
    "TxRefAmp": 311.145,
    "dataset": "ds003696",
    "modality": "bold",
    "run_id": 2,
    "session_id": "01",
    "subject_id": "121",
    "task_id": "localizer"
  },
  "dummy_trs": 3,
  "dvars_nstd": 24.612700371894743,
  "dvars_std": 1.3010259047368427,
  "dvars_vstd": 1.0005087194736844,
  "efc": 0.5310394879428382,
  "fber": 1145.6893310546875,
  "fd_mean": 0.07752474823966654,
  "fd_num": 0,
  "fd_perc": 0.0,
  "fwhm_avg": 2.010942256512033,
  "fwhm_x": 2.014432,
  "fwhm_y": 2.1726304,
  "fwhm_z": 1.8457643695360988,
  "gcor": 0.0096104,
  "gsr_x": 0.0003808863402809948,
  "gsr_y": 0.02374662458896637,
  "provenance": {
    "md5sum": "c71f1b6264ff73d3083439e0d950190c",
    "settings": {
      "fd_thres": 0.2,
      "testing": false
    },
    "software": "mriqc",
    "version": "23.0.1",
    "webapi_port": null,
    "webapi_url": "https://mriqc.nimh.nih.gov/api/v1"
  },
  "size_t": 96,
  "size_x": 64,
  "size_y": 64,
  "size_z": 33,
  "snr": 5.470517294741119,
  "spacing_tr": 2.0,
  "spacing_x": 3.125,
  "spacing_y": 3.125,
  "spacing_z": 4.199999809265137,
  "summary_bg_k": 37.95772021467696,
  "summary_bg_mad": 11.783600767723858,
  "summary_bg_mean": 54.73445129394531,
  "summary_bg_median": 28.322917938232422,
  "summary_bg_n": 79554.0,
  "summary_bg_p05": 19.46875,
  "summary_bg_p95": 176.68177261352474,
  "summary_bg_stdv": 80.34728240966797,
  "summary_fg_k": 1.2239266282995542,
  "summary_fg_mad": 159.46466415964443,
  "summary_fg_mean": 996.3530883789062,
  "summary_fg_median": 980.8646240234375,
  "summary_fg_n": 24974.0,
  "summary_fg_p05": 734.3703460693359,
  "summary_fg_p95": 1314.7515624999999,
  "summary_fg_stdv": 179.29656982421875,
  "tsnr": 87.93180349422619
}