{
  "aor": 0.0010903125,
  "aqi": 0.0040091344791666665,
  "bids_meta": {
    "AcquisitionMatrixPE": 64,
    "AcquisitionNumber": 1,
    "AcquisitionTime": "15:42:21.595000",
    "BandwidthPerPixelPhaseEncode": 33.967,
    "BaseResolution": 64,
    "ConversionSoftware": "dcm2niix",
    "ConversionSoftwareVersion": "v1.0.20180622 GCC4.9.2",
    "DerivedVendorReportedEchoSpacing": 0.000460005,
    "DeviceSerialNumber": "35193",
    "DwellTime": 3.1e-06,
    "EchoTime": 0.03,
    "EffectiveEchoSpacing": 0.000460005,
    "FlipAngle": 90,
    "ImageOrientationPatientDICOM": [
      1,
      0,
      0,
      0,
      1,
      0
    ],
    "ImageType": [
      "ORIGINAL",
      "PRIMARY",
      "M",
      "ND",
      "MOSAIC"
    ],
    "InPlanePhaseEncodingDirectionDICOM": "COL",
    "InstitutionAddress": "Xinjiekouwai_Street_No_19_Beijing_Haidian_District_CN_100875",
    "InstitutionName": "BNU_MRI_Center",
    "InstitutionalDepartmentName": "Department",
    "MRAcquisitionType": "2D",
    "MagneticFieldStrength": 3,
    "Manufacturer": "Siemens",
    "ManufacturersModelName": "TrioTim",
    "Modality": "MR",
    "PartialFourier": 1,
    "PatientPosition": "HFS",
    "PercentPhaseFOV": 100,
    "PhaseEncodingDirection": "j-",
    "PhaseEncodingSteps": 64,
    "PhaseResolution": 1,
    "PixelBandwidth": 2520,
    "ProcedureStepDescription": "BNU_cst_2015_Liu.Jia",
    "ProtocolName": "ge_func_pace_3x3x3.5_99",
    "PulseSequenceDetails": "%SiemensSeq%_ep2d_bold",
    "ReceiveCoilName": "HeadMatrix",
    "ReconMatrixPE": 64,
    "RepetitionTime": 2,
    "SAR": 0.1305,
    "ScanOptions": "FS",
    "ScanningSequence": "EP",
    "SequenceName": "_epfid2d1_64",
    "SequenceVariant": "SK",
    "SeriesDescription": "ge_func_pace_3x3x3.5_99",
    "SeriesNumber": 14,
    "ShimSetting": [
      -4567,
      -19356,
      -9753,
      1228,
      -288,
      -185,
      29,
      -38
    ],
    "SliceThickness": 3.5,
    "SliceTiming": [
      0,
      1.035,
      0.0625,
      1.095,
      0.1225,
      1.1575,
      0.1825,
      1.2175,
      0.245,
      1.2775,
      0.305,
      1.34,
      0.365,
      1.4,
      0.4275,
      1.46,
      0.4875,
      1.5225,
      0.5475,
      1.5825,
      0.61,
      1.6425,
      0.67,
      1.705,
      0.73,
      1.765,
      0.7925,
      1.825,
      0.8525,
      1.8875,
      0.9125,
      1.9475,
      0.975
    ],
    "SoftwareVersions": "syngo_MR_B17",
    "SpacingBetweenSlices": 4.2,
    "StationName": "MRC35193",
    "TotalReadoutTime": 0.0289803,
    "TxRefAmp": 311.145,
    "dataset": "ds003696",
    "modality": "bold",
    "run_id": 3,
    "session_id": "01",
    "subject_id": "121",
    "task_id": "localizer"
  },
  "dummy_trs": 3,
  "dvars_nstd": 24.496161671894725,
  "dvars_std": 1.3034827641052629,
  "dvars_vstd": 1.0008997345263164,
  "efc": 0.5310600037658428,
  "fber": 1145.3138427734375,
  "fd_mean": 0.07088584858461358,
  "fd_num": 1,
  "fd_perc": 1.0416666666666667,
  "fwhm_avg": 2.0151949230417037,
  "fwhm_x": 2.0264992,
  "fwhm_y": 2.1823712,
  "fwhm_z": 1.8367143691251104,
  "gcor": 0.0106779,
  "gsr_x": 8.679269376443699e-05,
  "gsr_y": 0.02406107820570469,
  "provenance": {
    "md5sum": "b6400decf2f3b91635f3faf05b02a196",
    "settings": {
      "fd_thres": 0.2,
      "testing": false
    },
    "software": "mriqc",
    "version": "23.0.1",
    "webapi_port": null,
    "webapi_url": "https://mriqc.nimh.nih.gov/api/v1"
  },
  "size_t": 96,
  "size_x": 64,
  "size_y": 64,
  "size_z": 33,
  "snr": 5.459117514609468,
  "spacing_tr": 2.0,
  "spacing_x": 3.125,
  "spacing_y": 3.125,
  "spacing_z": 4.199999809265137,
  "summary_bg_k": 38.5594099115011,
  "summary_bg_mad": 11.799040770380872,
  "summary_bg_mean": 54.840606689453125,
  "summary_bg_median": 28.34375,
  "summary_bg_n": 79501.0,
  "summary_bg_p05": 19.48958396911621,
  "summary_bg_p95": 176.80209350585938,
  "summary_bg_stdv": 80.64661407470703,
  "summary_fg_k": 1.2646258328036808,
  "summary_fg_mad": 160.0129935140777,
  "summary_fg_mean": 997.9756469726562,
  "summary_fg_median": 982.3646240234375,
  "summary_fg_n": 24953.0,
  "summary_fg_p05": 735.4271240234375,
  "summary_fg_p95": 1317.3417480468747,
  "summary_fg_stdv": 179.94573974609375,
  "tsnr": 89.52140913554467
}