{
  "aor": 0.004689243243243243,
  "aqi": 0.008337989513513513,
  "bids_meta": {
    "AcquisitionMatrixPE": 64,
    "AcquisitionNumber": 1,
    "AcquisitionTime": "09:08:59.285000",
    "BandwidthPerPixelPhaseEncode": 33.967,
    "BaseResolution": 64,
    "ConversionSoftware": "dcm2niix",
    "ConversionSoftwareVersion": "v1.0.20180622 GCC4.9.2",
    "DerivedVendorReportedEchoSpacing": 0.000460005,
    "DeviceSerialNumber": "35193",
    "DwellTime": 3.1e-06,
    "EchoTime": 0.03,
    "EffectiveEchoSpacing": 0.000460005,
    "FlipAngle": 90,
    "ImageOrientationPatientDICOM": [
      1,
      0,
      0,
      0,
      1,
      0
    ],
    "ImageType": [
      "ORIGINAL",
      "PRIMARY",
      "M",
      "ND",
      "MOSAIC"
    ],
    "InPlanePhaseEncodingDirectionDICOM": "COL",
    "InstitutionAddress": "Xinjiekouwai_Street_No_19_Beijing_Haidian_District_CN_100875",
    "InstitutionName": "BNU_MRI_Center",
    "InstitutionalDepartmentName": "Department",
    "MRAcquisitionType": "2D",
    "MagneticFieldStrength": 3,
    "Manufacturer": "Siemens",
    "ManufacturersModelName": "TrioTim",
    "Modality": "MR",
    "PartialFourier": 1,
    "PatientPosition": "HFS",
    "PercentPhaseFOV": 100,
    "PhaseEncodingDirection": "j-",
    "PhaseEncodingSteps": 64,
    "PhaseResolution": 1,
    "PixelBandwidth": 2520,
    "ProcedureStepDescription": "BNU_cst_2019_Xu.Shan",
    "ProtocolName": "ge_func_pace_3x3x3.5_185",
    "PulseSequenceDetails": "%SiemensSeq%_ep2d_bold",
    "ReceiveCoilName": "HeadMatrix",
    "ReconMatrixPE": 64,
    "RepetitionTime": 2,
    "SAR": 0.140363,
    "ScanOptions": "FS",
    "ScanningSequence": "EP",
    "SequenceName": "_epfid2d1_64",
    "SequenceVariant": "SK",
    "SeriesDescription": "ge_func_pace_3x3x3.5_185",
    "SeriesNumber": 2,
    "ShimSetting": [
      -4500,
      -19381,
      -9883,
      817,
      -53,
      -90,
      -12,
      -11
    ],
    "SliceThickness": 3.5,
    "SliceTiming": [
      0,
      1.035,
      0.06,
      1.095,
      0.1225,
      1.155,
      0.1825,
      1.2175,
      0.2425,
      1.2775,
      0.305,
      1.3375,
      0.365,
      1.4,
      0.425,
      1.46,
      0.4875,
      1.52,
      0.5475,
      1.5825,
      0.6075,
      1.6425,
      0.67,
      1.7025,
      0.73,
      1.765,
      0.79,
      1.825,
      0.8525,
      1.885,
      0.9125,
      1.9475,
      0.9725
    ],
    "SoftwareVersions": "syngo_MR_B17",
    "SpacingBetweenSlices": 4.2,
    "StationName": "MRC35193",
    "TotalReadoutTime": 0.0289803,
    "TxRefAmp": 304.558,
    "dataset": "ds003696",
    "modality": "bold",
    "run_id": 5,
    "session_id": "02",
    "subject_id": "137",
    "task_id": "affordance"
  },
  "dummy_trs": 0,
  "dvars_nstd": 22.25754266168478,
  "dvars_std": 1.15240409527174,
  "dvars_vstd": 1.0071303133695655,
  "efc": 0.5249557314098133,
  "fber": 1036.127197265625,
  "fd_mean": 0.11748216187729002,
  "fd_num": 14,
  "fd_perc": 7.5675675675675675,
  "fwhm_avg": 2.041128688830089,
  "fwhm_x": 1.9939840000000002,
  "fwhm_y": 2.2458496,
  "fwhm_z": 1.8835524664902672,
  "gcor": 0.0389258,
  "gsr_x": -0.006837740540504456,
  "gsr_y": 0.03619185835123062,
  "provenance": {
    "md5sum": "8cac62ff91bd58f19a8e69190ad33e07",
    "settings": {
      "fd_thres": 0.2,
      "testing": false
    },
    "software": "mriqc",
    "version": "23.0.1",
    "webapi_port": null,
    "webapi_url": "https://mriqc.nimh.nih.gov/api/v1"
  },
  "size_t": 185,
  "size_x": 64,
  "size_y": 64,
  "size_z": 33,
  "snr": 5.86592921498133,
  "spacing_tr": 2.0,
  "spacing_x": 3.125,
  "spacing_y": 3.125,
  "spacing_z": 4.199999809265137,
  "summary_bg_k": 53.51415068757718,
  "summary_bg_mad": 12.726337354864404,
  "summary_bg_mean": 49.73335266113281,
  "summary_bg_median": 26.88108253479004,
  "summary_bg_n": 81569.0,
  "summary_bg_p05": 17.018378448486327,
  "summary_bg_p95": 150.38054199218732,
  "summary_bg_stdv": 70.99748229980469,
  "summary_fg_k": 0.8811261687779735,
  "summary_fg_mad": 133.1737669759986,
  "summary_fg_mean": 885.730712890625,
  "summary_fg_median": 881.5054321289062,
  "summary_fg_n": 23226.0,
  "summary_fg_p05": 639.595947265625,
  "summary_fg_p95": 1142.3959655761719,
  "summary_fg_stdv": 150.2722625732422,
  "tsnr": 57.94446523906663
}