{
  "aor": 0.0023017171717171717,
  "aqi": 0.0044951312121212115,
  "bids_meta": {
    "AcquisitionMatrixPE": 64,
    "AcquisitionNumber": 1,
    "AcquisitionTime": "12:56:29.130000",
    "BandwidthPerPixelPhaseEncode": 33.967,
    "BaseResolution": 64,
    "ConversionSoftware": "dcm2niix",
    "ConversionSoftwareVersion": "v1.0.20180622 GCC4.9.2",
    "DerivedVendorReportedEchoSpacing": 0.000460005,
    "DeviceSerialNumber": "35193",
    "DwellTime": 3.1e-06,
    "EchoTime": 0.03,
    "EffectiveEchoSpacing": 0.000460005,
    "FlipAngle": 90,
    "ImageOrientationPatientDICOM": [
      1,
      2e-16,
      0,
      -2e-16,
      0.975917,
      -0.218143
    ],
    "ImageType": [
      "ORIGINAL",
      "PRIMARY",
      "M",
      "ND",
      "MOSAIC"
    ],
    "InPlanePhaseEncodingDirectionDICOM": "COL",
    "InstitutionAddress": "Xinjiekouwai_Street_No_19_Beijing_Haidian_District_CN_100875",
    "InstitutionName": "Beijing_Normal_Universtiy_0C7E54",
    "InstitutionalDepartmentName": "Department",
    "MRAcquisitionType": "2D",
    "MagneticFieldStrength": 3,
    "Manufacturer": "Siemens",
    "ManufacturersModelName": "TrioTim",
    "Modality": "MR",
    "PartialFourier": 1,
    "PatientPosition": "HFS",
    "PercentPhaseFOV": 100,
    "PhaseEncodingDirection": "j-",
    "PhaseEncodingSteps": 64,
    "PhaseResolution": 1,
    "PixelBandwidth": 2520,
    "ProcedureStepDescription": "BNU_cst_2019_Xu.Shan",
    "ProtocolName": "ge_func_pace_3x3x3.5_99",
    "PulseSequenceDetails": "%SiemensSeq%_ep2d_bold",
    "ReceiveCoilName": "HeadMatrix",
    "ReconMatrixPE": 64,
    "RepetitionTime": 2,
    "SAR": 0.1762,
    "ScanOptions": "FS",
    "ScanningSequence": "EP",
    "SequenceName": "_epfid2d1_64",
    "SequenceVariant": "SK",
    "SeriesDescription": "ge_func_pace_3x3x3.5_99",
    "SeriesNumber": 18,
    "ShimSetting": [
      -4507,
      -19435,
      -9785,
      1038,
      -90,
      -639,
      -143,
      -9
    ],
    "SliceThickness": 3.5,
    "SliceTiming": [
      0,
      1.035,
      0.0625,
      1.095,
      0.1225,
      1.1575,
      0.1825,
      1.2175,
      0.245,
      1.2775,
      0.305,
      1.34,
      0.365,
      1.4,
      0.4275,
      1.46,
      0.4875,
      1.5225,
      0.5475,
      1.5825,
      0.61,
      1.6425,
      0.67,
      1.705,
      0.73,
      1.765,
      0.7925,
      1.825,
      0.8525,
      1.8875,
      0.9125,
      1.9475,
      0.975
    ],
    "SoftwareVersions": "syngo_MR_B17",
    "SpacingBetweenSlices": 4.2,
    "StationName": "MRC35193",
    "TotalReadoutTime": 0.0289803,
    "TxRefAmp": 354.489,
    "dataset": "ds003696",
    "modality": "bold",
    "run_id": 3,
    "session_id": "01",
    "subject_id": "139",
    "task_id": "localizer"
  },
  "dummy_trs": 0,
  "dvars_nstd": 23.75040546714285,
  "dvars_std": 1.1616396870408165,
  "dvars_vstd": 1.0306576420408162,
  "efc": 0.5522698236653905,
  "fber": 694.425537109375,
  "fd_mean": 0.16906645603495368,
  "fd_num": 26,
  "fd_perc": 26.262626262626263,
  "fwhm_avg": 1.9249882805864373,
  "fwhm_x": 1.9083936,
  "fwhm_y": 2.1081664,
  "fwhm_z": 1.7584048417593112,
  "gcor": 0.0615088,
  "gsr_x": 0.00011846075358334929,
  "gsr_y": 0.0266499612480402,
  "provenance": {
    "md5sum": "42f306f8c87f3f8b51e41371d9a5bb92",
    "settings": {
      "fd_thres": 0.2,
      "testing": false
    },
    "software": "mriqc",
    "version": "23.0.1",
    "webapi_port": null,
    "webapi_url": "https://mriqc.nimh.nih.gov/api/v1"
  },
  "size_t": 99,
  "size_x": 64,
  "size_y": 64,
  "size_z": 33,
  "snr": 5.514150731146334,
  "spacing_tr": 2.0,
  "spacing_x": 3.125,
  "spacing_y": 3.125,
  "spacing_z": 4.199999809265137,
  "summary_bg_k": 19.913334209795774,
  "summary_bg_mad": 14.03230707410949,
  "summary_bg_mean": 57.48540496826172,
  "summary_bg_median": 29.31313133239746,
  "summary_bg_n": 79961.0,
  "summary_bg_p05": 18.878787994384766,
  "summary_bg_p95": 197.06060791015625,
  "summary_bg_stdv": 75.00997924804688,
  "summary_fg_k": 0.8379127716093273,
  "summary_fg_mad": 129.6828106536409,
  "summary_fg_mean": 791.88916015625,
  "summary_fg_median": 787.4747314453125,
  "summary_fg_n": 24038.0,
  "summary_fg_p05": 556.1484588623047,
  "summary_fg_p95": 1027.5631225585937,
  "summary_fg_stdv": 142.80682373046875,
  "tsnr": 67.14310163946357
}