{
  "aor": 0.0010461224489795918,
  "aqi": 0.0025932643877551024,
  "bids_meta": {
    "AcquisitionMatrixPE": 64,
    "AcquisitionNumber": 1,
    "AcquisitionTime": "14:53:28.745000",
    "BandwidthPerPixelPhaseEncode": 33.967,
    "BaseResolution": 64,
    "ConversionSoftware": "dcm2niix",
    "ConversionSoftwareVersion": "v1.0.20180622 GCC4.9.2",
    "DerivedVendorReportedEchoSpacing": 0.000460005,
    "DeviceSerialNumber": "35193",
    "DwellTime": 3.1e-06,
    "EchoTime": 0.03,
    "EffectiveEchoSpacing": 0.000460005,
    "FlipAngle": 90,
    "ImageOrientationPatientDICOM": [
      1,
      0,
      0,
      0,
      1,
      0
    ],
    "ImageType": [
      "ORIGINAL",
      "PRIMARY",
      "M",
      "ND",
      "MOSAIC"
    ],
    "InPlanePhaseEncodingDirectionDICOM": "COL",
    "InstitutionAddress": "Xinjiekouwai_Street_No_19_Beijing_Haidian_District_CN_100875",
    "InstitutionName": "BNU_MRI_Center",
    "InstitutionalDepartmentName": "Department",
    "MRAcquisitionType": "2D",
    "MagneticFieldStrength": 3,
    "Manufacturer": "Siemens",
    "ManufacturersModelName": "TrioTim",
    "Modality": "MR",
    "PartialFourier": 1,
    "PatientPosition": "HFS",
    "PercentPhaseFOV": 100,
    "PhaseEncodingDirection": "j-",
    "PhaseEncodingSteps": 64,
    "PhaseResolution": 1,
    "PixelBandwidth": 2520,
    "ProcedureStepDescription": "BNU_cst_2019_Xu.Shan",
    "ProtocolName": "ge_func_pace_3x3x3.5_99",
    "PulseSequenceDetails": "%SiemensSeq%_ep2d_bold",
    "ReceiveCoilName": "HeadMatrix",
    "ReconMatrixPE": 64,
    "RepetitionTime": 2,
    "SAR": 0.120625,
    "ScanOptions": "FS",
    "ScanningSequence": "EP",
    "SequenceName": "_epfid2d1_64",
    "SequenceVariant": "SK",
    "SeriesDescription": "ge_func_pace_3x3x3.5_99",
    "SeriesNumber": 12,
    "ShimSetting": [
      -4515,
      -19288,
      -9921,
      960,
      -160,
      -237,
      -68,
      -20
    ],
    "SliceThickness": 3.5,
    "SliceTiming": [
      0,
      1.035,
      0.0625,
      1.095,
      0.1225,
      1.1575,
      0.1825,
      1.2175,
      0.245,
      1.2775,
      0.305,
      1.34,
      0.365,
      1.4,
      0.4275,
      1.46,
      0.4875,
      1.5225,
      0.5475,
      1.5825,
      0.61,
      1.6425,
      0.67,
      1.705,
      0.73,
      1.765,
      0.7925,
      1.825,
      0.8525,
      1.8875,
      0.9125,
      1.9475,
      0.975
    ],
    "SoftwareVersions": "syngo_MR_B17",
    "SpacingBetweenSlices": 4.2,
    "StationName": "MRC35193",
    "TotalReadoutTime": 0.0289803,
    "TxRefAmp": 320.16,
    "dataset": "ds003696",
    "modality": "bold",
    "run_id": 2,
    "session_id": "01",
    "subject_id": "129",
    "task_id": "localizer"
  },
  "dummy_trs": 1,
  "dvars_nstd": 18.224033414948458,
  "dvars_std": 1.0793027455670101,
  "dvars_vstd": 1.022566681030928,
  "efc": 0.5110347618658101,
  "fber": 1022.6802978515625,
  "fd_mean": 0.07537357243451802,
  "fd_num": 0,
  "fd_perc": 0.0,
  "fwhm_avg": 2.236523364735711,
  "fwhm_x": 2.1591456,
  "fwhm_y": 2.4759744,
  "fwhm_z": 2.0744500942071324,
  "gcor": 0.0163608,
  "gsr_x": 0.0027678734622895718,
  "gsr_y": 0.025574112311005592,
  "provenance": {
    "md5sum": "bbc6987f35ed04ea7de657dd38b4aca9",
    "settings": {
      "fd_thres": 0.2,
      "testing": false
    },
    "software": "mriqc",
    "version": "23.0.1",
    "webapi_port": null,
    "webapi_url": "https://mriqc.nimh.nih.gov/api/v1"
  },
  "size_t": 98,
  "size_x": 64,
  "size_y": 64,
  "size_z": 33,
  "snr": 5.457119150208755,
  "spacing_tr": 2.0,
  "spacing_x": 3.125,
  "spacing_y": 3.125,
  "spacing_z": 4.199999809265137,
  "summary_bg_k": 30.068130978370228,
  "summary_bg_mad": 12.980333882090228,
  "summary_bg_mean": 56.48014450073242,
  "summary_bg_median": 27.918367385864258,
  "summary_bg_n": 85461.0,
  "summary_bg_p05": 18.32653045654297,
  "summary_bg_p95": 200.0,
  "summary_bg_stdv": 79.51590728759766,
  "summary_fg_k": 0.6747195358766347,
  "summary_fg_mad": 152.89710915399982,
  "summary_fg_mean": 908.1748046875,
  "summary_fg_median": 909.3367309570312,
  "summary_fg_n": 20116.0,
  "summary_fg_p05": 627.1249847412109,
  "summary_fg_p95": 1180.6453857421875,
  "summary_fg_stdv": 166.62896728515625,
  "tsnr": 83.2337788771838
}