{
  "aor": 0.0010472164948453608,
  "aqi": 0.0026671060824742265,
  "bids_meta": {
    "AcquisitionMatrixPE": 64,
    "AcquisitionNumber": 1,
    "AcquisitionTime": "14:49:21.142500",
    "BandwidthPerPixelPhaseEncode": 33.967,
    "BaseResolution": 64,
    "ConversionSoftware": "dcm2niix",
    "ConversionSoftwareVersion": "v1.0.20180622 GCC4.9.2",
    "DerivedVendorReportedEchoSpacing": 0.000460005,
    "DeviceSerialNumber": "35193",
    "DwellTime": 3.1e-06,
    "EchoTime": 0.03,
    "EffectiveEchoSpacing": 0.000460005,
    "FlipAngle": 90,
    "ImageOrientationPatientDICOM": [
      1,
      0,
      0,
      0,
      1,
      0
    ],
    "ImageType": [
      "ORIGINAL",
      "PRIMARY",
      "M",
      "ND",
      "MOSAIC"
    ],
    "InPlanePhaseEncodingDirectionDICOM": "COL",
    "InstitutionAddress": "Xinjiekouwai_Street_No_19_Beijing_Haidian_District_CN_100875",
    "InstitutionName": "BNU_MRI_Center",
    "InstitutionalDepartmentName": "Department",
    "MRAcquisitionType": "2D",
    "MagneticFieldStrength": 3,
    "Manufacturer": "Siemens",
    "ManufacturersModelName": "TrioTim",
    "Modality": "MR",
    "PartialFourier": 1,
    "PatientPosition": "HFS",
    "PercentPhaseFOV": 100,
    "PhaseEncodingDirection": "j-",
    "PhaseEncodingSteps": 64,
    "PhaseResolution": 1,
    "PixelBandwidth": 2520,
    "ProcedureStepDescription": "BNU_cst_2019_Xu.Shan",
    "ProtocolName": "ge_func_pace_3x3x3.5_99",
    "PulseSequenceDetails": "%SiemensSeq%_ep2d_bold",
    "ReceiveCoilName": "HeadMatrix",
    "ReconMatrixPE": 64,
    "RepetitionTime": 2,
    "SAR": 0.120625,
    "ScanOptions": "FS",
    "ScanningSequence": "EP",
    "SequenceName": "_epfid2d1_64",
    "SequenceVariant": "SK",
    "SeriesDescription": "ge_func_pace_3x3x3.5_99",
    "SeriesNumber": 10,
    "ShimSetting": [
      -4515,
      -19288,
      -9921,
      960,
      -160,
      -237,
      -68,
      -20
    ],
    "SliceThickness": 3.5,
    "SliceTiming": [
      0,
      1.035,
      0.0625,
      1.095,
      0.1225,
      1.1575,
      0.1825,
      1.2175,
      0.245,
      1.2775,
      0.305,
      1.34,
      0.365,
      1.4,
      0.4275,
      1.46,
      0.4875,
      1.5225,
      0.5475,
      1.5825,
      0.61,
      1.6425,
      0.67,
      1.705,
      0.73,
      1.765,
      0.7925,
      1.825,
      0.8525,
      1.8875,
      0.9125,
      1.9475,
      0.975
    ],
    "SoftwareVersions": "syngo_MR_B17",
    "SpacingBetweenSlices": 4.2,
    "StationName": "MRC35193",
    "TotalReadoutTime": 0.0289803,
    "TxRefAmp": 320.16,
    "dataset": "ds003696",
    "modality": "bold",
    "run_id": 1,
    "session_id": "01",
    "subject_id": "129",
    "task_id": "localizer"
  },
  "dummy_trs": 2,
  "dvars_nstd": 18.049852301458326,
  "dvars_std": 1.0570354137499998,
  "dvars_vstd": 1.0070535876041669,
  "efc": 0.5110128970571832,
  "fber": 1021.7593383789062,
  "fd_mean": 0.08135745967378524,
  "fd_num": 1,
  "fd_perc": 1.0309278350515463,
  "fwhm_avg": 2.234445542375483,
  "fwhm_x": 2.159008,
  "fwhm_y": 2.4789952,
  "fwhm_z": 2.0653334271264496,
  "gcor": 0.00741352,
  "gsr_x": 0.002823436399921775,
  "gsr_y": 0.025501135736703873,
  "provenance": {
    "md5sum": "ab07bcf71ac376e444dc3d0ff0d4a5ae",
    "settings": {
      "fd_thres": 0.2,
      "testing": false
    },
    "software": "mriqc",
    "version": "23.0.1",
    "webapi_port": null,
    "webapi_url": "https://mriqc.nimh.nih.gov/api/v1"
  },
  "size_t": 97,
  "size_x": 64,
  "size_y": 64,
  "size_z": 33,
  "snr": 5.480196771622018,
  "spacing_tr": 2.0,
  "spacing_x": 3.125,
  "spacing_y": 3.125,
  "spacing_z": 4.199999809265137,
  "summary_bg_k": 29.305880728461105,
  "summary_bg_mad": 13.190572423763921,
  "summary_bg_mean": 56.33240509033203,
  "summary_bg_median": 27.95876121520996,
  "summary_bg_n": 85435.0,
  "summary_bg_p05": 18.12371063232422,
  "summary_bg_p95": 199.54741973876975,
  "summary_bg_stdv": 78.71924591064453,
  "summary_fg_k": 0.6767107484673209,
  "summary_fg_mad": 152.4710781942388,
  "summary_fg_mean": 908.2972412109375,
  "summary_fg_median": 909.51025390625,
  "summary_fg_n": 20184.0,
  "summary_fg_p05": 628.8118133544922,
  "summary_fg_p95": 1180.375177001953,
  "summary_fg_stdv": 165.95895385742188,
  "tsnr": 83.00793767860159
}