{
  "aor": 0.002269673913043478,
  "aqi": 0.0038559805978260874,
  "bids_meta": {
    "AcquisitionMatrixPE": 64,
    "AcquisitionNumber": 1,
    "AcquisitionTime": "14:20:58.795000",
    "BandwidthPerPixelPhaseEncode": 33.967,
    "BaseResolution": 64,
    "ConversionSoftware": "dcm2niix",
    "ConversionSoftwareVersion": "v1.0.20180622 GCC4.9.2",
    "DerivedVendorReportedEchoSpacing": 0.000460005,
    "DeviceSerialNumber": "35193",
    "DwellTime": 3.1e-06,
    "EchoTime": 0.03,
    "EffectiveEchoSpacing": 0.000460005,
    "FlipAngle": 90,
    "ImageOrientationPatientDICOM": [
      1,
      0,
      0,
      0,
      1,
      0
    ],
    "ImageType": [
      "ORIGINAL",
      "PRIMARY",
      "M",
      "ND",
      "MOSAIC"
    ],
    "InPlanePhaseEncodingDirectionDICOM": "COL",
    "InstitutionAddress": "Xinjiekouwai_Street_No_19_Beijing_Haidian_District_CN_100875",
    "InstitutionName": "BNU_MRI_Center",
    "InstitutionalDepartmentName": "Department",
    "MRAcquisitionType": "2D",
    "MagneticFieldStrength": 3,
    "Manufacturer": "Siemens",
    "ManufacturersModelName": "TrioTim",
    "Modality": "MR",
    "PartialFourier": 1,
    "PatientPosition": "HFS",
    "PercentPhaseFOV": 100,
    "PhaseEncodingDirection": "j-",
    "PhaseEncodingSteps": 64,
    "PhaseResolution": 1,
    "PixelBandwidth": 2520,
    "ProcedureStepDescription": "BNU_cst_2019_Xu.Shan",
    "ProtocolName": "ge_func_pace_3x3x3.5_185",
    "PulseSequenceDetails": "%SiemensSeq%_ep2d_bold",
    "ReceiveCoilName": "HeadMatrix",
    "ReconMatrixPE": 64,
    "RepetitionTime": 2,
    "SAR": 0.121035,
    "ScanOptions": "FS",
    "ScanningSequence": "EP",
    "SequenceName": "_epfid2d1_64",
    "SequenceVariant": "SK",
    "SeriesDescription": "ge_func_pace_3x3x3.5_185",
    "SeriesNumber": 2,
    "ShimSetting": [
      -4515,
      -19288,
      -9921,
      960,
      -160,
      -237,
      -68,
      -20
    ],
    "SliceThickness": 3.5,
    "SliceTiming": [
      0,
      1.0325,
      0.06,
      1.095,
      0.12,
      1.155,
      0.1825,
      1.215,
      0.2425,
      1.2775,
      0.3025,
      1.3375,
      0.365,
      1.3975,
      0.425,
      1.46,
      0.485,
      1.52,
      0.5475,
      1.58,
      0.6075,
      1.6425,
      0.6675,
      1.7025,
      0.73,
      1.7625,
      0.79,
      1.825,
      0.85,
      1.885,
      0.9125,
      1.945,
      0.9725
    ],
    "SoftwareVersions": "syngo_MR_B17",
    "SpacingBetweenSlices": 4.2,
    "StationName": "MRC35193",
    "TotalReadoutTime": 0.0289803,
    "TxRefAmp": 320.16,
    "dataset": "ds003696",
    "modality": "bold",
    "run_id": 1,
    "session_id": "01",
    "subject_id": "129",
    "task_id": "affordance"
  },
  "dummy_trs": 1,
  "dvars_nstd": 20.21344690360657,
  "dvars_std": 1.1074139124043718,
  "dvars_vstd": 1.0172416968852456,
  "efc": 0.5083210524557706,
  "fber": 1058.4681396484375,
  "fd_mean": 0.10607499271489501,
  "fd_num": 12,
  "fd_perc": 6.521739130434782,
  "fwhm_avg": 2.248752462479143,
  "fwhm_x": 2.1887328,
  "fwhm_y": 2.5272864,
  "fwhm_z": 2.0302381874374293,
  "gcor": 0.0113743,
  "gsr_x": 0.0007720825960859656,
  "gsr_y": 0.026670902967453003,
  "provenance": {
    "md5sum": "0e2fd9dd989d309ad7e3cad85b2f789d",
    "settings": {
      "fd_thres": 0.2,
      "testing": false
    },
    "software": "mriqc",
    "version": "23.0.1",
    "webapi_port": null,
    "webapi_url": "https://mriqc.nimh.nih.gov/api/v1"
  },
  "size_t": 184,
  "size_x": 64,
  "size_y": 64,
  "size_z": 33,
  "snr": 5.4878104499199,
  "spacing_tr": 2.0,
  "spacing_x": 3.125,
  "spacing_y": 3.125,
  "spacing_z": 4.199999809265137,
  "summary_bg_k": 34.18467008335908,
  "summary_bg_mad": 12.843846803657607,
  "summary_bg_mean": 53.92416000366211,
  "summary_bg_median": 27.298913955688477,
  "summary_bg_n": 85364.0,
  "summary_bg_p05": 17.440217971801758,
  "summary_bg_p95": 184.10924453735322,
  "summary_bg_stdv": 75.20575714111328,
  "summary_fg_k": 0.6355099975725271,
  "summary_fg_mad": 149.5091766735469,
  "summary_fg_mean": 898.5652465820312,
  "summary_fg_median": 901.0,
  "summary_fg_n": 20211.0,
  "summary_fg_p05": 616.5353393554688,
  "summary_fg_p95": 1166.2201538085938,
  "summary_fg_stdv": 164.17799377441406,
  "tsnr": 70.3820715774782
}