{
  "aor": 0.0018507070707070709,
  "aqi": 0.0030721248484848486,
  "bids_meta": {
    "AcquisitionMatrixPE": 64,
    "AcquisitionNumber": 1,
    "AcquisitionTime": "14:57:30.532500",
    "BandwidthPerPixelPhaseEncode": 33.967,
    "BaseResolution": 64,
    "ConversionSoftware": "dcm2niix",
    "ConversionSoftwareVersion": "v1.0.20180622 GCC4.9.2",
    "DerivedVendorReportedEchoSpacing": 0.000460005,
    "DeviceSerialNumber": "35193",
    "DwellTime": 3.1e-06,
    "EchoTime": 0.03,
    "EffectiveEchoSpacing": 0.000460005,
    "FlipAngle": 90,
    "ImageOrientationPatientDICOM": [
      1,
      0,
      0,
      0,
      1,
      0
    ],
    "ImageType": [
      "ORIGINAL",
      "PRIMARY",
      "M",
      "ND",
      "MOSAIC"
    ],
    "InPlanePhaseEncodingDirectionDICOM": "COL",
    "InstitutionAddress": "Xinjiekouwai_Street_No_19_Beijing_Haidian_District_CN_100875",
    "InstitutionName": "BNU_MRI_Center",
    "InstitutionalDepartmentName": "Department",
    "MRAcquisitionType": "2D",
    "MagneticFieldStrength": 3,
    "Manufacturer": "Siemens",
    "ManufacturersModelName": "TrioTim",
    "Modality": "MR",
    "PartialFourier": 1,
    "PatientPosition": "HFS",
    "PercentPhaseFOV": 100,
    "PhaseEncodingDirection": "j-",
    "PhaseEncodingSteps": 64,
    "PhaseResolution": 1,
    "PixelBandwidth": 2520,
    "ProcedureStepDescription": "BNU_cst_2019_Xu.Shan",
    "ProtocolName": "ge_func_pace_3x3x3.5_99",
    "PulseSequenceDetails": "%SiemensSeq%_ep2d_bold",
    "ReceiveCoilName": "HeadMatrix",
    "ReconMatrixPE": 64,
    "RepetitionTime": 2,
    "SAR": 0.120625,
    "ScanOptions": "FS",
    "ScanningSequence": "EP",
    "SequenceName": "_epfid2d1_64",
    "SequenceVariant": "SK",
    "SeriesDescription": "ge_func_pace_3x3x3.5_99",
    "SeriesNumber": 14,
    "ShimSetting": [
      -4515,
      -19288,
      -9921,
      960,
      -160,
      -237,
      -68,
      -20
    ],
    "SliceThickness": 3.5,
    "SliceTiming": [
      0,
      1.035,
      0.06,
      1.095,
      0.1225,
      1.155,
      0.1825,
      1.2175,
      0.2425,
      1.2775,
      0.305,
      1.3375,
      0.365,
      1.4,
      0.425,
      1.46,
      0.4875,
      1.52,
      0.5475,
      1.5825,
      0.6075,
      1.6425,
      0.67,
      1.7025,
      0.73,
      1.765,
      0.79,
      1.825,
      0.8525,
      1.885,
      0.9125,
      1.9475,
      0.9725
    ],
    "SoftwareVersions": "syngo_MR_B17",
    "SpacingBetweenSlices": 4.2,
    "StationName": "MRC35193",
    "TotalReadoutTime": 0.0289803,
    "TxRefAmp": 320.16,
    "dataset": "ds003696",
    "modality": "bold",
    "run_id": 3,
    "session_id": "01",
    "subject_id": "129",
    "task_id": "localizer"
  },
  "dummy_trs": 0,
  "dvars_nstd": 17.139690477346942,
  "dvars_std": 1.054223921122449,
  "dvars_vstd": 1.0163847809183668,
  "efc": 0.5116190412634356,
  "fber": 1008.3250122070312,
  "fd_mean": 0.06564550007734365,
  "fd_num": 0,
  "fd_perc": 0.0,
  "fwhm_avg": 2.241076672737455,
  "fwhm_x": 2.158608,
  "fwhm_y": 2.4858624000000002,
  "fwhm_z": 2.0787596182123647,
  "gcor": 0.0072679,
  "gsr_x": 0.0030441628769040108,
  "gsr_y": 0.025415418669581413,
  "provenance": {
    "md5sum": "39b7fe4de964be5b16816434988ea952",
    "settings": {
      "fd_thres": 0.2,
      "testing": false
    },
    "software": "mriqc",
    "version": "23.0.1",
    "webapi_port": null,
    "webapi_url": "https://mriqc.nimh.nih.gov/api/v1"
  },
  "size_t": 99,
  "size_x": 64,
  "size_y": 64,
  "size_z": 33,
  "snr": 5.446087106597462,
  "spacing_tr": 2.0,
  "spacing_x": 3.125,
  "spacing_y": 3.125,
  "spacing_z": 4.199999809265137,
  "summary_bg_k": 29.301968693014068,
  "summary_bg_mad": 13.343419966550417,
  "summary_bg_mean": 56.727291107177734,
  "summary_bg_median": 28.090909957885742,
  "summary_bg_n": 85446.0,
  "summary_bg_p05": 18.1616153717041,
  "summary_bg_p95": 200.07828521728516,
  "summary_bg_stdv": 79.52598571777344,
  "summary_fg_k": 0.6820340232016195,
  "summary_fg_mad": 152.88774335019028,
  "summary_fg_mean": 906.3748168945312,
  "summary_fg_median": 908.1514892578125,
  "summary_fg_n": 20154.0,
  "summary_fg_p05": 623.1202056884765,
  "summary_fg_p95": 1178.7782958984374,
  "summary_fg_stdv": 166.74888610839844,
  "tsnr": 80.15719653852284
}