{
  "aor": 0.0019883152173913042,
  "aqi": 0.004835125543478261,
  "bids_meta": {
    "AcquisitionMatrixPE": 64,
    "AcquisitionNumber": 1,
    "AcquisitionTime": "10:19:2.217500",
    "BandwidthPerPixelPhaseEncode": 33.967,
    "BaseResolution": 64,
    "ConversionSoftware": "dcm2niix",
    "ConversionSoftwareVersion": "v1.0.20180622 GCC4.9.2",
    "DerivedVendorReportedEchoSpacing": 0.000460005,
    "DeviceSerialNumber": "35193",
    "DwellTime": 3.1e-06,
    "EchoTime": 0.03,
    "EffectiveEchoSpacing": 0.000460005,
    "FlipAngle": 90,
    "ImageOrientationPatientDICOM": [
      1,
      0,
      0,
      0,
      1,
      0
    ],
    "ImageType": [
      "ORIGINAL",
      "PRIMARY",
      "M",
      "ND",
      "MOSAIC"
    ],
    "InPlanePhaseEncodingDirectionDICOM": "COL",
    "InstitutionAddress": "Xinjiekouwai_Street_No_19_Beijing_Haidian_District_CN_100875",
    "InstitutionName": "BNU_MRI_Center",
    "InstitutionalDepartmentName": "Department",
    "MRAcquisitionType": "2D",
    "MagneticFieldStrength": 3,
    "Manufacturer": "Siemens",
    "ManufacturersModelName": "TrioTim",
    "Modality": "MR",
    "PartialFourier": 1,
    "PatientPosition": "HFS",
    "PercentPhaseFOV": 100,
    "PhaseEncodingDirection": "j-",
    "PhaseEncodingSteps": 64,
    "PhaseResolution": 1,
    "PixelBandwidth": 2520,
    "ProcedureStepDescription": "BNU_cst_2015_Liu.Jia",
    "ProtocolName": "ge_func_pace_3x3x3.5_185",
    "PulseSequenceDetails": "%SiemensSeq%_ep2d_bold",
    "ReceiveCoilName": "HeadMatrix",
    "ReconMatrixPE": 64,
    "RepetitionTime": 2,
    "SAR": 0.127108,
    "ScanOptions": "FS",
    "ScanningSequence": "EP",
    "SequenceName": "_epfid2d1_64",
    "SequenceVariant": "SK",
    "SeriesDescription": "ge_func_pace_3x3x3.5_185",
    "SeriesNumber": 4,
    "ShimSetting": [
      -4486,
      -19357,
      -9783,
      1130,
      -107,
      -389,
      -100,
      -58
    ],
    "SliceThickness": 3.5,
    "SliceTiming": [
      0,
      1.0325,
      0.06,
      1.095,
      0.12,
      1.155,
      0.1825,
      1.215,
      0.2425,
      1.2775,
      0.3025,
      1.3375,
      0.365,
      1.3975,
      0.425,
      1.46,
      0.485,
      1.52,
      0.5475,
      1.58,
      0.6075,
      1.6425,
      0.6675,
      1.7025,
      0.73,
      1.7625,
      0.79,
      1.825,
      0.85,
      1.885,
      0.9125,
      1.945,
      0.9725
    ],
    "SoftwareVersions": "syngo_MR_B17",
    "SpacingBetweenSlices": 4.2,
    "StationName": "MRC35193",
    "TotalReadoutTime": 0.0289803,
    "TxRefAmp": 332.142,
    "dataset": "ds003696",
    "modality": "bold",
    "run_id": 7,
    "session_id": "02",
    "subject_id": "116",
    "task_id": "affordance"
  },
  "dummy_trs": 1,
  "dvars_nstd": 23.008593116557382,
  "dvars_std": 1.2052686816939888,
  "dvars_vstd": 1.012837975355191,
  "efc": 0.5489970159226737,
  "fber": 838.1543579101562,
  "fd_mean": 0.07627883010834077,
  "fd_num": 7,
  "fd_perc": 3.8043478260869565,
  "fwhm_avg": 1.9488422367136928,
  "fwhm_x": 1.9121279999999998,
  "fwhm_y": 2.1382272,
  "fwhm_z": 1.796171510141078,
  "gcor": 0.0218849,
  "gsr_x": 0.0008070887415669858,
  "gsr_y": 0.03522636368870735,
  "provenance": {
    "md5sum": "7bc5d25152264a5e51c0264f79b81cae",
    "settings": {
      "fd_thres": 0.2,
      "testing": false
    },
    "software": "mriqc",
    "version": "23.0.1",
    "webapi_port": null,
    "webapi_url": "https://mriqc.nimh.nih.gov/api/v1"
  },
  "size_t": 184,
  "size_x": 64,
  "size_y": 64,
  "size_z": 33,
  "snr": 5.585842668148356,
  "spacing_tr": 2.0,
  "spacing_x": 3.125,
  "spacing_y": 3.125,
  "spacing_z": 4.199999809265137,
  "summary_bg_k": 30.14053939272177,
  "summary_bg_mad": 16.147474324547836,
  "summary_bg_mean": 70.63284301757812,
  "summary_bg_median": 32.81521987915039,
  "summary_bg_n": 80223.0,
  "summary_bg_p05": 20.934783935546875,
  "summary_bg_p95": 262.0646728515625,
  "summary_bg_stdv": 98.5044174194336,
  "summary_fg_k": 1.9438589925501706,
  "summary_fg_mad": 143.43366570862034,
  "summary_fg_mean": 972.40673828125,
  "summary_fg_median": 961.078857421875,
  "summary_fg_n": 24296.0,
  "summary_fg_p05": 714.1127624511719,
  "summary_fg_p95": 1263.4171142578125,
  "summary_fg_stdv": 172.0526580810547,
  "tsnr": 74.94160257361364
}