{
  "aor": 0.0008168306010928962,
  "aqi": 0.005297767650273224,
  "bids_meta": {
    "AcquisitionMatrixPE": 64,
    "AcquisitionNumber": 1,
    "AcquisitionTime": "10:12:2.117500",
    "BandwidthPerPixelPhaseEncode": 33.967,
    "BaseResolution": 64,
    "ConversionSoftware": "dcm2niix",
    "ConversionSoftwareVersion": "v1.0.20180622 GCC4.9.2",
    "DerivedVendorReportedEchoSpacing": 0.000460005,
    "DeviceSerialNumber": "35193",
    "DwellTime": 3.1e-06,
    "EchoTime": 0.03,
    "EffectiveEchoSpacing": 0.000460005,
    "FlipAngle": 90,
    "ImageOrientationPatientDICOM": [
      1,
      0,
      0,
      0,
      1,
      0
    ],
    "ImageType": [
      "ORIGINAL",
      "PRIMARY",
      "M",
      "ND",
      "MOSAIC"
    ],
    "InPlanePhaseEncodingDirectionDICOM": "COL",
    "InstitutionAddress": "Xinjiekouwai_Street_No_19_Beijing_Haidian_District_CN_100875",
    "InstitutionName": "BNU_MRI_Center",
    "InstitutionalDepartmentName": "Department",
    "MRAcquisitionType": "2D",
    "MagneticFieldStrength": 3,
    "Manufacturer": "Siemens",
    "ManufacturersModelName": "TrioTim",
    "Modality": "MR",
    "PartialFourier": 1,
    "PatientPosition": "HFS",
    "PercentPhaseFOV": 100,
    "PhaseEncodingDirection": "j-",
    "PhaseEncodingSteps": 64,
    "PhaseResolution": 1,
    "PixelBandwidth": 2520,
    "ProcedureStepDescription": "BNU_cst_2015_Liu.Jia",
    "ProtocolName": "ge_func_pace_3x3x3.5_185",
    "PulseSequenceDetails": "%SiemensSeq%_ep2d_bold",
    "ReceiveCoilName": "HeadMatrix",
    "ReconMatrixPE": 64,
    "RepetitionTime": 2,
    "SAR": 0.127108,
    "ScanOptions": "FS",
    "ScanningSequence": "EP",
    "SequenceName": "_epfid2d1_64",
    "SequenceVariant": "SK",
    "SeriesDescription": "ge_func_pace_3x3x3.5_185",
    "SeriesNumber": 2,
    "ShimSetting": [
      -4486,
      -19357,
      -9783,
      1130,
      -107,
      -389,
      -100,
      -58
    ],
    "SliceThickness": 3.5,
    "SliceTiming": [
      0,
      1.035,
      0.06,
      1.095,
      0.1225,
      1.155,
      0.1825,
      1.2175,
      0.2425,
      1.2775,
      0.305,
      1.3375,
      0.365,
      1.4,
      0.425,
      1.46,
      0.4875,
      1.52,
      0.5475,
      1.5825,
      0.6075,
      1.6425,
      0.67,
      1.7025,
      0.73,
      1.765,
      0.79,
      1.825,
      0.8525,
      1.885,
      0.9125,
      1.9475,
      0.9725
    ],
    "SoftwareVersions": "syngo_MR_B17",
    "SpacingBetweenSlices": 4.2,
    "StationName": "MRC35193",
    "TotalReadoutTime": 0.0289803,
    "TxRefAmp": 332.142,
    "dataset": "ds003696",
    "modality": "bold",
    "run_id": 8,
    "session_id": "02",
    "subject_id": "116",
    "task_id": "affordance"
  },
  "dummy_trs": 2,
  "dvars_nstd": 22.17843549335164,
  "dvars_std": 1.1609070412087918,
  "dvars_vstd": 1.0011770433516485,
  "efc": 0.5486151967838502,
  "fber": 835.9119262695312,
  "fd_mean": 0.08026219725320348,
  "fd_num": 1,
  "fd_perc": 0.546448087431694,
  "fwhm_avg": 1.9512974178569165,
  "fwhm_x": 1.9085375999999998,
  "fwhm_y": 2.136576,
  "fwhm_z": 1.8087786535707497,
  "gcor": 0.0378247,
  "gsr_x": 0.0009727126453071833,
  "gsr_y": 0.03668564558029175,
  "provenance": {
    "md5sum": "edc0b8f4ec3461e14528c5eef75997aa",
    "settings": {
      "fd_thres": 0.2,
      "testing": false
    },
    "software": "mriqc",
    "version": "23.0.1",
    "webapi_port": null,
    "webapi_url": "https://mriqc.nimh.nih.gov/api/v1"
  },
  "size_t": 183,
  "size_x": 64,
  "size_y": 64,
  "size_z": 33,
  "snr": 5.587200547099185,
  "spacing_tr": 2.0,
  "spacing_x": 3.125,
  "spacing_y": 3.125,
  "spacing_z": 4.199999809265137,
  "summary_bg_k": 30.414498466202495,
  "summary_bg_mad": 16.203301528294134,
  "summary_bg_mean": 69.96795654296875,
  "summary_bg_median": 32.77595520019531,
  "summary_bg_n": 80310.0,
  "summary_bg_p05": 20.61748504638672,
  "summary_bg_p95": 258.7406921386722,
  "summary_bg_stdv": 97.32345581054688,
  "summary_fg_k": 1.8198833425765342,
  "summary_fg_mad": 144.15270606678962,
  "summary_fg_mean": 965.26806640625,
  "summary_fg_median": 954.7513427734375,
  "summary_fg_n": 24346.0,
  "summary_fg_p05": 709.1953430175781,
  "summary_fg_p95": 1259.5519104003906,
  "summary_fg_stdv": 170.8783721923828,
  "tsnr": 70.18891742499545
}