{
  "bids_meta": {
    "AcquisitionMatrixPE": 192,
    "AcquisitionNumber": 1,
    "AcquisitionTime": "16:17:55.680000",
    "BaseResolution": 256,
    "ConversionSoftware": "dcm2niix",
    "ConversionSoftwareVersion": "v1.0.20180622 GCC4.9.2",
    "DeviceSerialNumber": "35193",
    "DwellTime": 1.03e-05,
    "EchoTime": 0.00339,
    "FlipAngle": 7,
    "ImageOrientationPatientDICOM": [
      0,
      1,
      0,
      0,
      0,
      -1
    ],
    "ImageType": [
      "ORIGINAL",
      "PRIMARY",
      "M",
      "ND",
      "NORM"
    ],
    "InPlanePhaseEncodingDirectionDICOM": "ROW",
    "InstitutionAddress": "Xinjiekouwai_Street_No_19_Beijing_Haidian_District_CN_100875",
    "InstitutionName": "Beijing_Normal_Universtiy_7C3C54",
    "InstitutionalDepartmentName": "Department",
    "InversionTime": 1.1,
    "MRAcquisitionType": "3D",
    "MagneticFieldStrength": 3,
    "Manufacturer": "Siemens",
    "ManufacturersModelName": "TrioTim",
    "Modality": "MR",
    "PartialFourier": 1,
    "PatientPosition": "HFS",
    "PercentPhaseFOV": 100,
    "PhaseEncodingSteps": 192,
    "PhaseResolution": 0.75,
    "PixelBandwidth": 190,
    "ProcedureStepDescription": "BNU_cst_2019_Xu.Shan",
    "ProtocolName": "t1_mprage_sag",
    "PulseSequenceDetails": "%SiemensSeq%_tfl",
    "ReceiveCoilName": "HeadMatrix",
    "ReconMatrixPE": 256,
    "RepetitionTime": 2.53,
    "SAR": 0.0491828,
    "ScanOptions": "IR",
    "ScanningSequence": "GR_IR",
    "SequenceName": "_tfl3d1_ns",
    "SequenceVariant": "SP_MP",
    "SeriesDescription": "t1_mprage_sag",
    "SeriesNumber": 12,
    "ShimSetting": [
      -4489,
      -19276,
      -10209,
      636,
      -133,
      80,
      82,
      -26
    ],
    "SliceThickness": 1.33,
    "SoftwareVersions": "syngo_MR_B17",
    "StationName": "MRC35193",
    "TxRefAmp": 352.451,
    "dataset": "ds003696",
    "modality": "T1w",
    "session_id": "02",
    "subject_id": "135"
  },
  "cjv": 0.3044610749893234,
  "cnr": 4.355238456639115,
  "efc": 0.6074391350698225,
  "fber": 9656.406375921713,
  "fwhm_avg": 3.941346142093931,
  "fwhm_x": 3.3822284262817943,
  "fwhm_y": 4.6727,
  "fwhm_z": 3.76911,
  "icvs_csf": 0.22559464931682888,
  "icvs_gm": 0.4384531681138844,
  "icvs_wm": 0.3359521825692867,
  "inu_med": 0.6567730903625488,
  "inu_range": 0.2838096439838409,
  "provenance": {
    "md5sum": "f2b2bf9e888d6f71e768b1ef72eeb84c",
    "settings": {
      "testing": false
    },
    "software": "mriqc",
    "version": "23.0.1",
    "warnings": {
      "large_rot_frame": true,
      "small_air_mask": false
    },
    "webapi_port": null,
    "webapi_url": "https://mriqc.nimh.nih.gov/api/v1"
  },
  "qi_1": 0.0,
  "qi_2": 0.007071754035741467,
  "rpve_csf": 19.316559294223733,
  "rpve_gm": 10.187415455505661,
  "rpve_wm": 15.616680614400817,
  "size_x": 128,
  "size_y": 256,
  "size_z": 256,
  "snr_csf": 1.2805511645450922,
  "snr_gm": 7.536112294745973,
  "snr_total": 10.79111188977948,
  "snr_wm": 23.556672210047374,
  "snrd_csf": 10.444384578016688,
  "snrd_gm": 52.35861032555176,
  "snrd_total": 49.84128338901022,
  "snrd_wm": 86.72085526346224,
  "spacing_x": 1.3300018310546875,
  "spacing_y": 1.0,
  "spacing_z": 1.0,
  "summary_bg_k": 6.508869095962842,
  "summary_bg_mad": 0.0,
  "summary_bg_mean": 5.001666372204603,
  "summary_bg_median": 0.0,
  "summary_bg_n": 1785489.0,
  "summary_bg_p05": 0.0,
  "summary_bg_p95": 20.068113021552563,
  "summary_bg_stdv": 7.554542521096852,
  "summary_csf_k": 1.7517668007091505,
  "summary_csf_mad": 76.61509261779254,
  "summary_csf_mean": 142.24069241118102,
  "summary_csf_median": 120.43682415038347,
  "summary_csf_n": 23360.0,
  "summary_csf_p05": 28.483773320913315,
  "summary_csf_p95": 334.57315973751247,
  "summary_csf_stdv": 94.04875776486097,
  "summary_gm_k": 0.04081736460152907,
  "summary_gm_mad": 80.66283988572602,
  "summary_gm_mean": 606.6692779732863,
  "summary_gm_median": 603.7602979317307,
  "summary_gm_n": 22973.0,
  "summary_gm_p05": 478.3866616860032,
  "summary_gm_p95": 741.0847347229719,
  "summary_gm_stdv": 80.113874837003,
  "summary_wm_k": 0.698968876027747,
  "summary_wm_mad": 39.97672044000286,
  "summary_wm_mean": 998.3931404593808,
  "summary_wm_median": 999.9999825283885,
  "summary_wm_n": 153096.0,
  "summary_wm_p05": 926.0322391614318,
  "summary_wm_p95": 1064.4262247532606,
  "summary_wm_stdv": 42.45067841848842,
  "tpm_overlap_csf": 0.1699476319801181,
  "tpm_overlap_gm": 0.47410790448446044,
  "tpm_overlap_wm": 0.5075122711340007,
  "wm2max": 0.7010499757037736
}