{
  "aor": 0.0008884615384615385,
  "aqi": 0.00559131912087912,
  "bids_meta": {
    "AcquisitionMatrixPE": 64,
    "AcquisitionNumber": 1,
    "AcquisitionTime": "13:26:30.632500",
    "BandwidthPerPixelPhaseEncode": 33.967,
    "BaseResolution": 64,
    "ConversionSoftware": "dcm2niix",
    "ConversionSoftwareVersion": "v1.0.20180622 GCC4.9.2",
    "DerivedVendorReportedEchoSpacing": 0.000460005,
    "DeviceSerialNumber": "35193",
    "DwellTime": 3.1e-06,
    "EchoTime": 0.03,
    "EffectiveEchoSpacing": 0.000460005,
    "FlipAngle": 90,
    "ImageOrientationPatientDICOM": [
      0.999657,
      -1e-16,
      0.0261769,
      1e-16,
      1,
      0
    ],
    "ImageType": [
      "ORIGINAL",
      "PRIMARY",
      "M",
      "ND",
      "MOSAIC"
    ],
    "InPlanePhaseEncodingDirectionDICOM": "COL",
    "InstitutionAddress": "Xinjiekouwai_Street_No_19_Beijing_Haidian_District_CN_100875",
    "InstitutionName": "Beijing_Normal_Universtiy_7C3C54",
    "InstitutionalDepartmentName": "Department",
    "MRAcquisitionType": "2D",
    "MagneticFieldStrength": 3,
    "Manufacturer": "Siemens",
    "ManufacturersModelName": "TrioTim",
    "Modality": "MR",
    "PartialFourier": 1,
    "PatientPosition": "HFS",
    "PercentPhaseFOV": 100,
    "PhaseEncodingDirection": "j-",
    "PhaseEncodingSteps": 64,
    "PhaseResolution": 1,
    "PixelBandwidth": 2520,
    "ProcedureStepDescription": "BNU_cst_2019_Xu.Shan",
    "ProtocolName": "ge_func_pace_3x3x3.5_185",
    "PulseSequenceDetails": "%SiemensSeq%_ep2d_bold",
    "ReceiveCoilName": "HeadMatrix",
    "ReconMatrixPE": 64,
    "RepetitionTime": 2,
    "SAR": 0.120796,
    "ScanOptions": "FS",
    "ScanningSequence": "EP",
    "SequenceName": "_epfid2d1_64",
    "SequenceVariant": "SK",
    "SeriesDescription": "ge_func_pace_3x3x3.5_185",
    "SeriesNumber": 6,
    "ShimSetting": [
      -4480,
      -19353,
      -9784,
      1048,
      -1,
      -203,
      -66,
      -125
    ],
    "SliceThickness": 3.5,
    "SliceTiming": [
      0,
      1.0325,
      0.06,
      1.095,
      0.12,
      1.155,
      0.1825,
      1.215,
      0.2425,
      1.2775,
      0.3025,
      1.3375,
      0.365,
      1.3975,
      0.425,
      1.46,
      0.485,
      1.52,
      0.5475,
      1.58,
      0.6075,
      1.6425,
      0.6675,
      1.7025,
      0.73,
      1.7625,
      0.79,
      1.825,
      0.85,
      1.885,
      0.9125,
      1.945,
      0.9725
    ],
    "SoftwareVersions": "syngo_MR_B17",
    "SpacingBetweenSlices": 4.2,
    "StationName": "MRC35193",
    "TotalReadoutTime": 0.0289803,
    "TxRefAmp": 328.846,
    "dataset": "ds003696",
    "modality": "bold",
    "run_id": 7,
    "session_id": "02",
    "subject_id": "132",
    "task_id": "affordance"
  },
  "dummy_trs": 3,
  "dvars_nstd": 21.77644533596686,
  "dvars_std": 1.1690399059116017,
  "dvars_vstd": 1.0094749002762426,
  "efc": 0.5376308565239589,
  "fber": 842.8255004882812,
  "fd_mean": 0.10003031460324281,
  "fd_num": 7,
  "fd_perc": 3.8461538461538463,
  "fwhm_avg": 1.9059401389715613,
  "fwhm_x": 1.8819839999999999,
  "fwhm_y": 2.1268032,
  "fwhm_z": 1.7090332169146845,
  "gcor": 0.0430361,
  "gsr_x": 0.006849294528365135,
  "gsr_y": 0.029722604900598526,
  "provenance": {
    "md5sum": "4aec334557060aef3aa2a63b8d43b4ba",
    "settings": {
      "fd_thres": 0.2,
      "testing": false
    },
    "software": "mriqc",
    "version": "23.0.1",
    "webapi_port": null,
    "webapi_url": "https://mriqc.nimh.nih.gov/api/v1"
  },
  "size_t": 182,
  "size_x": 64,
  "size_y": 64,
  "size_z": 33,
  "snr": 6.269762496380861,
  "spacing_tr": 2.0,
  "spacing_x": 3.125,
  "spacing_y": 3.125,
  "spacing_z": 4.200000286102295,
  "summary_bg_k": 26.760594158494833,
  "summary_bg_mad": 14.711975425503386,
  "summary_bg_mean": 56.86253356933594,
  "summary_bg_median": 29.648351669311523,
  "summary_bg_n": 81023.0,
  "summary_bg_p05": 18.730770111083984,
  "summary_bg_p95": 189.51649475097656,
  "summary_bg_stdv": 79.94741821289062,
  "summary_fg_k": 1.5579978195381479,
  "summary_fg_mad": 123.6751225868326,
  "summary_fg_mean": 878.1775512695312,
  "summary_fg_median": 875.1318969726562,
  "summary_fg_n": 23497.0,
  "summary_fg_p05": 661.0934448242188,
  "summary_fg_p95": 1105.88134765625,
  "summary_fg_stdv": 139.5767822265625,
  "tsnr": 72.70123748341575
}