{
  "aor": 0.00191010101010101,
  "aqi": 0.005894787777777778,
  "bids_meta": {
    "AcquisitionMatrixPE": 64,
    "AcquisitionNumber": 1,
    "AcquisitionTime": "14:52:1.032500",
    "BandwidthPerPixelPhaseEncode": 33.967,
    "BaseResolution": 64,
    "ConversionSoftware": "dcm2niix",
    "ConversionSoftwareVersion": "v1.0.20180622 GCC4.9.2",
    "DerivedVendorReportedEchoSpacing": 0.000460005,
    "DeviceSerialNumber": "35193",
    "DwellTime": 3.1e-06,
    "EchoTime": 0.03,
    "EffectiveEchoSpacing": 0.000460005,
    "FlipAngle": 90,
    "ImageOrientationPatientDICOM": [
      1,
      0,
      0,
      0,
      1,
      0
    ],
    "ImageType": [
      "ORIGINAL",
      "PRIMARY",
      "M",
      "ND",
      "MOSAIC"
    ],
    "InPlanePhaseEncodingDirectionDICOM": "COL",
    "InstitutionAddress": "Xinjiekouwai_Street_No_19_Beijing_Haidian_District_CN_100875",
    "InstitutionName": "Beijing_Normal_Universtiy_7C3C54",
    "InstitutionalDepartmentName": "Department",
    "MRAcquisitionType": "2D",
    "MagneticFieldStrength": 3,
    "Manufacturer": "Siemens",
    "ManufacturersModelName": "TrioTim",
    "Modality": "MR",
    "PartialFourier": 1,
    "PatientPosition": "HFS",
    "PercentPhaseFOV": 100,
    "PhaseEncodingDirection": "j-",
    "PhaseEncodingSteps": 64,
    "PhaseResolution": 1,
    "PixelBandwidth": 2520,
    "ProcedureStepDescription": "BNU_cst_2019_Xu.Shan",
    "ProtocolName": "ge_func_pace_3x3x3.5_99",
    "PulseSequenceDetails": "%SiemensSeq%_ep2d_bold",
    "ReceiveCoilName": "HeadMatrix",
    "ReconMatrixPE": 64,
    "RepetitionTime": 2,
    "SAR": 0.120612,
    "ScanOptions": "FS",
    "ScanningSequence": "EP",
    "SequenceName": "_epfid2d1_64",
    "SequenceVariant": "SK",
    "SeriesDescription": "ge_func_pace_3x3x3.5_99",
    "SeriesNumber": 16,
    "ShimSetting": [
      -4477,
      -19312,
      -9815,
      1085,
      -50,
      -331,
      -207,
      -113
    ],
    "SliceThickness": 3.5,
    "SliceTiming": [
      0,
      1.035,
      0.0625,
      1.095,
      0.1225,
      1.1575,
      0.1825,
      1.2175,
      0.245,
      1.2775,
      0.305,
      1.34,
      0.365,
      1.4,
      0.4275,
      1.46,
      0.4875,
      1.5225,
      0.5475,
      1.5825,
      0.61,
      1.6425,
      0.67,
      1.705,
      0.73,
      1.765,
      0.7925,
      1.825,
      0.8525,
      1.8875,
      0.9125,
      1.9475,
      0.975
    ],
    "SoftwareVersions": "syngo_MR_B17",
    "SpacingBetweenSlices": 4.2,
    "StationName": "MRC35193",
    "TotalReadoutTime": 0.0289803,
    "TxRefAmp": 330.527,
    "dataset": "ds003696",
    "modality": "bold",
    "run_id": 3,
    "session_id": "01",
    "subject_id": "133",
    "task_id": "localizer"
  },
  "dummy_trs": 0,
  "dvars_nstd": 26.88297653204082,
  "dvars_std": 1.315295335,
  "dvars_vstd": 1.0232447483673468,
  "efc": 0.5864737475710052,
  "fber": 664.090087890625,
  "fd_mean": 0.08298141790798255,
  "fd_num": 5,
  "fd_perc": 5.05050505050505,
  "fwhm_avg": 2.028940224892581,
  "fwhm_x": 1.9832223999999998,
  "fwhm_y": 2.249472,
  "fwhm_z": 1.8541262746777432,
  "gcor": 0.0166024,
  "gsr_x": -0.008595654740929604,
  "gsr_y": 0.0857367292046547,
  "provenance": {
    "md5sum": "b1147ac0e934bb7ce61298498bae91fb",
    "settings": {
      "fd_thres": 0.2,
      "testing": false
    },
    "software": "mriqc",
    "version": "23.0.1",
    "webapi_port": null,
    "webapi_url": "https://mriqc.nimh.nih.gov/api/v1"
  },
  "size_t": 99,
  "size_x": 64,
  "size_y": 64,
  "size_z": 33,
  "snr": 5.76435917346907,
  "spacing_tr": 2.0,
  "spacing_x": 3.125,
  "spacing_y": 3.125,
  "spacing_z": 4.199999809265137,
  "summary_bg_k": 24.67931997947065,
  "summary_bg_mad": 21.55014899786427,
  "summary_bg_mean": 85.48492431640625,
  "summary_bg_median": 35.878787994384766,
  "summary_bg_n": 74793.0,
  "summary_bg_p05": 20.363636016845703,
  "summary_bg_p95": 326.98787841796866,
  "summary_bg_stdv": 137.01681518554688,
  "summary_fg_k": 1.4509499754231703,
  "summary_fg_mad": 140.3829021653105,
  "summary_fg_mean": 942.1306762695312,
  "summary_fg_median": 935.2929077148438,
  "summary_fg_n": 28831.0,
  "summary_fg_p05": 692.7879028320312,
  "summary_fg_p95": 1223.7626342773438,
  "summary_fg_stdv": 162.2516326904297,
  "tsnr": 76.21154592768289
}