{
  "aor": 0.0007268478260869566,
  "aqi": 0.007801663043478262,
  "bids_meta": {
    "AcquisitionMatrixPE": 64,
    "AcquisitionNumber": 1,
    "AcquisitionTime": "14:16:28.542500",
    "BandwidthPerPixelPhaseEncode": 33.967,
    "BaseResolution": 64,
    "ConversionSoftware": "dcm2niix",
    "ConversionSoftwareVersion": "v1.0.20180622 GCC4.9.2",
    "DerivedVendorReportedEchoSpacing": 0.000460005,
    "DeviceSerialNumber": "35193",
    "DwellTime": 3.1e-06,
    "EchoTime": 0.03,
    "EffectiveEchoSpacing": 0.000460005,
    "FlipAngle": 90,
    "ImageOrientationPatientDICOM": [
      1,
      0,
      0,
      0,
      1,
      0
    ],
    "ImageType": [
      "ORIGINAL",
      "PRIMARY",
      "M",
      "ND",
      "MOSAIC"
    ],
    "InPlanePhaseEncodingDirectionDICOM": "COL",
    "InstitutionAddress": "Xinjiekouwai_Street_No_19_Beijing_Haidian_District_CN_100875",
    "InstitutionName": "Beijing_Normal_Universtiy_7C3C54",
    "InstitutionalDepartmentName": "Department",
    "MRAcquisitionType": "2D",
    "MagneticFieldStrength": 3,
    "Manufacturer": "Siemens",
    "ManufacturersModelName": "TrioTim",
    "Modality": "MR",
    "PartialFourier": 1,
    "PatientPosition": "HFS",
    "PercentPhaseFOV": 100,
    "PhaseEncodingDirection": "j-",
    "PhaseEncodingSteps": 64,
    "PhaseResolution": 1,
    "PixelBandwidth": 2520,
    "ProcedureStepDescription": "BNU_cst_2019_Xu.Shan",
    "ProtocolName": "ge_func_pace_3x3x3.5_185",
    "PulseSequenceDetails": "%SiemensSeq%_ep2d_bold",
    "ReceiveCoilName": "HeadMatrix",
    "ReconMatrixPE": 64,
    "RepetitionTime": 2,
    "SAR": 0.121022,
    "ScanOptions": "FS",
    "ScanningSequence": "EP",
    "SequenceName": "_epfid2d1_64",
    "SequenceVariant": "SK",
    "SeriesDescription": "ge_func_pace_3x3x3.5_185",
    "SeriesNumber": 4,
    "ShimSetting": [
      -4477,
      -19312,
      -9815,
      1085,
      -50,
      -331,
      -207,
      -113
    ],
    "SliceThickness": 3.5,
    "SliceTiming": [
      0,
      1.035,
      0.0625,
      1.095,
      0.1225,
      1.1575,
      0.1825,
      1.2175,
      0.245,
      1.2775,
      0.305,
      1.34,
      0.365,
      1.4,
      0.4275,
      1.46,
      0.4875,
      1.5225,
      0.5475,
      1.5825,
      0.61,
      1.6425,
      0.67,
      1.705,
      0.73,
      1.765,
      0.7925,
      1.825,
      0.8525,
      1.8875,
      0.9125,
      1.9475,
      0.975
    ],
    "SoftwareVersions": "syngo_MR_B17",
    "SpacingBetweenSlices": 4.2,
    "StationName": "MRC35193",
    "TotalReadoutTime": 0.0289803,
    "TxRefAmp": 330.527,
    "dataset": "ds003696",
    "modality": "bold",
    "run_id": 1,
    "session_id": "01",
    "subject_id": "133",
    "task_id": "affordance"
  },
  "dummy_trs": 1,
  "dvars_nstd": 29.983175476010913,
  "dvars_std": 1.290623317650274,
  "dvars_vstd": 0.9687770162295078,
  "efc": 0.5822862713686867,
  "fber": 676.7395629882812,
  "fd_mean": 0.10023099168377124,
  "fd_num": 9,
  "fd_perc": 4.891304347826087,
  "fwhm_avg": 2.067927057355202,
  "fwhm_x": 2.0142303999999998,
  "fwhm_y": 2.2880864,
  "fwhm_z": 1.9014643720656066,
  "gcor": 0.0223105,
  "gsr_x": -0.006907681934535503,
  "gsr_y": 0.0658026710152626,
  "provenance": {
    "md5sum": "40403af274a7d948728247a0ba1cd1cb",
    "settings": {
      "fd_thres": 0.2,
      "testing": false
    },
    "software": "mriqc",
    "version": "23.0.1",
    "webapi_port": null,
    "webapi_url": "https://mriqc.nimh.nih.gov/api/v1"
  },
  "size_t": 184,
  "size_x": 64,
  "size_y": 64,
  "size_z": 33,
  "snr": 5.64023608394023,
  "spacing_tr": 2.0,
  "spacing_x": 3.125,
  "spacing_y": 3.125,
  "spacing_z": 4.199999809265137,
  "summary_bg_k": 28.23249398615097,
  "summary_bg_mad": 21.31240689101803,
  "summary_bg_mean": 79.47975158691406,
  "summary_bg_median": 35.72282791137695,
  "summary_bg_n": 74535.0,
  "summary_bg_p05": 19.961956024169922,
  "summary_bg_p95": 294.1826110839844,
  "summary_bg_stdv": 123.93144226074219,
  "summary_fg_k": 1.4736217758254568,
  "summary_fg_mad": 144.65850471793325,
  "summary_fg_mean": 945.310546875,
  "summary_fg_median": 938.7880859375,
  "summary_fg_n": 28889.0,
  "summary_fg_p05": 688.6108764648437,
  "summary_fg_p95": 1231.3032714843748,
  "summary_fg_stdv": 166.4419403076172,
  "tsnr": 65.75410004518926
}