{
  "aor": 0.00048152173913043486,
  "aqi": 0.0043823647826086954,
  "bids_meta": {
    "AcquisitionMatrixPE": 64,
    "AcquisitionNumber": 1,
    "AcquisitionTime": "13:05:32.467500",
    "BandwidthPerPixelPhaseEncode": 33.967,
    "BaseResolution": 64,
    "ConversionSoftware": "dcm2niix",
    "ConversionSoftwareVersion": "v1.0.20180622 GCC4.9.2",
    "DerivedVendorReportedEchoSpacing": 0.000460005,
    "DeviceSerialNumber": "35193",
    "DwellTime": 3.1e-06,
    "EchoTime": 0.03,
    "EffectiveEchoSpacing": 0.000460005,
    "FlipAngle": 90,
    "ImageOrientationPatientDICOM": [
      1,
      0,
      0,
      0,
      1,
      0
    ],
    "ImageType": [
      "ORIGINAL",
      "PRIMARY",
      "M",
      "ND",
      "MOSAIC"
    ],
    "InPlanePhaseEncodingDirectionDICOM": "COL",
    "InstitutionAddress": "Xinjiekouwai_Street_No_19_Beijing_Haidian_District_CN_100875",
    "InstitutionName": "BNU_MRI_Center",
    "InstitutionalDepartmentName": "Department",
    "MRAcquisitionType": "2D",
    "MagneticFieldStrength": 3,
    "Manufacturer": "Siemens",
    "ManufacturersModelName": "TrioTim",
    "Modality": "MR",
    "PartialFourier": 1,
    "PatientPosition": "HFS",
    "PercentPhaseFOV": 100,
    "PhaseEncodingDirection": "j-",
    "PhaseEncodingSteps": 64,
    "PhaseResolution": 1,
    "PixelBandwidth": 2520,
    "ProcedureStepDescription": "BNU_cst_2015_Liu.Jia",
    "ProtocolName": "ge_func_pace_3x3x3.5_185",
    "PulseSequenceDetails": "%SiemensSeq%_ep2d_bold",
    "ReceiveCoilName": "HeadMatrix",
    "ReconMatrixPE": 64,
    "RepetitionTime": 2,
    "SAR": 0.124747,
    "ScanOptions": "FS",
    "ScanningSequence": "EP",
    "SequenceName": "_epfid2d1_64",
    "SequenceVariant": "SK",
    "SeriesDescription": "ge_func_pace_3x3x3.5_185",
    "SeriesNumber": 4,
    "ShimSetting": [
      -4508,
      -19384,
      -9790,
      1169,
      -194,
      -207,
      -25,
      -31
    ],
    "SliceThickness": 3.5,
    "SliceTiming": [
      0,
      1.035,
      0.06,
      1.095,
      0.1225,
      1.155,
      0.1825,
      1.2175,
      0.2425,
      1.2775,
      0.305,
      1.3375,
      0.365,
      1.4,
      0.425,
      1.46,
      0.4875,
      1.52,
      0.5475,
      1.5825,
      0.6075,
      1.6425,
      0.67,
      1.7025,
      0.73,
      1.765,
      0.79,
      1.825,
      0.8525,
      1.885,
      0.9125,
      1.9475,
      0.9725
    ],
    "SoftwareVersions": "syngo_MR_B17",
    "SpacingBetweenSlices": 4.2,
    "StationName": "MRC35193",
    "TotalReadoutTime": 0.0289803,
    "TxRefAmp": 313.495,
    "dataset": "ds003696",
    "modality": "bold",
    "run_id": 7,
    "session_id": "02",
    "subject_id": "106",
    "task_id": "affordance"
  },
  "dummy_trs": 1,
  "dvars_nstd": 17.353284778142076,
  "dvars_std": 1.0629414763387983,
  "dvars_vstd": 0.97919783863388,
  "efc": 0.511785584780046,
  "fber": 1346.997802734375,
  "fd_mean": 0.09507875387238907,
  "fd_num": 2,
  "fd_perc": 1.0869565217391304,
  "fwhm_avg": 2.068963183510577,
  "fwhm_x": 2.047648,
  "fwhm_y": 2.3125248,
  "fwhm_z": 1.8467167505317303,
  "gcor": 0.019988,
  "gsr_x": -0.0073787979781627655,
  "gsr_y": 0.024205083027482033,
  "provenance": {
    "md5sum": "b43491665eb84f4a1cc1007f44f399e1",
    "settings": {
      "fd_thres": 0.2,
      "testing": false
    },
    "software": "mriqc",
    "version": "23.0.1",
    "webapi_port": null,
    "webapi_url": "https://mriqc.nimh.nih.gov/api/v1"
  },
  "size_t": 184,
  "size_x": 64,
  "size_y": 64,
  "size_z": 33,
  "snr": 6.0772603276511825,
  "spacing_tr": 2.0,
  "spacing_x": 3.125,
  "spacing_y": 3.125,
  "spacing_z": 4.199999809265137,
  "summary_bg_k": 29.499468458709764,
  "summary_bg_mad": 9.532165596399762,
  "summary_bg_mean": 51.252662658691406,
  "summary_bg_median": 26.22282600402832,
  "summary_bg_n": 82947.0,
  "summary_bg_p05": 18.967391967773438,
  "summary_bg_p95": 172.38913574218722,
  "summary_bg_stdv": 72.40933990478516,
  "summary_fg_k": 1.469262939516435,
  "summary_fg_mad": 138.4782958302277,
  "summary_fg_mean": 978.935791015625,
  "summary_fg_median": 977.10595703125,
  "summary_fg_n": 22168.0,
  "summary_fg_p05": 715.9173919677735,
  "summary_fg_p95": 1240.972003173828,
  "summary_fg_stdv": 160.77703857421875,
  "tsnr": 79.8809889126569
}