{
  "aor": 0.001457292817679558,
  "aqi": 0.004406727569060773,
  "bids_meta": {
    "AcquisitionMatrixPE": 64,
    "AcquisitionNumber": 1,
    "AcquisitionTime": "16:11:19.832500",
    "BandwidthPerPixelPhaseEncode": 33.967,
    "BaseResolution": 64,
    "ConversionSoftware": "dcm2niix",
    "ConversionSoftwareVersion": "v1.0.20180622 GCC4.9.2",
    "DerivedVendorReportedEchoSpacing": 0.000460005,
    "DeviceSerialNumber": "35193",
    "DwellTime": 3.1e-06,
    "EchoTime": 0.03,
    "EffectiveEchoSpacing": 0.000460005,
    "FlipAngle": 90,
    "ImageOrientationPatientDICOM": [
      0.999877,
      -1e-16,
      0.0157073,
      1e-16,
      1,
      0
    ],
    "ImageType": [
      "ORIGINAL",
      "PRIMARY",
      "M",
      "ND",
      "MOSAIC"
    ],
    "InPlanePhaseEncodingDirectionDICOM": "COL",
    "InstitutionAddress": "Xinjiekouwai_Street_No_19_Beijing_Haidian_District_CN_100875",
    "InstitutionName": "Beijing_Normal_Universtiy_7C3C54",
    "InstitutionalDepartmentName": "Department",
    "MRAcquisitionType": "2D",
    "MagneticFieldStrength": 3,
    "Manufacturer": "Siemens",
    "ManufacturersModelName": "TrioTim",
    "Modality": "MR",
    "PartialFourier": 1,
    "PatientPosition": "HFS",
    "PercentPhaseFOV": 100,
    "PhaseEncodingDirection": "j-",
    "PhaseEncodingSteps": 64,
    "PhaseResolution": 1,
    "PixelBandwidth": 2520,
    "ProcedureStepDescription": "BNU_cst_2019_Xu.Shan",
    "ProtocolName": "ge_func_pace_3x3x3.5_185",
    "PulseSequenceDetails": "%SiemensSeq%_ep2d_bold",
    "ReceiveCoilName": "HeadMatrix",
    "ReconMatrixPE": 64,
    "RepetitionTime": 2,
    "SAR": 0.128037,
    "ScanOptions": "FS",
    "ScanningSequence": "EP",
    "SequenceName": "_epfid2d1_64",
    "SequenceVariant": "SK",
    "SeriesDescription": "ge_func_pace_3x3x3.5_185",
    "SeriesNumber": 10,
    "ShimSetting": [
      -4511,
      -19385,
      -9801,
      933,
      -164,
      -87,
      13,
      -70
    ],
    "SliceThickness": 3.5,
    "SliceTiming": [
      0,
      1.035,
      0.06,
      1.095,
      0.1225,
      1.155,
      0.1825,
      1.2175,
      0.2425,
      1.2775,
      0.305,
      1.3375,
      0.365,
      1.4,
      0.425,
      1.46,
      0.4875,
      1.52,
      0.5475,
      1.5825,
      0.6075,
      1.6425,
      0.67,
      1.7025,
      0.73,
      1.765,
      0.79,
      1.825,
      0.8525,
      1.885,
      0.9125,
      1.9475,
      0.9725
    ],
    "SoftwareVersions": "syngo_MR_B17",
    "SpacingBetweenSlices": 4.2,
    "StationName": "MRC35193",
    "TotalReadoutTime": 0.0289803,
    "TxRefAmp": 352.451,
    "dataset": "ds003696",
    "modality": "bold",
    "run_id": 8,
    "session_id": "02",
    "subject_id": "135",
    "task_id": "affordance"
  },
  "dummy_trs": 4,
  "dvars_nstd": 23.739547676611117,
  "dvars_std": 1.1577453525555563,
  "dvars_vstd": 1.0191078224444448,
  "efc": 0.5766956252883187,
  "fber": 673.629638671875,
  "fd_mean": 0.11794165460085676,
  "fd_num": 15,
  "fd_perc": 8.287292817679559,
  "fwhm_avg": 2.1221858200329593,
  "fwhm_x": 2.0509247999999998,
  "fwhm_y": 2.363104,
  "fwhm_z": 1.952528660098878,
  "gcor": 0.0300222,
  "gsr_x": -0.007624555844813585,
  "gsr_y": 0.044735800474882126,
  "provenance": {
    "md5sum": "4c96b9bb3e0250b2fb2eb2bd9d572853",
    "settings": {
      "fd_thres": 0.2,
      "testing": false
    },
    "software": "mriqc",
    "version": "23.0.1",
    "webapi_port": null,
    "webapi_url": "https://mriqc.nimh.nih.gov/api/v1"
  },
  "size_t": 181,
  "size_x": 64,
  "size_y": 64,
  "size_z": 33,
  "snr": 5.164720731941921,
  "spacing_tr": 2.0,
  "spacing_x": 3.125,
  "spacing_y": 3.125,
  "spacing_z": 4.199999809265137,
  "summary_bg_k": 27.31092149539171,
  "summary_bg_mad": 17.38166782631301,
  "summary_bg_mean": 63.3528938293457,
  "summary_bg_median": 33.0,
  "summary_bg_n": 73862.0,
  "summary_bg_p05": 20.270719528198242,
  "summary_bg_p95": 215.01769027709935,
  "summary_bg_stdv": 84.54191589355469,
  "summary_fg_k": 1.1959032636285318,
  "summary_fg_mad": 150.16876453796874,
  "summary_fg_mean": 897.2352294921875,
  "summary_fg_median": 891.0552978515625,
  "summary_fg_n": 28725.0,
  "summary_fg_p05": 616.8983642578125,
  "summary_fg_p95": 1189.481787109375,
  "summary_fg_stdv": 172.5242919921875,
  "tsnr": 71.54878057166934
}