{
  "aor": 0.000688918918918919,
  "aqi": 0.006356692594594594,
  "bids_meta": {
    "AcquisitionMatrixPE": 64,
    "AcquisitionNumber": 1,
    "AcquisitionTime": "15:47:34.965000",
    "BandwidthPerPixelPhaseEncode": 33.967,
    "BaseResolution": 64,
    "ConversionSoftware": "dcm2niix",
    "ConversionSoftwareVersion": "v1.0.20180622 GCC4.9.2",
    "DerivedVendorReportedEchoSpacing": 0.000460005,
    "DeviceSerialNumber": "35193",
    "DwellTime": 3.1e-06,
    "EchoTime": 0.03,
    "EffectiveEchoSpacing": 0.000460005,
    "FlipAngle": 90,
    "ImageOrientationPatientDICOM": [
      1,
      0,
      0,
      0,
      1,
      0
    ],
    "ImageType": [
      "ORIGINAL",
      "PRIMARY",
      "M",
      "ND",
      "MOSAIC"
    ],
    "InPlanePhaseEncodingDirectionDICOM": "COL",
    "InstitutionAddress": "Xinjiekouwai_Street_No_19_Beijing_Haidian_District_CN_100875",
    "InstitutionName": "BNU_MRI_Center",
    "InstitutionalDepartmentName": "Department",
    "MRAcquisitionType": "2D",
    "MagneticFieldStrength": 3,
    "Manufacturer": "Siemens",
    "ManufacturersModelName": "TrioTim",
    "Modality": "MR",
    "PartialFourier": 1,
    "PatientPosition": "HFS",
    "PercentPhaseFOV": 100,
    "PhaseEncodingDirection": "j-",
    "PhaseEncodingSteps": 64,
    "PhaseResolution": 1,
    "PixelBandwidth": 2520,
    "ProcedureStepDescription": "BNU_cst_2015_Liu.Jia",
    "ProtocolName": "ge_func_pace_3x3x3.5_185",
    "PulseSequenceDetails": "%SiemensSeq%_ep2d_bold",
    "ReceiveCoilName": "HeadMatrix",
    "ReconMatrixPE": 64,
    "RepetitionTime": 2,
    "SAR": 0.112318,
    "ScanOptions": "FS",
    "ScanningSequence": "EP",
    "SequenceName": "_epfid2d1_64",
    "SequenceVariant": "SK",
    "SeriesDescription": "ge_func_pace_3x3x3.5_185",
    "SeriesNumber": 6,
    "ShimSetting": [
      -4515,
      -19348,
      -9804,
      1027,
      -36,
      -33,
      57,
      -32
    ],
    "SliceThickness": 3.5,
    "SliceTiming": [
      0,
      1.0325,
      0.06,
      1.095,
      0.12,
      1.155,
      0.1825,
      1.215,
      0.2425,
      1.2775,
      0.3025,
      1.3375,
      0.365,
      1.3975,
      0.425,
      1.46,
      0.485,
      1.52,
      0.5475,
      1.58,
      0.6075,
      1.6425,
      0.6675,
      1.7025,
      0.73,
      1.7625,
      0.79,
      1.825,
      0.85,
      1.885,
      0.9125,
      1.945,
      0.9725
    ],
    "SoftwareVersions": "syngo_MR_B17",
    "SpacingBetweenSlices": 4.2,
    "StationName": "MRC35193",
    "TotalReadoutTime": 0.0289803,
    "TxRefAmp": 328.463,
    "dataset": "ds003696",
    "modality": "bold",
    "run_id": 7,
    "session_id": "02",
    "subject_id": "105",
    "task_id": "affordance"
  },
  "dummy_trs": 0,
  "dvars_nstd": 23.410313720163042,
  "dvars_std": 1.1263390103804343,
  "dvars_vstd": 0.970750804293478,
  "efc": 0.5617791605628489,
  "fber": 769.3824462890625,
  "fd_mean": 0.09436495401652045,
  "fd_num": 2,
  "fd_perc": 1.0810810810810811,
  "fwhm_avg": 1.9425058868114784,
  "fwhm_x": 1.9395231999999998,
  "fwhm_y": 2.137792,
  "fwhm_z": 1.750202460434435,
  "gcor": 0.0191194,
  "gsr_x": 0.015618037432432175,
  "gsr_y": 0.03780456632375717,
  "provenance": {
    "md5sum": "d5ee56154276b9ff3c71398319a8883d",
    "settings": {
      "fd_thres": 0.2,
      "testing": false
    },
    "software": "mriqc",
    "version": "23.0.1",
    "webapi_port": null,
    "webapi_url": "https://mriqc.nimh.nih.gov/api/v1"
  },
  "size_t": 185,
  "size_x": 64,
  "size_y": 64,
  "size_z": 33,
  "snr": 5.68131705908592,
  "spacing_tr": 2.0,
  "spacing_x": 3.125,
  "spacing_y": 3.125,
  "spacing_z": 4.199999809265137,
  "summary_bg_k": 26.384714883242168,
  "summary_bg_mad": 16.14834247121738,
  "summary_bg_mean": 67.15259552001953,
  "summary_bg_median": 31.5567569732666,
  "summary_bg_n": 78123.0,
  "summary_bg_p05": 18.983783721923828,
  "summary_bg_p95": 248.6308105468749,
  "summary_bg_stdv": 99.03264617919922,
  "summary_fg_k": 1.4355379812818123,
  "summary_fg_mad": 139.26045356189596,
  "summary_fg_mean": 893.7982177734375,
  "summary_fg_median": 889.0270385742188,
  "summary_fg_n": 25889.0,
  "summary_fg_p05": 649.8000366210938,
  "summary_fg_p95": 1152.1913818359374,
  "summary_fg_stdv": 156.4795379638672,
  "tsnr": 63.442998100072145
}