{
  "aor": 0.002335163043478261,
  "aqi": 0.006027174565217391,
  "bids_meta": {
    "AcquisitionMatrixPE": 64,
    "AcquisitionNumber": 1,
    "AcquisitionTime": "15:54:51.717500",
    "BandwidthPerPixelPhaseEncode": 33.967,
    "BaseResolution": 64,
    "ConversionSoftware": "dcm2niix",
    "ConversionSoftwareVersion": "v1.0.20180622 GCC4.9.2",
    "DerivedVendorReportedEchoSpacing": 0.000460005,
    "DeviceSerialNumber": "35193",
    "DwellTime": 3.1e-06,
    "EchoTime": 0.03,
    "EffectiveEchoSpacing": 0.000460005,
    "FlipAngle": 90,
    "ImageOrientationPatientDICOM": [
      1,
      0,
      0,
      0,
      1,
      0
    ],
    "ImageType": [
      "ORIGINAL",
      "PRIMARY",
      "M",
      "ND",
      "MOSAIC"
    ],
    "InPlanePhaseEncodingDirectionDICOM": "COL",
    "InstitutionAddress": "Xinjiekouwai_Street_No_19_Beijing_Haidian_District_CN_100875",
    "InstitutionName": "BNU_MRI_Center",
    "InstitutionalDepartmentName": "Department",
    "MRAcquisitionType": "2D",
    "MagneticFieldStrength": 3,
    "Manufacturer": "Siemens",
    "ManufacturersModelName": "TrioTim",
    "Modality": "MR",
    "PartialFourier": 1,
    "PatientPosition": "HFS",
    "PercentPhaseFOV": 100,
    "PhaseEncodingDirection": "j-",
    "PhaseEncodingSteps": 64,
    "PhaseResolution": 1,
    "PixelBandwidth": 2520,
    "ProcedureStepDescription": "BNU_cst_2015_Liu.Jia",
    "ProtocolName": "ge_func_pace_3x3x3.5_185",
    "PulseSequenceDetails": "%SiemensSeq%_ep2d_bold",
    "ReceiveCoilName": "HeadMatrix",
    "ReconMatrixPE": 64,
    "RepetitionTime": 2,
    "SAR": 0.112318,
    "ScanOptions": "FS",
    "ScanningSequence": "EP",
    "SequenceName": "_epfid2d1_64",
    "SequenceVariant": "SK",
    "SeriesDescription": "ge_func_pace_3x3x3.5_185",
    "SeriesNumber": 8,
    "ShimSetting": [
      -4515,
      -19348,
      -9804,
      1027,
      -36,
      -33,
      57,
      -32
    ],
    "SliceThickness": 3.5,
    "SliceTiming": [
      0,
      1.035,
      0.0625,
      1.095,
      0.1225,
      1.1575,
      0.1825,
      1.2175,
      0.245,
      1.2775,
      0.305,
      1.34,
      0.365,
      1.4,
      0.4275,
      1.46,
      0.4875,
      1.5225,
      0.5475,
      1.5825,
      0.61,
      1.6425,
      0.67,
      1.705,
      0.73,
      1.765,
      0.7925,
      1.825,
      0.8525,
      1.8875,
      0.9125,
      1.9475,
      0.975
    ],
    "SoftwareVersions": "syngo_MR_B17",
    "SpacingBetweenSlices": 4.2,
    "StationName": "MRC35193",
    "TotalReadoutTime": 0.0289803,
    "TxRefAmp": 328.463,
    "dataset": "ds003696",
    "modality": "bold",
    "run_id": 8,
    "session_id": "02",
    "subject_id": "105",
    "task_id": "affordance"
  },
  "dummy_trs": 1,
  "dvars_nstd": 25.176309752568297,
  "dvars_std": 1.210025399344262,
  "dvars_vstd": 1.0062518783060108,
  "efc": 0.5634417853422393,
  "fber": 742.8211059570312,
  "fd_mean": 0.15560874389615187,
  "fd_num": 30,
  "fd_perc": 16.304347826086957,
  "fwhm_avg": 1.9622398618454646,
  "fwhm_x": 1.946704,
  "fwhm_y": 2.1613536,
  "fwhm_z": 1.778661985536393,
  "gcor": 0.014498,
  "gsr_x": 0.01713472604751587,
  "gsr_y": 0.03512588143348694,
  "provenance": {
    "md5sum": "ef76a0cf16e0e195adcb8c5d80d5189a",
    "settings": {
      "fd_thres": 0.2,
      "testing": false
    },
    "software": "mriqc",
    "version": "23.0.1",
    "webapi_port": null,
    "webapi_url": "https://mriqc.nimh.nih.gov/api/v1"
  },
  "size_t": 184,
  "size_x": 64,
  "size_y": 64,
  "size_z": 33,
  "snr": 5.651174698996601,
  "spacing_tr": 2.0,
  "spacing_x": 3.125,
  "spacing_y": 3.125,
  "spacing_z": 4.199999809265137,
  "summary_bg_k": 27.2104180724871,
  "summary_bg_mad": 16.630928803348162,
  "summary_bg_mean": 66.28517150878906,
  "summary_bg_median": 32.01630401611328,
  "summary_bg_n": 77450.0,
  "summary_bg_p05": 18.76630401611328,
  "summary_bg_p95": 240.72582015991213,
  "summary_bg_stdv": 95.90628051757812,
  "summary_fg_k": 1.4333562645677693,
  "summary_fg_mad": 141.01642866261017,
  "summary_fg_mean": 895.053955078125,
  "summary_fg_median": 890.7608642578125,
  "summary_fg_n": 25999.0,
  "summary_fg_p05": 649.2809631347657,
  "summary_fg_p95": 1153.1538452148436,
  "summary_fg_stdv": 157.62098693847656,
  "tsnr": 64.67696120403707
}