{
  "bids_meta": {
    "AcquisitionMatrixPE": 192,
    "AcquisitionNumber": 1,
    "AcquisitionTime": "15:27:2.152500",
    "BaseResolution": 256,
    "ConversionSoftware": "dcm2niix",
    "ConversionSoftwareVersion": "v1.0.20180622 GCC4.9.2",
    "DeviceSerialNumber": "35193",
    "DwellTime": 1.03e-05,
    "EchoTime": 0.00339,
    "FlipAngle": 7,
    "ImageOrientationPatientDICOM": [
      0,
      1,
      0,
      0,
      0,
      -1
    ],
    "ImageType": [
      "ORIGINAL",
      "PRIMARY",
      "M",
      "ND",
      "NORM"
    ],
    "InPlanePhaseEncodingDirectionDICOM": "ROW",
    "InstitutionAddress": "Xinjiekouwai_Street_No_19_Beijing_Haidian_District_CN_100875",
    "InstitutionName": "Beijing_Normal_Universtiy_7C3C54",
    "InstitutionalDepartmentName": "Department",
    "InversionTime": 1.1,
    "MRAcquisitionType": "3D",
    "MagneticFieldStrength": 3,
    "Manufacturer": "Siemens",
    "ManufacturersModelName": "TrioTim",
    "Modality": "MR",
    "PartialFourier": 1,
    "PatientPosition": "HFS",
    "PercentPhaseFOV": 100,
    "PhaseEncodingSteps": 192,
    "PhaseResolution": 0.75,
    "PixelBandwidth": 190,
    "ProcedureStepDescription": "BNU_cst_2015_Liu.Jia",
    "ProtocolName": "t1_mprage_sag",
    "PulseSequenceDetails": "%SiemensSeq%_tfl",
    "ReceiveCoilName": "HeadMatrix",
    "ReconMatrixPE": 256,
    "RepetitionTime": 2.53,
    "SAR": 0.0488722,
    "ScanOptions": "IR",
    "ScanningSequence": "GR_IR",
    "SequenceName": "_tfl3d1_ns",
    "SequenceVariant": "SP_MP",
    "SeriesDescription": "t1_mprage_sag",
    "SeriesNumber": 10,
    "ShimSetting": [
      -4489,
      -19276,
      -10209,
      636,
      -133,
      80,
      82,
      -26
    ],
    "SliceThickness": 1.33,
    "SoftwareVersions": "syngo_MR_B17",
    "StationName": "MRC35193",
    "TxRefAmp": 311.937,
    "dataset": "ds003696",
    "modality": "T1w",
    "session_id": "02",
    "subject_id": "121"
  },
  "cjv": 0.2958149770890922,
  "cnr": 4.394832253849943,
  "efc": 0.5509922865648327,
  "fber": 15318.726799828288,
  "fwhm_avg": 4.0635961636244735,
  "fwhm_x": 3.608378490873421,
  "fwhm_y": 4.70385,
  "fwhm_z": 3.87856,
  "icvs_csf": 0.24696665532751427,
  "icvs_gm": 0.43409570128828723,
  "icvs_wm": 0.3189376433841985,
  "inu_med": 0.5894400477409363,
  "inu_range": 0.22238136678934095,
  "provenance": {
    "md5sum": "a25158eabb0dc0a06041d50f93b07634",
    "settings": {
      "testing": false
    },
    "software": "mriqc",
    "version": "23.0.1",
    "warnings": {
      "large_rot_frame": true,
      "small_air_mask": false
    },
    "webapi_port": null,
    "webapi_url": "https://mriqc.nimh.nih.gov/api/v1"
  },
  "qi_1": 0.0,
  "qi_2": 0.005455433875718915,
  "rpve_csf": 22.05408490241254,
  "rpve_gm": 12.419166222795711,
  "rpve_wm": 19.64360185665143,
  "size_x": 128,
  "size_y": 256,
  "size_z": 256,
  "snr_csf": 1.2904957716101286,
  "snr_gm": 7.82258486595159,
  "snr_total": 11.394746645697987,
  "snr_wm": 25.071159299532244,
  "snrd_csf": 12.382899309911146,
  "snrd_gm": 66.00829659463564,
  "snrd_total": 62.037799250638024,
  "snrd_wm": 107.72220184736729,
  "spacing_x": 1.3300018310546875,
  "spacing_y": 1.0,
  "spacing_z": 1.0,
  "summary_bg_k": 6.588446642610622,
  "summary_bg_mad": 0.0,
  "summary_bg_mean": 3.743277472848379,
  "summary_bg_median": 0.0,
  "summary_bg_n": 1764697.0,
  "summary_bg_p05": 0.0,
  "summary_bg_p95": 16.49916285276413,
  "summary_bg_stdv": 6.081594010725091,
  "summary_csf_k": 1.4467463276300476,
  "summary_csf_mad": 73.04361597903714,
  "summary_csf_mean": 134.32563339453503,
  "summary_csf_median": 114.94975134730339,
  "summary_csf_n": 29844.0,
  "summary_csf_p05": 25.568467915803197,
  "summary_csf_p95": 322.2832987569271,
  "summary_csf_stdv": 89.07260916025821,
  "summary_gm_k": 0.11906799650180755,
  "summary_gm_mad": 77.35855971940525,
  "summary_gm_mean": 614.1827254714955,
  "summary_gm_median": 612.751270160079,
  "summary_gm_n": 24365.0,
  "summary_gm_p05": 486.3065436780453,
  "summary_gm_p95": 743.9154272347688,
  "summary_gm_stdv": 78.32944047465558,
  "summary_wm_k": 0.565085202035811,
  "summary_wm_mad": 37.189227345043136,
  "summary_wm_mean": 997.4590144959816,
  "summary_wm_median": 999.9790846258402,
  "summary_wm_n": 122065.0,
  "summary_wm_p05": 926.176737895608,
  "summary_wm_p95": 1057.8308447301388,
  "summary_wm_stdv": 39.885470654861784,
  "tpm_overlap_csf": 0.1593422700529685,
  "tpm_overlap_gm": 0.4802122810708227,
  "tpm_overlap_wm": 0.5067241588706181,
  "wm2max": 0.8821063130287023
}