{
  "aor": 0.003521530612244898,
  "aqi": 0.01005192255102041,
  "bids_meta": {
    "AcquisitionMatrixPE": 64,
    "AcquisitionNumber": 1,
    "AcquisitionTime": "13:34:45.150000",
    "BandwidthPerPixelPhaseEncode": 33.967,
    "BaseResolution": 64,
    "ConversionSoftware": "dcm2niix",
    "ConversionSoftwareVersion": "v1.0.20180622 GCC4.9.2",
    "DerivedVendorReportedEchoSpacing": 0.000460005,
    "DeviceSerialNumber": "35193",
    "DwellTime": 3.1e-06,
    "EchoTime": 0.03,
    "EffectiveEchoSpacing": 0.000460005,
    "FlipAngle": 90,
    "ImageOrientationPatientDICOM": [
      1,
      0,
      0,
      0,
      1,
      0
    ],
    "ImageType": [
      "ORIGINAL",
      "PRIMARY",
      "M",
      "ND",
      "MOSAIC"
    ],
    "InPlanePhaseEncodingDirectionDICOM": "COL",
    "InstitutionAddress": "Xinjiekouwai_Street_No_19_Beijing_Haidian_District_CN_100875",
    "InstitutionName": "BNU_MRI_Center",
    "InstitutionalDepartmentName": "Department",
    "MRAcquisitionType": "2D",
    "MagneticFieldStrength": 3,
    "Manufacturer": "Siemens",
    "ManufacturersModelName": "TrioTim",
    "Modality": "MR",
    "PartialFourier": 1,
    "PatientPosition": "HFS",
    "PercentPhaseFOV": 100,
    "PhaseEncodingDirection": "j-",
    "PhaseEncodingSteps": 64,
    "PhaseResolution": 1,
    "PixelBandwidth": 2520,
    "ProcedureStepDescription": "BNU_cst_2015_Liu.Jia",
    "ProtocolName": "ge_func_pace_3x3x3.5_99",
    "PulseSequenceDetails": "%SiemensSeq%_ep2d_bold",
    "ReceiveCoilName": "HeadMatrix",
    "ReconMatrixPE": 64,
    "RepetitionTime": 2,
    "SAR": 0.114541,
    "ScanOptions": "FS",
    "ScanningSequence": "EP",
    "SequenceName": "_epfid2d1_64",
    "SequenceVariant": "SK",
    "SeriesDescription": "ge_func_pace_3x3x3.5_99",
    "SeriesNumber": 14,
    "ShimSetting": [
      -4518,
      -19306,
      -9807,
      994,
      -16,
      -97,
      15,
      -40
    ],
    "SliceThickness": 3.5,
    "SliceTiming": [
      0,
      1.035,
      0.06,
      1.095,
      0.1225,
      1.155,
      0.1825,
      1.2175,
      0.2425,
      1.2775,
      0.305,
      1.3375,
      0.365,
      1.4,
      0.425,
      1.46,
      0.4875,
      1.52,
      0.5475,
      1.5825,
      0.6075,
      1.6425,
      0.67,
      1.7025,
      0.73,
      1.765,
      0.79,
      1.825,
      0.8525,
      1.885,
      0.9125,
      1.9475,
      0.9725
    ],
    "SoftwareVersions": "syngo_MR_B17",
    "SpacingBetweenSlices": 4.2,
    "StationName": "MRC35193",
    "TotalReadoutTime": 0.0289803,
    "TxRefAmp": 328.781,
    "dataset": "ds003696",
    "modality": "bold",
    "run_id": 1,
    "session_id": "01",
    "subject_id": "105",
    "task_id": "localizer"
  },
  "dummy_trs": 1,
  "dvars_nstd": 26.50069169907217,
  "dvars_std": 1.2485339899999992,
  "dvars_vstd": 1.0113819495876284,
  "efc": 0.5613334332301726,
  "fber": 743.3359985351562,
  "fd_mean": 0.11618630127841421,
  "fd_num": 6,
  "fd_perc": 6.122448979591836,
  "fwhm_avg": 1.9688853280254541,
  "fwhm_x": 1.9684512,
  "fwhm_y": 2.1916927999999998,
  "fwhm_z": 1.746511984076363,
  "gcor": 0.0137363,
  "gsr_x": 0.01618807204067707,
  "gsr_y": 0.03733566403388977,
  "provenance": {
    "md5sum": "891f909e5a207a79b7f403fd2bfb9af8",
    "settings": {
      "fd_thres": 0.2,
      "testing": false
    },
    "software": "mriqc",
    "version": "23.0.1",
    "webapi_port": null,
    "webapi_url": "https://mriqc.nimh.nih.gov/api/v1"
  },
  "size_t": 98,
  "size_x": 64,
  "size_y": 64,
  "size_z": 33,
  "snr": 5.763410653364494,
  "spacing_tr": 2.0,
  "spacing_x": 3.125,
  "spacing_y": 3.125,
  "spacing_z": 4.199999809265137,
  "summary_bg_k": 27.699294976326318,
  "summary_bg_mad": 17.82148450273207,
  "summary_bg_mean": 68.5350570678711,
  "summary_bg_median": 32.96938705444336,
  "summary_bg_n": 78251.0,
  "summary_bg_p05": 18.35714340209961,
  "summary_bg_p95": 251.1785659790039,
  "summary_bg_stdv": 99.11656188964844,
  "summary_fg_k": 1.4276043982775821,
  "summary_fg_mad": 142.8442082591974,
  "summary_fg_mean": 919.71142578125,
  "summary_fg_median": 913.3060913085938,
  "summary_fg_n": 25534.0,
  "summary_fg_p05": 673.8892425537109,
  "summary_fg_p95": 1181.8815795898438,
  "summary_fg_stdv": 158.46315002441406,
  "tsnr": 53.695981016382575
}